REDIRECTS: ON
NUGET
  remote: https://www.nuget.org/api/v2
    Autofac (4.6.1)
      NETStandard.Library (>= 1.6) - restriction: && (< net45) (>= netstandard1.1)
      System.ComponentModel (>= 4.0.1) - restriction: && (< net45) (>= netstandard1.1)
    AutoMapper (6.1.1)
      Microsoft.CSharp (>= 4.3) - restriction: || (&& (< net45) (>= netstandard1.1) (< netstandard1.3)) (&& (< net45) (>= netstandard1.3))
      System.Collections (>= 4.3) - restriction: || (&& (< net45) (>= netstandard1.1) (< netstandard1.3)) (&& (< net45) (>= netstandard1.3))
      System.Collections.Concurrent (>= 4.3) - restriction: || (&& (< net45) (>= netstandard1.1) (< netstandard1.3)) (&& (< net45) (>= netstandard1.3))
      System.Collections.Specialized (>= 4.3) - restriction: && (< net45) (>= netstandard1.3)
      System.ComponentModel.TypeConverter (>= 4.3) - restriction: || (&& (< net45) (>= netstandard1.1) (< netstandard1.3)) (&& (< net45) (>= netstandard1.3))
      System.Diagnostics.Debug (>= 4.3) - restriction: || (&& (< net45) (>= netstandard1.1) (< netstandard1.3)) (&& (< net45) (>= netstandard1.3))
      System.Dynamic.Runtime (>= 4.3) - restriction: || (&& (< net45) (>= netstandard1.1) (< netstandard1.3)) (&& (< net45) (>= netstandard1.3))
      System.Globalization (>= 4.3) - restriction: || (&& (< net45) (>= netstandard1.1) (< netstandard1.3)) (&& (< net45) (>= netstandard1.3))
      System.Linq (>= 4.3) - restriction: || (&& (< net45) (>= netstandard1.1) (< netstandard1.3)) (&& (< net45) (>= netstandard1.3))
      System.Linq.Expressions (>= 4.3) - restriction: || (&& (< net45) (>= netstandard1.1) (< netstandard1.3)) (&& (< net45) (>= netstandard1.3))
      System.Linq.Queryable (>= 4.3) - restriction: || (&& (< net45) (>= netstandard1.1) (< netstandard1.3)) (&& (< net45) (>= netstandard1.3))
      System.Reflection (>= 4.3) - restriction: || (&& (< net45) (>= netstandard1.1) (< netstandard1.3)) (&& (< net45) (>= netstandard1.3))
      System.Reflection.Extensions (>= 4.3) - restriction: || (&& (< net45) (>= netstandard1.1) (< netstandard1.3)) (&& (< net45) (>= netstandard1.3))
      System.Resources.ResourceManager (>= 4.3) - restriction: || (&& (< net45) (>= netstandard1.1) (< netstandard1.3)) (&& (< net45) (>= netstandard1.3))
      System.Runtime (>= 4.3) - restriction: || (&& (< net45) (>= netstandard1.1) (< netstandard1.3)) (&& (< net45) (>= netstandard1.3))
      System.Runtime.Extensions (>= 4.3) - restriction: || (&& (< net45) (>= netstandard1.1) (< netstandard1.3)) (&& (< net45) (>= netstandard1.3))
      System.Text.RegularExpressions (>= 4.3) - restriction: || (&& (< net45) (>= netstandard1.1) (< netstandard1.3)) (&& (< net45) (>= netstandard1.3))
      System.Threading (>= 4.3) - restriction: || (&& (< net45) (>= netstandard1.1) (< netstandard1.3)) (&& (< net45) (>= netstandard1.3))
    Azure.Batch (5.1.2)
      Microsoft.Rest.ClientRuntime.Azure (>= 3.3.1) - restriction: >= net45
      WindowsAzure.Storage (>= 6.2) - restriction: >= net45
    CommandLineParser (1.9.71)
    DotNetZip (1.10.1)
    Elasticsearch.Net (5.5) - restriction: || (>= net45) (>= netstandard1.3)
      Microsoft.CSharp (>= 4.3) - restriction: && (< net45) (>= netstandard1.3)
      NETStandard.Library (>= 1.6) - restriction: && (< net45) (>= netstandard1.3)
      System.Collections.Specialized (>= 4.3) - restriction: && (< net45) (>= netstandard1.3)
      System.ComponentModel.TypeConverter (>= 4.3) - restriction: && (< net45) (>= netstandard1.3)
      System.Dynamic.Runtime (>= 4.3) - restriction: && (< net45) (>= netstandard1.3)
      System.Reflection.TypeExtensions (>= 4.3) - restriction: && (< net45) (>= netstandard1.3)
      System.Runtime.Serialization.Primitives (>= 4.3) - restriction: && (< net45) (>= netstandard1.3)
    EnterpriseLibrary.TransientFaultHandling (6.0.1304)
    Etg.Yams (1.2.2)
      Autofac (>= 3.5.2)
      CommandLineParser (>= 1.9.71)
      EnterpriseLibrary.TransientFaultHandling (>= 6.0.1304)
      Rx-Main (>= 2.2.5)
      semver (>= 2.0.4)
      System.Runtime (>= 4.1)
      WindowsAzure.Storage (>= 8.4)
    FluentValidation (7.1.1)
      NETStandard.Library (>= 1.6.1) - restriction: && (< net45) (>= netstandard1.0)
    Humanizer (2.2)
      Humanizer.Core.af (>= 2.2)
      Humanizer.Core.ar (>= 2.2)
      Humanizer.Core.bg (>= 2.2)
      Humanizer.Core.bn-BD (>= 2.2)
      Humanizer.Core.cs (>= 2.2)
      Humanizer.Core.da (>= 2.2)
      Humanizer.Core.de (>= 2.2)
      Humanizer.Core.el (>= 2.2)
      Humanizer.Core.es (>= 2.2)
      Humanizer.Core.fa (>= 2.2)
      Humanizer.Core.fi-FI (>= 2.2)
      Humanizer.Core.fr (>= 2.2)
      Humanizer.Core.fr-BE (>= 2.2)
      Humanizer.Core.he (>= 2.2)
      Humanizer.Core.hr (>= 2.2)
      Humanizer.Core.hu (>= 2.2)
      Humanizer.Core.id (>= 2.2)
      Humanizer.Core.it (>= 2.2)
      Humanizer.Core.ja (>= 2.2)
      Humanizer.Core.lv (>= 2.2)
      Humanizer.Core.nb (>= 2.2)
      Humanizer.Core.nb-NO (>= 2.2)
      Humanizer.Core.nl (>= 2.2)
      Humanizer.Core.pl (>= 2.2)
      Humanizer.Core.pt (>= 2.2)
      Humanizer.Core.ro (>= 2.2)
      Humanizer.Core.ru (>= 2.2)
      Humanizer.Core.sk (>= 2.2)
      Humanizer.Core.sl (>= 2.2)
      Humanizer.Core.sr (>= 2.2)
      Humanizer.Core.sr-Latn (>= 2.2)
      Humanizer.Core.sv (>= 2.2)
      Humanizer.Core.tr (>= 2.2)
      Humanizer.Core.uk (>= 2.2)
      Humanizer.Core.uz-Cyrl-UZ (>= 2.2)
      Humanizer.Core.uz-Latn-UZ (>= 2.2)
      Humanizer.Core.vi (>= 2.2)
      Humanizer.Core.zh-CN (>= 2.2)
      Humanizer.Core.zh-Hans (>= 2.2)
      Humanizer.Core.zh-Hant (>= 2.2)
    Humanizer.Core (2.2)
      NETStandard.Library (>= 1.6.1) - restriction: >= netstandard1.0
    Humanizer.Core.af (2.2)
      Humanizer.Core (2.2)
    Humanizer.Core.ar (2.2)
      Humanizer.Core (2.2)
    Humanizer.Core.bg (2.2)
      Humanizer.Core (2.2)
    Humanizer.Core.bn-BD (2.2)
      Humanizer.Core (2.2)
    Humanizer.Core.cs (2.2)
      Humanizer.Core (2.2)
    Humanizer.Core.da (2.2)
      Humanizer.Core (2.2)
    Humanizer.Core.de (2.2)
      Humanizer.Core (2.2)
    Humanizer.Core.el (2.2)
      Humanizer.Core (2.2)
    Humanizer.Core.es (2.2)
      Humanizer.Core (2.2)
    Humanizer.Core.fa (2.2)
      Humanizer.Core (2.2)
    Humanizer.Core.fi-FI (2.2)
      Humanizer.Core (2.2)
    Humanizer.Core.fr (2.2)
      Humanizer.Core (2.2)
    Humanizer.Core.fr-BE (2.2)
      Humanizer.Core (2.2)
    Humanizer.Core.he (2.2)
      Humanizer.Core (2.2)
    Humanizer.Core.hr (2.2)
      Humanizer.Core (2.2)
    Humanizer.Core.hu (2.2)
      Humanizer.Core (2.2)
    Humanizer.Core.id (2.2)
      Humanizer.Core (2.2)
    Humanizer.Core.it (2.2)
      Humanizer.Core (2.2)
    Humanizer.Core.ja (2.2)
      Humanizer.Core (2.2)
    Humanizer.Core.lv (2.2)
      Humanizer.Core (2.2)
    Humanizer.Core.nb (2.2)
      Humanizer.Core (2.2)
    Humanizer.Core.nb-NO (2.2)
      Humanizer.Core (2.2)
    Humanizer.Core.nl (2.2)
      Humanizer.Core (2.2)
    Humanizer.Core.pl (2.2)
      Humanizer.Core (2.2)
    Humanizer.Core.pt (2.2)
      Humanizer.Core (2.2)
    Humanizer.Core.ro (2.2)
      Humanizer.Core (2.2)
    Humanizer.Core.ru (2.2)
      Humanizer.Core (2.2)
    Humanizer.Core.sk (2.2)
      Humanizer.Core (2.2)
    Humanizer.Core.sl (2.2)
      Humanizer.Core (2.2)
    Humanizer.Core.sr (2.2)
      Humanizer.Core (2.2)
    Humanizer.Core.sr-Latn (2.2)
      Humanizer.Core (2.2)
    Humanizer.Core.sv (2.2)
      Humanizer.Core (2.2)
    Humanizer.Core.tr (2.2)
      Humanizer.Core (2.2)
    Humanizer.Core.uk (2.2)
      Humanizer.Core (2.2)
    Humanizer.Core.uz-Cyrl-UZ (2.2)
      Humanizer.Core (2.2)
    Humanizer.Core.uz-Latn-UZ (2.2)
      Humanizer.Core (2.2)
    Humanizer.Core.vi (2.2)
      Humanizer.Core (2.2)
    Humanizer.Core.zh-CN (2.2)
      Humanizer.Core (2.2)
    Humanizer.Core.zh-Hans (2.2)
      Humanizer.Core (2.2)
    Humanizer.Core.zh-Hant (2.2)
      Humanizer.Core (2.2)
    JWT (3.0.3)
      NETStandard.Library (>= 1.6.1) - restriction: && (< net462) (>= netstandard1.3)
      Newtonsoft.Json (>= 9.0.1) - restriction: >= netstandard1.3
      System.Security.Cryptography.Csp (>= 4.3) - restriction: && (< net462) (>= netstandard1.3)
    MediatR (3.0.1)
      NETStandard.Library (>= 1.6) - restriction: && (< net45) (>= netstandard1.1)
    Microsoft.AspNet.Cors (5.2.3)
    Microsoft.AspNet.SignalR.Client (2.2.2)
      Microsoft.Net.Http (>= 2.2.28) - restriction: || (&& (< net40) (< netstandard1.3) (>= portable-net45+win8+wp8+wp81+sl5)) (>= wpa81)
      Newtonsoft.Json (>= 6.0.4) - restriction: || (&& (>= net40) (< netstandard1.3) (< portable-net45+win8+wp8+wp81+sl5)) (&& (< net40) (< netstandard1.3) (>= portable-net45+win8+wp8+wp81+sl5)) (>= net45) (>= wpa81)
      Newtonsoft.Json (>= 9.0.1) - restriction: && (< net40) (>= netstandard1.3) (< portable-net45+win8+wp8+wp81+sl5) (< wpa81)
    Microsoft.AspNet.SignalR.Core (2.2.2)
      Microsoft.Owin (>= 2.1)
      Microsoft.Owin.Security (>= 2.1)
      Newtonsoft.Json (>= 6.0.4)
      Owin (>= 1.0)
    Microsoft.AspNet.SignalR.SelfHost (2.2.2)
      Microsoft.AspNet.SignalR.Core (>= 2.2.2)
      Microsoft.Owin.SelfHost (>= 2.1)
    Microsoft.Azure.KeyVault.Core (2.0.4) - restriction: || (>= net45) (>= wp8)
    Microsoft.Bcl (1.1.10) - restriction: || (&& (< net40) (< netstandard1.3) (>= portable-net45+win8+wp8+wp81+sl5)) (>= wpa81)
      Microsoft.Bcl.Build (>= 1.0.14)
    Microsoft.Bcl.Build (1.0.21) - import_targets: false, restriction: || (&& (< net40) (< netstandard1.3) (>= portable-net45+win8+wp8+wp81+sl5)) (>= wpa81)
    Microsoft.CodeAnalysis.Analyzers (1.1) - restriction: >= netstandard1.3
    Microsoft.CodeAnalysis.Common (2.3.2)
      Microsoft.CodeAnalysis.Analyzers (>= 1.1) - restriction: >= netstandard1.3
      System.AppContext (>= 4.3) - restriction: >= netstandard1.3
      System.Collections (>= 4.3) - restriction: >= netstandard1.3
      System.Collections.Concurrent (>= 4.3) - restriction: >= netstandard1.3
      System.Collections.Immutable (>= 1.3.1) - restriction: >= netstandard1.3
      System.Console (>= 4.3) - restriction: >= netstandard1.3
      System.Diagnostics.Debug (>= 4.3) - restriction: >= netstandard1.3
      System.Diagnostics.FileVersionInfo (>= 4.3) - restriction: >= netstandard1.3
      System.Diagnostics.StackTrace (>= 4.3) - restriction: >= netstandard1.3
      System.Diagnostics.Tools (>= 4.3) - restriction: >= netstandard1.3
      System.Dynamic.Runtime (>= 4.3) - restriction: >= netstandard1.3
      System.Globalization (>= 4.3) - restriction: >= netstandard1.3
      System.IO.Compression (>= 4.3) - restriction: >= netstandard1.3
      System.IO.FileSystem (>= 4.3) - restriction: >= netstandard1.3
      System.IO.FileSystem.Primitives (>= 4.3) - restriction: >= netstandard1.3
      System.Linq (>= 4.3) - restriction: >= netstandard1.3
      System.Linq.Expressions (>= 4.3) - restriction: >= netstandard1.3
      System.Reflection (>= 4.3) - restriction: >= netstandard1.3
      System.Reflection.Metadata (>= 1.4.2) - restriction: >= netstandard1.3
      System.Resources.ResourceManager (>= 4.3) - restriction: >= netstandard1.3
      System.Runtime (>= 4.3) - restriction: >= netstandard1.3
      System.Runtime.Extensions (>= 4.3) - restriction: >= netstandard1.3
      System.Runtime.InteropServices (>= 4.3) - restriction: >= netstandard1.3
      System.Runtime.Numerics (>= 4.3) - restriction: >= netstandard1.3
      System.Security.Cryptography.Algorithms (>= 4.3) - restriction: >= netstandard1.3
      System.Security.Cryptography.Encoding (>= 4.3) - restriction: >= netstandard1.3
      System.Security.Cryptography.X509Certificates (>= 4.3) - restriction: >= netstandard1.3
      System.Text.Encoding (>= 4.3) - restriction: >= netstandard1.3
      System.Text.Encoding.CodePages (>= 4.3) - restriction: >= netstandard1.3
      System.Text.Encoding.Extensions (>= 4.3) - restriction: >= netstandard1.3
      System.Threading (>= 4.3) - restriction: >= netstandard1.3
      System.Threading.Tasks (>= 4.3) - restriction: >= netstandard1.3
      System.Threading.Tasks.Parallel (>= 4.3) - restriction: >= netstandard1.3
      System.Threading.Thread (>= 4.3) - restriction: >= netstandard1.3
      System.ValueTuple (>= 4.3) - restriction: >= netstandard1.3
      System.Xml.ReaderWriter (>= 4.3) - restriction: >= netstandard1.3
      System.Xml.XDocument (>= 4.3) - restriction: >= netstandard1.3
      System.Xml.XmlDocument (>= 4.3) - restriction: >= netstandard1.3
      System.Xml.XPath.XDocument (>= 4.3) - restriction: >= netstandard1.3
    Microsoft.CodeAnalysis.CSharp (2.3.2)
      Microsoft.CodeAnalysis.Common (2.3.2)
    Microsoft.CSharp (4.4) - restriction: || (&& (< net20) (>= net45) (< netstandard1.3)) (&& (< net20) (>= netstandard1.0) (< netstandard1.3)) (&& (< net20) (>= netstandard1.3)) (&& (< net45) (>= netstandard1.0) (< netstandard1.3)) (&& (< net45) (>= netstandard1.1) (< netstandard1.3)) (&& (< net45) (>= netstandard1.3)) (&& (>= netstandard1.3) (>= wpa81)) (&& (< netstandard1.3) (>= wpa81))
      NETStandard.Library (>= 1.6.1) - restriction: || (>= dnxcore50) (&& (< monoandroid) (< net45) (>= netstandard1.0) (< netstandard1.3) (< win8) (< wp8) (< wpa81)) (&& (< monotouch) (< net45) (>= netstandard1.3) (< netstandard2.0) (< win8) (< wpa81) (< xamarinios) (< xamarinmac) (< xamarintvos) (< xamarinwatchos))
      System.Dynamic.Runtime (>= 4.3) - restriction: || (>= dnxcore50) (&& (< monoandroid) (< net45) (>= netstandard1.0) (< netstandard1.3) (< win8) (< wp8) (< wpa81)) (&& (< monotouch) (< net45) (>= netstandard1.3) (< netstandard2.0) (< win8) (< wpa81) (< xamarinios) (< xamarinmac) (< xamarintvos) (< xamarinwatchos))
      System.Reflection.TypeExtensions (>= 4.3) - restriction: || (>= dnxcore50) (&& (< monotouch) (< net45) (>= netstandard1.3) (< netstandard2.0) (< win8) (< wpa81) (< xamarinios) (< xamarinmac) (< xamarintvos) (< xamarinwatchos))
    Microsoft.Data.Edm (5.8.3) - restriction: || (>= net45) (&& (>= netstandard1.0) (< netstandard1.3) (< win8)) (&& (< netstandard1.0) (>= win8)) (&& (>= netstandard1.3) (< win8)) (>= wp8) (>= wpa81)
    Microsoft.Data.OData (5.8.3) - restriction: || (>= net45) (&& (>= netstandard1.0) (< netstandard1.3) (< win8)) (&& (< netstandard1.0) (>= win8)) (&& (>= netstandard1.3) (< win8)) (>= wp8) (>= wpa81)
      Microsoft.Data.Edm (5.8.3)
      System.Spatial (5.8.3)
    Microsoft.Data.Services.Client (5.8.3) - restriction: >= net45
      Microsoft.Data.OData (5.8.3) - restriction: || (>= net40) (>= portable-net45+win8+wp8+wpa81) (>= sl4)
    Microsoft.Extensions.Configuration (1.1.2)
      Microsoft.Extensions.Configuration.Abstractions (>= 1.1.2) - restriction: >= netstandard1.1
      NETStandard.Library (>= 1.6.1) - restriction: >= netstandard1.1
    Microsoft.Extensions.Configuration.Abstractions (1.1.2)
      Microsoft.Extensions.Primitives (>= 1.1.1) - restriction: >= netstandard1.0
      NETStandard.Library (>= 1.6.1) - restriction: >= netstandard1.0
    Microsoft.Extensions.Configuration.Binder (1.1.2)
      Microsoft.Extensions.Configuration (>= 1.1.2) - restriction: >= netstandard1.1
      NETStandard.Library (>= 1.6.1) - restriction: >= netstandard1.1
      System.ComponentModel.TypeConverter (>= 4.3) - restriction: >= netstandard1.1
    Microsoft.Extensions.Configuration.CommandLine (1.1.2)
      Microsoft.Extensions.Configuration (>= 1.1.2) - restriction: >= netstandard1.1
      NETStandard.Library (>= 1.6.1) - restriction: >= netstandard1.1
    Microsoft.Extensions.Configuration.FileExtensions (1.1.2) - restriction: || (>= net451) (>= netstandard1.3)
      Microsoft.Extensions.Configuration (>= 1.1.2) - restriction: || (>= net451) (>= netstandard1.3)
      Microsoft.Extensions.FileProviders.Physical (>= 1.1.1) - restriction: || (>= net451) (>= netstandard1.3)
      NETStandard.Library (>= 1.6.1) - restriction: || (>= net451) (>= netstandard1.3)
      System.Threading.Thread (>= 4.3) - restriction: && (< net451) (>= netstandard1.3)
    Microsoft.Extensions.Configuration.Json (1.1.2)
      Microsoft.Extensions.Configuration (>= 1.1.2) - restriction: || (>= net451) (>= netstandard1.3)
      Microsoft.Extensions.Configuration.FileExtensions (>= 1.1.2) - restriction: || (>= net451) (>= netstandard1.3)
      NETStandard.Library (>= 1.6.1) - restriction: || (>= net451) (>= netstandard1.3)
      Newtonsoft.Json (>= 9.0.1) - restriction: || (>= net451) (>= netstandard1.3)
      System.Dynamic.Runtime (>= 4.3) - restriction: && (< net451) (>= netstandard1.3)
      System.Runtime.Serialization.Primitives (>= 4.3) - restriction: && (< net451) (>= netstandard1.3)
    Microsoft.Extensions.DependencyInjection (1.1.1)
      Microsoft.Extensions.DependencyInjection.Abstractions (>= 1.1.1) - restriction: >= netstandard1.1
      NETStandard.Library (>= 1.6.1) - restriction: >= netstandard1.1
    Microsoft.Extensions.DependencyInjection.Abstractions (1.1.1) - restriction: >= netstandard1.1
      NETStandard.Library (>= 1.6.1) - restriction: >= netstandard1.0
      System.ComponentModel (>= 4.3) - restriction: >= netstandard1.0
    Microsoft.Extensions.FileProviders.Abstractions (1.1.1) - restriction: || (>= net451) (>= netstandard1.3)
      Microsoft.Extensions.Primitives (>= 1.1.1) - restriction: >= netstandard1.0
      NETStandard.Library (>= 1.6.1) - restriction: >= netstandard1.0
    Microsoft.Extensions.FileProviders.Physical (1.1.1) - restriction: || (>= net451) (>= netstandard1.3)
      Microsoft.Extensions.FileProviders.Abstractions (>= 1.1.1) - restriction: || (>= net451) (>= netstandard1.3)
      Microsoft.Extensions.FileSystemGlobbing (>= 1.1.1) - restriction: || (>= net451) (>= netstandard1.3)
      NETStandard.Library (>= 1.6.1) - restriction: || (>= net451) (>= netstandard1.3)
      System.IO.FileSystem.Watcher (>= 4.3) - restriction: && (< net451) (>= netstandard1.3)
    Microsoft.Extensions.FileSystemGlobbing (2.0) - restriction: || (>= net451) (>= netstandard1.3)
    Microsoft.Extensions.Primitives (1.1.1)
      NETStandard.Library (>= 1.6.1) - restriction: >= netstandard1.0
      System.Runtime.CompilerServices.Unsafe (>= 4.3) - restriction: >= netstandard1.0
    Microsoft.IdentityModel.Logging (1.1.4) - restriction: || (&& (>= net45) (< netstandard1.4)) (&& (< net45) (>= netstandard1.4)) (>= net451)
      System.Diagnostics.Tracing (>= 4.3) - restriction: && (< net45) (>= netstandard1.4)
      System.Globalization (>= 4.3) - restriction: && (< net45) (>= netstandard1.4)
      System.IO (>= 4.3) - restriction: && (< net45) (>= netstandard1.4)
      System.IO.FileSystem (>= 4.3) - restriction: && (< net45) (>= netstandard1.4)
    Microsoft.IdentityModel.Tokens (5.1.4) - restriction: || (&& (>= net45) (< netstandard1.4)) (&& (< net45) (>= netstandard1.4)) (>= net451)
      Microsoft.IdentityModel.Logging (>= 1.1.4) - restriction: || (&& (>= net45) (< netstandard1.4)) (&& (< net45) (>= netstandard1.4)) (>= net451)
      Newtonsoft.Json (>= 9.0.1) - restriction: || (&& (>= net45) (< netstandard1.4)) (&& (< net45) (>= netstandard1.4)) (>= net451)
      System.Collections (>= 4.3) - restriction: && (< net45) (>= netstandard1.4)
      System.Diagnostics.Tools (>= 4.3) - restriction: && (< net45) (>= netstandard1.4)
      System.Runtime (>= 4.3) - restriction: && (< net45) (>= netstandard1.4)
      System.Runtime.Extensions (>= 4.3) - restriction: && (< net45) (>= netstandard1.4)
      System.Runtime.InteropServices (>= 4.3) - restriction: && (< net45) (>= netstandard1.4)
      System.Runtime.InteropServices.RuntimeInformation (>= 4.3) - restriction: && (< net45) (>= netstandard1.4)
      System.Security.Claims (>= 4.3) - restriction: && (< net45) (>= netstandard1.4)
      System.Security.Cryptography.Algorithms (>= 4.3) - restriction: && (< net45) (>= netstandard1.4)
      System.Security.Cryptography.X509Certificates (>= 4.3) - restriction: && (< net45) (>= netstandard1.4)
      System.Text.RegularExpressions (>= 4.3) - restriction: && (< net45) (>= netstandard1.4)
      System.Threading (>= 4.3) - restriction: && (< net45) (>= netstandard1.4)
      System.Xml.ReaderWriter (>= 4.3) - restriction: && (< net45) (>= netstandard1.4)
    Microsoft.Net.Http (2.2.29) - restriction: || (&& (< net40) (< netstandard1.3) (>= portable-net45+win8+wp8+wp81+sl5)) (>= wpa81)
      Microsoft.Bcl (>= 1.1.10)
      Microsoft.Bcl.Build (>= 1.0.14)
    Microsoft.NETCore.Platforms (2.0) - restriction: || (>= dnxcore50) (&& (>= monoandroid) (< netstandard1.0) (>= netstandard1.1)) (&& (>= monoandroid) (< netstandard1.0) (>= netstandard1.3)) (&& (< monoandroid) (< net45) (>= netstandard1.0) (< netstandard1.2) (< win8) (< wp8)) (&& (< monoandroid) (< net45) (>= netstandard1.1) (< netstandard1.2) (< win8)) (&& (< monoandroid) (< net45) (>= netstandard1.2) (< netstandard1.3) (< wpa81)) (&& (< monoandroid) (< net45) (< netstandard1.2) (>= netstandard1.3) (< win8)) (&& (< monoandroid) (< net45) (< netstandard1.2) (>= netstandard1.4) (< win8)) (&& (< monoandroid) (< net45) (>= netstandard1.3) (< netstandard1.4) (< wpa81)) (&& (< monoandroid) (< net45) (>= netstandard1.3) (< netstandard1.5) (< win8) (< wpa81)) (&& (< monoandroid) (< net45) (< netstandard1.3) (>= netstandard1.4) (< win8) (< wpa81)) (&& (< monoandroid) (< net45) (>= netstandard1.4) (< netstandard1.5) (< wpa81)) (&& (< monoandroid) (< net45) (>= netstandard1.5)) (&& (< monoandroid) (< netstandard1.0) (>= netstandard1.1) (>= portable-net451+win81+wpa81)) (&& (< monoandroid) (< netstandard1.0) (>= netstandard1.3)) (&& (< monoandroid) (< netstandard1.1) (>= netstandard1.2) (< win8)) (&& (< monoandroid) (< netstandard1.1) (>= netstandard1.3) (< win8)) (&& (< monoandroid) (< netstandard1.1) (>= netstandard1.4) (< win8)) (&& (< monoandroid) (< netstandard1.1) (>= netstandard1.5)) (&& (< monotouch) (< net45) (>= netstandard1.3) (< xamarinios) (< xamarinmac) (< xamarintvos) (< xamarinwatchos)) (&& (< monotouch) (< net45) (>= netstandard1.4) (< win8) (< wpa81) (< xamarinios) (< xamarinmac) (< xamarintvos) (< xamarinwatchos)) (&& (< monotouch) (< net45) (>= netstandard1.5) (< xamarinios) (< xamarinmac) (< xamarintvos) (< xamarinwatchos)) (&& (< monotouch) (< net46) (>= netstandard1.3) (< xamarinios) (< xamarinmac) (< xamarintvos) (< xamarinwatchos)) (&& (>= net45) (< portable-net451+win81+wpa81)) (&& (< net45) (>= netstandard1.1) (< netstandard1.3) (< win8) (< wpa81)) (&& (< net45) (>= netstandard1.1) (< portable-net451+win81+wpa81)) (&& (< net45) (>= netstandard1.2) (< portable-net451+win81+wpa81) (< win8)) (&& (< net45) (>= netstandard1.3) (< portable-net451+win81+wpa81)) (&& (< net45) (< netstandard1.3) (>= netstandard1.5)) (&& (< net45) (>= netstandard1.5) (< portable-net451+win81+wpa81)) (&& (>= net451) (< netstandard1.3)) (&& (>= net46) (< netstandard1.4)) (>= net461) (&& (>= netstandard1.0) (< portable-net45+win8+wpa81)) (&& (< netstandard1.0) (>= netstandard1.1) (< portable-net451+win81+wpa81)) (&& (< netstandard1.0) (>= netstandard1.3) (< portable-net451+win81+wpa81)) (&& (>= netstandard1.1) (< portable-net45+win8+wpa81)) (&& (>= netstandard1.3) (< portable-net45+win8+wpa81)) (&& (< netstandard1.3) (>= wpa81)) (&& (>= netstandard1.5) (< portable-net45+win8+wpa81)) (>= netstandard1.6) (>= uap10.0)
    Microsoft.NETCore.Targets (2.0) - restriction: || (>= dnxcore50) (&& (< monoandroid) (< net45) (>= netstandard1.0) (< netstandard1.2) (< win8) (< wp8)) (&& (< monoandroid) (< net45) (>= netstandard1.1) (< netstandard1.2) (< win8)) (&& (< monoandroid) (< net45) (>= netstandard1.2) (< netstandard1.3) (< win8) (< wpa81)) (&& (< monoandroid) (< net45) (>= netstandard1.2) (< netstandard1.3) (< win81) (< wpa81)) (&& (< monoandroid) (< net45) (< netstandard1.2) (>= netstandard1.3) (< win8)) (&& (< monoandroid) (< net45) (< netstandard1.2) (>= netstandard1.4) (< win8)) (&& (< monoandroid) (< net45) (< netstandard1.2) (>= netstandard1.5)) (&& (< monoandroid) (< net45) (< netstandard1.2) (>= netstandard1.6)) (&& (< monoandroid) (< net45) (>= netstandard1.3) (< netstandard1.4) (< wpa81)) (&& (< monoandroid) (< net45) (>= netstandard1.3) (< netstandard1.5) (< win8) (< wpa81)) (&& (< monoandroid) (< net45) (< netstandard1.3) (>= netstandard1.4) (< win8) (< wpa81)) (&& (< monoandroid) (< net45) (>= netstandard1.4) (< netstandard1.5) (< wpa81)) (&& (< monoandroid) (< net45) (< netstandard1.4) (>= netstandard1.5)) (&& (< monoandroid) (< net45) (< netstandard1.4) (>= netstandard1.6)) (&& (< monoandroid) (< net45) (>= netstandard1.5) (< netstandard1.6)) (&& (< monoandroid) (< net45) (< netstandard1.5) (>= netstandard1.6)) (&& (< monoandroid) (< netstandard1.0) (>= netstandard1.1) (>= portable-net451+win81+wpa81) (< win8)) (&& (< monoandroid) (< netstandard1.0) (>= netstandard1.3) (< win8)) (&& (< monoandroid) (< netstandard1.1) (>= netstandard1.2) (< win8)) (&& (< monoandroid) (< netstandard1.1) (>= netstandard1.3) (< win8)) (&& (< monoandroid) (< netstandard1.1) (>= netstandard1.4) (< win8)) (&& (< monoandroid) (< netstandard1.1) (>= netstandard1.5)) (&& (< monoandroid) (< netstandard1.1) (>= netstandard1.6)) (&& (< monotouch) (< net45) (>= netstandard1.3) (< xamarinios) (< xamarinmac) (< xamarintvos) (< xamarinwatchos)) (&& (< monotouch) (< net45) (>= netstandard1.4) (< win8) (< wpa81) (< xamarinios) (< xamarinmac) (< xamarintvos) (< xamarinwatchos)) (&& (< monotouch) (< net45) (>= netstandard1.5) (< xamarinios) (< xamarinmac) (< xamarintvos) (< xamarinwatchos)) (&& (< monotouch) (< net46) (>= netstandard1.3) (< xamarinios) (< xamarinmac) (< xamarintvos) (< xamarinwatchos)) (&& (< monotouch) (>= netstandard1.6) (< xamarinios) (< xamarinmac) (< xamarintvos) (< xamarinwatchos)) (&& (< net45) (>= net451) (< netstandard1.3)) (&& (< net45) (>= net46) (< netstandard1.4)) (&& (< net45) (>= net46) (>= netstandard1.6)) (&& (< net45) (>= netstandard1.1) (< netstandard1.3) (< win8) (< wpa81)) (&& (< net45) (>= netstandard1.1) (< portable-net451+win81+wpa81) (< win8)) (&& (< net45) (>= netstandard1.2) (< portable-net451+win81+wpa81) (< win8)) (&& (< net45) (>= netstandard1.3) (< portable-net451+win81+wpa81) (< win8)) (&& (< net45) (< netstandard1.3) (>= netstandard1.5)) (&& (< net45) (< netstandard1.3) (>= netstandard1.6)) (&& (< net45) (>= netstandard1.5) (< portable-net451+win81+wpa81)) (&& (< net45) (>= netstandard1.6) (< portable-net451+win81+wpa81)) (&& (>= net46) (< net462) (>= netstandard1.6) (< netstandard2.0)) (&& (>= net46) (< netstandard1.4) (>= netstandard1.6)) (>= netcoreapp1.1) (&& (>= netstandard1.0) (< portable-net45+win8+wpa81) (< wp8)) (&& (< netstandard1.0) (>= netstandard1.1) (< portable-net451+win81+wpa81) (< win8)) (&& (< netstandard1.0) (>= netstandard1.3) (< portable-net451+win81+wpa81) (< win8)) (&& (>= netstandard1.1) (< portable-net45+win8+wpa81)) (&& (< netstandard1.1) (>= uap10.0) (< win8)) (&& (< netstandard1.2) (>= uap10.0) (< win8)) (&& (>= netstandard1.3) (< portable-net45+win8+wpa81)) (&& (>= netstandard1.5) (< portable-net45+win8+wpa81)) (&& (>= netstandard1.5) (>= uap10.0)) (&& (>= netstandard1.6) (>= uap10.0)) (&& (>= uap10.0) (< uap10.1)) (&& (>= uap10.0) (< win8) (< wpa81)) (&& (>= uap10.0) (< win81) (< wpa81))
    Microsoft.Orleans.Client (1.5.1)
      Microsoft.Orleans.Core (>= 1.5.1)
      Microsoft.Orleans.OrleansCodeGenerator (>= 1.5.1)
      Microsoft.Orleans.OrleansProviders (>= 1.5.1)
    Microsoft.Orleans.Core (1.5.1)
      Microsoft.Extensions.DependencyInjection (>= 1.1)
      Newtonsoft.Json (>= 9.0.1)
      System.Collections.Immutable (>= 1.3.1)
      System.Reflection.Metadata (>= 1.4.2)
    Microsoft.Orleans.CounterControl (1.5.1)
      Microsoft.CodeAnalysis.CSharp (>= 2.0)
      Microsoft.Orleans.Core (>= 1.5.1)
      Microsoft.Orleans.OrleansRuntime (>= 1.5.1)
      Microsoft.Orleans.OrleansTelemetryConsumers.Counters (>= 1.5.1)
    Microsoft.Orleans.OrleansAzureUtils (1.5.1)
      Microsoft.Orleans.Core (>= 1.5.1)
      Microsoft.Orleans.OrleansProviders (>= 1.5.1)
      Microsoft.Orleans.OrleansRuntime (>= 1.5.1)
      WindowsAzure.Storage (>= 7.0)
    Microsoft.Orleans.OrleansCodeGenerator (1.5.1)
      Microsoft.CodeAnalysis.CSharp (>= 2.0)
      Microsoft.Orleans.Core (>= 1.5.1)
    Microsoft.Orleans.OrleansCodeGenerator.Build (1.5.1)
      Microsoft.Orleans.Core (>= 1.5.1)
    Microsoft.Orleans.OrleansHost (1.5.1)
      Microsoft.Orleans.Core (>= 1.5.1)
      Microsoft.Orleans.OrleansRuntime (>= 1.5.1)
    Microsoft.Orleans.OrleansProviders (1.5.1)
      Microsoft.Orleans.Core (>= 1.5.1)
    Microsoft.Orleans.OrleansRuntime (1.5.1)
      Microsoft.Orleans.Core (>= 1.5.1)
    Microsoft.Orleans.OrleansTelemetryConsumers.Counters (1.5.1)
      Microsoft.Orleans.Core (>= 1.5.1)
      Microsoft.Orleans.OrleansRuntime (>= 1.5.1)
    Microsoft.Orleans.Server (1.5.1)
      Microsoft.Orleans.Core (>= 1.5.1)
      Microsoft.Orleans.CounterControl (>= 1.5.1)
      Microsoft.Orleans.OrleansCodeGenerator (>= 1.5.1)
      Microsoft.Orleans.OrleansHost (>= 1.5.1)
      Microsoft.Orleans.OrleansProviders (>= 1.5.1)
      Microsoft.Orleans.OrleansRuntime (>= 1.5.1)
    Microsoft.Owin (3.1)
      Owin (>= 1.0)
    Microsoft.Owin.Cors (3.1)
      Microsoft.AspNet.Cors (>= 5.0)
      Microsoft.Owin (>= 3.1)
      Owin (>= 1.0)
    Microsoft.Owin.Diagnostics (3.1)
      Microsoft.Owin (>= 3.1)
      Owin (>= 1.0)
    Microsoft.Owin.Host.HttpListener (3.1)
    Microsoft.Owin.Hosting (3.1)
      Microsoft.Owin (>= 3.1)
      Owin (>= 1.0)
    Microsoft.Owin.Security (3.1)
      Microsoft.Owin (>= 3.1)
      Owin (>= 1.0)
    Microsoft.Owin.SelfHost (3.1)
      Microsoft.Owin (>= 3.1)
      Microsoft.Owin.Diagnostics (>= 3.1)
      Microsoft.Owin.Host.HttpListener (>= 3.1)
      Microsoft.Owin.Hosting (>= 3.1)
      Owin (>= 1.0)
    Microsoft.Rest.ClientRuntime (2.3.10) - restriction: || (&& (>= net45) (>= netstandard1.4)) (>= net452)
      Newtonsoft.Json (>= 6.0.8) - restriction: >= net452
    Microsoft.Rest.ClientRuntime.Azure (3.3.10) - restriction: >= net45
      Microsoft.Rest.ClientRuntime (>= 2.3.9 < 3.0) - restriction: || (>= net452) (>= netstandard1.4)
      Newtonsoft.Json (>= 6.0.8) - restriction: >= net452
    Microsoft.Tpl.Dataflow (4.5.24)
    Microsoft.Win32.Primitives (4.3) - restriction: || (&& (< monoandroid) (< net45) (>= netstandard1.3) (< netstandard1.4) (< wpa81)) (&& (< monoandroid) (< net45) (>= netstandard1.4) (< netstandard1.5) (< wpa81)) (&& (< monoandroid) (< net45) (>= netstandard1.5) (< netstandard1.6)) (&& (< monotouch) (< net45) (>= netstandard1.5) (< xamarinios) (< xamarinmac) (< xamarintvos) (< xamarinwatchos)) (&& (< monotouch) (< net45) (>= netstandard1.6) (< xamarinios) (< xamarinmac) (< xamarintvos) (< xamarinwatchos)) (&& (< monotouch) (< net451) (>= netstandard1.3) (< xamarinios) (< xamarinmac) (< xamarintvos) (< xamarinwatchos)) (&& (< monotouch) (< net462) (>= netstandard1.6) (< netstandard2.0) (< xamarinios) (< xamarinmac) (< xamarintvos) (< xamarinwatchos)) (&& (< net45) (>= netstandard1.3) (< portable-net451+win81+wpa81) (< win8)) (&& (>= net46) (< netstandard1.4)) (&& (>= uap10.0) (< uap10.1)) (&& (>= uap10.0) (< win8) (< wpa81))
      Microsoft.NETCore.Platforms (>= 1.1) - restriction: && (< monotouch) (< net46) (>= netstandard1.3) (< xamarinios) (< xamarinmac) (< xamarintvos) (< xamarinwatchos)
      Microsoft.NETCore.Targets (>= 1.1) - restriction: && (< monotouch) (< net46) (>= netstandard1.3) (< xamarinios) (< xamarinmac) (< xamarintvos) (< xamarinwatchos)
      System.Runtime (>= 4.3) - restriction: && (< monotouch) (< net46) (>= netstandard1.3) (< xamarinios) (< xamarinmac) (< xamarintvos) (< xamarinwatchos)
    Microsoft.Win32.Registry (4.3) - restriction: && (< monotouch) (< net45) (>= netstandard1.5) (< xamarinios) (< xamarinmac) (< xamarintvos) (< xamarinwatchos)
      Microsoft.NETCore.Platforms (>= 1.1) - restriction: && (< net46) (>= netstandard1.3)
      System.Collections (>= 4.3) - restriction: && (< net46) (>= netstandard1.3)
      System.Globalization (>= 4.3) - restriction: && (< net46) (>= netstandard1.3)
      System.Resources.ResourceManager (>= 4.3) - restriction: && (< net46) (>= netstandard1.3)
      System.Runtime (>= 4.3) - restriction: && (< net46) (>= netstandard1.3)
      System.Runtime.Extensions (>= 4.3) - restriction: && (< net46) (>= netstandard1.3)
      System.Runtime.Handles (>= 4.3) - restriction: && (< net46) (>= netstandard1.3)
      System.Runtime.InteropServices (>= 4.3) - restriction: && (< net46) (>= netstandard1.3)
    Microsoft.WindowsAzure.ConfigurationManager (3.2.3)
    MongoDB.Bson (2.4.4) - restriction: || (>= net45) (>= netstandard1.5)
      NETStandard.Library (>= 1.6) - restriction: && (< net45) (>= netstandard1.5)
      System.Collections.NonGeneric (>= 4.0.1) - restriction: && (< net45) (>= netstandard1.5)
      System.Diagnostics.Process (>= 4.1) - restriction: && (< net45) (>= netstandard1.5)
      System.Dynamic.Runtime (>= 4.0.11) - restriction: && (< net45) (>= netstandard1.5)
      System.Reflection.Emit.Lightweight (>= 4.0.1) - restriction: && (< net45) (>= netstandard1.5)
    MongoDB.Driver (2.4.4)
      MongoDB.Bson (>= 2.4.4) - restriction: || (>= net45) (>= netstandard1.5)
      MongoDB.Driver.Core (>= 2.4.4) - restriction: || (>= net45) (>= netstandard1.5)
      NETStandard.Library (>= 1.6) - restriction: && (< net45) (>= netstandard1.5)
      System.Linq.Queryable (>= 4.0.1) - restriction: && (< net45) (>= netstandard1.5)
    MongoDB.Driver.Core (2.4.4) - restriction: || (>= net45) (>= netstandard1.5)
      MongoDB.Bson (>= 2.4.4) - restriction: || (>= net45) (>= netstandard1.5)
      NETStandard.Library (>= 1.6) - restriction: && (< net45) (>= netstandard1.5)
      System.Collections.Specialized (>= 4.0.1) - restriction: && (< net45) (>= netstandard1.5)
      System.Diagnostics.TraceSource (>= 4.0) - restriction: && (< net45) (>= netstandard1.5)
      System.Net.NameResolution (>= 4.0) - restriction: && (< net45) (>= netstandard1.5)
      System.Net.Security (>= 4.0) - restriction: && (< net45) (>= netstandard1.5)
      System.Runtime.InteropServices.RuntimeInformation (>= 4.0) - restriction: >= net45
      System.Security.SecureString (>= 4.0) - restriction: && (< net45) (>= netstandard1.5)
    NETStandard.Library (2.0) - restriction: || (&& (>= dnxcore50) (>= net45)) (&& (>= dnxcore50) (>= netstandard1.1)) (&& (>= dnxcore50) (>= netstandard1.3)) (&& (>= dnxcore50) (>= wpa81)) (&& (< monotouch) (>= netstandard1.1) (< netstandard2.0) (< xamarinios) (< xamarinmac) (< xamarintvos) (< xamarinwatchos)) (&& (< net20) (>= net45) (< netstandard1.3)) (&& (< net20) (>= netstandard1.3)) (&& (< net40) (>= netstandard1.3)) (&& (< net45) (>= netstandard1.1)) (&& (< net45) (>= netstandard1.3)) (&& (< net45) (>= netstandard1.5)) (&& (< net462) (>= netstandard1.3)) (>= netstandard1.0) (&& (>= netstandard1.3) (>= wpa81)) (&& (< netstandard1.3) (>= wpa81))
      Microsoft.NETCore.Platforms (>= 1.1) - restriction: || (&& (>= monoandroid) (< netstandard1.0)) (&& (< monoandroid) (< net45) (>= netstandard1.2) (< netstandard1.3) (< wpa81)) (&& (< monoandroid) (< net45) (>= netstandard1.3) (< netstandard1.4) (< wpa81)) (&& (< monoandroid) (< net45) (>= netstandard1.4) (< netstandard1.5) (< wpa81)) (&& (< monoandroid) (< net45) (>= netstandard1.5)) (&& (< monoandroid) (< netstandard1.0) (>= portable-net451+win81+wpa81)) (&& (>= net45) (< portable-net451+win81+wpa81)) (&& (< net45) (>= netstandard1.1) (< portable-net451+win81+wpa81)) (&& (>= net451) (< netstandard1.3)) (&& (>= net46) (< netstandard1.4)) (>= net461) (&& (>= netstandard1.0) (< portable-net45+win8+wpa81)) (&& (< netstandard1.0) (>= portable-net45+win8+wp8+wpa81) (< portable-net45+win8+wpa81)) (&& (< netstandard1.0) (>= portable-net45+win8+wpa81) (< portable-net451+win81+wpa81)) (&& (< netstandard1.3) (>= wpa81)) (>= netstandard1.6) (>= uap10.0)
      Microsoft.Win32.Primitives (>= 4.3) - restriction: || (&& (< monoandroid) (< net45) (>= netstandard1.3) (< netstandard1.4) (< wpa81)) (&& (< monoandroid) (< net45) (>= netstandard1.4) (< netstandard1.5) (< wpa81)) (&& (< monoandroid) (< net45) (>= netstandard1.5) (< netstandard1.6)) (&& (< monotouch) (>= netstandard1.6) (< netstandard2.0) (< xamarinios) (< xamarinmac) (< xamarintvos) (< xamarinwatchos)) (&& (>= net46) (< netstandard1.4)) (&& (>= uap10.0) (< uap10.1))
      System.AppContext (>= 4.3) - restriction: || (&& (< monoandroid) (< net45) (>= netstandard1.3) (< netstandard1.4) (< wpa81)) (&& (< monoandroid) (< net45) (>= netstandard1.4) (< netstandard1.5) (< wpa81)) (&& (< monoandroid) (< net45) (>= netstandard1.5) (< netstandard1.6)) (&& (< monotouch) (>= netstandard1.6) (< netstandard2.0) (< xamarinios) (< xamarinmac) (< xamarintvos) (< xamarinwatchos)) (&& (>= net46) (< netstandard1.4)) (&& (>= uap10.0) (< uap10.1))
      System.Collections (>= 4.3) - restriction: || (&& (< monoandroid) (< net45) (>= netstandard1.2) (< netstandard1.3) (< wpa81)) (&& (< monoandroid) (< net45) (>= netstandard1.3) (< netstandard1.4) (< wpa81)) (&& (< monoandroid) (< net45) (>= netstandard1.4) (< netstandard1.5) (< wpa81)) (&& (< monoandroid) (< net45) (>= netstandard1.5) (< netstandard1.6)) (&& (< monotouch) (>= netstandard1.6) (< netstandard2.0) (< xamarinios) (< xamarinmac) (< xamarintvos) (< xamarinwatchos)) (&& (< net45) (>= netstandard1.1) (< portable-net451+win81+wpa81)) (&& (>= netstandard1.0) (< portable-net45+win8+wpa81)) (&& (>= uap10.0) (< uap10.1))
      System.Collections.Concurrent (>= 4.3) - restriction: || (&& (< monoandroid) (< net45) (>= netstandard1.2) (< netstandard1.3) (< wpa81)) (&& (< monoandroid) (< net45) (>= netstandard1.3) (< netstandard1.4) (< wpa81)) (&& (< monoandroid) (< net45) (>= netstandard1.4) (< netstandard1.5) (< wpa81)) (&& (< monoandroid) (< net45) (>= netstandard1.5) (< netstandard1.6)) (&& (< monotouch) (>= netstandard1.6) (< netstandard2.0) (< xamarinios) (< xamarinmac) (< xamarintvos) (< xamarinwatchos)) (&& (< net45) (>= netstandard1.1) (< portable-net451+win81+wpa81)) (&& (>= uap10.0) (< uap10.1))
      System.Console (>= 4.3) - restriction: || (&& (< monoandroid) (< net45) (>= netstandard1.3) (< netstandard1.4) (< wpa81)) (&& (< monoandroid) (< net45) (>= netstandard1.4) (< netstandard1.5) (< wpa81)) (&& (< monoandroid) (< net45) (>= netstandard1.5) (< netstandard1.6)) (&& (< monotouch) (>= netstandard1.6) (< netstandard2.0) (< xamarinios) (< xamarinmac) (< xamarintvos) (< xamarinwatchos)) (&& (>= net46) (< netstandard1.4)) (&& (>= uap10.0) (< uap10.1))
      System.Diagnostics.Debug (>= 4.3) - restriction: || (&& (< monoandroid) (< net45) (>= netstandard1.2) (< netstandard1.3) (< wpa81)) (&& (< monoandroid) (< net45) (>= netstandard1.3) (< netstandard1.4) (< wpa81)) (&& (< monoandroid) (< net45) (>= netstandard1.4) (< netstandard1.5) (< wpa81)) (&& (< monoandroid) (< net45) (>= netstandard1.5) (< netstandard1.6)) (&& (< monotouch) (>= netstandard1.6) (< netstandard2.0) (< xamarinios) (< xamarinmac) (< xamarintvos) (< xamarinwatchos)) (&& (< net45) (>= netstandard1.1) (< portable-net451+win81+wpa81)) (&& (>= netstandard1.0) (< portable-net45+win8+wpa81)) (&& (>= uap10.0) (< uap10.1))
      System.Diagnostics.Tools (>= 4.3) - restriction: || (&& (< monoandroid) (< net45) (>= netstandard1.2) (< netstandard1.3) (< wpa81)) (&& (< monoandroid) (< net45) (>= netstandard1.3) (< netstandard1.4) (< wpa81)) (&& (< monoandroid) (< net45) (>= netstandard1.4) (< netstandard1.5) (< wpa81)) (&& (< monoandroid) (< net45) (>= netstandard1.5) (< netstandard1.6)) (&& (< monotouch) (>= netstandard1.6) (< netstandard2.0) (< xamarinios) (< xamarinmac) (< xamarintvos) (< xamarinwatchos)) (&& (< net45) (>= netstandard1.1) (< portable-net451+win81+wpa81)) (&& (>= netstandard1.0) (< portable-net45+win8+wpa81)) (&& (>= uap10.0) (< uap10.1))
      System.Diagnostics.Tracing (>= 4.3) - restriction: || (&& (< monoandroid) (< net45) (>= netstandard1.2) (< netstandard1.3) (< wpa81)) (&& (< monoandroid) (< net45) (>= netstandard1.3) (< netstandard1.4) (< wpa81)) (&& (< monoandroid) (< net45) (>= netstandard1.4) (< netstandard1.5) (< wpa81)) (&& (< monoandroid) (< net45) (>= netstandard1.5) (< netstandard1.6)) (&& (< monotouch) (>= netstandard1.6) (< netstandard2.0) (< xamarinios) (< xamarinmac) (< xamarintvos) (< xamarinwatchos)) (&& (< net45) (>= netstandard1.1) (< portable-net451+win81+wpa81)) (&& (>= uap10.0) (< uap10.1))
      System.Globalization (>= 4.3) - restriction: || (&& (< monoandroid) (< net45) (>= netstandard1.2) (< netstandard1.3) (< wpa81)) (&& (< monoandroid) (< net45) (>= netstandard1.3) (< netstandard1.4) (< wpa81)) (&& (< monoandroid) (< net45) (>= netstandard1.4) (< netstandard1.5) (< wpa81)) (&& (< monoandroid) (< net45) (>= netstandard1.5) (< netstandard1.6)) (&& (< monotouch) (>= netstandard1.6) (< netstandard2.0) (< xamarinios) (< xamarinmac) (< xamarintvos) (< xamarinwatchos)) (&& (< net45) (>= netstandard1.1) (< portable-net451+win81+wpa81)) (&& (>= netstandard1.0) (< portable-net45+win8+wpa81)) (&& (>= uap10.0) (< uap10.1))
      System.Globalization.Calendars (>= 4.3) - restriction: || (&& (< monoandroid) (< net45) (>= netstandard1.3) (< netstandard1.4) (< wpa81)) (&& (< monoandroid) (< net45) (>= netstandard1.4) (< netstandard1.5) (< wpa81)) (&& (< monoandroid) (< net45) (>= netstandard1.5) (< netstandard1.6)) (&& (< monotouch) (>= netstandard1.6) (< netstandard2.0) (< xamarinios) (< xamarinmac) (< xamarintvos) (< xamarinwatchos)) (&& (>= net46) (< netstandard1.4)) (&& (>= uap10.0) (< uap10.1))
      System.IO (>= 4.3) - restriction: || (&& (< monoandroid) (< net45) (>= netstandard1.2) (< netstandard1.3) (< wpa81)) (&& (< monoandroid) (< net45) (>= netstandard1.3) (< netstandard1.4) (< wpa81)) (&& (< monoandroid) (< net45) (>= netstandard1.4) (< netstandard1.5) (< wpa81)) (&& (< monoandroid) (< net45) (>= netstandard1.5) (< netstandard1.6)) (&& (< monotouch) (>= netstandard1.6) (< netstandard2.0) (< xamarinios) (< xamarinmac) (< xamarintvos) (< xamarinwatchos)) (&& (< net45) (>= netstandard1.1) (< portable-net451+win81+wpa81)) (&& (>= netstandard1.0) (< portable-net45+win8+wpa81)) (&& (>= uap10.0) (< uap10.1))
      System.IO.Compression (>= 4.3) - restriction: || (&& (< monoandroid) (< net45) (>= netstandard1.2) (< netstandard1.3) (< wpa81)) (&& (< monoandroid) (< net45) (>= netstandard1.3) (< netstandard1.4) (< wpa81)) (&& (< monoandroid) (< net45) (>= netstandard1.4) (< netstandard1.5) (< wpa81)) (&& (< monoandroid) (< net45) (>= netstandard1.5) (< netstandard1.6)) (&& (< monotouch) (>= netstandard1.6) (< netstandard2.0) (< xamarinios) (< xamarinmac) (< xamarintvos) (< xamarinwatchos)) (&& (< net45) (>= netstandard1.1) (< portable-net451+win81+wpa81)) (&& (>= net46) (< netstandard1.4)) (&& (>= uap10.0) (< uap10.1))
      System.IO.Compression.ZipFile (>= 4.3) - restriction: || (&& (< monoandroid) (< net45) (>= netstandard1.3) (< netstandard1.4) (< wpa81)) (&& (< monoandroid) (< net45) (>= netstandard1.4) (< netstandard1.5) (< wpa81)) (&& (< monoandroid) (< net45) (>= netstandard1.5) (< netstandard1.6)) (&& (< monotouch) (>= netstandard1.6) (< netstandard2.0) (< xamarinios) (< xamarinmac) (< xamarintvos) (< xamarinwatchos)) (&& (>= net46) (< netstandard1.4)) (&& (>= uap10.0) (< uap10.1))
      System.IO.FileSystem (>= 4.3) - restriction: || (&& (< monoandroid) (< net45) (>= netstandard1.3) (< netstandard1.4) (< wpa81)) (&& (< monoandroid) (< net45) (>= netstandard1.4) (< netstandard1.5) (< wpa81)) (&& (< monoandroid) (< net45) (>= netstandard1.5) (< netstandard1.6)) (&& (< monotouch) (>= netstandard1.6) (< netstandard2.0) (< xamarinios) (< xamarinmac) (< xamarintvos) (< xamarinwatchos)) (&& (>= net46) (< netstandard1.4)) (&& (>= uap10.0) (< uap10.1))
      System.IO.FileSystem.Primitives (>= 4.3) - restriction: || (&& (< monoandroid) (< net45) (>= netstandard1.3) (< netstandard1.4) (< wpa81)) (&& (< monoandroid) (< net45) (>= netstandard1.4) (< netstandard1.5) (< wpa81)) (&& (< monoandroid) (< net45) (>= netstandard1.5) (< netstandard1.6)) (&& (< monotouch) (>= netstandard1.6) (< netstandard2.0) (< xamarinios) (< xamarinmac) (< xamarintvos) (< xamarinwatchos)) (&& (>= net46) (< netstandard1.4)) (&& (>= uap10.0) (< uap10.1))
      System.Linq (>= 4.3) - restriction: || (&& (< monoandroid) (< net45) (>= netstandard1.2) (< netstandard1.3) (< wpa81)) (&& (< monoandroid) (< net45) (>= netstandard1.3) (< netstandard1.4) (< wpa81)) (&& (< monoandroid) (< net45) (>= netstandard1.4) (< netstandard1.5) (< wpa81)) (&& (< monoandroid) (< net45) (>= netstandard1.5) (< netstandard1.6)) (&& (< monotouch) (>= netstandard1.6) (< netstandard2.0) (< xamarinios) (< xamarinmac) (< xamarintvos) (< xamarinwatchos)) (&& (< net45) (>= netstandard1.1) (< portable-net451+win81+wpa81)) (&& (>= netstandard1.0) (< portable-net45+win8+wpa81)) (&& (>= uap10.0) (< uap10.1))
      System.Linq.Expressions (>= 4.3) - restriction: || (&& (< monoandroid) (< net45) (>= netstandard1.2) (< netstandard1.3) (< wpa81)) (&& (< monoandroid) (< net45) (>= netstandard1.3) (< netstandard1.4) (< wpa81)) (&& (< monoandroid) (< net45) (>= netstandard1.4) (< netstandard1.5) (< wpa81)) (&& (< monoandroid) (< net45) (>= netstandard1.5) (< netstandard1.6)) (&& (< monotouch) (>= netstandard1.6) (< netstandard2.0) (< xamarinios) (< xamarinmac) (< xamarintvos) (< xamarinwatchos)) (&& (< net45) (>= netstandard1.1) (< portable-net451+win81+wpa81)) (&& (>= netstandard1.0) (< portable-net45+win8+wpa81)) (&& (>= uap10.0) (< uap10.1))
      System.Net.Http (>= 4.3.2) - restriction: || (&& (< monoandroid) (< net45) (>= netstandard1.2) (< netstandard1.3) (< wpa81)) (&& (< monoandroid) (< net45) (>= netstandard1.3) (< netstandard1.4) (< wpa81)) (&& (< monoandroid) (< net45) (>= netstandard1.4) (< netstandard1.5) (< wpa81)) (&& (< monoandroid) (< net45) (>= netstandard1.5) (< netstandard1.6)) (&& (< monotouch) (>= netstandard1.6) (< netstandard2.0) (< xamarinios) (< xamarinmac) (< xamarintvos) (< xamarinwatchos)) (&& (< net45) (>= netstandard1.1) (< portable-net451+win81+wpa81)) (&& (>= net46) (< netstandard1.4)) (&& (>= uap10.0) (< uap10.1))
      System.Net.Primitives (>= 4.3) - restriction: || (&& (< monoandroid) (< net45) (>= netstandard1.2) (< netstandard1.3) (< wpa81)) (&& (< monoandroid) (< net45) (>= netstandard1.3) (< netstandard1.4) (< wpa81)) (&& (< monoandroid) (< net45) (>= netstandard1.4) (< netstandard1.5) (< wpa81)) (&& (< monoandroid) (< net45) (>= netstandard1.5) (< netstandard1.6)) (&& (< monotouch) (>= netstandard1.6) (< netstandard2.0) (< xamarinios) (< xamarinmac) (< xamarintvos) (< xamarinwatchos)) (&& (< net45) (>= netstandard1.1) (< portable-net451+win81+wpa81)) (&& (>= netstandard1.0) (< portable-net45+win8+wpa81)) (&& (>= uap10.0) (< uap10.1))
      System.Net.Sockets (>= 4.3) - restriction: || (&& (< monoandroid) (< net45) (>= netstandard1.3) (< netstandard1.4) (< wpa81)) (&& (< monoandroid) (< net45) (>= netstandard1.4) (< netstandard1.5) (< wpa81)) (&& (< monoandroid) (< net45) (>= netstandard1.5) (< netstandard1.6)) (&& (< monotouch) (>= netstandard1.6) (< netstandard2.0) (< xamarinios) (< xamarinmac) (< xamarintvos) (< xamarinwatchos)) (&& (>= net46) (< netstandard1.4)) (&& (>= uap10.0) (< uap10.1))
      System.ObjectModel (>= 4.3) - restriction: || (&& (< monoandroid) (< net45) (>= netstandard1.2) (< netstandard1.3) (< wpa81)) (&& (< monoandroid) (< net45) (>= netstandard1.3) (< netstandard1.4) (< wpa81)) (&& (< monoandroid) (< net45) (>= netstandard1.4) (< netstandard1.5) (< wpa81)) (&& (< monoandroid) (< net45) (>= netstandard1.5) (< netstandard1.6)) (&& (< monotouch) (>= netstandard1.6) (< netstandard2.0) (< xamarinios) (< xamarinmac) (< xamarintvos) (< xamarinwatchos)) (&& (< net45) (>= netstandard1.1) (< portable-net451+win81+wpa81)) (&& (>= netstandard1.0) (< portable-net45+win8+wpa81)) (&& (>= uap10.0) (< uap10.1))
      System.Reflection (>= 4.3) - restriction: || (&& (< monoandroid) (< net45) (>= netstandard1.2) (< netstandard1.3) (< wpa81)) (&& (< monoandroid) (< net45) (>= netstandard1.3) (< netstandard1.4) (< wpa81)) (&& (< monoandroid) (< net45) (>= netstandard1.4) (< netstandard1.5) (< wpa81)) (&& (< monoandroid) (< net45) (>= netstandard1.5) (< netstandard1.6)) (&& (< monotouch) (>= netstandard1.6) (< netstandard2.0) (< xamarinios) (< xamarinmac) (< xamarintvos) (< xamarinwatchos)) (&& (< net45) (>= netstandard1.1) (< portable-net451+win81+wpa81)) (&& (>= netstandard1.0) (< portable-net45+win8+wpa81)) (&& (>= uap10.0) (< uap10.1))
      System.Reflection.Extensions (>= 4.3) - restriction: || (&& (< monoandroid) (< net45) (>= netstandard1.2) (< netstandard1.3) (< wpa81)) (&& (< monoandroid) (< net45) (>= netstandard1.3) (< netstandard1.4) (< wpa81)) (&& (< monoandroid) (< net45) (>= netstandard1.4) (< netstandard1.5) (< wpa81)) (&& (< monoandroid) (< net45) (>= netstandard1.5) (< netstandard1.6)) (&& (< monotouch) (>= netstandard1.6) (< netstandard2.0) (< xamarinios) (< xamarinmac) (< xamarintvos) (< xamarinwatchos)) (&& (< net45) (>= netstandard1.1) (< portable-net451+win81+wpa81)) (&& (>= netstandard1.0) (< portable-net45+win8+wpa81)) (&& (>= uap10.0) (< uap10.1))
      System.Reflection.Primitives (>= 4.3) - restriction: || (&& (< monoandroid) (< net45) (>= netstandard1.2) (< netstandard1.3) (< wpa81)) (&& (< monoandroid) (< net45) (>= netstandard1.3) (< netstandard1.4) (< wpa81)) (&& (< monoandroid) (< net45) (>= netstandard1.4) (< netstandard1.5) (< wpa81)) (&& (< monoandroid) (< net45) (>= netstandard1.5) (< netstandard1.6)) (&& (< monotouch) (>= netstandard1.6) (< netstandard2.0) (< xamarinios) (< xamarinmac) (< xamarintvos) (< xamarinwatchos)) (&& (< net45) (>= netstandard1.1) (< portable-net451+win81+wpa81)) (&& (>= netstandard1.0) (< portable-net45+win8+wpa81)) (&& (>= uap10.0) (< uap10.1))
      System.Resources.ResourceManager (>= 4.3) - restriction: || (&& (< monoandroid) (< net45) (>= netstandard1.2) (< netstandard1.3) (< wpa81)) (&& (< monoandroid) (< net45) (>= netstandard1.3) (< netstandard1.4) (< wpa81)) (&& (< monoandroid) (< net45) (>= netstandard1.4) (< netstandard1.5) (< wpa81)) (&& (< monoandroid) (< net45) (>= netstandard1.5) (< netstandard1.6)) (&& (< monotouch) (>= netstandard1.6) (< netstandard2.0) (< xamarinios) (< xamarinmac) (< xamarintvos) (< xamarinwatchos)) (&& (< net45) (>= netstandard1.1) (< portable-net451+win81+wpa81)) (&& (>= netstandard1.0) (< portable-net45+win8+wpa81)) (&& (>= uap10.0) (< uap10.1))
      System.Runtime (>= 4.3) - restriction: || (&& (< monoandroid) (< net45) (>= netstandard1.2) (< netstandard1.3) (< wpa81)) (&& (< monoandroid) (< net45) (>= netstandard1.3) (< netstandard1.4) (< wpa81)) (&& (< monoandroid) (< net45) (>= netstandard1.4) (< netstandard1.5) (< wpa81)) (&& (< monoandroid) (< net45) (>= netstandard1.5) (< netstandard1.6)) (&& (< monotouch) (>= netstandard1.6) (< netstandard2.0) (< xamarinios) (< xamarinmac) (< xamarintvos) (< xamarinwatchos)) (&& (< net45) (>= netstandard1.1) (< portable-net451+win81+wpa81)) (&& (>= netstandard1.0) (< portable-net45+win8+wpa81)) (&& (>= uap10.0) (< uap10.1))
      System.Runtime.Extensions (>= 4.3) - restriction: || (&& (< monoandroid) (< net45) (>= netstandard1.2) (< netstandard1.3) (< wpa81)) (&& (< monoandroid) (< net45) (>= netstandard1.3) (< netstandard1.4) (< wpa81)) (&& (< monoandroid) (< net45) (>= netstandard1.4) (< netstandard1.5) (< wpa81)) (&& (< monoandroid) (< net45) (>= netstandard1.5) (< netstandard1.6)) (&& (< monotouch) (>= netstandard1.6) (< netstandard2.0) (< xamarinios) (< xamarinmac) (< xamarintvos) (< xamarinwatchos)) (&& (< net45) (>= netstandard1.1) (< portable-net451+win81+wpa81)) (&& (>= netstandard1.0) (< portable-net45+win8+wpa81)) (&& (>= uap10.0) (< uap10.1))
      System.Runtime.Handles (>= 4.3) - restriction: || (&& (< monoandroid) (< net45) (>= netstandard1.3) (< netstandard1.4) (< wpa81)) (&& (< monoandroid) (< net45) (>= netstandard1.4) (< netstandard1.5) (< wpa81)) (&& (< monoandroid) (< net45) (>= netstandard1.5) (< netstandard1.6)) (&& (< monotouch) (>= netstandard1.6) (< netstandard2.0) (< xamarinios) (< xamarinmac) (< xamarintvos) (< xamarinwatchos)) (&& (>= uap10.0) (< uap10.1))
      System.Runtime.InteropServices (>= 4.3) - restriction: || (&& (< monoandroid) (< net45) (>= netstandard1.2) (< netstandard1.3) (< wpa81)) (&& (< monoandroid) (< net45) (>= netstandard1.3) (< netstandard1.4) (< wpa81)) (&& (< monoandroid) (< net45) (>= netstandard1.4) (< netstandard1.5) (< wpa81)) (&& (< monoandroid) (< net45) (>= netstandard1.5) (< netstandard1.6)) (&& (< monotouch) (>= netstandard1.6) (< netstandard2.0) (< xamarinios) (< xamarinmac) (< xamarintvos) (< xamarinwatchos)) (&& (< net45) (>= netstandard1.1) (< portable-net451+win81+wpa81)) (&& (>= uap10.0) (< uap10.1))
      System.Runtime.InteropServices.RuntimeInformation (>= 4.3) - restriction: || (&& (< monoandroid) (< net45) (>= netstandard1.2) (< netstandard1.3) (< wpa81)) (&& (< monoandroid) (< net45) (>= netstandard1.3) (< netstandard1.4) (< wpa81)) (&& (< monoandroid) (< net45) (>= netstandard1.4) (< netstandard1.5) (< wpa81)) (&& (< monoandroid) (< net45) (>= netstandard1.5) (< netstandard1.6)) (&& (< monoandroid) (< netstandard1.0) (>= portable-net451+win81+wpa81)) (&& (< monotouch) (>= netstandard1.6) (< netstandard2.0) (< xamarinios) (< xamarinmac) (< xamarintvos) (< xamarinwatchos)) (&& (>= net45) (< portable-net451+win81+wpa81)) (&& (< net45) (>= netstandard1.1) (< portable-net451+win81+wpa81)) (&& (>= net451) (< netstandard1.3)) (&& (>= net46) (< netstandard1.4)) (&& (< netstandard1.0) (>= portable-net45+win8+wpa81) (< portable-net451+win81+wpa81)) (&& (< netstandard1.3) (>= wpa81)) (&& (>= uap10.0) (< uap10.1))
      System.Runtime.Numerics (>= 4.3) - restriction: || (&& (< monoandroid) (< net45) (>= netstandard1.2) (< netstandard1.3) (< wpa81)) (&& (< monoandroid) (< net45) (>= netstandard1.3) (< netstandard1.4) (< wpa81)) (&& (< monoandroid) (< net45) (>= netstandard1.4) (< netstandard1.5) (< wpa81)) (&& (< monoandroid) (< net45) (>= netstandard1.5) (< netstandard1.6)) (&& (< monotouch) (>= netstandard1.6) (< netstandard2.0) (< xamarinios) (< xamarinmac) (< xamarintvos) (< xamarinwatchos)) (&& (< net45) (>= netstandard1.1) (< portable-net451+win81+wpa81)) (&& (>= uap10.0) (< uap10.1))
      System.Security.Cryptography.Algorithms (>= 4.3) - restriction: || (&& (< monoandroid) (< net45) (>= netstandard1.3) (< netstandard1.4) (< wpa81)) (&& (< monoandroid) (< net45) (>= netstandard1.4) (< netstandard1.5) (< wpa81)) (&& (< monoandroid) (< net45) (>= netstandard1.5) (< netstandard1.6)) (&& (< monotouch) (>= netstandard1.6) (< netstandard2.0) (< xamarinios) (< xamarinmac) (< xamarintvos) (< xamarinwatchos)) (&& (>= net46) (< netstandard1.4)) (&& (>= uap10.0) (< uap10.1))
      System.Security.Cryptography.Encoding (>= 4.3) - restriction: || (&& (< monoandroid) (< net45) (>= netstandard1.3) (< netstandard1.4) (< wpa81)) (&& (< monoandroid) (< net45) (>= netstandard1.4) (< netstandard1.5) (< wpa81)) (&& (< monoandroid) (< net45) (>= netstandard1.5) (< netstandard1.6)) (&& (< monotouch) (>= netstandard1.6) (< netstandard2.0) (< xamarinios) (< xamarinmac) (< xamarintvos) (< xamarinwatchos)) (&& (>= net46) (< netstandard1.4)) (&& (>= uap10.0) (< uap10.1))
      System.Security.Cryptography.Primitives (>= 4.3) - restriction: || (&& (< monoandroid) (< net45) (>= netstandard1.3) (< netstandard1.4) (< wpa81)) (&& (< monoandroid) (< net45) (>= netstandard1.4) (< netstandard1.5) (< wpa81)) (&& (< monoandroid) (< net45) (>= netstandard1.5) (< netstandard1.6)) (&& (< monotouch) (>= netstandard1.6) (< netstandard2.0) (< xamarinios) (< xamarinmac) (< xamarintvos) (< xamarinwatchos)) (&& (>= net46) (< netstandard1.4)) (&& (>= uap10.0) (< uap10.1))
      System.Security.Cryptography.X509Certificates (>= 4.3) - restriction: || (&& (< monoandroid) (< net45) (>= netstandard1.3) (< netstandard1.4) (< wpa81)) (&& (< monoandroid) (< net45) (>= netstandard1.4) (< netstandard1.5) (< wpa81)) (&& (< monoandroid) (< net45) (>= netstandard1.5) (< netstandard1.6)) (&& (< monotouch) (>= netstandard1.6) (< netstandard2.0) (< xamarinios) (< xamarinmac) (< xamarintvos) (< xamarinwatchos)) (&& (>= net46) (< netstandard1.4)) (&& (>= uap10.0) (< uap10.1))
      System.Text.Encoding (>= 4.3) - restriction: || (&& (< monoandroid) (< net45) (>= netstandard1.2) (< netstandard1.3) (< wpa81)) (&& (< monoandroid) (< net45) (>= netstandard1.3) (< netstandard1.4) (< wpa81)) (&& (< monoandroid) (< net45) (>= netstandard1.4) (< netstandard1.5) (< wpa81)) (&& (< monoandroid) (< net45) (>= netstandard1.5) (< netstandard1.6)) (&& (< monotouch) (>= netstandard1.6) (< netstandard2.0) (< xamarinios) (< xamarinmac) (< xamarintvos) (< xamarinwatchos)) (&& (< net45) (>= netstandard1.1) (< portable-net451+win81+wpa81)) (&& (>= netstandard1.0) (< portable-net45+win8+wpa81)) (&& (>= uap10.0) (< uap10.1))
      System.Text.Encoding.Extensions (>= 4.3) - restriction: || (&& (< monoandroid) (< net45) (>= netstandard1.2) (< netstandard1.3) (< wpa81)) (&& (< monoandroid) (< net45) (>= netstandard1.3) (< netstandard1.4) (< wpa81)) (&& (< monoandroid) (< net45) (>= netstandard1.4) (< netstandard1.5) (< wpa81)) (&& (< monoandroid) (< net45) (>= netstandard1.5) (< netstandard1.6)) (&& (< monotouch) (>= netstandard1.6) (< netstandard2.0) (< xamarinios) (< xamarinmac) (< xamarintvos) (< xamarinwatchos)) (&& (< net45) (>= netstandard1.1) (< portable-net451+win81+wpa81)) (&& (>= netstandard1.0) (< portable-net45+win8+wpa81)) (&& (>= uap10.0) (< uap10.1))
      System.Text.RegularExpressions (>= 4.3) - restriction: || (&& (< monoandroid) (< net45) (>= netstandard1.2) (< netstandard1.3) (< wpa81)) (&& (< monoandroid) (< net45) (>= netstandard1.3) (< netstandard1.4) (< wpa81)) (&& (< monoandroid) (< net45) (>= netstandard1.4) (< netstandard1.5) (< wpa81)) (&& (< monoandroid) (< net45) (>= netstandard1.5) (< netstandard1.6)) (&& (< monotouch) (>= netstandard1.6) (< netstandard2.0) (< xamarinios) (< xamarinmac) (< xamarintvos) (< xamarinwatchos)) (&& (< net45) (>= netstandard1.1) (< portable-net451+win81+wpa81)) (&& (>= netstandard1.0) (< portable-net45+win8+wpa81)) (&& (>= uap10.0) (< uap10.1))
      System.Threading (>= 4.3) - restriction: || (&& (< monoandroid) (< net45) (>= netstandard1.2) (< netstandard1.3) (< wpa81)) (&& (< monoandroid) (< net45) (>= netstandard1.3) (< netstandard1.4) (< wpa81)) (&& (< monoandroid) (< net45) (>= netstandard1.4) (< netstandard1.5) (< wpa81)) (&& (< monoandroid) (< net45) (>= netstandard1.5) (< netstandard1.6)) (&& (< monotouch) (>= netstandard1.6) (< netstandard2.0) (< xamarinios) (< xamarinmac) (< xamarintvos) (< xamarinwatchos)) (&& (< net45) (>= netstandard1.1) (< portable-net451+win81+wpa81)) (&& (>= netstandard1.0) (< portable-net45+win8+wpa81)) (&& (>= uap10.0) (< uap10.1))
      System.Threading.Tasks (>= 4.3) - restriction: || (&& (< monoandroid) (< net45) (>= netstandard1.2) (< netstandard1.3) (< wpa81)) (&& (< monoandroid) (< net45) (>= netstandard1.3) (< netstandard1.4) (< wpa81)) (&& (< monoandroid) (< net45) (>= netstandard1.4) (< netstandard1.5) (< wpa81)) (&& (< monoandroid) (< net45) (>= netstandard1.5) (< netstandard1.6)) (&& (< monotouch) (>= netstandard1.6) (< netstandard2.0) (< xamarinios) (< xamarinmac) (< xamarintvos) (< xamarinwatchos)) (&& (< net45) (>= netstandard1.1) (< portable-net451+win81+wpa81)) (&& (>= netstandard1.0) (< portable-net45+win8+wpa81)) (&& (>= uap10.0) (< uap10.1))
      System.Threading.Timer (>= 4.3) - restriction: || (&& (< monoandroid) (< net45) (>= netstandard1.2) (< netstandard1.3) (< wpa81)) (&& (< monoandroid) (< net45) (>= netstandard1.3) (< netstandard1.4) (< wpa81)) (&& (< monoandroid) (< net45) (>= netstandard1.4) (< netstandard1.5) (< wpa81)) (&& (< monoandroid) (< net45) (>= netstandard1.5) (< netstandard1.6)) (&& (< monotouch) (>= netstandard1.6) (< netstandard2.0) (< xamarinios) (< xamarinmac) (< xamarintvos) (< xamarinwatchos)) (&& (>= uap10.0) (< uap10.1))
      System.Xml.ReaderWriter (>= 4.3) - restriction: || (&& (< monoandroid) (< net45) (>= netstandard1.2) (< netstandard1.3) (< wpa81)) (&& (< monoandroid) (< net45) (>= netstandard1.3) (< netstandard1.4) (< wpa81)) (&& (< monoandroid) (< net45) (>= netstandard1.4) (< netstandard1.5) (< wpa81)) (&& (< monoandroid) (< net45) (>= netstandard1.5) (< netstandard1.6)) (&& (< monotouch) (>= netstandard1.6) (< netstandard2.0) (< xamarinios) (< xamarinmac) (< xamarintvos) (< xamarinwatchos)) (&& (< net45) (>= netstandard1.1) (< portable-net451+win81+wpa81)) (&& (>= net46) (< netstandard1.4)) (&& (>= netstandard1.0) (< portable-net45+win8+wpa81)) (&& (>= uap10.0) (< uap10.1))
      System.Xml.XDocument (>= 4.3) - restriction: || (&& (< monoandroid) (< net45) (>= netstandard1.2) (< netstandard1.3) (< wpa81)) (&& (< monoandroid) (< net45) (>= netstandard1.3) (< netstandard1.4) (< wpa81)) (&& (< monoandroid) (< net45) (>= netstandard1.4) (< netstandard1.5) (< wpa81)) (&& (< monoandroid) (< net45) (>= netstandard1.5) (< netstandard1.6)) (&& (< monotouch) (>= netstandard1.6) (< netstandard2.0) (< xamarinios) (< xamarinmac) (< xamarintvos) (< xamarinwatchos)) (&& (< net45) (>= netstandard1.1) (< portable-net451+win81+wpa81)) (&& (>= netstandard1.0) (< portable-net45+win8+wpa81)) (&& (>= uap10.0) (< uap10.1))
    Newtonsoft.Json (10.0.3)
      Microsoft.CSharp (>= 4.3) - restriction: || (&& (< net20) (>= netstandard1.0) (< netstandard1.3)) (&& (< net20) (>= netstandard1.3))
      NETStandard.Library (>= 1.6.1) - restriction: || (&& (< net20) (>= netstandard1.0) (< netstandard1.3)) (&& (< net20) (>= netstandard1.3))
      System.ComponentModel.TypeConverter (>= 4.3) - restriction: || (&& (< net20) (>= netstandard1.0) (< netstandard1.3)) (&& (< net20) (>= netstandard1.3))
      System.Runtime.Serialization.Formatters (>= 4.3) - restriction: && (< net20) (>= netstandard1.3)
      System.Runtime.Serialization.Primitives (>= 4.3) - restriction: || (&& (< net20) (>= netstandard1.0) (< netstandard1.3)) (&& (< net20) (>= netstandard1.3))
      System.Xml.XmlDocument (>= 4.3) - restriction: && (< net20) (>= netstandard1.3)
    Orleans.Telemetry.SerilogConsumer (1.0.6)
      Microsoft.Orleans.Core (>= 1.3) - restriction: >= net452
      Serilog (>= 2.3) - restriction: >= net452
    Owin (1.0)
    Polly (5.3.1)
      NETStandard.Library (>= 1.6.1) - restriction: && (< net45) (>= netstandard1.1)
    runtime.debian.8-x64.runtime.native.System.Security.Cryptography.OpenSsl (4.3.2) - restriction: || (&& (>= dnxcore50) (>= netstandard1.6)) (&& (< monoandroid) (< net45) (>= netstandard1.3) (< netstandard1.4) (< wpa81)) (&& (< monoandroid) (< net45) (< netstandard1.3) (>= netstandard1.6)) (&& (< monoandroid) (< net45) (>= netstandard1.4) (< netstandard1.5) (< wpa81)) (&& (< monoandroid) (< net45) (< netstandard1.4) (>= netstandard1.6)) (&& (< monoandroid) (< net45) (>= netstandard1.5) (< netstandard1.6)) (&& (< monoandroid) (< net45) (< netstandard1.5) (>= netstandard1.6)) (&& (< monotouch) (< net46) (>= netstandard1.3) (< xamarinios) (< xamarinmac) (< xamarintvos) (< xamarinwatchos)) (&& (< monotouch) (>= netstandard1.6) (< xamarinios) (< xamarinmac) (< xamarintvos) (< xamarinwatchos)) (&& (< net45) (>= net46) (>= netstandard1.6)) (&& (< net45) (>= netstandard1.6) (< portable-net451+win81+wpa81)) (&& (>= net46) (< net462) (>= netstandard1.6) (< netstandard2.0)) (&& (>= net46) (< netstandard1.4) (>= netstandard1.6)) (&& (>= netstandard1.6) (>= uap10.0)) (&& (>= uap10.0) (< uap10.1))
    runtime.fedora.23-x64.runtime.native.System.Security.Cryptography.OpenSsl (4.3.2) - restriction: || (&& (>= dnxcore50) (>= netstandard1.6)) (&& (< monoandroid) (< net45) (>= netstandard1.3) (< netstandard1.4) (< wpa81)) (&& (< monoandroid) (< net45) (< netstandard1.3) (>= netstandard1.6)) (&& (< monoandroid) (< net45) (>= netstandard1.4) (< netstandard1.5) (< wpa81)) (&& (< monoandroid) (< net45) (< netstandard1.4) (>= netstandard1.6)) (&& (< monoandroid) (< net45) (>= netstandard1.5) (< netstandard1.6)) (&& (< monoandroid) (< net45) (< netstandard1.5) (>= netstandard1.6)) (&& (< monotouch) (< net46) (>= netstandard1.3) (< xamarinios) (< xamarinmac) (< xamarintvos) (< xamarinwatchos)) (&& (< monotouch) (>= netstandard1.6) (< xamarinios) (< xamarinmac) (< xamarintvos) (< xamarinwatchos)) (&& (< net45) (>= net46) (>= netstandard1.6)) (&& (< net45) (>= netstandard1.6) (< portable-net451+win81+wpa81)) (&& (>= net46) (< net462) (>= netstandard1.6) (< netstandard2.0)) (&& (>= net46) (< netstandard1.4) (>= netstandard1.6)) (&& (>= netstandard1.6) (>= uap10.0)) (&& (>= uap10.0) (< uap10.1))
    runtime.fedora.24-x64.runtime.native.System.Security.Cryptography.OpenSsl (4.3.2) - restriction: || (&& (>= dnxcore50) (>= netstandard1.6)) (&& (< monoandroid) (< net45) (>= netstandard1.3) (< netstandard1.4) (< wpa81)) (&& (< monoandroid) (< net45) (< netstandard1.3) (>= netstandard1.6)) (&& (< monoandroid) (< net45) (>= netstandard1.4) (< netstandard1.5) (< wpa81)) (&& (< monoandroid) (< net45) (< netstandard1.4) (>= netstandard1.6)) (&& (< monoandroid) (< net45) (>= netstandard1.5) (< netstandard1.6)) (&& (< monoandroid) (< net45) (< netstandard1.5) (>= netstandard1.6)) (&& (< monotouch) (< net46) (>= netstandard1.3) (< xamarinios) (< xamarinmac) (< xamarintvos) (< xamarinwatchos)) (&& (< monotouch) (>= netstandard1.6) (< xamarinios) (< xamarinmac) (< xamarintvos) (< xamarinwatchos)) (&& (< net45) (>= net46) (>= netstandard1.6)) (&& (< net45) (>= netstandard1.6) (< portable-net451+win81+wpa81)) (&& (>= net46) (< net462) (>= netstandard1.6) (< netstandard2.0)) (&& (>= net46) (< netstandard1.4) (>= netstandard1.6)) (&& (>= netstandard1.6) (>= uap10.0)) (&& (>= uap10.0) (< uap10.1))
    runtime.native.System (4.3) - restriction: || (&& (>= dnxcore50) (>= netstandard1.6)) (&& (< monoandroid) (< net45) (>= netstandard1.2) (< netstandard1.3) (< win8) (< wpa81)) (&& (< monoandroid) (< net45) (>= netstandard1.3) (< netstandard1.4) (< win8) (< wpa81)) (&& (< monoandroid) (< net45) (< netstandard1.3) (>= netstandard1.6)) (&& (< monoandroid) (< net45) (>= netstandard1.4) (< netstandard1.5) (< win8) (< wpa81)) (&& (< monoandroid) (< net45) (< netstandard1.4) (>= netstandard1.6)) (&& (< monoandroid) (< net45) (>= netstandard1.5) (< netstandard1.6)) (&& (< monoandroid) (< net45) (< netstandard1.5) (>= netstandard1.6)) (&& (< monoandroid) (< netstandard1.0) (>= netstandard1.1) (>= portable-net451+win81+wpa81) (< win8)) (&& (< monoandroid) (< netstandard1.0) (>= netstandard1.3) (< win8)) (&& (< monotouch) (< net45) (>= netstandard1.3) (< xamarinios) (< xamarinmac) (< xamarintvos) (< xamarinwatchos)) (&& (< monotouch) (< net45) (>= netstandard1.4) (< win8) (< wpa81) (< xamarinios) (< xamarinmac) (< xamarintvos) (< xamarinwatchos)) (&& (< monotouch) (< net45) (>= netstandard1.5) (< xamarinios) (< xamarinmac) (< xamarintvos) (< xamarinwatchos)) (&& (< monotouch) (>= netstandard1.6) (< xamarinios) (< xamarinmac) (< xamarintvos) (< xamarinwatchos)) (&& (< net45) (>= net451) (< netstandard1.3)) (&& (< net45) (>= net46) (< netstandard1.4)) (&& (< net45) (>= net46) (>= netstandard1.6)) (&& (< net45) (>= netstandard1.1) (< portable-net451+win81+wpa81) (< win8)) (&& (< net45) (>= netstandard1.3) (< portable-net451+win81+wpa81) (< win8)) (&& (< net45) (>= netstandard1.6) (< portable-net451+win81+wpa81)) (&& (>= net46) (< net462) (>= netstandard1.6) (< netstandard2.0)) (&& (>= net46) (< netstandard1.4) (>= netstandard1.6)) (&& (< netstandard1.0) (>= netstandard1.1) (< portable-net451+win81+wpa81) (< win8)) (&& (< netstandard1.0) (>= netstandard1.3) (< portable-net451+win81+wpa81) (< win8)) (&& (>= netstandard1.6) (>= uap10.0)) (&& (>= uap10.0) (< win8) (< wpa81))
      Microsoft.NETCore.Platforms (>= 1.1)
      Microsoft.NETCore.Targets (>= 1.1)
    runtime.native.System.IO.Compression (4.3.1) - restriction: || (&& (>= dnxcore50) (>= net46)) (&& (>= dnxcore50) (>= netstandard1.1)) (&& (>= dnxcore50) (>= netstandard1.2)) (&& (>= dnxcore50) (>= netstandard1.3)) (&& (>= dnxcore50) (>= netstandard1.4)) (&& (>= dnxcore50) (>= netstandard1.5)) (&& (>= dnxcore50) (>= netstandard1.6)) (&& (>= dnxcore50) (>= uap10.0)) (&& (< monoandroid) (< net45) (>= netstandard1.3) (< netstandard1.4) (< win8) (< wpa81)) (&& (< monoandroid) (< net45) (>= netstandard1.4) (< netstandard1.5) (< win8) (< wpa81)) (&& (< monoandroid) (< net45) (>= netstandard1.5) (< netstandard1.6)) (&& (< monotouch) (< net45) (>= netstandard1.3) (< win8) (< wpa81) (< xamarinios) (< xamarinmac) (< xamarintvos) (< xamarinwatchos)) (&& (< monotouch) (< net45) (>= netstandard1.6) (< netstandard2.0) (< xamarinios) (< xamarinmac) (< xamarintvos) (< xamarinwatchos)) (&& (< net45) (>= net46) (< netstandard1.4)) (&& (< net45) (>= netstandard1.3) (< portable-net451+win81+wpa81) (< win8)) (&& (>= uap10.0) (< win8) (< wpa81))
      Microsoft.NETCore.Platforms (>= 1.1)
      Microsoft.NETCore.Targets (>= 1.1.1)
    runtime.native.System.Net.Http (4.3) - restriction: || (&& (>= dnxcore50) (>= netstandard1.6)) (&& (< monoandroid) (< net45) (< netstandard1.3) (>= netstandard1.6)) (&& (< monoandroid) (< net45) (< netstandard1.4) (>= netstandard1.6)) (&& (< monoandroid) (< net45) (< netstandard1.5) (>= netstandard1.6)) (&& (< monotouch) (>= netstandard1.6) (< xamarinios) (< xamarinmac) (< xamarintvos) (< xamarinwatchos)) (&& (< net45) (>= net46) (>= netstandard1.6)) (&& (< net45) (>= netstandard1.6) (< portable-net451+win81+wpa81)) (&& (>= net46) (< net462) (>= netstandard1.6) (< netstandard2.0)) (&& (>= net46) (< netstandard1.4) (>= netstandard1.6)) (&& (>= netstandard1.6) (>= uap10.0))
      Microsoft.NETCore.Platforms (>= 1.1)
      Microsoft.NETCore.Targets (>= 1.1)
    runtime.native.System.Net.Security (4.3) - restriction: && (< monotouch) (< net45) (>= netstandard1.6) (< xamarinios) (< xamarinmac) (< xamarintvos) (< xamarinwatchos)
      Microsoft.NETCore.Platforms (>= 1.1)
      Microsoft.NETCore.Targets (>= 1.1)
    runtime.native.System.Security.Cryptography.Apple (4.3.1) - restriction: || (&& (>= dnxcore50) (>= netstandard1.6)) (&& (< monoandroid) (< net45) (< netstandard1.4) (>= netstandard1.6)) (&& (< monoandroid) (< net46) (< netstandard1.4) (>= netstandard1.6)) (&& (< monotouch) (>= netstandard1.6) (< xamarinios) (< xamarinmac) (< xamarintvos) (< xamarinwatchos)) (&& (< net45) (>= net461) (>= netstandard1.6)) (&& (< net45) (>= netstandard1.6) (< portable-net451+win81+wpa81)) (&& (>= net46) (< net462) (>= netstandard1.6)) (&& (>= net46) (< netstandard1.4) (>= netstandard1.6)) (&& (>= net461) (< net462) (>= netstandard1.6) (< netstandard2.0)) (&& (>= net461) (< netstandard1.4) (>= netstandard1.6)) (&& (>= netstandard1.6) (>= uap10.0))
      runtime.osx.10.10-x64.runtime.native.System.Security.Cryptography.Apple (>= 4.3.1)
    runtime.native.System.Security.Cryptography.OpenSsl (4.3.2) - restriction: || (&& (>= dnxcore50) (>= netstandard1.6)) (&& (< monoandroid) (< net45) (>= netstandard1.3) (< netstandard1.4) (< wpa81)) (&& (< monoandroid) (< net45) (< netstandard1.3) (>= netstandard1.6)) (&& (< monoandroid) (< net45) (>= netstandard1.4) (< netstandard1.5) (< wpa81)) (&& (< monoandroid) (< net45) (< netstandard1.4) (>= netstandard1.6)) (&& (< monoandroid) (< net45) (>= netstandard1.5) (< netstandard1.6)) (&& (< monoandroid) (< net45) (< netstandard1.5) (>= netstandard1.6)) (&& (< monoandroid) (< net46) (< netstandard1.4) (>= netstandard1.6)) (&& (< monotouch) (< net46) (>= netstandard1.3) (< xamarinios) (< xamarinmac) (< xamarintvos) (< xamarinwatchos)) (&& (< monotouch) (>= netstandard1.6) (< xamarinios) (< xamarinmac) (< xamarintvos) (< xamarinwatchos)) (&& (< net45) (>= net46) (>= netstandard1.6)) (&& (< net45) (>= net461) (>= netstandard1.6)) (&& (< net45) (>= netstandard1.6) (< portable-net451+win81+wpa81)) (&& (>= net46) (< net462) (>= netstandard1.6)) (&& (>= net46) (< netstandard1.4) (>= netstandard1.6)) (&& (>= net461) (< net462) (>= netstandard1.6) (< netstandard2.0)) (&& (>= net461) (< netstandard1.4) (>= netstandard1.6)) (&& (>= netstandard1.6) (>= uap10.0)) (&& (>= uap10.0) (< uap10.1))
      runtime.debian.8-x64.runtime.native.System.Security.Cryptography.OpenSsl (>= 4.3.2)
      runtime.fedora.23-x64.runtime.native.System.Security.Cryptography.OpenSsl (>= 4.3.2)
      runtime.fedora.24-x64.runtime.native.System.Security.Cryptography.OpenSsl (>= 4.3.2)
      runtime.opensuse.13.2-x64.runtime.native.System.Security.Cryptography.OpenSsl (>= 4.3.2)
      runtime.opensuse.42.1-x64.runtime.native.System.Security.Cryptography.OpenSsl (>= 4.3.2)
      runtime.osx.10.10-x64.runtime.native.System.Security.Cryptography.OpenSsl (>= 4.3.2)
      runtime.rhel.7-x64.runtime.native.System.Security.Cryptography.OpenSsl (>= 4.3.2)
      runtime.ubuntu.14.04-x64.runtime.native.System.Security.Cryptography.OpenSsl (>= 4.3.2)
      runtime.ubuntu.16.04-x64.runtime.native.System.Security.Cryptography.OpenSsl (>= 4.3.2)
      runtime.ubuntu.16.10-x64.runtime.native.System.Security.Cryptography.OpenSsl (>= 4.3.2)
    runtime.opensuse.13.2-x64.runtime.native.System.Security.Cryptography.OpenSsl (4.3.2) - restriction: || (&& (>= dnxcore50) (>= netstandard1.6)) (&& (< monoandroid) (< net45) (>= netstandard1.3) (< netstandard1.4) (< wpa81)) (&& (< monoandroid) (< net45) (< netstandard1.3) (>= netstandard1.6)) (&& (< monoandroid) (< net45) (>= netstandard1.4) (< netstandard1.5) (< wpa81)) (&& (< monoandroid) (< net45) (< netstandard1.4) (>= netstandard1.6)) (&& (< monoandroid) (< net45) (>= netstandard1.5) (< netstandard1.6)) (&& (< monoandroid) (< net45) (< netstandard1.5) (>= netstandard1.6)) (&& (< monotouch) (< net46) (>= netstandard1.3) (< xamarinios) (< xamarinmac) (< xamarintvos) (< xamarinwatchos)) (&& (< monotouch) (>= netstandard1.6) (< xamarinios) (< xamarinmac) (< xamarintvos) (< xamarinwatchos)) (&& (< net45) (>= net46) (>= netstandard1.6)) (&& (< net45) (>= netstandard1.6) (< portable-net451+win81+wpa81)) (&& (>= net46) (< net462) (>= netstandard1.6) (< netstandard2.0)) (&& (>= net46) (< netstandard1.4) (>= netstandard1.6)) (&& (>= netstandard1.6) (>= uap10.0)) (&& (>= uap10.0) (< uap10.1))
    runtime.opensuse.42.1-x64.runtime.native.System.Security.Cryptography.OpenSsl (4.3.2) - restriction: || (&& (>= dnxcore50) (>= netstandard1.6)) (&& (< monoandroid) (< net45) (>= netstandard1.3) (< netstandard1.4) (< wpa81)) (&& (< monoandroid) (< net45) (< netstandard1.3) (>= netstandard1.6)) (&& (< monoandroid) (< net45) (>= netstandard1.4) (< netstandard1.5) (< wpa81)) (&& (< monoandroid) (< net45) (< netstandard1.4) (>= netstandard1.6)) (&& (< monoandroid) (< net45) (>= netstandard1.5) (< netstandard1.6)) (&& (< monoandroid) (< net45) (< netstandard1.5) (>= netstandard1.6)) (&& (< monotouch) (< net46) (>= netstandard1.3) (< xamarinios) (< xamarinmac) (< xamarintvos) (< xamarinwatchos)) (&& (< monotouch) (>= netstandard1.6) (< xamarinios) (< xamarinmac) (< xamarintvos) (< xamarinwatchos)) (&& (< net45) (>= net46) (>= netstandard1.6)) (&& (< net45) (>= netstandard1.6) (< portable-net451+win81+wpa81)) (&& (>= net46) (< net462) (>= netstandard1.6) (< netstandard2.0)) (&& (>= net46) (< netstandard1.4) (>= netstandard1.6)) (&& (>= netstandard1.6) (>= uap10.0)) (&& (>= uap10.0) (< uap10.1))
    runtime.osx.10.10-x64.runtime.native.System.Security.Cryptography.Apple (4.3.1) - restriction: || (&& (>= dnxcore50) (>= netstandard1.6)) (&& (< monoandroid) (< net45) (< netstandard1.4) (>= netstandard1.6)) (&& (< monoandroid) (< net46) (< netstandard1.4) (>= netstandard1.6)) (&& (< monotouch) (>= netstandard1.6) (< xamarinios) (< xamarinmac) (< xamarintvos) (< xamarinwatchos)) (&& (< net45) (>= net461) (>= netstandard1.6)) (&& (< net45) (>= netstandard1.6) (< portable-net451+win81+wpa81)) (&& (>= net46) (< net462) (>= netstandard1.6)) (&& (>= net46) (< netstandard1.4) (>= netstandard1.6)) (&& (>= net461) (< net462) (>= netstandard1.6) (< netstandard2.0)) (&& (>= net461) (< netstandard1.4) (>= netstandard1.6)) (&& (>= netstandard1.6) (>= uap10.0))
    runtime.osx.10.10-x64.runtime.native.System.Security.Cryptography.OpenSsl (4.3.2) - restriction: || (&& (>= dnxcore50) (>= netstandard1.6)) (&& (< monoandroid) (< net45) (>= netstandard1.3) (< netstandard1.4) (< wpa81)) (&& (< monoandroid) (< net45) (< netstandard1.3) (>= netstandard1.6)) (&& (< monoandroid) (< net45) (>= netstandard1.4) (< netstandard1.5) (< wpa81)) (&& (< monoandroid) (< net45) (< netstandard1.4) (>= netstandard1.6)) (&& (< monoandroid) (< net45) (>= netstandard1.5) (< netstandard1.6)) (&& (< monoandroid) (< net45) (< netstandard1.5) (>= netstandard1.6)) (&& (< monotouch) (< net46) (>= netstandard1.3) (< xamarinios) (< xamarinmac) (< xamarintvos) (< xamarinwatchos)) (&& (< monotouch) (>= netstandard1.6) (< xamarinios) (< xamarinmac) (< xamarintvos) (< xamarinwatchos)) (&& (< net45) (>= net46) (>= netstandard1.6)) (&& (< net45) (>= netstandard1.6) (< portable-net451+win81+wpa81)) (&& (>= net46) (< net462) (>= netstandard1.6) (< netstandard2.0)) (&& (>= net46) (< netstandard1.4) (>= netstandard1.6)) (&& (>= netstandard1.6) (>= uap10.0)) (&& (>= uap10.0) (< uap10.1))
    runtime.rhel.7-x64.runtime.native.System.Security.Cryptography.OpenSsl (4.3.2) - restriction: || (&& (>= dnxcore50) (>= netstandard1.6)) (&& (< monoandroid) (< net45) (>= netstandard1.3) (< netstandard1.4) (< wpa81)) (&& (< monoandroid) (< net45) (< netstandard1.3) (>= netstandard1.6)) (&& (< monoandroid) (< net45) (>= netstandard1.4) (< netstandard1.5) (< wpa81)) (&& (< monoandroid) (< net45) (< netstandard1.4) (>= netstandard1.6)) (&& (< monoandroid) (< net45) (>= netstandard1.5) (< netstandard1.6)) (&& (< monoandroid) (< net45) (< netstandard1.5) (>= netstandard1.6)) (&& (< monotouch) (< net46) (>= netstandard1.3) (< xamarinios) (< xamarinmac) (< xamarintvos) (< xamarinwatchos)) (&& (< monotouch) (>= netstandard1.6) (< xamarinios) (< xamarinmac) (< xamarintvos) (< xamarinwatchos)) (&& (< net45) (>= net46) (>= netstandard1.6)) (&& (< net45) (>= netstandard1.6) (< portable-net451+win81+wpa81)) (&& (>= net46) (< net462) (>= netstandard1.6) (< netstandard2.0)) (&& (>= net46) (< netstandard1.4) (>= netstandard1.6)) (&& (>= netstandard1.6) (>= uap10.0)) (&& (>= uap10.0) (< uap10.1))
    runtime.ubuntu.14.04-x64.runtime.native.System.Security.Cryptography.OpenSsl (4.3.2) - restriction: || (&& (>= dnxcore50) (>= netstandard1.6)) (&& (< monoandroid) (< net45) (>= netstandard1.3) (< netstandard1.4) (< wpa81)) (&& (< monoandroid) (< net45) (< netstandard1.3) (>= netstandard1.6)) (&& (< monoandroid) (< net45) (>= netstandard1.4) (< netstandard1.5) (< wpa81)) (&& (< monoandroid) (< net45) (< netstandard1.4) (>= netstandard1.6)) (&& (< monoandroid) (< net45) (>= netstandard1.5) (< netstandard1.6)) (&& (< monoandroid) (< net45) (< netstandard1.5) (>= netstandard1.6)) (&& (< monotouch) (< net46) (>= netstandard1.3) (< xamarinios) (< xamarinmac) (< xamarintvos) (< xamarinwatchos)) (&& (< monotouch) (>= netstandard1.6) (< xamarinios) (< xamarinmac) (< xamarintvos) (< xamarinwatchos)) (&& (< net45) (>= net46) (>= netstandard1.6)) (&& (< net45) (>= netstandard1.6) (< portable-net451+win81+wpa81)) (&& (>= net46) (< net462) (>= netstandard1.6) (< netstandard2.0)) (&& (>= net46) (< netstandard1.4) (>= netstandard1.6)) (&& (>= netstandard1.6) (>= uap10.0)) (&& (>= uap10.0) (< uap10.1))
    runtime.ubuntu.16.04-x64.runtime.native.System.Security.Cryptography.OpenSsl (4.3.2) - restriction: || (&& (>= dnxcore50) (>= netstandard1.6)) (&& (< monoandroid) (< net45) (>= netstandard1.3) (< netstandard1.4) (< wpa81)) (&& (< monoandroid) (< net45) (< netstandard1.3) (>= netstandard1.6)) (&& (< monoandroid) (< net45) (>= netstandard1.4) (< netstandard1.5) (< wpa81)) (&& (< monoandroid) (< net45) (< netstandard1.4) (>= netstandard1.6)) (&& (< monoandroid) (< net45) (>= netstandard1.5) (< netstandard1.6)) (&& (< monoandroid) (< net45) (< netstandard1.5) (>= netstandard1.6)) (&& (< monotouch) (< net46) (>= netstandard1.3) (< xamarinios) (< xamarinmac) (< xamarintvos) (< xamarinwatchos)) (&& (< monotouch) (>= netstandard1.6) (< xamarinios) (< xamarinmac) (< xamarintvos) (< xamarinwatchos)) (&& (< net45) (>= net46) (>= netstandard1.6)) (&& (< net45) (>= netstandard1.6) (< portable-net451+win81+wpa81)) (&& (>= net46) (< net462) (>= netstandard1.6) (< netstandard2.0)) (&& (>= net46) (< netstandard1.4) (>= netstandard1.6)) (&& (>= netstandard1.6) (>= uap10.0)) (&& (>= uap10.0) (< uap10.1))
    runtime.ubuntu.16.10-x64.runtime.native.System.Security.Cryptography.OpenSsl (4.3.2) - restriction: || (&& (>= dnxcore50) (>= netstandard1.6)) (&& (< monoandroid) (< net45) (>= netstandard1.3) (< netstandard1.4) (< wpa81)) (&& (< monoandroid) (< net45) (< netstandard1.3) (>= netstandard1.6)) (&& (< monoandroid) (< net45) (>= netstandard1.4) (< netstandard1.5) (< wpa81)) (&& (< monoandroid) (< net45) (< netstandard1.4) (>= netstandard1.6)) (&& (< monoandroid) (< net45) (>= netstandard1.5) (< netstandard1.6)) (&& (< monoandroid) (< net45) (< netstandard1.5) (>= netstandard1.6)) (&& (< monotouch) (< net46) (>= netstandard1.3) (< xamarinios) (< xamarinmac) (< xamarintvos) (< xamarinwatchos)) (&& (< monotouch) (>= netstandard1.6) (< xamarinios) (< xamarinmac) (< xamarintvos) (< xamarinwatchos)) (&& (< net45) (>= net46) (>= netstandard1.6)) (&& (< net45) (>= netstandard1.6) (< portable-net451+win81+wpa81)) (&& (>= net46) (< net462) (>= netstandard1.6) (< netstandard2.0)) (&& (>= net46) (< netstandard1.4) (>= netstandard1.6)) (&& (>= netstandard1.6) (>= uap10.0)) (&& (>= uap10.0) (< uap10.1))
    Rx-Core (2.2.5)
      Rx-Interfaces (>= 2.2.5)
    Rx-Interfaces (2.2.5)
    Rx-Linq (2.2.5)
      Rx-Core (>= 2.2.5)
      Rx-Interfaces (>= 2.2.5)
    Rx-Main (2.2.5)
      Rx-Core (>= 2.2.5)
      Rx-Interfaces (>= 2.2.5)
      Rx-Linq (>= 2.2.5)
      Rx-PlatformServices (>= 2.2.5)
    Rx-PlatformServices (2.3)
      Rx-Core (>= 2.2)
      Rx-Interfaces (>= 2.2)
    semver (2.0.4)
      System.Runtime (>= 4.1) - restriction: && (< net452) (>= netstandard1.1)
      System.Runtime.Extensions (>= 4.1) - restriction: && (< net452) (>= netstandard1.1)
      System.Runtime.InteropServices (>= 4.1) - restriction: && (< net452) (>= netstandard1.1)
      System.Text.RegularExpressions (>= 4.1) - restriction: && (< net452) (>= netstandard1.1)
    Serilog (2.5)
      Microsoft.CSharp (>= 4.0.1) - restriction: || (&& (< net45) (>= netstandard1.0) (< netstandard1.3)) (&& (< net45) (>= netstandard1.3))
      System.Collections (>= 4.0.11) - restriction: || (&& (< net45) (>= netstandard1.0) (< netstandard1.3)) (&& (< net45) (>= netstandard1.3))
      System.Collections.NonGeneric (>= 4.0.1) - restriction: && (< net45) (>= netstandard1.3)
      System.Dynamic.Runtime (>= 4.0.11) - restriction: || (&& (< net45) (>= netstandard1.0) (< netstandard1.3)) (&& (< net45) (>= netstandard1.3))
      System.Globalization (>= 4.0.11) - restriction: || (&& (< net45) (>= netstandard1.0) (< netstandard1.3)) (&& (< net45) (>= netstandard1.3))
      System.Linq (>= 4.1) - restriction: || (&& (< net45) (>= netstandard1.0) (< netstandard1.3)) (&& (< net45) (>= netstandard1.3))
      System.Reflection (>= 4.1) - restriction: || (&& (< net45) (>= netstandard1.0) (< netstandard1.3)) (&& (< net45) (>= netstandard1.3))
      System.Reflection.Extensions (>= 4.0.1) - restriction: || (&& (< net45) (>= netstandard1.0) (< netstandard1.3)) (&& (< net45) (>= netstandard1.3))
      System.Runtime (>= 4.1) - restriction: || (&& (< net45) (>= netstandard1.0) (< netstandard1.3)) (&& (< net45) (>= netstandard1.3))
      System.Runtime.Extensions (>= 4.1) - restriction: || (&& (< net45) (>= netstandard1.0) (< netstandard1.3)) (&& (< net45) (>= netstandard1.3))
      System.Text.RegularExpressions (>= 4.1) - restriction: || (&& (< net45) (>= netstandard1.0) (< netstandard1.3)) (&& (< net45) (>= netstandard1.3))
      System.Threading (>= 4.0.11) - restriction: || (&& (< net45) (>= netstandard1.0) (< netstandard1.3)) (&& (< net45) (>= netstandard1.3))
    Serilog.Sinks.Console (3.0.1) - restriction: || (>= net45) (>= netstandard1.3)
      Serilog (>= 2.5) - restriction: || (>= net45) (>= netstandard1.3)
      System.Console (>= 4.3) - restriction: || (&& (< net45) (>= netstandard1.3)) (>= netcoreapp1.1)
      System.Runtime.InteropServices (>= 4.3) - restriction: >= netcoreapp1.1
      System.Runtime.InteropServices.RuntimeInformation (>= 4.3) - restriction: >= netcoreapp1.1
    Serilog.Sinks.ElasticSearch (5.3)
      Elasticsearch.Net (>= 5.4) - restriction: || (>= net45) (>= netstandard1.3)
      NETStandard.Library (>= 1.6) - restriction: && (< net45) (>= netstandard1.3)
      Serilog (>= 2.4) - restriction: || (>= net45) (>= netstandard1.3)
      Serilog.Sinks.File (>= 3.2) - restriction: || (>= net45) (>= netstandard1.3)
      Serilog.Sinks.PeriodicBatching (>= 2.1) - restriction: || (>= net45) (>= netstandard1.3)
      Serilog.Sinks.RollingFile (>= 3.3) - restriction: || (>= net45) (>= netstandard1.3)
    Serilog.Sinks.File (3.2) - restriction: || (>= net45) (>= netstandard1.3)
      Serilog (>= 2.3) - restriction: || (>= net45) (>= netstandard1.3)
      System.IO (>= 4.1) - restriction: && (< net45) (>= netstandard1.3)
      System.IO.FileSystem (>= 4.0.1) - restriction: && (< net45) (>= netstandard1.3)
      System.IO.FileSystem.Primitives (>= 4.0.1) - restriction: && (< net45) (>= netstandard1.3)
      System.Text.Encoding.Extensions (>= 4.0.11) - restriction: && (< net45) (>= netstandard1.3)
      System.Threading (>= 4.0.11) - restriction: && (< net45) (>= netstandard1.3)
      System.Threading.Timer (>= 4.0.1) - restriction: && (< net45) (>= netstandard1.3)
    Serilog.Sinks.Literate (3.0)
      Serilog.Sinks.Console (>= 3.0.1) - restriction: || (>= net45) (>= netstandard1.3)
    Serilog.Sinks.MongoDB (3.1)
      MongoDB.Driver (>= 2.3) - restriction: || (>= net45) (>= netstandard1.5)
      Serilog (>= 2.3) - restriction: || (>= net45) (>= netstandard1.5)
      Serilog.Sinks.PeriodicBatching (>= 2.1) - restriction: || (>= net45) (>= netstandard1.5)
    Serilog.Sinks.PeriodicBatching (2.1.1) - restriction: || (>= net45) (>= netstandard1.3)
      Serilog (>= 2.0) - restriction: >= netstandard1.1
      System.Collections.Concurrent (>= 4.0.12) - restriction: || (&& (< net45) (>= netstandard1.1) (< netstandard1.2)) (&& (< net45) (>= netstandard1.2))
      System.Threading.Timer (>= 4.0.1) - restriction: && (< net45) (>= netstandard1.2)
    Serilog.Sinks.RollingFile (3.3) - restriction: || (>= net45) (>= netstandard1.3)
      Serilog.Sinks.File (>= 3.2) - restriction: || (>= net45) (>= netstandard1.3)
      System.IO (>= 4.1) - restriction: && (< net45) (>= netstandard1.3)
      System.IO.FileSystem.Primitives (>= 4.0.1) - restriction: && (< net45) (>= netstandard1.3)
      System.Runtime.InteropServices (>= 4.1) - restriction: && (< net45) (>= netstandard1.3)
      System.Text.Encoding.Extensions (>= 4.0.11) - restriction: && (< net45) (>= netstandard1.3)
    Serilog.Sinks.Trace (2.1)
      Serilog (>= 2.0) - restriction: || (>= net45) (>= netstandard1.3)
      System.Diagnostics.TraceSource (>= 4.0) - restriction: && (< net45) (>= netstandard1.3)
    SerilogMetrics (2.0.3)
      Serilog (>= 2.1) - restriction: || (>= net45) (>= netstandard1.3)
    SerilogTraceListener (3.0.10041)
      Serilog (>= 2.0)
    SimpleInjector (4.0.8)
      NETStandard.Library (>= 1.6) - restriction: || (&& (< net40) (>= netstandard1.0) (< netstandard1.3)) (&& (< net40) (>= netstandard1.3))
      System.ComponentModel (>= 4.0.1) - restriction: || (&& (< net40) (>= netstandard1.0) (< netstandard1.3)) (&& (< net40) (>= netstandard1.3))
    System.AppContext (4.3) - restriction: || (&& (< monoandroid) (< net45) (>= netstandard1.4) (< netstandard1.5) (< wpa81)) (&& (< monoandroid) (< net45) (>= netstandard1.5) (< netstandard1.6)) (&& (< monotouch) (< net45) (>= netstandard1.6) (< netstandard2.0) (< xamarinios) (< xamarinmac) (< xamarintvos) (< xamarinwatchos)) (&& (< monotouch) (< net462) (>= netstandard1.6) (< netstandard2.0) (< xamarinios) (< xamarinmac) (< xamarintvos) (< xamarinwatchos)) (&& (>= net46) (< netstandard1.4)) (>= netstandard1.3) (&& (>= uap10.0) (< uap10.1))
      System.Runtime (>= 4.3) - restriction: || (>= dnxcore50) (&& (< monoandroid) (< net46) (>= netstandard1.3) (< netstandard1.6)) (&& (< monotouch) (>= netstandard1.6) (< xamarinios) (< xamarinmac) (< xamarintvos) (< xamarinwatchos))
    System.Buffers (4.4) - restriction: || (&& (>= dnxcore50) (>= net46)) (&& (>= dnxcore50) (>= netstandard1.1)) (&& (>= dnxcore50) (>= netstandard1.2)) (&& (>= dnxcore50) (>= netstandard1.3)) (&& (>= dnxcore50) (>= netstandard1.4)) (&& (>= dnxcore50) (>= netstandard1.5)) (&& (>= dnxcore50) (>= netstandard1.6)) (&& (>= dnxcore50) (>= uap10.0)) (&& (< monoandroid) (< net45) (>= netstandard1.3) (< netstandard1.4) (< wpa81)) (&& (< monoandroid) (< net45) (>= netstandard1.4) (< netstandard1.5) (< wpa81)) (&& (< monoandroid) (< net45) (>= netstandard1.5) (< netstandard1.6)) (&& (< monotouch) (< net45) (>= netstandard1.3) (< win8) (< wpa81) (< xamarinios) (< xamarinmac) (< xamarintvos) (< xamarinwatchos)) (&& (< monotouch) (< net45) (>= netstandard1.6) (< netstandard2.0) (< xamarinios) (< xamarinmac) (< xamarintvos) (< xamarinwatchos)) (&& (< monotouch) (< net46) (>= netstandard1.6) (< netstandard2.0) (< xamarinios) (< xamarinmac) (< xamarintvos) (< xamarinwatchos)) (&& (< net45) (>= net46) (< netstandard1.4)) (&& (< net45) (>= netstandard1.3) (< portable-net451+win81+wpa81) (< win8)) (&& (>= uap10.0) (< uap10.1)) (&& (>= uap10.0) (< win8) (< wpa81))
      System.Diagnostics.Debug (>= 4.3) - restriction: && (>= netstandard1.1) (< netstandard2.0) (< xamarinmac)
      System.Diagnostics.Tracing (>= 4.3) - restriction: && (>= netstandard1.1) (< netstandard2.0) (< xamarinmac)
      System.Resources.ResourceManager (>= 4.3) - restriction: && (>= netstandard1.1) (< netstandard2.0) (< xamarinmac)
      System.Runtime (>= 4.3) - restriction: && (>= netstandard1.1) (< netstandard2.0) (< xamarinmac)
      System.Threading (>= 4.3) - restriction: && (>= netstandard1.1) (< netstandard2.0) (< xamarinmac)
    System.Collections (4.3) - restriction: || (&& (>= dnxcore50) (>= net46)) (&& (>= dnxcore50) (>= netstandard1.0)) (&& (>= dnxcore50) (>= netstandard1.1)) (&& (>= dnxcore50) (>= netstandard1.2)) (&& (>= dnxcore50) (>= netstandard1.4)) (&& (>= dnxcore50) (>= netstandard1.5)) (&& (>= dnxcore50) (>= netstandard1.6)) (&& (>= dnxcore50) (>= uap10.0)) (&& (< monoandroid) (< net20) (>= netstandard1.0) (< win8) (< wp8) (< wpa81)) (&& (< monoandroid) (< net45) (>= netstandard1.2) (< wpa81)) (&& (< monoandroid) (< net46) (< netstandard1.4) (>= netstandard1.6)) (&& (< monotouch) (< net20) (>= netstandard1.4) (< xamarinios) (< xamarinmac) (< xamarintvos) (< xamarinwatchos)) (&& (< monotouch) (>= netstandard1.6) (< xamarinios) (< xamarinmac) (< xamarintvos) (< xamarinwatchos)) (&& (< net20) (>= net45)) (&& (< net20) (>= netstandard1.5)) (&& (< net45) (>= net46) (< netstandard1.4)) (&& (< net45) (>= netstandard1.0)) (&& (< net45) (>= netstandard1.1)) (&& (< net45) (>= netstandard1.4)) (&& (< net45) (>= netstandard1.5)) (&& (< net45) (>= netstandard1.6)) (&& (>= net46) (< net462) (>= netstandard1.6)) (&& (>= net46) (< netstandard1.4) (>= netstandard1.6)) (&& (>= net461) (< net462) (>= netstandard1.6) (< netstandard2.0)) (&& (>= net461) (< netstandard1.4) (>= netstandard1.6)) (&& (>= netstandard1.0) (< portable-net45+win8+wpa81)) (>= netstandard1.3) (&& (>= netstandard1.5) (>= wpa81)) (&& (>= netstandard1.6) (< portable-net45+win8+wpa81)) (&& (>= netstandard1.6) (>= uap10.0)) (&& (>= uap10.0) (< uap10.1)) (&& (>= uap10.0) (< win8) (< wpa81))
      Microsoft.NETCore.Platforms (>= 1.1) - restriction: || (>= dnxcore50) (&& (< monoandroid) (< net45) (>= netstandard1.0) (< netstandard1.3) (< win8) (< wp8) (< wpa81)) (&& (< monotouch) (< net45) (>= netstandard1.3) (< win8) (< wpa81) (< xamarinios) (< xamarinmac) (< xamarintvos) (< xamarinwatchos))
      Microsoft.NETCore.Targets (>= 1.1) - restriction: || (>= dnxcore50) (&& (< monoandroid) (< net45) (>= netstandard1.0) (< netstandard1.3) (< win8) (< wp8) (< wpa81)) (&& (< monotouch) (< net45) (>= netstandard1.3) (< win8) (< wpa81) (< xamarinios) (< xamarinmac) (< xamarintvos) (< xamarinwatchos))
      System.Runtime (>= 4.3) - restriction: || (>= dnxcore50) (&& (< monoandroid) (< net45) (>= netstandard1.0) (< netstandard1.3) (< win8) (< wp8) (< wpa81)) (&& (< monotouch) (< net45) (>= netstandard1.3) (< win8) (< wpa81) (< xamarinios) (< xamarinmac) (< xamarintvos) (< xamarinwatchos))
    System.Collections.Concurrent (4.3) - restriction: || (&& (< monoandroid) (< net45) (>= netstandard1.2) (< wpa81)) (&& (< monoandroid) (< net45) (>= netstandard1.4) (< netstandard1.5) (< wpa81)) (&& (< monoandroid) (< net45) (>= netstandard1.5) (< netstandard1.6)) (&& (< monotouch) (< net45) (>= netstandard1.6) (< xamarinios) (< xamarinmac) (< xamarintvos) (< xamarinwatchos)) (&& (< monotouch) (< net46) (>= netstandard1.6) (< netstandard2.0) (< xamarinios) (< xamarinmac) (< xamarintvos) (< xamarinwatchos)) (&& (< net45) (>= netstandard1.1)) (>= netstandard1.3) (&& (>= uap10.0) (< uap10.1))
      System.Collections (>= 4.3) - restriction: || (>= dnxcore50) (&& (< monotouch) (< net45) (>= netstandard1.3) (< win8) (< wpa81) (< xamarinios) (< xamarinmac) (< xamarintvos) (< xamarinwatchos))
      System.Diagnostics.Debug (>= 4.3) - restriction: || (>= dnxcore50) (&& (< monotouch) (< net45) (>= netstandard1.3) (< win8) (< wpa81) (< xamarinios) (< xamarinmac) (< xamarintvos) (< xamarinwatchos))
      System.Diagnostics.Tracing (>= 4.3) - restriction: || (>= dnxcore50) (&& (< monotouch) (< net45) (>= netstandard1.3) (< win8) (< wpa81) (< xamarinios) (< xamarinmac) (< xamarintvos) (< xamarinwatchos))
      System.Globalization (>= 4.3) - restriction: || (>= dnxcore50) (&& (< monotouch) (< net45) (>= netstandard1.3) (< win8) (< wpa81) (< xamarinios) (< xamarinmac) (< xamarintvos) (< xamarinwatchos))
      System.Reflection (>= 4.3) - restriction: && (< monotouch) (< net45) (>= netstandard1.3) (< win8) (< wpa81) (< xamarinios) (< xamarinmac) (< xamarintvos) (< xamarinwatchos)
      System.Resources.ResourceManager (>= 4.3) - restriction: || (>= dnxcore50) (&& (< monotouch) (< net45) (>= netstandard1.3) (< win8) (< wpa81) (< xamarinios) (< xamarinmac) (< xamarintvos) (< xamarinwatchos))
      System.Runtime (>= 4.3) - restriction: || (>= dnxcore50) (&& (< monoandroid) (< net45) (>= netstandard1.1) (< netstandard1.3) (< win8) (< wpa81)) (&& (< monotouch) (< net45) (>= netstandard1.3) (< win8) (< wpa81) (< xamarinios) (< xamarinmac) (< xamarintvos) (< xamarinwatchos))
      System.Runtime.Extensions (>= 4.3) - restriction: || (>= dnxcore50) (&& (< monotouch) (< net45) (>= netstandard1.3) (< win8) (< wpa81) (< xamarinios) (< xamarinmac) (< xamarintvos) (< xamarinwatchos))
      System.Threading (>= 4.3) - restriction: || (>= dnxcore50) (&& (< monotouch) (< net45) (>= netstandard1.3) (< win8) (< wpa81) (< xamarinios) (< xamarinmac) (< xamarintvos) (< xamarinwatchos))
      System.Threading.Tasks (>= 4.3) - restriction: || (>= dnxcore50) (&& (< monoandroid) (< net45) (>= netstandard1.1) (< netstandard1.3) (< win8) (< wpa81)) (&& (< monotouch) (< net45) (>= netstandard1.3) (< win8) (< wpa81) (< xamarinios) (< xamarinmac) (< xamarintvos) (< xamarinwatchos))
    System.Collections.Immutable (1.4)
      NETStandard.Library (>= 1.6.1) - restriction: && (>= netstandard1.0) (< netstandard2.0) (< xamarinmac)
    System.Collections.NonGeneric (4.3) - restriction: || (&& (< net45) (>= netstandard1.3)) (&& (< net45) (>= netstandard1.5)) (>= net462)
      System.Diagnostics.Debug (>= 4.3) - restriction: && (< monotouch) (< net46) (>= netstandard1.3) (< xamarinios) (< xamarinmac) (< xamarintvos) (< xamarinwatchos)
      System.Globalization (>= 4.3) - restriction: && (< monotouch) (< net46) (>= netstandard1.3) (< xamarinios) (< xamarinmac) (< xamarintvos) (< xamarinwatchos)
      System.Resources.ResourceManager (>= 4.3) - restriction: && (< monotouch) (< net46) (>= netstandard1.3) (< xamarinios) (< xamarinmac) (< xamarintvos) (< xamarinwatchos)
      System.Runtime (>= 4.3) - restriction: && (< monotouch) (< net46) (>= netstandard1.3) (< xamarinios) (< xamarinmac) (< xamarintvos) (< xamarinwatchos)
      System.Runtime.Extensions (>= 4.3) - restriction: && (< monotouch) (< net46) (>= netstandard1.3) (< xamarinios) (< xamarinmac) (< xamarintvos) (< xamarinwatchos)
      System.Threading (>= 4.3) - restriction: && (< monotouch) (< net46) (>= netstandard1.3) (< xamarinios) (< xamarinmac) (< xamarintvos) (< xamarinwatchos)
    System.Collections.Specialized (4.3) - restriction: || (&& (< net45) (>= netstandard1.3)) (&& (< net45) (>= netstandard1.5))
      System.Collections.NonGeneric (>= 4.3) - restriction: && (< monotouch) (< net46) (>= netstandard1.3) (< xamarinios) (< xamarinmac) (< xamarintvos) (< xamarinwatchos)
      System.Globalization (>= 4.3) - restriction: && (< monotouch) (< net46) (>= netstandard1.3) (< xamarinios) (< xamarinmac) (< xamarintvos) (< xamarinwatchos)
      System.Globalization.Extensions (>= 4.3) - restriction: && (< monotouch) (< net46) (>= netstandard1.3) (< xamarinios) (< xamarinmac) (< xamarintvos) (< xamarinwatchos)
      System.Resources.ResourceManager (>= 4.3) - restriction: && (< monotouch) (< net46) (>= netstandard1.3) (< xamarinios) (< xamarinmac) (< xamarintvos) (< xamarinwatchos)
      System.Runtime (>= 4.3) - restriction: && (< monotouch) (< net46) (>= netstandard1.3) (< xamarinios) (< xamarinmac) (< xamarintvos) (< xamarinwatchos)
      System.Runtime.Extensions (>= 4.3) - restriction: && (< monotouch) (< net46) (>= netstandard1.3) (< xamarinios) (< xamarinmac) (< xamarintvos) (< xamarinwatchos)
      System.Threading (>= 4.3) - restriction: && (< monotouch) (< net46) (>= netstandard1.3) (< xamarinios) (< xamarinmac) (< xamarintvos) (< xamarinwatchos)
    System.ComponentModel (4.3) - restriction: || (&& (< monoandroid) (< net20) (>= netstandard1.0) (< netstandard1.3) (< win8) (< wp8) (< wpa81)) (&& (< monoandroid) (< net20) (>= netstandard1.3) (< netstandard1.5) (< win8) (< wpa81)) (&& (< monoandroid) (< net45) (>= netstandard1.3) (< netstandard1.5) (< win8) (< wpa81)) (&& (< monotouch) (< net20) (>= netstandard1.5) (< xamarinios) (< xamarinmac) (< xamarintvos) (< xamarinwatchos)) (&& (< monotouch) (< net45) (>= netstandard1.5) (< xamarinios) (< xamarinmac) (< xamarintvos) (< xamarinwatchos)) (&& (< net20) (>= net45) (< netstandard1.3)) (&& (< net20) (< netstandard1.3) (>= netstandard1.5)) (&& (< net40) (>= netstandard1.0) (< netstandard1.3)) (&& (< net40) (>= netstandard1.3)) (&& (< net45) (>= netstandard1.0)) (&& (< net45) (< netstandard1.3) (>= netstandard1.5)) (>= netstandard1.1) (&& (>= netstandard1.5) (>= wpa81))
      System.Runtime (>= 4.3) - restriction: || (>= dnxcore50) (&& (< monoandroid) (< net45) (>= netstandard1.0) (< netstandard1.3) (< win8) (< wp8) (< wpa81)) (&& (< monotouch) (< net45) (>= netstandard1.3) (< win8) (< wpa81) (< xamarinios) (< xamarinmac) (< xamarintvos) (< xamarinwatchos))
    System.ComponentModel.Primitives (4.3) - restriction: || (&& (< monoandroid) (< net20) (>= netstandard1.0) (< netstandard1.3) (< win8)) (&& (< monoandroid) (< net20) (>= netstandard1.3) (< netstandard1.5) (< win8)) (&& (< monoandroid) (< net45) (>= netstandard1.1) (< netstandard1.3) (< win8)) (&& (< monoandroid) (< net45) (>= netstandard1.1) (< netstandard1.5) (< win8)) (&& (< monoandroid) (< net45) (>= netstandard1.3) (< netstandard1.5) (< win8)) (&& (< monotouch) (< net20) (>= netstandard1.5) (< xamarinios) (< xamarinmac) (< xamarintvos) (< xamarinwatchos)) (&& (< monotouch) (< net45) (>= netstandard1.5) (< xamarinios) (< xamarinmac) (< xamarintvos) (< xamarinwatchos)) (&& (< net20) (>= net40) (>= netstandard1.0) (< netstandard1.3) (< portable-net45+win8+wp8+wp81+sl5)) (&& (< net20) (>= net45) (< netstandard1.3)) (&& (< net20) (>= netstandard1.0) (< netstandard1.3) (>= portable-net45+win8+wp8+wp81+sl5) (< win8)) (&& (< net20) (< netstandard1.3) (>= netstandard1.5)) (&& (>= net45) (< netstandard1.0) (>= win8)) (&& (>= net45) (< netstandard1.5)) (&& (< net45) (< netstandard1.3) (>= netstandard1.5)) (>= net462) (&& (< netstandard1.0) (>= netstandard1.1) (>= win8)) (&& (< netstandard1.0) (>= netstandard1.3) (>= win8)) (>= wp8) (>= wpa81)
      System.ComponentModel (>= 4.3) - restriction: && (< monotouch) (< net45) (>= netstandard1.0) (< win8) (< wp8) (< wpa81) (< xamarinios) (< xamarinmac) (< xamarintvos) (< xamarinwatchos)
      System.Resources.ResourceManager (>= 4.3) - restriction: && (< monotouch) (< net45) (>= netstandard1.0) (< win8) (< wp8) (< wpa81) (< xamarinios) (< xamarinmac) (< xamarintvos) (< xamarinwatchos)
      System.Runtime (>= 4.3) - restriction: && (< monotouch) (< net45) (>= netstandard1.0) (< win8) (< wp8) (< wpa81) (< xamarinios) (< xamarinmac) (< xamarintvos) (< xamarinwatchos)
    System.ComponentModel.TypeConverter (4.3) - restriction: || (&& (< net20) (>= net45) (< netstandard1.3)) (&& (< net20) (>= netstandard1.0) (< netstandard1.3)) (&& (< net20) (>= netstandard1.3)) (&& (< net45) (>= netstandard1.3)) (>= netstandard1.1) (&& (>= netstandard1.3) (>= wpa81)) (&& (< netstandard1.3) (>= wpa81))
      System.Collections (>= 4.3) - restriction: || (&& (< monoandroid) (< net45) (>= netstandard1.0) (< netstandard1.5) (< win8) (< wp8) (< wpa81)) (&& (< monotouch) (< net45) (>= netstandard1.5) (< xamarinios) (< xamarinmac) (< xamarintvos) (< xamarinwatchos))
      System.Collections.NonGeneric (>= 4.3) - restriction: || (&& (< monotouch) (< net45) (>= netstandard1.5) (< xamarinios) (< xamarinmac) (< xamarintvos) (< xamarinwatchos)) (>= net462)
      System.Collections.Specialized (>= 4.3) - restriction: && (< monotouch) (< net45) (>= netstandard1.5) (< xamarinios) (< xamarinmac) (< xamarintvos) (< xamarinwatchos)
      System.ComponentModel (>= 4.3) - restriction: || (&& (< monoandroid) (< net45) (>= netstandard1.0) (< netstandard1.5) (< win8) (< wp8) (< wpa81)) (&& (< monotouch) (< net45) (>= netstandard1.5) (< xamarinios) (< xamarinmac) (< xamarintvos) (< xamarinwatchos))
      System.ComponentModel.Primitives (>= 4.3) - restriction: || (&& (< monoandroid) (< net45) (>= netstandard1.0) (< netstandard1.5) (< win8)) (&& (< monotouch) (< net45) (>= netstandard1.5) (< xamarinios) (< xamarinmac) (< xamarintvos) (< xamarinwatchos)) (&& (>= net45) (< netstandard1.5)) (>= net462) (&& (< netstandard1.0) (>= win8)) (>= wp8) (>= wpa81)
      System.Globalization (>= 4.3) - restriction: || (&& (< monoandroid) (< net45) (>= netstandard1.0) (< netstandard1.5) (< win8) (< wp8) (< wpa81)) (&& (< monotouch) (< net45) (>= netstandard1.5) (< xamarinios) (< xamarinmac) (< xamarintvos) (< xamarinwatchos))
      System.Linq (>= 4.3) - restriction: && (< monotouch) (< net45) (>= netstandard1.5) (< xamarinios) (< xamarinmac) (< xamarintvos) (< xamarinwatchos)
      System.Reflection (>= 4.3) - restriction: || (&& (< monoandroid) (< net45) (>= netstandard1.0) (< netstandard1.5) (< win8) (< wp8) (< wpa81)) (&& (< monotouch) (< net45) (>= netstandard1.5) (< xamarinios) (< xamarinmac) (< xamarintvos) (< xamarinwatchos))
      System.Reflection.Extensions (>= 4.3) - restriction: || (&& (< monoandroid) (< net45) (>= netstandard1.0) (< netstandard1.5) (< win8) (< wp8) (< wpa81)) (&& (< monotouch) (< net45) (>= netstandard1.5) (< xamarinios) (< xamarinmac) (< xamarintvos) (< xamarinwatchos))
      System.Reflection.Primitives (>= 4.3) - restriction: || (&& (< monoandroid) (< net45) (>= netstandard1.0) (< netstandard1.5) (< win8) (< wp8) (< wpa81)) (&& (< monotouch) (< net45) (>= netstandard1.5) (< xamarinios) (< xamarinmac) (< xamarintvos) (< xamarinwatchos))
      System.Reflection.TypeExtensions (>= 4.3) - restriction: && (< monotouch) (< net45) (>= netstandard1.5) (< xamarinios) (< xamarinmac) (< xamarintvos) (< xamarinwatchos)
      System.Resources.ResourceManager (>= 4.3) - restriction: || (&& (< monoandroid) (< net45) (>= netstandard1.0) (< netstandard1.5) (< win8) (< wp8) (< wpa81)) (&& (< monotouch) (< net45) (>= netstandard1.5) (< xamarinios) (< xamarinmac) (< xamarintvos) (< xamarinwatchos))
      System.Runtime (>= 4.3) - restriction: || (&& (< monoandroid) (< net45) (>= netstandard1.0) (< netstandard1.5) (< win8) (< wp8) (< wpa81)) (&& (< monotouch) (< net45) (>= netstandard1.5) (< xamarinios) (< xamarinmac) (< xamarintvos) (< xamarinwatchos))
      System.Runtime.Extensions (>= 4.3) - restriction: || (&& (< monoandroid) (< net45) (>= netstandard1.0) (< netstandard1.5) (< win8) (< wp8) (< wpa81)) (&& (< monotouch) (< net45) (>= netstandard1.5) (< xamarinios) (< xamarinmac) (< xamarintvos) (< xamarinwatchos))
      System.Threading (>= 4.3) - restriction: || (&& (< monoandroid) (< net45) (>= netstandard1.0) (< netstandard1.5) (< win8) (< wp8) (< wpa81)) (&& (< monotouch) (< net45) (>= netstandard1.5) (< xamarinios) (< xamarinmac) (< xamarintvos) (< xamarinwatchos))
    System.Console (4.3) - restriction: || (&& (< monoandroid) (< net45) (>= netstandard1.4) (< netstandard1.5) (< wpa81)) (&& (< monoandroid) (< net45) (>= netstandard1.5) (< netstandard1.6)) (&& (< monotouch) (< net45) (>= netstandard1.6) (< netstandard2.0) (< xamarinios) (< xamarinmac) (< xamarintvos) (< xamarinwatchos)) (&& (< monotouch) (< net462) (>= netstandard1.6) (< netstandard2.0) (< xamarinios) (< xamarinmac) (< xamarintvos) (< xamarinwatchos)) (&& (>= net46) (< netstandard1.4)) (>= netstandard1.3) (&& (>= uap10.0) (< uap10.1))
      Microsoft.NETCore.Platforms (>= 1.1) - restriction: && (< monotouch) (< net46) (>= netstandard1.3) (< xamarinios) (< xamarinmac) (< xamarintvos) (< xamarinwatchos)
      Microsoft.NETCore.Targets (>= 1.1) - restriction: && (< monotouch) (< net46) (>= netstandard1.3) (< xamarinios) (< xamarinmac) (< xamarintvos) (< xamarinwatchos)
      System.IO (>= 4.3) - restriction: && (< monotouch) (< net46) (>= netstandard1.3) (< xamarinios) (< xamarinmac) (< xamarintvos) (< xamarinwatchos)
      System.Runtime (>= 4.3) - restriction: && (< monotouch) (< net46) (>= netstandard1.3) (< xamarinios) (< xamarinmac) (< xamarintvos) (< xamarinwatchos)
      System.Text.Encoding (>= 4.3) - restriction: && (< monotouch) (< net46) (>= netstandard1.3) (< xamarinios) (< xamarinmac) (< xamarintvos) (< xamarinwatchos)
    System.Diagnostics.Contracts (4.3) - restriction: || (&& (< net45) (>= netstandard1.0)) (>= netcoreapp1.0)
      System.Runtime (>= 4.3) - restriction: || (>= dnxcore50) (&& (< monotouch) (< net45) (>= netstandard1.0) (< win8) (< wp8) (< wpa81) (< xamarinios) (< xamarinmac) (< xamarintvos) (< xamarinwatchos))
    System.Diagnostics.Debug (4.3) - restriction: || (&& (>= dnxcore50) (>= net46)) (&& (>= dnxcore50) (>= netstandard1.0)) (&& (>= dnxcore50) (>= netstandard1.1)) (&& (>= dnxcore50) (>= netstandard1.2)) (&& (>= dnxcore50) (>= netstandard1.4)) (&& (>= dnxcore50) (>= netstandard1.5)) (&& (>= dnxcore50) (>= netstandard1.6)) (&& (>= dnxcore50) (>= uap10.0)) (&& (< monoandroid) (< net45) (>= netstandard1.2) (< wpa81)) (&& (< monoandroid) (< net45) (>= netstandard1.4) (< netstandard1.5) (< wpa81)) (&& (< monoandroid) (< net45) (>= netstandard1.5) (< netstandard1.6)) (&& (< monotouch) (< net45) (>= netstandard1.4) (< win8) (< wpa81) (< xamarinios) (< xamarinmac) (< xamarintvos) (< xamarinwatchos)) (&& (< monotouch) (< net45) (>= netstandard1.5) (< xamarinios) (< xamarinmac) (< xamarintvos) (< xamarinwatchos)) (&& (< monotouch) (>= netstandard1.6) (< xamarinios) (< xamarinmac) (< xamarintvos) (< xamarinwatchos)) (&& (< net45) (>= net46) (< netstandard1.4)) (&& (< net45) (>= netstandard1.1)) (&& (< net45) (>= netstandard1.6)) (&& (>= net46) (< net462) (>= netstandard1.6) (< netstandard2.0)) (&& (>= net46) (< netstandard1.4) (>= netstandard1.6)) (&& (>= netstandard1.0) (< portable-net45+win8+wpa81)) (>= netstandard1.3) (&& (>= netstandard1.6) (< portable-net45+win8+wpa81)) (&& (>= netstandard1.6) (>= uap10.0)) (&& (>= uap10.0) (< uap10.1)) (&& (>= uap10.0) (< win8) (< wpa81))
      Microsoft.NETCore.Platforms (>= 1.1) - restriction: || (>= dnxcore50) (&& (< monoandroid) (< net45) (>= netstandard1.0) (< netstandard1.3) (< win8) (< wp8) (< wpa81)) (&& (< monotouch) (< net45) (>= netstandard1.3) (< win8) (< wpa81) (< xamarinios) (< xamarinmac) (< xamarintvos) (< xamarinwatchos))
      Microsoft.NETCore.Targets (>= 1.1) - restriction: || (>= dnxcore50) (&& (< monoandroid) (< net45) (>= netstandard1.0) (< netstandard1.3) (< win8) (< wp8) (< wpa81)) (&& (< monotouch) (< net45) (>= netstandard1.3) (< win8) (< wpa81) (< xamarinios) (< xamarinmac) (< xamarintvos) (< xamarinwatchos))
      System.Runtime (>= 4.3) - restriction: || (>= dnxcore50) (&& (< monoandroid) (< net45) (>= netstandard1.0) (< netstandard1.3) (< win8) (< wp8) (< wpa81)) (&& (< monotouch) (< net45) (>= netstandard1.3) (< win8) (< wpa81) (< xamarinios) (< xamarinmac) (< xamarintvos) (< xamarinwatchos))
    System.Diagnostics.DiagnosticSource (4.4.1) - restriction: || (&& (>= dnxcore50) (>= net46)) (&& (>= dnxcore50) (>= netstandard1.1)) (&& (>= dnxcore50) (>= netstandard1.2)) (&& (>= dnxcore50) (>= netstandard1.3)) (&& (>= dnxcore50) (>= netstandard1.4)) (&& (>= dnxcore50) (>= netstandard1.5)) (&& (>= dnxcore50) (>= netstandard1.6)) (&& (>= dnxcore50) (>= uap10.0)) (&& (< monoandroid) (< net45) (>= netstandard1.3) (< netstandard1.4) (< win8) (< wpa81)) (&& (< monoandroid) (< net45) (< netstandard1.3) (>= netstandard1.6)) (&& (< monoandroid) (< net45) (>= netstandard1.4) (< netstandard1.5) (< win8) (< wpa81)) (&& (< monoandroid) (< net45) (< netstandard1.4) (>= netstandard1.6)) (&& (< monoandroid) (< net45) (>= netstandard1.5) (< netstandard1.6)) (&& (< monoandroid) (< net45) (< netstandard1.5) (>= netstandard1.6)) (&& (< monotouch) (< net45) (>= netstandard1.6) (< netstandard2.0) (< xamarinios) (< xamarinmac) (< xamarintvos) (< xamarinwatchos)) (&& (< monotouch) (< net462) (>= netstandard1.6) (< netstandard2.0) (< xamarinios) (< xamarinmac) (< xamarintvos) (< xamarinwatchos)) (&& (< net45) (>= net46) (< netstandard1.4)) (&& (< net45) (>= netstandard1.3) (< portable-net451+win81+wpa81) (< win8)) (&& (< net45) (>= netstandard1.6) (< portable-net451+win81+wpa81)) (&& (>= net46) (< netstandard1.4) (>= netstandard1.6)) (&& (>= netstandard1.6) (>= uap10.0)) (&& (>= uap10.0) (< win8) (< wpa81))
      System.Collections (>= 4.3) - restriction: || (&& (< net45) (< netcoreapp2.0) (>= netstandard1.3) (< xamarinmac)) (&& (< net45) (>= netstandard1.1) (< netstandard1.3))
      System.Diagnostics.Debug (>= 4.3) - restriction: && (< net45) (< netcoreapp2.0) (>= netstandard1.3) (< xamarinmac)
      System.Diagnostics.Tracing (>= 4.3) - restriction: || (&& (< net45) (< netcoreapp2.0) (>= netstandard1.3) (< xamarinmac)) (&& (< net45) (>= netstandard1.1) (< netstandard1.3))
      System.Reflection (>= 4.3) - restriction: || (&& (< net45) (< netcoreapp2.0) (>= netstandard1.3) (< xamarinmac)) (&& (< net45) (>= netstandard1.1) (< netstandard1.3))
      System.Runtime (>= 4.3) - restriction: || (&& (< net45) (< netcoreapp2.0) (>= netstandard1.3) (< xamarinmac)) (&& (< net45) (>= netstandard1.1) (< netstandard1.3))
      System.Runtime.Extensions (>= 4.3) - restriction: && (< net45) (< netcoreapp2.0) (>= netstandard1.3) (< xamarinmac)
      System.Threading (>= 4.3) - restriction: || (&& (< net45) (< netcoreapp2.0) (>= netstandard1.3) (< xamarinmac)) (&& (< net45) (>= netstandard1.1) (< netstandard1.3))
    System.Diagnostics.FileVersionInfo (4.3) - restriction: >= netstandard1.3
      Microsoft.NETCore.Platforms (>= 1.1) - restriction: || (>= dnxcore50) (&& (< monotouch) (< net46) (>= netstandard1.3) (< xamarinios) (< xamarinmac) (< xamarintvos) (< xamarinwatchos))
      System.Globalization (>= 4.3) - restriction: && (< monotouch) (< net46) (>= netstandard1.3) (< xamarinios) (< xamarinmac) (< xamarintvos) (< xamarinwatchos)
      System.IO (>= 4.3) - restriction: || (>= dnxcore50) (&& (< monotouch) (< net46) (>= netstandard1.3) (< xamarinios) (< xamarinmac) (< xamarintvos) (< xamarinwatchos))
      System.IO.FileSystem (>= 4.3) - restriction: || (>= dnxcore50) (&& (< monotouch) (< net46) (>= netstandard1.3) (< xamarinios) (< xamarinmac) (< xamarintvos) (< xamarinwatchos))
      System.IO.FileSystem.Primitives (>= 4.3) - restriction: || (>= dnxcore50) (&& (< monotouch) (< net46) (>= netstandard1.3) (< xamarinios) (< xamarinmac) (< xamarintvos) (< xamarinwatchos))
      System.Reflection.Metadata (>= 1.4.1) - restriction: || (>= dnxcore50) (&& (< monotouch) (< net46) (>= netstandard1.3) (< xamarinios) (< xamarinmac) (< xamarintvos) (< xamarinwatchos))
      System.Runtime (>= 4.3) - restriction: || (>= dnxcore50) (&& (< monotouch) (< net46) (>= netstandard1.3) (< xamarinios) (< xamarinmac) (< xamarintvos) (< xamarinwatchos))
      System.Runtime.Extensions (>= 4.3) - restriction: || (>= dnxcore50) (&& (< monotouch) (< net46) (>= netstandard1.3) (< xamarinios) (< xamarinmac) (< xamarintvos) (< xamarinwatchos))
      System.Runtime.InteropServices (>= 4.3) - restriction: && (< monotouch) (< net46) (>= netstandard1.3) (< xamarinios) (< xamarinmac) (< xamarintvos) (< xamarinwatchos)
    System.Diagnostics.Process (4.3) - restriction: && (< net45) (>= netstandard1.5)
      Microsoft.NETCore.Platforms (>= 1.1) - restriction: && (< monotouch) (< net46) (>= netstandard1.4) (< xamarinios) (< xamarinmac) (< xamarintvos) (< xamarinwatchos)
      Microsoft.Win32.Primitives (>= 4.3) - restriction: && (< monotouch) (< net46) (>= netstandard1.4) (< xamarinios) (< xamarinmac) (< xamarintvos) (< xamarinwatchos)
      Microsoft.Win32.Registry (>= 4.3) - restriction: && (< monotouch) (< net46) (>= netstandard1.4) (< xamarinios) (< xamarinmac) (< xamarintvos) (< xamarinwatchos)
      runtime.native.System (>= 4.3) - restriction: && (< monotouch) (< net46) (>= netstandard1.4) (< xamarinios) (< xamarinmac) (< xamarintvos) (< xamarinwatchos)
      System.Collections (>= 4.3) - restriction: && (< monotouch) (< net46) (>= netstandard1.4) (< xamarinios) (< xamarinmac) (< xamarintvos) (< xamarinwatchos)
      System.Diagnostics.Debug (>= 4.3) - restriction: && (< monotouch) (< net46) (>= netstandard1.4) (< xamarinios) (< xamarinmac) (< xamarintvos) (< xamarinwatchos)
      System.Globalization (>= 4.3) - restriction: && (< monotouch) (< net46) (>= netstandard1.4) (< xamarinios) (< xamarinmac) (< xamarintvos) (< xamarinwatchos)
      System.IO (>= 4.3) - restriction: || (&& (< monoandroid) (< net46) (>= netstandard1.3) (< netstandard1.4)) (&& (< monotouch) (< net46) (>= netstandard1.4) (< xamarinios) (< xamarinmac) (< xamarintvos) (< xamarinwatchos))
      System.IO.FileSystem (>= 4.3) - restriction: && (< monotouch) (< net46) (>= netstandard1.4) (< xamarinios) (< xamarinmac) (< xamarintvos) (< xamarinwatchos)
      System.IO.FileSystem.Primitives (>= 4.3) - restriction: && (< monotouch) (< net46) (>= netstandard1.4) (< xamarinios) (< xamarinmac) (< xamarintvos) (< xamarinwatchos)
      System.Resources.ResourceManager (>= 4.3) - restriction: && (< monotouch) (< net46) (>= netstandard1.4) (< xamarinios) (< xamarinmac) (< xamarintvos) (< xamarinwatchos)
      System.Runtime (>= 4.3) - restriction: || (&& (< monoandroid) (< net46) (>= netstandard1.3) (< netstandard1.4)) (&& (< monotouch) (< net46) (>= netstandard1.4) (< xamarinios) (< xamarinmac) (< xamarintvos) (< xamarinwatchos))
      System.Runtime.Extensions (>= 4.3) - restriction: && (< monotouch) (< net46) (>= netstandard1.4) (< xamarinios) (< xamarinmac) (< xamarintvos) (< xamarinwatchos)
      System.Runtime.Handles (>= 4.3) - restriction: || (&& (< monoandroid) (< net46) (>= netstandard1.3) (< netstandard1.4)) (&& (< monotouch) (< net46) (>= netstandard1.4) (< xamarinios) (< xamarinmac) (< xamarintvos) (< xamarinwatchos))
      System.Runtime.InteropServices (>= 4.3) - restriction: && (< monotouch) (< net46) (>= netstandard1.4) (< xamarinios) (< xamarinmac) (< xamarintvos) (< xamarinwatchos)
      System.Text.Encoding (>= 4.3) - restriction: || (&& (< monoandroid) (< net46) (>= netstandard1.3) (< netstandard1.4)) (&& (< monotouch) (< net46) (>= netstandard1.4) (< xamarinios) (< xamarinmac) (< xamarintvos) (< xamarinwatchos))
      System.Text.Encoding.Extensions (>= 4.3) - restriction: && (< monotouch) (< net46) (>= netstandard1.4) (< xamarinios) (< xamarinmac) (< xamarintvos) (< xamarinwatchos)
      System.Threading (>= 4.3) - restriction: && (< monotouch) (< net46) (>= netstandard1.4) (< xamarinios) (< xamarinmac) (< xamarintvos) (< xamarinwatchos)
      System.Threading.Tasks (>= 4.3) - restriction: && (< monotouch) (< net46) (>= netstandard1.4) (< xamarinios) (< xamarinmac) (< xamarintvos) (< xamarinwatchos)
      System.Threading.Thread (>= 4.3) - restriction: && (< monotouch) (< net46) (>= netstandard1.4) (< xamarinios) (< xamarinmac) (< xamarintvos) (< xamarinwatchos)
      System.Threading.ThreadPool (>= 4.3) - restriction: && (< monotouch) (< net46) (>= netstandard1.4) (< xamarinios) (< xamarinmac) (< xamarintvos) (< xamarinwatchos)
    System.Diagnostics.StackTrace (4.3) - restriction: >= netstandard1.3
      System.IO.FileSystem (>= 4.3) - restriction: && (< monotouch) (< net46) (>= netstandard1.3) (< xamarinios) (< xamarinmac) (< xamarintvos) (< xamarinwatchos)
      System.Reflection (>= 4.3) - restriction: && (< monotouch) (< net46) (>= netstandard1.3) (< xamarinios) (< xamarinmac) (< xamarintvos) (< xamarinwatchos)
      System.Reflection.Metadata (>= 1.4.1) - restriction: && (< monotouch) (< net46) (>= netstandard1.3) (< xamarinios) (< xamarinmac) (< xamarintvos) (< xamarinwatchos)
      System.Runtime (>= 4.3) - restriction: && (< monotouch) (< net46) (>= netstandard1.3) (< xamarinios) (< xamarinmac) (< xamarintvos) (< xamarinwatchos)
    System.Diagnostics.Tools (4.3) - restriction: || (&& (>= dnxcore50) (>= netstandard1.0)) (&& (>= dnxcore50) (>= netstandard1.1)) (&& (>= dnxcore50) (>= netstandard1.2)) (&& (>= dnxcore50) (>= netstandard1.4)) (&& (>= dnxcore50) (>= netstandard1.5)) (&& (>= dnxcore50) (>= netstandard1.6)) (&& (>= dnxcore50) (>= uap10.0)) (&& (< monoandroid) (< net45) (>= netstandard1.2) (< wpa81)) (&& (< monoandroid) (< net45) (>= netstandard1.5) (< netstandard1.6)) (&& (< monotouch) (< net45) (>= netstandard1.6) (< netstandard2.0) (< xamarinios) (< xamarinmac) (< xamarintvos) (< xamarinwatchos)) (&& (< net45) (>= netstandard1.1) (< portable-net451+win81+wpa81)) (&& (< net45) (>= netstandard1.4)) (&& (>= netstandard1.0) (< portable-net45+win8+wpa81)) (>= netstandard1.3) (&& (>= uap10.0) (< uap10.1)) (&& (>= uap10.0) (< win8) (< wpa81))
      Microsoft.NETCore.Platforms (>= 1.1) - restriction: || (>= dnxcore50) (&& (< monotouch) (< net45) (>= netstandard1.0) (< win8) (< wp8) (< wpa81) (< xamarinios) (< xamarinmac) (< xamarintvos) (< xamarinwatchos))
      Microsoft.NETCore.Targets (>= 1.1) - restriction: || (>= dnxcore50) (&& (< monotouch) (< net45) (>= netstandard1.0) (< win8) (< wp8) (< wpa81) (< xamarinios) (< xamarinmac) (< xamarintvos) (< xamarinwatchos))
      System.Runtime (>= 4.3) - restriction: || (>= dnxcore50) (&& (< monotouch) (< net45) (>= netstandard1.0) (< win8) (< wp8) (< wpa81) (< xamarinios) (< xamarinmac) (< xamarintvos) (< xamarinwatchos))
    System.Diagnostics.TraceSource (4.3) - restriction: || (&& (< net45) (>= netstandard1.3)) (&& (< net45) (>= netstandard1.5))
      Microsoft.NETCore.Platforms (>= 1.1) - restriction: && (< monotouch) (< net46) (>= netstandard1.3) (< xamarinios) (< xamarinmac) (< xamarintvos) (< xamarinwatchos)
      runtime.native.System (>= 4.3) - restriction: && (< monotouch) (< net46) (>= netstandard1.3) (< xamarinios) (< xamarinmac) (< xamarintvos) (< xamarinwatchos)
      System.Collections (>= 4.3) - restriction: && (< monotouch) (< net46) (>= netstandard1.3) (< xamarinios) (< xamarinmac) (< xamarintvos) (< xamarinwatchos)
      System.Diagnostics.Debug (>= 4.3) - restriction: && (< monotouch) (< net46) (>= netstandard1.3) (< xamarinios) (< xamarinmac) (< xamarintvos) (< xamarinwatchos)
      System.Globalization (>= 4.3) - restriction: && (< monotouch) (< net46) (>= netstandard1.3) (< xamarinios) (< xamarinmac) (< xamarintvos) (< xamarinwatchos)
      System.Resources.ResourceManager (>= 4.3) - restriction: && (< monotouch) (< net46) (>= netstandard1.3) (< xamarinios) (< xamarinmac) (< xamarintvos) (< xamarinwatchos)
      System.Runtime (>= 4.3) - restriction: && (< monotouch) (< net46) (>= netstandard1.3) (< xamarinios) (< xamarinmac) (< xamarintvos) (< xamarinwatchos)
      System.Runtime.Extensions (>= 4.3) - restriction: && (< monotouch) (< net46) (>= netstandard1.3) (< xamarinios) (< xamarinmac) (< xamarintvos) (< xamarinwatchos)
      System.Threading (>= 4.3) - restriction: && (< monotouch) (< net46) (>= netstandard1.3) (< xamarinios) (< xamarinmac) (< xamarintvos) (< xamarinwatchos)
    System.Diagnostics.Tracing (4.3) - restriction: || (&& (>= dnxcore50) (>= net46)) (&& (>= dnxcore50) (>= netstandard1.1)) (&& (>= dnxcore50) (>= netstandard1.2)) (&& (>= dnxcore50) (>= netstandard1.3)) (&& (>= dnxcore50) (>= netstandard1.4)) (&& (>= dnxcore50) (>= netstandard1.5)) (&& (>= dnxcore50) (>= netstandard1.6)) (&& (>= dnxcore50) (>= uap10.0)) (&& (< monoandroid) (< net45) (>= netstandard1.2) (< netstandard1.3) (< wpa81)) (&& (< monoandroid) (< net45) (>= netstandard1.3) (< netstandard1.4) (< wpa81)) (&& (< monoandroid) (< net45) (< netstandard1.3) (>= netstandard1.5)) (&& (< monoandroid) (< net45) (< netstandard1.4) (>= netstandard1.6)) (&& (< monoandroid) (< net45) (>= netstandard1.5) (< netstandard1.6)) (&& (< monoandroid) (< net45) (< netstandard1.5) (>= netstandard1.6)) (&& (< monotouch) (< net45) (>= netstandard1.3) (< win8) (< wpa81) (< xamarinios) (< xamarinmac) (< xamarintvos) (< xamarinwatchos)) (&& (< monotouch) (< net45) (>= netstandard1.5) (< xamarinios) (< xamarinmac) (< xamarintvos) (< xamarinwatchos)) (&& (< monotouch) (< net45) (>= netstandard1.6) (< xamarinios) (< xamarinmac) (< xamarintvos) (< xamarinwatchos)) (&& (< monotouch) (< net46) (>= netstandard1.6) (< netstandard2.0) (< xamarinios) (< xamarinmac) (< xamarintvos) (< xamarinwatchos)) (&& (< monotouch) (< net462) (>= netstandard1.6) (< netstandard2.0) (< xamarinios) (< xamarinmac) (< xamarintvos) (< xamarinwatchos)) (&& (< net45) (>= net46) (< netstandard1.3)) (&& (< net45) (>= net46) (< netstandard1.4)) (&& (< net45) (>= netstandard1.1) (< portable-net451+win81+wpa81)) (&& (< net45) (>= netstandard1.3) (< portable-net451+win81+wpa81) (< win8)) (&& (< net45) (< netstandard1.3) (>= netstandard1.6)) (&& (< net45) (>= netstandard1.4)) (&& (< net45) (>= netstandard1.6) (< portable-net451+win81+wpa81)) (&& (>= net46) (< netstandard1.4) (>= netstandard1.6)) (&& (>= netstandard1.6) (>= uap10.0)) (&& (>= uap10.0) (< uap10.1)) (&& (>= uap10.0) (< win8) (< wpa81))
      Microsoft.NETCore.Platforms (>= 1.1) - restriction: || (>= dnxcore50) (&& (< monoandroid) (< net45) (>= netstandard1.1) (< netstandard1.2) (< win8)) (&& (< monoandroid) (< net45) (>= netstandard1.2) (< netstandard1.3) (< win8) (< wpa81)) (&& (< monoandroid) (< net45) (>= netstandard1.3) (< netstandard1.5) (< win8) (< wpa81)) (&& (< monotouch) (< net45) (>= netstandard1.5) (< xamarinios) (< xamarinmac) (< xamarintvos) (< xamarinwatchos))
      Microsoft.NETCore.Targets (>= 1.1) - restriction: || (>= dnxcore50) (&& (< monoandroid) (< net45) (>= netstandard1.1) (< netstandard1.2) (< win8)) (&& (< monoandroid) (< net45) (>= netstandard1.2) (< netstandard1.3) (< win8) (< wpa81)) (&& (< monoandroid) (< net45) (>= netstandard1.3) (< netstandard1.5) (< win8) (< wpa81)) (&& (< monotouch) (< net45) (>= netstandard1.5) (< xamarinios) (< xamarinmac) (< xamarintvos) (< xamarinwatchos))
      System.Runtime (>= 4.3) - restriction: || (>= dnxcore50) (&& (< monoandroid) (< net45) (>= netstandard1.1) (< netstandard1.2) (< win8)) (&& (< monoandroid) (< net45) (>= netstandard1.2) (< netstandard1.3) (< win8) (< wpa81)) (&& (< monoandroid) (< net45) (>= netstandard1.3) (< netstandard1.5) (< win8) (< wpa81)) (&& (< monotouch) (< net45) (>= netstandard1.5) (< xamarinios) (< xamarinmac) (< xamarintvos) (< xamarinwatchos))
    System.Dynamic.Runtime (4.3) - restriction: || (&& (>= dnxcore50) (>= net45)) (&& (>= dnxcore50) (>= netstandard1.0)) (&& (>= dnxcore50) (>= netstandard1.1)) (&& (>= dnxcore50) (>= wpa81)) (&& (< net20) (>= net40) (>= netstandard1.0) (< portable-net45+win8+wp8+wp81+sl5)) (&& (< net20) (>= net45)) (&& (< net20) (>= netstandard1.0) (>= portable-net45+win8+wp8+wp81+sl5) (< win8) (< wp8) (< wpa81)) (&& (< net45) (>= netstandard1.0)) (&& (< net45) (>= netstandard1.1)) (&& (< net45) (>= netstandard1.5)) (>= netstandard1.3)
      System.Collections (>= 4.3) - restriction: || (>= dnxcore50) (&& (< monotouch) (< net45) (>= netstandard1.3) (< win8) (< wpa81) (< xamarinios) (< xamarinmac) (< xamarintvos) (< xamarinwatchos))
      System.Diagnostics.Debug (>= 4.3) - restriction: || (>= dnxcore50) (&& (< monotouch) (< net45) (>= netstandard1.3) (< win8) (< wpa81) (< xamarinios) (< xamarinmac) (< xamarintvos) (< xamarinwatchos))
      System.Linq (>= 4.3) - restriction: || (>= dnxcore50) (&& (< monotouch) (< net45) (>= netstandard1.3) (< win8) (< wpa81) (< xamarinios) (< xamarinmac) (< xamarintvos) (< xamarinwatchos))
      System.Linq.Expressions (>= 4.3) - restriction: || (>= dnxcore50) (&& (< monoandroid) (< net45) (>= netstandard1.0) (< netstandard1.3) (< win8) (< wp8) (< wpa81)) (&& (< monotouch) (< net45) (>= netstandard1.3) (< win8) (< wpa81) (< xamarinios) (< xamarinmac) (< xamarintvos) (< xamarinwatchos))
      System.ObjectModel (>= 4.3) - restriction: || (>= dnxcore50) (&& (< monoandroid) (< net45) (>= netstandard1.0) (< netstandard1.3) (< win8) (< wp8) (< wpa81)) (&& (< monotouch) (< net45) (>= netstandard1.3) (< win8) (< wpa81) (< xamarinios) (< xamarinmac) (< xamarintvos) (< xamarinwatchos))
      System.Reflection (>= 4.3) - restriction: || (>= dnxcore50) (&& (< monoandroid) (< net45) (>= netstandard1.0) (< netstandard1.3) (< win8) (< wp8) (< wpa81)) (&& (< monotouch) (< net45) (>= netstandard1.3) (< win8) (< wpa81) (< xamarinios) (< xamarinmac) (< xamarintvos) (< xamarinwatchos))
      System.Reflection.Emit (>= 4.3) - restriction: && (< monotouch) (< net45) (>= netstandard1.3) (< win8) (< wpa81) (< xamarinios) (< xamarinmac) (< xamarintvos) (< xamarinwatchos)
      System.Reflection.Emit.ILGeneration (>= 4.3) - restriction: && (< monotouch) (< net45) (>= netstandard1.3) (< win8) (< wpa81) (< xamarinios) (< xamarinmac) (< xamarintvos) (< xamarinwatchos)
      System.Reflection.Primitives (>= 4.3) - restriction: && (< monotouch) (< net45) (>= netstandard1.3) (< win8) (< wpa81) (< xamarinios) (< xamarinmac) (< xamarintvos) (< xamarinwatchos)
      System.Reflection.TypeExtensions (>= 4.3) - restriction: || (>= dnxcore50) (&& (< monotouch) (< net45) (>= netstandard1.3) (< win8) (< wpa81) (< xamarinios) (< xamarinmac) (< xamarintvos) (< xamarinwatchos))
      System.Resources.ResourceManager (>= 4.3) - restriction: || (>= dnxcore50) (&& (< monotouch) (< net45) (>= netstandard1.3) (< win8) (< wpa81) (< xamarinios) (< xamarinmac) (< xamarintvos) (< xamarinwatchos))
      System.Runtime (>= 4.3) - restriction: || (>= dnxcore50) (&& (< monoandroid) (< net45) (>= netstandard1.0) (< netstandard1.3) (< win8) (< wp8) (< wpa81)) (&& (< monotouch) (< net45) (>= netstandard1.3) (< win8) (< wpa81) (< xamarinios) (< xamarinmac) (< xamarintvos) (< xamarinwatchos))
      System.Runtime.Extensions (>= 4.3) - restriction: || (>= dnxcore50) (&& (< monotouch) (< net45) (>= netstandard1.3) (< win8) (< wpa81) (< xamarinios) (< xamarinmac) (< xamarintvos) (< xamarinwatchos))
      System.Threading (>= 4.3) - restriction: || (>= dnxcore50) (&& (< monotouch) (< net45) (>= netstandard1.3) (< win8) (< wpa81) (< xamarinios) (< xamarinmac) (< xamarintvos) (< xamarinwatchos))
    System.Globalization (4.3) - restriction: || (&& (>= dnxcore50) (>= net46)) (&& (>= dnxcore50) (>= netstandard1.0)) (&& (>= dnxcore50) (>= netstandard1.1)) (&& (>= dnxcore50) (>= netstandard1.2)) (&& (>= dnxcore50) (>= netstandard1.4)) (&& (>= dnxcore50) (>= netstandard1.5)) (&& (>= dnxcore50) (>= netstandard1.6)) (&& (>= dnxcore50) (>= uap10.0)) (&& (< monoandroid) (< net20) (>= netstandard1.0) (< win8) (< wp8) (< wpa81)) (&& (< monoandroid) (< net45) (>= netstandard1.2) (< wpa81)) (&& (< monotouch) (>= netstandard1.6) (< xamarinios) (< xamarinmac) (< xamarintvos) (< xamarinwatchos)) (&& (< net20) (>= net45)) (&& (< net20) (>= netstandard1.5)) (&& (< net45) (>= net46) (< netstandard1.4)) (&& (< net45) (>= netstandard1.0)) (&& (< net45) (>= netstandard1.1)) (&& (< net45) (>= netstandard1.4)) (&& (< net45) (>= netstandard1.5)) (&& (< net45) (>= netstandard1.6)) (&& (>= net46) (< net462) (>= netstandard1.6) (< netstandard2.0)) (&& (>= net46) (< netstandard1.4) (>= netstandard1.6)) (&& (>= netstandard1.0) (< portable-net45+win8+wpa81)) (>= netstandard1.3) (&& (>= netstandard1.5) (>= wpa81)) (&& (>= netstandard1.6) (< portable-net45+win8+wpa81)) (&& (>= netstandard1.6) (>= uap10.0)) (&& (>= uap10.0) (< uap10.1)) (&& (>= uap10.0) (< win8) (< wpa81))
      Microsoft.NETCore.Platforms (>= 1.1) - restriction: || (>= dnxcore50) (&& (< monoandroid) (< net45) (>= netstandard1.0) (< netstandard1.3) (< win8) (< wp8) (< wpa81)) (&& (< monotouch) (< net45) (>= netstandard1.3) (< win8) (< wpa81) (< xamarinios) (< xamarinmac) (< xamarintvos) (< xamarinwatchos))
      Microsoft.NETCore.Targets (>= 1.1) - restriction: || (>= dnxcore50) (&& (< monoandroid) (< net45) (>= netstandard1.0) (< netstandard1.3) (< win8) (< wp8) (< wpa81)) (&& (< monotouch) (< net45) (>= netstandard1.3) (< win8) (< wpa81) (< xamarinios) (< xamarinmac) (< xamarintvos) (< xamarinwatchos))
      System.Runtime (>= 4.3) - restriction: || (>= dnxcore50) (&& (< monoandroid) (< net45) (>= netstandard1.0) (< netstandard1.3) (< win8) (< wp8) (< wpa81)) (&& (< monotouch) (< net45) (>= netstandard1.3) (< win8) (< wpa81) (< xamarinios) (< xamarinmac) (< xamarintvos) (< xamarinwatchos))
    System.Globalization.Calendars (4.3) - restriction: || (&& (>= dnxcore50) (>= net46)) (&& (>= dnxcore50) (>= netstandard1.1)) (&& (>= dnxcore50) (>= netstandard1.2)) (&& (>= dnxcore50) (>= netstandard1.3)) (&& (>= dnxcore50) (>= netstandard1.4)) (&& (>= dnxcore50) (>= netstandard1.5)) (&& (>= dnxcore50) (>= netstandard1.6)) (&& (>= dnxcore50) (>= uap10.0)) (&& (< monoandroid) (< net45) (>= netstandard1.3) (< netstandard1.4) (< wpa81)) (&& (< monoandroid) (< net45) (>= netstandard1.4) (< netstandard1.5) (< wpa81)) (&& (< monoandroid) (< net45) (>= netstandard1.5) (< netstandard1.6)) (&& (< monotouch) (>= netstandard1.6) (< xamarinios) (< xamarinmac) (< xamarintvos) (< xamarinwatchos)) (&& (< net45) (>= net46) (>= netstandard1.6)) (&& (< net45) (>= netstandard1.6) (< portable-net451+win81+wpa81)) (&& (>= net46) (< net462) (>= netstandard1.6) (< netstandard2.0)) (&& (>= net46) (< netstandard1.4)) (&& (>= netstandard1.6) (>= uap10.0)) (&& (>= uap10.0) (< uap10.1))
      Microsoft.NETCore.Platforms (>= 1.1) - restriction: && (< monotouch) (< net46) (>= netstandard1.3) (< xamarinios) (< xamarinmac) (< xamarintvos) (< xamarinwatchos)
      Microsoft.NETCore.Targets (>= 1.1) - restriction: && (< monotouch) (< net46) (>= netstandard1.3) (< xamarinios) (< xamarinmac) (< xamarintvos) (< xamarinwatchos)
      System.Globalization (>= 4.3) - restriction: && (< monotouch) (< net46) (>= netstandard1.3) (< xamarinios) (< xamarinmac) (< xamarintvos) (< xamarinwatchos)
      System.Runtime (>= 4.3) - restriction: && (< monotouch) (< net46) (>= netstandard1.3) (< xamarinios) (< xamarinmac) (< xamarintvos) (< xamarinwatchos)
    System.Globalization.Extensions (4.3) - restriction: || (&& (< monoandroid) (< net45) (< netstandard1.3) (>= netstandard1.6)) (&& (< monoandroid) (< net45) (< netstandard1.4) (>= netstandard1.6)) (&& (< monoandroid) (< net45) (< netstandard1.5) (>= netstandard1.6)) (&& (< monotouch) (< net45) (>= netstandard1.3) (< xamarinios) (< xamarinmac) (< xamarintvos) (< xamarinwatchos)) (&& (< monotouch) (< net45) (>= netstandard1.6) (< xamarinios) (< xamarinmac) (< xamarintvos) (< xamarinwatchos)) (&& (< monotouch) (< net462) (>= netstandard1.6) (< netstandard2.0) (< xamarinios) (< xamarinmac) (< xamarintvos) (< xamarinwatchos)) (&& (< net45) (>= netstandard1.6) (< portable-net451+win81+wpa81)) (&& (>= net46) (< netstandard1.4) (>= netstandard1.6)) (&& (>= netstandard1.6) (>= uap10.0))
      Microsoft.NETCore.Platforms (>= 1.1) - restriction: && (< monotouch) (< net46) (>= netstandard1.3) (< xamarinios) (< xamarinmac) (< xamarintvos) (< xamarinwatchos)
      System.Globalization (>= 4.3) - restriction: && (< monotouch) (< net46) (>= netstandard1.3) (< xamarinios) (< xamarinmac) (< xamarintvos) (< xamarinwatchos)
      System.Resources.ResourceManager (>= 4.3) - restriction: && (< monotouch) (< net46) (>= netstandard1.3) (< xamarinios) (< xamarinmac) (< xamarintvos) (< xamarinwatchos)
      System.Runtime (>= 4.3) - restriction: && (< monotouch) (< net46) (>= netstandard1.3) (< xamarinios) (< xamarinmac) (< xamarintvos) (< xamarinwatchos)
      System.Runtime.Extensions (>= 4.3) - restriction: && (< monotouch) (< net46) (>= netstandard1.3) (< xamarinios) (< xamarinmac) (< xamarintvos) (< xamarinwatchos)
      System.Runtime.InteropServices (>= 4.3) - restriction: && (< monotouch) (< net46) (>= netstandard1.3) (< xamarinios) (< xamarinmac) (< xamarintvos) (< xamarinwatchos)
    System.IdentityModel.Tokens.Jwt (5.1.4)
      Microsoft.IdentityModel.Tokens (>= 5.1.4) - restriction: || (&& (>= net45) (< netstandard1.4)) (&& (< net45) (>= netstandard1.4)) (>= net451)
    System.IO (4.3) - restriction: || (&& (>= dnxcore50) (>= net46)) (&& (>= dnxcore50) (>= net461)) (&& (>= dnxcore50) (>= netstandard1.0)) (&& (>= dnxcore50) (>= netstandard1.1)) (&& (>= dnxcore50) (>= netstandard1.2)) (&& (>= dnxcore50) (>= netstandard1.3)) (&& (>= dnxcore50) (>= netstandard1.4)) (&& (>= dnxcore50) (>= netstandard1.5)) (&& (>= dnxcore50) (>= netstandard1.6)) (&& (>= dnxcore50) (>= uap10.0)) (&& (< monoandroid) (< net45) (>= netstandard1.1) (< netstandard1.3) (< win8) (< wpa81)) (&& (< monoandroid) (< net45) (>= netstandard1.2) (< netstandard1.3) (< wpa81)) (&& (< monoandroid) (< net45) (< netstandard1.4) (>= netstandard1.5)) (&& (< monoandroid) (< net45) (< netstandard1.4) (>= netstandard1.6)) (&& (< monoandroid) (< net45) (>= netstandard1.5) (< netstandard1.6)) (&& (< monoandroid) (< net45) (< netstandard1.5) (>= netstandard1.6)) (&& (< monoandroid) (< net46) (>= netstandard1.3) (< netstandard1.4)) (&& (< monoandroid) (< net46) (>= netstandard1.4) (< netstandard1.6)) (&& (< monoandroid) (< net46) (< netstandard1.4) (>= netstandard1.6)) (&& (< monotouch) (< net20) (>= netstandard1.3) (< xamarinios) (< xamarinmac) (< xamarintvos) (< xamarinwatchos)) (&& (< monotouch) (< net45) (>= netstandard1.5) (< xamarinios) (< xamarinmac) (< xamarintvos) (< xamarinwatchos)) (&& (< monotouch) (< net46) (>= netstandard1.3) (< xamarinios) (< xamarinmac) (< xamarintvos) (< xamarinwatchos)) (&& (< monotouch) (>= netstandard1.6) (< xamarinios) (< xamarinmac) (< xamarintvos) (< xamarinwatchos)) (&& (< net45) (>= net46) (< netstandard1.3)) (&& (< net45) (>= net46) (< netstandard1.4)) (&& (< net45) (>= net46) (>= netstandard1.6)) (&& (< net45) (>= net461) (< netstandard1.4)) (&& (< net45) (>= net461) (>= netstandard1.6)) (&& (< net45) (>= net461) (< netstandard1.6)) (&& (< net45) (>= netstandard1.1) (< portable-net451+win81+wpa81)) (&& (< net45) (>= netstandard1.3)) (&& (< net45) (< netstandard1.3) (>= netstandard1.5)) (&& (< net45) (< netstandard1.3) (>= netstandard1.6)) (&& (< net45) (>= netstandard1.4)) (&& (< net45) (>= netstandard1.5) (< portable-net451+win81+wpa81)) (&& (< net45) (>= netstandard1.6) (< portable-net451+win81+wpa81)) (&& (>= net46) (< net462) (>= netstandard1.6)) (&& (>= net46) (< netstandard1.4) (>= netstandard1.6)) (&& (< net46) (>= net461) (< netstandard1.4)) (&& (>= net461) (< net462) (>= netstandard1.6) (< netstandard2.0)) (&& (>= net461) (< netstandard1.4) (>= netstandard1.6)) (&& (>= net461) (>= uap10.0)) (>= net463) (>= netcoreapp1.1) (&& (>= netstandard1.0) (< portable-net45+win8+wpa81)) (&& (>= netstandard1.3) (< portable-net45+win8+wpa81)) (&& (< netstandard1.4) (>= uap10.0)) (&& (>= netstandard1.5) (< portable-net45+win8+wpa81)) (&& (>= netstandard1.5) (>= uap10.0)) (&& (>= netstandard1.6) (< portable-net45+win8+wpa81)) (&& (>= netstandard1.6) (>= uap10.0)) (&& (>= uap10.0) (< uap10.1)) (&& (>= uap10.0) (< win8) (< wpa81))
      Microsoft.NETCore.Platforms (>= 1.1) - restriction: || (>= dnxcore50) (&& (< monoandroid) (< net45) (>= netstandard1.0) (< netstandard1.3) (< win8) (< wp8) (< wpa81)) (&& (< monoandroid) (< net45) (>= netstandard1.3) (< netstandard1.5) (< win8) (< wpa81)) (&& (< monotouch) (< net45) (>= netstandard1.5) (< xamarinios) (< xamarinmac) (< xamarintvos) (< xamarinwatchos))
      Microsoft.NETCore.Targets (>= 1.1) - restriction: || (>= dnxcore50) (&& (< monoandroid) (< net45) (>= netstandard1.0) (< netstandard1.3) (< win8) (< wp8) (< wpa81)) (&& (< monoandroid) (< net45) (>= netstandard1.3) (< netstandard1.5) (< win8) (< wpa81)) (&& (< monotouch) (< net45) (>= netstandard1.5) (< xamarinios) (< xamarinmac) (< xamarintvos) (< xamarinwatchos))
      System.Runtime (>= 4.3) - restriction: || (>= dnxcore50) (&& (< monoandroid) (< net45) (>= netstandard1.0) (< netstandard1.3) (< win8) (< wp8) (< wpa81)) (&& (< monoandroid) (< net45) (>= netstandard1.3) (< netstandard1.5) (< win8) (< wpa81)) (&& (< monotouch) (< net45) (>= netstandard1.5) (< xamarinios) (< xamarinmac) (< xamarintvos) (< xamarinwatchos))
      System.Text.Encoding (>= 4.3) - restriction: || (>= dnxcore50) (&& (< monoandroid) (< net45) (>= netstandard1.0) (< netstandard1.3) (< win8) (< wp8) (< wpa81)) (&& (< monoandroid) (< net45) (>= netstandard1.3) (< netstandard1.5) (< win8) (< wpa81)) (&& (< monotouch) (< net45) (>= netstandard1.5) (< xamarinios) (< xamarinmac) (< xamarintvos) (< xamarinwatchos))
      System.Threading.Tasks (>= 4.3) - restriction: || (>= dnxcore50) (&& (< monoandroid) (< net45) (>= netstandard1.0) (< netstandard1.3) (< win8) (< wp8) (< wpa81)) (&& (< monoandroid) (< net45) (>= netstandard1.3) (< netstandard1.5) (< win8) (< wpa81)) (&& (< monotouch) (< net45) (>= netstandard1.5) (< xamarinios) (< xamarinmac) (< xamarintvos) (< xamarinwatchos))
    System.IO.Compression (4.3) - restriction: || (&& (< monoandroid) (< net45) (>= netstandard1.2) (< wpa81)) (&& (< monoandroid) (< net45) (>= netstandard1.4) (< netstandard1.5) (< wpa81)) (&& (< monoandroid) (< net45) (>= netstandard1.5) (< netstandard1.6)) (&& (< monotouch) (< net45) (>= netstandard1.6) (< netstandard2.0) (< xamarinios) (< xamarinmac) (< xamarintvos) (< xamarinwatchos)) (&& (< monotouch) (< net46) (>= netstandard1.6) (< netstandard2.0) (< xamarinios) (< xamarinmac) (< xamarintvos) (< xamarinwatchos)) (&& (< monotouch) (< net462) (>= netstandard1.6) (< netstandard2.0) (< xamarinios) (< xamarinmac) (< xamarintvos) (< xamarinwatchos)) (&& (< net45) (>= netstandard1.1) (< portable-net451+win81+wpa81)) (&& (>= net46) (< netstandard1.4)) (>= netstandard1.3) (&& (>= uap10.0) (< uap10.1)) (&& (>= uap10.0) (< win8) (< wpa81))
      Microsoft.NETCore.Platforms (>= 1.1) - restriction: && (< monotouch) (< net45) (>= netstandard1.3) (< win8) (< wpa81) (< xamarinios) (< xamarinmac) (< xamarintvos) (< xamarinwatchos)
      runtime.native.System (>= 4.3) - restriction: && (< monotouch) (< net45) (>= netstandard1.3) (< win8) (< wpa81) (< xamarinios) (< xamarinmac) (< xamarintvos) (< xamarinwatchos)
      runtime.native.System.IO.Compression (>= 4.3) - restriction: || (>= dnxcore50) (&& (< monotouch) (< net45) (>= netstandard1.3) (< win8) (< wpa81) (< xamarinios) (< xamarinmac) (< xamarintvos) (< xamarinwatchos))
      System.Buffers (>= 4.3) - restriction: || (>= dnxcore50) (&& (< monotouch) (< net45) (>= netstandard1.3) (< win8) (< wpa81) (< xamarinios) (< xamarinmac) (< xamarintvos) (< xamarinwatchos))
      System.Collections (>= 4.3) - restriction: || (>= dnxcore50) (&& (< monotouch) (< net45) (>= netstandard1.3) (< win8) (< wpa81) (< xamarinios) (< xamarinmac) (< xamarintvos) (< xamarinwatchos))
      System.Diagnostics.Debug (>= 4.3) - restriction: || (>= dnxcore50) (&& (< monotouch) (< net45) (>= netstandard1.3) (< win8) (< wpa81) (< xamarinios) (< xamarinmac) (< xamarintvos) (< xamarinwatchos))
      System.IO (>= 4.3) - restriction: || (>= dnxcore50) (&& (< monoandroid) (< net45) (>= netstandard1.1) (< netstandard1.3) (< win8) (< wpa81)) (&& (< monotouch) (< net45) (>= netstandard1.3) (< win8) (< wpa81) (< xamarinios) (< xamarinmac) (< xamarintvos) (< xamarinwatchos))
      System.Resources.ResourceManager (>= 4.3) - restriction: || (>= dnxcore50) (&& (< monotouch) (< net45) (>= netstandard1.3) (< win8) (< wpa81) (< xamarinios) (< xamarinmac) (< xamarintvos) (< xamarinwatchos))
      System.Runtime (>= 4.3) - restriction: || (>= dnxcore50) (&& (< monoandroid) (< net45) (>= netstandard1.1) (< netstandard1.3) (< win8) (< wpa81)) (&& (< monotouch) (< net45) (>= netstandard1.3) (< win8) (< wpa81) (< xamarinios) (< xamarinmac) (< xamarintvos) (< xamarinwatchos))
      System.Runtime.Extensions (>= 4.3) - restriction: || (>= dnxcore50) (&& (< monotouch) (< net45) (>= netstandard1.3) (< win8) (< wpa81) (< xamarinios) (< xamarinmac) (< xamarintvos) (< xamarinwatchos))
      System.Runtime.Handles (>= 4.3) - restriction: || (>= dnxcore50) (&& (< monotouch) (< net45) (>= netstandard1.3) (< win8) (< wpa81) (< xamarinios) (< xamarinmac) (< xamarintvos) (< xamarinwatchos))
      System.Runtime.InteropServices (>= 4.3) - restriction: || (>= dnxcore50) (&& (< monotouch) (< net45) (>= netstandard1.3) (< win8) (< wpa81) (< xamarinios) (< xamarinmac) (< xamarintvos) (< xamarinwatchos))
      System.Text.Encoding (>= 4.3) - restriction: || (>= dnxcore50) (&& (< monoandroid) (< net45) (>= netstandard1.1) (< netstandard1.3) (< win8) (< wpa81)) (&& (< monotouch) (< net45) (>= netstandard1.3) (< win8) (< wpa81) (< xamarinios) (< xamarinmac) (< xamarintvos) (< xamarinwatchos))
      System.Threading (>= 4.3) - restriction: || (>= dnxcore50) (&& (< monotouch) (< net45) (>= netstandard1.3) (< win8) (< wpa81) (< xamarinios) (< xamarinmac) (< xamarintvos) (< xamarinwatchos))
      System.Threading.Tasks (>= 4.3) - restriction: || (>= dnxcore50) (&& (< monotouch) (< net45) (>= netstandard1.3) (< win8) (< wpa81) (< xamarinios) (< xamarinmac) (< xamarintvos) (< xamarinwatchos))
    System.IO.Compression.ZipFile (4.3) - restriction: || (&& (< monoandroid) (< net45) (>= netstandard1.3) (< netstandard1.4) (< wpa81)) (&& (< monoandroid) (< net45) (>= netstandard1.4) (< netstandard1.5) (< wpa81)) (&& (< monoandroid) (< net45) (>= netstandard1.5) (< netstandard1.6)) (&& (< monotouch) (< net45) (>= netstandard1.6) (< netstandard2.0) (< xamarinios) (< xamarinmac) (< xamarintvos) (< xamarinwatchos)) (&& (< monotouch) (< net462) (>= netstandard1.6) (< netstandard2.0) (< xamarinios) (< xamarinmac) (< xamarintvos) (< xamarinwatchos)) (&& (>= net46) (< netstandard1.4)) (&& (>= uap10.0) (< uap10.1))
      System.Buffers (>= 4.3) - restriction: && (< monotouch) (< net46) (>= netstandard1.3) (< xamarinios) (< xamarinmac) (< xamarintvos) (< xamarinwatchos)
      System.IO (>= 4.3) - restriction: && (< monotouch) (< net46) (>= netstandard1.3) (< xamarinios) (< xamarinmac) (< xamarintvos) (< xamarinwatchos)
      System.IO.Compression (>= 4.3) - restriction: && (< monotouch) (< net46) (>= netstandard1.3) (< xamarinios) (< xamarinmac) (< xamarintvos) (< xamarinwatchos)
      System.IO.FileSystem (>= 4.3) - restriction: && (< monotouch) (< net46) (>= netstandard1.3) (< xamarinios) (< xamarinmac) (< xamarintvos) (< xamarinwatchos)
      System.IO.FileSystem.Primitives (>= 4.3) - restriction: && (< monotouch) (< net46) (>= netstandard1.3) (< xamarinios) (< xamarinmac) (< xamarintvos) (< xamarinwatchos)
      System.Resources.ResourceManager (>= 4.3) - restriction: && (< monotouch) (< net46) (>= netstandard1.3) (< xamarinios) (< xamarinmac) (< xamarintvos) (< xamarinwatchos)
      System.Runtime (>= 4.3) - restriction: && (< monotouch) (< net46) (>= netstandard1.3) (< xamarinios) (< xamarinmac) (< xamarintvos) (< xamarinwatchos)
      System.Runtime.Extensions (>= 4.3) - restriction: && (< monotouch) (< net46) (>= netstandard1.3) (< xamarinios) (< xamarinmac) (< xamarintvos) (< xamarinwatchos)
      System.Text.Encoding (>= 4.3) - restriction: && (< monotouch) (< net46) (>= netstandard1.3) (< xamarinios) (< xamarinmac) (< xamarintvos) (< xamarinwatchos)
    System.IO.FileSystem (4.3) - restriction: || (&& (>= dnxcore50) (>= net46)) (&& (>= dnxcore50) (>= netstandard1.0)) (&& (>= dnxcore50) (>= netstandard1.1)) (&& (>= dnxcore50) (>= netstandard1.2)) (&& (>= dnxcore50) (>= netstandard1.4)) (&& (>= dnxcore50) (>= netstandard1.5)) (&& (>= dnxcore50) (>= netstandard1.6)) (&& (>= dnxcore50) (>= uap10.0)) (&& (< monoandroid) (< net45) (>= netstandard1.5) (< netstandard1.6)) (&& (< monoandroid) (< net45) (>= netstandard1.6)) (&& (< monotouch) (< net45) (>= netstandard1.5) (< xamarinios) (< xamarinmac) (< xamarintvos) (< xamarinwatchos)) (&& (< monotouch) (>= netstandard1.6) (< xamarinios) (< xamarinmac) (< xamarintvos) (< xamarinwatchos)) (&& (< net45) (>= net46) (>= netstandard1.6)) (&& (< net45) (>= netstandard1.4)) (&& (< net45) (>= netstandard1.6) (< portable-net451+win81+wpa81)) (&& (>= net46) (< net462) (>= netstandard1.6) (< netstandard2.0)) (&& (>= net46) (< netstandard1.4)) (>= netstandard1.3) (&& (>= netstandard1.6) (>= uap10.0)) (&& (>= uap10.0) (< uap10.1)) (&& (>= uap10.0) (< win8) (< wpa81))
      Microsoft.NETCore.Platforms (>= 1.1) - restriction: && (< monotouch) (< net46) (>= netstandard1.3) (< xamarinios) (< xamarinmac) (< xamarintvos) (< xamarinwatchos)
      Microsoft.NETCore.Targets (>= 1.1) - restriction: && (< monotouch) (< net46) (>= netstandard1.3) (< xamarinios) (< xamarinmac) (< xamarintvos) (< xamarinwatchos)
      System.IO (>= 4.3) - restriction: && (< monotouch) (< net46) (>= netstandard1.3) (< xamarinios) (< xamarinmac) (< xamarintvos) (< xamarinwatchos)
      System.IO.FileSystem.Primitives (>= 4.3) - restriction: || (&& (< monotouch) (>= netstandard1.3) (< xamarinios) (< xamarinmac) (< xamarintvos) (< xamarinwatchos)) (>= net46)
      System.Runtime (>= 4.3) - restriction: && (< monotouch) (< net46) (>= netstandard1.3) (< xamarinios) (< xamarinmac) (< xamarintvos) (< xamarinwatchos)
      System.Runtime.Handles (>= 4.3) - restriction: && (< monotouch) (< net46) (>= netstandard1.3) (< xamarinios) (< xamarinmac) (< xamarintvos) (< xamarinwatchos)
      System.Text.Encoding (>= 4.3) - restriction: && (< monotouch) (< net46) (>= netstandard1.3) (< xamarinios) (< xamarinmac) (< xamarintvos) (< xamarinwatchos)
      System.Threading.Tasks (>= 4.3) - restriction: && (< monotouch) (< net46) (>= netstandard1.3) (< xamarinios) (< xamarinmac) (< xamarintvos) (< xamarinwatchos)
    System.IO.FileSystem.Primitives (4.3) - restriction: || (&& (>= dnxcore50) (>= net46)) (&& (>= dnxcore50) (>= netstandard1.0)) (&& (>= dnxcore50) (>= netstandard1.1)) (&& (>= dnxcore50) (>= netstandard1.2)) (&& (>= dnxcore50) (>= netstandard1.4)) (&& (>= dnxcore50) (>= netstandard1.5)) (&& (>= dnxcore50) (>= netstandard1.6)) (&& (>= dnxcore50) (>= uap10.0)) (&& (< monoandroid) (< net45) (>= netstandard1.4) (< netstandard1.5) (< wpa81)) (&& (< monoandroid) (< net45) (>= netstandard1.5) (< netstandard1.6)) (&& (< monotouch) (< net45) (>= netstandard1.4) (< xamarinios) (< xamarinmac) (< xamarintvos) (< xamarinwatchos)) (&& (< monotouch) (< net45) (>= netstandard1.5) (< xamarinios) (< xamarinmac) (< xamarintvos) (< xamarinwatchos)) (&& (< monotouch) (>= netstandard1.6) (< xamarinios) (< xamarinmac) (< xamarintvos) (< xamarinwatchos)) (&& (< net45) (>= net46)) (&& (< net45) (>= netstandard1.6) (< portable-net451+win81+wpa81)) (&& (>= net46) (< net462) (>= netstandard1.6) (< netstandard2.0)) (&& (>= net46) (< netstandard1.4)) (&& (>= net46) (>= uap10.0)) (>= netstandard1.3) (&& (>= netstandard1.6) (>= uap10.0)) (&& (>= uap10.0) (< uap10.1)) (&& (>= uap10.0) (< win8) (< wpa81))
      System.Runtime (>= 4.3) - restriction: && (< monotouch) (< net46) (>= netstandard1.3) (< xamarinios) (< xamarinmac) (< xamarintvos) (< xamarinwatchos)
    System.IO.FileSystem.Watcher (4.3) - restriction: && (< net451) (>= netstandard1.3)
      Microsoft.NETCore.Platforms (>= 1.1) - restriction: && (< monotouch) (< net46) (>= netstandard1.3) (< xamarinios) (< xamarinmac) (< xamarintvos) (< xamarinwatchos)
      Microsoft.Win32.Primitives (>= 4.3) - restriction: && (< monotouch) (< net46) (>= netstandard1.3) (< xamarinios) (< xamarinmac) (< xamarintvos) (< xamarinwatchos)
      runtime.native.System (>= 4.3) - restriction: && (< monotouch) (< net46) (>= netstandard1.3) (< xamarinios) (< xamarinmac) (< xamarintvos) (< xamarinwatchos)
      System.Collections (>= 4.3) - restriction: && (< monotouch) (< net46) (>= netstandard1.3) (< xamarinios) (< xamarinmac) (< xamarintvos) (< xamarinwatchos)
      System.IO.FileSystem (>= 4.3) - restriction: && (< monotouch) (< net46) (>= netstandard1.3) (< xamarinios) (< xamarinmac) (< xamarintvos) (< xamarinwatchos)
      System.IO.FileSystem.Primitives (>= 4.3) - restriction: && (< monotouch) (< net46) (>= netstandard1.3) (< xamarinios) (< xamarinmac) (< xamarintvos) (< xamarinwatchos)
      System.Resources.ResourceManager (>= 4.3) - restriction: && (< monotouch) (< net46) (>= netstandard1.3) (< xamarinios) (< xamarinmac) (< xamarintvos) (< xamarinwatchos)
      System.Runtime (>= 4.3) - restriction: && (< monotouch) (< net46) (>= netstandard1.3) (< xamarinios) (< xamarinmac) (< xamarintvos) (< xamarinwatchos)
      System.Runtime.Extensions (>= 4.3) - restriction: && (< monotouch) (< net46) (>= netstandard1.3) (< xamarinios) (< xamarinmac) (< xamarintvos) (< xamarinwatchos)
      System.Runtime.Handles (>= 4.3) - restriction: && (< monotouch) (< net46) (>= netstandard1.3) (< xamarinios) (< xamarinmac) (< xamarintvos) (< xamarinwatchos)
      System.Runtime.InteropServices (>= 4.3) - restriction: && (< monotouch) (< net46) (>= netstandard1.3) (< xamarinios) (< xamarinmac) (< xamarintvos) (< xamarinwatchos)
      System.Text.Encoding (>= 4.3) - restriction: && (< monotouch) (< net46) (>= netstandard1.3) (< xamarinios) (< xamarinmac) (< xamarintvos) (< xamarinwatchos)
      System.Threading (>= 4.3) - restriction: && (< monotouch) (< net46) (>= netstandard1.3) (< xamarinios) (< xamarinmac) (< xamarintvos) (< xamarinwatchos)
      System.Threading.Overlapped (>= 4.3) - restriction: && (< monotouch) (< net46) (>= netstandard1.3) (< xamarinios) (< xamarinmac) (< xamarintvos) (< xamarinwatchos)
      System.Threading.Tasks (>= 4.3) - restriction: && (< monotouch) (< net46) (>= netstandard1.3) (< xamarinios) (< xamarinmac) (< xamarintvos) (< xamarinwatchos)
      System.Threading.Thread (>= 4.3) - restriction: && (< monotouch) (< net46) (>= netstandard1.3) (< xamarinios) (< xamarinmac) (< xamarintvos) (< xamarinwatchos)
    System.Linq (4.3) - restriction: || (&& (>= dnxcore50) (>= netstandard1.0)) (&& (>= dnxcore50) (>= netstandard1.1)) (&& (>= dnxcore50) (>= netstandard1.2)) (&& (>= dnxcore50) (>= netstandard1.4)) (&& (>= dnxcore50) (>= netstandard1.5)) (&& (>= dnxcore50) (>= netstandard1.6)) (&& (>= dnxcore50) (>= uap10.0)) (&& (< monoandroid) (< net45) (>= netstandard1.2) (< wpa81)) (&& (< monoandroid) (< net45) (>= netstandard1.4) (< netstandard1.5) (< wpa81)) (&& (< monotouch) (>= netstandard1.6) (< xamarinios) (< xamarinmac) (< xamarintvos) (< xamarinwatchos)) (&& (< net45) (>= netstandard1.0)) (&& (< net45) (>= netstandard1.1)) (&& (< net45) (>= netstandard1.5)) (&& (< net45) (>= netstandard1.6)) (&& (>= netstandard1.0) (< portable-net45+win8+wpa81)) (>= netstandard1.3) (&& (>= netstandard1.6) (< portable-net45+win8+wpa81)) (&& (>= netstandard1.6) (>= uap10.0)) (&& (>= uap10.0) (< uap10.1))
      System.Collections (>= 4.3) - restriction: || (>= dnxcore50) (&& (< monoandroid) (< net45) (>= netstandard1.0) (< netstandard1.6) (< win8) (< wp8) (< wpa81)) (&& (< monotouch) (>= netstandard1.6) (< xamarinios) (< xamarinmac) (< xamarintvos) (< xamarinwatchos))
      System.Diagnostics.Debug (>= 4.3) - restriction: || (>= dnxcore50) (&& (< monotouch) (>= netstandard1.6) (< xamarinios) (< xamarinmac) (< xamarintvos) (< xamarinwatchos))
      System.Resources.ResourceManager (>= 4.3) - restriction: || (>= dnxcore50) (&& (< monotouch) (>= netstandard1.6) (< xamarinios) (< xamarinmac) (< xamarintvos) (< xamarinwatchos))
      System.Runtime (>= 4.3) - restriction: || (>= dnxcore50) (&& (< monoandroid) (< net45) (>= netstandard1.0) (< netstandard1.6) (< win8) (< wp8) (< wpa81)) (&& (< monotouch) (>= netstandard1.6) (< xamarinios) (< xamarinmac) (< xamarintvos) (< xamarinwatchos))
      System.Runtime.Extensions (>= 4.3) - restriction: || (>= dnxcore50) (&& (< monotouch) (>= netstandard1.6) (< xamarinios) (< xamarinmac) (< xamarintvos) (< xamarinwatchos))
    System.Linq.Expressions (4.3) - restriction: || (&& (>= dnxcore50) (>= netstandard1.0)) (&& (>= dnxcore50) (>= netstandard1.1)) (&& (< monoandroid) (< net45) (>= netstandard1.0) (< win8) (< wp8) (< wpa81)) (&& (< monoandroid) (< net45) (>= netstandard1.2) (< wpa81)) (&& (< monoandroid) (< net45) (>= netstandard1.4) (< netstandard1.5) (< wpa81)) (&& (< monoandroid) (< net45) (>= netstandard1.5) (< netstandard1.6)) (&& (< monotouch) (< net45) (>= netstandard1.6) (< netstandard2.0) (< xamarinios) (< xamarinmac) (< xamarintvos) (< xamarinwatchos)) (&& (< net45) (>= netstandard1.1)) (&& (>= netstandard1.0) (< portable-net45+win8+wpa81)) (>= netstandard1.3) (&& (>= uap10.0) (< uap10.1))
      System.Collections (>= 4.3) - restriction: || (>= dnxcore50) (&& (< monotouch) (>= netstandard1.6) (< xamarinios) (< xamarinmac) (< xamarintvos) (< xamarinwatchos))
      System.Diagnostics.Debug (>= 4.3) - restriction: || (>= dnxcore50) (&& (< monotouch) (>= netstandard1.6) (< xamarinios) (< xamarinmac) (< xamarintvos) (< xamarinwatchos))
      System.Globalization (>= 4.3) - restriction: || (>= dnxcore50) (&& (< monotouch) (>= netstandard1.6) (< xamarinios) (< xamarinmac) (< xamarintvos) (< xamarinwatchos))
      System.IO (>= 4.3) - restriction: || (>= dnxcore50) (&& (< monotouch) (>= netstandard1.6) (< xamarinios) (< xamarinmac) (< xamarintvos) (< xamarinwatchos))
      System.Linq (>= 4.3) - restriction: || (>= dnxcore50) (&& (< monotouch) (>= netstandard1.6) (< xamarinios) (< xamarinmac) (< xamarintvos) (< xamarinwatchos))
      System.ObjectModel (>= 4.3) - restriction: && (< monotouch) (>= netstandard1.6) (< xamarinios) (< xamarinmac) (< xamarintvos) (< xamarinwatchos)
      System.Reflection (>= 4.3) - restriction: || (>= dnxcore50) (&& (< monoandroid) (< net45) (>= netstandard1.0) (< netstandard1.3) (< win8) (< wp8) (< wpa81)) (&& (< monoandroid) (< net45) (>= netstandard1.3) (< netstandard1.6) (< win8) (< wpa81)) (&& (< monotouch) (>= netstandard1.6) (< xamarinios) (< xamarinmac) (< xamarintvos) (< xamarinwatchos))
      System.Reflection.Emit (>= 4.3) - restriction: && (< monotouch) (>= netstandard1.6) (< xamarinios) (< xamarinmac) (< xamarintvos) (< xamarinwatchos)
      System.Reflection.Emit.ILGeneration (>= 4.3) - restriction: || (>= dnxcore50) (&& (< monotouch) (>= netstandard1.6) (< xamarinios) (< xamarinmac) (< xamarintvos) (< xamarinwatchos))
      System.Reflection.Emit.Lightweight (>= 4.3) - restriction: || (>= dnxcore50) (&& (< monotouch) (>= netstandard1.6) (< xamarinios) (< xamarinmac) (< xamarintvos) (< xamarinwatchos))
      System.Reflection.Extensions (>= 4.3) - restriction: || (>= dnxcore50) (&& (< monotouch) (>= netstandard1.6) (< xamarinios) (< xamarinmac) (< xamarintvos) (< xamarinwatchos))
      System.Reflection.Primitives (>= 4.3) - restriction: || (>= dnxcore50) (&& (< monotouch) (>= netstandard1.6) (< xamarinios) (< xamarinmac) (< xamarintvos) (< xamarinwatchos))
      System.Reflection.TypeExtensions (>= 4.3) - restriction: || (>= dnxcore50) (&& (< monotouch) (>= netstandard1.6) (< xamarinios) (< xamarinmac) (< xamarintvos) (< xamarinwatchos))
      System.Resources.ResourceManager (>= 4.3) - restriction: || (>= dnxcore50) (&& (< monotouch) (>= netstandard1.6) (< xamarinios) (< xamarinmac) (< xamarintvos) (< xamarinwatchos))
      System.Runtime (>= 4.3) - restriction: || (>= dnxcore50) (&& (< monoandroid) (< net45) (>= netstandard1.0) (< netstandard1.3) (< win8) (< wp8) (< wpa81)) (&& (< monoandroid) (< net45) (>= netstandard1.3) (< netstandard1.6) (< win8) (< wpa81)) (&& (< monotouch) (>= netstandard1.6) (< xamarinios) (< xamarinmac) (< xamarintvos) (< xamarinwatchos))
      System.Runtime.Extensions (>= 4.3) - restriction: || (>= dnxcore50) (&& (< monotouch) (>= netstandard1.6) (< xamarinios) (< xamarinmac) (< xamarintvos) (< xamarinwatchos))
      System.Threading (>= 4.3) - restriction: || (>= dnxcore50) (&& (< monotouch) (>= netstandard1.6) (< xamarinios) (< xamarinmac) (< xamarintvos) (< xamarinwatchos))
    System.Linq.Queryable (4.3) - restriction: || (&& (< net45) (>= netstandard1.1) (< netstandard1.3)) (&& (< net45) (>= netstandard1.3)) (&& (< net45) (>= netstandard1.5))
      System.Collections (>= 4.3) - restriction: || (>= dnxcore50) (&& (< monotouch) (< net45) (>= netstandard1.3) (< win8) (< wpa81) (< xamarinios) (< xamarinmac) (< xamarintvos) (< xamarinwatchos))
      System.Diagnostics.Debug (>= 4.3) - restriction: || (>= dnxcore50) (&& (< monotouch) (< net45) (>= netstandard1.3) (< win8) (< wpa81) (< xamarinios) (< xamarinmac) (< xamarintvos) (< xamarinwatchos))
      System.Linq (>= 4.3) - restriction: || (>= dnxcore50) (&& (< monoandroid) (< net45) (>= netstandard1.0) (< netstandard1.3) (< win8) (< wp8) (< wpa81)) (&& (< monotouch) (< net45) (>= netstandard1.3) (< win8) (< wpa81) (< xamarinios) (< xamarinmac) (< xamarintvos) (< xamarinwatchos))
      System.Linq.Expressions (>= 4.3) - restriction: || (>= dnxcore50) (&& (< monoandroid) (< net45) (>= netstandard1.0) (< netstandard1.3) (< win8) (< wp8) (< wpa81)) (&& (< monotouch) (< net45) (>= netstandard1.3) (< win8) (< wpa81) (< xamarinios) (< xamarinmac) (< xamarintvos) (< xamarinwatchos))
      System.Reflection (>= 4.3) - restriction: || (>= dnxcore50) (&& (< monotouch) (< net45) (>= netstandard1.3) (< win8) (< wpa81) (< xamarinios) (< xamarinmac) (< xamarintvos) (< xamarinwatchos))
      System.Reflection.Extensions (>= 4.3) - restriction: || (>= dnxcore50) (&& (< monotouch) (< net45) (>= netstandard1.3) (< win8) (< wpa81) (< xamarinios) (< xamarinmac) (< xamarintvos) (< xamarinwatchos))
      System.Resources.ResourceManager (>= 4.3) - restriction: || (>= dnxcore50) (&& (< monotouch) (< net45) (>= netstandard1.3) (< win8) (< wpa81) (< xamarinios) (< xamarinmac) (< xamarintvos) (< xamarinwatchos))
      System.Runtime (>= 4.3) - restriction: || (>= dnxcore50) (&& (< monoandroid) (< net45) (>= netstandard1.0) (< netstandard1.3) (< win8) (< wp8) (< wpa81)) (&& (< monotouch) (< net45) (>= netstandard1.3) (< win8) (< wpa81) (< xamarinios) (< xamarinmac) (< xamarintvos) (< xamarinwatchos))
    System.Net.Http (4.3.3) - restriction: || (&& (< monoandroid) (< net45) (>= netstandard1.2) (< netstandard1.3) (< wpa81)) (&& (< monoandroid) (< net45) (>= netstandard1.3) (< netstandard1.4) (< wpa81)) (&& (< monoandroid) (< net45) (>= netstandard1.4) (< netstandard1.5) (< wpa81)) (&& (< monoandroid) (< net45) (>= netstandard1.5) (< netstandard1.6)) (&& (< monotouch) (< net45) (>= netstandard1.6) (< netstandard2.0) (< xamarinios) (< xamarinmac) (< xamarintvos) (< xamarinwatchos)) (&& (< monotouch) (< net462) (>= netstandard1.6) (< netstandard2.0) (< xamarinios) (< xamarinmac) (< xamarintvos) (< xamarinwatchos)) (&& (< net45) (>= netstandard1.1) (< portable-net451+win81+wpa81)) (&& (< net45) (>= netstandard1.3) (< portable-net451+win81+wpa81)) (&& (>= net46) (< netstandard1.4)) (&& (>= uap10.0) (< uap10.1))
      Microsoft.NETCore.Platforms (>= 1.1) - restriction: || (>= dnxcore50) (&& (< monoandroid) (< net45) (>= netstandard1.3) (< netstandard1.6) (< win8) (< wpa81)) (&& (< monotouch) (>= netstandard1.6) (< xamarinios) (< xamarinmac) (< xamarintvos) (< xamarinwatchos))
      Microsoft.Win32.Primitives (>= 4.3) - restriction: && (< monoandroid) (< net45) (>= netstandard1.3) (< netstandard1.6) (< win8) (< wpa81)
      runtime.native.System (>= 4.3) - restriction: && (< monotouch) (>= netstandard1.6) (< xamarinios) (< xamarinmac) (< xamarintvos) (< xamarinwatchos)
      runtime.native.System.Net.Http (>= 4.3) - restriction: && (< monotouch) (>= netstandard1.6) (< xamarinios) (< xamarinmac) (< xamarintvos) (< xamarinwatchos)
      runtime.native.System.Security.Cryptography.OpenSsl (>= 4.3.2) - restriction: && (< monotouch) (>= netstandard1.6) (< xamarinios) (< xamarinmac) (< xamarintvos) (< xamarinwatchos)
      System.Collections (>= 4.3) - restriction: || (>= dnxcore50) (&& (< monoandroid) (< net45) (>= netstandard1.3) (< netstandard1.6) (< win8) (< wpa81)) (&& (< monotouch) (>= netstandard1.6) (< xamarinios) (< xamarinmac) (< xamarintvos) (< xamarinwatchos))
      System.Diagnostics.Debug (>= 4.3) - restriction: || (>= dnxcore50) (&& (< monoandroid) (< net45) (>= netstandard1.3) (< netstandard1.6) (< win8) (< wpa81)) (&& (< monotouch) (>= netstandard1.6) (< xamarinios) (< xamarinmac) (< xamarintvos) (< xamarinwatchos))
      System.Diagnostics.DiagnosticSource (>= 4.3) - restriction: || (>= dnxcore50) (&& (< monoandroid) (< net45) (>= netstandard1.3) (< netstandard1.6) (< win8) (< wpa81)) (&& (< monotouch) (>= netstandard1.6) (< xamarinios) (< xamarinmac) (< xamarintvos) (< xamarinwatchos))
      System.Diagnostics.Tracing (>= 4.3) - restriction: || (>= dnxcore50) (&& (< monoandroid) (< net45) (>= netstandard1.3) (< netstandard1.6) (< win8) (< wpa81)) (&& (< monotouch) (>= netstandard1.6) (< xamarinios) (< xamarinmac) (< xamarintvos) (< xamarinwatchos))
      System.Globalization (>= 4.3) - restriction: || (>= dnxcore50) (&& (< monoandroid) (< net45) (>= netstandard1.3) (< netstandard1.6) (< win8) (< wpa81)) (&& (< monotouch) (>= netstandard1.6) (< xamarinios) (< xamarinmac) (< xamarintvos) (< xamarinwatchos))
      System.Globalization.Extensions (>= 4.3) - restriction: && (< monotouch) (>= netstandard1.6) (< xamarinios) (< xamarinmac) (< xamarintvos) (< xamarinwatchos)
      System.IO (>= 4.3) - restriction: || (>= dnxcore50) (&& (< monoandroid) (< net45) (>= netstandard1.1) (< netstandard1.3) (< win8) (< wpa81)) (&& (< monoandroid) (< net45) (>= netstandard1.3) (< netstandard1.6) (< win8) (< wpa81)) (&& (< monotouch) (>= netstandard1.6) (< xamarinios) (< xamarinmac) (< xamarintvos) (< xamarinwatchos))
      System.IO.Compression (>= 4.3) - restriction: && (< monoandroid) (< net45) (>= netstandard1.3) (< netstandard1.6) (< win8) (< wpa81)
      System.IO.FileSystem (>= 4.3) - restriction: && (< monotouch) (>= netstandard1.6) (< xamarinios) (< xamarinmac) (< xamarintvos) (< xamarinwatchos)
      System.Net.Primitives (>= 4.3) - restriction: || (>= dnxcore50) (&& (< monoandroid) (< net45) (>= netstandard1.1) (< netstandard1.3) (< win8) (< wpa81)) (&& (< monoandroid) (< net45) (>= netstandard1.3) (< netstandard1.6) (< win8) (< wpa81)) (&& (< monotouch) (>= netstandard1.6) (< xamarinios) (< xamarinmac) (< xamarintvos) (< xamarinwatchos))
      System.Resources.ResourceManager (>= 4.3) - restriction: || (>= dnxcore50) (&& (< monoandroid) (< net45) (>= netstandard1.3) (< netstandard1.6) (< win8) (< wpa81)) (&& (< monotouch) (>= netstandard1.6) (< xamarinios) (< xamarinmac) (< xamarintvos) (< xamarinwatchos))
      System.Runtime (>= 4.3) - restriction: || (>= dnxcore50) (&& (< monoandroid) (< net45) (>= netstandard1.1) (< netstandard1.3) (< win8) (< wpa81)) (&& (< monoandroid) (< net45) (>= netstandard1.3) (< netstandard1.6) (< win8) (< wpa81)) (&& (< monotouch) (>= netstandard1.6) (< xamarinios) (< xamarinmac) (< xamarintvos) (< xamarinwatchos))
      System.Runtime.Extensions (>= 4.3) - restriction: || (>= dnxcore50) (&& (< monoandroid) (< net45) (>= netstandard1.3) (< netstandard1.6) (< win8) (< wpa81)) (&& (< monotouch) (>= netstandard1.6) (< xamarinios) (< xamarinmac) (< xamarintvos) (< xamarinwatchos))
      System.Runtime.Handles (>= 4.3) - restriction: || (&& (< monoandroid) (< net45) (>= netstandard1.3) (< netstandard1.6) (< win8) (< wpa81)) (&& (< monotouch) (>= netstandard1.6) (< xamarinios) (< xamarinmac) (< xamarintvos) (< xamarinwatchos))
      System.Runtime.InteropServices (>= 4.3) - restriction: || (>= dnxcore50) (&& (< monoandroid) (< net45) (>= netstandard1.3) (< netstandard1.6) (< win8) (< wpa81)) (&& (< monotouch) (>= netstandard1.6) (< xamarinios) (< xamarinmac) (< xamarintvos) (< xamarinwatchos))
      System.Security.Cryptography.Algorithms (>= 4.3) - restriction: && (< monotouch) (>= netstandard1.6) (< xamarinios) (< xamarinmac) (< xamarintvos) (< xamarinwatchos)
      System.Security.Cryptography.Encoding (>= 4.3) - restriction: || (&& (< monoandroid) (< net45) (>= netstandard1.3) (< netstandard1.6) (< win8) (< wpa81)) (&& (< monotouch) (>= netstandard1.6) (< xamarinios) (< xamarinmac) (< xamarintvos) (< xamarinwatchos))
      System.Security.Cryptography.OpenSsl (>= 4.3) - restriction: && (< monotouch) (>= netstandard1.6) (< xamarinios) (< xamarinmac) (< xamarintvos) (< xamarinwatchos)
      System.Security.Cryptography.Primitives (>= 4.3) - restriction: && (< monotouch) (>= netstandard1.6) (< xamarinios) (< xamarinmac) (< xamarintvos) (< xamarinwatchos)
      System.Security.Cryptography.X509Certificates (>= 4.3) - restriction: || (>= dnxcore50) (&& (< monoandroid) (< net45) (>= netstandard1.3) (< netstandard1.6) (< win8) (< wpa81)) (&& (< monotouch) (>= netstandard1.6) (< xamarinios) (< xamarinmac) (< xamarintvos) (< xamarinwatchos)) (>= net46)
      System.Text.Encoding (>= 4.3) - restriction: || (>= dnxcore50) (&& (< monoandroid) (< net45) (>= netstandard1.1) (< netstandard1.3) (< win8) (< wpa81)) (&& (< monoandroid) (< net45) (>= netstandard1.3) (< netstandard1.6) (< win8) (< wpa81)) (&& (< monotouch) (>= netstandard1.6) (< xamarinios) (< xamarinmac) (< xamarintvos) (< xamarinwatchos))
      System.Threading (>= 4.3) - restriction: || (>= dnxcore50) (&& (< monoandroid) (< net45) (>= netstandard1.3) (< netstandard1.6) (< win8) (< wpa81)) (&& (< monotouch) (>= netstandard1.6) (< xamarinios) (< xamarinmac) (< xamarintvos) (< xamarinwatchos))
      System.Threading.Tasks (>= 4.3) - restriction: || (>= dnxcore50) (&& (< monoandroid) (< net45) (>= netstandard1.1) (< netstandard1.3) (< win8) (< wpa81)) (&& (< monoandroid) (< net45) (>= netstandard1.3) (< netstandard1.6) (< win8) (< wpa81)) (&& (< monotouch) (>= netstandard1.6) (< xamarinios) (< xamarinmac) (< xamarintvos) (< xamarinwatchos))
    System.Net.NameResolution (4.3) - restriction: && (< net45) (>= netstandard1.5)
      Microsoft.NETCore.Platforms (>= 1.1) - restriction: || (>= dnxcore50) (&& (< monotouch) (< net46) (>= netstandard1.3) (< xamarinios) (< xamarinmac) (< xamarintvos) (< xamarinwatchos))
      runtime.native.System (>= 4.3) - restriction: && (< monotouch) (< net46) (>= netstandard1.3) (< xamarinios) (< xamarinmac) (< xamarintvos) (< xamarinwatchos)
      System.Collections (>= 4.3) - restriction: || (>= dnxcore50) (&& (< monotouch) (< net46) (>= netstandard1.3) (< xamarinios) (< xamarinmac) (< xamarintvos) (< xamarinwatchos))
      System.Diagnostics.Tracing (>= 4.3) - restriction: || (>= dnxcore50) (&& (< monotouch) (< net46) (>= netstandard1.3) (< xamarinios) (< xamarinmac) (< xamarintvos) (< xamarinwatchos))
      System.Globalization (>= 4.3) - restriction: || (>= dnxcore50) (&& (< monotouch) (< net46) (>= netstandard1.3) (< xamarinios) (< xamarinmac) (< xamarintvos) (< xamarinwatchos))
      System.Net.Primitives (>= 4.3) - restriction: || (>= dnxcore50) (&& (< monotouch) (< net46) (>= netstandard1.3) (< xamarinios) (< xamarinmac) (< xamarintvos) (< xamarinwatchos))
      System.Resources.ResourceManager (>= 4.3) - restriction: || (>= dnxcore50) (&& (< monotouch) (< net46) (>= netstandard1.3) (< xamarinios) (< xamarinmac) (< xamarintvos) (< xamarinwatchos))
      System.Runtime (>= 4.3) - restriction: || (>= dnxcore50) (&& (< monotouch) (< net46) (>= netstandard1.3) (< xamarinios) (< xamarinmac) (< xamarintvos) (< xamarinwatchos))
      System.Runtime.Extensions (>= 4.3) - restriction: || (>= dnxcore50) (&& (< monotouch) (< net46) (>= netstandard1.3) (< xamarinios) (< xamarinmac) (< xamarintvos) (< xamarinwatchos))
      System.Runtime.Handles (>= 4.3) - restriction: || (>= dnxcore50) (&& (< monotouch) (< net46) (>= netstandard1.3) (< xamarinios) (< xamarinmac) (< xamarintvos) (< xamarinwatchos))
      System.Runtime.InteropServices (>= 4.3) - restriction: || (>= dnxcore50) (&& (< monotouch) (< net46) (>= netstandard1.3) (< xamarinios) (< xamarinmac) (< xamarintvos) (< xamarinwatchos))
      System.Security.Principal.Windows (>= 4.3) - restriction: && (< monotouch) (< net46) (>= netstandard1.3) (< xamarinios) (< xamarinmac) (< xamarintvos) (< xamarinwatchos)
      System.Threading (>= 4.3) - restriction: || (>= dnxcore50) (&& (< monotouch) (< net46) (>= netstandard1.3) (< xamarinios) (< xamarinmac) (< xamarintvos) (< xamarinwatchos))
      System.Threading.Tasks (>= 4.3) - restriction: || (>= dnxcore50) (&& (< monotouch) (< net46) (>= netstandard1.3) (< xamarinios) (< xamarinmac) (< xamarintvos) (< xamarinwatchos))
    System.Net.Primitives (4.3) - restriction: || (&& (>= dnxcore50) (>= net46)) (&& (>= dnxcore50) (>= netstandard1.1)) (&& (>= dnxcore50) (>= netstandard1.2)) (&& (>= dnxcore50) (>= netstandard1.3)) (&& (>= dnxcore50) (>= netstandard1.4)) (&& (>= dnxcore50) (>= netstandard1.5)) (&& (>= dnxcore50) (>= netstandard1.6)) (&& (>= dnxcore50) (>= uap10.0)) (&& (< monoandroid) (< net45) (>= netstandard1.2) (< netstandard1.3) (< wpa81)) (&& (< monoandroid) (< net45) (>= netstandard1.3) (< netstandard1.4) (< wpa81)) (&& (< monoandroid) (< net45) (< netstandard1.3) (>= netstandard1.4) (< win8) (< wpa81)) (&& (< monoandroid) (< net45) (< netstandard1.3) (>= netstandard1.5)) (&& (< monoandroid) (< net45) (< netstandard1.3) (>= netstandard1.6)) (&& (< monoandroid) (< net45) (>= netstandard1.4) (< netstandard1.5) (< wpa81)) (&& (< monoandroid) (< net45) (< netstandard1.4) (>= netstandard1.6)) (&& (< monoandroid) (< net45) (>= netstandard1.5) (< netstandard1.6)) (&& (< monoandroid) (< net45) (< netstandard1.5) (>= netstandard1.6)) (&& (< monotouch) (< net45) (>= netstandard1.5) (< xamarinios) (< xamarinmac) (< xamarintvos) (< xamarinwatchos)) (&& (< monotouch) (< net45) (>= netstandard1.6) (< xamarinios) (< xamarinmac) (< xamarintvos) (< xamarinwatchos)) (&& (< monotouch) (< net46) (>= netstandard1.6) (< netstandard2.0) (< xamarinios) (< xamarinmac) (< xamarintvos) (< xamarinwatchos)) (&& (< monotouch) (< net462) (>= netstandard1.6) (< netstandard2.0) (< xamarinios) (< xamarinmac) (< xamarintvos) (< xamarinwatchos)) (&& (< net45) (>= net46) (< netstandard1.3)) (&& (< net45) (>= net46) (< netstandard1.4)) (&& (< net45) (>= netstandard1.1) (< portable-net451+win81+wpa81)) (&& (< net45) (>= netstandard1.3) (< portable-net451+win81+wpa81) (< win8)) (&& (< net45) (>= netstandard1.6) (< portable-net451+win81+wpa81)) (&& (>= net46) (< netstandard1.4) (>= netstandard1.6)) (&& (>= netstandard1.0) (< portable-net45+win8+wpa81)) (&& (>= netstandard1.6) (>= uap10.0)) (&& (>= uap10.0) (< uap10.1)) (&& (>= uap10.0) (< win8) (< wpa81))
      Microsoft.NETCore.Platforms (>= 1.1) - restriction: || (>= dnxcore50) (&& (< monoandroid) (< net45) (>= netstandard1.1) (< netstandard1.3) (< win8) (< wpa81)) (&& (< monoandroid) (>= netstandard1.0) (< netstandard1.1) (< win8) (< wp8)) (&& (< monotouch) (< net45) (>= netstandard1.3) (< win8) (< wpa81) (< xamarinios) (< xamarinmac) (< xamarintvos) (< xamarinwatchos))
      Microsoft.NETCore.Targets (>= 1.1) - restriction: || (>= dnxcore50) (&& (< monoandroid) (< net45) (>= netstandard1.1) (< netstandard1.3) (< win8) (< wpa81)) (&& (< monoandroid) (>= netstandard1.0) (< netstandard1.1) (< win8) (< wp8)) (&& (< monotouch) (< net45) (>= netstandard1.3) (< win8) (< wpa81) (< xamarinios) (< xamarinmac) (< xamarintvos) (< xamarinwatchos))
      System.Runtime (>= 4.3) - restriction: || (>= dnxcore50) (&& (< monoandroid) (< net45) (>= netstandard1.1) (< netstandard1.3) (< win8) (< wpa81)) (&& (< monoandroid) (>= netstandard1.0) (< netstandard1.1) (< win8) (< wp8)) (&& (< monotouch) (< net45) (>= netstandard1.3) (< win8) (< wpa81) (< xamarinios) (< xamarinmac) (< xamarintvos) (< xamarinwatchos))
      System.Runtime.Handles (>= 4.3) - restriction: || (>= dnxcore50) (&& (< monotouch) (< net45) (>= netstandard1.3) (< win8) (< wpa81) (< xamarinios) (< xamarinmac) (< xamarintvos) (< xamarinwatchos))
    System.Net.Security (4.3.1) - restriction: && (< net45) (>= netstandard1.5)
      Microsoft.NETCore.Platforms (>= 1.1) - restriction: || (&& (< monoandroid) (< net46) (>= netstandard1.3) (< netstandard1.6)) (&& (< monotouch) (>= netstandard1.6) (< xamarinios) (< xamarinmac) (< xamarintvos) (< xamarinwatchos))
      Microsoft.Win32.Primitives (>= 4.3) - restriction: || (&& (< monoandroid) (< net46) (>= netstandard1.3) (< netstandard1.6)) (&& (< monotouch) (>= netstandard1.6) (< xamarinios) (< xamarinmac) (< xamarintvos) (< xamarinwatchos))
      runtime.native.System (>= 4.3) - restriction: && (< monotouch) (>= netstandard1.6) (< xamarinios) (< xamarinmac) (< xamarintvos) (< xamarinwatchos)
      runtime.native.System.Net.Security (>= 4.3) - restriction: && (< monotouch) (>= netstandard1.6) (< xamarinios) (< xamarinmac) (< xamarintvos) (< xamarinwatchos)
      runtime.native.System.Security.Cryptography.OpenSsl (>= 4.3) - restriction: && (< monotouch) (>= netstandard1.6) (< xamarinios) (< xamarinmac) (< xamarintvos) (< xamarinwatchos)
      System.Collections (>= 4.3) - restriction: || (&& (< monoandroid) (< net46) (>= netstandard1.3) (< netstandard1.6)) (&& (< monotouch) (>= netstandard1.6) (< xamarinios) (< xamarinmac) (< xamarintvos) (< xamarinwatchos))
      System.Collections.Concurrent (>= 4.3) - restriction: || (&& (< monoandroid) (< net46) (>= netstandard1.3) (< netstandard1.6)) (&& (< monotouch) (>= netstandard1.6) (< xamarinios) (< xamarinmac) (< xamarintvos) (< xamarinwatchos))
      System.Diagnostics.Tracing (>= 4.3) - restriction: || (&& (< monoandroid) (< net46) (>= netstandard1.3) (< netstandard1.6)) (&& (< monotouch) (>= netstandard1.6) (< xamarinios) (< xamarinmac) (< xamarintvos) (< xamarinwatchos))
      System.Globalization (>= 4.3) - restriction: || (&& (< monoandroid) (< net46) (>= netstandard1.3) (< netstandard1.6)) (&& (< monotouch) (>= netstandard1.6) (< xamarinios) (< xamarinmac) (< xamarintvos) (< xamarinwatchos))
      System.Globalization.Extensions (>= 4.3) - restriction: && (< monotouch) (>= netstandard1.6) (< xamarinios) (< xamarinmac) (< xamarintvos) (< xamarinwatchos)
      System.IO (>= 4.3) - restriction: || (&& (< monoandroid) (< net46) (>= netstandard1.3) (< netstandard1.6)) (&& (< monotouch) (>= netstandard1.6) (< xamarinios) (< xamarinmac) (< xamarintvos) (< xamarinwatchos))
      System.Net.Primitives (>= 4.3) - restriction: || (&& (< monoandroid) (< net46) (>= netstandard1.3) (< netstandard1.6)) (&& (< monotouch) (>= netstandard1.6) (< xamarinios) (< xamarinmac) (< xamarintvos) (< xamarinwatchos))
      System.Resources.ResourceManager (>= 4.3) - restriction: || (&& (< monoandroid) (< net46) (>= netstandard1.3) (< netstandard1.6)) (&& (< monotouch) (>= netstandard1.6) (< xamarinios) (< xamarinmac) (< xamarintvos) (< xamarinwatchos))
      System.Runtime (>= 4.3) - restriction: || (&& (< monoandroid) (< net46) (>= netstandard1.3) (< netstandard1.6)) (&& (< monotouch) (>= netstandard1.6) (< xamarinios) (< xamarinmac) (< xamarintvos) (< xamarinwatchos))
      System.Runtime.Extensions (>= 4.3) - restriction: || (&& (< monoandroid) (< net46) (>= netstandard1.3) (< netstandard1.6)) (&& (< monotouch) (>= netstandard1.6) (< xamarinios) (< xamarinmac) (< xamarintvos) (< xamarinwatchos))
      System.Runtime.Handles (>= 4.3) - restriction: || (&& (< monoandroid) (< net46) (>= netstandard1.3) (< netstandard1.6)) (&& (< monotouch) (>= netstandard1.6) (< xamarinios) (< xamarinmac) (< xamarintvos) (< xamarinwatchos))
      System.Runtime.InteropServices (>= 4.3) - restriction: || (&& (< monoandroid) (< net46) (>= netstandard1.3) (< netstandard1.6)) (&& (< monotouch) (>= netstandard1.6) (< xamarinios) (< xamarinmac) (< xamarintvos) (< xamarinwatchos))
      System.Security.Claims (>= 4.3) - restriction: || (&& (< monoandroid) (< net46) (>= netstandard1.3) (< netstandard1.6)) (&& (< monotouch) (>= netstandard1.6) (< xamarinios) (< xamarinmac) (< xamarintvos) (< xamarinwatchos))
      System.Security.Cryptography.Algorithms (>= 4.3) - restriction: && (< monotouch) (>= netstandard1.6) (< xamarinios) (< xamarinmac) (< xamarintvos) (< xamarinwatchos)
      System.Security.Cryptography.Encoding (>= 4.3) - restriction: || (&& (< monoandroid) (< net46) (>= netstandard1.3) (< netstandard1.6)) (&& (< monotouch) (>= netstandard1.6) (< xamarinios) (< xamarinmac) (< xamarintvos) (< xamarinwatchos))
      System.Security.Cryptography.OpenSsl (>= 4.3) - restriction: && (< monotouch) (>= netstandard1.6) (< xamarinios) (< xamarinmac) (< xamarintvos) (< xamarinwatchos)
      System.Security.Cryptography.Primitives (>= 4.3) - restriction: || (&& (< monoandroid) (< net46) (>= netstandard1.3) (< netstandard1.6)) (&& (< monotouch) (>= netstandard1.6) (< xamarinios) (< xamarinmac) (< xamarintvos) (< xamarinwatchos))
      System.Security.Cryptography.X509Certificates (>= 4.3) - restriction: || (&& (< monoandroid) (>= netstandard1.3) (< netstandard1.6)) (&& (< monotouch) (>= netstandard1.6) (< xamarinios) (< xamarinmac) (< xamarintvos) (< xamarinwatchos)) (>= net46)
      System.Security.Principal (>= 4.3) - restriction: || (&& (< monoandroid) (< net46) (>= netstandard1.3) (< netstandard1.6)) (&& (< monotouch) (>= netstandard1.6) (< xamarinios) (< xamarinmac) (< xamarintvos) (< xamarinwatchos))
      System.Security.Principal.Windows (>= 4.3) - restriction: && (< monoandroid) (< net46) (>= netstandard1.3) (< netstandard1.6)
      System.Text.Encoding (>= 4.3) - restriction: && (< monotouch) (>= netstandard1.6) (< xamarinios) (< xamarinmac) (< xamarintvos) (< xamarinwatchos)
      System.Threading (>= 4.3) - restriction: || (&& (< monoandroid) (< net46) (>= netstandard1.3) (< netstandard1.6)) (&& (< monotouch) (>= netstandard1.6) (< xamarinios) (< xamarinmac) (< xamarintvos) (< xamarinwatchos))
      System.Threading.Tasks (>= 4.3) - restriction: || (&& (< monoandroid) (< net46) (>= netstandard1.3) (< netstandard1.6)) (&& (< monotouch) (>= netstandard1.6) (< xamarinios) (< xamarinmac) (< xamarintvos) (< xamarinwatchos))
      System.Threading.ThreadPool (>= 4.3) - restriction: || (&& (< monoandroid) (< net46) (>= netstandard1.3) (< netstandard1.6)) (&& (< monotouch) (>= netstandard1.6) (< xamarinios) (< xamarinmac) (< xamarintvos) (< xamarinwatchos))
    System.Net.Sockets (4.3) - restriction: || (&& (< monoandroid) (< net45) (>= netstandard1.3) (< netstandard1.4) (< wpa81)) (&& (< monoandroid) (< net45) (>= netstandard1.4) (< netstandard1.5) (< wpa81)) (&& (< monoandroid) (< net45) (>= netstandard1.5) (< netstandard1.6)) (&& (< monotouch) (< net45) (>= netstandard1.6) (< netstandard2.0) (< xamarinios) (< xamarinmac) (< xamarintvos) (< xamarinwatchos)) (&& (< monotouch) (< net462) (>= netstandard1.6) (< netstandard2.0) (< xamarinios) (< xamarinmac) (< xamarintvos) (< xamarinwatchos)) (&& (>= net46) (< netstandard1.4)) (&& (>= uap10.0) (< uap10.1))
      Microsoft.NETCore.Platforms (>= 1.1) - restriction: && (< monotouch) (< net46) (>= netstandard1.3) (< xamarinios) (< xamarinmac) (< xamarintvos) (< xamarinwatchos)
      Microsoft.NETCore.Targets (>= 1.1) - restriction: && (< monotouch) (< net46) (>= netstandard1.3) (< xamarinios) (< xamarinmac) (< xamarintvos) (< xamarinwatchos)
      System.IO (>= 4.3) - restriction: && (< monotouch) (< net46) (>= netstandard1.3) (< xamarinios) (< xamarinmac) (< xamarintvos) (< xamarinwatchos)
      System.Net.Primitives (>= 4.3) - restriction: && (< monotouch) (< net46) (>= netstandard1.3) (< xamarinios) (< xamarinmac) (< xamarintvos) (< xamarinwatchos)
      System.Runtime (>= 4.3) - restriction: && (< monotouch) (< net46) (>= netstandard1.3) (< xamarinios) (< xamarinmac) (< xamarintvos) (< xamarinwatchos)
      System.Threading.Tasks (>= 4.3) - restriction: && (< monotouch) (< net46) (>= netstandard1.3) (< xamarinios) (< xamarinmac) (< xamarintvos) (< xamarinwatchos)
    System.ObjectModel (4.3) - restriction: || (&& (>= dnxcore50) (>= netstandard1.0)) (&& (>= dnxcore50) (>= netstandard1.1)) (&& (>= dnxcore50) (>= netstandard1.3)) (&& (>= dnxcore50) (>= netstandard1.6)) (&& (< monoandroid) (< net45) (>= netstandard1.0) (< netstandard1.3) (< win8) (< wp8) (< wpa81)) (&& (< monoandroid) (< net45) (>= netstandard1.1) (< netstandard1.3) (< win8) (< wpa81)) (&& (< monoandroid) (< net45) (>= netstandard1.2) (< netstandard1.3) (< wpa81)) (&& (< monoandroid) (< net45) (>= netstandard1.3) (< netstandard1.4) (< wpa81)) (&& (< monoandroid) (< net45) (>= netstandard1.4) (< netstandard1.5) (< wpa81)) (&& (< monoandroid) (< net45) (>= netstandard1.5) (< netstandard1.6)) (&& (< monoandroid) (< net45) (< netstandard1.5) (>= netstandard1.6)) (&& (< monotouch) (< net45) (>= netstandard1.3) (< win8) (< wpa81) (< xamarinios) (< xamarinmac) (< xamarintvos) (< xamarinwatchos)) (&& (< monotouch) (>= netstandard1.6) (< xamarinios) (< xamarinmac) (< xamarintvos) (< xamarinwatchos)) (&& (< net45) (>= netstandard1.1) (< portable-net451+win81+wpa81)) (&& (< net45) (< netstandard1.3) (>= netstandard1.6)) (>= netcoreapp1.0) (&& (>= netstandard1.0) (< portable-net45+win8+wpa81)) (&& (>= netstandard1.6) (< portable-net45+win8+wpa81)) (&& (>= netstandard1.6) (>= uap10.0)) (&& (>= uap10.0) (< uap10.1))
      System.Collections (>= 4.3) - restriction: || (>= dnxcore50) (&& (< monotouch) (< net45) (>= netstandard1.3) (< win8) (< wpa81) (< xamarinios) (< xamarinmac) (< xamarintvos) (< xamarinwatchos))
      System.Diagnostics.Debug (>= 4.3) - restriction: || (>= dnxcore50) (&& (< monotouch) (< net45) (>= netstandard1.3) (< win8) (< wpa81) (< xamarinios) (< xamarinmac) (< xamarintvos) (< xamarinwatchos))
      System.Resources.ResourceManager (>= 4.3) - restriction: || (>= dnxcore50) (&& (< monotouch) (< net45) (>= netstandard1.3) (< win8) (< wpa81) (< xamarinios) (< xamarinmac) (< xamarintvos) (< xamarinwatchos))
      System.Runtime (>= 4.3) - restriction: || (>= dnxcore50) (&& (< monoandroid) (< net45) (>= netstandard1.0) (< netstandard1.3) (< win8) (< wp8) (< wpa81)) (&& (< monotouch) (< net45) (>= netstandard1.3) (< win8) (< wpa81) (< xamarinios) (< xamarinmac) (< xamarintvos) (< xamarinwatchos))
      System.Threading (>= 4.3) - restriction: || (>= dnxcore50) (&& (< monotouch) (< net45) (>= netstandard1.3) (< win8) (< wpa81) (< xamarinios) (< xamarinmac) (< xamarintvos) (< xamarinwatchos))
    System.Reactive.Core (3.1.1)
      System.ComponentModel (>= 4.0.1) - restriction: || (&& (< net45) (>= netstandard1.0)) (>= netcoreapp1.0)
      System.Diagnostics.Contracts (>= 4.0.1) - restriction: || (&& (< net45) (>= netstandard1.0)) (>= netcoreapp1.0)
      System.Dynamic.Runtime (>= 4.0.11) - restriction: || (&& (< net45) (>= netstandard1.0)) (>= netcoreapp1.0)
      System.Reactive.Interfaces (>= 3.1.1) - restriction: >= netstandard1.0
      System.Threading.Thread (>= 4.0) - restriction: >= netcoreapp1.0
      System.Threading.ThreadPool (>= 4.0.10) - restriction: >= netcoreapp1.0
    System.Reactive.Interfaces (3.1.1) - restriction: >= netstandard1.0
      NETStandard.Library (>= 1.6) - restriction: && (< net45) (>= netstandard1.0)
    System.Reactive.Linq (3.1.1)
      System.Reactive.Core (>= 3.1.1) - restriction: >= netstandard1.0
      System.Runtime.InteropServices.WindowsRuntime (>= 4.0.1) - restriction: && (< net45) (>= netstandard1.0)
    System.Reflection (4.3) - restriction: || (&& (>= dnxcore50) (>= net45)) (&& (>= dnxcore50) (>= net451)) (&& (>= dnxcore50) (>= net46)) (&& (>= dnxcore50) (>= netstandard1.0)) (&& (>= dnxcore50) (>= netstandard1.1)) (&& (>= dnxcore50) (>= netstandard1.2)) (&& (>= dnxcore50) (>= netstandard1.4)) (&& (>= dnxcore50) (>= netstandard1.5)) (&& (>= dnxcore50) (>= netstandard1.6)) (&& (>= dnxcore50) (>= uap10.0)) (&& (>= dnxcore50) (>= wpa81)) (&& (< monoandroid) (< net45) (>= netstandard1.2) (< wpa81)) (&& (< monoandroid) (< net45) (< netstandard1.2) (>= netstandard1.4) (< win8)) (&& (< monoandroid) (< net45) (>= netstandard1.4) (< netstandard1.5) (< wpa81)) (&& (< monoandroid) (< net45) (>= netstandard1.4) (< win8) (< wpa81)) (&& (< monoandroid) (< netstandard1.0) (>= netstandard1.1) (>= portable-net451+win81+wpa81) (< win8)) (&& (< monotouch) (< net20) (>= netstandard1.4) (< xamarinios) (< xamarinmac) (< xamarintvos) (< xamarinwatchos)) (&& (< monotouch) (< net45) (>= netstandard1.4) (< win8) (< wpa81) (< xamarinios) (< xamarinmac) (< xamarintvos) (< xamarinwatchos)) (&& (< monotouch) (>= netstandard1.6) (< xamarinios) (< xamarinmac) (< xamarintvos) (< xamarinwatchos)) (&& (< net45) (>= net451)) (&& (< net45) (>= net46)) (&& (< net45) (>= netstandard1.0)) (&& (< net45) (>= netstandard1.1)) (&& (< net45) (>= netstandard1.2) (< portable-net451+win81+wpa81) (< win8)) (&& (< net45) (>= netstandard1.5)) (&& (< net45) (>= netstandard1.6)) (&& (>= netstandard1.0) (< portable-net45+win8+wpa81)) (&& (< netstandard1.0) (>= netstandard1.1) (< portable-net451+win81+wpa81) (< win8)) (&& (< netstandard1.2) (>= uap10.0) (< win8)) (>= netstandard1.3) (&& (>= netstandard1.5) (>= uap10.0)) (&& (>= netstandard1.6) (< portable-net45+win8+wpa81)) (&& (>= netstandard1.6) (>= uap10.0)) (&& (>= uap10.0) (< uap10.1)) (&& (>= uap10.0) (< win8) (< wpa81))
      Microsoft.NETCore.Platforms (>= 1.1) - restriction: || (>= dnxcore50) (&& (< monoandroid) (< net45) (>= netstandard1.0) (< netstandard1.3) (< win8) (< wp8) (< wpa81)) (&& (< monoandroid) (< net45) (>= netstandard1.3) (< netstandard1.5) (< win8) (< wpa81)) (&& (< monotouch) (< net45) (>= netstandard1.5) (< xamarinios) (< xamarinmac) (< xamarintvos) (< xamarinwatchos))
      Microsoft.NETCore.Targets (>= 1.1) - restriction: || (>= dnxcore50) (&& (< monoandroid) (< net45) (>= netstandard1.0) (< netstandard1.3) (< win8) (< wp8) (< wpa81)) (&& (< monoandroid) (< net45) (>= netstandard1.3) (< netstandard1.5) (< win8) (< wpa81)) (&& (< monotouch) (< net45) (>= netstandard1.5) (< xamarinios) (< xamarinmac) (< xamarintvos) (< xamarinwatchos))
      System.IO (>= 4.3) - restriction: || (>= dnxcore50) (&& (< monoandroid) (< net45) (>= netstandard1.0) (< netstandard1.3) (< win8) (< wp8) (< wpa81)) (&& (< monoandroid) (< net45) (>= netstandard1.3) (< netstandard1.5) (< win8) (< wpa81)) (&& (< monotouch) (< net45) (>= netstandard1.5) (< xamarinios) (< xamarinmac) (< xamarintvos) (< xamarinwatchos))
      System.Reflection.Primitives (>= 4.3) - restriction: || (>= dnxcore50) (&& (< monoandroid) (< net45) (>= netstandard1.0) (< netstandard1.3) (< win8) (< wp8) (< wpa81)) (&& (< monoandroid) (< net45) (>= netstandard1.3) (< netstandard1.5) (< win8) (< wpa81)) (&& (< monotouch) (< net45) (>= netstandard1.5) (< xamarinios) (< xamarinmac) (< xamarintvos) (< xamarinwatchos))
      System.Runtime (>= 4.3) - restriction: || (>= dnxcore50) (&& (< monoandroid) (< net45) (>= netstandard1.0) (< netstandard1.3) (< win8) (< wp8) (< wpa81)) (&& (< monoandroid) (< net45) (>= netstandard1.3) (< netstandard1.5) (< win8) (< wpa81)) (&& (< monotouch) (< net45) (>= netstandard1.5) (< xamarinios) (< xamarinmac) (< xamarintvos) (< xamarinwatchos))
    System.Reflection.Emit (4.3) - restriction: || (&& (>= dnxcore50) (>= netstandard1.6)) (&& (< monoandroid) (< net45) (< netstandard1.5) (>= netstandard1.6)) (&& (< monotouch) (< net45) (>= netstandard1.3) (< win8) (< wpa81) (< xamarinios) (< xamarinmac) (< xamarintvos) (< xamarinwatchos)) (&& (< monotouch) (>= netstandard1.6) (< xamarinios) (< xamarinmac) (< xamarintvos) (< xamarinwatchos)) (&& (< net45) (< netstandard1.3) (>= netstandard1.6)) (&& (>= netstandard1.6) (< portable-net45+win8+wpa81)) (&& (>= netstandard1.6) (>= uap10.0))
      System.IO (>= 4.3) - restriction: && (< monotouch) (< net45) (>= netstandard1.1) (< xamarinios) (< xamarinmac) (< xamarintvos) (< xamarinwatchos)
      System.Reflection (>= 4.3) - restriction: && (< monotouch) (< net45) (>= netstandard1.1) (< xamarinios) (< xamarinmac) (< xamarintvos) (< xamarinwatchos)
      System.Reflection.Emit.ILGeneration (>= 4.3) - restriction: && (< monotouch) (< net45) (>= netstandard1.1) (< xamarinios) (< xamarinmac) (< xamarintvos) (< xamarinwatchos)
      System.Reflection.Primitives (>= 4.3) - restriction: && (< monotouch) (< net45) (>= netstandard1.1) (< xamarinios) (< xamarinmac) (< xamarintvos) (< xamarinwatchos)
      System.Runtime (>= 4.3) - restriction: && (< monotouch) (< net45) (>= netstandard1.1) (< xamarinios) (< xamarinmac) (< xamarintvos) (< xamarinwatchos)
    System.Reflection.Emit.ILGeneration (4.3) - restriction: || (&& (>= dnxcore50) (>= netstandard1.0)) (&& (>= dnxcore50) (>= netstandard1.1)) (&& (>= dnxcore50) (>= netstandard1.2)) (&& (>= dnxcore50) (>= netstandard1.3)) (&& (>= dnxcore50) (>= netstandard1.4)) (&& (>= dnxcore50) (>= netstandard1.5)) (&& (>= dnxcore50) (>= netstandard1.6)) (&& (>= dnxcore50) (>= uap10.0)) (&& (< monoandroid) (< net45) (< netstandard1.5) (>= netstandard1.6)) (&& (< monotouch) (< net45) (>= netstandard1.3) (< win8) (< wpa81) (< xamarinios) (< xamarinmac) (< xamarintvos) (< xamarinwatchos)) (&& (< monotouch) (< net45) (>= netstandard1.5) (< xamarinios) (< xamarinmac) (< xamarintvos) (< xamarinwatchos)) (&& (< monotouch) (>= netstandard1.6) (< xamarinios) (< xamarinmac) (< xamarintvos) (< xamarinwatchos)) (&& (< net45) (< netstandard1.3) (>= netstandard1.6)) (&& (>= netstandard1.6) (< portable-net45+win8+wpa81)) (&& (>= netstandard1.6) (>= uap10.0))
      System.Reflection (>= 4.3) - restriction: && (< monotouch) (< net45) (>= netstandard1.0) (< wp8) (< xamarinios) (< xamarinmac) (< xamarintvos) (< xamarinwatchos)
      System.Reflection.Primitives (>= 4.3) - restriction: && (< monotouch) (< net45) (>= netstandard1.0) (< wp8) (< xamarinios) (< xamarinmac) (< xamarintvos) (< xamarinwatchos)
      System.Runtime (>= 4.3) - restriction: && (< monotouch) (< net45) (>= netstandard1.0) (< wp8) (< xamarinios) (< xamarinmac) (< xamarintvos) (< xamarinwatchos)
    System.Reflection.Emit.Lightweight (4.3) - restriction: || (&& (>= dnxcore50) (>= netstandard1.0)) (&& (>= dnxcore50) (>= netstandard1.1)) (&& (>= dnxcore50) (>= netstandard1.2)) (&& (>= dnxcore50) (>= netstandard1.3)) (&& (>= dnxcore50) (>= netstandard1.4)) (&& (>= dnxcore50) (>= netstandard1.5)) (&& (>= dnxcore50) (>= netstandard1.6)) (&& (>= dnxcore50) (>= uap10.0)) (&& (< monoandroid) (< net45) (< netstandard1.5) (>= netstandard1.6)) (&& (< monotouch) (>= netstandard1.6) (< xamarinios) (< xamarinmac) (< xamarintvos) (< xamarinwatchos)) (&& (< net45) (< netstandard1.3) (>= netstandard1.6)) (&& (< net45) (>= netstandard1.5)) (&& (>= netstandard1.6) (< portable-net45+win8+wpa81)) (&& (>= netstandard1.6) (>= uap10.0))
      System.Reflection (>= 4.3) - restriction: && (< monotouch) (< net45) (>= netstandard1.0) (< wp8) (< xamarinios) (< xamarinmac) (< xamarintvos) (< xamarinwatchos)
      System.Reflection.Emit.ILGeneration (>= 4.3) - restriction: && (< monotouch) (< net45) (>= netstandard1.0) (< wp8) (< xamarinios) (< xamarinmac) (< xamarintvos) (< xamarinwatchos)
      System.Reflection.Primitives (>= 4.3) - restriction: && (< monotouch) (< net45) (>= netstandard1.0) (< wp8) (< xamarinios) (< xamarinmac) (< xamarintvos) (< xamarinwatchos)
      System.Runtime (>= 4.3) - restriction: && (< monotouch) (< net45) (>= netstandard1.0) (< wp8) (< xamarinios) (< xamarinmac) (< xamarintvos) (< xamarinwatchos)
    System.Reflection.Extensions (4.3) - restriction: || (&& (>= dnxcore50) (>= net45)) (&& (>= dnxcore50) (>= net451)) (&& (>= dnxcore50) (>= net46)) (&& (>= dnxcore50) (>= netstandard1.0)) (&& (>= dnxcore50) (>= netstandard1.1)) (&& (>= dnxcore50) (>= netstandard1.2)) (&& (>= dnxcore50) (>= netstandard1.3)) (&& (>= dnxcore50) (>= netstandard1.4)) (&& (>= dnxcore50) (>= netstandard1.5)) (&& (>= dnxcore50) (>= netstandard1.6)) (&& (>= dnxcore50) (>= uap10.0)) (&& (>= dnxcore50) (>= wpa81)) (&& (< monoandroid) (< net20) (>= netstandard1.0) (< netstandard1.3) (< win8) (< wp8) (< wpa81)) (&& (< monoandroid) (< net20) (>= netstandard1.3) (< netstandard1.5) (< win8) (< wpa81)) (&& (< monoandroid) (< net45) (>= netstandard1.1) (< netstandard1.5) (< win8) (< wpa81)) (&& (< monoandroid) (< net45) (>= netstandard1.2) (< netstandard1.3) (< wpa81)) (&& (< monoandroid) (< net45) (>= netstandard1.4) (< netstandard1.5) (< wpa81)) (&& (< monoandroid) (< net45) (>= netstandard1.5) (< netstandard1.6)) (&& (< monoandroid) (< net45) (< netstandard1.5) (>= netstandard1.6)) (&& (< monoandroid) (< netstandard1.0) (>= netstandard1.1) (>= portable-net451+win81+wpa81) (< win8)) (&& (< monoandroid) (< netstandard1.0) (>= netstandard1.3) (< win8)) (&& (< monotouch) (< net20) (>= netstandard1.5) (< xamarinios) (< xamarinmac) (< xamarintvos) (< xamarinwatchos)) (&& (< monotouch) (< net45) (>= netstandard1.4) (< win8) (< wpa81) (< xamarinios) (< xamarinmac) (< xamarintvos) (< xamarinwatchos)) (&& (< monotouch) (< net45) (>= netstandard1.5) (< xamarinios) (< xamarinmac) (< xamarintvos) (< xamarinwatchos)) (&& (< monotouch) (>= netstandard1.6) (< xamarinios) (< xamarinmac) (< xamarintvos) (< xamarinwatchos)) (&& (< net20) (>= net45) (< netstandard1.3)) (&& (< net20) (< netstandard1.3) (>= netstandard1.5)) (&& (< net45) (>= net451) (< netstandard1.3)) (&& (< net45) (>= net46) (< netstandard1.4)) (&& (< net45) (>= netstandard1.0) (< netstandard1.3)) (&& (< net45) (>= netstandard1.1) (< netstandard1.3)) (&& (< net45) (>= netstandard1.1) (< portable-net451+win81+wpa81)) (&& (< net45) (>= netstandard1.3)) (&& (< net45) (< netstandard1.3) (>= netstandard1.5)) (&& (< net45) (< netstandard1.3) (>= netstandard1.6)) (&& (>= netstandard1.0) (< portable-net45+win8+wpa81)) (&& (< netstandard1.0) (>= netstandard1.1) (< portable-net451+win81+wpa81) (< win8)) (&& (< netstandard1.0) (>= netstandard1.3) (< portable-net451+win81+wpa81) (< win8)) (&& (>= netstandard1.5) (>= wpa81)) (&& (>= netstandard1.6) (< portable-net45+win8+wpa81)) (&& (>= netstandard1.6) (>= uap10.0)) (&& (>= uap10.0) (< uap10.1)) (&& (>= uap10.0) (< win8) (< wpa81))
      Microsoft.NETCore.Platforms (>= 1.1) - restriction: || (>= dnxcore50) (&& (< monotouch) (< net45) (>= netstandard1.0) (< win8) (< wp8) (< wpa81) (< xamarinios) (< xamarinmac) (< xamarintvos) (< xamarinwatchos))
      Microsoft.NETCore.Targets (>= 1.1) - restriction: || (>= dnxcore50) (&& (< monotouch) (< net45) (>= netstandard1.0) (< win8) (< wp8) (< wpa81) (< xamarinios) (< xamarinmac) (< xamarintvos) (< xamarinwatchos))
      System.Reflection (>= 4.3) - restriction: || (>= dnxcore50) (&& (< monotouch) (< net45) (>= netstandard1.0) (< win8) (< wp8) (< wpa81) (< xamarinios) (< xamarinmac) (< xamarintvos) (< xamarinwatchos))
      System.Runtime (>= 4.3) - restriction: || (>= dnxcore50) (&& (< monotouch) (< net45) (>= netstandard1.0) (< win8) (< wp8) (< wpa81) (< xamarinios) (< xamarinmac) (< xamarintvos) (< xamarinwatchos))
    System.Reflection.Metadata (1.5)
      NETStandard.Library (>= 1.6.1) - restriction: && (< monotouch) (>= netstandard1.1) (< netstandard2.0) (< xamarinios) (< xamarinmac) (< xamarintvos) (< xamarinwatchos)
      System.Collections.Immutable (>= 1.4) - restriction: || (&& (>= monoandroid) (< netstandard1.1)) (&& (< monoandroid) (< netstandard1.1) (>= portable-net45+win8)) (>= monotouch) (&& (< netcoreapp2.0) (>= netstandard2.0)) (&& (>= netstandard1.1) (< netstandard2.0)) (&& (< portable-net45+win8) (>= portable-net45+win8+wpa81)) (>= xamarinios) (>= xamarinmac) (>= xamarintvos) (>= xamarinwatchos)
    System.Reflection.Primitives (4.3) - restriction: || (&& (>= dnxcore50) (>= netstandard1.0)) (&& (>= dnxcore50) (>= netstandard1.1)) (&& (>= dnxcore50) (>= netstandard1.2)) (&& (>= dnxcore50) (>= netstandard1.3)) (&& (>= dnxcore50) (>= netstandard1.4)) (&& (>= dnxcore50) (>= netstandard1.5)) (&& (>= dnxcore50) (>= netstandard1.6)) (&& (>= dnxcore50) (>= uap10.0)) (&& (< monoandroid) (< net20) (>= netstandard1.0) (< netstandard1.3) (< win8) (< wp8) (< wpa81)) (&& (< monoandroid) (< net20) (>= netstandard1.3) (< netstandard1.5) (< win8) (< wpa81)) (&& (< monoandroid) (< net45) (>= netstandard1.1) (< netstandard1.3) (< win8) (< wpa81)) (&& (< monoandroid) (< net45) (>= netstandard1.1) (< netstandard1.5) (< win8) (< wpa81)) (&& (< monoandroid) (< net45) (>= netstandard1.2) (< netstandard1.3) (< wpa81)) (&& (< monoandroid) (< net45) (< netstandard1.2) (>= netstandard1.3) (< win8)) (&& (< monoandroid) (< net45) (< netstandard1.2) (>= netstandard1.4) (< win8)) (&& (< monoandroid) (< net45) (< netstandard1.2) (>= netstandard1.5)) (&& (< monoandroid) (< net45) (< netstandard1.2) (>= netstandard1.6)) (&& (< monoandroid) (< net45) (>= netstandard1.3) (< netstandard1.4) (< wpa81)) (&& (< monoandroid) (< net45) (>= netstandard1.3) (< netstandard1.5) (< win8) (< wpa81)) (&& (< monoandroid) (< net45) (< netstandard1.3) (>= netstandard1.4) (< win8) (< wpa81)) (&& (< monoandroid) (< net45) (>= netstandard1.4) (< netstandard1.5) (< wpa81)) (&& (< monoandroid) (< net45) (< netstandard1.4) (>= netstandard1.5)) (&& (< monoandroid) (< net45) (>= netstandard1.5) (< netstandard1.6)) (&& (< monoandroid) (< net45) (< netstandard1.5) (>= netstandard1.6)) (&& (< monotouch) (< net20) (>= netstandard1.5) (< xamarinios) (< xamarinmac) (< xamarintvos) (< xamarinwatchos)) (&& (< monotouch) (< net45) (>= netstandard1.3) (< win8) (< wpa81) (< xamarinios) (< xamarinmac) (< xamarintvos) (< xamarinwatchos)) (&& (< monotouch) (< net45) (>= netstandard1.5) (< xamarinios) (< xamarinmac) (< xamarintvos) (< xamarinwatchos)) (&& (< monotouch) (>= netstandard1.6) (< xamarinios) (< xamarinmac) (< xamarintvos) (< xamarinwatchos)) (&& (< net20) (>= net45) (< netstandard1.3)) (&& (< net20) (< netstandard1.3) (>= netstandard1.5)) (&& (< net45) (>= netstandard1.1) (< portable-net451+win81+wpa81)) (&& (< net45) (>= netstandard1.2) (< portable-net451+win81+wpa81) (< win8)) (&& (< net45) (>= netstandard1.3) (< portable-net451+win81+wpa81) (< win8)) (&& (< net45) (< netstandard1.3) (>= netstandard1.5)) (&& (< net45) (< netstandard1.3) (>= netstandard1.6)) (&& (< net45) (>= netstandard1.5) (< portable-net451+win81+wpa81)) (>= netcoreapp1.1) (&& (>= netstandard1.0) (< portable-net45+win8+wpa81)) (&& (< netstandard1.2) (>= uap10.0) (< win8)) (&& (>= netstandard1.3) (< portable-net45+win8+wpa81)) (&& (>= netstandard1.5) (< portable-net45+win8+wpa81)) (&& (>= netstandard1.5) (>= uap10.0)) (&& (>= netstandard1.5) (>= wpa81)) (&& (>= netstandard1.6) (< portable-net45+win8+wpa81)) (&& (>= netstandard1.6) (>= uap10.0)) (&& (>= uap10.0) (< uap10.1)) (&& (>= uap10.0) (< win8) (< wpa81))
      Microsoft.NETCore.Platforms (>= 1.1) - restriction: || (>= dnxcore50) (&& (< monotouch) (< net45) (>= netstandard1.0) (< win8) (< wp8) (< wpa81) (< xamarinios) (< xamarinmac) (< xamarintvos) (< xamarinwatchos))
      Microsoft.NETCore.Targets (>= 1.1) - restriction: || (>= dnxcore50) (&& (< monotouch) (< net45) (>= netstandard1.0) (< win8) (< wp8) (< wpa81) (< xamarinios) (< xamarinmac) (< xamarintvos) (< xamarinwatchos))
      System.Runtime (>= 4.3) - restriction: || (>= dnxcore50) (&& (< monotouch) (< net45) (>= netstandard1.0) (< win8) (< wp8) (< wpa81) (< xamarinios) (< xamarinmac) (< xamarintvos) (< xamarinwatchos))
    System.Reflection.TypeExtensions (4.4) - restriction: || (&& (>= dnxcore50) (>= netstandard1.0)) (&& (>= dnxcore50) (>= netstandard1.1)) (&& (>= dnxcore50) (>= netstandard1.2)) (&& (>= dnxcore50) (>= netstandard1.3)) (&& (>= dnxcore50) (>= netstandard1.4)) (&& (>= dnxcore50) (>= netstandard1.5)) (&& (>= dnxcore50) (>= netstandard1.6)) (&& (>= dnxcore50) (>= uap10.0)) (&& (< monoandroid) (< net45) (< netstandard1.5) (>= netstandard1.6)) (&& (< monotouch) (< net45) (>= netstandard1.5) (< xamarinios) (< xamarinmac) (< xamarintvos) (< xamarinwatchos)) (&& (< monotouch) (>= netstandard1.6) (< xamarinios) (< xamarinmac) (< xamarintvos) (< xamarinwatchos)) (&& (< net45) (>= netstandard1.3)) (&& (< net45) (< netstandard1.3) (>= netstandard1.5)) (&& (< net45) (< netstandard1.3) (>= netstandard1.6)) (&& (>= netstandard1.6) (< portable-net45+win8+wpa81)) (&& (>= netstandard1.6) (>= uap10.0))
      System.Reflection (>= 4.3) - restriction: || (>= dnxcore50) (&& (< monoandroid) (< net46) (>= netstandard1.3) (< netstandard1.5)) (&& (< monotouch) (< net46) (>= netstandard1.5) (< netstandard2.0) (< xamarinios) (< xamarinmac) (< xamarintvos) (< xamarinwatchos))
      System.Resources.ResourceManager (>= 4.3) - restriction: || (>= dnxcore50) (&& (< monoandroid) (< net46) (>= netstandard1.3) (< netstandard1.5)) (&& (< monotouch) (< net46) (>= netstandard1.5) (< netstandard2.0) (< xamarinios) (< xamarinmac) (< xamarintvos) (< xamarinwatchos))
      System.Runtime (>= 4.3) - restriction: || (>= dnxcore50) (&& (< monoandroid) (< net46) (>= netstandard1.3) (< netstandard1.5)) (&& (< monotouch) (< net46) (>= netstandard1.5) (< netstandard2.0) (< xamarinios) (< xamarinmac) (< xamarintvos) (< xamarinwatchos))
    System.Resources.ResourceManager (4.3) - restriction: || (&& (>= dnxcore50) (>= net45)) (&& (>= dnxcore50) (>= net451)) (&& (>= dnxcore50) (>= net46)) (&& (>= dnxcore50) (>= net461)) (&& (>= dnxcore50) (>= netstandard1.0)) (&& (>= dnxcore50) (>= netstandard1.1)) (&& (>= dnxcore50) (>= netstandard1.2)) (&& (>= dnxcore50) (>= netstandard1.4)) (&& (>= dnxcore50) (>= netstandard1.5)) (&& (>= dnxcore50) (>= netstandard1.6)) (&& (>= dnxcore50) (>= uap10.0)) (&& (>= dnxcore50) (>= wpa81)) (&& (< monoandroid) (< net20) (>= netstandard1.0) (< win8) (< wp8) (< wpa81)) (&& (< monoandroid) (< net45) (>= netstandard1.2) (< wpa81)) (&& (< monoandroid) (< net45) (>= netstandard1.4) (< netstandard1.5) (< wpa81)) (&& (< monoandroid) (< net46) (< netstandard1.4) (>= netstandard1.6)) (&& (< monoandroid) (< netstandard1.0) (>= netstandard1.1) (>= portable-net451+win81+wpa81) (< win8)) (&& (< monotouch) (< net20) (>= netstandard1.4) (< xamarinios) (< xamarinmac) (< xamarintvos) (< xamarinwatchos)) (&& (< monotouch) (< net45) (>= netstandard1.4) (< xamarinios) (< xamarinmac) (< xamarintvos) (< xamarinwatchos)) (&& (< monotouch) (>= netstandard1.6) (< xamarinios) (< xamarinmac) (< xamarintvos) (< xamarinwatchos)) (&& (< net20) (>= net40) (>= netstandard1.0) (< portable-net45+win8+wp8+wp81+sl5)) (&& (< net20) (>= net45)) (&& (< net20) (>= netstandard1.0) (>= portable-net45+win8+wp8+wp81+sl5) (< win8) (< wp8) (< wpa81)) (&& (< net20) (>= netstandard1.5)) (&& (>= net45) (< netstandard1.0) (>= win8)) (&& (< net45) (>= net451)) (&& (< net45) (>= net46) (< netstandard1.4)) (&& (< net45) (>= net462)) (&& (< net45) (>= netstandard1.1)) (&& (< net45) (>= netstandard1.5)) (&& (< net45) (>= netstandard1.6)) (&& (>= net46) (< net462) (>= netstandard1.6)) (&& (>= net46) (< netstandard1.4) (>= netstandard1.6)) (&& (>= net461) (< net462) (>= netstandard1.6) (< netstandard2.0)) (&& (>= net461) (< netstandard1.4) (>= netstandard1.6)) (&& (>= netstandard1.0) (< portable-net45+win8+wpa81)) (&& (< netstandard1.0) (>= netstandard1.1) (< portable-net451+win81+wpa81) (< win8)) (&& (>= netstandard1.1) (>= wp8)) (>= netstandard1.3) (&& (>= netstandard1.5) (>= wpa81)) (&& (>= netstandard1.6) (< portable-net45+win8+wpa81)) (&& (>= netstandard1.6) (>= uap10.0)) (&& (>= uap10.0) (< uap10.1)) (&& (>= uap10.0) (< win8) (< wpa81))
      Microsoft.NETCore.Platforms (>= 1.1) - restriction: || (>= dnxcore50) (&& (< monotouch) (< net45) (>= netstandard1.0) (< win8) (< wp8) (< wpa81) (< xamarinios) (< xamarinmac) (< xamarintvos) (< xamarinwatchos))
      Microsoft.NETCore.Targets (>= 1.1) - restriction: || (>= dnxcore50) (&& (< monotouch) (< net45) (>= netstandard1.0) (< win8) (< wp8) (< wpa81) (< xamarinios) (< xamarinmac) (< xamarintvos) (< xamarinwatchos))
      System.Globalization (>= 4.3) - restriction: || (>= dnxcore50) (&& (< monotouch) (< net45) (>= netstandard1.0) (< win8) (< wp8) (< wpa81) (< xamarinios) (< xamarinmac) (< xamarintvos) (< xamarinwatchos))
      System.Reflection (>= 4.3) - restriction: || (>= dnxcore50) (&& (< monotouch) (< net45) (>= netstandard1.0) (< win8) (< wp8) (< wpa81) (< xamarinios) (< xamarinmac) (< xamarintvos) (< xamarinwatchos))
      System.Runtime (>= 4.3) - restriction: || (>= dnxcore50) (&& (< monotouch) (< net45) (>= netstandard1.0) (< win8) (< wp8) (< wpa81) (< xamarinios) (< xamarinmac) (< xamarintvos) (< xamarinwatchos))
    System.Runtime (4.3)
      Microsoft.NETCore.Platforms (>= 1.1) - restriction: || (>= dnxcore50) (&& (< monoandroid) (< net45) (>= netstandard1.0) (< netstandard1.2) (< win8) (< wp8)) (&& (< monoandroid) (< net45) (>= netstandard1.2) (< netstandard1.3) (< win8) (< wpa81)) (&& (< monoandroid) (< net45) (>= netstandard1.3) (< netstandard1.5) (< win8) (< wpa81)) (&& (< monotouch) (< net45) (>= netstandard1.5) (< xamarinios) (< xamarinmac) (< xamarintvos) (< xamarinwatchos))
      Microsoft.NETCore.Targets (>= 1.1) - restriction: || (>= dnxcore50) (&& (< monoandroid) (< net45) (>= netstandard1.0) (< netstandard1.2) (< win8) (< wp8)) (&& (< monoandroid) (< net45) (>= netstandard1.2) (< netstandard1.3) (< win8) (< wpa81)) (&& (< monoandroid) (< net45) (>= netstandard1.3) (< netstandard1.5) (< win8) (< wpa81)) (&& (< monotouch) (< net45) (>= netstandard1.5) (< xamarinios) (< xamarinmac) (< xamarintvos) (< xamarinwatchos))
    System.Runtime.CompilerServices.Unsafe (4.4) - restriction: >= netstandard1.0
      NETStandard.Library (>= 1.6.1) - restriction: && (>= netstandard1.0) (< netstandard2.0) (< xamarinmac)
    System.Runtime.Extensions (4.3) - restriction: || (&& (>= dnxcore50) (>= net46)) (&& (>= dnxcore50) (>= net461)) (&& (>= dnxcore50) (>= netstandard1.0)) (&& (>= dnxcore50) (>= netstandard1.1)) (&& (>= dnxcore50) (>= netstandard1.2)) (&& (>= dnxcore50) (>= netstandard1.4)) (&& (>= dnxcore50) (>= netstandard1.5)) (&& (>= dnxcore50) (>= netstandard1.6)) (&& (>= dnxcore50) (>= uap10.0)) (&& (< monoandroid) (< net20) (>= netstandard1.0) (< win8) (< wp8) (< wpa81)) (&& (< monoandroid) (< net45) (>= netstandard1.2) (< wpa81)) (&& (< monoandroid) (< net46) (< netstandard1.4) (>= netstandard1.6)) (&& (< monotouch) (>= netstandard1.6) (< xamarinios) (< xamarinmac) (< xamarintvos) (< xamarinwatchos)) (&& (< net20) (>= net45)) (&& (< net20) (>= netstandard1.5)) (&& (< net45) (>= net46) (< netstandard1.4)) (&& (< net45) (>= netstandard1.0)) (&& (< net45) (>= netstandard1.1)) (&& (< net45) (>= netstandard1.4)) (&& (< net45) (>= netstandard1.5)) (&& (< net45) (>= netstandard1.6)) (&& (< net452) (>= netstandard1.1)) (&& (>= net46) (< net462) (>= netstandard1.6)) (&& (>= net46) (< netstandard1.4) (>= netstandard1.6)) (&& (>= net461) (< net462) (>= netstandard1.6) (< netstandard2.0)) (&& (>= net461) (< netstandard1.4) (>= netstandard1.6)) (&& (>= netstandard1.0) (< portable-net45+win8+wpa81)) (>= netstandard1.3) (&& (>= netstandard1.5) (>= wpa81)) (&& (>= netstandard1.6) (< portable-net45+win8+wpa81)) (&& (>= netstandard1.6) (>= uap10.0)) (&& (>= uap10.0) (< uap10.1)) (&& (>= uap10.0) (< win8) (< wpa81))
      Microsoft.NETCore.Platforms (>= 1.1) - restriction: || (>= dnxcore50) (&& (< monoandroid) (< net45) (>= netstandard1.0) (< netstandard1.3) (< win8) (< wp8) (< wpa81)) (&& (< monoandroid) (< net45) (>= netstandard1.3) (< netstandard1.5) (< win8) (< wpa81)) (&& (< monotouch) (< net45) (>= netstandard1.5) (< xamarinios) (< xamarinmac) (< xamarintvos) (< xamarinwatchos))
      Microsoft.NETCore.Targets (>= 1.1) - restriction: || (>= dnxcore50) (&& (< monoandroid) (< net45) (>= netstandard1.0) (< netstandard1.3) (< win8) (< wp8) (< wpa81)) (&& (< monoandroid) (< net45) (>= netstandard1.3) (< netstandard1.5) (< win8) (< wpa81)) (&& (< monotouch) (< net45) (>= netstandard1.5) (< xamarinios) (< xamarinmac) (< xamarintvos) (< xamarinwatchos))
      System.Runtime (>= 4.3) - restriction: || (>= dnxcore50) (&& (< monoandroid) (< net45) (>= netstandard1.0) (< netstandard1.3) (< win8) (< wp8) (< wpa81)) (&& (< monoandroid) (< net45) (>= netstandard1.3) (< netstandard1.5) (< win8) (< wpa81)) (&& (< monotouch) (< net45) (>= netstandard1.5) (< xamarinios) (< xamarinmac) (< xamarintvos) (< xamarinwatchos))
    System.Runtime.Handles (4.3) - restriction: || (&& (>= dnxcore50) (>= net46)) (&& (>= dnxcore50) (>= net461)) (&& (>= dnxcore50) (>= netstandard1.0)) (&& (>= dnxcore50) (>= netstandard1.1)) (&& (>= dnxcore50) (>= netstandard1.2)) (&& (>= dnxcore50) (>= netstandard1.3)) (&& (>= dnxcore50) (>= netstandard1.4)) (&& (>= dnxcore50) (>= netstandard1.5)) (&& (>= dnxcore50) (>= netstandard1.6)) (&& (>= dnxcore50) (>= uap10.0)) (&& (< monoandroid) (< net45) (>= netstandard1.3) (< netstandard1.4) (< wpa81)) (&& (< monoandroid) (< net45) (< netstandard1.3) (>= netstandard1.4) (< win8) (< wpa81)) (&& (< monoandroid) (< net45) (< netstandard1.3) (>= netstandard1.5)) (&& (< monoandroid) (< net45) (< netstandard1.3) (>= netstandard1.6)) (&& (< monoandroid) (< net45) (>= netstandard1.4) (< netstandard1.5) (< wpa81)) (&& (< monoandroid) (< net45) (>= netstandard1.4) (< netstandard1.6)) (&& (< monoandroid) (< net45) (< netstandard1.4) (>= netstandard1.5)) (&& (< monoandroid) (< net45) (< netstandard1.4) (>= netstandard1.6)) (&& (< monoandroid) (< net45) (>= netstandard1.5) (< netstandard1.6)) (&& (< monoandroid) (< net45) (< netstandard1.5) (>= netstandard1.6)) (&& (< monoandroid) (< net46) (>= netstandard1.3) (< netstandard1.4)) (&& (< monoandroid) (< net46) (>= netstandard1.4) (< netstandard1.6)) (&& (< monoandroid) (< net46) (< netstandard1.4) (>= netstandard1.6)) (&& (< monotouch) (< net45) (>= netstandard1.5) (< xamarinios) (< xamarinmac) (< xamarintvos) (< xamarinwatchos)) (&& (< monotouch) (< net46) (>= netstandard1.3) (< xamarinios) (< xamarinmac) (< xamarintvos) (< xamarinwatchos)) (&& (< monotouch) (>= netstandard1.6) (< xamarinios) (< xamarinmac) (< xamarintvos) (< xamarinwatchos)) (&& (< net45) (>= net46) (< netstandard1.3)) (&& (< net45) (>= net46) (>= netstandard1.4) (< netstandard1.6)) (&& (< net45) (>= net46) (< netstandard1.4)) (&& (< net45) (>= net46) (>= netstandard1.6)) (&& (< net45) (>= net461) (>= netstandard1.6)) (&& (< net45) (>= netstandard1.3) (< portable-net451+win81+wpa81) (< win8)) (&& (< net45) (>= netstandard1.5) (< portable-net451+win81+wpa81)) (&& (< net45) (>= netstandard1.6) (< portable-net451+win81+wpa81)) (&& (>= net46) (< net462) (>= netstandard1.6)) (&& (>= net46) (< netstandard1.4) (>= netstandard1.6)) (&& (>= net46) (>= uap10.0)) (&& (>= net461) (< net462) (>= netstandard1.6) (< netstandard2.0)) (&& (>= net461) (< netstandard1.4) (>= netstandard1.6)) (>= netcoreapp1.0) (&& (>= netstandard1.3) (< portable-net45+win8+wpa81)) (&& (< netstandard1.4) (>= uap10.0)) (&& (>= netstandard1.5) (>= uap10.0)) (&& (>= netstandard1.6) (>= uap10.0)) (&& (>= uap10.0) (< uap10.1)) (&& (>= uap10.0) (< win8) (< wpa81))
      Microsoft.NETCore.Platforms (>= 1.1) - restriction: && (< monotouch) (< net46) (>= netstandard1.3) (< xamarinios) (< xamarinmac) (< xamarintvos) (< xamarinwatchos)
      Microsoft.NETCore.Targets (>= 1.1) - restriction: && (< monotouch) (< net46) (>= netstandard1.3) (< xamarinios) (< xamarinmac) (< xamarintvos) (< xamarinwatchos)
      System.Runtime (>= 4.3) - restriction: && (< monotouch) (< net46) (>= netstandard1.3) (< xamarinios) (< xamarinmac) (< xamarintvos) (< xamarinwatchos)
    System.Runtime.InteropServices (4.3) - restriction: || (&& (>= dnxcore50) (>= net46)) (&& (>= dnxcore50) (>= net461)) (&& (>= dnxcore50) (>= netstandard1.0)) (&& (>= dnxcore50) (>= netstandard1.1)) (&& (>= dnxcore50) (>= netstandard1.2)) (&& (>= dnxcore50) (>= netstandard1.4)) (&& (>= dnxcore50) (>= netstandard1.5)) (&& (>= dnxcore50) (>= netstandard1.6)) (&& (>= dnxcore50) (>= uap10.0)) (&& (< monoandroid) (< net45) (>= netstandard1.2) (< wpa81)) (&& (< monoandroid) (< net45) (>= netstandard1.5) (< netstandard1.6)) (&& (< monoandroid) (< net45) (>= netstandard1.6)) (&& (< monoandroid) (< net46) (< netstandard1.4) (>= netstandard1.6)) (&& (< monoandroid) (< netstandard1.0) (>= netstandard1.1) (>= portable-net451+win81+wpa81) (< win8)) (&& (< monotouch) (< net45) (>= netstandard1.5) (< xamarinios) (< xamarinmac) (< xamarintvos) (< xamarinwatchos)) (&& (< monotouch) (>= netstandard1.6) (< xamarinios) (< xamarinmac) (< xamarintvos) (< xamarinwatchos)) (&& (< net45) (>= net451)) (&& (< net45) (>= net46) (< netstandard1.4)) (&& (< net45) (>= net46) (>= netstandard1.6)) (&& (< net45) (>= net461) (>= netstandard1.6)) (&& (< net45) (>= netstandard1.1) (< portable-net451+win81+wpa81)) (&& (< net45) (>= netstandard1.4)) (&& (< net45) (>= netstandard1.6) (< portable-net451+win81+wpa81)) (&& (< net452) (>= netstandard1.1)) (&& (>= net46) (< net462) (>= netstandard1.6)) (&& (>= net46) (< netstandard1.4) (>= netstandard1.6)) (&& (>= net461) (< net462) (>= netstandard1.6) (< netstandard2.0)) (&& (>= net461) (< netstandard1.4) (>= netstandard1.6)) (&& (< netstandard1.0) (>= netstandard1.1) (< portable-net451+win81+wpa81) (< win8)) (>= netstandard1.3) (&& (>= netstandard1.6) (>= uap10.0)) (&& (>= uap10.0) (< uap10.1)) (&& (>= uap10.0) (< win8) (< wpa81))
      Microsoft.NETCore.Platforms (>= 1.1) - restriction: || (>= dnxcore50) (&& (< monoandroid) (< net45) (>= netstandard1.1) (< netstandard1.2) (< win8)) (&& (< monoandroid) (< net45) (>= netstandard1.2) (< netstandard1.3) (< win8) (< wpa81)) (&& (< monoandroid) (< net45) (>= netstandard1.3) (< netstandard1.5) (< win8) (< wpa81)) (&& (< monotouch) (< net45) (>= netstandard1.5) (< xamarinios) (< xamarinmac) (< xamarintvos) (< xamarinwatchos)) (>= netcoreapp1.1)
      Microsoft.NETCore.Targets (>= 1.1) - restriction: || (>= dnxcore50) (&& (< monoandroid) (< net45) (>= netstandard1.1) (< netstandard1.2) (< win8)) (&& (< monoandroid) (< net45) (>= netstandard1.2) (< netstandard1.3) (< win8) (< wpa81)) (&& (< monoandroid) (< net45) (>= netstandard1.3) (< netstandard1.5) (< win8) (< wpa81)) (&& (< monotouch) (< net45) (>= netstandard1.5) (< xamarinios) (< xamarinmac) (< xamarintvos) (< xamarinwatchos)) (>= netcoreapp1.1)
      System.Reflection (>= 4.3) - restriction: || (>= dnxcore50) (&& (< monoandroid) (< net45) (>= netstandard1.1) (< netstandard1.2) (< win8)) (&& (< monoandroid) (< net45) (>= netstandard1.2) (< netstandard1.3) (< win8) (< wpa81)) (&& (< monoandroid) (< net45) (>= netstandard1.3) (< netstandard1.5) (< win8) (< wpa81)) (&& (< monotouch) (< net45) (>= netstandard1.5) (< xamarinios) (< xamarinmac) (< xamarintvos) (< xamarinwatchos)) (>= netcoreapp1.1)
      System.Reflection.Primitives (>= 4.3) - restriction: || (>= dnxcore50) (&& (< monoandroid) (< net45) (>= netstandard1.1) (< netstandard1.2) (< win8)) (&& (< monoandroid) (< net45) (>= netstandard1.2) (< netstandard1.3) (< win8) (< wpa81)) (&& (< monoandroid) (< net45) (>= netstandard1.3) (< netstandard1.5) (< win8) (< wpa81)) (&& (< monotouch) (< net45) (>= netstandard1.5) (< xamarinios) (< xamarinmac) (< xamarintvos) (< xamarinwatchos)) (>= netcoreapp1.1)
      System.Runtime (>= 4.3) - restriction: || (>= dnxcore50) (&& (< monoandroid) (< net45) (>= netstandard1.1) (< netstandard1.2) (< win8)) (&& (< monoandroid) (< net45) (>= netstandard1.2) (< netstandard1.3) (< win8) (< wpa81)) (&& (< monoandroid) (< net45) (>= netstandard1.3) (< netstandard1.5) (< win8) (< wpa81)) (&& (< monotouch) (< net45) (>= netstandard1.5) (< xamarinios) (< xamarinmac) (< xamarintvos) (< xamarinwatchos)) (>= net462) (>= netcoreapp1.1)
      System.Runtime.Handles (>= 4.3) - restriction: || (>= dnxcore50) (&& (< monoandroid) (< net45) (>= netstandard1.3) (< netstandard1.5) (< win8) (< wpa81)) (&& (< monotouch) (< net45) (>= netstandard1.5) (< xamarinios) (< xamarinmac) (< xamarintvos) (< xamarinwatchos)) (>= netcoreapp1.1)
    System.Runtime.InteropServices.RuntimeInformation (4.3) - restriction: || (&& (< monoandroid) (< netstandard1.0) (>= netstandard1.1) (>= portable-net451+win81+wpa81)) (&& (< monoandroid) (< netstandard1.0) (>= netstandard1.3)) (&& (< monoandroid) (>= netstandard1.2) (< netstandard1.3) (< wpa81)) (&& (< monoandroid) (>= netstandard1.3) (< wpa81)) (&& (< monoandroid) (>= netstandard1.5) (< netstandard1.6)) (&& (< monotouch) (>= netstandard1.6) (< netstandard2.0) (< xamarinios) (< xamarinmac) (< xamarintvos) (< xamarinwatchos)) (>= net45) (&& (>= net451) (< netstandard1.3)) (&& (>= netstandard1.1) (< portable-net451+win81+wpa81)) (&& (>= netstandard1.3) (< portable-net451+win81+wpa81)) (&& (< netstandard1.3) (>= wpa81)) (>= netstandard1.4) (&& (>= uap10.0) (< uap10.1))
      runtime.native.System (>= 4.3) - restriction: && (< monotouch) (< net45) (>= netstandard1.1) (< win8) (< wpa81) (< xamarinios) (< xamarinmac) (< xamarintvos) (< xamarinwatchos)
      System.Reflection (>= 4.3) - restriction: || (>= dnxcore50) (&& (< monotouch) (< net45) (>= netstandard1.1) (< win8) (< wpa81) (< xamarinios) (< xamarinmac) (< xamarintvos) (< xamarinwatchos))
      System.Reflection.Extensions (>= 4.3) - restriction: || (>= dnxcore50) (&& (< monotouch) (< net45) (>= netstandard1.1) (< win8) (< wpa81) (< xamarinios) (< xamarinmac) (< xamarintvos) (< xamarinwatchos))
      System.Resources.ResourceManager (>= 4.3) - restriction: || (>= dnxcore50) (&& (< monotouch) (< net45) (>= netstandard1.1) (< win8) (< wpa81) (< xamarinios) (< xamarinmac) (< xamarintvos) (< xamarinwatchos))
      System.Runtime (>= 4.3) - restriction: || (>= dnxcore50) (&& (< monotouch) (< net45) (>= netstandard1.1) (< win8) (< wpa81) (< xamarinios) (< xamarinmac) (< xamarintvos) (< xamarinwatchos))
      System.Runtime.InteropServices (>= 4.3) - restriction: && (< monotouch) (< net45) (>= netstandard1.1) (< win8) (< wpa81) (< xamarinios) (< xamarinmac) (< xamarintvos) (< xamarinwatchos)
      System.Threading (>= 4.3) - restriction: || (>= dnxcore50) (&& (< monotouch) (< net45) (>= netstandard1.1) (< win8) (< wpa81) (< xamarinios) (< xamarinmac) (< xamarintvos) (< xamarinwatchos))
    System.Runtime.InteropServices.WindowsRuntime (4.3) - restriction: && (< net45) (>= netstandard1.0)
      System.Runtime (>= 4.3) - restriction: || (>= dnxcore50) (&& (< monotouch) (< net45) (>= netstandard1.0) (< win8) (< wp8) (< wpa81) (< xamarinios) (< xamarinmac) (< xamarintvos) (< xamarinwatchos))
    System.Runtime.Numerics (4.3) - restriction: || (&& (>= dnxcore50) (>= net46)) (&& (>= dnxcore50) (>= netstandard1.1)) (&& (>= dnxcore50) (>= netstandard1.2)) (&& (>= dnxcore50) (>= netstandard1.4)) (&& (>= dnxcore50) (>= netstandard1.5)) (&& (>= dnxcore50) (>= netstandard1.6)) (&& (>= dnxcore50) (>= uap10.0)) (&& (< monoandroid) (< net45) (>= netstandard1.2) (< wpa81)) (&& (< monoandroid) (< net45) (>= netstandard1.4) (< netstandard1.5) (< wpa81)) (&& (< monoandroid) (< net45) (>= netstandard1.5) (< netstandard1.6)) (&& (< monoandroid) (< net45) (>= netstandard1.6)) (&& (< monoandroid) (< net46) (< netstandard1.4) (>= netstandard1.6)) (&& (< monotouch) (>= netstandard1.6) (< xamarinios) (< xamarinmac) (< xamarintvos) (< xamarinwatchos)) (&& (< net45) (>= net46) (>= netstandard1.6)) (&& (< net45) (>= net461) (>= netstandard1.6)) (&& (< net45) (>= netstandard1.1) (< portable-net451+win81+wpa81)) (&& (< net45) (>= netstandard1.6) (< portable-net451+win81+wpa81)) (&& (>= net46) (< net462) (>= netstandard1.6)) (&& (>= net46) (< netstandard1.4) (>= netstandard1.6)) (&& (>= net461) (< net462) (>= netstandard1.6) (< netstandard2.0)) (&& (>= net461) (< netstandard1.4) (>= netstandard1.6)) (>= netstandard1.3) (&& (>= netstandard1.6) (>= uap10.0)) (&& (>= uap10.0) (< uap10.1))
      System.Globalization (>= 4.3) - restriction: || (>= dnxcore50) (&& (< monotouch) (< net45) (>= netstandard1.3) (< win8) (< wpa81) (< xamarinios) (< xamarinmac) (< xamarintvos) (< xamarinwatchos))
      System.Resources.ResourceManager (>= 4.3) - restriction: || (>= dnxcore50) (&& (< monotouch) (< net45) (>= netstandard1.3) (< win8) (< wpa81) (< xamarinios) (< xamarinmac) (< xamarintvos) (< xamarinwatchos))
      System.Runtime (>= 4.3) - restriction: || (>= dnxcore50) (&& (< monoandroid) (< net45) (>= netstandard1.1) (< netstandard1.3) (< win8) (< wpa81)) (&& (< monotouch) (< net45) (>= netstandard1.3) (< win8) (< wpa81) (< xamarinios) (< xamarinmac) (< xamarintvos) (< xamarinwatchos))
      System.Runtime.Extensions (>= 4.3) - restriction: || (>= dnxcore50) (&& (< monotouch) (< net45) (>= netstandard1.3) (< win8) (< wpa81) (< xamarinios) (< xamarinmac) (< xamarintvos) (< xamarinwatchos))
    System.Runtime.Serialization.Formatters (4.3) - restriction: && (< net20) (>= netstandard1.3)
      System.Collections (>= 4.3) - restriction: && (< monotouch) (< net46) (>= netstandard1.4) (< xamarinios) (< xamarinmac) (< xamarintvos) (< xamarinwatchos)
      System.Reflection (>= 4.3) - restriction: && (< monotouch) (< net46) (>= netstandard1.4) (< xamarinios) (< xamarinmac) (< xamarintvos) (< xamarinwatchos)
      System.Resources.ResourceManager (>= 4.3) - restriction: && (< monotouch) (< net46) (>= netstandard1.4) (< xamarinios) (< xamarinmac) (< xamarintvos) (< xamarinwatchos)
      System.Runtime (>= 4.3) - restriction: || (&& (< monoandroid) (< net46) (>= netstandard1.3) (< netstandard1.4)) (&& (< monotouch) (< net46) (>= netstandard1.4) (< xamarinios) (< xamarinmac) (< xamarintvos) (< xamarinwatchos))
      System.Runtime.Serialization.Primitives (>= 4.3) - restriction: || (&& (< monoandroid) (>= netstandard1.3) (< netstandard1.4)) (&& (< monotouch) (>= netstandard1.4) (< xamarinios) (< xamarinmac) (< xamarintvos) (< xamarinwatchos)) (>= net46)
    System.Runtime.Serialization.Primitives (4.3) - restriction: || (&& (< monotouch) (< net20) (>= netstandard1.4) (< xamarinios) (< xamarinmac) (< xamarintvos) (< xamarinwatchos)) (&& (< net20) (>= net45) (< netstandard1.3)) (&& (< net20) (>= net46)) (&& (< net20) (>= netstandard1.0) (< netstandard1.3)) (&& (< net20) (>= netstandard1.3)) (&& (< net45) (>= netstandard1.3)) (&& (< net451) (>= netstandard1.3)) (&& (>= netstandard1.3) (>= wpa81)) (&& (< netstandard1.3) (>= wpa81))
      System.Resources.ResourceManager (>= 4.3) - restriction: || (>= dnxcore50) (&& (< monotouch) (< net45) (>= netstandard1.3) (< win8) (< wpa81) (< xamarinios) (< xamarinmac) (< xamarintvos) (< xamarinwatchos))
      System.Runtime (>= 4.3) - restriction: || (>= dnxcore50) (&& (< monoandroid) (< net45) (>= netstandard1.0) (< netstandard1.3) (< win8) (< wp8) (< wpa81)) (&& (< monotouch) (< net45) (>= netstandard1.3) (< win8) (< wpa81) (< xamarinios) (< xamarinmac) (< xamarintvos) (< xamarinwatchos))
    System.Security.Claims (4.3) - restriction: || (&& (< monoandroid) (< net45) (>= netstandard1.5) (< netstandard1.6)) (&& (< monotouch) (< net45) (>= netstandard1.5) (< xamarinios) (< xamarinmac) (< xamarintvos) (< xamarinwatchos)) (&& (< monotouch) (< net45) (>= netstandard1.6) (< xamarinios) (< xamarinmac) (< xamarintvos) (< xamarinwatchos)) (&& (< net45) (>= netstandard1.4))
      System.Collections (>= 4.3) - restriction: && (< monotouch) (< net46) (>= netstandard1.3) (< xamarinios) (< xamarinmac) (< xamarintvos) (< xamarinwatchos)
      System.Globalization (>= 4.3) - restriction: && (< monotouch) (< net46) (>= netstandard1.3) (< xamarinios) (< xamarinmac) (< xamarintvos) (< xamarinwatchos)
      System.IO (>= 4.3) - restriction: && (< monotouch) (< net46) (>= netstandard1.3) (< xamarinios) (< xamarinmac) (< xamarintvos) (< xamarinwatchos)
      System.Resources.ResourceManager (>= 4.3) - restriction: && (< monotouch) (< net46) (>= netstandard1.3) (< xamarinios) (< xamarinmac) (< xamarintvos) (< xamarinwatchos)
      System.Runtime (>= 4.3) - restriction: && (< monotouch) (< net46) (>= netstandard1.3) (< xamarinios) (< xamarinmac) (< xamarintvos) (< xamarinwatchos)
      System.Runtime.Extensions (>= 4.3) - restriction: && (< monotouch) (< net46) (>= netstandard1.3) (< xamarinios) (< xamarinmac) (< xamarintvos) (< xamarinwatchos)
      System.Security.Principal (>= 4.3) - restriction: && (< monotouch) (< net46) (>= netstandard1.3) (< xamarinios) (< xamarinmac) (< xamarintvos) (< xamarinwatchos)
    System.Security.Cryptography.Algorithms (4.3) - restriction: || (&& (>= dnxcore50) (>= net46)) (&& (>= dnxcore50) (>= netstandard1.1)) (&& (>= dnxcore50) (>= netstandard1.2)) (&& (>= dnxcore50) (>= netstandard1.4)) (&& (>= dnxcore50) (>= netstandard1.5)) (&& (>= dnxcore50) (>= netstandard1.6)) (&& (>= dnxcore50) (>= uap10.0)) (&& (< monoandroid) (< net45) (< netstandard1.4) (>= netstandard1.5)) (&& (< monoandroid) (< net45) (>= netstandard1.5) (< netstandard1.6)) (&& (< monoandroid) (< net45) (>= netstandard1.6)) (&& (< monoandroid) (< net46) (>= netstandard1.4) (< netstandard1.6)) (&& (< monoandroid) (< net46) (< netstandard1.4) (>= netstandard1.6)) (&& (< monotouch) (>= netstandard1.6) (< xamarinios) (< xamarinmac) (< xamarintvos) (< xamarinwatchos)) (&& (< net45) (>= net461)) (&& (< net45) (>= netstandard1.4)) (&& (< net45) (>= netstandard1.6) (< portable-net451+win81+wpa81)) (&& (>= net46) (< net462)) (&& (>= net46) (< netstandard1.4)) (&& (>= net46) (>= netstandard1.6)) (&& (>= net46) (>= uap10.0)) (&& (>= net461) (< net462) (>= netstandard1.6) (< netstandard2.0)) (&& (>= net461) (< netstandard1.4)) (&& (>= net461) (>= uap10.0)) (>= netstandard1.3) (&& (< netstandard1.4) (>= uap10.0)) (&& (>= netstandard1.6) (>= uap10.0)) (&& (>= uap10.0) (< uap10.1)) (&& (>= uap10.0) (< win8) (< wpa81))
      Microsoft.NETCore.Platforms (>= 1.1) - restriction: || (>= dnxcore50) (&& (< monotouch) (>= netstandard1.6) (< xamarinios) (< xamarinmac) (< xamarintvos) (< xamarinwatchos))
      runtime.native.System.Security.Cryptography.Apple (>= 4.3) - restriction: && (< monotouch) (>= netstandard1.6) (< xamarinios) (< xamarinmac) (< xamarintvos) (< xamarinwatchos)
      runtime.native.System.Security.Cryptography.OpenSsl (>= 4.3) - restriction: && (< monotouch) (>= netstandard1.6) (< xamarinios) (< xamarinmac) (< xamarintvos) (< xamarinwatchos)
      System.Collections (>= 4.3) - restriction: && (< monotouch) (>= netstandard1.6) (< xamarinios) (< xamarinmac) (< xamarintvos) (< xamarinwatchos)
      System.IO (>= 4.3) - restriction: || (>= dnxcore50) (&& (< monoandroid) (< net46) (>= netstandard1.3) (< netstandard1.4)) (&& (< monoandroid) (< net46) (>= netstandard1.4) (< netstandard1.6)) (&& (< monotouch) (>= netstandard1.6) (< xamarinios) (< xamarinmac) (< xamarintvos) (< xamarinwatchos)) (>= net463)
      System.Resources.ResourceManager (>= 4.3) - restriction: || (>= dnxcore50) (&& (< monotouch) (>= netstandard1.6) (< xamarinios) (< xamarinmac) (< xamarintvos) (< xamarinwatchos))
      System.Runtime (>= 4.3) - restriction: || (>= dnxcore50) (&& (< monoandroid) (< net46) (>= netstandard1.3) (< netstandard1.4)) (&& (< monoandroid) (< net46) (>= netstandard1.4) (< netstandard1.6)) (&& (< monotouch) (>= netstandard1.6) (< xamarinios) (< xamarinmac) (< xamarintvos) (< xamarinwatchos)) (>= net463)
      System.Runtime.Extensions (>= 4.3) - restriction: || (>= dnxcore50) (&& (< monotouch) (>= netstandard1.6) (< xamarinios) (< xamarinmac) (< xamarintvos) (< xamarinwatchos))
      System.Runtime.Handles (>= 4.3) - restriction: || (>= dnxcore50) (&& (< monotouch) (>= netstandard1.6) (< xamarinios) (< xamarinmac) (< xamarintvos) (< xamarinwatchos))
      System.Runtime.InteropServices (>= 4.3) - restriction: || (>= dnxcore50) (&& (< monotouch) (>= netstandard1.6) (< xamarinios) (< xamarinmac) (< xamarintvos) (< xamarinwatchos))
      System.Runtime.Numerics (>= 4.3) - restriction: && (< monotouch) (>= netstandard1.6) (< xamarinios) (< xamarinmac) (< xamarintvos) (< xamarinwatchos)
      System.Security.Cryptography.Encoding (>= 4.3) - restriction: || (>= dnxcore50) (&& (< monotouch) (>= netstandard1.6) (< xamarinios) (< xamarinmac) (< xamarintvos) (< xamarinwatchos)) (>= net463)
      System.Security.Cryptography.Primitives (>= 4.3) - restriction: || (>= dnxcore50) (&& (< monoandroid) (< net46) (>= netstandard1.3) (< netstandard1.4)) (&& (< monoandroid) (< net46) (>= netstandard1.4) (< netstandard1.6)) (&& (< monotouch) (>= netstandard1.6) (< xamarinios) (< xamarinmac) (< xamarintvos) (< xamarinwatchos)) (&& (>= net46) (< netstandard1.4)) (>= net461)
      System.Text.Encoding (>= 4.3) - restriction: || (>= dnxcore50) (&& (< monotouch) (>= netstandard1.6) (< xamarinios) (< xamarinmac) (< xamarintvos) (< xamarinwatchos))
    System.Security.Cryptography.Cng (4.4) - restriction: || (&& (>= dnxcore50) (>= net46)) (&& (>= dnxcore50) (>= netstandard1.1)) (&& (>= dnxcore50) (>= netstandard1.2)) (&& (>= dnxcore50) (>= netstandard1.3)) (&& (>= dnxcore50) (>= netstandard1.4)) (&& (>= dnxcore50) (>= netstandard1.5)) (&& (>= dnxcore50) (>= netstandard1.6)) (&& (>= dnxcore50) (>= uap10.0)) (&& (< monotouch) (>= netstandard1.6) (< xamarinios) (< xamarinmac) (< xamarintvos) (< xamarinwatchos)) (&& (< net45) (>= net46) (>= netstandard1.6)) (&& (< net45) (>= netstandard1.6) (< portable-net451+win81+wpa81)) (&& (>= net46) (< net462) (>= netstandard1.6) (< netstandard2.0)) (&& (>= net46) (< netstandard1.4) (>= netstandard1.6)) (&& (>= netstandard1.6) (>= uap10.0))
      Microsoft.NETCore.Platforms (>= 2.0) - restriction: >= netcoreapp2.0
      System.IO (>= 4.3) - restriction: || (&& (< monoandroid) (< net46) (>= netstandard1.3) (< netstandard1.4)) (&& (< monoandroid) (< net46) (>= netstandard1.4) (< netstandard1.6)) (&& (< monotouch) (>= netstandard1.6) (< netstandard2.0) (< xamarinios) (< xamarinmac) (< xamarintvos) (< xamarinwatchos))
      System.Resources.ResourceManager (>= 4.3) - restriction: || (&& (< monoandroid) (< net46) (>= netstandard1.3) (< netstandard1.4)) (&& (< monoandroid) (< net46) (>= netstandard1.4) (< netstandard1.6)) (&& (< monotouch) (>= netstandard1.6) (< netstandard2.0) (< xamarinios) (< xamarinmac) (< xamarintvos) (< xamarinwatchos))
      System.Runtime (>= 4.3) - restriction: || (&& (< monoandroid) (< net46) (>= netstandard1.3) (< netstandard1.4)) (&& (< monoandroid) (< net46) (>= netstandard1.4) (< netstandard1.6)) (&& (< monotouch) (>= netstandard1.6) (< netstandard2.0) (< xamarinios) (< xamarinmac) (< xamarintvos) (< xamarinwatchos))
      System.Runtime.Extensions (>= 4.3) - restriction: || (&& (< monoandroid) (< net46) (>= netstandard1.4) (< netstandard1.6)) (&& (< monotouch) (>= netstandard1.6) (< netstandard2.0) (< xamarinios) (< xamarinmac) (< xamarintvos) (< xamarinwatchos))
      System.Runtime.Handles (>= 4.3) - restriction: || (&& (< monoandroid) (< net46) (>= netstandard1.3) (< netstandard1.4)) (&& (< monoandroid) (< net46) (>= netstandard1.4) (< netstandard1.6)) (&& (< monotouch) (>= netstandard1.6) (< netstandard2.0) (< xamarinios) (< xamarinmac) (< xamarintvos) (< xamarinwatchos))
      System.Runtime.InteropServices (>= 4.3) - restriction: || (&& (< monoandroid) (< net46) (>= netstandard1.3) (< netstandard1.4)) (&& (< monoandroid) (< net46) (>= netstandard1.4) (< netstandard1.6)) (&& (< monotouch) (>= netstandard1.6) (< netstandard2.0) (< xamarinios) (< xamarinmac) (< xamarintvos) (< xamarinwatchos))
      System.Security.Cryptography.Algorithms (>= 4.3) - restriction: || (&& (< monoandroid) (< net46) (>= netstandard1.3) (< netstandard1.4)) (&& (< monoandroid) (< net46) (>= netstandard1.4) (< netstandard1.6)) (&& (< monotouch) (>= netstandard1.6) (< netstandard2.0) (< xamarinios) (< xamarinmac) (< xamarintvos) (< xamarinwatchos)) (&& (>= net46) (< netstandard1.4))
      System.Security.Cryptography.Encoding (>= 4.3) - restriction: || (&& (< monoandroid) (< net46) (>= netstandard1.4) (< netstandard1.6)) (&& (< monotouch) (>= netstandard1.6) (< netstandard2.0) (< xamarinios) (< xamarinmac) (< xamarintvos) (< xamarinwatchos))
      System.Security.Cryptography.Primitives (>= 4.3) - restriction: || (&& (< monoandroid) (< net46) (>= netstandard1.3) (< netstandard1.4)) (&& (< monoandroid) (< net46) (>= netstandard1.4) (< netstandard1.6)) (&& (< monotouch) (>= netstandard1.6) (< netstandard2.0) (< xamarinios) (< xamarinmac) (< xamarintvos) (< xamarinwatchos)) (&& (>= net46) (< netstandard1.4))
      System.Text.Encoding (>= 4.3) - restriction: || (&& (< monoandroid) (< net46) (>= netstandard1.4) (< netstandard1.6)) (&& (< monotouch) (>= netstandard1.6) (< netstandard2.0) (< xamarinios) (< xamarinmac) (< xamarintvos) (< xamarinwatchos))
    System.Security.Cryptography.Csp (4.3) - restriction: || (&& (>= dnxcore50) (>= netstandard1.6)) (&& (< monotouch) (>= netstandard1.6) (< xamarinios) (< xamarinmac) (< xamarintvos) (< xamarinwatchos)) (&& (< net45) (>= net46) (>= netstandard1.6)) (&& (< net45) (>= netstandard1.6) (< portable-net451+win81+wpa81)) (&& (>= net46) (< net462) (>= netstandard1.6) (< netstandard2.0)) (&& (>= net46) (< netstandard1.4) (>= netstandard1.6)) (&& (< net462) (>= netstandard1.3)) (&& (>= netstandard1.6) (>= uap10.0))
      Microsoft.NETCore.Platforms (>= 1.1) - restriction: && (< monotouch) (< net46) (>= netstandard1.3) (< xamarinios) (< xamarinmac) (< xamarintvos) (< xamarinwatchos)
      System.IO (>= 4.3) - restriction: && (< monotouch) (< net46) (>= netstandard1.3) (< xamarinios) (< xamarinmac) (< xamarintvos) (< xamarinwatchos)
      System.Reflection (>= 4.3) - restriction: && (< monotouch) (< net46) (>= netstandard1.3) (< xamarinios) (< xamarinmac) (< xamarintvos) (< xamarinwatchos)
      System.Resources.ResourceManager (>= 4.3) - restriction: && (< monotouch) (< net46) (>= netstandard1.3) (< xamarinios) (< xamarinmac) (< xamarintvos) (< xamarinwatchos)
      System.Runtime (>= 4.3) - restriction: && (< monotouch) (< net46) (>= netstandard1.3) (< xamarinios) (< xamarinmac) (< xamarintvos) (< xamarinwatchos)
      System.Runtime.Extensions (>= 4.3) - restriction: && (< monotouch) (< net46) (>= netstandard1.3) (< xamarinios) (< xamarinmac) (< xamarintvos) (< xamarinwatchos)
      System.Runtime.Handles (>= 4.3) - restriction: && (< monotouch) (< net46) (>= netstandard1.3) (< xamarinios) (< xamarinmac) (< xamarintvos) (< xamarinwatchos)
      System.Runtime.InteropServices (>= 4.3) - restriction: && (< monotouch) (< net46) (>= netstandard1.3) (< xamarinios) (< xamarinmac) (< xamarintvos) (< xamarinwatchos)
      System.Security.Cryptography.Algorithms (>= 4.3) - restriction: || (&& (< monotouch) (>= netstandard1.3) (< xamarinios) (< xamarinmac) (< xamarintvos) (< xamarinwatchos)) (>= net46)
      System.Security.Cryptography.Encoding (>= 4.3) - restriction: && (< monotouch) (< net46) (>= netstandard1.3) (< xamarinios) (< xamarinmac) (< xamarintvos) (< xamarinwatchos)
      System.Security.Cryptography.Primitives (>= 4.3) - restriction: || (&& (< monotouch) (>= netstandard1.3) (< xamarinios) (< xamarinmac) (< xamarintvos) (< xamarinwatchos)) (>= net46)
      System.Text.Encoding (>= 4.3) - restriction: && (< monotouch) (< net46) (>= netstandard1.3) (< xamarinios) (< xamarinmac) (< xamarintvos) (< xamarinwatchos)
      System.Threading (>= 4.3) - restriction: && (< monotouch) (< net46) (>= netstandard1.3) (< xamarinios) (< xamarinmac) (< xamarintvos) (< xamarinwatchos)
    System.Security.Cryptography.Encoding (4.3) - restriction: || (&& (>= dnxcore50) (>= net46)) (&& (>= dnxcore50) (>= net461)) (&& (>= dnxcore50) (>= netstandard1.1)) (&& (>= dnxcore50) (>= netstandard1.2)) (&& (>= dnxcore50) (>= netstandard1.4)) (&& (>= dnxcore50) (>= netstandard1.5)) (&& (>= dnxcore50) (>= netstandard1.6)) (&& (>= dnxcore50) (>= uap10.0)) (&& (< monoandroid) (< net45) (>= netstandard1.4) (< netstandard1.5) (< wpa81)) (&& (< monoandroid) (< net45) (>= netstandard1.4) (< netstandard1.6)) (&& (< monoandroid) (< net45) (< netstandard1.4) (>= netstandard1.5)) (&& (< monoandroid) (< net45) (>= netstandard1.5) (< netstandard1.6)) (&& (< monoandroid) (< net45) (>= netstandard1.6)) (&& (< monoandroid) (< net46) (>= netstandard1.4) (< netstandard1.6)) (&& (< monoandroid) (< net46) (< netstandard1.4) (>= netstandard1.6)) (&& (< monotouch) (>= netstandard1.6) (< xamarinios) (< xamarinmac) (< xamarintvos) (< xamarinwatchos)) (&& (< net45) (>= net46) (>= netstandard1.4) (< netstandard1.6)) (&& (< net45) (>= net46) (>= netstandard1.6)) (&& (< net45) (>= net461)) (&& (< net45) (>= net463)) (&& (< net45) (>= netstandard1.6) (< portable-net451+win81+wpa81)) (&& (>= net46) (< net462) (>= netstandard1.6)) (&& (>= net46) (< netstandard1.4)) (&& (>= net46) (>= uap10.0)) (&& (>= net461) (< net462) (>= netstandard1.6) (< netstandard2.0)) (&& (>= net461) (< netstandard1.4)) (&& (>= net461) (>= uap10.0)) (>= netstandard1.3) (&& (< netstandard1.4) (>= uap10.0)) (&& (>= netstandard1.6) (>= uap10.0)) (&& (>= uap10.0) (< uap10.1)) (&& (>= uap10.0) (< win8) (< wpa81))
      Microsoft.NETCore.Platforms (>= 1.1) - restriction: && (< monotouch) (< net46) (>= netstandard1.3) (< xamarinios) (< xamarinmac) (< xamarintvos) (< xamarinwatchos)
      runtime.native.System.Security.Cryptography.OpenSsl (>= 4.3) - restriction: && (< monotouch) (< net46) (>= netstandard1.3) (< xamarinios) (< xamarinmac) (< xamarintvos) (< xamarinwatchos)
      System.Collections (>= 4.3) - restriction: && (< monotouch) (< net46) (>= netstandard1.3) (< xamarinios) (< xamarinmac) (< xamarintvos) (< xamarinwatchos)
      System.Collections.Concurrent (>= 4.3) - restriction: && (< monotouch) (< net46) (>= netstandard1.3) (< xamarinios) (< xamarinmac) (< xamarintvos) (< xamarinwatchos)
      System.Linq (>= 4.3) - restriction: && (< monotouch) (< net46) (>= netstandard1.3) (< xamarinios) (< xamarinmac) (< xamarintvos) (< xamarinwatchos)
      System.Resources.ResourceManager (>= 4.3) - restriction: && (< monotouch) (< net46) (>= netstandard1.3) (< xamarinios) (< xamarinmac) (< xamarintvos) (< xamarinwatchos)
      System.Runtime (>= 4.3) - restriction: && (< monotouch) (< net46) (>= netstandard1.3) (< xamarinios) (< xamarinmac) (< xamarintvos) (< xamarinwatchos)
      System.Runtime.Extensions (>= 4.3) - restriction: && (< monotouch) (< net46) (>= netstandard1.3) (< xamarinios) (< xamarinmac) (< xamarintvos) (< xamarinwatchos)
      System.Runtime.Handles (>= 4.3) - restriction: && (< monotouch) (< net46) (>= netstandard1.3) (< xamarinios) (< xamarinmac) (< xamarintvos) (< xamarinwatchos)
      System.Runtime.InteropServices (>= 4.3) - restriction: && (< monotouch) (< net46) (>= netstandard1.3) (< xamarinios) (< xamarinmac) (< xamarintvos) (< xamarinwatchos)
      System.Security.Cryptography.Primitives (>= 4.3) - restriction: && (< monotouch) (< net46) (>= netstandard1.3) (< xamarinios) (< xamarinmac) (< xamarintvos) (< xamarinwatchos)
      System.Text.Encoding (>= 4.3) - restriction: && (< monotouch) (< net46) (>= netstandard1.3) (< xamarinios) (< xamarinmac) (< xamarintvos) (< xamarinwatchos)
    System.Security.Cryptography.OpenSsl (4.4) - restriction: || (&& (>= dnxcore50) (>= netstandard1.6)) (&& (< monoandroid) (< net45) (< netstandard1.3) (>= netstandard1.6)) (&& (< monoandroid) (< net45) (< netstandard1.4) (>= netstandard1.6)) (&& (< monoandroid) (< net45) (< netstandard1.5) (>= netstandard1.6)) (&& (< monotouch) (>= netstandard1.6) (< xamarinios) (< xamarinmac) (< xamarintvos) (< xamarinwatchos)) (&& (< net45) (>= net46) (>= netstandard1.6)) (&& (< net45) (>= netstandard1.6) (< portable-net451+win81+wpa81)) (&& (>= net46) (< net462) (>= netstandard1.6) (< netstandard2.0)) (&& (>= net46) (< netstandard1.4) (>= netstandard1.6)) (&& (>= netstandard1.6) (>= uap10.0))
      System.Collections (>= 4.3) - restriction: && (< monotouch) (>= netstandard1.6) (< netstandard2.0) (< xamarinios) (< xamarinmac) (< xamarintvos) (< xamarinwatchos)
      System.IO (>= 4.3) - restriction: && (< monotouch) (>= netstandard1.6) (< netstandard2.0) (< xamarinios) (< xamarinmac) (< xamarintvos) (< xamarinwatchos)
      System.Resources.ResourceManager (>= 4.3) - restriction: && (< monotouch) (>= netstandard1.6) (< netstandard2.0) (< xamarinios) (< xamarinmac) (< xamarintvos) (< xamarinwatchos)
      System.Runtime (>= 4.3) - restriction: && (< monotouch) (>= netstandard1.6) (< netstandard2.0) (< xamarinios) (< xamarinmac) (< xamarintvos) (< xamarinwatchos)
      System.Runtime.Extensions (>= 4.3) - restriction: && (< monotouch) (>= netstandard1.6) (< netstandard2.0) (< xamarinios) (< xamarinmac) (< xamarintvos) (< xamarinwatchos)
      System.Runtime.Handles (>= 4.3) - restriction: && (< monotouch) (>= netstandard1.6) (< netstandard2.0) (< xamarinios) (< xamarinmac) (< xamarintvos) (< xamarinwatchos)
      System.Runtime.InteropServices (>= 4.3) - restriction: && (< monotouch) (>= netstandard1.6) (< netstandard2.0) (< xamarinios) (< xamarinmac) (< xamarintvos) (< xamarinwatchos)
      System.Runtime.Numerics (>= 4.3) - restriction: && (< monotouch) (>= netstandard1.6) (< netstandard2.0) (< xamarinios) (< xamarinmac) (< xamarintvos) (< xamarinwatchos)
      System.Security.Cryptography.Algorithms (>= 4.3) - restriction: && (< monotouch) (>= netstandard1.6) (< netstandard2.0) (< xamarinios) (< xamarinmac) (< xamarintvos) (< xamarinwatchos)
      System.Security.Cryptography.Encoding (>= 4.3) - restriction: && (< monotouch) (>= netstandard1.6) (< netstandard2.0) (< xamarinios) (< xamarinmac) (< xamarintvos) (< xamarinwatchos)
      System.Security.Cryptography.Primitives (>= 4.3) - restriction: && (< monotouch) (>= netstandard1.6) (< netstandard2.0) (< xamarinios) (< xamarinmac) (< xamarintvos) (< xamarinwatchos)
      System.Text.Encoding (>= 4.3) - restriction: && (< monotouch) (>= netstandard1.6) (< netstandard2.0) (< xamarinios) (< xamarinmac) (< xamarintvos) (< xamarinwatchos)
    System.Security.Cryptography.Primitives (4.3) - restriction: || (&& (>= dnxcore50) (>= net46)) (&& (>= dnxcore50) (>= netstandard1.1)) (&& (>= dnxcore50) (>= netstandard1.2)) (&& (>= dnxcore50) (>= netstandard1.3)) (&& (>= dnxcore50) (>= netstandard1.4)) (&& (>= dnxcore50) (>= netstandard1.5)) (&& (>= dnxcore50) (>= netstandard1.6)) (&& (>= dnxcore50) (>= uap10.0)) (&& (< monoandroid) (< net45) (>= netstandard1.3) (< netstandard1.4) (< wpa81)) (&& (< monoandroid) (< net45) (< netstandard1.3) (>= netstandard1.6)) (&& (< monoandroid) (< net45) (>= netstandard1.4) (< netstandard1.5) (< wpa81)) (&& (< monoandroid) (< net45) (>= netstandard1.4) (< netstandard1.6)) (&& (< monoandroid) (< net45) (< netstandard1.4) (>= netstandard1.5)) (&& (< monoandroid) (< net45) (< netstandard1.4) (>= netstandard1.6)) (&& (< monoandroid) (< net45) (>= netstandard1.5) (< netstandard1.6)) (&& (< monoandroid) (< net45) (< netstandard1.5) (>= netstandard1.6)) (&& (< monoandroid) (< net46) (>= netstandard1.3) (< netstandard1.4)) (&& (< monoandroid) (< net46) (>= netstandard1.4) (< netstandard1.6)) (&& (< monoandroid) (< net46) (< netstandard1.4) (>= netstandard1.6)) (&& (< monotouch) (< net45) (>= netstandard1.5) (< xamarinios) (< xamarinmac) (< xamarintvos) (< xamarinwatchos)) (&& (< monotouch) (< net46) (>= netstandard1.3) (< xamarinios) (< xamarinmac) (< xamarintvos) (< xamarinwatchos)) (&& (< monotouch) (< net462) (>= netstandard1.3) (< xamarinios) (< xamarinmac) (< xamarintvos) (< xamarinwatchos)) (&& (< monotouch) (>= netstandard1.6) (< xamarinios) (< xamarinmac) (< xamarintvos) (< xamarinwatchos)) (&& (< net45) (>= netstandard1.6) (< portable-net451+win81+wpa81)) (&& (>= net46) (< net462)) (&& (>= net46) (< netstandard1.4)) (&& (>= net46) (>= netstandard1.6)) (>= net461) (&& (< netstandard1.4) (>= uap10.0)) (&& (>= netstandard1.6) (>= uap10.0)) (&& (>= uap10.0) (< uap10.1))
      System.Diagnostics.Debug (>= 4.3) - restriction: && (< monotouch) (< net46) (>= netstandard1.3) (< xamarinios) (< xamarinmac) (< xamarintvos) (< xamarinwatchos)
      System.Globalization (>= 4.3) - restriction: && (< monotouch) (< net46) (>= netstandard1.3) (< xamarinios) (< xamarinmac) (< xamarintvos) (< xamarinwatchos)
      System.IO (>= 4.3) - restriction: && (< monotouch) (< net46) (>= netstandard1.3) (< xamarinios) (< xamarinmac) (< xamarintvos) (< xamarinwatchos)
      System.Resources.ResourceManager (>= 4.3) - restriction: && (< monotouch) (< net46) (>= netstandard1.3) (< xamarinios) (< xamarinmac) (< xamarintvos) (< xamarinwatchos)
      System.Runtime (>= 4.3) - restriction: && (< monotouch) (< net46) (>= netstandard1.3) (< xamarinios) (< xamarinmac) (< xamarintvos) (< xamarinwatchos)
      System.Threading (>= 4.3) - restriction: && (< monotouch) (< net46) (>= netstandard1.3) (< xamarinios) (< xamarinmac) (< xamarintvos) (< xamarinwatchos)
      System.Threading.Tasks (>= 4.3) - restriction: && (< monotouch) (< net46) (>= netstandard1.3) (< xamarinios) (< xamarinmac) (< xamarintvos) (< xamarinwatchos)
    System.Security.Cryptography.X509Certificates (4.3.1) - restriction: || (&& (>= dnxcore50) (>= net46)) (&& (>= dnxcore50) (>= netstandard1.1)) (&& (>= dnxcore50) (>= netstandard1.2)) (&& (>= dnxcore50) (>= netstandard1.4)) (&& (>= dnxcore50) (>= netstandard1.5)) (&& (>= dnxcore50) (>= netstandard1.6)) (&& (>= dnxcore50) (>= uap10.0)) (&& (< monoandroid) (< net45) (>= netstandard1.5) (< netstandard1.6)) (&& (< monoandroid) (< net45) (>= netstandard1.6)) (&& (< monotouch) (< net45) (>= netstandard1.6) (< xamarinios) (< xamarinmac) (< xamarintvos) (< xamarinwatchos)) (&& (< monotouch) (< net462) (>= netstandard1.6) (< netstandard2.0) (< xamarinios) (< xamarinmac) (< xamarintvos) (< xamarinwatchos)) (&& (< net45) (>= net46)) (&& (< net45) (>= netstandard1.4)) (&& (< net45) (>= netstandard1.6) (< portable-net451+win81+wpa81)) (&& (>= net46) (< net462) (>= netstandard1.6) (< netstandard2.0)) (&& (>= net46) (< netstandard1.4)) (&& (>= net46) (>= uap10.0)) (>= netstandard1.3) (&& (>= netstandard1.6) (>= uap10.0)) (&& (>= uap10.0) (< uap10.1)) (&& (>= uap10.0) (< win8) (< wpa81))
      Microsoft.NETCore.Platforms (>= 1.1) - restriction: || (>= dnxcore50) (&& (< monotouch) (>= netstandard1.6) (< xamarinios) (< xamarinmac) (< xamarintvos) (< xamarinwatchos))
      runtime.native.System (>= 4.3) - restriction: && (< monotouch) (>= netstandard1.6) (< xamarinios) (< xamarinmac) (< xamarintvos) (< xamarinwatchos)
      runtime.native.System.Net.Http (>= 4.3) - restriction: && (< monotouch) (>= netstandard1.6) (< xamarinios) (< xamarinmac) (< xamarintvos) (< xamarinwatchos)
      runtime.native.System.Security.Cryptography.OpenSsl (>= 4.3.2) - restriction: && (< monotouch) (>= netstandard1.6) (< xamarinios) (< xamarinmac) (< xamarintvos) (< xamarinwatchos)
      System.Collections (>= 4.3) - restriction: || (>= dnxcore50) (&& (< monotouch) (>= netstandard1.6) (< xamarinios) (< xamarinmac) (< xamarintvos) (< xamarinwatchos))
      System.Diagnostics.Debug (>= 4.3) - restriction: && (< monotouch) (>= netstandard1.6) (< xamarinios) (< xamarinmac) (< xamarintvos) (< xamarinwatchos)
      System.Globalization (>= 4.3) - restriction: || (>= dnxcore50) (&& (< monotouch) (>= netstandard1.6) (< xamarinios) (< xamarinmac) (< xamarintvos) (< xamarinwatchos))
      System.Globalization.Calendars (>= 4.3) - restriction: || (>= dnxcore50) (&& (< monotouch) (>= netstandard1.6) (< xamarinios) (< xamarinmac) (< xamarintvos) (< xamarinwatchos))
      System.IO (>= 4.3) - restriction: || (>= dnxcore50) (&& (< monotouch) (>= netstandard1.6) (< xamarinios) (< xamarinmac) (< xamarintvos) (< xamarinwatchos))
      System.IO.FileSystem (>= 4.3) - restriction: || (>= dnxcore50) (&& (< monotouch) (>= netstandard1.6) (< xamarinios) (< xamarinmac) (< xamarintvos) (< xamarinwatchos))
      System.IO.FileSystem.Primitives (>= 4.3) - restriction: && (< monotouch) (>= netstandard1.6) (< xamarinios) (< xamarinmac) (< xamarintvos) (< xamarinwatchos)
      System.Resources.ResourceManager (>= 4.3) - restriction: || (>= dnxcore50) (&& (< monotouch) (>= netstandard1.6) (< xamarinios) (< xamarinmac) (< xamarintvos) (< xamarinwatchos))
      System.Runtime (>= 4.3) - restriction: || (>= dnxcore50) (&& (< monoandroid) (< net46) (>= netstandard1.3) (< netstandard1.4)) (&& (< monoandroid) (< net46) (>= netstandard1.4) (< netstandard1.6)) (&& (< monotouch) (>= netstandard1.6) (< xamarinios) (< xamarinmac) (< xamarintvos) (< xamarinwatchos))
      System.Runtime.Extensions (>= 4.3) - restriction: || (>= dnxcore50) (&& (< monotouch) (>= netstandard1.6) (< xamarinios) (< xamarinmac) (< xamarintvos) (< xamarinwatchos))
      System.Runtime.Handles (>= 4.3) - restriction: || (>= dnxcore50) (&& (< monoandroid) (< net46) (>= netstandard1.3) (< netstandard1.4)) (&& (< monoandroid) (< net46) (>= netstandard1.4) (< netstandard1.6)) (&& (< monotouch) (>= netstandard1.6) (< xamarinios) (< xamarinmac) (< xamarintvos) (< xamarinwatchos))
      System.Runtime.InteropServices (>= 4.3) - restriction: || (>= dnxcore50) (&& (< monotouch) (>= netstandard1.6) (< xamarinios) (< xamarinmac) (< xamarintvos) (< xamarinwatchos))
      System.Runtime.Numerics (>= 4.3) - restriction: || (>= dnxcore50) (&& (< monotouch) (>= netstandard1.6) (< xamarinios) (< xamarinmac) (< xamarintvos) (< xamarinwatchos))
      System.Security.Cryptography.Algorithms (>= 4.3) - restriction: || (>= dnxcore50) (&& (< monoandroid) (< net46) (>= netstandard1.3) (< netstandard1.4)) (&& (< monoandroid) (< net46) (>= netstandard1.4) (< netstandard1.6)) (&& (< monotouch) (>= netstandard1.6) (< xamarinios) (< xamarinmac) (< xamarintvos) (< xamarinwatchos)) (&& (>= net46) (< netstandard1.4)) (>= net461)
      System.Security.Cryptography.Cng (>= 4.3) - restriction: || (>= dnxcore50) (&& (< monotouch) (>= netstandard1.6) (< xamarinios) (< xamarinmac) (< xamarintvos) (< xamarinwatchos))
      System.Security.Cryptography.Csp (>= 4.3) - restriction: && (< monotouch) (>= netstandard1.6) (< xamarinios) (< xamarinmac) (< xamarintvos) (< xamarinwatchos)
      System.Security.Cryptography.Encoding (>= 4.3) - restriction: || (>= dnxcore50) (&& (< monoandroid) (< net46) (>= netstandard1.3) (< netstandard1.4)) (&& (< monoandroid) (< net46) (>= netstandard1.4) (< netstandard1.6)) (&& (< monotouch) (>= netstandard1.6) (< xamarinios) (< xamarinmac) (< xamarintvos) (< xamarinwatchos)) (&& (>= net46) (< netstandard1.4)) (>= net461)
      System.Security.Cryptography.OpenSsl (>= 4.3) - restriction: && (< monotouch) (>= netstandard1.6) (< xamarinios) (< xamarinmac) (< xamarintvos) (< xamarinwatchos)
      System.Security.Cryptography.Primitives (>= 4.3) - restriction: || (>= dnxcore50) (&& (< monotouch) (>= netstandard1.6) (< xamarinios) (< xamarinmac) (< xamarintvos) (< xamarinwatchos))
      System.Text.Encoding (>= 4.3) - restriction: || (>= dnxcore50) (&& (< monotouch) (>= netstandard1.6) (< xamarinios) (< xamarinmac) (< xamarintvos) (< xamarinwatchos))
      System.Threading (>= 4.3) - restriction: || (>= dnxcore50) (&& (< monotouch) (>= netstandard1.6) (< xamarinios) (< xamarinmac) (< xamarintvos) (< xamarinwatchos))
    System.Security.Principal (4.3) - restriction: || (&& (< monoandroid) (< net45) (>= netstandard1.5) (< netstandard1.6)) (&& (< monotouch) (< net45) (>= netstandard1.4) (< xamarinios) (< xamarinmac) (< xamarintvos) (< xamarinwatchos)) (&& (< monotouch) (< net45) (>= netstandard1.5) (< xamarinios) (< xamarinmac) (< xamarintvos) (< xamarinwatchos)) (&& (< monotouch) (< net45) (>= netstandard1.6) (< xamarinios) (< xamarinmac) (< xamarintvos) (< xamarinwatchos))
      System.Runtime (>= 4.3) - restriction: || (>= dnxcore50) (&& (< monotouch) (< net45) (>= netstandard1.0) (< win8) (< wp8) (< wpa81) (< xamarinios) (< xamarinmac) (< xamarintvos) (< xamarinwatchos))
    System.Security.Principal.Windows (4.3) - restriction: || (&& (< monoandroid) (< net45) (>= netstandard1.5) (< netstandard1.6)) (&& (< monotouch) (< net45) (>= netstandard1.5) (< xamarinios) (< xamarinmac) (< xamarintvos) (< xamarinwatchos))
      Microsoft.NETCore.Platforms (>= 1.1) - restriction: && (< net46) (>= netstandard1.3)
      Microsoft.Win32.Primitives (>= 4.3) - restriction: && (< net46) (>= netstandard1.3)
      System.Collections (>= 4.3) - restriction: && (< net46) (>= netstandard1.3)
      System.Diagnostics.Debug (>= 4.3) - restriction: && (< net46) (>= netstandard1.3)
      System.Reflection (>= 4.3) - restriction: && (< net46) (>= netstandard1.3)
      System.Resources.ResourceManager (>= 4.3) - restriction: && (< net46) (>= netstandard1.3)
      System.Runtime (>= 4.3) - restriction: && (< net46) (>= netstandard1.3)
      System.Runtime.Extensions (>= 4.3) - restriction: && (< net46) (>= netstandard1.3)
      System.Runtime.Handles (>= 4.3) - restriction: && (< net46) (>= netstandard1.3)
      System.Runtime.InteropServices (>= 4.3) - restriction: && (< net46) (>= netstandard1.3)
      System.Security.Claims (>= 4.3) - restriction: >= netstandard1.3
      System.Security.Principal (>= 4.3) - restriction: && (< net46) (>= netstandard1.3)
      System.Text.Encoding (>= 4.3) - restriction: && (< net46) (>= netstandard1.3)
      System.Threading (>= 4.3) - restriction: && (< net46) (>= netstandard1.3)
    System.Security.SecureString (4.3) - restriction: && (< net45) (>= netstandard1.5)
      Microsoft.NETCore.Platforms (>= 1.1) - restriction: && (< monotouch) (< net46) (>= netstandard1.3) (< xamarinios) (< xamarinmac) (< xamarintvos) (< xamarinwatchos)
      System.Resources.ResourceManager (>= 4.3) - restriction: && (< monotouch) (< net46) (>= netstandard1.3) (< xamarinios) (< xamarinmac) (< xamarintvos) (< xamarinwatchos)
      System.Runtime (>= 4.3) - restriction: && (< monotouch) (< net46) (>= netstandard1.3) (< xamarinios) (< xamarinmac) (< xamarintvos) (< xamarinwatchos)
      System.Runtime.Handles (>= 4.3) - restriction: && (< monotouch) (< net46) (>= netstandard1.3) (< xamarinios) (< xamarinmac) (< xamarintvos) (< xamarinwatchos)
      System.Runtime.InteropServices (>= 4.3) - restriction: && (< monotouch) (< net46) (>= netstandard1.3) (< xamarinios) (< xamarinmac) (< xamarintvos) (< xamarinwatchos)
      System.Security.Cryptography.Primitives (>= 4.3) - restriction: && (< monotouch) (< net46) (>= netstandard1.3) (< xamarinios) (< xamarinmac) (< xamarintvos) (< xamarinwatchos)
      System.Text.Encoding (>= 4.3) - restriction: && (< monotouch) (< net46) (>= netstandard1.3) (< xamarinios) (< xamarinmac) (< xamarintvos) (< xamarinwatchos)
      System.Threading (>= 4.3) - restriction: && (< monotouch) (< net46) (>= netstandard1.3) (< xamarinios) (< xamarinmac) (< xamarintvos) (< xamarinwatchos)
    System.Spatial (5.8.3) - restriction: || (>= net45) (&& (>= netstandard1.0) (< netstandard1.3) (< win8)) (&& (< netstandard1.0) (>= win8)) (&& (>= netstandard1.3) (< win8)) (>= wp8) (>= wpa81)
    System.Text.Encoding (4.3) - restriction: || (&& (>= dnxcore50) (>= net46)) (&& (>= dnxcore50) (>= net461)) (&& (>= dnxcore50) (>= netstandard1.0)) (&& (>= dnxcore50) (>= netstandard1.1)) (&& (>= dnxcore50) (>= netstandard1.2)) (&& (>= dnxcore50) (>= netstandard1.4)) (&& (>= dnxcore50) (>= netstandard1.5)) (&& (>= dnxcore50) (>= netstandard1.6)) (&& (>= dnxcore50) (>= uap10.0)) (&& (< monoandroid) (< net45) (>= netstandard1.2) (< wpa81)) (&& (< monoandroid) (< net45) (>= netstandard1.4) (< netstandard1.5) (< wpa81)) (&& (< monoandroid) (< net45) (>= netstandard1.4) (< win8) (< wpa81)) (&& (< monoandroid) (< net45) (>= netstandard1.5)) (&& (< monoandroid) (< net46) (< netstandard1.4) (>= netstandard1.6)) (&& (< monotouch) (< net45) (>= netstandard1.4) (< win8) (< wpa81) (< xamarinios) (< xamarinmac) (< xamarintvos) (< xamarinwatchos)) (&& (< monotouch) (< net45) (>= netstandard1.5) (< xamarinios) (< xamarinmac) (< xamarintvos) (< xamarinwatchos)) (&& (< monotouch) (>= netstandard1.6) (< xamarinios) (< xamarinmac) (< xamarintvos) (< xamarinwatchos)) (&& (< net45) (>= net46)) (&& (< net45) (>= netstandard1.1) (< portable-net451+win81+wpa81)) (&& (< net45) (>= netstandard1.5) (< portable-net451+win81+wpa81)) (&& (< net45) (>= netstandard1.6)) (&& (>= net46) (< net462) (>= netstandard1.6)) (&& (>= net46) (< netstandard1.4) (>= netstandard1.6)) (&& (>= net461) (< net462) (>= netstandard1.6) (< netstandard2.0)) (&& (>= net461) (< netstandard1.4) (>= netstandard1.6)) (&& (>= netstandard1.0) (< portable-net45+win8+wpa81)) (>= netstandard1.3) (&& (>= netstandard1.5) (< portable-net45+win8+wpa81)) (&& (>= netstandard1.5) (>= uap10.0)) (&& (>= netstandard1.6) (>= uap10.0)) (&& (>= uap10.0) (< uap10.1)) (&& (>= uap10.0) (< win8) (< wpa81))
      Microsoft.NETCore.Platforms (>= 1.1) - restriction: || (>= dnxcore50) (&& (< monoandroid) (< net45) (>= netstandard1.0) (< netstandard1.3) (< win8) (< wp8) (< wpa81)) (&& (< monotouch) (< net45) (>= netstandard1.3) (< win8) (< wpa81) (< xamarinios) (< xamarinmac) (< xamarintvos) (< xamarinwatchos))
      Microsoft.NETCore.Targets (>= 1.1) - restriction: || (>= dnxcore50) (&& (< monoandroid) (< net45) (>= netstandard1.0) (< netstandard1.3) (< win8) (< wp8) (< wpa81)) (&& (< monotouch) (< net45) (>= netstandard1.3) (< win8) (< wpa81) (< xamarinios) (< xamarinmac) (< xamarintvos) (< xamarinwatchos))
      System.Runtime (>= 4.3) - restriction: || (>= dnxcore50) (&& (< monoandroid) (< net45) (>= netstandard1.0) (< netstandard1.3) (< win8) (< wp8) (< wpa81)) (&& (< monotouch) (< net45) (>= netstandard1.3) (< win8) (< wpa81) (< xamarinios) (< xamarinmac) (< xamarintvos) (< xamarinwatchos))
    System.Text.Encoding.CodePages (4.3) - restriction: >= netstandard1.3
      Microsoft.NETCore.Platforms (>= 1.1) - restriction: && (< monotouch) (< net46) (>= netstandard1.3) (< xamarinios) (< xamarinmac) (< xamarintvos) (< xamarinwatchos)
      System.Collections (>= 4.3) - restriction: && (< monotouch) (< net46) (>= netstandard1.3) (< xamarinios) (< xamarinmac) (< xamarintvos) (< xamarinwatchos)
      System.Globalization (>= 4.3) - restriction: && (< monotouch) (< net46) (>= netstandard1.3) (< xamarinios) (< xamarinmac) (< xamarintvos) (< xamarinwatchos)
      System.IO (>= 4.3) - restriction: && (< monotouch) (< net46) (>= netstandard1.3) (< xamarinios) (< xamarinmac) (< xamarintvos) (< xamarinwatchos)
      System.Reflection (>= 4.3) - restriction: && (< monotouch) (< net46) (>= netstandard1.3) (< xamarinios) (< xamarinmac) (< xamarintvos) (< xamarinwatchos)
      System.Resources.ResourceManager (>= 4.3) - restriction: && (< monotouch) (< net46) (>= netstandard1.3) (< xamarinios) (< xamarinmac) (< xamarintvos) (< xamarinwatchos)
      System.Runtime (>= 4.3) - restriction: && (< monotouch) (< net46) (>= netstandard1.3) (< xamarinios) (< xamarinmac) (< xamarintvos) (< xamarinwatchos)
      System.Runtime.Extensions (>= 4.3) - restriction: && (< monotouch) (< net46) (>= netstandard1.3) (< xamarinios) (< xamarinmac) (< xamarintvos) (< xamarinwatchos)
      System.Runtime.Handles (>= 4.3) - restriction: && (< monotouch) (< net46) (>= netstandard1.3) (< xamarinios) (< xamarinmac) (< xamarintvos) (< xamarinwatchos)
      System.Runtime.InteropServices (>= 4.3) - restriction: && (< monotouch) (< net46) (>= netstandard1.3) (< xamarinios) (< xamarinmac) (< xamarintvos) (< xamarinwatchos)
      System.Text.Encoding (>= 4.3) - restriction: && (< monotouch) (< net46) (>= netstandard1.3) (< xamarinios) (< xamarinmac) (< xamarintvos) (< xamarinwatchos)
      System.Threading (>= 4.3) - restriction: && (< monotouch) (< net46) (>= netstandard1.3) (< xamarinios) (< xamarinmac) (< xamarintvos) (< xamarinwatchos)
    System.Text.Encoding.Extensions (4.3) - restriction: || (&& (>= dnxcore50) (>= net46)) (&& (>= dnxcore50) (>= netstandard1.0)) (&& (>= dnxcore50) (>= netstandard1.1)) (&& (>= dnxcore50) (>= netstandard1.2)) (&& (>= dnxcore50) (>= netstandard1.4)) (&& (>= dnxcore50) (>= netstandard1.5)) (&& (>= dnxcore50) (>= netstandard1.6)) (&& (>= dnxcore50) (>= uap10.0)) (&& (< monoandroid) (< net45) (>= netstandard1.2) (< wpa81)) (&& (< monoandroid) (< net45) (>= netstandard1.4) (< netstandard1.5) (< wpa81)) (&& (< monoandroid) (< net45) (>= netstandard1.5) (< netstandard1.6)) (&& (< monotouch) (< net45) (>= netstandard1.4) (< win8) (< wpa81) (< xamarinios) (< xamarinmac) (< xamarintvos) (< xamarinwatchos)) (&& (< monotouch) (< net45) (>= netstandard1.5) (< xamarinios) (< xamarinmac) (< xamarintvos) (< xamarinwatchos)) (&& (< monotouch) (< net45) (>= netstandard1.6) (< netstandard2.0) (< xamarinios) (< xamarinmac) (< xamarintvos) (< xamarinwatchos)) (&& (< net45) (>= net46) (< netstandard1.4)) (&& (< net45) (>= netstandard1.1) (< portable-net451+win81+wpa81)) (&& (>= netstandard1.0) (< portable-net45+win8+wpa81)) (>= netstandard1.3) (&& (>= uap10.0) (< uap10.1)) (&& (>= uap10.0) (< win8) (< wpa81))
      Microsoft.NETCore.Platforms (>= 1.1) - restriction: || (>= dnxcore50) (&& (< monoandroid) (< net45) (>= netstandard1.0) (< netstandard1.3) (< win8) (< wp8) (< wpa81)) (&& (< monotouch) (< net45) (>= netstandard1.3) (< win8) (< wpa81) (< xamarinios) (< xamarinmac) (< xamarintvos) (< xamarinwatchos))
      Microsoft.NETCore.Targets (>= 1.1) - restriction: || (>= dnxcore50) (&& (< monoandroid) (< net45) (>= netstandard1.0) (< netstandard1.3) (< win8) (< wp8) (< wpa81)) (&& (< monotouch) (< net45) (>= netstandard1.3) (< win8) (< wpa81) (< xamarinios) (< xamarinmac) (< xamarintvos) (< xamarinwatchos))
      System.Runtime (>= 4.3) - restriction: || (>= dnxcore50) (&& (< monoandroid) (< net45) (>= netstandard1.0) (< netstandard1.3) (< win8) (< wp8) (< wpa81)) (&& (< monotouch) (< net45) (>= netstandard1.3) (< win8) (< wpa81) (< xamarinios) (< xamarinmac) (< xamarintvos) (< xamarinwatchos))
      System.Text.Encoding (>= 4.3) - restriction: || (>= dnxcore50) (&& (< monoandroid) (< net45) (>= netstandard1.0) (< netstandard1.3) (< win8) (< wp8) (< wpa81)) (&& (< monotouch) (< net45) (>= netstandard1.3) (< win8) (< wpa81) (< xamarinios) (< xamarinmac) (< xamarintvos) (< xamarinwatchos))
    System.Text.RegularExpressions (4.3) - restriction: || (&& (>= dnxcore50) (>= net46)) (&& (>= dnxcore50) (>= netstandard1.0)) (&& (>= dnxcore50) (>= netstandard1.1)) (&& (>= dnxcore50) (>= netstandard1.2)) (&& (>= dnxcore50) (>= netstandard1.3)) (&& (>= dnxcore50) (>= netstandard1.4)) (&& (>= dnxcore50) (>= netstandard1.5)) (&& (>= dnxcore50) (>= netstandard1.6)) (&& (>= dnxcore50) (>= uap10.0)) (&& (< monoandroid) (< net45) (>= netstandard1.2) (< netstandard1.3) (< wpa81)) (&& (< monoandroid) (< net45) (>= netstandard1.5) (< netstandard1.6)) (&& (< monotouch) (< net45) (>= netstandard1.6) (< netstandard2.0) (< xamarinios) (< xamarinmac) (< xamarintvos) (< xamarinwatchos)) (&& (< net45) (>= net46) (< netstandard1.4)) (&& (< net45) (>= netstandard1.0) (< netstandard1.3)) (&& (< net45) (>= netstandard1.1) (< netstandard1.3)) (&& (< net45) (>= netstandard1.1) (< portable-net451+win81+wpa81)) (&& (< net45) (>= netstandard1.3)) (&& (< net45) (>= netstandard1.4)) (&& (< net452) (>= netstandard1.1)) (&& (>= netstandard1.0) (< portable-net45+win8+wpa81)) (&& (>= netstandard1.3) (< portable-net45+win8+wpa81)) (&& (>= uap10.0) (< uap10.1)) (&& (>= uap10.0) (< win8) (< wpa81))
      System.Collections (>= 4.3) - restriction: || (>= dnxcore50) (&& (< monotouch) (< netcoreapp1.1) (>= netstandard1.6) (< xamarinios) (< xamarinmac) (< xamarintvos) (< xamarinwatchos))
      System.Globalization (>= 4.3) - restriction: || (>= dnxcore50) (&& (< monotouch) (< netcoreapp1.1) (>= netstandard1.6) (< xamarinios) (< xamarinmac) (< xamarintvos) (< xamarinwatchos))
      System.Resources.ResourceManager (>= 4.3) - restriction: || (>= dnxcore50) (&& (< monotouch) (< netcoreapp1.1) (>= netstandard1.6) (< xamarinios) (< xamarinmac) (< xamarintvos) (< xamarinwatchos))
      System.Runtime (>= 4.3) - restriction: || (>= dnxcore50) (&& (< monoandroid) (< net45) (>= netstandard1.0) (< netstandard1.3) (< win8) (< wp8) (< wpa81)) (&& (< monoandroid) (< net45) (>= netstandard1.3) (< netstandard1.6) (< win8) (< wpa81)) (&& (< monotouch) (>= netstandard1.6) (< xamarinios) (< xamarinmac) (< xamarintvos) (< xamarinwatchos)) (>= netcoreapp1.1)
      System.Runtime.Extensions (>= 4.3) - restriction: || (>= dnxcore50) (&& (< monotouch) (< netcoreapp1.1) (>= netstandard1.6) (< xamarinios) (< xamarinmac) (< xamarintvos) (< xamarinwatchos))
      System.Threading (>= 4.3) - restriction: || (>= dnxcore50) (&& (< monotouch) (< netcoreapp1.1) (>= netstandard1.6) (< xamarinios) (< xamarinmac) (< xamarintvos) (< xamarinwatchos))
    System.Threading (4.3) - restriction: || (&& (>= dnxcore50) (>= net45)) (&& (>= dnxcore50) (>= net451)) (&& (>= dnxcore50) (>= net46)) (&& (>= dnxcore50) (>= netstandard1.0)) (&& (>= dnxcore50) (>= netstandard1.1)) (&& (>= dnxcore50) (>= netstandard1.2)) (&& (>= dnxcore50) (>= netstandard1.4)) (&& (>= dnxcore50) (>= netstandard1.5)) (&& (>= dnxcore50) (>= netstandard1.6)) (&& (>= dnxcore50) (>= uap10.0)) (&& (>= dnxcore50) (>= wpa81)) (&& (< monoandroid) (< net20) (>= netstandard1.0) (< win8) (< wp8) (< wpa81)) (&& (< monoandroid) (< net45) (>= netstandard1.2) (< wpa81)) (&& (< monoandroid) (< netstandard1.0) (>= netstandard1.1) (>= portable-net451+win81+wpa81) (< win8)) (&& (< monotouch) (>= netstandard1.6) (< xamarinios) (< xamarinmac) (< xamarintvos) (< xamarinwatchos)) (&& (< net20) (>= net45)) (&& (< net20) (>= netstandard1.5)) (&& (< net45) (>= net451)) (&& (< net45) (>= net46) (< netstandard1.4)) (&& (< net45) (>= netstandard1.0)) (&& (< net45) (>= netstandard1.1)) (&& (< net45) (>= netstandard1.4)) (&& (< net45) (>= netstandard1.5)) (&& (< net45) (>= netstandard1.6)) (&& (>= net46) (< net462) (>= netstandard1.6) (< netstandard2.0)) (&& (>= net46) (< netstandard1.4) (>= netstandard1.6)) (&& (>= netstandard1.0) (< portable-net45+win8+wpa81)) (&& (< netstandard1.0) (>= netstandard1.1) (< portable-net451+win81+wpa81) (< win8)) (>= netstandard1.3) (&& (>= netstandard1.5) (>= wpa81)) (&& (>= netstandard1.6) (< portable-net45+win8+wpa81)) (&& (>= netstandard1.6) (>= uap10.0)) (&& (>= uap10.0) (< uap10.1)) (&& (>= uap10.0) (< win8) (< wpa81))
      System.Runtime (>= 4.3) - restriction: || (>= dnxcore50) (&& (< monoandroid) (< net45) (>= netstandard1.0) (< netstandard1.3) (< win8) (< wp8) (< wpa81)) (&& (< monotouch) (< net45) (>= netstandard1.3) (< win8) (< wpa81) (< xamarinios) (< xamarinmac) (< xamarintvos) (< xamarinwatchos))
      System.Threading.Tasks (>= 4.3) - restriction: || (>= dnxcore50) (&& (< monoandroid) (< net45) (>= netstandard1.0) (< netstandard1.3) (< win8) (< wp8) (< wpa81)) (&& (< monotouch) (< net45) (>= netstandard1.3) (< win8) (< wpa81) (< xamarinios) (< xamarinmac) (< xamarintvos) (< xamarinwatchos))
    System.Threading.Overlapped (4.3) - restriction: && (< monotouch) (< net451) (>= netstandard1.3) (< xamarinios) (< xamarinmac) (< xamarintvos) (< xamarinwatchos)
      Microsoft.NETCore.Platforms (>= 1.1) - restriction: || (>= dnxcore50) (&& (< net46) (>= netstandard1.3))
      System.Resources.ResourceManager (>= 4.3) - restriction: || (>= dnxcore50) (&& (< net46) (>= netstandard1.3))
      System.Runtime (>= 4.3) - restriction: || (>= dnxcore50) (&& (< net46) (>= netstandard1.3))
      System.Runtime.Handles (>= 4.3) - restriction: || (>= dnxcore50) (&& (< net46) (>= netstandard1.3))
    System.Threading.Tasks (4.3) - restriction: || (&& (>= dnxcore50) (>= net46)) (&& (>= dnxcore50) (>= netstandard1.0)) (&& (>= dnxcore50) (>= netstandard1.1)) (&& (>= dnxcore50) (>= netstandard1.2)) (&& (>= dnxcore50) (>= netstandard1.4)) (&& (>= dnxcore50) (>= netstandard1.5)) (&& (>= dnxcore50) (>= netstandard1.6)) (&& (>= dnxcore50) (>= uap10.0)) (&& (< monoandroid) (< net45) (>= netstandard1.1) (< win8) (< wpa81)) (&& (< monoandroid) (< net45) (>= netstandard1.2) (< wpa81)) (&& (< monoandroid) (< net45) (>= netstandard1.4) (< netstandard1.5) (< wpa81)) (&& (< monoandroid) (< net45) (>= netstandard1.4) (< win8) (< wpa81)) (&& (< monoandroid) (< net45) (>= netstandard1.5)) (&& (< monotouch) (< net45) (>= netstandard1.4) (< win8) (< wpa81) (< xamarinios) (< xamarinmac) (< xamarintvos) (< xamarinwatchos)) (&& (< monotouch) (< net45) (>= netstandard1.5) (< xamarinios) (< xamarinmac) (< xamarintvos) (< xamarinwatchos)) (&& (< monotouch) (< net46) (>= netstandard1.6) (< netstandard2.0) (< xamarinios) (< xamarinmac) (< xamarintvos) (< xamarinwatchos)) (&& (< monotouch) (< net462) (>= netstandard1.6) (< netstandard2.0) (< xamarinios) (< xamarinmac) (< xamarintvos) (< xamarinwatchos)) (&& (< net45) (>= net46)) (&& (< net45) (>= netstandard1.1) (< portable-net451+win81+wpa81)) (&& (< net45) (>= netstandard1.5) (< portable-net451+win81+wpa81)) (&& (< net45) (>= netstandard1.6)) (&& (>= net46) (< netstandard1.4) (>= netstandard1.6)) (&& (>= netstandard1.0) (< portable-net45+win8+wpa81)) (>= netstandard1.3) (&& (>= netstandard1.5) (< portable-net45+win8+wpa81)) (&& (>= netstandard1.5) (>= uap10.0)) (&& (>= netstandard1.6) (>= uap10.0)) (&& (>= uap10.0) (< uap10.1)) (&& (>= uap10.0) (< win8) (< wpa81))
      Microsoft.NETCore.Platforms (>= 1.1) - restriction: || (>= dnxcore50) (&& (< monoandroid) (< net45) (>= netstandard1.0) (< netstandard1.3) (< win8) (< wp8) (< wpa81)) (&& (< monotouch) (< net45) (>= netstandard1.3) (< win8) (< wpa81) (< xamarinios) (< xamarinmac) (< xamarintvos) (< xamarinwatchos))
      Microsoft.NETCore.Targets (>= 1.1) - restriction: || (>= dnxcore50) (&& (< monoandroid) (< net45) (>= netstandard1.0) (< netstandard1.3) (< win8) (< wp8) (< wpa81)) (&& (< monotouch) (< net45) (>= netstandard1.3) (< win8) (< wpa81) (< xamarinios) (< xamarinmac) (< xamarintvos) (< xamarinwatchos))
      System.Runtime (>= 4.3) - restriction: || (>= dnxcore50) (&& (< monoandroid) (< net45) (>= netstandard1.0) (< netstandard1.3) (< win8) (< wp8) (< wpa81)) (&& (< monotouch) (< net45) (>= netstandard1.3) (< win8) (< wpa81) (< xamarinios) (< xamarinmac) (< xamarintvos) (< xamarinwatchos))
    System.Threading.Tasks.Extensions (4.4) - restriction: || (&& (>= dnxcore50) (>= net46)) (&& (>= dnxcore50) (>= netstandard1.0)) (&& (>= dnxcore50) (>= netstandard1.1)) (&& (>= dnxcore50) (>= netstandard1.2)) (&& (>= dnxcore50) (>= netstandard1.3)) (&& (>= dnxcore50) (>= netstandard1.4)) (&& (>= dnxcore50) (>= netstandard1.5)) (&& (>= dnxcore50) (>= netstandard1.6)) (&& (>= dnxcore50) (>= uap10.0)) (&& (< monoandroid) (< net45) (>= netstandard1.3) (< netstandard1.4) (< win8) (< wpa81)) (&& (< monoandroid) (< net45) (>= netstandard1.5) (< netstandard1.6)) (&& (< monotouch) (< net45) (>= netstandard1.4) (< win8) (< wpa81) (< xamarinios) (< xamarinmac) (< xamarintvos) (< xamarinwatchos)) (&& (< monotouch) (< net45) (>= netstandard1.6) (< netstandard2.0) (< xamarinios) (< xamarinmac) (< xamarintvos) (< xamarinwatchos)) (&& (< net45) (>= net46) (< netstandard1.4)) (&& (< net45) (>= netstandard1.3) (< portable-net451+win81+wpa81) (< win8)) (&& (>= netstandard1.3) (< portable-net45+win8+wpa81)) (&& (>= uap10.0) (< win8) (< wpa81))
      System.Collections (>= 4.3) - restriction: && (>= netstandard1.0) (< netstandard2.0) (< xamarinmac)
      System.Runtime (>= 4.3) - restriction: && (>= netstandard1.0) (< netstandard2.0) (< xamarinmac)
      System.Threading.Tasks (>= 4.3) - restriction: && (>= netstandard1.0) (< netstandard2.0) (< xamarinmac)
    System.Threading.Tasks.Parallel (4.3) - restriction: >= netstandard1.3
      System.Collections.Concurrent (>= 4.3) - restriction: || (>= dnxcore50) (&& (< monoandroid) (< net45) (>= netstandard1.1) (< netstandard1.3) (< win8) (< wpa81)) (&& (< monotouch) (< net45) (>= netstandard1.3) (< win8) (< wpa81) (< xamarinios) (< xamarinmac) (< xamarintvos) (< xamarinwatchos))
      System.Diagnostics.Debug (>= 4.3) - restriction: || (>= dnxcore50) (&& (< monotouch) (< net45) (>= netstandard1.3) (< win8) (< wpa81) (< xamarinios) (< xamarinmac) (< xamarintvos) (< xamarinwatchos))
      System.Diagnostics.Tracing (>= 4.3) - restriction: || (>= dnxcore50) (&& (< monotouch) (< net45) (>= netstandard1.3) (< win8) (< wpa81) (< xamarinios) (< xamarinmac) (< xamarintvos) (< xamarinwatchos))
      System.Resources.ResourceManager (>= 4.3) - restriction: || (>= dnxcore50) (&& (< monotouch) (< net45) (>= netstandard1.3) (< win8) (< wpa81) (< xamarinios) (< xamarinmac) (< xamarintvos) (< xamarinwatchos))
      System.Runtime (>= 4.3) - restriction: || (>= dnxcore50) (&& (< monoandroid) (< net45) (>= netstandard1.1) (< netstandard1.3) (< win8) (< wpa81)) (&& (< monotouch) (< net45) (>= netstandard1.3) (< win8) (< wpa81) (< xamarinios) (< xamarinmac) (< xamarintvos) (< xamarinwatchos))
      System.Runtime.Extensions (>= 4.3) - restriction: || (>= dnxcore50) (&& (< monotouch) (< net45) (>= netstandard1.3) (< win8) (< wpa81) (< xamarinios) (< xamarinmac) (< xamarintvos) (< xamarinwatchos))
      System.Threading (>= 4.3) - restriction: || (>= dnxcore50) (&& (< monotouch) (< net45) (>= netstandard1.3) (< win8) (< wpa81) (< xamarinios) (< xamarinmac) (< xamarintvos) (< xamarinwatchos))
      System.Threading.Tasks (>= 4.3) - restriction: || (>= dnxcore50) (&& (< monoandroid) (< net45) (>= netstandard1.1) (< netstandard1.3) (< win8) (< wpa81)) (&& (< monotouch) (< net45) (>= netstandard1.3) (< win8) (< wpa81) (< xamarinios) (< xamarinmac) (< xamarintvos) (< xamarinwatchos))
    System.Threading.Thread (4.3) - restriction: || (&& (< monotouch) (< net45) (>= netstandard1.5) (< xamarinios) (< xamarinmac) (< xamarintvos) (< xamarinwatchos)) (>= netstandard1.3)
      System.Runtime (>= 4.3) - restriction: && (< monotouch) (< net46) (>= netstandard1.3) (< xamarinios) (< xamarinmac) (< xamarintvos) (< xamarinwatchos)
    System.Threading.ThreadPool (4.3) - restriction: || (&& (< monoandroid) (< net45) (>= netstandard1.5) (< netstandard1.6)) (&& (< monotouch) (< net45) (>= netstandard1.5) (< xamarinios) (< xamarinmac) (< xamarintvos) (< xamarinwatchos)) (&& (< monotouch) (< net45) (>= netstandard1.6) (< xamarinios) (< xamarinmac) (< xamarintvos) (< xamarinwatchos)) (>= netcoreapp1.0)
      System.Runtime (>= 4.3) - restriction: && (< monotouch) (< net46) (>= netstandard1.3) (< xamarinios) (< xamarinmac) (< xamarintvos) (< xamarinwatchos)
      System.Runtime.Handles (>= 4.3) - restriction: && (< monotouch) (< net46) (>= netstandard1.3) (< xamarinios) (< xamarinmac) (< xamarintvos) (< xamarinwatchos)
    System.Threading.Timer (4.3) - restriction: || (&& (< monoandroid) (< net45) (>= netstandard1.2) (< netstandard1.3) (< wpa81)) (&& (< monoandroid) (< net45) (>= netstandard1.4) (< netstandard1.5) (< wpa81)) (&& (< monoandroid) (< net45) (>= netstandard1.5) (< netstandard1.6)) (&& (< monotouch) (< net45) (>= netstandard1.6) (< netstandard2.0) (< xamarinios) (< xamarinmac) (< xamarintvos) (< xamarinwatchos)) (&& (< net45) (>= netstandard1.3)) (&& (>= uap10.0) (< uap10.1))
      Microsoft.NETCore.Platforms (>= 1.1) - restriction: || (>= dnxcore50) (&& (< monotouch) (< net451) (>= netstandard1.2) (< win81) (< wpa81) (< xamarinios) (< xamarinmac) (< xamarintvos) (< xamarinwatchos))
      Microsoft.NETCore.Targets (>= 1.1) - restriction: || (>= dnxcore50) (&& (< monotouch) (< net451) (>= netstandard1.2) (< win81) (< wpa81) (< xamarinios) (< xamarinmac) (< xamarintvos) (< xamarinwatchos))
      System.Runtime (>= 4.3) - restriction: || (>= dnxcore50) (&& (< monotouch) (< net451) (>= netstandard1.2) (< win81) (< wpa81) (< xamarinios) (< xamarinmac) (< xamarintvos) (< xamarinwatchos))
    System.ValueTuple (4.4)
      NETStandard.Library (>= 1.6.1) - restriction: && (< monotouch) (< net461) (>= netstandard1.0) (< netstandard2.0) (< xamarinios) (< xamarinmac) (< xamarintvos) (< xamarinwatchos)
    System.Xml.ReaderWriter (4.3) - restriction: || (&& (>= dnxcore50) (>= netstandard1.0)) (&& (>= dnxcore50) (>= netstandard1.1)) (&& (>= dnxcore50) (>= netstandard1.2)) (&& (>= dnxcore50) (>= netstandard1.4)) (&& (>= dnxcore50) (>= netstandard1.5)) (&& (>= dnxcore50) (>= netstandard1.6)) (&& (>= dnxcore50) (>= uap10.0)) (&& (< monoandroid) (< net45) (>= netstandard1.2) (< wpa81)) (&& (< monoandroid) (< net45) (>= netstandard1.5)) (&& (< monoandroid) (< net45) (>= netstandard1.6)) (&& (< monotouch) (< net45) (>= netstandard1.6) (< netstandard2.0) (< xamarinios) (< xamarinmac) (< xamarintvos) (< xamarinwatchos)) (&& (< monotouch) (< net462) (>= netstandard1.6) (< netstandard2.0) (< xamarinios) (< xamarinmac) (< xamarintvos) (< xamarinwatchos)) (&& (< net45) (>= netstandard1.1) (< portable-net451+win81+wpa81)) (&& (< net45) (>= netstandard1.4)) (&& (>= net46) (< netstandard1.4)) (&& (>= netstandard1.0) (< portable-net45+win8+wpa81)) (>= netstandard1.3) (&& (>= uap10.0) (< uap10.1)) (&& (>= uap10.0) (< win8) (< wpa81))
      System.Collections (>= 4.3) - restriction: || (>= dnxcore50) (&& (< monotouch) (< net45) (>= netstandard1.3) (< win8) (< wpa81) (< xamarinios) (< xamarinmac) (< xamarintvos) (< xamarinwatchos))
      System.Diagnostics.Debug (>= 4.3) - restriction: || (>= dnxcore50) (&& (< monotouch) (< net45) (>= netstandard1.3) (< win8) (< wpa81) (< xamarinios) (< xamarinmac) (< xamarintvos) (< xamarinwatchos))
      System.Globalization (>= 4.3) - restriction: || (>= dnxcore50) (&& (< monotouch) (< net45) (>= netstandard1.3) (< win8) (< wpa81) (< xamarinios) (< xamarinmac) (< xamarintvos) (< xamarinwatchos))
      System.IO (>= 4.3) - restriction: || (>= dnxcore50) (&& (< monoandroid) (< net45) (>= netstandard1.0) (< netstandard1.3) (< win8) (< wp8) (< wpa81)) (&& (< monotouch) (< net45) (>= netstandard1.3) (< win8) (< wpa81) (< xamarinios) (< xamarinmac) (< xamarintvos) (< xamarinwatchos))
      System.IO.FileSystem (>= 4.3) - restriction: || (>= dnxcore50) (&& (< monotouch) (< net45) (>= netstandard1.3) (< win8) (< wpa81) (< xamarinios) (< xamarinmac) (< xamarintvos) (< xamarinwatchos))
      System.IO.FileSystem.Primitives (>= 4.3) - restriction: || (>= dnxcore50) (&& (< monotouch) (< net45) (>= netstandard1.3) (< win8) (< wpa81) (< xamarinios) (< xamarinmac) (< xamarintvos) (< xamarinwatchos))
      System.Resources.ResourceManager (>= 4.3) - restriction: || (>= dnxcore50) (&& (< monotouch) (< net45) (>= netstandard1.3) (< win8) (< wpa81) (< xamarinios) (< xamarinmac) (< xamarintvos) (< xamarinwatchos))
      System.Runtime (>= 4.3) - restriction: || (>= dnxcore50) (&& (< monoandroid) (< net45) (>= netstandard1.0) (< netstandard1.3) (< win8) (< wp8) (< wpa81)) (&& (< monotouch) (< net45) (>= netstandard1.3) (< win8) (< wpa81) (< xamarinios) (< xamarinmac) (< xamarintvos) (< xamarinwatchos))
      System.Runtime.Extensions (>= 4.3) - restriction: || (>= dnxcore50) (&& (< monotouch) (< net45) (>= netstandard1.3) (< win8) (< wpa81) (< xamarinios) (< xamarinmac) (< xamarintvos) (< xamarinwatchos))
      System.Runtime.InteropServices (>= 4.3) - restriction: || (>= dnxcore50) (&& (< monotouch) (< net45) (>= netstandard1.3) (< win8) (< wpa81) (< xamarinios) (< xamarinmac) (< xamarintvos) (< xamarinwatchos))
      System.Text.Encoding (>= 4.3) - restriction: || (>= dnxcore50) (&& (< monoandroid) (< net45) (>= netstandard1.0) (< netstandard1.3) (< win8) (< wp8) (< wpa81)) (&& (< monotouch) (< net45) (>= netstandard1.3) (< win8) (< wpa81) (< xamarinios) (< xamarinmac) (< xamarintvos) (< xamarinwatchos))
      System.Text.Encoding.Extensions (>= 4.3) - restriction: || (>= dnxcore50) (&& (< monotouch) (< net45) (>= netstandard1.3) (< win8) (< wpa81) (< xamarinios) (< xamarinmac) (< xamarintvos) (< xamarinwatchos))
      System.Text.RegularExpressions (>= 4.3) - restriction: || (>= dnxcore50) (&& (< monotouch) (< net45) (>= netstandard1.3) (< win8) (< wpa81) (< xamarinios) (< xamarinmac) (< xamarintvos) (< xamarinwatchos))
      System.Threading.Tasks (>= 4.3) - restriction: || (>= dnxcore50) (&& (< monoandroid) (< net45) (>= netstandard1.0) (< netstandard1.3) (< win8) (< wp8) (< wpa81)) (&& (< monotouch) (< net45) (>= netstandard1.3) (< win8) (< wpa81) (< xamarinios) (< xamarinmac) (< xamarintvos) (< xamarinwatchos))
      System.Threading.Tasks.Extensions (>= 4.3) - restriction: || (>= dnxcore50) (&& (< monotouch) (< net45) (>= netstandard1.3) (< win8) (< wpa81) (< xamarinios) (< xamarinmac) (< xamarintvos) (< xamarinwatchos))
    System.Xml.XDocument (4.3) - restriction: || (&& (< monoandroid) (< net45) (>= netstandard1.2) (< wpa81)) (&& (< monoandroid) (< net45) (>= netstandard1.4) (< netstandard1.5) (< wpa81)) (&& (< monoandroid) (< net45) (>= netstandard1.5) (< netstandard1.6)) (&& (< monotouch) (< net45) (>= netstandard1.6) (< netstandard2.0) (< xamarinios) (< xamarinmac) (< xamarintvos) (< xamarinwatchos)) (&& (< net45) (>= netstandard1.1) (< portable-net451+win81+wpa81)) (&& (>= netstandard1.0) (< portable-net45+win8+wpa81)) (>= netstandard1.3) (&& (>= uap10.0) (< uap10.1))
      System.Collections (>= 4.3) - restriction: || (>= dnxcore50) (&& (< monotouch) (< net45) (>= netstandard1.3) (< win8) (< wpa81) (< xamarinios) (< xamarinmac) (< xamarintvos) (< xamarinwatchos))
      System.Diagnostics.Debug (>= 4.3) - restriction: || (>= dnxcore50) (&& (< monotouch) (< net45) (>= netstandard1.3) (< win8) (< wpa81) (< xamarinios) (< xamarinmac) (< xamarintvos) (< xamarinwatchos))
      System.Diagnostics.Tools (>= 4.3) - restriction: || (>= dnxcore50) (&& (< monotouch) (< net45) (>= netstandard1.3) (< win8) (< wpa81) (< xamarinios) (< xamarinmac) (< xamarintvos) (< xamarinwatchos))
      System.Globalization (>= 4.3) - restriction: || (>= dnxcore50) (&& (< monotouch) (< net45) (>= netstandard1.3) (< win8) (< wpa81) (< xamarinios) (< xamarinmac) (< xamarintvos) (< xamarinwatchos))
      System.IO (>= 4.3) - restriction: || (>= dnxcore50) (&& (< monoandroid) (< net45) (>= netstandard1.0) (< netstandard1.3) (< win8) (< wp8) (< wpa81)) (&& (< monotouch) (< net45) (>= netstandard1.3) (< win8) (< wpa81) (< xamarinios) (< xamarinmac) (< xamarintvos) (< xamarinwatchos))
      System.Reflection (>= 4.3) - restriction: || (>= dnxcore50) (&& (< monotouch) (< net45) (>= netstandard1.3) (< win8) (< wpa81) (< xamarinios) (< xamarinmac) (< xamarintvos) (< xamarinwatchos))
      System.Resources.ResourceManager (>= 4.3) - restriction: || (>= dnxcore50) (&& (< monotouch) (< net45) (>= netstandard1.3) (< win8) (< wpa81) (< xamarinios) (< xamarinmac) (< xamarintvos) (< xamarinwatchos))
      System.Runtime (>= 4.3) - restriction: || (>= dnxcore50) (&& (< monoandroid) (< net45) (>= netstandard1.0) (< netstandard1.3) (< win8) (< wp8) (< wpa81)) (&& (< monotouch) (< net45) (>= netstandard1.3) (< win8) (< wpa81) (< xamarinios) (< xamarinmac) (< xamarintvos) (< xamarinwatchos))
      System.Runtime.Extensions (>= 4.3) - restriction: || (>= dnxcore50) (&& (< monotouch) (< net45) (>= netstandard1.3) (< win8) (< wpa81) (< xamarinios) (< xamarinmac) (< xamarintvos) (< xamarinwatchos))
      System.Text.Encoding (>= 4.3) - restriction: || (>= dnxcore50) (&& (< monotouch) (< net45) (>= netstandard1.3) (< win8) (< wpa81) (< xamarinios) (< xamarinmac) (< xamarintvos) (< xamarinwatchos))
      System.Threading (>= 4.3) - restriction: || (>= dnxcore50) (&& (< monotouch) (< net45) (>= netstandard1.3) (< win8) (< wpa81) (< xamarinios) (< xamarinmac) (< xamarintvos) (< xamarinwatchos))
      System.Xml.ReaderWriter (>= 4.3) - restriction: || (>= dnxcore50) (&& (< monoandroid) (< net45) (>= netstandard1.0) (< netstandard1.3) (< win8) (< wp8) (< wpa81)) (&& (< monotouch) (< net45) (>= netstandard1.3) (< win8) (< wpa81) (< xamarinios) (< xamarinmac) (< xamarintvos) (< xamarinwatchos))
    System.Xml.XmlDocument (4.3) - restriction: >= netstandard1.3
      System.Collections (>= 4.3) - restriction: && (< monotouch) (< net46) (>= netstandard1.3) (< xamarinios) (< xamarinmac) (< xamarintvos) (< xamarinwatchos)
      System.Diagnostics.Debug (>= 4.3) - restriction: && (< monotouch) (< net46) (>= netstandard1.3) (< xamarinios) (< xamarinmac) (< xamarintvos) (< xamarinwatchos)
      System.Globalization (>= 4.3) - restriction: && (< monotouch) (< net46) (>= netstandard1.3) (< xamarinios) (< xamarinmac) (< xamarintvos) (< xamarinwatchos)
      System.IO (>= 4.3) - restriction: && (< monotouch) (< net46) (>= netstandard1.3) (< xamarinios) (< xamarinmac) (< xamarintvos) (< xamarinwatchos)
      System.Resources.ResourceManager (>= 4.3) - restriction: && (< monotouch) (< net46) (>= netstandard1.3) (< xamarinios) (< xamarinmac) (< xamarintvos) (< xamarinwatchos)
      System.Runtime (>= 4.3) - restriction: && (< monotouch) (< net46) (>= netstandard1.3) (< xamarinios) (< xamarinmac) (< xamarintvos) (< xamarinwatchos)
      System.Runtime.Extensions (>= 4.3) - restriction: && (< monotouch) (< net46) (>= netstandard1.3) (< xamarinios) (< xamarinmac) (< xamarintvos) (< xamarinwatchos)
      System.Text.Encoding (>= 4.3) - restriction: && (< monotouch) (< net46) (>= netstandard1.3) (< xamarinios) (< xamarinmac) (< xamarintvos) (< xamarinwatchos)
      System.Threading (>= 4.3) - restriction: && (< monotouch) (< net46) (>= netstandard1.3) (< xamarinios) (< xamarinmac) (< xamarintvos) (< xamarinwatchos)
      System.Xml.ReaderWriter (>= 4.3) - restriction: && (< monotouch) (< net46) (>= netstandard1.3) (< xamarinios) (< xamarinmac) (< xamarintvos) (< xamarinwatchos)
    System.Xml.XPath (4.3) - restriction: || (&& (< monotouch) (>= netstandard1.3) (< xamarinios) (< xamarinmac) (< xamarintvos) (< xamarinwatchos)) (>= net46)
      System.Collections (>= 4.3) - restriction: && (< monotouch) (< net46) (>= netstandard1.3) (< xamarinios) (< xamarinmac) (< xamarintvos) (< xamarinwatchos)
      System.Diagnostics.Debug (>= 4.3) - restriction: && (< monotouch) (< net46) (>= netstandard1.3) (< xamarinios) (< xamarinmac) (< xamarintvos) (< xamarinwatchos)
      System.Globalization (>= 4.3) - restriction: && (< monotouch) (< net46) (>= netstandard1.3) (< xamarinios) (< xamarinmac) (< xamarintvos) (< xamarinwatchos)
      System.IO (>= 4.3) - restriction: && (< monotouch) (< net46) (>= netstandard1.3) (< xamarinios) (< xamarinmac) (< xamarintvos) (< xamarinwatchos)
      System.Resources.ResourceManager (>= 4.3) - restriction: && (< monotouch) (< net46) (>= netstandard1.3) (< xamarinios) (< xamarinmac) (< xamarintvos) (< xamarinwatchos)
      System.Runtime (>= 4.3) - restriction: && (< monotouch) (< net46) (>= netstandard1.3) (< xamarinios) (< xamarinmac) (< xamarintvos) (< xamarinwatchos)
      System.Runtime.Extensions (>= 4.3) - restriction: && (< monotouch) (< net46) (>= netstandard1.3) (< xamarinios) (< xamarinmac) (< xamarintvos) (< xamarinwatchos)
      System.Threading (>= 4.3) - restriction: && (< monotouch) (< net46) (>= netstandard1.3) (< xamarinios) (< xamarinmac) (< xamarintvos) (< xamarinwatchos)
      System.Xml.ReaderWriter (>= 4.3) - restriction: && (< monotouch) (< net46) (>= netstandard1.3) (< xamarinios) (< xamarinmac) (< xamarintvos) (< xamarinwatchos)
    System.Xml.XPath.XDocument (4.3) - restriction: >= netstandard1.3
      System.Diagnostics.Debug (>= 4.3) - restriction: && (< monotouch) (< net46) (>= netstandard1.3) (< xamarinios) (< xamarinmac) (< xamarintvos) (< xamarinwatchos)
      System.Linq (>= 4.3) - restriction: && (< monotouch) (< net46) (>= netstandard1.3) (< xamarinios) (< xamarinmac) (< xamarintvos) (< xamarinwatchos)
      System.Resources.ResourceManager (>= 4.3) - restriction: && (< monotouch) (< net46) (>= netstandard1.3) (< xamarinios) (< xamarinmac) (< xamarintvos) (< xamarinwatchos)
      System.Runtime (>= 4.3) - restriction: && (< monotouch) (< net46) (>= netstandard1.3) (< xamarinios) (< xamarinmac) (< xamarintvos) (< xamarinwatchos)
      System.Runtime.Extensions (>= 4.3) - restriction: && (< monotouch) (< net46) (>= netstandard1.3) (< xamarinios) (< xamarinmac) (< xamarintvos) (< xamarinwatchos)
      System.Threading (>= 4.3) - restriction: && (< monotouch) (< net46) (>= netstandard1.3) (< xamarinios) (< xamarinmac) (< xamarintvos) (< xamarinwatchos)
      System.Xml.ReaderWriter (>= 4.3) - restriction: && (< monotouch) (< net46) (>= netstandard1.3) (< xamarinios) (< xamarinmac) (< xamarintvos) (< xamarinwatchos)
      System.Xml.XDocument (>= 4.3) - restriction: && (< monotouch) (< net46) (>= netstandard1.3) (< xamarinios) (< xamarinmac) (< xamarintvos) (< xamarinwatchos)
      System.Xml.XPath (>= 4.3) - restriction: || (&& (< monotouch) (>= netstandard1.3) (< xamarinios) (< xamarinmac) (< xamarintvos) (< xamarinwatchos)) (>= net46)
    Topshelf (4.0.3)
    WindowsAzure.Storage (8.4)
      Microsoft.Azure.KeyVault.Core (>= 1.0) - restriction: || (>= net45) (>= wp8)
      Microsoft.Data.OData (>= 5.8.2) - restriction: || (>= net45) (&& (>= netstandard1.0) (< netstandard1.3) (< win8)) (&& (< netstandard1.0) (>= win8)) (&& (>= netstandard1.3) (< win8)) (>= wp8) (>= wpa81)
      Microsoft.Data.Services.Client (>= 5.8.2) - restriction: >= net45
      NETStandard.Library (>= 1.6) - restriction: || (&& (< net45) (>= netstandard1.0) (< netstandard1.3) (< win8) (< wp8) (< wpa81)) (&& (< net45) (>= netstandard1.3) (< win8) (< wpa81))
      Newtonsoft.Json (>= 6.0.8) - restriction: || (>= net45) (&& (< netstandard1.0) (>= win8)) (>= wp8) (>= wpa81)
      Newtonsoft.Json (>= 9.0.1) - restriction: || (&& (< net45) (>= netstandard1.0) (< netstandard1.3) (< win8) (< wp8) (< wpa81)) (&& (< net45) (>= netstandard1.3) (< win8) (< wpa81))
      System.Spatial (>= 5.8.2) - restriction: || (&& (< net45) (>= netstandard1.0) (< netstandard1.3) (< win8) (< wp8) (< wpa81)) (&& (< net45) (>= netstandard1.3) (< win8) (< wpa81))

GROUP Build
NUGET
  remote: https://www.nuget.org/api/v2
    FAKE (4.63.2)
    FSharp.Data (2.3.3)
      Zlib.Portable (>= 1.11) - restriction: || (&& (< net40) (>= portable-net45+win8)) (&& (< net40) (>= portable-net45+win8+sl5) (< portable-net45+win8+wp8+wpa81)) (&& (< net40) (< portable-net45+win8+sl5) (>= portable-net45+win8+wp8+wpa81))
    Hyak.Common (1.1)
      Microsoft.Bcl (>= 1.1.9) - restriction: >= portable-net403+win8+wpa81
      Microsoft.Bcl.Async (>= 1.0.168) - restriction: >= portable-net403+win8+wpa81
      Microsoft.Bcl.Build (>= 1.0.14) - restriction: >= portable-net403+win8+wpa81
      Microsoft.Net.Http (>= 2.2.22) - restriction: >= portable-net403+win8+wpa81
      Newtonsoft.Json (>= 7.0.1) - restriction: >= portable-net403+win8+wpa81
    Microsoft.Azure.Common (2.1)
      Hyak.Common (>= 1.0.2)
      Microsoft.Azure.Common.Dependencies (>= 1.0)
    Microsoft.Azure.Common.Dependencies (1.0)
      Microsoft.Bcl (>= 1.1.9) - restriction: || (&& (>= net40) (< portable-net45+win8+wp8+wpa81)) (&& (< net40) (>= portable-net45+win8+wp8+wpa81)) (>= net45)
      Microsoft.Bcl.Async (>= 1.0.168) - restriction: || (&& (>= net40) (< portable-net45+win8+wp8+wpa81)) (&& (< net40) (>= portable-net45+win8+wp8+wpa81)) (>= net45)
      Microsoft.Bcl.Build (>= 1.0.14) - restriction: || (&& (>= net40) (< portable-net45+win8+wp8+wpa81)) (&& (< net40) (>= portable-net45+win8+wp8+wpa81)) (>= net45)
      Microsoft.Net.Http (>= 2.2.22) - restriction: || (&& (>= net40) (< portable-net45+win8+wp8+wpa81)) (&& (< net40) (>= portable-net45+win8+wp8+wpa81)) (>= net45)
      Newtonsoft.Json (>= 6.0.4) - restriction: || (&& (>= net40) (< portable-net45+win8+wp8+wpa81)) (&& (< net40) (>= portable-net45+win8+wp8+wpa81)) (>= net45)
    Microsoft.Azure.KeyVault.Core (2.0.4) - restriction: || (>= net45) (>= wp8)
    Microsoft.Azure.Storage.DataMovement (0.6.1)
      Microsoft.Data.Services.Client (>= 5.8.2) - restriction: >= net45
      Microsoft.WindowsAzure.ConfigurationManager (>= 1.8) - restriction: >= net45
      NETStandard.Library (>= 1.6) - restriction: >= netstandard1.6
      System.Dynamic.Runtime (>= 4.3) - restriction: >= netstandard1.6
      System.Net.Http (>= 4.3.1) - restriction: >= netstandard1.6
      System.Runtime.Serialization.Primitives (>= 4.3) - restriction: >= netstandard1.6
      System.Runtime.Serialization.Xml (>= 4.3) - restriction: >= netstandard1.6
      System.Security.Cryptography.Algorithms (>= 4.3) - restriction: >= netstandard1.6
      System.Threading.Thread (>= 4.3) - restriction: >= netstandard1.6
      System.Threading.ThreadPool (>= 4.3) - restriction: >= netstandard1.6
      WindowsAzure.Storage (>= 8.4) - restriction: || (>= net45) (>= netstandard1.6)
    Microsoft.Bcl (1.1.10)
      Microsoft.Bcl.Build (>= 1.0.14)
    Microsoft.Bcl.Async (1.0.168)
      Microsoft.Bcl (>= 1.1.8)
    Microsoft.Bcl.Build (1.0.21) - import_targets: false
    Microsoft.CSharp (4.4) - restriction: || (&& (< net20) (>= net45) (>= netstandard1.3)) (&& (< net20) (>= net45) (< netstandard1.3)) (&& (< net20) (>= netstandard1.0) (< netstandard1.3) (< win8)) (&& (< net20) (>= netstandard1.3) (< win8)) (&& (< netstandard1.0) (>= netstandard1.3) (>= win8)) (&& (>= netstandard1.3) (>= wpa81)) (&& (< netstandard1.3) (>= wpa81)) (>= wp8)
      NETStandard.Library (>= 1.6.1) - restriction: || (&& (< net45) (>= netstandard1.0) (< netstandard1.3) (< monoandroid) (< win8) (< wp8) (< wpa81)) (&& (< net45) (>= netstandard1.3) (< netstandard2.0) (< monotouch) (< xamarintvos) (< xamarinwatchos) (< xamarinios) (< xamarinmac) (< win8) (< wpa81)) (>= dnxcore50)
      System.Dynamic.Runtime (>= 4.3) - restriction: || (&& (< net45) (>= netstandard1.0) (< netstandard1.3) (< monoandroid) (< win8) (< wp8) (< wpa81)) (&& (< net45) (>= netstandard1.3) (< netstandard2.0) (< monotouch) (< xamarintvos) (< xamarinwatchos) (< xamarinios) (< xamarinmac) (< win8) (< wpa81)) (>= dnxcore50)
      System.Reflection.TypeExtensions (>= 4.3) - restriction: || (&& (< net45) (>= netstandard1.3) (< netstandard2.0) (< monotouch) (< xamarintvos) (< xamarinwatchos) (< xamarinios) (< xamarinmac) (< win8) (< wpa81)) (>= dnxcore50)
    Microsoft.Data.Edm (5.8.3) - restriction: || (>= net45) (&& (>= netstandard1.0) (< netstandard1.3) (< win8)) (&& (< netstandard1.0) (>= win8)) (&& (>= netstandard1.3) (< win8)) (>= wp8) (>= wpa81)
    Microsoft.Data.OData (5.8.3) - restriction: || (>= net45) (&& (>= netstandard1.0) (< netstandard1.3) (< win8)) (&& (< netstandard1.0) (>= win8)) (&& (>= netstandard1.3) (< win8)) (>= wp8) (>= wpa81)
      Microsoft.Data.Edm (5.8.3)
      System.Spatial (5.8.3)
    Microsoft.Data.Services.Client (5.8.3) - restriction: >= net45
      Microsoft.Data.OData (5.8.3) - restriction: || (>= net40) (>= sl4) (>= portable-net45+win8+wp8+wpa81)
    Microsoft.Net.Http (2.2.29) - restriction: || (&& (>= net40) (< portable-net45+win8+wp8+wpa81)) (&& (< net40) (>= portable-net45+win8+wp8+wpa81)) (>= portable-net403+win8+wpa81)
      Microsoft.Bcl (>= 1.1.10)
      Microsoft.Bcl.Build (>= 1.0.14)
    Microsoft.NETCore.Platforms (2.0) - restriction: || (&& (< net20) (>= net45) (< netstandard1.0) (>= netstandard1.2)) (&& (< net20) (>= net45) (< netstandard1.0) (>= portable-net451+win81+wpa81)) (&& (< net20) (>= net45) (< netstandard1.1) (>= netstandard1.2)) (&& (< net20) (>= net45) (< netstandard1.2)) (&& (< net20) (>= net45) (>= netstandard1.3)) (&& (< net20) (>= net45) (< netstandard1.3)) (&& (< net20) (>= net45) (>= netstandard1.4)) (&& (< net20) (>= net45) (>= netstandard1.5)) (&& (< net20) (>= net45) (< portable-net45+win8+wpa81)) (&& (< net20) (>= net45) (< portable-net451+win81+wpa81)) (&& (< net20) (>= net451) (< netstandard1.2)) (&& (< net20) (>= net451) (< netstandard1.3)) (&& (< net20) (>= net46)) (&& (< net20) (>= net461)) (&& (< net20) (>= net462)) (&& (< net20) (>= net463)) (&& (< net20) (>= netstandard1.0) (< netstandard1.2) (< monoandroid) (< win8)) (&& (< net20) (>= netstandard1.0) (< netstandard1.3) (< monoandroid) (< win8) (< wpa81)) (&& (< net20) (>= netstandard1.1) (< win8) (< portable-net451+win81+wpa81)) (&& (< net20) (>= netstandard1.2) (< netstandard1.3) (< monoandroid) (< win8) (< wpa81)) (&& (< net20) (>= netstandard1.2) (< win8) (< portable-net451+win81+wpa81)) (&& (< net20) (< netstandard1.2) (>= netstandard1.3) (< monoandroid) (< win8)) (&& (< net20) (< netstandard1.2) (>= netstandard1.4) (< monoandroid) (< win8)) (&& (< net20) (>= netstandard1.3) (< netstandard1.4) (< monoandroid) (< win8) (< wpa81)) (&& (< net20) (>= netstandard1.3) (< netstandard1.5) (< monoandroid) (< win8) (< wpa81)) (&& (< net20) (>= netstandard1.3) (< monotouch) (< xamarintvos) (< xamarinwatchos) (< xamarinios) (< xamarinmac) (< win8) (< wpa81)) (&& (< net20) (>= netstandard1.3) (< win8) (< portable-net451+win81+wpa81)) (&& (< net20) (< netstandard1.3) (>= netstandard1.4) (< monoandroid) (< win8) (< wpa81)) (&& (< net20) (< netstandard1.3) (>= netstandard1.5)) (&& (< net20) (>= netstandard1.4) (< netstandard1.5) (< monoandroid) (< win8) (< wpa81)) (&& (< net20) (>= netstandard1.4) (< monotouch) (< xamarintvos) (< xamarinwatchos) (< xamarinios) (< xamarinmac) (< win8) (< wpa81)) (&& (< net20) (>= netstandard1.4) (< win8) (< portable-net451+win81+wpa81)) (&& (< net20) (>= netstandard1.5) (< monoandroid)) (&& (< net20) (>= netstandard1.5) (< monotouch) (< xamarintvos) (< xamarinwatchos) (< xamarinios) (< xamarinmac)) (&& (< net20) (>= netstandard1.5) (< portable-net451+win81+wpa81)) (&& (>= net45) (>= dnxcore50)) (&& (>= net45) (< netstandard1.0) (>= monoandroid)) (&& (< net45) (>= net451) (< netstandard1.2)) (&& (< net45) (>= net451) (< netstandard1.3)) (&& (< net45) (>= net46) (< netstandard1.2)) (&& (< net45) (>= net46) (< netstandard1.3)) (&& (< net45) (>= net46) (>= netstandard1.4) (< netstandard1.5)) (&& (< net45) (>= net46) (< netstandard1.4)) (&& (< net45) (>= net46) (>= netstandard1.5)) (&& (< net45) (>= net46) (< portable-net451+win81+wpa81)) (&& (< net45) (>= net461)) (&& (< net45) (>= net462)) (&& (< net45) (>= net463)) (&& (< net45) (>= netstandard1.1) (< portable-net451+win81+wpa81)) (&& (< net45) (>= netstandard1.2) (< netstandard1.3) (< monoandroid) (< wpa81)) (&& (< net45) (>= netstandard1.2) (< win8) (< portable-net451+win81+wpa81)) (&& (< net45) (< netstandard1.2) (>= netstandard1.3) (< monoandroid) (< win8)) (&& (< net45) (< netstandard1.2) (>= netstandard1.4) (< monoandroid) (< win8)) (&& (< net45) (>= netstandard1.3) (< netstandard1.4) (< monoandroid) (< wpa81)) (&& (< net45) (>= netstandard1.3) (< win8) (< portable-net451+win81+wpa81)) (&& (< net45) (< netstandard1.3) (>= netstandard1.4) (< monoandroid) (< win8) (< wpa81)) (&& (< net45) (>= netstandard1.4) (< netstandard1.5) (< monoandroid) (< wpa81)) (&& (< net45) (>= netstandard1.4) (< win8) (< portable-net451+win81+wpa81)) (&& (< net45) (>= netstandard1.5) (< monoandroid)) (&& (< net45) (>= netstandard1.5) (< portable-net451+win81+wpa81)) (&& (>= net451) (>= dnxcore50)) (&& (>= net46) (>= dnxcore50)) (&& (>= net46) (< netstandard1.0) (>= win8)) (&& (>= net46) (< netstandard1.1)) (&& (>= net46) (>= wpa81)) (&& (>= net46) (< portable-net45+win8+wpa81)) (&& (>= net461) (>= dnxcore50)) (&& (>= net461) (< netstandard1.0) (>= win8)) (&& (>= net461) (>= wpa81)) (&& (>= net462) (>= dnxcore50)) (&& (>= net462) (< netstandard1.0) (>= win8)) (&& (>= net462) (>= wpa81)) (&& (>= net462) (< portable-net45+win8+wpa81)) (&& (>= net463) (>= dnxcore50)) (&& (>= net463) (< netstandard1.0) (>= win8)) (&& (>= net463) (>= wpa81)) (>= uap10.0) (&& (>= dnxcore50) (>= netstandard1.0)) (&& (>= dnxcore50) (>= netstandard1.1)) (&& (>= dnxcore50) (>= netstandard1.2)) (&& (>= dnxcore50) (>= netstandard1.3)) (&& (>= dnxcore50) (>= netstandard1.4)) (&& (>= dnxcore50) (>= netstandard1.5)) (&& (>= dnxcore50) (>= wpa81)) (&& (>= netstandard1.0) (< portable-net45+win8+wpa81)) (&& (< netstandard1.0) (>= netstandard1.1) (>= monoandroid)) (&& (< netstandard1.0) (>= netstandard1.1) (< monoandroid) (>= portable-net451+win81+wpa81)) (&& (< netstandard1.0) (>= netstandard1.1) (< portable-net451+win81+wpa81)) (&& (< netstandard1.0) (>= netstandard1.2) (< monoandroid) (< win8)) (&& (< netstandard1.0) (>= netstandard1.2) (< win8) (< portable-net451+win81+wpa81)) (&& (< netstandard1.0) (>= netstandard1.3) (>= monoandroid)) (&& (< netstandard1.0) (>= netstandard1.3) (< monoandroid) (< win8)) (&& (< netstandard1.0) (>= netstandard1.3) (>= win8)) (&& (< netstandard1.0) (>= netstandard1.3) (< win8) (< portable-net451+win81+wpa81)) (&& (< netstandard1.0) (>= netstandard1.4) (>= win8)) (&& (< netstandard1.0) (>= netstandard1.5) (>= monoandroid)) (&& (< netstandard1.0) (>= netstandard1.5) (< monoandroid)) (&& (< netstandard1.0) (>= netstandard1.5) (>= win8)) (&& (< netstandard1.0) (>= netstandard1.5) (< portable-net451+win81+wpa81)) (&& (< netstandard1.0) (>= wpa81)) (&& (>= netstandard1.1) (< portable-net45+win8+wpa81)) (&& (< netstandard1.1) (>= netstandard1.2) (< monoandroid) (< win8)) (&& (< netstandard1.1) (>= netstandard1.3) (< monoandroid) (< win8)) (&& (< netstandard1.1) (>= netstandard1.3) (< win8) (< portable-net451+win81+wpa81)) (&& (< netstandard1.1) (>= netstandard1.4) (< monoandroid) (< win8)) (&& (< netstandard1.1) (>= netstandard1.5) (< monoandroid)) (&& (< netstandard1.1) (>= netstandard1.5) (< portable-net451+win81+wpa81)) (&& (>= netstandard1.2) (< portable-net45+win8+wpa81)) (&& (< netstandard1.2) (>= netstandard1.3) (< win8) (>= wpa81)) (&& (< netstandard1.2) (>= netstandard1.4) (< win8) (>= wpa81)) (&& (>= netstandard1.3) (< portable-net45+win8+wpa81)) (&& (< netstandard1.3) (>= wpa81)) (&& (>= netstandard1.5) (>= wpa81)) (&& (>= netstandard1.5) (< portable-net45+win8+wpa81)) (>= netstandard1.6) (>= wp8) (&& (>= wpa81) (< portable-net45+win8+wpa81)) (&& (>= wpa81) (< portable-net451+win81+wpa81))
    Microsoft.NETCore.Targets (2.0) - restriction: || (&& (< net20) (>= net45) (< netstandard1.0) (>= netstandard1.2)) (&& (< net20) (>= net45) (< netstandard1.0) (>= portable-net451+win81+wpa81)) (&& (< net20) (>= net45) (< netstandard1.1) (>= netstandard1.2)) (&& (< net20) (>= net45) (< netstandard1.2)) (&& (< net20) (>= net45) (>= netstandard1.3)) (&& (< net20) (>= net45) (< netstandard1.3)) (&& (< net20) (>= net45) (>= netstandard1.4)) (&& (< net20) (>= net45) (>= netstandard1.5)) (&& (< net20) (>= net45) (< portable-net45+win8+wpa81)) (&& (< net20) (>= net45) (< portable-net451+win81+wpa81)) (&& (< net20) (>= net451) (< netstandard1.2)) (&& (< net20) (>= net451) (< netstandard1.3)) (&& (< net20) (>= net46)) (&& (< net20) (>= net461) (< netstandard1.2)) (&& (< net20) (>= net461) (< netstandard1.3)) (&& (< net20) (>= net461) (< netstandard1.4)) (&& (< net20) (>= net461) (>= netstandard1.5)) (&& (< net20) (>= net461) (< netstandard1.5)) (&& (< net20) (>= net462)) (&& (< net20) (>= net463)) (&& (< net20) (>= netstandard1.0) (< netstandard1.2) (< monoandroid) (< win8) (< wp8)) (&& (< net20) (>= netstandard1.0) (< netstandard1.3) (< monoandroid) (< win8) (< wp8) (< wpa81)) (&& (< net20) (>= netstandard1.1) (< win8) (< portable-net451+win81+wpa81)) (&& (< net20) (>= netstandard1.2) (< netstandard1.3) (< monoandroid) (< win8) (< wpa81)) (&& (< net20) (>= netstandard1.2) (< win8) (< portable-net451+win81+wpa81)) (&& (< net20) (< netstandard1.2) (>= netstandard1.3) (< monoandroid) (< win8)) (&& (< net20) (< netstandard1.2) (>= netstandard1.4) (< monoandroid) (< win8)) (&& (< net20) (< netstandard1.2) (>= netstandard1.5) (< monoandroid)) (&& (< net20) (>= netstandard1.3) (< netstandard1.4) (< monoandroid) (< win8) (< wpa81)) (&& (< net20) (>= netstandard1.3) (< netstandard1.5) (< monoandroid) (< win8) (< wpa81)) (&& (< net20) (>= netstandard1.3) (< monotouch) (< xamarintvos) (< xamarinwatchos) (< xamarinios) (< xamarinmac) (< win8) (< wpa81)) (&& (< net20) (>= netstandard1.3) (< win8) (< portable-net451+win81+wpa81)) (&& (< net20) (< netstandard1.3) (>= netstandard1.4) (< monoandroid) (< win8) (< wpa81)) (&& (< net20) (< netstandard1.3) (>= netstandard1.5)) (&& (< net20) (>= netstandard1.4) (< netstandard1.5) (< monoandroid) (< win8) (< wpa81)) (&& (< net20) (>= netstandard1.4) (< monotouch) (< xamarintvos) (< xamarinwatchos) (< xamarinios) (< xamarinmac) (< win8) (< wpa81)) (&& (< net20) (>= netstandard1.4) (< win8) (< portable-net451+win81+wpa81)) (&& (< net20) (< netstandard1.4) (>= netstandard1.5) (< monoandroid)) (&& (< net20) (>= netstandard1.5) (< netstandard1.6) (< monoandroid)) (&& (< net20) (>= netstandard1.5) (< monotouch) (< xamarintvos) (< xamarinwatchos) (< xamarinios) (< xamarinmac)) (&& (< net20) (>= netstandard1.5) (< portable-net451+win81+wpa81)) (&& (>= net45) (>= uap10.0)) (&& (>= net45) (>= dnxcore50)) (&& (>= net45) (>= netstandard1.6)) (&& (>= net45) (>= wp8)) (&& (< net45) (>= net451) (< netstandard1.2)) (&& (< net45) (>= net451) (< netstandard1.3)) (&& (< net45) (>= net46) (< netstandard1.2)) (&& (< net45) (>= net46) (< netstandard1.3)) (&& (< net45) (>= net46) (>= netstandard1.4) (< netstandard1.5)) (&& (< net45) (>= net46) (< netstandard1.4)) (&& (< net45) (>= net46) (>= netstandard1.5)) (&& (< net45) (>= net46) (< portable-net451+win81+wpa81)) (&& (< net45) (>= net461) (< netstandard1.2)) (&& (< net45) (>= net461) (< netstandard1.3)) (&& (< net45) (>= net461) (< netstandard1.4)) (&& (< net45) (>= net461) (>= netstandard1.5)) (&& (< net45) (>= net461) (< netstandard1.5)) (&& (< net45) (>= net461) (< portable-net451+win81+wpa81)) (&& (< net45) (>= net462)) (&& (< net45) (>= net463)) (&& (< net45) (>= netstandard1.1) (< win8) (< portable-net451+win81+wpa81)) (&& (< net45) (>= netstandard1.2) (< netstandard1.3) (< monoandroid) (< win8) (< wpa81)) (&& (< net45) (>= netstandard1.2) (< netstandard1.3) (< monoandroid) (< win81) (< wpa81)) (&& (< net45) (>= netstandard1.2) (< win8) (< portable-net451+win81+wpa81)) (&& (< net45) (< netstandard1.2) (>= netstandard1.3) (< monoandroid) (< win8)) (&& (< net45) (< netstandard1.2) (>= netstandard1.4) (< monoandroid) (< win8)) (&& (< net45) (< netstandard1.2) (>= netstandard1.5) (< monoandroid)) (&& (< net45) (>= netstandard1.3) (< netstandard1.4) (< monoandroid) (< wpa81)) (&& (< net45) (>= netstandard1.3) (< win8) (< portable-net451+win81+wpa81)) (&& (< net45) (< netstandard1.3) (>= netstandard1.4) (< monoandroid) (< win8) (< wpa81)) (&& (< net45) (< netstandard1.3) (>= netstandard1.5) (< monoandroid)) (&& (< net45) (>= netstandard1.4) (< netstandard1.5) (< monoandroid) (< wpa81)) (&& (< net45) (>= netstandard1.4) (< win8) (< portable-net451+win81+wpa81)) (&& (< net45) (< netstandard1.4) (>= netstandard1.5) (< monoandroid)) (&& (< net45) (>= netstandard1.5) (< netstandard1.6) (< monoandroid)) (&& (< net45) (>= netstandard1.5) (< portable-net451+win81+wpa81)) (&& (>= net451) (>= dnxcore50)) (&& (>= net451) (>= wp8)) (&& (>= net46) (>= uap10.0)) (&& (>= net46) (>= dnxcore50)) (&& (>= net46) (< netstandard1.0) (>= win8)) (&& (>= net46) (< netstandard1.1)) (&& (>= net46) (>= netstandard1.6)) (&& (>= net46) (>= wp8)) (&& (>= net46) (>= wpa81)) (&& (>= net46) (< portable-net45+win8+wpa81)) (&& (>= net461) (>= uap10.0)) (&& (>= net461) (>= dnxcore50)) (&& (>= net461) (< netstandard1.0) (>= win8)) (&& (>= net461) (< netstandard1.2) (>= wpa81)) (&& (>= net461) (< netstandard1.3) (>= wpa81)) (&& (>= net461) (< netstandard1.4) (>= wpa81)) (&& (>= net461) (>= netstandard1.6)) (&& (>= net461) (>= wp8)) (&& (>= net462) (>= uap10.0)) (&& (>= net462) (>= dnxcore50)) (&& (>= net462) (< netstandard1.0) (>= win8)) (&& (>= net462) (>= netstandard1.6)) (&& (>= net462) (>= wpa81)) (&& (>= net462) (< portable-net45+win8+wpa81)) (&& (>= net463) (>= uap10.0)) (&& (>= net463) (>= dnxcore50)) (&& (>= net463) (< netstandard1.0) (>= win8)) (&& (>= net463) (>= netstandard1.6)) (&& (>= net463) (>= wpa81)) (&& (>= uap10.0) (< uap10.1)) (&& (>= uap10.0) (>= dnxcore50)) (&& (>= uap10.0) (< netstandard1.0)) (&& (>= uap10.0) (< netstandard1.3)) (&& (>= uap10.0) (< netstandard1.4)) (&& (>= uap10.0) (>= netstandard1.5)) (&& (>= uap10.0) (>= netstandard1.6)) (&& (>= uap10.0) (< win8)) (&& (>= uap10.0) (< win81) (< wpa81)) (&& (>= uap10.0) (>= wp8)) (&& (>= dnxcore50) (>= netstandard1.0)) (&& (>= dnxcore50) (>= netstandard1.1)) (&& (>= dnxcore50) (>= netstandard1.2)) (&& (>= dnxcore50) (>= netstandard1.3)) (&& (>= dnxcore50) (>= netstandard1.4)) (&& (>= dnxcore50) (>= netstandard1.5)) (&& (>= dnxcore50) (>= netstandard1.6)) (&& (>= dnxcore50) (>= wp8)) (&& (>= dnxcore50) (>= wpa81)) (&& (>= netstandard1.0) (< wp8) (< portable-net45+win8+wpa81)) (&& (< netstandard1.0) (>= netstandard1.1) (< monoandroid) (< win8) (>= portable-net451+win81+wpa81)) (&& (< netstandard1.0) (>= netstandard1.1) (< win8) (< portable-net451+win81+wpa81)) (&& (< netstandard1.0) (>= netstandard1.2) (< monoandroid) (< win8)) (&& (< netstandard1.0) (>= netstandard1.2) (< win8) (< portable-net451+win81+wpa81)) (&& (< netstandard1.0) (>= netstandard1.3) (< monoandroid) (< win8)) (&& (< netstandard1.0) (>= netstandard1.3) (>= win8)) (&& (< netstandard1.0) (>= netstandard1.3) (< win8) (< portable-net451+win81+wpa81)) (&& (< netstandard1.0) (>= netstandard1.4) (>= win8)) (&& (< netstandard1.0) (>= netstandard1.5) (< monoandroid)) (&& (< netstandard1.0) (>= netstandard1.5) (>= win8)) (&& (< netstandard1.0) (>= netstandard1.5) (< portable-net451+win81+wpa81)) (&& (< netstandard1.0) (>= netstandard1.6) (< monoandroid)) (&& (< netstandard1.0) (>= netstandard1.6) (>= win8)) (&& (< netstandard1.0) (< win8) (>= wpa81)) (&& (>= netstandard1.1) (>= wp8)) (&& (>= netstandard1.1) (< portable-net45+win8+wpa81)) (&& (< netstandard1.1) (>= netstandard1.2) (< monoandroid) (< win8)) (&& (< netstandard1.1) (>= netstandard1.3) (< monoandroid) (< win8)) (&& (< netstandard1.1) (>= netstandard1.3) (< win8) (< portable-net451+win81+wpa81)) (&& (< netstandard1.1) (>= netstandard1.4) (< monoandroid) (< win8)) (&& (< netstandard1.1) (>= netstandard1.5) (< monoandroid)) (&& (< netstandard1.1) (>= netstandard1.5) (< portable-net451+win81+wpa81)) (&& (< netstandard1.1) (>= netstandard1.6) (< monoandroid)) (&& (>= netstandard1.2) (>= wp8)) (&& (>= netstandard1.2) (< portable-net45+win8+wpa81)) (&& (< netstandard1.2) (>= netstandard1.3) (< win8) (>= wpa81)) (&& (< netstandard1.2) (>= netstandard1.4) (< win8) (>= wpa81)) (&& (< netstandard1.2) (>= netstandard1.6) (< monoandroid)) (&& (>= netstandard1.3) (>= wp8)) (&& (>= netstandard1.3) (< portable-net45+win8+wpa81)) (&& (< netstandard1.3) (>= netstandard1.6)) (&& (>= netstandard1.4) (>= wp8)) (&& (< netstandard1.4) (>= netstandard1.6) (< monoandroid)) (&& (>= netstandard1.5) (>= wp8)) (&& (>= netstandard1.5) (>= wpa81)) (&& (>= netstandard1.5) (< portable-net45+win8+wpa81)) (&& (< netstandard1.5) (>= netstandard1.6)) (&& (>= netstandard1.6) (< monotouch) (< xamarintvos) (< xamarinwatchos) (< xamarinios) (< xamarinmac)) (&& (>= netstandard1.6) (>= wp8)) (&& (>= netstandard1.6) (>= wpa81)) (&& (>= netstandard1.6) (< portable-net45+win8+wpa81)) (&& (>= netstandard1.6) (< portable-net451+win81+wpa81)) (>= netcoreapp1.1) (&& (< win8) (>= wpa81) (< portable-net451+win81+wpa81)) (&& (>= wp8) (>= wpa81)) (&& (>= wpa81) (< portable-net45+win8+wpa81))
    Microsoft.Win32.Primitives (4.3) - restriction: || (&& (< net20) (>= net45) (>= netstandard1.3) (< netstandard1.4)) (&& (< net20) (>= net45) (< netstandard1.3) (>= netstandard1.4)) (&& (< net20) (>= net45) (>= netstandard1.4) (< netstandard1.5)) (&& (< net20) (>= net45) (>= netstandard1.5)) (&& (< net20) (>= net46) (< netstandard1.3)) (&& (< net20) (>= net46) (< netstandard1.4)) (&& (< net20) (>= netstandard1.3) (< netstandard1.4) (< monoandroid) (< win8) (< wpa81)) (&& (< net20) (< netstandard1.3) (>= netstandard1.4) (< monoandroid) (< win8) (< wpa81)) (&& (< net20) (< netstandard1.3) (>= netstandard1.5) (< monoandroid)) (&& (< net20) (>= netstandard1.4) (< netstandard1.5) (< monoandroid) (< win8) (< wpa81)) (&& (< net20) (>= netstandard1.5) (< netstandard1.6) (< monoandroid)) (&& (>= net45) (>= uap10.0)) (&& (>= net45) (>= netstandard1.6)) (&& (< net45) (>= net46) (< netstandard1.3)) (&& (< net45) (>= net46) (< netstandard1.4)) (&& (< net45) (>= netstandard1.3) (< netstandard1.4) (< monoandroid) (< wpa81)) (&& (< net45) (< netstandard1.3) (>= netstandard1.4) (< monoandroid) (< win8) (< wpa81)) (&& (< net45) (< netstandard1.3) (>= netstandard1.5) (< monoandroid)) (&& (< net45) (>= netstandard1.4) (< netstandard1.5) (< monoandroid) (< wpa81)) (&& (< net45) (< netstandard1.4) (>= netstandard1.5) (< monoandroid)) (&& (< net45) (>= netstandard1.5) (< netstandard1.6) (< monoandroid)) (&& (>= net46) (>= dnxcore50)) (&& (>= net46) (< netstandard1.0) (>= win8)) (&& (>= net46) (< netstandard1.3) (>= wpa81)) (&& (>= net46) (< netstandard1.4) (>= netstandard1.6)) (&& (>= net46) (< netstandard1.4) (>= wpa81)) (&& (>= net46) (>= wp8)) (&& (>= uap10.0) (< uap10.1)) (&& (>= uap10.0) (>= dnxcore50)) (&& (>= uap10.0) (< netstandard1.0)) (&& (>= uap10.0) (< netstandard1.3)) (&& (>= uap10.0) (>= netstandard1.5)) (&& (>= uap10.0) (>= netstandard1.6)) (&& (>= uap10.0) (< win8)) (&& (>= uap10.0) (>= wp8)) (&& (>= dnxcore50) (>= netstandard1.3)) (&& (>= dnxcore50) (>= netstandard1.4)) (&& (>= dnxcore50) (>= netstandard1.5)) (&& (>= dnxcore50) (>= netstandard1.6)) (&& (< netstandard1.0) (>= netstandard1.3) (>= win8)) (&& (< netstandard1.0) (>= netstandard1.4) (>= win8)) (&& (< netstandard1.0) (>= netstandard1.5) (>= win8)) (&& (< netstandard1.0) (>= netstandard1.6) (>= win8)) (&& (>= netstandard1.3) (>= wp8)) (&& (< netstandard1.3) (>= netstandard1.6)) (&& (>= netstandard1.4) (>= wp8)) (&& (< netstandard1.4) (>= netstandard1.6) (< monoandroid)) (&& (>= netstandard1.5) (>= wp8)) (&& (>= netstandard1.5) (>= wpa81)) (&& (< netstandard1.5) (>= netstandard1.6)) (&& (>= netstandard1.6) (< netstandard2.0) (< monotouch) (< xamarintvos) (< xamarinwatchos) (< xamarinios) (< xamarinmac)) (&& (>= netstandard1.6) (>= wp8)) (&& (>= netstandard1.6) (>= wpa81))
      Microsoft.NETCore.Platforms (>= 1.1) - restriction: && (< net46) (>= netstandard1.3) (< monotouch) (< xamarintvos) (< xamarinwatchos) (< xamarinios) (< xamarinmac)
      Microsoft.NETCore.Targets (>= 1.1) - restriction: && (< net46) (>= netstandard1.3) (< monotouch) (< xamarintvos) (< xamarinwatchos) (< xamarinios) (< xamarinmac)
      System.Runtime (>= 4.3) - restriction: && (< net46) (>= netstandard1.3) (< monotouch) (< xamarintvos) (< xamarinwatchos) (< xamarinios) (< xamarinmac)
    Microsoft.WindowsAzure.Common (1.4.1)
      Microsoft.WindowsAzure.Common.Dependencies (>= 1.1.1)
    Microsoft.WindowsAzure.Common.Dependencies (1.1.1)
      Microsoft.Bcl (>= 1.1.9) - restriction: || (&& (>= net40) (< portable-net45+win8+wp8+wpa81)) (&& (< net40) (>= portable-net45+win8+wp8+wpa81)) (>= net45)
      Microsoft.Bcl.Async (>= 1.0.168) - restriction: || (&& (>= net40) (< portable-net45+win8+wp8+wpa81)) (&& (< net40) (>= portable-net45+win8+wp8+wpa81)) (>= net45)
      Microsoft.Bcl.Build (>= 1.0.14) - restriction: || (&& (>= net40) (< portable-net45+win8+wp8+wpa81)) (&& (< net40) (>= portable-net45+win8+wp8+wpa81)) (>= net45)
      Microsoft.Net.Http (>= 2.2.22) - restriction: || (&& (>= net40) (< portable-net45+win8+wp8+wpa81)) (&& (< net40) (>= portable-net45+win8+wp8+wpa81)) (>= net45)
      Newtonsoft.Json (>= 6.0.4) - restriction: || (&& (>= net40) (< portable-net45+win8+wp8+wpa81)) (&& (< net40) (>= portable-net45+win8+wp8+wpa81)) (>= net45)
    Microsoft.WindowsAzure.ConfigurationManager (3.2.3) - restriction: >= net45
    Microsoft.WindowsAzure.Management (4.1.1)
      Microsoft.Azure.Common (>= 2.0.4 < 3.0)
    Microsoft.WindowsAzure.Management.Compute (14.0)
      Microsoft.Azure.Common (>= 2.0.4 < 3.0)
    Microsoft.WindowsAzure.Management.Libraries (2.0)
      Microsoft.WindowsAzure.Common (>= 1.3 < 2.0)
      Microsoft.WindowsAzure.Management (>= 2.0)
      Microsoft.WindowsAzure.Management.Compute (>= 5.0)
      Microsoft.WindowsAzure.Management.MediaServices (>= 2.0)
      Microsoft.WindowsAzure.Management.Monitoring (>= 1.0)
      Microsoft.WindowsAzure.Management.Network (>= 3.0)
      Microsoft.WindowsAzure.Management.Scheduler (>= 3.0)
      Microsoft.WindowsAzure.Management.Sql (>= 3.0)
      Microsoft.WindowsAzure.Management.Storage (>= 3.0)
      Microsoft.WindowsAzure.Management.WebSites (>= 3.0)
    Microsoft.WindowsAzure.Management.MediaServices (4.1)
      Microsoft.Azure.Common (>= 2.0.1 < 3.0)
    Microsoft.WindowsAzure.Management.Monitoring (4.1)
      Microsoft.Azure.Common (>= 2.0.1 < 3.0)
    Microsoft.WindowsAzure.Management.Network (8.2.1)
      Microsoft.Azure.Common (>= 2.1 < 3.0)
    Microsoft.WindowsAzure.Management.Scheduler (6.2)
      Microsoft.Azure.Common (>= 2.0.4 < 3.0)
    Microsoft.WindowsAzure.Management.Sql (5.2)
      Microsoft.Azure.Common (>= 2.0.4 < 3.0)
    Microsoft.WindowsAzure.Management.Storage (6.0.1)
      Microsoft.Azure.Common (>= 2.0.4 < 3.0)
    Microsoft.WindowsAzure.Management.WebSites (4.0)
      Microsoft.WindowsAzure.Common (>= 1.3 < 2.0)
    NETStandard.Library (2.0) - restriction: || (&& (< net20) (>= net45) (>= netstandard1.3)) (&& (< net20) (>= net45) (< netstandard1.3)) (&& (< net20) (>= netstandard1.0) (< netstandard1.3) (< win8)) (&& (< net20) (>= netstandard1.3) (< win8)) (&& (>= net45) (>= dnxcore50)) (&& (< net45) (>= netstandard1.0) (< netstandard1.3) (< win8) (< wpa81)) (&& (< net45) (>= netstandard1.1) (< netstandard1.5)) (&& (< net45) (>= netstandard1.3) (< win8) (< wpa81)) (&& (< net45) (>= netstandard1.5)) (&& (>= dnxcore50) (>= netstandard1.0)) (&& (>= dnxcore50) (>= netstandard1.3)) (&& (>= dnxcore50) (>= wpa81)) (&& (< netstandard1.0) (>= netstandard1.3) (>= win8)) (&& (>= netstandard1.3) (>= wpa81)) (&& (< netstandard1.3) (>= wpa81)) (>= netstandard1.6) (>= wp8)
      Microsoft.NETCore.Platforms (>= 1.1) - restriction: || (&& (>= net45) (< portable-net451+win81+wpa81)) (&& (< net45) (>= netstandard1.1) (< portable-net451+win81+wpa81)) (&& (< net45) (>= netstandard1.2) (< netstandard1.3) (< monoandroid) (< wpa81)) (&& (< net45) (>= netstandard1.3) (< netstandard1.4) (< monoandroid) (< wpa81)) (&& (< net45) (>= netstandard1.4) (< netstandard1.5) (< monoandroid) (< wpa81)) (&& (< net45) (>= netstandard1.5) (< monoandroid)) (&& (>= net451) (< netstandard1.3)) (&& (>= net46) (< netstandard1.4)) (>= net461) (>= uap10.0) (&& (>= netstandard1.0) (< portable-net45+win8+wpa81)) (&& (< netstandard1.0) (>= monoandroid)) (&& (< netstandard1.0) (< monoandroid) (>= portable-net451+win81+wpa81)) (&& (< netstandard1.0) (>= portable-net45+win8+wpa81) (< portable-net451+win81+wpa81)) (&& (< netstandard1.0) (< portable-net45+win8+wpa81) (>= portable-net45+win8+wp8+wpa81)) (&& (< netstandard1.3) (>= wpa81)) (>= netstandard1.6)
      Microsoft.Win32.Primitives (>= 4.3) - restriction: || (&& (< net45) (>= netstandard1.3) (< netstandard1.4) (< monoandroid) (< wpa81)) (&& (< net45) (>= netstandard1.4) (< netstandard1.5) (< monoandroid) (< wpa81)) (&& (< net45) (>= netstandard1.5) (< netstandard1.6) (< monoandroid)) (&& (>= net46) (< netstandard1.4)) (&& (>= uap10.0) (< uap10.1)) (&& (>= netstandard1.6) (< netstandard2.0) (< monotouch) (< xamarintvos) (< xamarinwatchos) (< xamarinios) (< xamarinmac))
      System.AppContext (>= 4.3) - restriction: || (&& (< net45) (>= netstandard1.3) (< netstandard1.4) (< monoandroid) (< wpa81)) (&& (< net45) (>= netstandard1.4) (< netstandard1.5) (< monoandroid) (< wpa81)) (&& (< net45) (>= netstandard1.5) (< netstandard1.6) (< monoandroid)) (&& (>= net46) (< netstandard1.4)) (&& (>= uap10.0) (< uap10.1)) (&& (>= netstandard1.6) (< netstandard2.0) (< monotouch) (< xamarintvos) (< xamarinwatchos) (< xamarinios) (< xamarinmac))
      System.Collections (>= 4.3) - restriction: || (&& (< net45) (>= netstandard1.1) (< portable-net451+win81+wpa81)) (&& (< net45) (>= netstandard1.2) (< netstandard1.3) (< monoandroid) (< wpa81)) (&& (< net45) (>= netstandard1.3) (< netstandard1.4) (< monoandroid) (< wpa81)) (&& (< net45) (>= netstandard1.4) (< netstandard1.5) (< monoandroid) (< wpa81)) (&& (< net45) (>= netstandard1.5) (< netstandard1.6) (< monoandroid)) (&& (>= uap10.0) (< uap10.1)) (&& (>= netstandard1.0) (< portable-net45+win8+wpa81)) (&& (>= netstandard1.6) (< netstandard2.0) (< monotouch) (< xamarintvos) (< xamarinwatchos) (< xamarinios) (< xamarinmac))
      System.Collections.Concurrent (>= 4.3) - restriction: || (&& (< net45) (>= netstandard1.1) (< portable-net451+win81+wpa81)) (&& (< net45) (>= netstandard1.2) (< netstandard1.3) (< monoandroid) (< wpa81)) (&& (< net45) (>= netstandard1.3) (< netstandard1.4) (< monoandroid) (< wpa81)) (&& (< net45) (>= netstandard1.4) (< netstandard1.5) (< monoandroid) (< wpa81)) (&& (< net45) (>= netstandard1.5) (< netstandard1.6) (< monoandroid)) (&& (>= uap10.0) (< uap10.1)) (&& (>= netstandard1.6) (< netstandard2.0) (< monotouch) (< xamarintvos) (< xamarinwatchos) (< xamarinios) (< xamarinmac))
      System.Console (>= 4.3) - restriction: || (&& (< net45) (>= netstandard1.3) (< netstandard1.4) (< monoandroid) (< wpa81)) (&& (< net45) (>= netstandard1.4) (< netstandard1.5) (< monoandroid) (< wpa81)) (&& (< net45) (>= netstandard1.5) (< netstandard1.6) (< monoandroid)) (&& (>= net46) (< netstandard1.4)) (&& (>= uap10.0) (< uap10.1)) (&& (>= netstandard1.6) (< netstandard2.0) (< monotouch) (< xamarintvos) (< xamarinwatchos) (< xamarinios) (< xamarinmac))
      System.Diagnostics.Debug (>= 4.3) - restriction: || (&& (< net45) (>= netstandard1.1) (< portable-net451+win81+wpa81)) (&& (< net45) (>= netstandard1.2) (< netstandard1.3) (< monoandroid) (< wpa81)) (&& (< net45) (>= netstandard1.3) (< netstandard1.4) (< monoandroid) (< wpa81)) (&& (< net45) (>= netstandard1.4) (< netstandard1.5) (< monoandroid) (< wpa81)) (&& (< net45) (>= netstandard1.5) (< netstandard1.6) (< monoandroid)) (&& (>= uap10.0) (< uap10.1)) (&& (>= netstandard1.0) (< portable-net45+win8+wpa81)) (&& (>= netstandard1.6) (< netstandard2.0) (< monotouch) (< xamarintvos) (< xamarinwatchos) (< xamarinios) (< xamarinmac))
      System.Diagnostics.Tools (>= 4.3) - restriction: || (&& (< net45) (>= netstandard1.1) (< portable-net451+win81+wpa81)) (&& (< net45) (>= netstandard1.2) (< netstandard1.3) (< monoandroid) (< wpa81)) (&& (< net45) (>= netstandard1.3) (< netstandard1.4) (< monoandroid) (< wpa81)) (&& (< net45) (>= netstandard1.4) (< netstandard1.5) (< monoandroid) (< wpa81)) (&& (< net45) (>= netstandard1.5) (< netstandard1.6) (< monoandroid)) (&& (>= uap10.0) (< uap10.1)) (&& (>= netstandard1.0) (< portable-net45+win8+wpa81)) (&& (>= netstandard1.6) (< netstandard2.0) (< monotouch) (< xamarintvos) (< xamarinwatchos) (< xamarinios) (< xamarinmac))
      System.Diagnostics.Tracing (>= 4.3) - restriction: || (&& (< net45) (>= netstandard1.1) (< portable-net451+win81+wpa81)) (&& (< net45) (>= netstandard1.2) (< netstandard1.3) (< monoandroid) (< wpa81)) (&& (< net45) (>= netstandard1.3) (< netstandard1.4) (< monoandroid) (< wpa81)) (&& (< net45) (>= netstandard1.4) (< netstandard1.5) (< monoandroid) (< wpa81)) (&& (< net45) (>= netstandard1.5) (< netstandard1.6) (< monoandroid)) (&& (>= uap10.0) (< uap10.1)) (&& (>= netstandard1.6) (< netstandard2.0) (< monotouch) (< xamarintvos) (< xamarinwatchos) (< xamarinios) (< xamarinmac))
      System.Globalization (>= 4.3) - restriction: || (&& (< net45) (>= netstandard1.1) (< portable-net451+win81+wpa81)) (&& (< net45) (>= netstandard1.2) (< netstandard1.3) (< monoandroid) (< wpa81)) (&& (< net45) (>= netstandard1.3) (< netstandard1.4) (< monoandroid) (< wpa81)) (&& (< net45) (>= netstandard1.4) (< netstandard1.5) (< monoandroid) (< wpa81)) (&& (< net45) (>= netstandard1.5) (< netstandard1.6) (< monoandroid)) (&& (>= uap10.0) (< uap10.1)) (&& (>= netstandard1.0) (< portable-net45+win8+wpa81)) (&& (>= netstandard1.6) (< netstandard2.0) (< monotouch) (< xamarintvos) (< xamarinwatchos) (< xamarinios) (< xamarinmac))
      System.Globalization.Calendars (>= 4.3) - restriction: || (&& (< net45) (>= netstandard1.3) (< netstandard1.4) (< monoandroid) (< wpa81)) (&& (< net45) (>= netstandard1.4) (< netstandard1.5) (< monoandroid) (< wpa81)) (&& (< net45) (>= netstandard1.5) (< netstandard1.6) (< monoandroid)) (&& (>= net46) (< netstandard1.4)) (&& (>= uap10.0) (< uap10.1)) (&& (>= netstandard1.6) (< netstandard2.0) (< monotouch) (< xamarintvos) (< xamarinwatchos) (< xamarinios) (< xamarinmac))
      System.IO (>= 4.3) - restriction: || (&& (< net45) (>= netstandard1.1) (< portable-net451+win81+wpa81)) (&& (< net45) (>= netstandard1.2) (< netstandard1.3) (< monoandroid) (< wpa81)) (&& (< net45) (>= netstandard1.3) (< netstandard1.4) (< monoandroid) (< wpa81)) (&& (< net45) (>= netstandard1.4) (< netstandard1.5) (< monoandroid) (< wpa81)) (&& (< net45) (>= netstandard1.5) (< netstandard1.6) (< monoandroid)) (&& (>= uap10.0) (< uap10.1)) (&& (>= netstandard1.0) (< portable-net45+win8+wpa81)) (&& (>= netstandard1.6) (< netstandard2.0) (< monotouch) (< xamarintvos) (< xamarinwatchos) (< xamarinios) (< xamarinmac))
      System.IO.Compression (>= 4.3) - restriction: || (&& (< net45) (>= netstandard1.1) (< portable-net451+win81+wpa81)) (&& (< net45) (>= netstandard1.2) (< netstandard1.3) (< monoandroid) (< wpa81)) (&& (< net45) (>= netstandard1.3) (< netstandard1.4) (< monoandroid) (< wpa81)) (&& (< net45) (>= netstandard1.4) (< netstandard1.5) (< monoandroid) (< wpa81)) (&& (< net45) (>= netstandard1.5) (< netstandard1.6) (< monoandroid)) (&& (>= net46) (< netstandard1.4)) (&& (>= uap10.0) (< uap10.1)) (&& (>= netstandard1.6) (< netstandard2.0) (< monotouch) (< xamarintvos) (< xamarinwatchos) (< xamarinios) (< xamarinmac))
      System.IO.Compression.ZipFile (>= 4.3) - restriction: || (&& (< net45) (>= netstandard1.3) (< netstandard1.4) (< monoandroid) (< wpa81)) (&& (< net45) (>= netstandard1.4) (< netstandard1.5) (< monoandroid) (< wpa81)) (&& (< net45) (>= netstandard1.5) (< netstandard1.6) (< monoandroid)) (&& (>= net46) (< netstandard1.4)) (&& (>= uap10.0) (< uap10.1)) (&& (>= netstandard1.6) (< netstandard2.0) (< monotouch) (< xamarintvos) (< xamarinwatchos) (< xamarinios) (< xamarinmac))
      System.IO.FileSystem (>= 4.3) - restriction: || (&& (< net45) (>= netstandard1.3) (< netstandard1.4) (< monoandroid) (< wpa81)) (&& (< net45) (>= netstandard1.4) (< netstandard1.5) (< monoandroid) (< wpa81)) (&& (< net45) (>= netstandard1.5) (< netstandard1.6) (< monoandroid)) (&& (>= net46) (< netstandard1.4)) (&& (>= uap10.0) (< uap10.1)) (&& (>= netstandard1.6) (< netstandard2.0) (< monotouch) (< xamarintvos) (< xamarinwatchos) (< xamarinios) (< xamarinmac))
      System.IO.FileSystem.Primitives (>= 4.3) - restriction: || (&& (< net45) (>= netstandard1.3) (< netstandard1.4) (< monoandroid) (< wpa81)) (&& (< net45) (>= netstandard1.4) (< netstandard1.5) (< monoandroid) (< wpa81)) (&& (< net45) (>= netstandard1.5) (< netstandard1.6) (< monoandroid)) (&& (>= net46) (< netstandard1.4)) (&& (>= uap10.0) (< uap10.1)) (&& (>= netstandard1.6) (< netstandard2.0) (< monotouch) (< xamarintvos) (< xamarinwatchos) (< xamarinios) (< xamarinmac))
      System.Linq (>= 4.3) - restriction: || (&& (< net45) (>= netstandard1.1) (< portable-net451+win81+wpa81)) (&& (< net45) (>= netstandard1.2) (< netstandard1.3) (< monoandroid) (< wpa81)) (&& (< net45) (>= netstandard1.3) (< netstandard1.4) (< monoandroid) (< wpa81)) (&& (< net45) (>= netstandard1.4) (< netstandard1.5) (< monoandroid) (< wpa81)) (&& (< net45) (>= netstandard1.5) (< netstandard1.6) (< monoandroid)) (&& (>= uap10.0) (< uap10.1)) (&& (>= netstandard1.0) (< portable-net45+win8+wpa81)) (&& (>= netstandard1.6) (< netstandard2.0) (< monotouch) (< xamarintvos) (< xamarinwatchos) (< xamarinios) (< xamarinmac))
      System.Linq.Expressions (>= 4.3) - restriction: || (&& (< net45) (>= netstandard1.1) (< portable-net451+win81+wpa81)) (&& (< net45) (>= netstandard1.2) (< netstandard1.3) (< monoandroid) (< wpa81)) (&& (< net45) (>= netstandard1.3) (< netstandard1.4) (< monoandroid) (< wpa81)) (&& (< net45) (>= netstandard1.4) (< netstandard1.5) (< monoandroid) (< wpa81)) (&& (< net45) (>= netstandard1.5) (< netstandard1.6) (< monoandroid)) (&& (>= uap10.0) (< uap10.1)) (&& (>= netstandard1.0) (< portable-net45+win8+wpa81)) (&& (>= netstandard1.6) (< netstandard2.0) (< monotouch) (< xamarintvos) (< xamarinwatchos) (< xamarinios) (< xamarinmac))
      System.Net.Http (>= 4.3.2) - restriction: || (&& (< net45) (>= netstandard1.1) (< portable-net451+win81+wpa81)) (&& (< net45) (>= netstandard1.2) (< netstandard1.3) (< monoandroid) (< wpa81)) (&& (< net45) (>= netstandard1.3) (< netstandard1.4) (< monoandroid) (< wpa81)) (&& (< net45) (>= netstandard1.4) (< netstandard1.5) (< monoandroid) (< wpa81)) (&& (< net45) (>= netstandard1.5) (< netstandard1.6) (< monoandroid)) (&& (>= net46) (< netstandard1.4)) (&& (>= uap10.0) (< uap10.1)) (&& (>= netstandard1.6) (< netstandard2.0) (< monotouch) (< xamarintvos) (< xamarinwatchos) (< xamarinios) (< xamarinmac))
      System.Net.Primitives (>= 4.3) - restriction: || (&& (< net45) (>= netstandard1.1) (< portable-net451+win81+wpa81)) (&& (< net45) (>= netstandard1.2) (< netstandard1.3) (< monoandroid) (< wpa81)) (&& (< net45) (>= netstandard1.3) (< netstandard1.4) (< monoandroid) (< wpa81)) (&& (< net45) (>= netstandard1.4) (< netstandard1.5) (< monoandroid) (< wpa81)) (&& (< net45) (>= netstandard1.5) (< netstandard1.6) (< monoandroid)) (&& (>= uap10.0) (< uap10.1)) (&& (>= netstandard1.0) (< portable-net45+win8+wpa81)) (&& (>= netstandard1.6) (< netstandard2.0) (< monotouch) (< xamarintvos) (< xamarinwatchos) (< xamarinios) (< xamarinmac))
      System.Net.Sockets (>= 4.3) - restriction: || (&& (< net45) (>= netstandard1.3) (< netstandard1.4) (< monoandroid) (< wpa81)) (&& (< net45) (>= netstandard1.4) (< netstandard1.5) (< monoandroid) (< wpa81)) (&& (< net45) (>= netstandard1.5) (< netstandard1.6) (< monoandroid)) (&& (>= net46) (< netstandard1.4)) (&& (>= uap10.0) (< uap10.1)) (&& (>= netstandard1.6) (< netstandard2.0) (< monotouch) (< xamarintvos) (< xamarinwatchos) (< xamarinios) (< xamarinmac))
      System.ObjectModel (>= 4.3) - restriction: || (&& (< net45) (>= netstandard1.1) (< portable-net451+win81+wpa81)) (&& (< net45) (>= netstandard1.2) (< netstandard1.3) (< monoandroid) (< wpa81)) (&& (< net45) (>= netstandard1.3) (< netstandard1.4) (< monoandroid) (< wpa81)) (&& (< net45) (>= netstandard1.4) (< netstandard1.5) (< monoandroid) (< wpa81)) (&& (< net45) (>= netstandard1.5) (< netstandard1.6) (< monoandroid)) (&& (>= uap10.0) (< uap10.1)) (&& (>= netstandard1.0) (< portable-net45+win8+wpa81)) (&& (>= netstandard1.6) (< netstandard2.0) (< monotouch) (< xamarintvos) (< xamarinwatchos) (< xamarinios) (< xamarinmac))
      System.Reflection (>= 4.3) - restriction: || (&& (< net45) (>= netstandard1.1) (< portable-net451+win81+wpa81)) (&& (< net45) (>= netstandard1.2) (< netstandard1.3) (< monoandroid) (< wpa81)) (&& (< net45) (>= netstandard1.3) (< netstandard1.4) (< monoandroid) (< wpa81)) (&& (< net45) (>= netstandard1.4) (< netstandard1.5) (< monoandroid) (< wpa81)) (&& (< net45) (>= netstandard1.5) (< netstandard1.6) (< monoandroid)) (&& (>= uap10.0) (< uap10.1)) (&& (>= netstandard1.0) (< portable-net45+win8+wpa81)) (&& (>= netstandard1.6) (< netstandard2.0) (< monotouch) (< xamarintvos) (< xamarinwatchos) (< xamarinios) (< xamarinmac))
      System.Reflection.Extensions (>= 4.3) - restriction: || (&& (< net45) (>= netstandard1.1) (< portable-net451+win81+wpa81)) (&& (< net45) (>= netstandard1.2) (< netstandard1.3) (< monoandroid) (< wpa81)) (&& (< net45) (>= netstandard1.3) (< netstandard1.4) (< monoandroid) (< wpa81)) (&& (< net45) (>= netstandard1.4) (< netstandard1.5) (< monoandroid) (< wpa81)) (&& (< net45) (>= netstandard1.5) (< netstandard1.6) (< monoandroid)) (&& (>= uap10.0) (< uap10.1)) (&& (>= netstandard1.0) (< portable-net45+win8+wpa81)) (&& (>= netstandard1.6) (< netstandard2.0) (< monotouch) (< xamarintvos) (< xamarinwatchos) (< xamarinios) (< xamarinmac))
      System.Reflection.Primitives (>= 4.3) - restriction: || (&& (< net45) (>= netstandard1.1) (< portable-net451+win81+wpa81)) (&& (< net45) (>= netstandard1.2) (< netstandard1.3) (< monoandroid) (< wpa81)) (&& (< net45) (>= netstandard1.3) (< netstandard1.4) (< monoandroid) (< wpa81)) (&& (< net45) (>= netstandard1.4) (< netstandard1.5) (< monoandroid) (< wpa81)) (&& (< net45) (>= netstandard1.5) (< netstandard1.6) (< monoandroid)) (&& (>= uap10.0) (< uap10.1)) (&& (>= netstandard1.0) (< portable-net45+win8+wpa81)) (&& (>= netstandard1.6) (< netstandard2.0) (< monotouch) (< xamarintvos) (< xamarinwatchos) (< xamarinios) (< xamarinmac))
      System.Resources.ResourceManager (>= 4.3) - restriction: || (&& (< net45) (>= netstandard1.1) (< portable-net451+win81+wpa81)) (&& (< net45) (>= netstandard1.2) (< netstandard1.3) (< monoandroid) (< wpa81)) (&& (< net45) (>= netstandard1.3) (< netstandard1.4) (< monoandroid) (< wpa81)) (&& (< net45) (>= netstandard1.4) (< netstandard1.5) (< monoandroid) (< wpa81)) (&& (< net45) (>= netstandard1.5) (< netstandard1.6) (< monoandroid)) (&& (>= uap10.0) (< uap10.1)) (&& (>= netstandard1.0) (< portable-net45+win8+wpa81)) (&& (>= netstandard1.6) (< netstandard2.0) (< monotouch) (< xamarintvos) (< xamarinwatchos) (< xamarinios) (< xamarinmac))
      System.Runtime (>= 4.3) - restriction: || (&& (< net45) (>= netstandard1.1) (< portable-net451+win81+wpa81)) (&& (< net45) (>= netstandard1.2) (< netstandard1.3) (< monoandroid) (< wpa81)) (&& (< net45) (>= netstandard1.3) (< netstandard1.4) (< monoandroid) (< wpa81)) (&& (< net45) (>= netstandard1.4) (< netstandard1.5) (< monoandroid) (< wpa81)) (&& (< net45) (>= netstandard1.5) (< netstandard1.6) (< monoandroid)) (&& (>= uap10.0) (< uap10.1)) (&& (>= netstandard1.0) (< portable-net45+win8+wpa81)) (&& (>= netstandard1.6) (< netstandard2.0) (< monotouch) (< xamarintvos) (< xamarinwatchos) (< xamarinios) (< xamarinmac))
      System.Runtime.Extensions (>= 4.3) - restriction: || (&& (< net45) (>= netstandard1.1) (< portable-net451+win81+wpa81)) (&& (< net45) (>= netstandard1.2) (< netstandard1.3) (< monoandroid) (< wpa81)) (&& (< net45) (>= netstandard1.3) (< netstandard1.4) (< monoandroid) (< wpa81)) (&& (< net45) (>= netstandard1.4) (< netstandard1.5) (< monoandroid) (< wpa81)) (&& (< net45) (>= netstandard1.5) (< netstandard1.6) (< monoandroid)) (&& (>= uap10.0) (< uap10.1)) (&& (>= netstandard1.0) (< portable-net45+win8+wpa81)) (&& (>= netstandard1.6) (< netstandard2.0) (< monotouch) (< xamarintvos) (< xamarinwatchos) (< xamarinios) (< xamarinmac))
      System.Runtime.Handles (>= 4.3) - restriction: || (&& (< net45) (>= netstandard1.3) (< netstandard1.4) (< monoandroid) (< wpa81)) (&& (< net45) (>= netstandard1.4) (< netstandard1.5) (< monoandroid) (< wpa81)) (&& (< net45) (>= netstandard1.5) (< netstandard1.6) (< monoandroid)) (&& (>= uap10.0) (< uap10.1)) (&& (>= netstandard1.6) (< netstandard2.0) (< monotouch) (< xamarintvos) (< xamarinwatchos) (< xamarinios) (< xamarinmac))
      System.Runtime.InteropServices (>= 4.3) - restriction: || (&& (< net45) (>= netstandard1.1) (< portable-net451+win81+wpa81)) (&& (< net45) (>= netstandard1.2) (< netstandard1.3) (< monoandroid) (< wpa81)) (&& (< net45) (>= netstandard1.3) (< netstandard1.4) (< monoandroid) (< wpa81)) (&& (< net45) (>= netstandard1.4) (< netstandard1.5) (< monoandroid) (< wpa81)) (&& (< net45) (>= netstandard1.5) (< netstandard1.6) (< monoandroid)) (&& (>= uap10.0) (< uap10.1)) (&& (>= netstandard1.6) (< netstandard2.0) (< monotouch) (< xamarintvos) (< xamarinwatchos) (< xamarinios) (< xamarinmac))
      System.Runtime.InteropServices.RuntimeInformation (>= 4.3) - restriction: || (&& (>= net45) (< portable-net451+win81+wpa81)) (&& (< net45) (>= netstandard1.1) (< portable-net451+win81+wpa81)) (&& (< net45) (>= netstandard1.2) (< netstandard1.3) (< monoandroid) (< wpa81)) (&& (< net45) (>= netstandard1.3) (< netstandard1.4) (< monoandroid) (< wpa81)) (&& (< net45) (>= netstandard1.4) (< netstandard1.5) (< monoandroid) (< wpa81)) (&& (< net45) (>= netstandard1.5) (< netstandard1.6) (< monoandroid)) (&& (>= net451) (< netstandard1.3)) (&& (>= net46) (< netstandard1.4)) (&& (>= uap10.0) (< uap10.1)) (&& (< netstandard1.0) (< monoandroid) (>= portable-net451+win81+wpa81)) (&& (< netstandard1.0) (>= portable-net45+win8+wpa81) (< portable-net451+win81+wpa81)) (&& (< netstandard1.3) (>= wpa81)) (&& (>= netstandard1.6) (< netstandard2.0) (< monotouch) (< xamarintvos) (< xamarinwatchos) (< xamarinios) (< xamarinmac))
      System.Runtime.Numerics (>= 4.3) - restriction: || (&& (< net45) (>= netstandard1.1) (< portable-net451+win81+wpa81)) (&& (< net45) (>= netstandard1.2) (< netstandard1.3) (< monoandroid) (< wpa81)) (&& (< net45) (>= netstandard1.3) (< netstandard1.4) (< monoandroid) (< wpa81)) (&& (< net45) (>= netstandard1.4) (< netstandard1.5) (< monoandroid) (< wpa81)) (&& (< net45) (>= netstandard1.5) (< netstandard1.6) (< monoandroid)) (&& (>= uap10.0) (< uap10.1)) (&& (>= netstandard1.6) (< netstandard2.0) (< monotouch) (< xamarintvos) (< xamarinwatchos) (< xamarinios) (< xamarinmac))
      System.Security.Cryptography.Algorithms (>= 4.3) - restriction: || (&& (< net45) (>= netstandard1.3) (< netstandard1.4) (< monoandroid) (< wpa81)) (&& (< net45) (>= netstandard1.4) (< netstandard1.5) (< monoandroid) (< wpa81)) (&& (< net45) (>= netstandard1.5) (< netstandard1.6) (< monoandroid)) (&& (>= net46) (< netstandard1.4)) (&& (>= uap10.0) (< uap10.1)) (&& (>= netstandard1.6) (< netstandard2.0) (< monotouch) (< xamarintvos) (< xamarinwatchos) (< xamarinios) (< xamarinmac))
      System.Security.Cryptography.Encoding (>= 4.3) - restriction: || (&& (< net45) (>= netstandard1.3) (< netstandard1.4) (< monoandroid) (< wpa81)) (&& (< net45) (>= netstandard1.4) (< netstandard1.5) (< monoandroid) (< wpa81)) (&& (< net45) (>= netstandard1.5) (< netstandard1.6) (< monoandroid)) (&& (>= net46) (< netstandard1.4)) (&& (>= uap10.0) (< uap10.1)) (&& (>= netstandard1.6) (< netstandard2.0) (< monotouch) (< xamarintvos) (< xamarinwatchos) (< xamarinios) (< xamarinmac))
      System.Security.Cryptography.Primitives (>= 4.3) - restriction: || (&& (< net45) (>= netstandard1.3) (< netstandard1.4) (< monoandroid) (< wpa81)) (&& (< net45) (>= netstandard1.4) (< netstandard1.5) (< monoandroid) (< wpa81)) (&& (< net45) (>= netstandard1.5) (< netstandard1.6) (< monoandroid)) (&& (>= net46) (< netstandard1.4)) (&& (>= uap10.0) (< uap10.1)) (&& (>= netstandard1.6) (< netstandard2.0) (< monotouch) (< xamarintvos) (< xamarinwatchos) (< xamarinios) (< xamarinmac))
      System.Security.Cryptography.X509Certificates (>= 4.3) - restriction: || (&& (< net45) (>= netstandard1.3) (< netstandard1.4) (< monoandroid) (< wpa81)) (&& (< net45) (>= netstandard1.4) (< netstandard1.5) (< monoandroid) (< wpa81)) (&& (< net45) (>= netstandard1.5) (< netstandard1.6) (< monoandroid)) (&& (>= net46) (< netstandard1.4)) (&& (>= uap10.0) (< uap10.1)) (&& (>= netstandard1.6) (< netstandard2.0) (< monotouch) (< xamarintvos) (< xamarinwatchos) (< xamarinios) (< xamarinmac))
      System.Text.Encoding (>= 4.3) - restriction: || (&& (< net45) (>= netstandard1.1) (< portable-net451+win81+wpa81)) (&& (< net45) (>= netstandard1.2) (< netstandard1.3) (< monoandroid) (< wpa81)) (&& (< net45) (>= netstandard1.3) (< netstandard1.4) (< monoandroid) (< wpa81)) (&& (< net45) (>= netstandard1.4) (< netstandard1.5) (< monoandroid) (< wpa81)) (&& (< net45) (>= netstandard1.5) (< netstandard1.6) (< monoandroid)) (&& (>= uap10.0) (< uap10.1)) (&& (>= netstandard1.0) (< portable-net45+win8+wpa81)) (&& (>= netstandard1.6) (< netstandard2.0) (< monotouch) (< xamarintvos) (< xamarinwatchos) (< xamarinios) (< xamarinmac))
      System.Text.Encoding.Extensions (>= 4.3) - restriction: || (&& (< net45) (>= netstandard1.1) (< portable-net451+win81+wpa81)) (&& (< net45) (>= netstandard1.2) (< netstandard1.3) (< monoandroid) (< wpa81)) (&& (< net45) (>= netstandard1.3) (< netstandard1.4) (< monoandroid) (< wpa81)) (&& (< net45) (>= netstandard1.4) (< netstandard1.5) (< monoandroid) (< wpa81)) (&& (< net45) (>= netstandard1.5) (< netstandard1.6) (< monoandroid)) (&& (>= uap10.0) (< uap10.1)) (&& (>= netstandard1.0) (< portable-net45+win8+wpa81)) (&& (>= netstandard1.6) (< netstandard2.0) (< monotouch) (< xamarintvos) (< xamarinwatchos) (< xamarinios) (< xamarinmac))
      System.Text.RegularExpressions (>= 4.3) - restriction: || (&& (< net45) (>= netstandard1.1) (< portable-net451+win81+wpa81)) (&& (< net45) (>= netstandard1.2) (< netstandard1.3) (< monoandroid) (< wpa81)) (&& (< net45) (>= netstandard1.3) (< netstandard1.4) (< monoandroid) (< wpa81)) (&& (< net45) (>= netstandard1.4) (< netstandard1.5) (< monoandroid) (< wpa81)) (&& (< net45) (>= netstandard1.5) (< netstandard1.6) (< monoandroid)) (&& (>= uap10.0) (< uap10.1)) (&& (>= netstandard1.0) (< portable-net45+win8+wpa81)) (&& (>= netstandard1.6) (< netstandard2.0) (< monotouch) (< xamarintvos) (< xamarinwatchos) (< xamarinios) (< xamarinmac))
      System.Threading (>= 4.3) - restriction: || (&& (< net45) (>= netstandard1.1) (< portable-net451+win81+wpa81)) (&& (< net45) (>= netstandard1.2) (< netstandard1.3) (< monoandroid) (< wpa81)) (&& (< net45) (>= netstandard1.3) (< netstandard1.4) (< monoandroid) (< wpa81)) (&& (< net45) (>= netstandard1.4) (< netstandard1.5) (< monoandroid) (< wpa81)) (&& (< net45) (>= netstandard1.5) (< netstandard1.6) (< monoandroid)) (&& (>= uap10.0) (< uap10.1)) (&& (>= netstandard1.0) (< portable-net45+win8+wpa81)) (&& (>= netstandard1.6) (< netstandard2.0) (< monotouch) (< xamarintvos) (< xamarinwatchos) (< xamarinios) (< xamarinmac))
      System.Threading.Tasks (>= 4.3) - restriction: || (&& (< net45) (>= netstandard1.1) (< portable-net451+win81+wpa81)) (&& (< net45) (>= netstandard1.2) (< netstandard1.3) (< monoandroid) (< wpa81)) (&& (< net45) (>= netstandard1.3) (< netstandard1.4) (< monoandroid) (< wpa81)) (&& (< net45) (>= netstandard1.4) (< netstandard1.5) (< monoandroid) (< wpa81)) (&& (< net45) (>= netstandard1.5) (< netstandard1.6) (< monoandroid)) (&& (>= uap10.0) (< uap10.1)) (&& (>= netstandard1.0) (< portable-net45+win8+wpa81)) (&& (>= netstandard1.6) (< netstandard2.0) (< monotouch) (< xamarintvos) (< xamarinwatchos) (< xamarinios) (< xamarinmac))
      System.Threading.Timer (>= 4.3) - restriction: || (&& (< net45) (>= netstandard1.2) (< netstandard1.3) (< monoandroid) (< wpa81)) (&& (< net45) (>= netstandard1.3) (< netstandard1.4) (< monoandroid) (< wpa81)) (&& (< net45) (>= netstandard1.4) (< netstandard1.5) (< monoandroid) (< wpa81)) (&& (< net45) (>= netstandard1.5) (< netstandard1.6) (< monoandroid)) (&& (>= uap10.0) (< uap10.1)) (&& (>= netstandard1.6) (< netstandard2.0) (< monotouch) (< xamarintvos) (< xamarinwatchos) (< xamarinios) (< xamarinmac))
      System.Xml.ReaderWriter (>= 4.3) - restriction: || (&& (< net45) (>= netstandard1.1) (< portable-net451+win81+wpa81)) (&& (< net45) (>= netstandard1.2) (< netstandard1.3) (< monoandroid) (< wpa81)) (&& (< net45) (>= netstandard1.3) (< netstandard1.4) (< monoandroid) (< wpa81)) (&& (< net45) (>= netstandard1.4) (< netstandard1.5) (< monoandroid) (< wpa81)) (&& (< net45) (>= netstandard1.5) (< netstandard1.6) (< monoandroid)) (&& (>= net46) (< netstandard1.4)) (&& (>= uap10.0) (< uap10.1)) (&& (>= netstandard1.0) (< portable-net45+win8+wpa81)) (&& (>= netstandard1.6) (< netstandard2.0) (< monotouch) (< xamarintvos) (< xamarinwatchos) (< xamarinios) (< xamarinmac))
      System.Xml.XDocument (>= 4.3) - restriction: || (&& (< net45) (>= netstandard1.1) (< portable-net451+win81+wpa81)) (&& (< net45) (>= netstandard1.2) (< netstandard1.3) (< monoandroid) (< wpa81)) (&& (< net45) (>= netstandard1.3) (< netstandard1.4) (< monoandroid) (< wpa81)) (&& (< net45) (>= netstandard1.4) (< netstandard1.5) (< monoandroid) (< wpa81)) (&& (< net45) (>= netstandard1.5) (< netstandard1.6) (< monoandroid)) (&& (>= uap10.0) (< uap10.1)) (&& (>= netstandard1.0) (< portable-net45+win8+wpa81)) (&& (>= netstandard1.6) (< netstandard2.0) (< monotouch) (< xamarintvos) (< xamarinwatchos) (< xamarinios) (< xamarinmac))
    Newtonsoft.Json (10.0.3) - restriction: || (&& (>= net40) (< portable-net45+win8+wp8+wpa81)) (&& (< net40) (>= portable-net45+win8+wp8+wpa81)) (&& (>= netstandard1.0) (< netstandard1.3) (< win8)) (&& (< netstandard1.0) (>= win8)) (&& (>= netstandard1.3) (< win8)) (>= wp8) (>= portable-net403+win8+wpa81)
      Microsoft.CSharp (>= 4.3) - restriction: || (&& (< net20) (>= netstandard1.0) (< netstandard1.3)) (&& (< net20) (>= netstandard1.3))
      NETStandard.Library (>= 1.6.1) - restriction: || (&& (< net20) (>= netstandard1.0) (< netstandard1.3)) (&& (< net20) (>= netstandard1.3))
      System.ComponentModel.TypeConverter (>= 4.3) - restriction: || (&& (< net20) (>= netstandard1.0) (< netstandard1.3)) (&& (< net20) (>= netstandard1.3))
      System.Runtime.Serialization.Formatters (>= 4.3) - restriction: && (< net20) (>= netstandard1.3)
      System.Runtime.Serialization.Primitives (>= 4.3) - restriction: || (&& (< net20) (>= netstandard1.0) (< netstandard1.3)) (&& (< net20) (>= netstandard1.3))
      System.Xml.XmlDocument (>= 4.3) - restriction: && (< net20) (>= netstandard1.3)
    runtime.debian.8-x64.runtime.native.System.Security.Cryptography.OpenSsl (4.3.1) - restriction: || (&& (< net20) (>= net45) (>= netstandard1.3) (< netstandard1.4)) (&& (< net20) (>= net45) (>= netstandard1.3) (< portable-net451+win81+wpa81)) (&& (< net20) (>= net45) (< netstandard1.3) (>= netstandard1.4)) (&& (< net20) (>= net45) (>= netstandard1.4) (< netstandard1.5)) (&& (< net20) (>= net45) (>= netstandard1.5)) (&& (< net20) (>= net46) (< netstandard1.3)) (&& (< net20) (>= net46) (< netstandard1.4)) (&& (< net20) (>= net461) (< netstandard1.3)) (&& (< net20) (>= net461) (< netstandard1.4)) (&& (< net20) (>= net461) (>= netstandard1.5)) (&& (< net20) (>= net461) (< netstandard1.5)) (&& (< net20) (>= netstandard1.3) (< netstandard1.4) (< monoandroid) (< win8) (< wpa81)) (&& (< net20) (>= netstandard1.3) (< win8) (< portable-net451+win81+wpa81)) (&& (< net20) (< netstandard1.3) (>= netstandard1.4) (< monoandroid) (< win8) (< wpa81)) (&& (< net20) (< netstandard1.3) (>= netstandard1.5) (< monoandroid)) (&& (< net20) (>= netstandard1.4) (< netstandard1.5) (< monoandroid) (< win8) (< wpa81)) (&& (< net20) (< netstandard1.4) (>= netstandard1.5) (< monoandroid)) (&& (< net20) (>= netstandard1.5) (< netstandard1.6) (< monoandroid)) (&& (>= net45) (>= uap10.0)) (&& (>= net45) (>= netstandard1.6)) (&& (< net45) (>= net46) (< netstandard1.3)) (&& (< net45) (>= net46) (>= netstandard1.4) (< netstandard1.5)) (&& (< net45) (>= net46) (< netstandard1.4)) (&& (< net45) (>= net46) (>= netstandard1.5)) (&& (< net45) (>= net46) (< portable-net451+win81+wpa81)) (&& (< net45) (>= net461) (< netstandard1.3)) (&& (< net45) (>= net461) (< netstandard1.4)) (&& (< net45) (>= net461) (>= netstandard1.5)) (&& (< net45) (>= net461) (< netstandard1.5)) (&& (< net45) (>= net461) (< portable-net451+win81+wpa81)) (&& (< net45) (>= netstandard1.3) (< netstandard1.4) (< monoandroid) (< wpa81)) (&& (< net45) (>= netstandard1.3) (< win8) (< portable-net451+win81+wpa81)) (&& (< net45) (< netstandard1.3) (>= netstandard1.4) (< monoandroid) (< win8) (< wpa81)) (&& (< net45) (< netstandard1.3) (>= netstandard1.5) (< monoandroid)) (&& (< net45) (>= netstandard1.4) (< netstandard1.5) (< monoandroid) (< wpa81)) (&& (< net45) (>= netstandard1.4) (< win8) (< portable-net451+win81+wpa81)) (&& (< net45) (< netstandard1.4) (>= netstandard1.5) (< monoandroid)) (&& (< net45) (>= netstandard1.5) (< netstandard1.6) (< monoandroid)) (&& (>= net46) (>= uap10.0)) (&& (>= net46) (>= dnxcore50)) (&& (>= net46) (< netstandard1.0) (>= win8)) (&& (>= net46) (< netstandard1.3) (>= wpa81)) (&& (>= net46) (< netstandard1.4) (>= wpa81)) (&& (>= net46) (>= netstandard1.6)) (&& (>= net46) (>= wp8)) (&& (>= net461) (>= uap10.0)) (&& (>= net461) (>= dnxcore50)) (&& (>= net461) (< netstandard1.0) (>= win8)) (&& (>= net461) (< netstandard1.3) (>= wpa81)) (&& (>= net461) (< netstandard1.4) (>= wpa81)) (&& (>= net461) (>= netstandard1.6)) (&& (>= net461) (>= wp8)) (&& (>= net463) (>= netstandard1.6)) (&& (>= uap10.0) (< uap10.1)) (&& (>= uap10.0) (>= dnxcore50)) (&& (>= uap10.0) (< netstandard1.0)) (&& (>= uap10.0) (< netstandard1.3)) (&& (>= uap10.0) (< netstandard1.4)) (&& (>= uap10.0) (>= netstandard1.5)) (&& (>= uap10.0) (>= netstandard1.6)) (&& (>= uap10.0) (< win8)) (&& (>= uap10.0) (>= wp8)) (&& (>= dnxcore50) (>= netstandard1.3)) (&& (>= dnxcore50) (>= netstandard1.4)) (&& (>= dnxcore50) (>= netstandard1.5)) (&& (>= dnxcore50) (>= netstandard1.6)) (&& (< netstandard1.0) (>= netstandard1.3) (>= win8)) (&& (< netstandard1.0) (>= netstandard1.4) (>= win8)) (&& (< netstandard1.0) (>= netstandard1.5) (>= win8)) (&& (< netstandard1.0) (>= netstandard1.6) (>= win8)) (&& (>= netstandard1.3) (< win8) (>= wpa81) (< portable-net451+win81+wpa81)) (&& (>= netstandard1.3) (>= wp8)) (&& (< netstandard1.3) (>= netstandard1.6)) (&& (>= netstandard1.4) (>= wp8)) (&& (< netstandard1.4) (>= netstandard1.6) (< monoandroid)) (&& (>= netstandard1.5) (>= wp8)) (&& (>= netstandard1.5) (>= wpa81)) (&& (< netstandard1.5) (>= netstandard1.6)) (&& (>= netstandard1.6) (< monotouch) (< xamarintvos) (< xamarinwatchos) (< xamarinios) (< xamarinmac)) (&& (>= netstandard1.6) (>= wp8)) (&& (>= netstandard1.6) (>= wpa81)) (&& (>= netstandard1.6) (< portable-net451+win81+wpa81))
    runtime.fedora.23-x64.runtime.native.System.Security.Cryptography.OpenSsl (4.3.1) - restriction: || (&& (< net20) (>= net45) (>= netstandard1.3) (< netstandard1.4)) (&& (< net20) (>= net45) (>= netstandard1.3) (< portable-net451+win81+wpa81)) (&& (< net20) (>= net45) (< netstandard1.3) (>= netstandard1.4)) (&& (< net20) (>= net45) (>= netstandard1.4) (< netstandard1.5)) (&& (< net20) (>= net45) (>= netstandard1.5)) (&& (< net20) (>= net46) (< netstandard1.3)) (&& (< net20) (>= net46) (< netstandard1.4)) (&& (< net20) (>= net461) (< netstandard1.3)) (&& (< net20) (>= net461) (< netstandard1.4)) (&& (< net20) (>= net461) (>= netstandard1.5)) (&& (< net20) (>= net461) (< netstandard1.5)) (&& (< net20) (>= netstandard1.3) (< netstandard1.4) (< monoandroid) (< win8) (< wpa81)) (&& (< net20) (>= netstandard1.3) (< win8) (< portable-net451+win81+wpa81)) (&& (< net20) (< netstandard1.3) (>= netstandard1.4) (< monoandroid) (< win8) (< wpa81)) (&& (< net20) (< netstandard1.3) (>= netstandard1.5) (< monoandroid)) (&& (< net20) (>= netstandard1.4) (< netstandard1.5) (< monoandroid) (< win8) (< wpa81)) (&& (< net20) (< netstandard1.4) (>= netstandard1.5) (< monoandroid)) (&& (< net20) (>= netstandard1.5) (< netstandard1.6) (< monoandroid)) (&& (>= net45) (>= uap10.0)) (&& (>= net45) (>= netstandard1.6)) (&& (< net45) (>= net46) (< netstandard1.3)) (&& (< net45) (>= net46) (>= netstandard1.4) (< netstandard1.5)) (&& (< net45) (>= net46) (< netstandard1.4)) (&& (< net45) (>= net46) (>= netstandard1.5)) (&& (< net45) (>= net46) (< portable-net451+win81+wpa81)) (&& (< net45) (>= net461) (< netstandard1.3)) (&& (< net45) (>= net461) (< netstandard1.4)) (&& (< net45) (>= net461) (>= netstandard1.5)) (&& (< net45) (>= net461) (< netstandard1.5)) (&& (< net45) (>= net461) (< portable-net451+win81+wpa81)) (&& (< net45) (>= netstandard1.3) (< netstandard1.4) (< monoandroid) (< wpa81)) (&& (< net45) (>= netstandard1.3) (< win8) (< portable-net451+win81+wpa81)) (&& (< net45) (< netstandard1.3) (>= netstandard1.4) (< monoandroid) (< win8) (< wpa81)) (&& (< net45) (< netstandard1.3) (>= netstandard1.5) (< monoandroid)) (&& (< net45) (>= netstandard1.4) (< netstandard1.5) (< monoandroid) (< wpa81)) (&& (< net45) (>= netstandard1.4) (< win8) (< portable-net451+win81+wpa81)) (&& (< net45) (< netstandard1.4) (>= netstandard1.5) (< monoandroid)) (&& (< net45) (>= netstandard1.5) (< netstandard1.6) (< monoandroid)) (&& (>= net46) (>= uap10.0)) (&& (>= net46) (>= dnxcore50)) (&& (>= net46) (< netstandard1.0) (>= win8)) (&& (>= net46) (< netstandard1.3) (>= wpa81)) (&& (>= net46) (< netstandard1.4) (>= wpa81)) (&& (>= net46) (>= netstandard1.6)) (&& (>= net46) (>= wp8)) (&& (>= net461) (>= uap10.0)) (&& (>= net461) (>= dnxcore50)) (&& (>= net461) (< netstandard1.0) (>= win8)) (&& (>= net461) (< netstandard1.3) (>= wpa81)) (&& (>= net461) (< netstandard1.4) (>= wpa81)) (&& (>= net461) (>= netstandard1.6)) (&& (>= net461) (>= wp8)) (&& (>= net463) (>= netstandard1.6)) (&& (>= uap10.0) (< uap10.1)) (&& (>= uap10.0) (>= dnxcore50)) (&& (>= uap10.0) (< netstandard1.0)) (&& (>= uap10.0) (< netstandard1.3)) (&& (>= uap10.0) (< netstandard1.4)) (&& (>= uap10.0) (>= netstandard1.5)) (&& (>= uap10.0) (>= netstandard1.6)) (&& (>= uap10.0) (< win8)) (&& (>= uap10.0) (>= wp8)) (&& (>= dnxcore50) (>= netstandard1.3)) (&& (>= dnxcore50) (>= netstandard1.4)) (&& (>= dnxcore50) (>= netstandard1.5)) (&& (>= dnxcore50) (>= netstandard1.6)) (&& (< netstandard1.0) (>= netstandard1.3) (>= win8)) (&& (< netstandard1.0) (>= netstandard1.4) (>= win8)) (&& (< netstandard1.0) (>= netstandard1.5) (>= win8)) (&& (< netstandard1.0) (>= netstandard1.6) (>= win8)) (&& (>= netstandard1.3) (< win8) (>= wpa81) (< portable-net451+win81+wpa81)) (&& (>= netstandard1.3) (>= wp8)) (&& (< netstandard1.3) (>= netstandard1.6)) (&& (>= netstandard1.4) (>= wp8)) (&& (< netstandard1.4) (>= netstandard1.6) (< monoandroid)) (&& (>= netstandard1.5) (>= wp8)) (&& (>= netstandard1.5) (>= wpa81)) (&& (< netstandard1.5) (>= netstandard1.6)) (&& (>= netstandard1.6) (< monotouch) (< xamarintvos) (< xamarinwatchos) (< xamarinios) (< xamarinmac)) (&& (>= netstandard1.6) (>= wp8)) (&& (>= netstandard1.6) (>= wpa81)) (&& (>= netstandard1.6) (< portable-net451+win81+wpa81))
    runtime.fedora.24-x64.runtime.native.System.Security.Cryptography.OpenSsl (4.3.1) - restriction: || (&& (< net20) (>= net45) (>= netstandard1.3) (< netstandard1.4)) (&& (< net20) (>= net45) (>= netstandard1.3) (< portable-net451+win81+wpa81)) (&& (< net20) (>= net45) (< netstandard1.3) (>= netstandard1.4)) (&& (< net20) (>= net45) (>= netstandard1.4) (< netstandard1.5)) (&& (< net20) (>= net45) (>= netstandard1.5)) (&& (< net20) (>= net46) (< netstandard1.3)) (&& (< net20) (>= net46) (< netstandard1.4)) (&& (< net20) (>= net461) (< netstandard1.3)) (&& (< net20) (>= net461) (< netstandard1.4)) (&& (< net20) (>= net461) (>= netstandard1.5)) (&& (< net20) (>= net461) (< netstandard1.5)) (&& (< net20) (>= netstandard1.3) (< netstandard1.4) (< monoandroid) (< win8) (< wpa81)) (&& (< net20) (>= netstandard1.3) (< win8) (< portable-net451+win81+wpa81)) (&& (< net20) (< netstandard1.3) (>= netstandard1.4) (< monoandroid) (< win8) (< wpa81)) (&& (< net20) (< netstandard1.3) (>= netstandard1.5) (< monoandroid)) (&& (< net20) (>= netstandard1.4) (< netstandard1.5) (< monoandroid) (< win8) (< wpa81)) (&& (< net20) (< netstandard1.4) (>= netstandard1.5) (< monoandroid)) (&& (< net20) (>= netstandard1.5) (< netstandard1.6) (< monoandroid)) (&& (>= net45) (>= uap10.0)) (&& (>= net45) (>= netstandard1.6)) (&& (< net45) (>= net46) (< netstandard1.3)) (&& (< net45) (>= net46) (>= netstandard1.4) (< netstandard1.5)) (&& (< net45) (>= net46) (< netstandard1.4)) (&& (< net45) (>= net46) (>= netstandard1.5)) (&& (< net45) (>= net46) (< portable-net451+win81+wpa81)) (&& (< net45) (>= net461) (< netstandard1.3)) (&& (< net45) (>= net461) (< netstandard1.4)) (&& (< net45) (>= net461) (>= netstandard1.5)) (&& (< net45) (>= net461) (< netstandard1.5)) (&& (< net45) (>= net461) (< portable-net451+win81+wpa81)) (&& (< net45) (>= netstandard1.3) (< netstandard1.4) (< monoandroid) (< wpa81)) (&& (< net45) (>= netstandard1.3) (< win8) (< portable-net451+win81+wpa81)) (&& (< net45) (< netstandard1.3) (>= netstandard1.4) (< monoandroid) (< win8) (< wpa81)) (&& (< net45) (< netstandard1.3) (>= netstandard1.5) (< monoandroid)) (&& (< net45) (>= netstandard1.4) (< netstandard1.5) (< monoandroid) (< wpa81)) (&& (< net45) (>= netstandard1.4) (< win8) (< portable-net451+win81+wpa81)) (&& (< net45) (< netstandard1.4) (>= netstandard1.5) (< monoandroid)) (&& (< net45) (>= netstandard1.5) (< netstandard1.6) (< monoandroid)) (&& (>= net46) (>= uap10.0)) (&& (>= net46) (>= dnxcore50)) (&& (>= net46) (< netstandard1.0) (>= win8)) (&& (>= net46) (< netstandard1.3) (>= wpa81)) (&& (>= net46) (< netstandard1.4) (>= wpa81)) (&& (>= net46) (>= netstandard1.6)) (&& (>= net46) (>= wp8)) (&& (>= net461) (>= uap10.0)) (&& (>= net461) (>= dnxcore50)) (&& (>= net461) (< netstandard1.0) (>= win8)) (&& (>= net461) (< netstandard1.3) (>= wpa81)) (&& (>= net461) (< netstandard1.4) (>= wpa81)) (&& (>= net461) (>= netstandard1.6)) (&& (>= net461) (>= wp8)) (&& (>= net463) (>= netstandard1.6)) (&& (>= uap10.0) (< uap10.1)) (&& (>= uap10.0) (>= dnxcore50)) (&& (>= uap10.0) (< netstandard1.0)) (&& (>= uap10.0) (< netstandard1.3)) (&& (>= uap10.0) (< netstandard1.4)) (&& (>= uap10.0) (>= netstandard1.5)) (&& (>= uap10.0) (>= netstandard1.6)) (&& (>= uap10.0) (< win8)) (&& (>= uap10.0) (>= wp8)) (&& (>= dnxcore50) (>= netstandard1.3)) (&& (>= dnxcore50) (>= netstandard1.4)) (&& (>= dnxcore50) (>= netstandard1.5)) (&& (>= dnxcore50) (>= netstandard1.6)) (&& (< netstandard1.0) (>= netstandard1.3) (>= win8)) (&& (< netstandard1.0) (>= netstandard1.4) (>= win8)) (&& (< netstandard1.0) (>= netstandard1.5) (>= win8)) (&& (< netstandard1.0) (>= netstandard1.6) (>= win8)) (&& (>= netstandard1.3) (< win8) (>= wpa81) (< portable-net451+win81+wpa81)) (&& (>= netstandard1.3) (>= wp8)) (&& (< netstandard1.3) (>= netstandard1.6)) (&& (>= netstandard1.4) (>= wp8)) (&& (< netstandard1.4) (>= netstandard1.6) (< monoandroid)) (&& (>= netstandard1.5) (>= wp8)) (&& (>= netstandard1.5) (>= wpa81)) (&& (< netstandard1.5) (>= netstandard1.6)) (&& (>= netstandard1.6) (< monotouch) (< xamarintvos) (< xamarinwatchos) (< xamarinios) (< xamarinmac)) (&& (>= netstandard1.6) (>= wp8)) (&& (>= netstandard1.6) (>= wpa81)) (&& (>= netstandard1.6) (< portable-net451+win81+wpa81))
    runtime.native.System (4.3) - restriction: || (&& (< net20) (>= net45) (< netstandard1.0) (>= netstandard1.3)) (&& (< net20) (>= net45) (< netstandard1.0) (>= portable-net451+win81+wpa81)) (&& (< net20) (>= net45) (>= netstandard1.2) (< netstandard1.3)) (&& (< net20) (>= net45) (>= netstandard1.3) (< netstandard1.4)) (&& (< net20) (>= net45) (< netstandard1.3) (>= netstandard1.4)) (&& (< net20) (>= net45) (>= netstandard1.4) (< netstandard1.5)) (&& (< net20) (>= net45) (>= netstandard1.5)) (&& (< net20) (>= net45) (< portable-net451+win81+wpa81)) (&& (< net20) (>= net451) (< netstandard1.3)) (&& (< net20) (>= net46) (< netstandard1.3)) (&& (< net20) (>= net46) (< netstandard1.4)) (&& (< net20) (>= netstandard1.1) (< win8) (< portable-net451+win81+wpa81)) (&& (< net20) (>= netstandard1.2) (< netstandard1.3) (< monoandroid) (< win8) (< wpa81)) (&& (< net20) (>= netstandard1.3) (< netstandard1.4) (< monoandroid) (< win8) (< wpa81)) (&& (< net20) (>= netstandard1.3) (< win8) (< portable-net451+win81+wpa81)) (&& (< net20) (< netstandard1.3) (>= netstandard1.4) (< monoandroid) (< win8) (< wpa81)) (&& (< net20) (< netstandard1.3) (>= netstandard1.5) (< monoandroid)) (&& (< net20) (>= netstandard1.4) (< netstandard1.5) (< monoandroid) (< win8) (< wpa81)) (&& (< net20) (>= netstandard1.5) (< netstandard1.6) (< monoandroid)) (&& (>= net45) (>= uap10.0)) (&& (>= net45) (>= dnxcore50)) (&& (>= net45) (>= netstandard1.6)) (&& (>= net45) (>= wp8)) (&& (< net45) (>= net451) (< netstandard1.3)) (&& (< net45) (>= net46) (< netstandard1.3)) (&& (< net45) (>= net46) (< netstandard1.4)) (&& (< net45) (>= netstandard1.1) (< win8) (< portable-net451+win81+wpa81)) (&& (< net45) (>= netstandard1.2) (< netstandard1.3) (< monoandroid) (< win8) (< wpa81)) (&& (< net45) (>= netstandard1.3) (< netstandard1.4) (< monoandroid) (< win8) (< wpa81)) (&& (< net45) (>= netstandard1.3) (< win8) (< portable-net451+win81+wpa81)) (&& (< net45) (< netstandard1.3) (>= netstandard1.4) (< monoandroid) (< win8) (< wpa81)) (&& (< net45) (< netstandard1.3) (>= netstandard1.5) (< monoandroid)) (&& (< net45) (>= netstandard1.4) (< netstandard1.5) (< monoandroid) (< win8) (< wpa81)) (&& (< net45) (< netstandard1.4) (>= netstandard1.5) (< monoandroid)) (&& (< net45) (>= netstandard1.5) (< netstandard1.6) (< monoandroid)) (&& (< net45) (>= netstandard1.5) (< portable-net451+win81+wpa81)) (&& (>= net451) (>= dnxcore50)) (&& (>= net451) (>= wp8)) (&& (>= net46) (>= dnxcore50)) (&& (>= net46) (< netstandard1.0) (>= win8)) (&& (>= net46) (< netstandard1.3) (>= wpa81)) (&& (>= net46) (< netstandard1.4) (>= wpa81)) (&& (>= net46) (>= netstandard1.6)) (&& (>= net46) (>= wp8)) (&& (>= uap10.0) (>= dnxcore50)) (&& (>= uap10.0) (< netstandard1.0) (< win8)) (&& (>= uap10.0) (>= netstandard1.5)) (&& (>= uap10.0) (>= netstandard1.6)) (&& (>= uap10.0) (< win8) (< wpa81)) (&& (>= uap10.0) (>= wp8)) (&& (>= dnxcore50) (>= netstandard1.1)) (&& (>= dnxcore50) (>= netstandard1.2)) (&& (>= dnxcore50) (>= netstandard1.3)) (&& (>= dnxcore50) (>= netstandard1.4)) (&& (>= dnxcore50) (>= netstandard1.5)) (&& (>= dnxcore50) (>= netstandard1.6)) (&& (>= dnxcore50) (>= wpa81)) (&& (< netstandard1.0) (>= netstandard1.1) (< monoandroid) (< win8) (>= portable-net451+win81+wpa81)) (&& (< netstandard1.0) (>= netstandard1.1) (< win8) (< portable-net451+win81+wpa81)) (&& (< netstandard1.0) (>= netstandard1.3) (< monoandroid) (< win8)) (&& (< netstandard1.0) (>= netstandard1.3) (< win8) (< portable-net451+win81+wpa81)) (&& (< netstandard1.0) (>= netstandard1.5) (< monoandroid)) (&& (< netstandard1.0) (>= netstandard1.5) (>= win8)) (&& (< netstandard1.0) (>= netstandard1.5) (< portable-net451+win81+wpa81)) (&& (< netstandard1.0) (>= netstandard1.6) (< monoandroid)) (&& (< netstandard1.0) (>= netstandard1.6) (>= win8)) (&& (< netstandard1.0) (< win8) (>= wpa81)) (&& (>= netstandard1.1) (>= wp8)) (&& (>= netstandard1.2) (>= wp8)) (&& (>= netstandard1.3) (>= wp8)) (&& (< netstandard1.3) (>= netstandard1.6)) (&& (>= netstandard1.4) (>= wp8)) (&& (< netstandard1.4) (>= netstandard1.6) (< monoandroid)) (&& (>= netstandard1.5) (>= wp8)) (&& (>= netstandard1.5) (>= wpa81)) (&& (< netstandard1.5) (>= netstandard1.6)) (&& (>= netstandard1.6) (< monotouch) (< xamarintvos) (< xamarinwatchos) (< xamarinios) (< xamarinmac)) (&& (>= netstandard1.6) (>= wp8)) (&& (>= netstandard1.6) (>= wpa81)) (&& (>= netstandard1.6) (< portable-net451+win81+wpa81)) (&& (< win8) (>= wpa81) (< portable-net451+win81+wpa81)) (&& (>= wp8) (>= wpa81))
      Microsoft.NETCore.Platforms (>= 1.1)
      Microsoft.NETCore.Targets (>= 1.1)
    runtime.native.System.IO.Compression (4.3) - restriction: || (&& (< net20) (>= net45) (>= netstandard1.3) (< netstandard1.4)) (&& (< net20) (>= net45) (>= netstandard1.3) (< portable-net451+win81+wpa81)) (&& (< net20) (>= net45) (< netstandard1.3) (>= netstandard1.4)) (&& (< net20) (>= net45) (>= netstandard1.4) (< netstandard1.5)) (&& (< net20) (>= net45) (>= netstandard1.5)) (&& (< net20) (>= net46) (< netstandard1.3)) (&& (< net20) (>= net46) (< netstandard1.4)) (&& (< net20) (>= netstandard1.3) (< netstandard1.4) (< monoandroid) (< win8) (< wpa81)) (&& (< net20) (>= netstandard1.3) (< win8) (< portable-net451+win81+wpa81)) (&& (< net20) (< netstandard1.3) (>= netstandard1.4) (< monoandroid) (< win8) (< wpa81)) (&& (< net20) (< netstandard1.3) (>= netstandard1.5) (< monoandroid)) (&& (< net20) (>= netstandard1.4) (< netstandard1.5) (< monoandroid) (< win8) (< wpa81)) (&& (< net20) (>= netstandard1.5) (< netstandard1.6) (< monoandroid)) (&& (>= net45) (>= uap10.0)) (&& (>= net45) (>= dnxcore50)) (&& (>= net45) (>= netstandard1.6)) (&& (< net45) (>= net46) (< netstandard1.3)) (&& (< net45) (>= net46) (< netstandard1.4)) (&& (< net45) (>= netstandard1.3) (< netstandard1.4) (< monoandroid) (< win8) (< wpa81)) (&& (< net45) (>= netstandard1.3) (< win8) (< portable-net451+win81+wpa81)) (&& (< net45) (< netstandard1.3) (>= netstandard1.4) (< monoandroid) (< win8) (< wpa81)) (&& (< net45) (< netstandard1.3) (>= netstandard1.5) (< monoandroid)) (&& (< net45) (>= netstandard1.4) (< netstandard1.5) (< monoandroid) (< win8) (< wpa81)) (&& (< net45) (< netstandard1.4) (>= netstandard1.5) (< monoandroid)) (&& (< net45) (>= netstandard1.5) (< netstandard1.6) (< monoandroid)) (&& (< net45) (>= netstandard1.5) (< portable-net451+win81+wpa81)) (&& (>= net46) (>= dnxcore50)) (&& (>= net46) (< netstandard1.0) (>= win8)) (&& (>= net46) (< netstandard1.3) (>= wpa81)) (&& (>= net46) (< netstandard1.4) (>= netstandard1.6)) (&& (>= net46) (< netstandard1.4) (>= wpa81)) (&& (>= net46) (>= wp8)) (&& (>= uap10.0) (>= dnxcore50)) (&& (>= uap10.0) (< netstandard1.0) (< win8)) (&& (>= uap10.0) (>= netstandard1.5)) (&& (>= uap10.0) (>= netstandard1.6)) (&& (>= uap10.0) (< win8) (< wpa81)) (&& (>= uap10.0) (>= wp8)) (&& (>= dnxcore50) (>= netstandard1.1)) (&& (>= dnxcore50) (>= netstandard1.2)) (&& (>= dnxcore50) (>= netstandard1.3)) (&& (>= dnxcore50) (>= netstandard1.4)) (&& (>= dnxcore50) (>= netstandard1.5)) (&& (>= dnxcore50) (>= netstandard1.6)) (&& (>= dnxcore50) (>= wpa81)) (&& (< netstandard1.0) (>= netstandard1.5) (>= win8)) (&& (< netstandard1.0) (>= netstandard1.6) (>= win8)) (&& (>= netstandard1.3) (< win8) (>= wpa81) (< portable-net451+win81+wpa81)) (&& (>= netstandard1.3) (>= wp8)) (&& (< netstandard1.3) (>= netstandard1.6)) (&& (>= netstandard1.4) (>= wp8)) (&& (< netstandard1.4) (>= netstandard1.6) (< monoandroid)) (&& (>= netstandard1.5) (>= wp8)) (&& (>= netstandard1.5) (>= wpa81)) (&& (< netstandard1.5) (>= netstandard1.6)) (&& (>= netstandard1.6) (< netstandard2.0) (< monotouch) (< xamarintvos) (< xamarinwatchos) (< xamarinios) (< xamarinmac)) (&& (>= netstandard1.6) (>= wp8)) (&& (>= netstandard1.6) (>= wpa81)) (&& (>= netstandard1.6) (< portable-net451+win81+wpa81))
      Microsoft.NETCore.Platforms (>= 1.1)
      Microsoft.NETCore.Targets (>= 1.1)
    runtime.native.System.Net.Http (4.3) - restriction: || (&& (>= net45) (>= netstandard1.6)) (&& (>= net46) (>= netstandard1.6)) (&& (>= uap10.0) (>= netstandard1.6)) (&& (>= dnxcore50) (>= netstandard1.6)) (&& (< netstandard1.0) (>= netstandard1.6) (>= win8)) (&& (< netstandard1.3) (>= netstandard1.6)) (&& (< netstandard1.4) (>= netstandard1.6) (< monoandroid)) (&& (< netstandard1.5) (>= netstandard1.6)) (&& (>= netstandard1.6) (< monotouch) (< xamarintvos) (< xamarinwatchos) (< xamarinios) (< xamarinmac)) (&& (>= netstandard1.6) (>= wp8)) (&& (>= netstandard1.6) (>= wpa81)) (&& (>= netstandard1.6) (< portable-net451+win81+wpa81))
      Microsoft.NETCore.Platforms (>= 1.1)
      Microsoft.NETCore.Targets (>= 1.1)
    runtime.native.System.Security.Cryptography.Apple (4.3) - restriction: && (>= netstandard1.6) (< monotouch) (< xamarintvos) (< xamarinwatchos) (< xamarinios) (< xamarinmac)
      runtime.osx.10.10-x64.runtime.native.System.Security.Cryptography.Apple (>= 4.3)
    runtime.native.System.Security.Cryptography.OpenSsl (4.3.1) - restriction: || (&& (< net20) (>= net45) (>= netstandard1.3) (< netstandard1.4)) (&& (< net20) (>= net45) (>= netstandard1.3) (< portable-net451+win81+wpa81)) (&& (< net20) (>= net45) (< netstandard1.3) (>= netstandard1.4)) (&& (< net20) (>= net45) (>= netstandard1.4) (< netstandard1.5)) (&& (< net20) (>= net45) (>= netstandard1.4) (< portable-net451+win81+wpa81)) (&& (< net20) (>= net45) (>= netstandard1.5)) (&& (< net20) (>= net46) (< netstandard1.3)) (&& (< net20) (>= net46) (>= netstandard1.4) (< netstandard1.5)) (&& (< net20) (>= net46) (< netstandard1.4)) (&& (< net20) (>= net46) (>= netstandard1.5)) (&& (< net20) (>= net46) (< portable-net451+win81+wpa81)) (&& (< net20) (>= net461) (< netstandard1.3)) (&& (< net20) (>= net461) (< netstandard1.4)) (&& (< net20) (>= net461) (>= netstandard1.5)) (&& (< net20) (>= net461) (< netstandard1.5)) (&& (< net20) (>= net461) (< portable-net451+win81+wpa81)) (&& (< net20) (>= netstandard1.3) (< netstandard1.4) (< monoandroid) (< win8) (< wpa81)) (&& (< net20) (>= netstandard1.3) (< win8) (< portable-net451+win81+wpa81)) (&& (< net20) (< netstandard1.3) (>= netstandard1.4) (< monoandroid) (< win8) (< wpa81)) (&& (< net20) (< netstandard1.3) (>= netstandard1.5) (< monoandroid)) (&& (< net20) (>= netstandard1.4) (< netstandard1.5) (< monoandroid) (< win8) (< wpa81)) (&& (< net20) (>= netstandard1.4) (< win8) (< portable-net451+win81+wpa81)) (&& (< net20) (< netstandard1.4) (>= netstandard1.5) (< monoandroid)) (&& (< net20) (>= netstandard1.5) (< netstandard1.6) (< monoandroid)) (&& (>= net45) (>= uap10.0)) (&& (>= net45) (>= netstandard1.6)) (&& (< net45) (>= net46) (< netstandard1.3)) (&& (< net45) (>= net46) (>= netstandard1.4) (< netstandard1.5)) (&& (< net45) (>= net46) (< netstandard1.4)) (&& (< net45) (>= net46) (>= netstandard1.5)) (&& (< net45) (>= net46) (< portable-net451+win81+wpa81)) (&& (< net45) (>= net461) (< netstandard1.3)) (&& (< net45) (>= net461) (< netstandard1.4)) (&& (< net45) (>= net461) (>= netstandard1.5)) (&& (< net45) (>= net461) (< netstandard1.5)) (&& (< net45) (>= net461) (< portable-net451+win81+wpa81)) (&& (< net45) (>= netstandard1.3) (< netstandard1.4) (< monoandroid) (< wpa81)) (&& (< net45) (>= netstandard1.3) (< win8) (< portable-net451+win81+wpa81)) (&& (< net45) (< netstandard1.3) (>= netstandard1.4) (< monoandroid) (< win8) (< wpa81)) (&& (< net45) (< netstandard1.3) (>= netstandard1.5) (< monoandroid)) (&& (< net45) (>= netstandard1.4) (< netstandard1.5) (< monoandroid) (< wpa81)) (&& (< net45) (>= netstandard1.4) (< win8) (< portable-net451+win81+wpa81)) (&& (< net45) (< netstandard1.4) (>= netstandard1.5) (< monoandroid)) (&& (< net45) (>= netstandard1.5) (< netstandard1.6) (< monoandroid)) (&& (< net45) (>= netstandard1.5) (< portable-net451+win81+wpa81)) (&& (>= net46) (>= uap10.0)) (&& (>= net46) (>= dnxcore50)) (&& (>= net46) (< netstandard1.0) (>= win8)) (&& (>= net46) (< netstandard1.3) (>= wpa81)) (&& (>= net46) (< netstandard1.4) (>= wpa81)) (&& (>= net46) (>= netstandard1.6)) (&& (>= net46) (>= wp8)) (&& (>= net46) (>= wpa81) (< portable-net451+win81+wpa81)) (&& (>= net461) (>= uap10.0)) (&& (>= net461) (>= dnxcore50)) (&& (>= net461) (< netstandard1.0) (>= win8)) (&& (>= net461) (< netstandard1.3) (>= wpa81)) (&& (>= net461) (< netstandard1.4) (>= wpa81)) (&& (>= net461) (>= netstandard1.6)) (&& (>= net461) (>= wp8)) (&& (>= net461) (>= wpa81) (< portable-net451+win81+wpa81)) (&& (>= net463) (>= netstandard1.6)) (&& (>= uap10.0) (< uap10.1)) (&& (>= uap10.0) (>= dnxcore50)) (&& (>= uap10.0) (< netstandard1.0)) (&& (>= uap10.0) (< netstandard1.3)) (&& (>= uap10.0) (< netstandard1.4)) (&& (>= uap10.0) (>= netstandard1.5)) (&& (>= uap10.0) (>= netstandard1.6)) (&& (>= uap10.0) (< win8)) (&& (>= uap10.0) (>= wp8)) (&& (>= dnxcore50) (>= netstandard1.3)) (&& (>= dnxcore50) (>= netstandard1.4)) (&& (>= dnxcore50) (>= netstandard1.5)) (&& (>= dnxcore50) (>= netstandard1.6)) (&& (< netstandard1.0) (>= netstandard1.3) (>= win8)) (&& (< netstandard1.0) (>= netstandard1.4) (>= win8)) (&& (< netstandard1.0) (>= netstandard1.5) (>= win8)) (&& (< netstandard1.0) (>= netstandard1.6) (>= win8)) (&& (>= netstandard1.3) (< win8) (>= wpa81) (< portable-net451+win81+wpa81)) (&& (>= netstandard1.3) (>= wp8)) (&& (< netstandard1.3) (>= netstandard1.6)) (&& (>= netstandard1.4) (< win8) (>= wpa81) (< portable-net451+win81+wpa81)) (&& (>= netstandard1.4) (>= wp8)) (&& (< netstandard1.4) (>= netstandard1.6) (< monoandroid)) (&& (>= netstandard1.5) (>= wp8)) (&& (>= netstandard1.5) (>= wpa81)) (&& (< netstandard1.5) (>= netstandard1.6)) (&& (>= netstandard1.6) (< monotouch) (< xamarintvos) (< xamarinwatchos) (< xamarinios) (< xamarinmac)) (&& (>= netstandard1.6) (>= wp8)) (&& (>= netstandard1.6) (>= wpa81)) (&& (>= netstandard1.6) (< portable-net451+win81+wpa81))
      runtime.debian.8-x64.runtime.native.System.Security.Cryptography.OpenSsl (>= 4.3.1)
      runtime.fedora.23-x64.runtime.native.System.Security.Cryptography.OpenSsl (>= 4.3.1)
      runtime.fedora.24-x64.runtime.native.System.Security.Cryptography.OpenSsl (>= 4.3.1)
      runtime.opensuse.13.2-x64.runtime.native.System.Security.Cryptography.OpenSsl (>= 4.3.1)
      runtime.opensuse.42.1-x64.runtime.native.System.Security.Cryptography.OpenSsl (>= 4.3.1)
      runtime.osx.10.10-x64.runtime.native.System.Security.Cryptography.OpenSsl (>= 4.3.1)
      runtime.rhel.7-x64.runtime.native.System.Security.Cryptography.OpenSsl (>= 4.3.1)
      runtime.ubuntu.14.04-x64.runtime.native.System.Security.Cryptography.OpenSsl (>= 4.3.1)
      runtime.ubuntu.16.04-x64.runtime.native.System.Security.Cryptography.OpenSsl (>= 4.3.1)
      runtime.ubuntu.16.10-x64.runtime.native.System.Security.Cryptography.OpenSsl (>= 4.3.1)
    runtime.opensuse.13.2-x64.runtime.native.System.Security.Cryptography.OpenSsl (4.3.1) - restriction: || (&& (< net20) (>= net45) (>= netstandard1.3) (< netstandard1.4)) (&& (< net20) (>= net45) (>= netstandard1.3) (< portable-net451+win81+wpa81)) (&& (< net20) (>= net45) (< netstandard1.3) (>= netstandard1.4)) (&& (< net20) (>= net45) (>= netstandard1.4) (< netstandard1.5)) (&& (< net20) (>= net45) (>= netstandard1.5)) (&& (< net20) (>= net46) (< netstandard1.3)) (&& (< net20) (>= net46) (< netstandard1.4)) (&& (< net20) (>= net461) (< netstandard1.3)) (&& (< net20) (>= net461) (< netstandard1.4)) (&& (< net20) (>= net461) (>= netstandard1.5)) (&& (< net20) (>= net461) (< netstandard1.5)) (&& (< net20) (>= netstandard1.3) (< netstandard1.4) (< monoandroid) (< win8) (< wpa81)) (&& (< net20) (>= netstandard1.3) (< win8) (< portable-net451+win81+wpa81)) (&& (< net20) (< netstandard1.3) (>= netstandard1.4) (< monoandroid) (< win8) (< wpa81)) (&& (< net20) (< netstandard1.3) (>= netstandard1.5) (< monoandroid)) (&& (< net20) (>= netstandard1.4) (< netstandard1.5) (< monoandroid) (< win8) (< wpa81)) (&& (< net20) (< netstandard1.4) (>= netstandard1.5) (< monoandroid)) (&& (< net20) (>= netstandard1.5) (< netstandard1.6) (< monoandroid)) (&& (>= net45) (>= uap10.0)) (&& (>= net45) (>= netstandard1.6)) (&& (< net45) (>= net46) (< netstandard1.3)) (&& (< net45) (>= net46) (>= netstandard1.4) (< netstandard1.5)) (&& (< net45) (>= net46) (< netstandard1.4)) (&& (< net45) (>= net46) (>= netstandard1.5)) (&& (< net45) (>= net46) (< portable-net451+win81+wpa81)) (&& (< net45) (>= net461) (< netstandard1.3)) (&& (< net45) (>= net461) (< netstandard1.4)) (&& (< net45) (>= net461) (>= netstandard1.5)) (&& (< net45) (>= net461) (< netstandard1.5)) (&& (< net45) (>= net461) (< portable-net451+win81+wpa81)) (&& (< net45) (>= netstandard1.3) (< netstandard1.4) (< monoandroid) (< wpa81)) (&& (< net45) (>= netstandard1.3) (< win8) (< portable-net451+win81+wpa81)) (&& (< net45) (< netstandard1.3) (>= netstandard1.4) (< monoandroid) (< win8) (< wpa81)) (&& (< net45) (< netstandard1.3) (>= netstandard1.5) (< monoandroid)) (&& (< net45) (>= netstandard1.4) (< netstandard1.5) (< monoandroid) (< wpa81)) (&& (< net45) (>= netstandard1.4) (< win8) (< portable-net451+win81+wpa81)) (&& (< net45) (< netstandard1.4) (>= netstandard1.5) (< monoandroid)) (&& (< net45) (>= netstandard1.5) (< netstandard1.6) (< monoandroid)) (&& (>= net46) (>= uap10.0)) (&& (>= net46) (>= dnxcore50)) (&& (>= net46) (< netstandard1.0) (>= win8)) (&& (>= net46) (< netstandard1.3) (>= wpa81)) (&& (>= net46) (< netstandard1.4) (>= wpa81)) (&& (>= net46) (>= netstandard1.6)) (&& (>= net46) (>= wp8)) (&& (>= net461) (>= uap10.0)) (&& (>= net461) (>= dnxcore50)) (&& (>= net461) (< netstandard1.0) (>= win8)) (&& (>= net461) (< netstandard1.3) (>= wpa81)) (&& (>= net461) (< netstandard1.4) (>= wpa81)) (&& (>= net461) (>= netstandard1.6)) (&& (>= net461) (>= wp8)) (&& (>= net463) (>= netstandard1.6)) (&& (>= uap10.0) (< uap10.1)) (&& (>= uap10.0) (>= dnxcore50)) (&& (>= uap10.0) (< netstandard1.0)) (&& (>= uap10.0) (< netstandard1.3)) (&& (>= uap10.0) (< netstandard1.4)) (&& (>= uap10.0) (>= netstandard1.5)) (&& (>= uap10.0) (>= netstandard1.6)) (&& (>= uap10.0) (< win8)) (&& (>= uap10.0) (>= wp8)) (&& (>= dnxcore50) (>= netstandard1.3)) (&& (>= dnxcore50) (>= netstandard1.4)) (&& (>= dnxcore50) (>= netstandard1.5)) (&& (>= dnxcore50) (>= netstandard1.6)) (&& (< netstandard1.0) (>= netstandard1.3) (>= win8)) (&& (< netstandard1.0) (>= netstandard1.4) (>= win8)) (&& (< netstandard1.0) (>= netstandard1.5) (>= win8)) (&& (< netstandard1.0) (>= netstandard1.6) (>= win8)) (&& (>= netstandard1.3) (< win8) (>= wpa81) (< portable-net451+win81+wpa81)) (&& (>= netstandard1.3) (>= wp8)) (&& (< netstandard1.3) (>= netstandard1.6)) (&& (>= netstandard1.4) (>= wp8)) (&& (< netstandard1.4) (>= netstandard1.6) (< monoandroid)) (&& (>= netstandard1.5) (>= wp8)) (&& (>= netstandard1.5) (>= wpa81)) (&& (< netstandard1.5) (>= netstandard1.6)) (&& (>= netstandard1.6) (< monotouch) (< xamarintvos) (< xamarinwatchos) (< xamarinios) (< xamarinmac)) (&& (>= netstandard1.6) (>= wp8)) (&& (>= netstandard1.6) (>= wpa81)) (&& (>= netstandard1.6) (< portable-net451+win81+wpa81))
    runtime.opensuse.42.1-x64.runtime.native.System.Security.Cryptography.OpenSsl (4.3.1) - restriction: || (&& (< net20) (>= net45) (>= netstandard1.3) (< netstandard1.4)) (&& (< net20) (>= net45) (>= netstandard1.3) (< portable-net451+win81+wpa81)) (&& (< net20) (>= net45) (< netstandard1.3) (>= netstandard1.4)) (&& (< net20) (>= net45) (>= netstandard1.4) (< netstandard1.5)) (&& (< net20) (>= net45) (>= netstandard1.5)) (&& (< net20) (>= net46) (< netstandard1.3)) (&& (< net20) (>= net46) (< netstandard1.4)) (&& (< net20) (>= net461) (< netstandard1.3)) (&& (< net20) (>= net461) (< netstandard1.4)) (&& (< net20) (>= net461) (>= netstandard1.5)) (&& (< net20) (>= net461) (< netstandard1.5)) (&& (< net20) (>= netstandard1.3) (< netstandard1.4) (< monoandroid) (< win8) (< wpa81)) (&& (< net20) (>= netstandard1.3) (< win8) (< portable-net451+win81+wpa81)) (&& (< net20) (< netstandard1.3) (>= netstandard1.4) (< monoandroid) (< win8) (< wpa81)) (&& (< net20) (< netstandard1.3) (>= netstandard1.5) (< monoandroid)) (&& (< net20) (>= netstandard1.4) (< netstandard1.5) (< monoandroid) (< win8) (< wpa81)) (&& (< net20) (< netstandard1.4) (>= netstandard1.5) (< monoandroid)) (&& (< net20) (>= netstandard1.5) (< netstandard1.6) (< monoandroid)) (&& (>= net45) (>= uap10.0)) (&& (>= net45) (>= netstandard1.6)) (&& (< net45) (>= net46) (< netstandard1.3)) (&& (< net45) (>= net46) (>= netstandard1.4) (< netstandard1.5)) (&& (< net45) (>= net46) (< netstandard1.4)) (&& (< net45) (>= net46) (>= netstandard1.5)) (&& (< net45) (>= net46) (< portable-net451+win81+wpa81)) (&& (< net45) (>= net461) (< netstandard1.3)) (&& (< net45) (>= net461) (< netstandard1.4)) (&& (< net45) (>= net461) (>= netstandard1.5)) (&& (< net45) (>= net461) (< netstandard1.5)) (&& (< net45) (>= net461) (< portable-net451+win81+wpa81)) (&& (< net45) (>= netstandard1.3) (< netstandard1.4) (< monoandroid) (< wpa81)) (&& (< net45) (>= netstandard1.3) (< win8) (< portable-net451+win81+wpa81)) (&& (< net45) (< netstandard1.3) (>= netstandard1.4) (< monoandroid) (< win8) (< wpa81)) (&& (< net45) (< netstandard1.3) (>= netstandard1.5) (< monoandroid)) (&& (< net45) (>= netstandard1.4) (< netstandard1.5) (< monoandroid) (< wpa81)) (&& (< net45) (>= netstandard1.4) (< win8) (< portable-net451+win81+wpa81)) (&& (< net45) (< netstandard1.4) (>= netstandard1.5) (< monoandroid)) (&& (< net45) (>= netstandard1.5) (< netstandard1.6) (< monoandroid)) (&& (>= net46) (>= uap10.0)) (&& (>= net46) (>= dnxcore50)) (&& (>= net46) (< netstandard1.0) (>= win8)) (&& (>= net46) (< netstandard1.3) (>= wpa81)) (&& (>= net46) (< netstandard1.4) (>= wpa81)) (&& (>= net46) (>= netstandard1.6)) (&& (>= net46) (>= wp8)) (&& (>= net461) (>= uap10.0)) (&& (>= net461) (>= dnxcore50)) (&& (>= net461) (< netstandard1.0) (>= win8)) (&& (>= net461) (< netstandard1.3) (>= wpa81)) (&& (>= net461) (< netstandard1.4) (>= wpa81)) (&& (>= net461) (>= netstandard1.6)) (&& (>= net461) (>= wp8)) (&& (>= net463) (>= netstandard1.6)) (&& (>= uap10.0) (< uap10.1)) (&& (>= uap10.0) (>= dnxcore50)) (&& (>= uap10.0) (< netstandard1.0)) (&& (>= uap10.0) (< netstandard1.3)) (&& (>= uap10.0) (< netstandard1.4)) (&& (>= uap10.0) (>= netstandard1.5)) (&& (>= uap10.0) (>= netstandard1.6)) (&& (>= uap10.0) (< win8)) (&& (>= uap10.0) (>= wp8)) (&& (>= dnxcore50) (>= netstandard1.3)) (&& (>= dnxcore50) (>= netstandard1.4)) (&& (>= dnxcore50) (>= netstandard1.5)) (&& (>= dnxcore50) (>= netstandard1.6)) (&& (< netstandard1.0) (>= netstandard1.3) (>= win8)) (&& (< netstandard1.0) (>= netstandard1.4) (>= win8)) (&& (< netstandard1.0) (>= netstandard1.5) (>= win8)) (&& (< netstandard1.0) (>= netstandard1.6) (>= win8)) (&& (>= netstandard1.3) (< win8) (>= wpa81) (< portable-net451+win81+wpa81)) (&& (>= netstandard1.3) (>= wp8)) (&& (< netstandard1.3) (>= netstandard1.6)) (&& (>= netstandard1.4) (>= wp8)) (&& (< netstandard1.4) (>= netstandard1.6) (< monoandroid)) (&& (>= netstandard1.5) (>= wp8)) (&& (>= netstandard1.5) (>= wpa81)) (&& (< netstandard1.5) (>= netstandard1.6)) (&& (>= netstandard1.6) (< monotouch) (< xamarintvos) (< xamarinwatchos) (< xamarinios) (< xamarinmac)) (&& (>= netstandard1.6) (>= wp8)) (&& (>= netstandard1.6) (>= wpa81)) (&& (>= netstandard1.6) (< portable-net451+win81+wpa81))
    runtime.osx.10.10-x64.runtime.native.System.Security.Cryptography.Apple (4.3) - restriction: && (>= netstandard1.6) (< monotouch) (< xamarintvos) (< xamarinwatchos) (< xamarinios) (< xamarinmac)
    runtime.osx.10.10-x64.runtime.native.System.Security.Cryptography.OpenSsl (4.3.1) - restriction: || (&& (< net20) (>= net45) (>= netstandard1.3) (< netstandard1.4)) (&& (< net20) (>= net45) (>= netstandard1.3) (< portable-net451+win81+wpa81)) (&& (< net20) (>= net45) (< netstandard1.3) (>= netstandard1.4)) (&& (< net20) (>= net45) (>= netstandard1.4) (< netstandard1.5)) (&& (< net20) (>= net45) (>= netstandard1.5)) (&& (< net20) (>= net46) (< netstandard1.3)) (&& (< net20) (>= net46) (< netstandard1.4)) (&& (< net20) (>= net461) (< netstandard1.3)) (&& (< net20) (>= net461) (< netstandard1.4)) (&& (< net20) (>= net461) (>= netstandard1.5)) (&& (< net20) (>= net461) (< netstandard1.5)) (&& (< net20) (>= netstandard1.3) (< netstandard1.4) (< monoandroid) (< win8) (< wpa81)) (&& (< net20) (>= netstandard1.3) (< win8) (< portable-net451+win81+wpa81)) (&& (< net20) (< netstandard1.3) (>= netstandard1.4) (< monoandroid) (< win8) (< wpa81)) (&& (< net20) (< netstandard1.3) (>= netstandard1.5) (< monoandroid)) (&& (< net20) (>= netstandard1.4) (< netstandard1.5) (< monoandroid) (< win8) (< wpa81)) (&& (< net20) (< netstandard1.4) (>= netstandard1.5) (< monoandroid)) (&& (< net20) (>= netstandard1.5) (< netstandard1.6) (< monoandroid)) (&& (>= net45) (>= uap10.0)) (&& (>= net45) (>= netstandard1.6)) (&& (< net45) (>= net46) (< netstandard1.3)) (&& (< net45) (>= net46) (>= netstandard1.4) (< netstandard1.5)) (&& (< net45) (>= net46) (< netstandard1.4)) (&& (< net45) (>= net46) (>= netstandard1.5)) (&& (< net45) (>= net46) (< portable-net451+win81+wpa81)) (&& (< net45) (>= net461) (< netstandard1.3)) (&& (< net45) (>= net461) (< netstandard1.4)) (&& (< net45) (>= net461) (>= netstandard1.5)) (&& (< net45) (>= net461) (< netstandard1.5)) (&& (< net45) (>= net461) (< portable-net451+win81+wpa81)) (&& (< net45) (>= netstandard1.3) (< netstandard1.4) (< monoandroid) (< wpa81)) (&& (< net45) (>= netstandard1.3) (< win8) (< portable-net451+win81+wpa81)) (&& (< net45) (< netstandard1.3) (>= netstandard1.4) (< monoandroid) (< win8) (< wpa81)) (&& (< net45) (< netstandard1.3) (>= netstandard1.5) (< monoandroid)) (&& (< net45) (>= netstandard1.4) (< netstandard1.5) (< monoandroid) (< wpa81)) (&& (< net45) (>= netstandard1.4) (< win8) (< portable-net451+win81+wpa81)) (&& (< net45) (< netstandard1.4) (>= netstandard1.5) (< monoandroid)) (&& (< net45) (>= netstandard1.5) (< netstandard1.6) (< monoandroid)) (&& (>= net46) (>= uap10.0)) (&& (>= net46) (>= dnxcore50)) (&& (>= net46) (< netstandard1.0) (>= win8)) (&& (>= net46) (< netstandard1.3) (>= wpa81)) (&& (>= net46) (< netstandard1.4) (>= wpa81)) (&& (>= net46) (>= netstandard1.6)) (&& (>= net46) (>= wp8)) (&& (>= net461) (>= uap10.0)) (&& (>= net461) (>= dnxcore50)) (&& (>= net461) (< netstandard1.0) (>= win8)) (&& (>= net461) (< netstandard1.3) (>= wpa81)) (&& (>= net461) (< netstandard1.4) (>= wpa81)) (&& (>= net461) (>= netstandard1.6)) (&& (>= net461) (>= wp8)) (&& (>= net463) (>= netstandard1.6)) (&& (>= uap10.0) (< uap10.1)) (&& (>= uap10.0) (>= dnxcore50)) (&& (>= uap10.0) (< netstandard1.0)) (&& (>= uap10.0) (< netstandard1.3)) (&& (>= uap10.0) (< netstandard1.4)) (&& (>= uap10.0) (>= netstandard1.5)) (&& (>= uap10.0) (>= netstandard1.6)) (&& (>= uap10.0) (< win8)) (&& (>= uap10.0) (>= wp8)) (&& (>= dnxcore50) (>= netstandard1.3)) (&& (>= dnxcore50) (>= netstandard1.4)) (&& (>= dnxcore50) (>= netstandard1.5)) (&& (>= dnxcore50) (>= netstandard1.6)) (&& (< netstandard1.0) (>= netstandard1.3) (>= win8)) (&& (< netstandard1.0) (>= netstandard1.4) (>= win8)) (&& (< netstandard1.0) (>= netstandard1.5) (>= win8)) (&& (< netstandard1.0) (>= netstandard1.6) (>= win8)) (&& (>= netstandard1.3) (< win8) (>= wpa81) (< portable-net451+win81+wpa81)) (&& (>= netstandard1.3) (>= wp8)) (&& (< netstandard1.3) (>= netstandard1.6)) (&& (>= netstandard1.4) (>= wp8)) (&& (< netstandard1.4) (>= netstandard1.6) (< monoandroid)) (&& (>= netstandard1.5) (>= wp8)) (&& (>= netstandard1.5) (>= wpa81)) (&& (< netstandard1.5) (>= netstandard1.6)) (&& (>= netstandard1.6) (< monotouch) (< xamarintvos) (< xamarinwatchos) (< xamarinios) (< xamarinmac)) (&& (>= netstandard1.6) (>= wp8)) (&& (>= netstandard1.6) (>= wpa81)) (&& (>= netstandard1.6) (< portable-net451+win81+wpa81))
    runtime.rhel.7-x64.runtime.native.System.Security.Cryptography.OpenSsl (4.3.1) - restriction: || (&& (< net20) (>= net45) (>= netstandard1.3) (< netstandard1.4)) (&& (< net20) (>= net45) (>= netstandard1.3) (< portable-net451+win81+wpa81)) (&& (< net20) (>= net45) (< netstandard1.3) (>= netstandard1.4)) (&& (< net20) (>= net45) (>= netstandard1.4) (< netstandard1.5)) (&& (< net20) (>= net45) (>= netstandard1.5)) (&& (< net20) (>= net46) (< netstandard1.3)) (&& (< net20) (>= net46) (< netstandard1.4)) (&& (< net20) (>= net461) (< netstandard1.3)) (&& (< net20) (>= net461) (< netstandard1.4)) (&& (< net20) (>= net461) (>= netstandard1.5)) (&& (< net20) (>= net461) (< netstandard1.5)) (&& (< net20) (>= netstandard1.3) (< netstandard1.4) (< monoandroid) (< win8) (< wpa81)) (&& (< net20) (>= netstandard1.3) (< win8) (< portable-net451+win81+wpa81)) (&& (< net20) (< netstandard1.3) (>= netstandard1.4) (< monoandroid) (< win8) (< wpa81)) (&& (< net20) (< netstandard1.3) (>= netstandard1.5) (< monoandroid)) (&& (< net20) (>= netstandard1.4) (< netstandard1.5) (< monoandroid) (< win8) (< wpa81)) (&& (< net20) (< netstandard1.4) (>= netstandard1.5) (< monoandroid)) (&& (< net20) (>= netstandard1.5) (< netstandard1.6) (< monoandroid)) (&& (>= net45) (>= uap10.0)) (&& (>= net45) (>= netstandard1.6)) (&& (< net45) (>= net46) (< netstandard1.3)) (&& (< net45) (>= net46) (>= netstandard1.4) (< netstandard1.5)) (&& (< net45) (>= net46) (< netstandard1.4)) (&& (< net45) (>= net46) (>= netstandard1.5)) (&& (< net45) (>= net46) (< portable-net451+win81+wpa81)) (&& (< net45) (>= net461) (< netstandard1.3)) (&& (< net45) (>= net461) (< netstandard1.4)) (&& (< net45) (>= net461) (>= netstandard1.5)) (&& (< net45) (>= net461) (< netstandard1.5)) (&& (< net45) (>= net461) (< portable-net451+win81+wpa81)) (&& (< net45) (>= netstandard1.3) (< netstandard1.4) (< monoandroid) (< wpa81)) (&& (< net45) (>= netstandard1.3) (< win8) (< portable-net451+win81+wpa81)) (&& (< net45) (< netstandard1.3) (>= netstandard1.4) (< monoandroid) (< win8) (< wpa81)) (&& (< net45) (< netstandard1.3) (>= netstandard1.5) (< monoandroid)) (&& (< net45) (>= netstandard1.4) (< netstandard1.5) (< monoandroid) (< wpa81)) (&& (< net45) (>= netstandard1.4) (< win8) (< portable-net451+win81+wpa81)) (&& (< net45) (< netstandard1.4) (>= netstandard1.5) (< monoandroid)) (&& (< net45) (>= netstandard1.5) (< netstandard1.6) (< monoandroid)) (&& (>= net46) (>= uap10.0)) (&& (>= net46) (>= dnxcore50)) (&& (>= net46) (< netstandard1.0) (>= win8)) (&& (>= net46) (< netstandard1.3) (>= wpa81)) (&& (>= net46) (< netstandard1.4) (>= wpa81)) (&& (>= net46) (>= netstandard1.6)) (&& (>= net46) (>= wp8)) (&& (>= net461) (>= uap10.0)) (&& (>= net461) (>= dnxcore50)) (&& (>= net461) (< netstandard1.0) (>= win8)) (&& (>= net461) (< netstandard1.3) (>= wpa81)) (&& (>= net461) (< netstandard1.4) (>= wpa81)) (&& (>= net461) (>= netstandard1.6)) (&& (>= net461) (>= wp8)) (&& (>= net463) (>= netstandard1.6)) (&& (>= uap10.0) (< uap10.1)) (&& (>= uap10.0) (>= dnxcore50)) (&& (>= uap10.0) (< netstandard1.0)) (&& (>= uap10.0) (< netstandard1.3)) (&& (>= uap10.0) (< netstandard1.4)) (&& (>= uap10.0) (>= netstandard1.5)) (&& (>= uap10.0) (>= netstandard1.6)) (&& (>= uap10.0) (< win8)) (&& (>= uap10.0) (>= wp8)) (&& (>= dnxcore50) (>= netstandard1.3)) (&& (>= dnxcore50) (>= netstandard1.4)) (&& (>= dnxcore50) (>= netstandard1.5)) (&& (>= dnxcore50) (>= netstandard1.6)) (&& (< netstandard1.0) (>= netstandard1.3) (>= win8)) (&& (< netstandard1.0) (>= netstandard1.4) (>= win8)) (&& (< netstandard1.0) (>= netstandard1.5) (>= win8)) (&& (< netstandard1.0) (>= netstandard1.6) (>= win8)) (&& (>= netstandard1.3) (< win8) (>= wpa81) (< portable-net451+win81+wpa81)) (&& (>= netstandard1.3) (>= wp8)) (&& (< netstandard1.3) (>= netstandard1.6)) (&& (>= netstandard1.4) (>= wp8)) (&& (< netstandard1.4) (>= netstandard1.6) (< monoandroid)) (&& (>= netstandard1.5) (>= wp8)) (&& (>= netstandard1.5) (>= wpa81)) (&& (< netstandard1.5) (>= netstandard1.6)) (&& (>= netstandard1.6) (< monotouch) (< xamarintvos) (< xamarinwatchos) (< xamarinios) (< xamarinmac)) (&& (>= netstandard1.6) (>= wp8)) (&& (>= netstandard1.6) (>= wpa81)) (&& (>= netstandard1.6) (< portable-net451+win81+wpa81))
    runtime.ubuntu.14.04-x64.runtime.native.System.Security.Cryptography.OpenSsl (4.3.1) - restriction: || (&& (< net20) (>= net45) (>= netstandard1.3) (< netstandard1.4)) (&& (< net20) (>= net45) (>= netstandard1.3) (< portable-net451+win81+wpa81)) (&& (< net20) (>= net45) (< netstandard1.3) (>= netstandard1.4)) (&& (< net20) (>= net45) (>= netstandard1.4) (< netstandard1.5)) (&& (< net20) (>= net45) (>= netstandard1.5)) (&& (< net20) (>= net46) (< netstandard1.3)) (&& (< net20) (>= net46) (< netstandard1.4)) (&& (< net20) (>= net461) (< netstandard1.3)) (&& (< net20) (>= net461) (< netstandard1.4)) (&& (< net20) (>= net461) (>= netstandard1.5)) (&& (< net20) (>= net461) (< netstandard1.5)) (&& (< net20) (>= netstandard1.3) (< netstandard1.4) (< monoandroid) (< win8) (< wpa81)) (&& (< net20) (>= netstandard1.3) (< win8) (< portable-net451+win81+wpa81)) (&& (< net20) (< netstandard1.3) (>= netstandard1.4) (< monoandroid) (< win8) (< wpa81)) (&& (< net20) (< netstandard1.3) (>= netstandard1.5) (< monoandroid)) (&& (< net20) (>= netstandard1.4) (< netstandard1.5) (< monoandroid) (< win8) (< wpa81)) (&& (< net20) (< netstandard1.4) (>= netstandard1.5) (< monoandroid)) (&& (< net20) (>= netstandard1.5) (< netstandard1.6) (< monoandroid)) (&& (>= net45) (>= uap10.0)) (&& (>= net45) (>= netstandard1.6)) (&& (< net45) (>= net46) (< netstandard1.3)) (&& (< net45) (>= net46) (>= netstandard1.4) (< netstandard1.5)) (&& (< net45) (>= net46) (< netstandard1.4)) (&& (< net45) (>= net46) (>= netstandard1.5)) (&& (< net45) (>= net46) (< portable-net451+win81+wpa81)) (&& (< net45) (>= net461) (< netstandard1.3)) (&& (< net45) (>= net461) (< netstandard1.4)) (&& (< net45) (>= net461) (>= netstandard1.5)) (&& (< net45) (>= net461) (< netstandard1.5)) (&& (< net45) (>= net461) (< portable-net451+win81+wpa81)) (&& (< net45) (>= netstandard1.3) (< netstandard1.4) (< monoandroid) (< wpa81)) (&& (< net45) (>= netstandard1.3) (< win8) (< portable-net451+win81+wpa81)) (&& (< net45) (< netstandard1.3) (>= netstandard1.4) (< monoandroid) (< win8) (< wpa81)) (&& (< net45) (< netstandard1.3) (>= netstandard1.5) (< monoandroid)) (&& (< net45) (>= netstandard1.4) (< netstandard1.5) (< monoandroid) (< wpa81)) (&& (< net45) (>= netstandard1.4) (< win8) (< portable-net451+win81+wpa81)) (&& (< net45) (< netstandard1.4) (>= netstandard1.5) (< monoandroid)) (&& (< net45) (>= netstandard1.5) (< netstandard1.6) (< monoandroid)) (&& (>= net46) (>= uap10.0)) (&& (>= net46) (>= dnxcore50)) (&& (>= net46) (< netstandard1.0) (>= win8)) (&& (>= net46) (< netstandard1.3) (>= wpa81)) (&& (>= net46) (< netstandard1.4) (>= wpa81)) (&& (>= net46) (>= netstandard1.6)) (&& (>= net46) (>= wp8)) (&& (>= net461) (>= uap10.0)) (&& (>= net461) (>= dnxcore50)) (&& (>= net461) (< netstandard1.0) (>= win8)) (&& (>= net461) (< netstandard1.3) (>= wpa81)) (&& (>= net461) (< netstandard1.4) (>= wpa81)) (&& (>= net461) (>= netstandard1.6)) (&& (>= net461) (>= wp8)) (&& (>= net463) (>= netstandard1.6)) (&& (>= uap10.0) (< uap10.1)) (&& (>= uap10.0) (>= dnxcore50)) (&& (>= uap10.0) (< netstandard1.0)) (&& (>= uap10.0) (< netstandard1.3)) (&& (>= uap10.0) (< netstandard1.4)) (&& (>= uap10.0) (>= netstandard1.5)) (&& (>= uap10.0) (>= netstandard1.6)) (&& (>= uap10.0) (< win8)) (&& (>= uap10.0) (>= wp8)) (&& (>= dnxcore50) (>= netstandard1.3)) (&& (>= dnxcore50) (>= netstandard1.4)) (&& (>= dnxcore50) (>= netstandard1.5)) (&& (>= dnxcore50) (>= netstandard1.6)) (&& (< netstandard1.0) (>= netstandard1.3) (>= win8)) (&& (< netstandard1.0) (>= netstandard1.4) (>= win8)) (&& (< netstandard1.0) (>= netstandard1.5) (>= win8)) (&& (< netstandard1.0) (>= netstandard1.6) (>= win8)) (&& (>= netstandard1.3) (< win8) (>= wpa81) (< portable-net451+win81+wpa81)) (&& (>= netstandard1.3) (>= wp8)) (&& (< netstandard1.3) (>= netstandard1.6)) (&& (>= netstandard1.4) (>= wp8)) (&& (< netstandard1.4) (>= netstandard1.6) (< monoandroid)) (&& (>= netstandard1.5) (>= wp8)) (&& (>= netstandard1.5) (>= wpa81)) (&& (< netstandard1.5) (>= netstandard1.6)) (&& (>= netstandard1.6) (< monotouch) (< xamarintvos) (< xamarinwatchos) (< xamarinios) (< xamarinmac)) (&& (>= netstandard1.6) (>= wp8)) (&& (>= netstandard1.6) (>= wpa81)) (&& (>= netstandard1.6) (< portable-net451+win81+wpa81))
    runtime.ubuntu.16.04-x64.runtime.native.System.Security.Cryptography.OpenSsl (4.3.1) - restriction: || (&& (< net20) (>= net45) (>= netstandard1.3) (< netstandard1.4)) (&& (< net20) (>= net45) (>= netstandard1.3) (< portable-net451+win81+wpa81)) (&& (< net20) (>= net45) (< netstandard1.3) (>= netstandard1.4)) (&& (< net20) (>= net45) (>= netstandard1.4) (< netstandard1.5)) (&& (< net20) (>= net45) (>= netstandard1.5)) (&& (< net20) (>= net46) (< netstandard1.3)) (&& (< net20) (>= net46) (< netstandard1.4)) (&& (< net20) (>= net461) (< netstandard1.3)) (&& (< net20) (>= net461) (< netstandard1.4)) (&& (< net20) (>= net461) (>= netstandard1.5)) (&& (< net20) (>= net461) (< netstandard1.5)) (&& (< net20) (>= netstandard1.3) (< netstandard1.4) (< monoandroid) (< win8) (< wpa81)) (&& (< net20) (>= netstandard1.3) (< win8) (< portable-net451+win81+wpa81)) (&& (< net20) (< netstandard1.3) (>= netstandard1.4) (< monoandroid) (< win8) (< wpa81)) (&& (< net20) (< netstandard1.3) (>= netstandard1.5) (< monoandroid)) (&& (< net20) (>= netstandard1.4) (< netstandard1.5) (< monoandroid) (< win8) (< wpa81)) (&& (< net20) (< netstandard1.4) (>= netstandard1.5) (< monoandroid)) (&& (< net20) (>= netstandard1.5) (< netstandard1.6) (< monoandroid)) (&& (>= net45) (>= uap10.0)) (&& (>= net45) (>= netstandard1.6)) (&& (< net45) (>= net46) (< netstandard1.3)) (&& (< net45) (>= net46) (>= netstandard1.4) (< netstandard1.5)) (&& (< net45) (>= net46) (< netstandard1.4)) (&& (< net45) (>= net46) (>= netstandard1.5)) (&& (< net45) (>= net46) (< portable-net451+win81+wpa81)) (&& (< net45) (>= net461) (< netstandard1.3)) (&& (< net45) (>= net461) (< netstandard1.4)) (&& (< net45) (>= net461) (>= netstandard1.5)) (&& (< net45) (>= net461) (< netstandard1.5)) (&& (< net45) (>= net461) (< portable-net451+win81+wpa81)) (&& (< net45) (>= netstandard1.3) (< netstandard1.4) (< monoandroid) (< wpa81)) (&& (< net45) (>= netstandard1.3) (< win8) (< portable-net451+win81+wpa81)) (&& (< net45) (< netstandard1.3) (>= netstandard1.4) (< monoandroid) (< win8) (< wpa81)) (&& (< net45) (< netstandard1.3) (>= netstandard1.5) (< monoandroid)) (&& (< net45) (>= netstandard1.4) (< netstandard1.5) (< monoandroid) (< wpa81)) (&& (< net45) (>= netstandard1.4) (< win8) (< portable-net451+win81+wpa81)) (&& (< net45) (< netstandard1.4) (>= netstandard1.5) (< monoandroid)) (&& (< net45) (>= netstandard1.5) (< netstandard1.6) (< monoandroid)) (&& (>= net46) (>= uap10.0)) (&& (>= net46) (>= dnxcore50)) (&& (>= net46) (< netstandard1.0) (>= win8)) (&& (>= net46) (< netstandard1.3) (>= wpa81)) (&& (>= net46) (< netstandard1.4) (>= wpa81)) (&& (>= net46) (>= netstandard1.6)) (&& (>= net46) (>= wp8)) (&& (>= net461) (>= uap10.0)) (&& (>= net461) (>= dnxcore50)) (&& (>= net461) (< netstandard1.0) (>= win8)) (&& (>= net461) (< netstandard1.3) (>= wpa81)) (&& (>= net461) (< netstandard1.4) (>= wpa81)) (&& (>= net461) (>= netstandard1.6)) (&& (>= net461) (>= wp8)) (&& (>= net463) (>= netstandard1.6)) (&& (>= uap10.0) (< uap10.1)) (&& (>= uap10.0) (>= dnxcore50)) (&& (>= uap10.0) (< netstandard1.0)) (&& (>= uap10.0) (< netstandard1.3)) (&& (>= uap10.0) (< netstandard1.4)) (&& (>= uap10.0) (>= netstandard1.5)) (&& (>= uap10.0) (>= netstandard1.6)) (&& (>= uap10.0) (< win8)) (&& (>= uap10.0) (>= wp8)) (&& (>= dnxcore50) (>= netstandard1.3)) (&& (>= dnxcore50) (>= netstandard1.4)) (&& (>= dnxcore50) (>= netstandard1.5)) (&& (>= dnxcore50) (>= netstandard1.6)) (&& (< netstandard1.0) (>= netstandard1.3) (>= win8)) (&& (< netstandard1.0) (>= netstandard1.4) (>= win8)) (&& (< netstandard1.0) (>= netstandard1.5) (>= win8)) (&& (< netstandard1.0) (>= netstandard1.6) (>= win8)) (&& (>= netstandard1.3) (< win8) (>= wpa81) (< portable-net451+win81+wpa81)) (&& (>= netstandard1.3) (>= wp8)) (&& (< netstandard1.3) (>= netstandard1.6)) (&& (>= netstandard1.4) (>= wp8)) (&& (< netstandard1.4) (>= netstandard1.6) (< monoandroid)) (&& (>= netstandard1.5) (>= wp8)) (&& (>= netstandard1.5) (>= wpa81)) (&& (< netstandard1.5) (>= netstandard1.6)) (&& (>= netstandard1.6) (< monotouch) (< xamarintvos) (< xamarinwatchos) (< xamarinios) (< xamarinmac)) (&& (>= netstandard1.6) (>= wp8)) (&& (>= netstandard1.6) (>= wpa81)) (&& (>= netstandard1.6) (< portable-net451+win81+wpa81))
    runtime.ubuntu.16.10-x64.runtime.native.System.Security.Cryptography.OpenSsl (4.3.1) - restriction: || (&& (< net20) (>= net45) (>= netstandard1.3) (< netstandard1.4)) (&& (< net20) (>= net45) (>= netstandard1.3) (< portable-net451+win81+wpa81)) (&& (< net20) (>= net45) (< netstandard1.3) (>= netstandard1.4)) (&& (< net20) (>= net45) (>= netstandard1.4) (< netstandard1.5)) (&& (< net20) (>= net45) (>= netstandard1.5)) (&& (< net20) (>= net46) (< netstandard1.3)) (&& (< net20) (>= net46) (< netstandard1.4)) (&& (< net20) (>= net461) (< netstandard1.3)) (&& (< net20) (>= net461) (< netstandard1.4)) (&& (< net20) (>= net461) (>= netstandard1.5)) (&& (< net20) (>= net461) (< netstandard1.5)) (&& (< net20) (>= netstandard1.3) (< netstandard1.4) (< monoandroid) (< win8) (< wpa81)) (&& (< net20) (>= netstandard1.3) (< win8) (< portable-net451+win81+wpa81)) (&& (< net20) (< netstandard1.3) (>= netstandard1.4) (< monoandroid) (< win8) (< wpa81)) (&& (< net20) (< netstandard1.3) (>= netstandard1.5) (< monoandroid)) (&& (< net20) (>= netstandard1.4) (< netstandard1.5) (< monoandroid) (< win8) (< wpa81)) (&& (< net20) (< netstandard1.4) (>= netstandard1.5) (< monoandroid)) (&& (< net20) (>= netstandard1.5) (< netstandard1.6) (< monoandroid)) (&& (>= net45) (>= uap10.0)) (&& (>= net45) (>= netstandard1.6)) (&& (< net45) (>= net46) (< netstandard1.3)) (&& (< net45) (>= net46) (>= netstandard1.4) (< netstandard1.5)) (&& (< net45) (>= net46) (< netstandard1.4)) (&& (< net45) (>= net46) (>= netstandard1.5)) (&& (< net45) (>= net46) (< portable-net451+win81+wpa81)) (&& (< net45) (>= net461) (< netstandard1.3)) (&& (< net45) (>= net461) (< netstandard1.4)) (&& (< net45) (>= net461) (>= netstandard1.5)) (&& (< net45) (>= net461) (< netstandard1.5)) (&& (< net45) (>= net461) (< portable-net451+win81+wpa81)) (&& (< net45) (>= netstandard1.3) (< netstandard1.4) (< monoandroid) (< wpa81)) (&& (< net45) (>= netstandard1.3) (< win8) (< portable-net451+win81+wpa81)) (&& (< net45) (< netstandard1.3) (>= netstandard1.4) (< monoandroid) (< win8) (< wpa81)) (&& (< net45) (< netstandard1.3) (>= netstandard1.5) (< monoandroid)) (&& (< net45) (>= netstandard1.4) (< netstandard1.5) (< monoandroid) (< wpa81)) (&& (< net45) (>= netstandard1.4) (< win8) (< portable-net451+win81+wpa81)) (&& (< net45) (< netstandard1.4) (>= netstandard1.5) (< monoandroid)) (&& (< net45) (>= netstandard1.5) (< netstandard1.6) (< monoandroid)) (&& (>= net46) (>= uap10.0)) (&& (>= net46) (>= dnxcore50)) (&& (>= net46) (< netstandard1.0) (>= win8)) (&& (>= net46) (< netstandard1.3) (>= wpa81)) (&& (>= net46) (< netstandard1.4) (>= wpa81)) (&& (>= net46) (>= netstandard1.6)) (&& (>= net46) (>= wp8)) (&& (>= net461) (>= uap10.0)) (&& (>= net461) (>= dnxcore50)) (&& (>= net461) (< netstandard1.0) (>= win8)) (&& (>= net461) (< netstandard1.3) (>= wpa81)) (&& (>= net461) (< netstandard1.4) (>= wpa81)) (&& (>= net461) (>= netstandard1.6)) (&& (>= net461) (>= wp8)) (&& (>= net463) (>= netstandard1.6)) (&& (>= uap10.0) (< uap10.1)) (&& (>= uap10.0) (>= dnxcore50)) (&& (>= uap10.0) (< netstandard1.0)) (&& (>= uap10.0) (< netstandard1.3)) (&& (>= uap10.0) (< netstandard1.4)) (&& (>= uap10.0) (>= netstandard1.5)) (&& (>= uap10.0) (>= netstandard1.6)) (&& (>= uap10.0) (< win8)) (&& (>= uap10.0) (>= wp8)) (&& (>= dnxcore50) (>= netstandard1.3)) (&& (>= dnxcore50) (>= netstandard1.4)) (&& (>= dnxcore50) (>= netstandard1.5)) (&& (>= dnxcore50) (>= netstandard1.6)) (&& (< netstandard1.0) (>= netstandard1.3) (>= win8)) (&& (< netstandard1.0) (>= netstandard1.4) (>= win8)) (&& (< netstandard1.0) (>= netstandard1.5) (>= win8)) (&& (< netstandard1.0) (>= netstandard1.6) (>= win8)) (&& (>= netstandard1.3) (< win8) (>= wpa81) (< portable-net451+win81+wpa81)) (&& (>= netstandard1.3) (>= wp8)) (&& (< netstandard1.3) (>= netstandard1.6)) (&& (>= netstandard1.4) (>= wp8)) (&& (< netstandard1.4) (>= netstandard1.6) (< monoandroid)) (&& (>= netstandard1.5) (>= wp8)) (&& (>= netstandard1.5) (>= wpa81)) (&& (< netstandard1.5) (>= netstandard1.6)) (&& (>= netstandard1.6) (< monotouch) (< xamarintvos) (< xamarinwatchos) (< xamarinios) (< xamarinmac)) (&& (>= netstandard1.6) (>= wp8)) (&& (>= netstandard1.6) (>= wpa81)) (&& (>= netstandard1.6) (< portable-net451+win81+wpa81))
    System.AppContext (4.3) - restriction: || (&& (< net20) (>= net45) (>= netstandard1.3) (< netstandard1.4)) (&& (< net20) (>= net45) (< netstandard1.3) (>= netstandard1.4)) (&& (< net20) (>= net45) (>= netstandard1.4) (< netstandard1.5)) (&& (< net20) (>= net45) (>= netstandard1.5)) (&& (< net20) (>= net46) (< netstandard1.3)) (&& (< net20) (>= net46) (< netstandard1.4)) (&& (< net20) (>= netstandard1.3) (< netstandard1.4) (< monoandroid) (< win8) (< wpa81)) (&& (< net20) (< netstandard1.3) (>= netstandard1.4) (< monoandroid) (< win8) (< wpa81)) (&& (< net20) (< netstandard1.3) (>= netstandard1.5) (< monoandroid)) (&& (< net20) (>= netstandard1.4) (< netstandard1.5) (< monoandroid) (< win8) (< wpa81)) (&& (< net20) (>= netstandard1.5) (< netstandard1.6) (< monoandroid)) (&& (>= net45) (>= uap10.0)) (&& (>= net45) (>= netstandard1.6)) (&& (< net45) (>= net46) (< netstandard1.3)) (&& (< net45) (>= net46) (< netstandard1.4)) (&& (< net45) (>= netstandard1.3) (< netstandard1.4) (< monoandroid) (< wpa81)) (&& (< net45) (< netstandard1.3) (>= netstandard1.4) (< monoandroid) (< win8) (< wpa81)) (&& (< net45) (< netstandard1.3) (>= netstandard1.5) (< monoandroid)) (&& (< net45) (>= netstandard1.4) (< netstandard1.5) (< monoandroid) (< wpa81)) (&& (< net45) (< netstandard1.4) (>= netstandard1.5) (< monoandroid)) (&& (< net45) (>= netstandard1.5) (< netstandard1.6) (< monoandroid)) (&& (>= net46) (>= dnxcore50)) (&& (>= net46) (< netstandard1.0) (>= win8)) (&& (>= net46) (< netstandard1.3) (>= wpa81)) (&& (>= net46) (< netstandard1.4) (>= netstandard1.6)) (&& (>= net46) (< netstandard1.4) (>= wpa81)) (&& (>= net46) (>= wp8)) (&& (>= uap10.0) (< uap10.1)) (&& (>= uap10.0) (>= dnxcore50)) (&& (>= uap10.0) (< netstandard1.0)) (&& (>= uap10.0) (< netstandard1.3)) (&& (>= uap10.0) (>= netstandard1.5)) (&& (>= uap10.0) (>= netstandard1.6)) (&& (>= uap10.0) (< win8)) (&& (>= uap10.0) (>= wp8)) (&& (>= dnxcore50) (>= netstandard1.3)) (&& (>= dnxcore50) (>= netstandard1.4)) (&& (>= dnxcore50) (>= netstandard1.5)) (&& (>= dnxcore50) (>= netstandard1.6)) (&& (< netstandard1.0) (>= netstandard1.3) (>= win8)) (&& (< netstandard1.0) (>= netstandard1.4) (>= win8)) (&& (< netstandard1.0) (>= netstandard1.5) (>= win8)) (&& (< netstandard1.0) (>= netstandard1.6) (>= win8)) (&& (>= netstandard1.3) (>= wp8)) (&& (< netstandard1.3) (>= netstandard1.6)) (&& (>= netstandard1.4) (>= wp8)) (&& (< netstandard1.4) (>= netstandard1.6) (< monoandroid)) (&& (>= netstandard1.5) (>= wp8)) (&& (>= netstandard1.5) (>= wpa81)) (&& (< netstandard1.5) (>= netstandard1.6)) (&& (>= netstandard1.6) (< netstandard2.0) (< monotouch) (< xamarintvos) (< xamarinwatchos) (< xamarinios) (< xamarinmac)) (&& (>= netstandard1.6) (>= wp8)) (&& (>= netstandard1.6) (>= wpa81))
      System.Runtime (>= 4.3) - restriction: || (&& (< net46) (>= netstandard1.3) (< netstandard1.6) (< monoandroid)) (>= dnxcore50) (&& (>= netstandard1.6) (< monotouch) (< xamarintvos) (< xamarinwatchos) (< xamarinios) (< xamarinmac))
    System.Buffers (4.4) - restriction: || (&& (< net20) (>= net45) (>= netstandard1.3) (< netstandard1.4)) (&& (< net20) (>= net45) (>= netstandard1.3) (< portable-net451+win81+wpa81)) (&& (< net20) (>= net45) (< netstandard1.3) (>= netstandard1.4)) (&& (< net20) (>= net45) (>= netstandard1.4) (< netstandard1.5)) (&& (< net20) (>= net45) (>= netstandard1.5)) (&& (< net20) (>= net46) (< netstandard1.3)) (&& (< net20) (>= net46) (< netstandard1.4)) (&& (< net20) (>= netstandard1.3) (< netstandard1.4) (< monoandroid) (< win8) (< wpa81)) (&& (< net20) (>= netstandard1.3) (< win8) (< portable-net451+win81+wpa81)) (&& (< net20) (< netstandard1.3) (>= netstandard1.4) (< monoandroid) (< win8) (< wpa81)) (&& (< net20) (< netstandard1.3) (>= netstandard1.5) (< monoandroid)) (&& (< net20) (>= netstandard1.4) (< netstandard1.5) (< monoandroid) (< win8) (< wpa81)) (&& (< net20) (>= netstandard1.5) (< netstandard1.6) (< monoandroid)) (&& (>= net45) (>= uap10.0)) (&& (>= net45) (>= dnxcore50)) (&& (>= net45) (>= netstandard1.6)) (&& (< net45) (>= net46) (< netstandard1.3)) (&& (< net45) (>= net46) (< netstandard1.4)) (&& (< net45) (>= netstandard1.3) (< netstandard1.4) (< monoandroid) (< wpa81)) (&& (< net45) (>= netstandard1.3) (< win8) (< portable-net451+win81+wpa81)) (&& (< net45) (< netstandard1.3) (>= netstandard1.4) (< monoandroid) (< win8) (< wpa81)) (&& (< net45) (< netstandard1.3) (>= netstandard1.5) (< monoandroid)) (&& (< net45) (>= netstandard1.4) (< netstandard1.5) (< monoandroid) (< wpa81)) (&& (< net45) (< netstandard1.4) (>= netstandard1.5) (< monoandroid)) (&& (< net45) (>= netstandard1.5) (< netstandard1.6) (< monoandroid)) (&& (< net45) (>= netstandard1.5) (< portable-net451+win81+wpa81)) (&& (>= net46) (>= dnxcore50)) (&& (>= net46) (< netstandard1.0) (>= win8)) (&& (>= net46) (< netstandard1.3) (>= wpa81)) (&& (>= net46) (< netstandard1.4) (>= netstandard1.6)) (&& (>= net46) (< netstandard1.4) (>= wpa81)) (&& (>= net46) (>= wp8)) (&& (>= uap10.0) (< uap10.1)) (&& (>= uap10.0) (>= dnxcore50)) (&& (>= uap10.0) (< netstandard1.0)) (&& (>= uap10.0) (< netstandard1.3)) (&& (>= uap10.0) (>= netstandard1.5)) (&& (>= uap10.0) (>= netstandard1.6)) (&& (>= uap10.0) (< win8)) (&& (>= uap10.0) (>= wp8)) (&& (>= dnxcore50) (>= netstandard1.1)) (&& (>= dnxcore50) (>= netstandard1.2)) (&& (>= dnxcore50) (>= netstandard1.3)) (&& (>= dnxcore50) (>= netstandard1.4)) (&& (>= dnxcore50) (>= netstandard1.5)) (&& (>= dnxcore50) (>= netstandard1.6)) (&& (>= dnxcore50) (>= wpa81)) (&& (< netstandard1.0) (>= netstandard1.3) (>= win8)) (&& (< netstandard1.0) (>= netstandard1.4) (>= win8)) (&& (< netstandard1.0) (>= netstandard1.5) (>= win8)) (&& (< netstandard1.0) (>= netstandard1.6) (>= win8)) (&& (>= netstandard1.3) (< win8) (>= wpa81) (< portable-net451+win81+wpa81)) (&& (>= netstandard1.3) (>= wp8)) (&& (< netstandard1.3) (>= netstandard1.6)) (&& (>= netstandard1.4) (>= wp8)) (&& (< netstandard1.4) (>= netstandard1.6) (< monoandroid)) (&& (>= netstandard1.5) (>= wp8)) (&& (>= netstandard1.5) (>= wpa81)) (&& (< netstandard1.5) (>= netstandard1.6)) (&& (>= netstandard1.6) (< netstandard2.0) (< monotouch) (< xamarintvos) (< xamarinwatchos) (< xamarinios) (< xamarinmac)) (&& (>= netstandard1.6) (>= wp8)) (&& (>= netstandard1.6) (>= wpa81)) (&& (>= netstandard1.6) (< portable-net451+win81+wpa81))
      System.Diagnostics.Debug (>= 4.3) - restriction: && (>= netstandard1.1) (< netstandard2.0) (< xamarinmac)
      System.Diagnostics.Tracing (>= 4.3) - restriction: && (>= netstandard1.1) (< netstandard2.0) (< xamarinmac)
      System.Resources.ResourceManager (>= 4.3) - restriction: && (>= netstandard1.1) (< netstandard2.0) (< xamarinmac)
      System.Runtime (>= 4.3) - restriction: && (>= netstandard1.1) (< netstandard2.0) (< xamarinmac)
      System.Threading (>= 4.3) - restriction: && (>= netstandard1.1) (< netstandard2.0) (< xamarinmac)
    System.Collections (4.3) - restriction: || (&& (< net20) (>= net45) (>= netstandard1.3)) (&& (< net20) (>= net45) (< netstandard1.3)) (&& (< net20) (>= net45) (>= netstandard1.4)) (&& (< net20) (>= net45) (>= netstandard1.5)) (&& (< net20) (>= net45) (< portable-net45+win8+wpa81)) (&& (< net20) (>= net45) (< portable-net451+win81+wpa81)) (&& (< net20) (>= net46) (< netstandard1.3)) (&& (< net20) (>= net46) (>= netstandard1.4) (< netstandard1.5)) (&& (< net20) (>= net46) (< netstandard1.4)) (&& (< net20) (>= net46) (>= netstandard1.5)) (&& (< net20) (>= net46) (< portable-net451+win81+wpa81)) (&& (< net20) (>= net461) (< netstandard1.3)) (&& (< net20) (>= net461) (< netstandard1.4)) (&& (< net20) (>= net461) (>= netstandard1.5)) (&& (< net20) (>= net461) (< netstandard1.5)) (&& (< net20) (>= net461) (< portable-net451+win81+wpa81)) (&& (< net20) (>= netstandard1.0) (< netstandard1.3) (< monoandroid) (< win8) (< wpa81)) (&& (< net20) (>= netstandard1.1) (< win8) (< portable-net451+win81+wpa81)) (&& (< net20) (>= netstandard1.2) (< netstandard1.3) (< monoandroid) (< win8) (< wpa81)) (&& (< net20) (>= netstandard1.3) (< netstandard1.4) (< monoandroid) (< win8) (< wpa81)) (&& (< net20) (>= netstandard1.3) (< netstandard1.5) (< monoandroid) (< win8) (< wpa81)) (&& (< net20) (>= netstandard1.3) (< monotouch) (< xamarintvos) (< xamarinwatchos) (< xamarinios) (< xamarinmac) (< win8)) (&& (< net20) (>= netstandard1.3) (< win8) (< portable-net451+win81+wpa81)) (&& (< net20) (< netstandard1.3) (>= netstandard1.4) (< monoandroid) (< win8) (< wpa81)) (&& (< net20) (< netstandard1.3) (>= netstandard1.5)) (&& (< net20) (>= netstandard1.4) (< netstandard1.5) (< monoandroid) (< win8) (< wpa81)) (&& (< net20) (>= netstandard1.4) (< monotouch) (< xamarintvos) (< xamarinwatchos) (< xamarinios) (< xamarinmac) (< win8)) (&& (< net20) (>= netstandard1.4) (< win8) (< portable-net451+win81+wpa81)) (&& (< net20) (< netstandard1.4) (>= netstandard1.5) (< monoandroid)) (&& (< net20) (>= netstandard1.5) (< netstandard1.6) (< monoandroid)) (&& (< net20) (>= netstandard1.5) (< monotouch) (< xamarintvos) (< xamarinwatchos) (< xamarinios) (< xamarinmac)) (&& (>= net45) (>= uap10.0)) (&& (>= net45) (>= dnxcore50)) (&& (>= net45) (>= netstandard1.6)) (&& (< net45) (>= net46) (< netstandard1.3)) (&& (< net45) (>= net46) (>= netstandard1.4) (< netstandard1.5)) (&& (< net45) (>= net46) (< netstandard1.4)) (&& (< net45) (>= net46) (>= netstandard1.5)) (&& (< net45) (>= net46) (< portable-net451+win81+wpa81)) (&& (< net45) (>= net461) (< netstandard1.3)) (&& (< net45) (>= net461) (< netstandard1.4)) (&& (< net45) (>= net461) (>= netstandard1.5)) (&& (< net45) (>= net461) (< netstandard1.5)) (&& (< net45) (>= net461) (< portable-net451+win81+wpa81)) (&& (< net45) (>= netstandard1.1) (< portable-net451+win81+wpa81)) (&& (< net45) (>= netstandard1.2) (< netstandard1.3) (< monoandroid) (< wpa81)) (&& (< net45) (>= netstandard1.3) (< netstandard1.4) (< monoandroid) (< wpa81)) (&& (< net45) (>= netstandard1.3) (< win8) (< portable-net451+win81+wpa81)) (&& (< net45) (< netstandard1.3) (>= netstandard1.4) (< monoandroid) (< win8) (< wpa81)) (&& (< net45) (< netstandard1.3) (>= netstandard1.5) (< monoandroid)) (&& (< net45) (>= netstandard1.4) (< netstandard1.5) (< monoandroid) (< wpa81)) (&& (< net45) (>= netstandard1.4) (< win8) (< portable-net451+win81+wpa81)) (&& (< net45) (< netstandard1.4) (>= netstandard1.5) (< monoandroid)) (&& (< net45) (>= netstandard1.5) (< netstandard1.6) (< monoandroid)) (&& (< net45) (>= netstandard1.5) (< portable-net451+win81+wpa81)) (&& (>= net46) (>= uap10.0)) (&& (>= net46) (>= dnxcore50)) (&& (>= net46) (< netstandard1.0) (>= win8)) (&& (>= net46) (< netstandard1.3) (>= wpa81)) (&& (>= net46) (< netstandard1.4) (>= wpa81)) (&& (>= net46) (>= netstandard1.6)) (&& (>= net461) (>= uap10.0)) (&& (>= net461) (>= dnxcore50)) (&& (>= net461) (< netstandard1.0) (>= win8)) (&& (>= net461) (< netstandard1.3) (>= wpa81)) (&& (>= net461) (< netstandard1.4) (>= wpa81)) (&& (>= net461) (>= netstandard1.6)) (&& (>= net463) (>= netstandard1.6)) (&& (>= uap10.0) (< uap10.1)) (&& (>= uap10.0) (>= dnxcore50)) (&& (>= uap10.0) (< netstandard1.0)) (&& (>= uap10.0) (< netstandard1.3)) (&& (>= uap10.0) (< netstandard1.4)) (&& (>= uap10.0) (>= netstandard1.5)) (&& (>= uap10.0) (>= netstandard1.6)) (&& (>= uap10.0) (< win8)) (&& (>= dnxcore50) (>= netstandard1.0)) (&& (>= dnxcore50) (>= netstandard1.1)) (&& (>= dnxcore50) (>= netstandard1.2)) (&& (>= dnxcore50) (>= netstandard1.3)) (&& (>= dnxcore50) (>= netstandard1.4)) (&& (>= dnxcore50) (>= netstandard1.5)) (&& (>= dnxcore50) (>= netstandard1.6)) (&& (>= dnxcore50) (>= wpa81)) (&& (>= netstandard1.0) (< portable-net45+win8+wpa81)) (&& (< netstandard1.0) (>= netstandard1.3) (>= win8)) (&& (< netstandard1.0) (>= netstandard1.4) (>= win8)) (&& (< netstandard1.0) (>= netstandard1.5) (>= win8)) (&& (< netstandard1.0) (>= netstandard1.6) (>= win8)) (&& (>= netstandard1.1) (< portable-net45+win8+wpa81)) (&& (>= netstandard1.3) (>= wpa81)) (&& (>= netstandard1.3) (< portable-net45+win8+wpa81)) (&& (< netstandard1.3) (>= netstandard1.6)) (&& (>= netstandard1.4) (>= wpa81)) (&& (< netstandard1.4) (>= netstandard1.6) (< monoandroid)) (&& (>= netstandard1.5) (>= wpa81)) (&& (>= netstandard1.5) (< portable-net45+win8+wpa81)) (&& (< netstandard1.5) (>= netstandard1.6)) (&& (>= netstandard1.6) (< monotouch) (< xamarintvos) (< xamarinwatchos) (< xamarinios) (< xamarinmac)) (&& (>= netstandard1.6) (>= wpa81)) (&& (>= netstandard1.6) (< portable-net45+win8+wpa81)) (&& (>= netstandard1.6) (< portable-net451+win81+wpa81)) (>= wp8) (&& (>= wpa81) (< portable-net45+win8+wpa81)) (&& (>= wpa81) (< portable-net451+win81+wpa81))
      Microsoft.NETCore.Platforms (>= 1.1) - restriction: || (&& (< net45) (>= netstandard1.0) (< netstandard1.3) (< monoandroid) (< win8) (< wp8) (< wpa81)) (&& (< net45) (>= netstandard1.3) (< monotouch) (< xamarintvos) (< xamarinwatchos) (< xamarinios) (< xamarinmac) (< win8) (< wpa81)) (>= dnxcore50)
      Microsoft.NETCore.Targets (>= 1.1) - restriction: || (&& (< net45) (>= netstandard1.0) (< netstandard1.3) (< monoandroid) (< win8) (< wp8) (< wpa81)) (&& (< net45) (>= netstandard1.3) (< monotouch) (< xamarintvos) (< xamarinwatchos) (< xamarinios) (< xamarinmac) (< win8) (< wpa81)) (>= dnxcore50)
      System.Runtime (>= 4.3) - restriction: || (&& (< net45) (>= netstandard1.0) (< netstandard1.3) (< monoandroid) (< win8) (< wp8) (< wpa81)) (&& (< net45) (>= netstandard1.3) (< monotouch) (< xamarintvos) (< xamarinwatchos) (< xamarinios) (< xamarinmac) (< win8) (< wpa81)) (>= dnxcore50)
    System.Collections.Concurrent (4.3) - restriction: || (&& (< net20) (>= net45) (>= netstandard1.2) (< netstandard1.3)) (&& (< net20) (>= net45) (>= netstandard1.3) (< netstandard1.4)) (&& (< net20) (>= net45) (< netstandard1.3) (>= netstandard1.4)) (&& (< net20) (>= net45) (>= netstandard1.4) (< netstandard1.5)) (&& (< net20) (>= net45) (>= netstandard1.5)) (&& (< net20) (>= net45) (< portable-net451+win81+wpa81)) (&& (< net20) (>= net46) (< netstandard1.3)) (&& (< net20) (>= net46) (>= netstandard1.4) (< netstandard1.5)) (&& (< net20) (>= net46) (< netstandard1.4)) (&& (< net20) (>= net46) (>= netstandard1.5)) (&& (< net20) (>= net46) (< portable-net451+win81+wpa81)) (&& (< net20) (>= net461) (< netstandard1.3)) (&& (< net20) (>= net461) (< netstandard1.4)) (&& (< net20) (>= net461) (>= netstandard1.5)) (&& (< net20) (>= net461) (< netstandard1.5)) (&& (< net20) (>= net461) (< portable-net451+win81+wpa81)) (&& (< net20) (>= netstandard1.1) (< win8) (< portable-net451+win81+wpa81)) (&& (< net20) (>= netstandard1.2) (< netstandard1.3) (< monoandroid) (< win8) (< wpa81)) (&& (< net20) (>= netstandard1.3) (< netstandard1.4) (< monoandroid) (< win8) (< wpa81)) (&& (< net20) (>= netstandard1.3) (< win8) (< portable-net451+win81+wpa81)) (&& (< net20) (< netstandard1.3) (>= netstandard1.4) (< monoandroid) (< win8) (< wpa81)) (&& (< net20) (< netstandard1.3) (>= netstandard1.5) (< monoandroid)) (&& (< net20) (>= netstandard1.4) (< netstandard1.5) (< monoandroid) (< win8) (< wpa81)) (&& (< net20) (>= netstandard1.4) (< win8) (< portable-net451+win81+wpa81)) (&& (< net20) (< netstandard1.4) (>= netstandard1.5) (< monoandroid)) (&& (< net20) (>= netstandard1.5) (< netstandard1.6) (< monoandroid)) (&& (>= net45) (>= uap10.0)) (&& (>= net45) (>= dnxcore50)) (&& (>= net45) (>= netstandard1.6)) (&& (< net45) (>= net46) (< netstandard1.3)) (&& (< net45) (>= net46) (>= netstandard1.4) (< netstandard1.5)) (&& (< net45) (>= net46) (< netstandard1.4)) (&& (< net45) (>= net46) (>= netstandard1.5)) (&& (< net45) (>= net46) (< portable-net451+win81+wpa81)) (&& (< net45) (>= net461) (< netstandard1.3)) (&& (< net45) (>= net461) (< netstandard1.4)) (&& (< net45) (>= net461) (>= netstandard1.5)) (&& (< net45) (>= net461) (< netstandard1.5)) (&& (< net45) (>= net461) (< portable-net451+win81+wpa81)) (&& (< net45) (>= netstandard1.1) (< portable-net451+win81+wpa81)) (&& (< net45) (>= netstandard1.2) (< netstandard1.3) (< monoandroid) (< wpa81)) (&& (< net45) (>= netstandard1.3) (< netstandard1.4) (< monoandroid) (< wpa81)) (&& (< net45) (>= netstandard1.3) (< win8) (< portable-net451+win81+wpa81)) (&& (< net45) (< netstandard1.3) (>= netstandard1.4) (< monoandroid) (< win8) (< wpa81)) (&& (< net45) (< netstandard1.3) (>= netstandard1.5) (< monoandroid)) (&& (< net45) (>= netstandard1.4) (< netstandard1.5) (< monoandroid) (< wpa81)) (&& (< net45) (>= netstandard1.4) (< win8) (< portable-net451+win81+wpa81)) (&& (< net45) (< netstandard1.4) (>= netstandard1.5) (< monoandroid)) (&& (< net45) (>= netstandard1.5) (< netstandard1.6) (< monoandroid)) (&& (< net45) (>= netstandard1.5) (< portable-net451+win81+wpa81)) (&& (>= net46) (>= uap10.0)) (&& (>= net46) (>= dnxcore50)) (&& (>= net46) (< netstandard1.0) (>= win8)) (&& (>= net46) (< netstandard1.3) (>= wpa81)) (&& (>= net46) (< netstandard1.4) (>= wpa81)) (&& (>= net46) (>= netstandard1.6)) (&& (>= net46) (>= wp8)) (&& (>= net461) (>= uap10.0)) (&& (>= net461) (>= dnxcore50)) (&& (>= net461) (< netstandard1.0) (>= win8)) (&& (>= net461) (< netstandard1.3) (>= wpa81)) (&& (>= net461) (< netstandard1.4) (>= wpa81)) (&& (>= net461) (>= netstandard1.6)) (&& (>= net461) (>= wp8)) (&& (>= net463) (>= netstandard1.6)) (&& (>= uap10.0) (< uap10.1)) (&& (>= uap10.0) (>= dnxcore50)) (&& (>= uap10.0) (< netstandard1.0)) (&& (>= uap10.0) (< netstandard1.3)) (&& (>= uap10.0) (< netstandard1.4)) (&& (>= uap10.0) (>= netstandard1.5)) (&& (>= uap10.0) (>= netstandard1.6)) (&& (>= uap10.0) (< win8)) (&& (>= uap10.0) (>= wp8)) (&& (>= dnxcore50) (>= netstandard1.1)) (&& (>= dnxcore50) (>= netstandard1.2)) (&& (>= dnxcore50) (>= netstandard1.3)) (&& (>= dnxcore50) (>= netstandard1.4)) (&& (>= dnxcore50) (>= netstandard1.5)) (&& (>= dnxcore50) (>= netstandard1.6)) (&& (>= dnxcore50) (>= wpa81)) (&& (< netstandard1.0) (>= netstandard1.3) (>= win8)) (&& (< netstandard1.0) (>= netstandard1.4) (>= win8)) (&& (< netstandard1.0) (>= netstandard1.5) (>= win8)) (&& (< netstandard1.0) (>= netstandard1.6) (>= win8)) (&& (>= netstandard1.1) (>= wp8)) (&& (>= netstandard1.2) (>= wp8)) (&& (>= netstandard1.3) (>= wp8)) (&& (< netstandard1.3) (>= netstandard1.6)) (&& (>= netstandard1.4) (>= wp8)) (&& (< netstandard1.4) (>= netstandard1.6) (< monoandroid)) (&& (>= netstandard1.5) (>= wp8)) (&& (>= netstandard1.5) (>= wpa81)) (&& (< netstandard1.5) (>= netstandard1.6)) (&& (>= netstandard1.6) (< monotouch) (< xamarintvos) (< xamarinwatchos) (< xamarinios) (< xamarinmac)) (&& (>= netstandard1.6) (>= wp8)) (&& (>= netstandard1.6) (>= wpa81)) (&& (>= netstandard1.6) (< portable-net451+win81+wpa81)) (&& (>= wpa81) (< portable-net451+win81+wpa81))
      System.Collections (>= 4.3) - restriction: || (&& (< net45) (>= netstandard1.3) (< monotouch) (< xamarintvos) (< xamarinwatchos) (< xamarinios) (< xamarinmac) (< win8) (< wpa81)) (>= dnxcore50)
      System.Diagnostics.Debug (>= 4.3) - restriction: || (&& (< net45) (>= netstandard1.3) (< monotouch) (< xamarintvos) (< xamarinwatchos) (< xamarinios) (< xamarinmac) (< win8) (< wpa81)) (>= dnxcore50)
      System.Diagnostics.Tracing (>= 4.3) - restriction: || (&& (< net45) (>= netstandard1.3) (< monotouch) (< xamarintvos) (< xamarinwatchos) (< xamarinios) (< xamarinmac) (< win8) (< wpa81)) (>= dnxcore50)
      System.Globalization (>= 4.3) - restriction: || (&& (< net45) (>= netstandard1.3) (< monotouch) (< xamarintvos) (< xamarinwatchos) (< xamarinios) (< xamarinmac) (< win8) (< wpa81)) (>= dnxcore50)
      System.Reflection (>= 4.3) - restriction: && (< net45) (>= netstandard1.3) (< monotouch) (< xamarintvos) (< xamarinwatchos) (< xamarinios) (< xamarinmac) (< win8) (< wpa81)
      System.Resources.ResourceManager (>= 4.3) - restriction: || (&& (< net45) (>= netstandard1.3) (< monotouch) (< xamarintvos) (< xamarinwatchos) (< xamarinios) (< xamarinmac) (< win8) (< wpa81)) (>= dnxcore50)
      System.Runtime (>= 4.3) - restriction: || (&& (< net45) (>= netstandard1.1) (< netstandard1.3) (< monoandroid) (< win8) (< wpa81)) (&& (< net45) (>= netstandard1.3) (< monotouch) (< xamarintvos) (< xamarinwatchos) (< xamarinios) (< xamarinmac) (< win8) (< wpa81)) (>= dnxcore50)
      System.Runtime.Extensions (>= 4.3) - restriction: || (&& (< net45) (>= netstandard1.3) (< monotouch) (< xamarintvos) (< xamarinwatchos) (< xamarinios) (< xamarinmac) (< win8) (< wpa81)) (>= dnxcore50)
      System.Threading (>= 4.3) - restriction: || (&& (< net45) (>= netstandard1.3) (< monotouch) (< xamarintvos) (< xamarinwatchos) (< xamarinios) (< xamarinmac) (< win8) (< wpa81)) (>= dnxcore50)
      System.Threading.Tasks (>= 4.3) - restriction: || (&& (< net45) (>= netstandard1.1) (< netstandard1.3) (< monoandroid) (< win8) (< wpa81)) (&& (< net45) (>= netstandard1.3) (< monotouch) (< xamarintvos) (< xamarinwatchos) (< xamarinios) (< xamarinmac) (< win8) (< wpa81)) (>= dnxcore50)
    System.Collections.NonGeneric (4.3) - restriction: || (&& (< net20) (>= net45) (>= netstandard1.5)) (&& (< net20) (>= net462)) (&& (< net20) (< netstandard1.3) (>= netstandard1.5)) (&& (< net20) (>= netstandard1.5) (< monotouch) (< xamarintvos) (< xamarinwatchos) (< xamarinios) (< xamarinmac)) (&& (>= net462) (< netstandard1.0) (>= win8)) (&& (>= net462) (>= wp8)) (&& (>= net462) (>= wpa81)) (&& (< netstandard1.0) (>= netstandard1.5) (>= win8)) (&& (>= netstandard1.5) (>= wp8)) (&& (>= netstandard1.5) (>= wpa81))
      System.Diagnostics.Debug (>= 4.3) - restriction: && (< net46) (>= netstandard1.3) (< monotouch) (< xamarintvos) (< xamarinwatchos) (< xamarinios) (< xamarinmac)
      System.Globalization (>= 4.3) - restriction: && (< net46) (>= netstandard1.3) (< monotouch) (< xamarintvos) (< xamarinwatchos) (< xamarinios) (< xamarinmac)
      System.Resources.ResourceManager (>= 4.3) - restriction: && (< net46) (>= netstandard1.3) (< monotouch) (< xamarintvos) (< xamarinwatchos) (< xamarinios) (< xamarinmac)
      System.Runtime (>= 4.3) - restriction: && (< net46) (>= netstandard1.3) (< monotouch) (< xamarintvos) (< xamarinwatchos) (< xamarinios) (< xamarinmac)
      System.Runtime.Extensions (>= 4.3) - restriction: && (< net46) (>= netstandard1.3) (< monotouch) (< xamarintvos) (< xamarinwatchos) (< xamarinios) (< xamarinmac)
      System.Threading (>= 4.3) - restriction: && (< net46) (>= netstandard1.3) (< monotouch) (< xamarintvos) (< xamarinwatchos) (< xamarinios) (< xamarinmac)
    System.Collections.Specialized (4.3) - restriction: || (&& (< net20) (>= net45) (>= netstandard1.5)) (&& (< net20) (< netstandard1.3) (>= netstandard1.5)) (&& (< net20) (>= netstandard1.5) (< monotouch) (< xamarintvos) (< xamarinwatchos) (< xamarinios) (< xamarinmac)) (&& (< netstandard1.0) (>= netstandard1.5) (>= win8)) (&& (>= netstandard1.5) (>= wp8)) (&& (>= netstandard1.5) (>= wpa81))
      System.Collections.NonGeneric (>= 4.3) - restriction: && (< net46) (>= netstandard1.3) (< monotouch) (< xamarintvos) (< xamarinwatchos) (< xamarinios) (< xamarinmac)
      System.Globalization (>= 4.3) - restriction: && (< net46) (>= netstandard1.3) (< monotouch) (< xamarintvos) (< xamarinwatchos) (< xamarinios) (< xamarinmac)
      System.Globalization.Extensions (>= 4.3) - restriction: && (< net46) (>= netstandard1.3) (< monotouch) (< xamarintvos) (< xamarinwatchos) (< xamarinios) (< xamarinmac)
      System.Resources.ResourceManager (>= 4.3) - restriction: && (< net46) (>= netstandard1.3) (< monotouch) (< xamarintvos) (< xamarinwatchos) (< xamarinios) (< xamarinmac)
      System.Runtime (>= 4.3) - restriction: && (< net46) (>= netstandard1.3) (< monotouch) (< xamarintvos) (< xamarinwatchos) (< xamarinios) (< xamarinmac)
      System.Runtime.Extensions (>= 4.3) - restriction: && (< net46) (>= netstandard1.3) (< monotouch) (< xamarintvos) (< xamarinwatchos) (< xamarinios) (< xamarinmac)
      System.Threading (>= 4.3) - restriction: && (< net46) (>= netstandard1.3) (< monotouch) (< xamarintvos) (< xamarinwatchos) (< xamarinios) (< xamarinmac)
    System.ComponentModel (4.3) - restriction: || (&& (< net20) (>= net45) (>= netstandard1.3) (< netstandard1.5)) (&& (< net20) (>= net45) (< netstandard1.3)) (&& (< net20) (>= net45) (>= netstandard1.5)) (&& (< net20) (>= netstandard1.0) (< netstandard1.3) (< monoandroid) (< win8) (< wp8) (< wpa81)) (&& (< net20) (>= netstandard1.3) (< netstandard1.5) (< monoandroid) (< win8) (< wpa81)) (&& (< net20) (< netstandard1.3) (>= netstandard1.5)) (&& (< net20) (>= netstandard1.5) (< monotouch) (< xamarintvos) (< xamarinwatchos) (< xamarinios) (< xamarinmac)) (&& (< netstandard1.0) (>= netstandard1.5) (>= win8)) (&& (>= netstandard1.5) (>= wp8)) (&& (>= netstandard1.5) (>= wpa81))
      System.Runtime (>= 4.3) - restriction: || (&& (< net45) (>= netstandard1.0) (< netstandard1.3) (< monoandroid) (< win8) (< wp8) (< wpa81)) (&& (< net45) (>= netstandard1.3) (< monotouch) (< xamarintvos) (< xamarinwatchos) (< xamarinios) (< xamarinmac) (< win8) (< wpa81)) (>= dnxcore50)
    System.ComponentModel.Primitives (4.3) - restriction: || (&& (< net20) (>= net45) (>= netstandard1.3) (< netstandard1.5)) (&& (< net20) (>= net45) (< netstandard1.3)) (&& (< net20) (>= net45) (>= netstandard1.5)) (&& (< net20) (>= net462)) (&& (< net20) (>= netstandard1.0) (< netstandard1.3) (< monoandroid) (< win8)) (&& (< net20) (>= netstandard1.3) (< netstandard1.5) (< monoandroid) (< win8)) (&& (< net20) (< netstandard1.3) (>= netstandard1.5)) (&& (< net20) (>= netstandard1.5) (< monotouch) (< xamarintvos) (< xamarinwatchos) (< xamarinios) (< xamarinmac)) (&& (>= net45) (< netstandard1.0) (>= win8)) (&& (>= net462) (< netstandard1.0) (>= win8)) (&& (>= net462) (>= wpa81)) (&& (< netstandard1.0) (>= netstandard1.3) (>= win8)) (&& (< netstandard1.0) (>= netstandard1.5) (>= win8)) (&& (< netstandard1.0) (>= win8) (>= wpa81)) (&& (>= netstandard1.3) (>= wpa81)) (&& (< netstandard1.3) (>= wpa81)) (&& (>= netstandard1.5) (>= wpa81)) (>= wp8)
      System.ComponentModel (>= 4.3) - restriction: && (< net45) (>= netstandard1.0) (< monotouch) (< xamarintvos) (< xamarinwatchos) (< xamarinios) (< xamarinmac) (< win8) (< wp8) (< wpa81)
      System.Resources.ResourceManager (>= 4.3) - restriction: && (< net45) (>= netstandard1.0) (< monotouch) (< xamarintvos) (< xamarinwatchos) (< xamarinios) (< xamarinmac) (< win8) (< wp8) (< wpa81)
      System.Runtime (>= 4.3) - restriction: && (< net45) (>= netstandard1.0) (< monotouch) (< xamarintvos) (< xamarinwatchos) (< xamarinios) (< xamarinmac) (< win8) (< wp8) (< wpa81)
    System.ComponentModel.TypeConverter (4.3) - restriction: || (&& (< net20) (>= net45) (>= netstandard1.3)) (&& (< net20) (>= net45) (< netstandard1.3)) (&& (< net20) (>= netstandard1.0) (< netstandard1.3) (< win8)) (&& (< net20) (>= netstandard1.3) (< win8)) (&& (< netstandard1.0) (>= netstandard1.3) (>= win8)) (&& (>= netstandard1.3) (>= wpa81)) (&& (< netstandard1.3) (>= wpa81)) (>= wp8)
      System.Collections (>= 4.3) - restriction: || (&& (< net45) (>= netstandard1.0) (< netstandard1.5) (< monoandroid) (< win8) (< wp8) (< wpa81)) (&& (< net45) (>= netstandard1.5) (< monotouch) (< xamarintvos) (< xamarinwatchos) (< xamarinios) (< xamarinmac))
      System.Collections.NonGeneric (>= 4.3) - restriction: || (&& (< net45) (>= netstandard1.5) (< monotouch) (< xamarintvos) (< xamarinwatchos) (< xamarinios) (< xamarinmac)) (>= net462)
      System.Collections.Specialized (>= 4.3) - restriction: && (< net45) (>= netstandard1.5) (< monotouch) (< xamarintvos) (< xamarinwatchos) (< xamarinios) (< xamarinmac)
      System.ComponentModel (>= 4.3) - restriction: || (&& (< net45) (>= netstandard1.0) (< netstandard1.5) (< monoandroid) (< win8) (< wp8) (< wpa81)) (&& (< net45) (>= netstandard1.5) (< monotouch) (< xamarintvos) (< xamarinwatchos) (< xamarinios) (< xamarinmac))
      System.ComponentModel.Primitives (>= 4.3) - restriction: || (&& (>= net45) (< netstandard1.5)) (&& (< net45) (>= netstandard1.0) (< netstandard1.5) (< monoandroid) (< win8)) (&& (< net45) (>= netstandard1.5) (< monotouch) (< xamarintvos) (< xamarinwatchos) (< xamarinios) (< xamarinmac)) (>= net462) (&& (< netstandard1.0) (>= win8)) (>= wp8) (>= wpa81)
      System.Globalization (>= 4.3) - restriction: || (&& (< net45) (>= netstandard1.0) (< netstandard1.5) (< monoandroid) (< win8) (< wp8) (< wpa81)) (&& (< net45) (>= netstandard1.5) (< monotouch) (< xamarintvos) (< xamarinwatchos) (< xamarinios) (< xamarinmac))
      System.Linq (>= 4.3) - restriction: && (< net45) (>= netstandard1.5) (< monotouch) (< xamarintvos) (< xamarinwatchos) (< xamarinios) (< xamarinmac)
      System.Reflection (>= 4.3) - restriction: || (&& (< net45) (>= netstandard1.0) (< netstandard1.5) (< monoandroid) (< win8) (< wp8) (< wpa81)) (&& (< net45) (>= netstandard1.5) (< monotouch) (< xamarintvos) (< xamarinwatchos) (< xamarinios) (< xamarinmac))
      System.Reflection.Extensions (>= 4.3) - restriction: || (&& (< net45) (>= netstandard1.0) (< netstandard1.5) (< monoandroid) (< win8) (< wp8) (< wpa81)) (&& (< net45) (>= netstandard1.5) (< monotouch) (< xamarintvos) (< xamarinwatchos) (< xamarinios) (< xamarinmac))
      System.Reflection.Primitives (>= 4.3) - restriction: || (&& (< net45) (>= netstandard1.0) (< netstandard1.5) (< monoandroid) (< win8) (< wp8) (< wpa81)) (&& (< net45) (>= netstandard1.5) (< monotouch) (< xamarintvos) (< xamarinwatchos) (< xamarinios) (< xamarinmac))
      System.Reflection.TypeExtensions (>= 4.3) - restriction: && (< net45) (>= netstandard1.5) (< monotouch) (< xamarintvos) (< xamarinwatchos) (< xamarinios) (< xamarinmac)
      System.Resources.ResourceManager (>= 4.3) - restriction: || (&& (< net45) (>= netstandard1.0) (< netstandard1.5) (< monoandroid) (< win8) (< wp8) (< wpa81)) (&& (< net45) (>= netstandard1.5) (< monotouch) (< xamarintvos) (< xamarinwatchos) (< xamarinios) (< xamarinmac))
      System.Runtime (>= 4.3) - restriction: || (&& (< net45) (>= netstandard1.0) (< netstandard1.5) (< monoandroid) (< win8) (< wp8) (< wpa81)) (&& (< net45) (>= netstandard1.5) (< monotouch) (< xamarintvos) (< xamarinwatchos) (< xamarinios) (< xamarinmac))
      System.Runtime.Extensions (>= 4.3) - restriction: || (&& (< net45) (>= netstandard1.0) (< netstandard1.5) (< monoandroid) (< win8) (< wp8) (< wpa81)) (&& (< net45) (>= netstandard1.5) (< monotouch) (< xamarintvos) (< xamarinwatchos) (< xamarinios) (< xamarinmac))
      System.Threading (>= 4.3) - restriction: || (&& (< net45) (>= netstandard1.0) (< netstandard1.5) (< monoandroid) (< win8) (< wp8) (< wpa81)) (&& (< net45) (>= netstandard1.5) (< monotouch) (< xamarintvos) (< xamarinwatchos) (< xamarinios) (< xamarinmac))
    System.Console (4.3) - restriction: || (&& (< net20) (>= net45) (>= netstandard1.3) (< netstandard1.4)) (&& (< net20) (>= net45) (< netstandard1.3) (>= netstandard1.4)) (&& (< net20) (>= net45) (>= netstandard1.4) (< netstandard1.5)) (&& (< net20) (>= net45) (>= netstandard1.5)) (&& (< net20) (>= net46) (< netstandard1.3)) (&& (< net20) (>= net46) (< netstandard1.4)) (&& (< net20) (>= netstandard1.3) (< netstandard1.4) (< monoandroid) (< win8) (< wpa81)) (&& (< net20) (< netstandard1.3) (>= netstandard1.4) (< monoandroid) (< win8) (< wpa81)) (&& (< net20) (< netstandard1.3) (>= netstandard1.5) (< monoandroid)) (&& (< net20) (>= netstandard1.4) (< netstandard1.5) (< monoandroid) (< win8) (< wpa81)) (&& (< net20) (>= netstandard1.5) (< netstandard1.6) (< monoandroid)) (&& (>= net45) (>= uap10.0)) (&& (>= net45) (>= netstandard1.6)) (&& (< net45) (>= net46) (< netstandard1.3)) (&& (< net45) (>= net46) (< netstandard1.4)) (&& (< net45) (>= netstandard1.3) (< netstandard1.4) (< monoandroid) (< wpa81)) (&& (< net45) (< netstandard1.3) (>= netstandard1.4) (< monoandroid) (< win8) (< wpa81)) (&& (< net45) (< netstandard1.3) (>= netstandard1.5) (< monoandroid)) (&& (< net45) (>= netstandard1.4) (< netstandard1.5) (< monoandroid) (< wpa81)) (&& (< net45) (< netstandard1.4) (>= netstandard1.5) (< monoandroid)) (&& (< net45) (>= netstandard1.5) (< netstandard1.6) (< monoandroid)) (&& (>= net46) (>= dnxcore50)) (&& (>= net46) (< netstandard1.0) (>= win8)) (&& (>= net46) (< netstandard1.3) (>= wpa81)) (&& (>= net46) (< netstandard1.4) (>= netstandard1.6)) (&& (>= net46) (< netstandard1.4) (>= wpa81)) (&& (>= net46) (>= wp8)) (&& (>= uap10.0) (< uap10.1)) (&& (>= uap10.0) (>= dnxcore50)) (&& (>= uap10.0) (< netstandard1.0)) (&& (>= uap10.0) (< netstandard1.3)) (&& (>= uap10.0) (>= netstandard1.5)) (&& (>= uap10.0) (>= netstandard1.6)) (&& (>= uap10.0) (< win8)) (&& (>= uap10.0) (>= wp8)) (&& (>= dnxcore50) (>= netstandard1.3)) (&& (>= dnxcore50) (>= netstandard1.4)) (&& (>= dnxcore50) (>= netstandard1.5)) (&& (>= dnxcore50) (>= netstandard1.6)) (&& (< netstandard1.0) (>= netstandard1.3) (>= win8)) (&& (< netstandard1.0) (>= netstandard1.4) (>= win8)) (&& (< netstandard1.0) (>= netstandard1.5) (>= win8)) (&& (< netstandard1.0) (>= netstandard1.6) (>= win8)) (&& (>= netstandard1.3) (>= wp8)) (&& (< netstandard1.3) (>= netstandard1.6)) (&& (>= netstandard1.4) (>= wp8)) (&& (< netstandard1.4) (>= netstandard1.6) (< monoandroid)) (&& (>= netstandard1.5) (>= wp8)) (&& (>= netstandard1.5) (>= wpa81)) (&& (< netstandard1.5) (>= netstandard1.6)) (&& (>= netstandard1.6) (< netstandard2.0) (< monotouch) (< xamarintvos) (< xamarinwatchos) (< xamarinios) (< xamarinmac)) (&& (>= netstandard1.6) (>= wp8)) (&& (>= netstandard1.6) (>= wpa81))
      Microsoft.NETCore.Platforms (>= 1.1) - restriction: && (< net46) (>= netstandard1.3) (< monotouch) (< xamarintvos) (< xamarinwatchos) (< xamarinios) (< xamarinmac)
      Microsoft.NETCore.Targets (>= 1.1) - restriction: && (< net46) (>= netstandard1.3) (< monotouch) (< xamarintvos) (< xamarinwatchos) (< xamarinios) (< xamarinmac)
      System.IO (>= 4.3) - restriction: && (< net46) (>= netstandard1.3) (< monotouch) (< xamarintvos) (< xamarinwatchos) (< xamarinios) (< xamarinmac)
      System.Runtime (>= 4.3) - restriction: && (< net46) (>= netstandard1.3) (< monotouch) (< xamarintvos) (< xamarinwatchos) (< xamarinios) (< xamarinmac)
      System.Text.Encoding (>= 4.3) - restriction: && (< net46) (>= netstandard1.3) (< monotouch) (< xamarintvos) (< xamarinwatchos) (< xamarinios) (< xamarinmac)
    System.Diagnostics.Debug (4.3) - restriction: || (&& (< net20) (>= net45) (>= netstandard1.2) (< netstandard1.3)) (&& (< net20) (>= net45) (>= netstandard1.3)) (&& (< net20) (>= net45) (< netstandard1.3) (>= netstandard1.4)) (&& (< net20) (>= net45) (>= netstandard1.4) (< netstandard1.5)) (&& (< net20) (>= net45) (>= netstandard1.5)) (&& (< net20) (>= net45) (< portable-net45+win8+wpa81)) (&& (< net20) (>= net45) (< portable-net451+win81+wpa81)) (&& (< net20) (>= net46) (< netstandard1.3)) (&& (< net20) (>= net46) (< netstandard1.4)) (&& (< net20) (>= net461) (< netstandard1.3)) (&& (< net20) (>= net461) (< netstandard1.4)) (&& (< net20) (>= net461) (>= netstandard1.5)) (&& (< net20) (>= net461) (< netstandard1.5)) (&& (< net20) (>= net462)) (&& (< net20) (>= netstandard1.1) (< win8) (< portable-net451+win81+wpa81)) (&& (< net20) (>= netstandard1.2) (< netstandard1.3) (< monoandroid) (< win8) (< wpa81)) (&& (< net20) (>= netstandard1.3) (< netstandard1.4) (< monoandroid) (< win8) (< wpa81)) (&& (< net20) (>= netstandard1.3) (< monotouch) (< xamarintvos) (< xamarinwatchos) (< xamarinios) (< xamarinmac) (< win8)) (&& (< net20) (>= netstandard1.3) (< win8) (< portable-net451+win81+wpa81)) (&& (< net20) (< netstandard1.3) (>= netstandard1.4) (< monoandroid) (< win8) (< wpa81)) (&& (< net20) (< netstandard1.3) (>= netstandard1.5)) (&& (< net20) (>= netstandard1.4) (< netstandard1.5) (< monoandroid) (< win8) (< wpa81)) (&& (< net20) (< netstandard1.4) (>= netstandard1.5) (< monoandroid)) (&& (< net20) (>= netstandard1.5) (< netstandard1.6) (< monoandroid)) (&& (< net20) (>= netstandard1.5) (< monotouch) (< xamarintvos) (< xamarinwatchos) (< xamarinios) (< xamarinmac)) (&& (>= net45) (>= uap10.0)) (&& (>= net45) (>= dnxcore50)) (&& (>= net45) (>= netstandard1.6)) (&& (< net45) (>= net46) (< netstandard1.3)) (&& (< net45) (>= net46) (>= netstandard1.4) (< netstandard1.5)) (&& (< net45) (>= net46) (< netstandard1.4)) (&& (< net45) (>= net46) (>= netstandard1.5)) (&& (< net45) (>= net46) (< portable-net451+win81+wpa81)) (&& (< net45) (>= net461) (< netstandard1.3)) (&& (< net45) (>= net461) (< netstandard1.4)) (&& (< net45) (>= net461) (>= netstandard1.5)) (&& (< net45) (>= net461) (< netstandard1.5)) (&& (< net45) (>= net461) (< portable-net451+win81+wpa81)) (&& (< net45) (>= netstandard1.1) (< portable-net451+win81+wpa81)) (&& (< net45) (>= netstandard1.2) (< netstandard1.3) (< monoandroid) (< wpa81)) (&& (< net45) (>= netstandard1.3) (< netstandard1.4) (< monoandroid) (< wpa81)) (&& (< net45) (>= netstandard1.3) (< win8) (< portable-net451+win81+wpa81)) (&& (< net45) (< netstandard1.3) (>= netstandard1.4) (< monoandroid) (< win8) (< wpa81)) (&& (< net45) (< netstandard1.3) (>= netstandard1.5) (< monoandroid)) (&& (< net45) (>= netstandard1.4) (< netstandard1.5) (< monoandroid) (< wpa81)) (&& (< net45) (>= netstandard1.4) (< win8) (< portable-net451+win81+wpa81)) (&& (< net45) (< netstandard1.4) (>= netstandard1.5) (< monoandroid)) (&& (< net45) (>= netstandard1.5) (< netstandard1.6) (< monoandroid)) (&& (< net45) (>= netstandard1.5) (< portable-net451+win81+wpa81)) (&& (>= net46) (>= uap10.0)) (&& (>= net46) (>= dnxcore50)) (&& (>= net46) (< netstandard1.0) (>= win8)) (&& (>= net46) (< netstandard1.3) (>= wpa81)) (&& (>= net46) (< netstandard1.4) (>= wpa81)) (&& (>= net46) (>= netstandard1.6)) (&& (>= net461) (>= uap10.0)) (&& (>= net461) (>= dnxcore50)) (&& (>= net461) (< netstandard1.0) (>= win8)) (&& (>= net461) (< netstandard1.3) (>= wpa81)) (&& (>= net461) (< netstandard1.4) (>= wpa81)) (&& (>= net461) (>= netstandard1.6)) (&& (>= net462) (< netstandard1.0) (>= win8)) (&& (>= net462) (>= wpa81)) (&& (>= net463) (>= netstandard1.6)) (&& (>= uap10.0) (< uap10.1)) (&& (>= uap10.0) (>= dnxcore50)) (&& (>= uap10.0) (< netstandard1.0)) (&& (>= uap10.0) (< netstandard1.3)) (&& (>= uap10.0) (< netstandard1.4)) (&& (>= uap10.0) (>= netstandard1.5)) (&& (>= uap10.0) (>= netstandard1.6)) (&& (>= uap10.0) (< win8)) (&& (>= dnxcore50) (>= netstandard1.0)) (&& (>= dnxcore50) (>= netstandard1.1)) (&& (>= dnxcore50) (>= netstandard1.2)) (&& (>= dnxcore50) (>= netstandard1.3)) (&& (>= dnxcore50) (>= netstandard1.4)) (&& (>= dnxcore50) (>= netstandard1.5)) (&& (>= dnxcore50) (>= netstandard1.6)) (&& (>= dnxcore50) (>= wpa81)) (&& (>= netstandard1.0) (< portable-net45+win8+wpa81)) (&& (< netstandard1.0) (>= netstandard1.3) (>= win8)) (&& (< netstandard1.0) (>= netstandard1.4) (>= win8)) (&& (< netstandard1.0) (>= netstandard1.5) (>= win8)) (&& (< netstandard1.0) (>= netstandard1.6) (>= win8)) (&& (>= netstandard1.1) (< portable-net45+win8+wpa81)) (&& (>= netstandard1.3) (>= wpa81)) (&& (>= netstandard1.3) (< portable-net45+win8+wpa81)) (&& (< netstandard1.3) (>= netstandard1.6)) (&& (< netstandard1.4) (>= netstandard1.6) (< monoandroid)) (&& (>= netstandard1.5) (>= wpa81)) (&& (>= netstandard1.5) (< portable-net45+win8+wpa81)) (&& (< netstandard1.5) (>= netstandard1.6)) (&& (>= netstandard1.6) (< monotouch) (< xamarintvos) (< xamarinwatchos) (< xamarinios) (< xamarinmac)) (&& (>= netstandard1.6) (>= wpa81)) (&& (>= netstandard1.6) (< portable-net45+win8+wpa81)) (&& (>= netstandard1.6) (< portable-net451+win81+wpa81)) (>= wp8) (&& (>= wpa81) (< portable-net45+win8+wpa81)) (&& (>= wpa81) (< portable-net451+win81+wpa81))
      Microsoft.NETCore.Platforms (>= 1.1) - restriction: || (&& (< net45) (>= netstandard1.0) (< netstandard1.3) (< monoandroid) (< win8) (< wp8) (< wpa81)) (&& (< net45) (>= netstandard1.3) (< monotouch) (< xamarintvos) (< xamarinwatchos) (< xamarinios) (< xamarinmac) (< win8) (< wpa81)) (>= dnxcore50)
      Microsoft.NETCore.Targets (>= 1.1) - restriction: || (&& (< net45) (>= netstandard1.0) (< netstandard1.3) (< monoandroid) (< win8) (< wp8) (< wpa81)) (&& (< net45) (>= netstandard1.3) (< monotouch) (< xamarintvos) (< xamarinwatchos) (< xamarinios) (< xamarinmac) (< win8) (< wpa81)) (>= dnxcore50)
      System.Runtime (>= 4.3) - restriction: || (&& (< net45) (>= netstandard1.0) (< netstandard1.3) (< monoandroid) (< win8) (< wp8) (< wpa81)) (&& (< net45) (>= netstandard1.3) (< monotouch) (< xamarintvos) (< xamarinwatchos) (< xamarinios) (< xamarinmac) (< win8) (< wpa81)) (>= dnxcore50)
    System.Diagnostics.DiagnosticSource (4.4.1) - restriction: || (&& (< net20) (>= net45) (>= netstandard1.3) (< netstandard1.4)) (&& (< net20) (>= net45) (>= netstandard1.3) (< portable-net451+win81+wpa81)) (&& (< net20) (>= net45) (< netstandard1.3) (>= netstandard1.4)) (&& (< net20) (>= net45) (>= netstandard1.4) (< netstandard1.5)) (&& (< net20) (>= net45) (>= netstandard1.5)) (&& (< net20) (>= net46) (< netstandard1.3)) (&& (< net20) (>= net46) (< netstandard1.4)) (&& (< net20) (>= netstandard1.3) (< netstandard1.4) (< monoandroid) (< win8) (< wpa81)) (&& (< net20) (>= netstandard1.3) (< win8) (< portable-net451+win81+wpa81)) (&& (< net20) (< netstandard1.3) (>= netstandard1.4) (< monoandroid) (< win8) (< wpa81)) (&& (< net20) (>= netstandard1.4) (< netstandard1.5) (< monoandroid) (< win8) (< wpa81)) (&& (< net20) (>= netstandard1.5) (< netstandard1.6) (< monoandroid)) (&& (>= net45) (>= uap10.0)) (&& (>= net45) (>= dnxcore50)) (&& (>= net45) (>= netstandard1.6)) (&& (< net45) (>= net46) (< netstandard1.3)) (&& (< net45) (>= net46) (< netstandard1.4)) (&& (< net45) (>= netstandard1.3) (< netstandard1.4) (< monoandroid) (< win8) (< wpa81)) (&& (< net45) (>= netstandard1.3) (< win8) (< portable-net451+win81+wpa81)) (&& (< net45) (< netstandard1.3) (>= netstandard1.4) (< monoandroid) (< win8) (< wpa81)) (&& (< net45) (>= netstandard1.4) (< netstandard1.5) (< monoandroid) (< win8) (< wpa81)) (&& (< net45) (>= netstandard1.5) (< netstandard1.6) (< monoandroid)) (&& (< net45) (>= netstandard1.5) (< portable-net451+win81+wpa81)) (&& (>= net46) (>= dnxcore50)) (&& (>= net46) (< netstandard1.0) (>= win8)) (&& (>= net46) (< netstandard1.3) (>= netstandard1.6)) (&& (>= net46) (< netstandard1.3) (>= wpa81)) (&& (>= net46) (< netstandard1.4) (>= netstandard1.6)) (&& (>= net46) (< netstandard1.4) (>= wpa81)) (&& (>= net46) (>= wp8)) (&& (>= uap10.0) (>= dnxcore50)) (&& (>= uap10.0) (< netstandard1.0) (< win8)) (&& (>= uap10.0) (>= netstandard1.5)) (&& (>= uap10.0) (>= netstandard1.6)) (&& (>= uap10.0) (< win8) (< wpa81)) (&& (>= uap10.0) (>= wp8)) (&& (>= dnxcore50) (>= netstandard1.1)) (&& (>= dnxcore50) (>= netstandard1.2)) (&& (>= dnxcore50) (>= netstandard1.3)) (&& (>= dnxcore50) (>= netstandard1.4)) (&& (>= dnxcore50) (>= netstandard1.5)) (&& (>= dnxcore50) (>= netstandard1.6)) (&& (>= dnxcore50) (>= wpa81)) (&& (< netstandard1.0) (>= netstandard1.5) (>= win8)) (&& (< netstandard1.0) (>= netstandard1.6) (>= win8)) (&& (>= netstandard1.3) (< win8) (>= wpa81) (< portable-net451+win81+wpa81)) (&& (>= netstandard1.3) (>= wp8)) (&& (< netstandard1.3) (>= netstandard1.6) (< monoandroid)) (&& (>= netstandard1.4) (>= wp8)) (&& (< netstandard1.4) (>= netstandard1.6) (< monoandroid)) (&& (>= netstandard1.5) (>= wp8)) (&& (>= netstandard1.5) (>= wpa81)) (&& (< netstandard1.5) (>= netstandard1.6) (< monoandroid)) (&& (>= netstandard1.6) (< monotouch) (< xamarintvos) (< xamarinwatchos) (< xamarinios) (< xamarinmac)) (&& (>= netstandard1.6) (>= wp8)) (&& (>= netstandard1.6) (>= wpa81)) (&& (>= netstandard1.6) (< portable-net451+win81+wpa81))
      System.Collections (>= 4.3) - restriction: || (&& (< net45) (>= netstandard1.1) (< netstandard1.3)) (&& (< net45) (>= netstandard1.3) (< netcoreapp2.0) (< xamarinmac))
      System.Diagnostics.Debug (>= 4.3) - restriction: && (< net45) (>= netstandard1.3) (< netcoreapp2.0) (< xamarinmac)
      System.Diagnostics.Tracing (>= 4.3) - restriction: || (&& (< net45) (>= netstandard1.1) (< netstandard1.3)) (&& (< net45) (>= netstandard1.3) (< netcoreapp2.0) (< xamarinmac))
      System.Reflection (>= 4.3) - restriction: || (&& (< net45) (>= netstandard1.1) (< netstandard1.3)) (&& (< net45) (>= netstandard1.3) (< netcoreapp2.0) (< xamarinmac))
      System.Runtime (>= 4.3) - restriction: || (&& (< net45) (>= netstandard1.1) (< netstandard1.3)) (&& (< net45) (>= netstandard1.3) (< netcoreapp2.0) (< xamarinmac))
      System.Runtime.Extensions (>= 4.3) - restriction: && (< net45) (>= netstandard1.3) (< netcoreapp2.0) (< xamarinmac)
      System.Threading (>= 4.3) - restriction: || (&& (< net45) (>= netstandard1.1) (< netstandard1.3)) (&& (< net45) (>= netstandard1.3) (< netcoreapp2.0) (< xamarinmac))
    System.Diagnostics.Tools (4.3) - restriction: || (&& (< net20) (>= net45) (>= netstandard1.2) (< netstandard1.3)) (&& (< net20) (>= net45) (>= netstandard1.3) (< netstandard1.4)) (&& (< net20) (>= net45) (< netstandard1.3) (>= netstandard1.4)) (&& (< net20) (>= net45) (>= netstandard1.4) (< netstandard1.5)) (&& (< net20) (>= net45) (>= netstandard1.5)) (&& (< net20) (>= net45) (< portable-net45+win8+wpa81)) (&& (< net20) (>= net45) (< portable-net451+win81+wpa81)) (&& (< net20) (>= netstandard1.1) (< win8) (< portable-net451+win81+wpa81)) (&& (< net20) (>= netstandard1.2) (< netstandard1.3) (< monoandroid) (< win8) (< wpa81)) (&& (< net20) (>= netstandard1.3) (< netstandard1.4) (< monoandroid) (< win8) (< wpa81)) (&& (< net20) (>= netstandard1.3) (< win8) (< portable-net451+win81+wpa81)) (&& (< net20) (< netstandard1.3) (>= netstandard1.4) (< monoandroid) (< win8) (< wpa81)) (&& (< net20) (< netstandard1.3) (>= netstandard1.5) (< monoandroid)) (&& (< net20) (>= netstandard1.4) (< netstandard1.5) (< monoandroid) (< win8) (< wpa81)) (&& (< net20) (>= netstandard1.5) (< netstandard1.6) (< monoandroid)) (&& (>= net45) (>= uap10.0)) (&& (>= net45) (>= dnxcore50)) (&& (>= net45) (>= netstandard1.6)) (&& (< net45) (>= netstandard1.1) (< portable-net451+win81+wpa81)) (&& (< net45) (>= netstandard1.2) (< netstandard1.3) (< monoandroid) (< wpa81)) (&& (< net45) (>= netstandard1.3) (< netstandard1.4) (< monoandroid) (< wpa81)) (&& (< net45) (>= netstandard1.3) (< win8) (< portable-net451+win81+wpa81)) (&& (< net45) (< netstandard1.3) (>= netstandard1.4) (< monoandroid) (< win8) (< wpa81)) (&& (< net45) (< netstandard1.3) (>= netstandard1.5) (< monoandroid)) (&& (< net45) (>= netstandard1.4) (< netstandard1.5) (< monoandroid) (< wpa81)) (&& (< net45) (< netstandard1.4) (>= netstandard1.5) (< monoandroid)) (&& (< net45) (>= netstandard1.5) (< netstandard1.6) (< monoandroid)) (&& (< net45) (>= netstandard1.5) (< portable-net451+win81+wpa81)) (&& (>= uap10.0) (< uap10.1)) (&& (>= uap10.0) (>= dnxcore50)) (&& (>= uap10.0) (< netstandard1.0)) (&& (>= uap10.0) (< netstandard1.3)) (&& (>= uap10.0) (>= netstandard1.5)) (&& (>= uap10.0) (>= netstandard1.6)) (&& (>= uap10.0) (< win8)) (&& (>= dnxcore50) (>= netstandard1.0)) (&& (>= dnxcore50) (>= netstandard1.1)) (&& (>= dnxcore50) (>= netstandard1.2)) (&& (>= dnxcore50) (>= netstandard1.3)) (&& (>= dnxcore50) (>= netstandard1.4)) (&& (>= dnxcore50) (>= netstandard1.5)) (&& (>= dnxcore50) (>= netstandard1.6)) (&& (>= dnxcore50) (>= wpa81)) (&& (>= netstandard1.0) (< portable-net45+win8+wpa81)) (&& (< netstandard1.0) (>= netstandard1.3) (>= win8)) (&& (< netstandard1.0) (>= netstandard1.4) (>= win8)) (&& (< netstandard1.0) (>= netstandard1.5) (>= win8)) (&& (< netstandard1.0) (>= netstandard1.6) (>= win8)) (&& (>= netstandard1.1) (< portable-net45+win8+wpa81)) (&& (>= netstandard1.3) (< portable-net45+win8+wpa81)) (&& (< netstandard1.3) (>= netstandard1.6)) (&& (< netstandard1.4) (>= netstandard1.6) (< monoandroid)) (&& (>= netstandard1.5) (>= wpa81)) (&& (>= netstandard1.5) (< portable-net45+win8+wpa81)) (&& (< netstandard1.5) (>= netstandard1.6)) (&& (>= netstandard1.6) (< monotouch) (< xamarintvos) (< xamarinwatchos) (< xamarinios) (< xamarinmac)) (&& (>= netstandard1.6) (>= wpa81)) (&& (>= netstandard1.6) (< portable-net45+win8+wpa81)) (&& (>= netstandard1.6) (< portable-net451+win81+wpa81)) (>= wp8) (&& (>= wpa81) (< portable-net45+win8+wpa81)) (&& (>= wpa81) (< portable-net451+win81+wpa81))
      Microsoft.NETCore.Platforms (>= 1.1) - restriction: || (&& (< net45) (>= netstandard1.0) (< monotouch) (< xamarintvos) (< xamarinwatchos) (< xamarinios) (< xamarinmac) (< win8) (< wp8) (< wpa81)) (>= dnxcore50)
      Microsoft.NETCore.Targets (>= 1.1) - restriction: || (&& (< net45) (>= netstandard1.0) (< monotouch) (< xamarintvos) (< xamarinwatchos) (< xamarinios) (< xamarinmac) (< win8) (< wp8) (< wpa81)) (>= dnxcore50)
      System.Runtime (>= 4.3) - restriction: || (&& (< net45) (>= netstandard1.0) (< monotouch) (< xamarintvos) (< xamarinwatchos) (< xamarinios) (< xamarinmac) (< win8) (< wp8) (< wpa81)) (>= dnxcore50)
    System.Diagnostics.Tracing (4.3) - restriction: || (&& (< net20) (>= net45) (>= netstandard1.2) (< netstandard1.3)) (&& (< net20) (>= net45) (>= netstandard1.3) (< netstandard1.4)) (&& (< net20) (>= net45) (< netstandard1.3) (>= netstandard1.4)) (&& (< net20) (>= net45) (>= netstandard1.4) (< netstandard1.5)) (&& (< net20) (>= net45) (>= netstandard1.5)) (&& (< net20) (>= net45) (< portable-net451+win81+wpa81)) (&& (< net20) (>= net46) (< netstandard1.3)) (&& (< net20) (>= net46) (< netstandard1.4)) (&& (< net20) (>= net461) (< netstandard1.3)) (&& (< net20) (>= net461) (< netstandard1.4)) (&& (< net20) (>= net461) (>= netstandard1.5)) (&& (< net20) (>= net461) (< netstandard1.5)) (&& (< net20) (>= netstandard1.1) (< win8) (< portable-net451+win81+wpa81)) (&& (< net20) (>= netstandard1.2) (< netstandard1.3) (< monoandroid) (< win8) (< wpa81)) (&& (< net20) (>= netstandard1.3) (< netstandard1.4) (< monoandroid) (< win8) (< wpa81)) (&& (< net20) (>= netstandard1.3) (< win8) (< portable-net451+win81+wpa81)) (&& (< net20) (< netstandard1.3) (>= netstandard1.4) (< monoandroid) (< win8) (< wpa81)) (&& (< net20) (< netstandard1.3) (>= netstandard1.5) (< monoandroid)) (&& (< net20) (>= netstandard1.4) (< netstandard1.5) (< monoandroid) (< win8) (< wpa81)) (&& (< net20) (< netstandard1.4) (>= netstandard1.5) (< monoandroid)) (&& (< net20) (>= netstandard1.5) (< netstandard1.6) (< monoandroid)) (&& (>= net45) (>= uap10.0)) (&& (>= net45) (>= dnxcore50)) (&& (>= net45) (>= netstandard1.6)) (&& (< net45) (>= net46) (< netstandard1.3)) (&& (< net45) (>= net46) (>= netstandard1.4) (< netstandard1.5)) (&& (< net45) (>= net46) (< netstandard1.4)) (&& (< net45) (>= net46) (>= netstandard1.5)) (&& (< net45) (>= net46) (< portable-net451+win81+wpa81)) (&& (< net45) (>= net461) (< netstandard1.3)) (&& (< net45) (>= net461) (< netstandard1.4)) (&& (< net45) (>= net461) (>= netstandard1.5)) (&& (< net45) (>= net461) (< netstandard1.5)) (&& (< net45) (>= net461) (< portable-net451+win81+wpa81)) (&& (< net45) (>= netstandard1.1) (< portable-net451+win81+wpa81)) (&& (< net45) (>= netstandard1.2) (< netstandard1.3) (< monoandroid) (< wpa81)) (&& (< net45) (>= netstandard1.3) (< netstandard1.4) (< monoandroid) (< wpa81)) (&& (< net45) (>= netstandard1.3) (< win8) (< portable-net451+win81+wpa81)) (&& (< net45) (< netstandard1.3) (>= netstandard1.4) (< monoandroid) (< win8) (< wpa81)) (&& (< net45) (< netstandard1.3) (>= netstandard1.5) (< monoandroid)) (&& (< net45) (>= netstandard1.4) (< netstandard1.5) (< monoandroid) (< wpa81)) (&& (< net45) (>= netstandard1.4) (< win8) (< portable-net451+win81+wpa81)) (&& (< net45) (< netstandard1.4) (>= netstandard1.5) (< monoandroid)) (&& (< net45) (>= netstandard1.5) (< netstandard1.6) (< monoandroid)) (&& (< net45) (>= netstandard1.5) (< portable-net451+win81+wpa81)) (&& (>= net46) (>= uap10.0)) (&& (>= net46) (>= dnxcore50)) (&& (>= net46) (< netstandard1.0) (>= win8)) (&& (>= net46) (< netstandard1.3) (>= wpa81)) (&& (>= net46) (< netstandard1.4) (>= wpa81)) (&& (>= net46) (>= netstandard1.6)) (&& (>= net46) (>= wp8)) (&& (>= net461) (>= uap10.0)) (&& (>= net461) (>= dnxcore50)) (&& (>= net461) (< netstandard1.0) (>= win8)) (&& (>= net461) (< netstandard1.3) (>= wpa81)) (&& (>= net461) (< netstandard1.4) (>= wpa81)) (&& (>= net461) (>= netstandard1.6)) (&& (>= net461) (>= wp8)) (&& (>= net463) (>= netstandard1.6)) (&& (>= uap10.0) (< uap10.1)) (&& (>= uap10.0) (>= dnxcore50)) (&& (>= uap10.0) (< netstandard1.0)) (&& (>= uap10.0) (< netstandard1.3)) (&& (>= uap10.0) (>= netstandard1.5)) (&& (>= uap10.0) (>= netstandard1.6)) (&& (>= uap10.0) (< win8)) (&& (>= uap10.0) (>= wp8)) (&& (>= dnxcore50) (>= netstandard1.1)) (&& (>= dnxcore50) (>= netstandard1.2)) (&& (>= dnxcore50) (>= netstandard1.3)) (&& (>= dnxcore50) (>= netstandard1.4)) (&& (>= dnxcore50) (>= netstandard1.5)) (&& (>= dnxcore50) (>= netstandard1.6)) (&& (>= dnxcore50) (>= wpa81)) (&& (< netstandard1.0) (>= netstandard1.3) (>= win8)) (&& (< netstandard1.0) (>= netstandard1.4) (>= win8)) (&& (< netstandard1.0) (>= netstandard1.5) (>= win8)) (&& (< netstandard1.0) (>= netstandard1.6) (>= win8)) (&& (>= netstandard1.1) (>= wp8)) (&& (>= netstandard1.2) (>= wp8)) (&& (>= netstandard1.3) (>= wp8)) (&& (< netstandard1.3) (>= netstandard1.6)) (&& (>= netstandard1.4) (>= wp8)) (&& (< netstandard1.4) (>= netstandard1.6) (< monoandroid)) (&& (>= netstandard1.5) (>= wp8)) (&& (>= netstandard1.5) (>= wpa81)) (&& (< netstandard1.5) (>= netstandard1.6)) (&& (>= netstandard1.6) (< monotouch) (< xamarintvos) (< xamarinwatchos) (< xamarinios) (< xamarinmac)) (&& (>= netstandard1.6) (>= wp8)) (&& (>= netstandard1.6) (>= wpa81)) (&& (>= netstandard1.6) (< portable-net451+win81+wpa81)) (&& (>= wpa81) (< portable-net451+win81+wpa81))
      Microsoft.NETCore.Platforms (>= 1.1) - restriction: || (&& (< net45) (>= netstandard1.1) (< netstandard1.2) (< monoandroid) (< win8)) (&& (< net45) (>= netstandard1.2) (< netstandard1.3) (< monoandroid) (< win8) (< wpa81)) (&& (< net45) (>= netstandard1.3) (< netstandard1.5) (< monoandroid) (< win8) (< wpa81)) (&& (< net45) (>= netstandard1.5) (< monotouch) (< xamarintvos) (< xamarinwatchos) (< xamarinios) (< xamarinmac)) (>= dnxcore50)
      Microsoft.NETCore.Targets (>= 1.1) - restriction: || (&& (< net45) (>= netstandard1.1) (< netstandard1.2) (< monoandroid) (< win8)) (&& (< net45) (>= netstandard1.2) (< netstandard1.3) (< monoandroid) (< win8) (< wpa81)) (&& (< net45) (>= netstandard1.3) (< netstandard1.5) (< monoandroid) (< win8) (< wpa81)) (&& (< net45) (>= netstandard1.5) (< monotouch) (< xamarintvos) (< xamarinwatchos) (< xamarinios) (< xamarinmac)) (>= dnxcore50)
      System.Runtime (>= 4.3) - restriction: || (&& (< net45) (>= netstandard1.1) (< netstandard1.2) (< monoandroid) (< win8)) (&& (< net45) (>= netstandard1.2) (< netstandard1.3) (< monoandroid) (< win8) (< wpa81)) (&& (< net45) (>= netstandard1.3) (< netstandard1.5) (< monoandroid) (< win8) (< wpa81)) (&& (< net45) (>= netstandard1.5) (< monotouch) (< xamarintvos) (< xamarinwatchos) (< xamarinios) (< xamarinmac)) (>= dnxcore50)
    System.Dynamic.Runtime (4.3) - restriction: || (&& (< net20) (>= net45) (>= netstandard1.3)) (&& (< net20) (>= net45) (< netstandard1.3)) (&& (< net20) (>= netstandard1.0) (< netstandard1.3) (< monoandroid) (< win8) (< wp8) (< wpa81)) (&& (< net20) (>= netstandard1.3) (< netstandard2.0) (< monotouch) (< xamarintvos) (< xamarinwatchos) (< xamarinios) (< xamarinmac) (< win8) (< wpa81)) (&& (>= net45) (>= dnxcore50)) (&& (>= dnxcore50) (>= netstandard1.0)) (&& (>= dnxcore50) (>= netstandard1.3)) (&& (>= dnxcore50) (>= wp8)) (&& (>= dnxcore50) (>= wpa81)) (&& (>= netstandard1.3) (>= wp8)) (>= netstandard1.6)
      System.Collections (>= 4.3) - restriction: || (&& (< net45) (>= netstandard1.3) (< monotouch) (< xamarintvos) (< xamarinwatchos) (< xamarinios) (< xamarinmac) (< win8) (< wpa81)) (>= dnxcore50)
      System.Diagnostics.Debug (>= 4.3) - restriction: || (&& (< net45) (>= netstandard1.3) (< monotouch) (< xamarintvos) (< xamarinwatchos) (< xamarinios) (< xamarinmac) (< win8) (< wpa81)) (>= dnxcore50)
      System.Linq (>= 4.3) - restriction: || (&& (< net45) (>= netstandard1.3) (< monotouch) (< xamarintvos) (< xamarinwatchos) (< xamarinios) (< xamarinmac) (< win8) (< wpa81)) (>= dnxcore50)
      System.Linq.Expressions (>= 4.3) - restriction: || (&& (< net45) (>= netstandard1.0) (< netstandard1.3) (< monoandroid) (< win8) (< wp8) (< wpa81)) (&& (< net45) (>= netstandard1.3) (< monotouch) (< xamarintvos) (< xamarinwatchos) (< xamarinios) (< xamarinmac) (< win8) (< wpa81)) (>= dnxcore50)
      System.ObjectModel (>= 4.3) - restriction: || (&& (< net45) (>= netstandard1.0) (< netstandard1.3) (< monoandroid) (< win8) (< wp8) (< wpa81)) (&& (< net45) (>= netstandard1.3) (< monotouch) (< xamarintvos) (< xamarinwatchos) (< xamarinios) (< xamarinmac) (< win8) (< wpa81)) (>= dnxcore50)
      System.Reflection (>= 4.3) - restriction: || (&& (< net45) (>= netstandard1.0) (< netstandard1.3) (< monoandroid) (< win8) (< wp8) (< wpa81)) (&& (< net45) (>= netstandard1.3) (< monotouch) (< xamarintvos) (< xamarinwatchos) (< xamarinios) (< xamarinmac) (< win8) (< wpa81)) (>= dnxcore50)
      System.Reflection.Emit (>= 4.3) - restriction: && (< net45) (>= netstandard1.3) (< monotouch) (< xamarintvos) (< xamarinwatchos) (< xamarinios) (< xamarinmac) (< win8) (< wpa81)
      System.Reflection.Emit.ILGeneration (>= 4.3) - restriction: && (< net45) (>= netstandard1.3) (< monotouch) (< xamarintvos) (< xamarinwatchos) (< xamarinios) (< xamarinmac) (< win8) (< wpa81)
      System.Reflection.Primitives (>= 4.3) - restriction: && (< net45) (>= netstandard1.3) (< monotouch) (< xamarintvos) (< xamarinwatchos) (< xamarinios) (< xamarinmac) (< win8) (< wpa81)
      System.Reflection.TypeExtensions (>= 4.3) - restriction: || (&& (< net45) (>= netstandard1.3) (< monotouch) (< xamarintvos) (< xamarinwatchos) (< xamarinios) (< xamarinmac) (< win8) (< wpa81)) (>= dnxcore50)
      System.Resources.ResourceManager (>= 4.3) - restriction: || (&& (< net45) (>= netstandard1.3) (< monotouch) (< xamarintvos) (< xamarinwatchos) (< xamarinios) (< xamarinmac) (< win8) (< wpa81)) (>= dnxcore50)
      System.Runtime (>= 4.3) - restriction: || (&& (< net45) (>= netstandard1.0) (< netstandard1.3) (< monoandroid) (< win8) (< wp8) (< wpa81)) (&& (< net45) (>= netstandard1.3) (< monotouch) (< xamarintvos) (< xamarinwatchos) (< xamarinios) (< xamarinmac) (< win8) (< wpa81)) (>= dnxcore50)
      System.Runtime.Extensions (>= 4.3) - restriction: || (&& (< net45) (>= netstandard1.3) (< monotouch) (< xamarintvos) (< xamarinwatchos) (< xamarinios) (< xamarinmac) (< win8) (< wpa81)) (>= dnxcore50)
      System.Threading (>= 4.3) - restriction: || (&& (< net45) (>= netstandard1.3) (< monotouch) (< xamarintvos) (< xamarinwatchos) (< xamarinios) (< xamarinmac) (< win8) (< wpa81)) (>= dnxcore50)
    System.Globalization (4.3) - restriction: || (&& (< net20) (>= net45) (< netstandard1.0) (>= portable-net451+win81+wpa81)) (&& (< net20) (>= net45) (>= netstandard1.3)) (&& (< net20) (>= net45) (< netstandard1.3)) (&& (< net20) (>= net45) (>= netstandard1.4)) (&& (< net20) (>= net45) (>= netstandard1.5)) (&& (< net20) (>= net45) (< portable-net45+win8+wpa81)) (&& (< net20) (>= net45) (< portable-net451+win81+wpa81)) (&& (< net20) (>= net451) (< netstandard1.3)) (&& (< net20) (>= net46)) (&& (< net20) (>= net461) (< netstandard1.3)) (&& (< net20) (>= net461) (< netstandard1.4)) (&& (< net20) (>= net461) (>= netstandard1.5)) (&& (< net20) (>= net461) (< netstandard1.5)) (&& (< net20) (>= net462)) (&& (< net20) (>= netstandard1.0) (< netstandard1.3) (< monoandroid) (< win8) (< wpa81)) (&& (< net20) (>= netstandard1.1) (< win8) (< portable-net451+win81+wpa81)) (&& (< net20) (>= netstandard1.2) (< netstandard1.3) (< monoandroid) (< win8) (< wpa81)) (&& (< net20) (>= netstandard1.3) (< netstandard1.4) (< monoandroid) (< win8) (< wpa81)) (&& (< net20) (>= netstandard1.3) (< netstandard1.5) (< monoandroid) (< win8) (< wpa81)) (&& (< net20) (>= netstandard1.3) (< monotouch) (< xamarintvos) (< xamarinwatchos) (< xamarinios) (< xamarinmac) (< win8)) (&& (< net20) (>= netstandard1.3) (< win8) (< portable-net451+win81+wpa81)) (&& (< net20) (< netstandard1.3) (>= netstandard1.4) (< monoandroid) (< win8) (< wpa81)) (&& (< net20) (< netstandard1.3) (>= netstandard1.5)) (&& (< net20) (>= netstandard1.4) (< netstandard1.5) (< monoandroid) (< win8) (< wpa81)) (&& (< net20) (>= netstandard1.4) (< monotouch) (< xamarintvos) (< xamarinwatchos) (< xamarinios) (< xamarinmac) (< win8) (< wpa81)) (&& (< net20) (< netstandard1.4) (>= netstandard1.5) (< monoandroid)) (&& (< net20) (>= netstandard1.5) (< netstandard1.6) (< monoandroid)) (&& (< net20) (>= netstandard1.5) (< monotouch) (< xamarintvos) (< xamarinwatchos) (< xamarinios) (< xamarinmac)) (&& (>= net45) (>= uap10.0)) (&& (>= net45) (>= dnxcore50)) (&& (>= net45) (>= netstandard1.6)) (&& (< net45) (>= net451) (< netstandard1.3)) (&& (< net45) (>= net46) (< netstandard1.3)) (&& (< net45) (>= net46) (>= netstandard1.4) (< netstandard1.5)) (&& (< net45) (>= net46) (< netstandard1.4)) (&& (< net45) (>= net46) (>= netstandard1.5)) (&& (< net45) (>= net46) (< portable-net451+win81+wpa81)) (&& (< net45) (>= net461) (< netstandard1.3)) (&& (< net45) (>= net461) (< netstandard1.4)) (&& (< net45) (>= net461) (>= netstandard1.5)) (&& (< net45) (>= net461) (< netstandard1.5)) (&& (< net45) (>= net461) (< portable-net451+win81+wpa81)) (&& (< net45) (>= netstandard1.1) (< portable-net451+win81+wpa81)) (&& (< net45) (>= netstandard1.2) (< netstandard1.3) (< monoandroid) (< wpa81)) (&& (< net45) (>= netstandard1.3) (< netstandard1.4) (< monoandroid) (< wpa81)) (&& (< net45) (>= netstandard1.3) (< win8) (< portable-net451+win81+wpa81)) (&& (< net45) (< netstandard1.3) (>= netstandard1.4) (< monoandroid) (< win8) (< wpa81)) (&& (< net45) (< netstandard1.3) (>= netstandard1.5) (< monoandroid)) (&& (< net45) (>= netstandard1.4) (< netstandard1.5) (< monoandroid) (< wpa81)) (&& (< net45) (>= netstandard1.4) (< win8) (< portable-net451+win81+wpa81)) (&& (< net45) (< netstandard1.4) (>= netstandard1.5) (< monoandroid)) (&& (< net45) (>= netstandard1.5) (< netstandard1.6) (< monoandroid)) (&& (< net45) (>= netstandard1.5) (< portable-net451+win81+wpa81)) (&& (>= net451) (>= dnxcore50)) (&& (>= net46) (>= uap10.0)) (&& (>= net46) (>= dnxcore50)) (&& (>= net46) (< netstandard1.0) (>= win8)) (&& (>= net46) (>= netstandard1.6)) (&& (>= net46) (>= wpa81)) (&& (>= net461) (>= uap10.0)) (&& (>= net461) (>= dnxcore50)) (&& (>= net461) (< netstandard1.0) (>= win8)) (&& (>= net461) (< netstandard1.3) (>= wpa81)) (&& (>= net461) (< netstandard1.4) (>= wpa81)) (&& (>= net461) (>= netstandard1.6)) (&& (>= net462) (< netstandard1.0) (>= win8)) (&& (>= net462) (>= wpa81)) (&& (>= net463) (>= netstandard1.6)) (&& (>= uap10.0) (< uap10.1)) (&& (>= uap10.0) (>= dnxcore50)) (&& (>= uap10.0) (< netstandard1.0)) (&& (>= uap10.0) (< netstandard1.3)) (&& (>= uap10.0) (< netstandard1.4)) (&& (>= uap10.0) (>= netstandard1.5)) (&& (>= uap10.0) (>= netstandard1.6)) (&& (>= uap10.0) (< win8)) (&& (>= dnxcore50) (>= netstandard1.0)) (&& (>= dnxcore50) (>= netstandard1.1)) (&& (>= dnxcore50) (>= netstandard1.2)) (&& (>= dnxcore50) (>= netstandard1.3)) (&& (>= dnxcore50) (>= netstandard1.4)) (&& (>= dnxcore50) (>= netstandard1.5)) (&& (>= dnxcore50) (>= netstandard1.6)) (&& (>= dnxcore50) (>= wpa81)) (&& (>= netstandard1.0) (< portable-net45+win8+wpa81)) (&& (< netstandard1.0) (>= netstandard1.1) (< monoandroid) (< win8) (>= portable-net451+win81+wpa81)) (&& (< netstandard1.0) (>= netstandard1.1) (< win8) (< portable-net451+win81+wpa81)) (&& (< netstandard1.0) (>= netstandard1.3) (< monoandroid) (< win8)) (&& (< netstandard1.0) (>= netstandard1.3) (>= win8)) (&& (< netstandard1.0) (>= netstandard1.3) (< win8) (< portable-net451+win81+wpa81)) (&& (< netstandard1.0) (>= netstandard1.4) (>= win8)) (&& (< netstandard1.0) (>= netstandard1.5) (< monoandroid)) (&& (< netstandard1.0) (>= netstandard1.5) (>= win8)) (&& (< netstandard1.0) (>= netstandard1.5) (< portable-net451+win81+wpa81)) (&& (< netstandard1.0) (>= netstandard1.6) (< monoandroid)) (&& (< netstandard1.0) (>= netstandard1.6) (>= win8)) (&& (< netstandard1.0) (< win8) (>= wpa81)) (&& (>= netstandard1.1) (< portable-net45+win8+wpa81)) (&& (>= netstandard1.3) (>= wpa81)) (&& (>= netstandard1.3) (< portable-net45+win8+wpa81)) (&& (< netstandard1.3) (>= netstandard1.6)) (&& (< netstandard1.4) (>= netstandard1.6) (< monoandroid)) (&& (>= netstandard1.5) (>= wpa81)) (&& (>= netstandard1.5) (< portable-net45+win8+wpa81)) (&& (< netstandard1.5) (>= netstandard1.6)) (&& (>= netstandard1.6) (< monotouch) (< xamarintvos) (< xamarinwatchos) (< xamarinios) (< xamarinmac)) (&& (>= netstandard1.6) (>= wpa81)) (&& (>= netstandard1.6) (< portable-net45+win8+wpa81)) (&& (>= netstandard1.6) (< portable-net451+win81+wpa81)) (>= wp8) (&& (>= wpa81) (< portable-net45+win8+wpa81)) (&& (>= wpa81) (< portable-net451+win81+wpa81))
      Microsoft.NETCore.Platforms (>= 1.1) - restriction: || (&& (< net45) (>= netstandard1.0) (< netstandard1.3) (< monoandroid) (< win8) (< wp8) (< wpa81)) (&& (< net45) (>= netstandard1.3) (< monotouch) (< xamarintvos) (< xamarinwatchos) (< xamarinios) (< xamarinmac) (< win8) (< wpa81)) (>= dnxcore50)
      Microsoft.NETCore.Targets (>= 1.1) - restriction: || (&& (< net45) (>= netstandard1.0) (< netstandard1.3) (< monoandroid) (< win8) (< wp8) (< wpa81)) (&& (< net45) (>= netstandard1.3) (< monotouch) (< xamarintvos) (< xamarinwatchos) (< xamarinios) (< xamarinmac) (< win8) (< wpa81)) (>= dnxcore50)
      System.Runtime (>= 4.3) - restriction: || (&& (< net45) (>= netstandard1.0) (< netstandard1.3) (< monoandroid) (< win8) (< wp8) (< wpa81)) (&& (< net45) (>= netstandard1.3) (< monotouch) (< xamarintvos) (< xamarinwatchos) (< xamarinios) (< xamarinmac) (< win8) (< wpa81)) (>= dnxcore50)
    System.Globalization.Calendars (4.3) - restriction: || (&& (< net20) (>= net45) (>= netstandard1.3) (< netstandard1.4)) (&& (< net20) (>= net45) (< netstandard1.3) (>= netstandard1.4)) (&& (< net20) (>= net45) (>= netstandard1.4) (< netstandard1.5)) (&& (< net20) (>= net45) (>= netstandard1.5)) (&& (< net20) (>= net46) (< netstandard1.3)) (&& (< net20) (>= net46) (< netstandard1.4)) (&& (< net20) (>= netstandard1.3) (< netstandard1.4) (< monoandroid) (< win8) (< wpa81)) (&& (< net20) (< netstandard1.3) (>= netstandard1.4) (< monoandroid) (< win8) (< wpa81)) (&& (< net20) (< netstandard1.3) (>= netstandard1.5) (< monoandroid)) (&& (< net20) (>= netstandard1.4) (< netstandard1.5) (< monoandroid) (< win8) (< wpa81)) (&& (< net20) (>= netstandard1.5) (< netstandard1.6) (< monoandroid)) (&& (>= net45) (>= uap10.0)) (&& (>= net45) (>= dnxcore50)) (&& (>= net45) (>= netstandard1.6)) (&& (< net45) (>= net46) (< netstandard1.3)) (&& (< net45) (>= net46) (< netstandard1.4)) (&& (< net45) (>= netstandard1.3) (< netstandard1.4) (< monoandroid) (< wpa81)) (&& (< net45) (< netstandard1.3) (>= netstandard1.4) (< monoandroid) (< win8) (< wpa81)) (&& (< net45) (< netstandard1.3) (>= netstandard1.5) (< monoandroid)) (&& (< net45) (>= netstandard1.4) (< netstandard1.5) (< monoandroid) (< wpa81)) (&& (< net45) (< netstandard1.4) (>= netstandard1.5) (< monoandroid)) (&& (< net45) (>= netstandard1.5) (< netstandard1.6) (< monoandroid)) (&& (>= net46) (>= dnxcore50)) (&& (>= net46) (< netstandard1.0) (>= win8)) (&& (>= net46) (< netstandard1.3) (>= wpa81)) (&& (>= net46) (< netstandard1.4) (>= wpa81)) (&& (>= net46) (>= netstandard1.6)) (&& (>= net46) (>= wp8)) (&& (>= uap10.0) (< uap10.1)) (&& (>= uap10.0) (>= dnxcore50)) (&& (>= uap10.0) (< netstandard1.0)) (&& (>= uap10.0) (< netstandard1.3)) (&& (>= uap10.0) (>= netstandard1.5)) (&& (>= uap10.0) (>= netstandard1.6)) (&& (>= uap10.0) (< win8)) (&& (>= uap10.0) (>= wp8)) (&& (>= dnxcore50) (>= netstandard1.1)) (&& (>= dnxcore50) (>= netstandard1.2)) (&& (>= dnxcore50) (>= netstandard1.3)) (&& (>= dnxcore50) (>= netstandard1.4)) (&& (>= dnxcore50) (>= netstandard1.5)) (&& (>= dnxcore50) (>= netstandard1.6)) (&& (>= dnxcore50) (>= wpa81)) (&& (< netstandard1.0) (>= netstandard1.3) (>= win8)) (&& (< netstandard1.0) (>= netstandard1.4) (>= win8)) (&& (< netstandard1.0) (>= netstandard1.5) (>= win8)) (&& (< netstandard1.0) (>= netstandard1.6) (>= win8)) (&& (>= netstandard1.3) (>= wp8)) (&& (< netstandard1.3) (>= netstandard1.6)) (&& (>= netstandard1.4) (>= wp8)) (&& (< netstandard1.4) (>= netstandard1.6) (< monoandroid)) (&& (>= netstandard1.5) (>= wp8)) (&& (>= netstandard1.5) (>= wpa81)) (&& (< netstandard1.5) (>= netstandard1.6)) (&& (>= netstandard1.6) (< monotouch) (< xamarintvos) (< xamarinwatchos) (< xamarinios) (< xamarinmac)) (&& (>= netstandard1.6) (>= wp8)) (&& (>= netstandard1.6) (>= wpa81)) (&& (>= netstandard1.6) (< portable-net451+win81+wpa81))
      Microsoft.NETCore.Platforms (>= 1.1) - restriction: && (< net46) (>= netstandard1.3) (< monotouch) (< xamarintvos) (< xamarinwatchos) (< xamarinios) (< xamarinmac)
      Microsoft.NETCore.Targets (>= 1.1) - restriction: && (< net46) (>= netstandard1.3) (< monotouch) (< xamarintvos) (< xamarinwatchos) (< xamarinios) (< xamarinmac)
      System.Globalization (>= 4.3) - restriction: && (< net46) (>= netstandard1.3) (< monotouch) (< xamarintvos) (< xamarinwatchos) (< xamarinios) (< xamarinmac)
      System.Runtime (>= 4.3) - restriction: && (< net46) (>= netstandard1.3) (< monotouch) (< xamarintvos) (< xamarinwatchos) (< xamarinios) (< xamarinmac)
    System.Globalization.Extensions (4.3) - restriction: || (&& (< net20) (>= net45) (>= netstandard1.5)) (&& (< net20) (< netstandard1.3) (>= netstandard1.5)) (&& (< net20) (>= netstandard1.5) (< monotouch) (< xamarintvos) (< xamarinwatchos) (< xamarinios) (< xamarinmac)) (&& (< netstandard1.0) (>= netstandard1.5) (>= win8)) (&& (>= netstandard1.5) (>= wp8)) (&& (>= netstandard1.5) (>= wpa81)) (&& (>= netstandard1.6) (< monotouch) (< xamarintvos) (< xamarinwatchos) (< xamarinios) (< xamarinmac))
      Microsoft.NETCore.Platforms (>= 1.1) - restriction: && (< net46) (>= netstandard1.3) (< monotouch) (< xamarintvos) (< xamarinwatchos) (< xamarinios) (< xamarinmac)
      System.Globalization (>= 4.3) - restriction: && (< net46) (>= netstandard1.3) (< monotouch) (< xamarintvos) (< xamarinwatchos) (< xamarinios) (< xamarinmac)
      System.Resources.ResourceManager (>= 4.3) - restriction: && (< net46) (>= netstandard1.3) (< monotouch) (< xamarintvos) (< xamarinwatchos) (< xamarinios) (< xamarinmac)
      System.Runtime (>= 4.3) - restriction: && (< net46) (>= netstandard1.3) (< monotouch) (< xamarintvos) (< xamarinwatchos) (< xamarinios) (< xamarinmac)
      System.Runtime.Extensions (>= 4.3) - restriction: && (< net46) (>= netstandard1.3) (< monotouch) (< xamarintvos) (< xamarinwatchos) (< xamarinios) (< xamarinmac)
      System.Runtime.InteropServices (>= 4.3) - restriction: && (< net46) (>= netstandard1.3) (< monotouch) (< xamarintvos) (< xamarinwatchos) (< xamarinios) (< xamarinmac)
    System.IO (4.3) - restriction: || (&& (< net20) (>= net45) (< netstandard1.0) (>= portable-net451+win81+wpa81)) (&& (< net20) (>= net45) (>= netstandard1.3)) (&& (< net20) (>= net45) (< netstandard1.3)) (&& (< net20) (>= net45) (>= netstandard1.4) (< netstandard1.5)) (&& (< net20) (>= net45) (>= netstandard1.5)) (&& (< net20) (>= net45) (< portable-net45+win8+wpa81)) (&& (< net20) (>= net45) (< portable-net451+win81+wpa81)) (&& (< net20) (>= net451) (< netstandard1.3)) (&& (< net20) (>= net46) (< netstandard1.3)) (&& (< net20) (>= net46) (< netstandard1.4)) (&& (< net20) (>= net46) (>= netstandard1.5)) (&& (< net20) (>= net46) (< netstandard1.5)) (&& (< net20) (>= net46) (< portable-net451+win81+wpa81)) (&& (< net20) (>= net461) (< netstandard1.3)) (&& (< net20) (>= net461) (< netstandard1.4)) (&& (< net20) (>= net461) (>= netstandard1.5)) (&& (< net20) (>= net461) (< netstandard1.5)) (&& (< net20) (>= net461) (< portable-net451+win81+wpa81)) (&& (< net20) (>= net463)) (&& (< net20) (>= netstandard1.0) (< netstandard1.3) (< monoandroid) (< win8) (< wpa81)) (&& (< net20) (>= netstandard1.1) (< win8) (< portable-net451+win81+wpa81)) (&& (< net20) (>= netstandard1.2) (< netstandard1.3) (< monoandroid) (< win8) (< wpa81)) (&& (< net20) (>= netstandard1.2) (< win8) (< portable-net451+win81+wpa81)) (&& (< net20) (< netstandard1.2) (>= netstandard1.3) (< monoandroid) (< win8)) (&& (< net20) (< netstandard1.2) (>= netstandard1.4) (< monoandroid) (< win8)) (&& (< net20) (< netstandard1.2) (>= netstandard1.5) (< monoandroid)) (&& (< net20) (>= netstandard1.3) (< netstandard1.4) (< monoandroid) (< win8) (< wpa81)) (&& (< net20) (>= netstandard1.3) (< netstandard1.5) (< monoandroid) (< win8) (< wpa81)) (&& (< net20) (>= netstandard1.3) (< monotouch) (< xamarintvos) (< xamarinwatchos) (< xamarinios) (< xamarinmac) (< win8)) (&& (< net20) (>= netstandard1.3) (< win8) (< portable-net451+win81+wpa81)) (&& (< net20) (< netstandard1.3) (>= netstandard1.4) (< monoandroid) (< win8) (< wpa81)) (&& (< net20) (< netstandard1.3) (>= netstandard1.5)) (&& (< net20) (>= netstandard1.4) (< netstandard1.5) (< monoandroid) (< win8) (< wpa81)) (&& (< net20) (>= netstandard1.4) (< win8) (< portable-net451+win81+wpa81)) (&& (< net20) (< netstandard1.4) (>= netstandard1.5) (< monoandroid)) (&& (< net20) (>= netstandard1.5) (< netstandard1.6) (< monoandroid)) (&& (< net20) (>= netstandard1.5) (< monotouch) (< xamarintvos) (< xamarinwatchos) (< xamarinios) (< xamarinmac)) (&& (< net20) (>= netstandard1.5) (< portable-net451+win81+wpa81)) (&& (>= net45) (>= uap10.0)) (&& (>= net45) (>= dnxcore50)) (&& (>= net45) (>= netstandard1.6)) (&& (< net45) (>= net451) (< netstandard1.3)) (&& (< net45) (>= net46) (< netstandard1.2)) (&& (< net45) (>= net46) (< netstandard1.3)) (&& (< net45) (>= net46) (>= netstandard1.4) (< netstandard1.5)) (&& (< net45) (>= net46) (< netstandard1.4)) (&& (< net45) (>= net46) (>= netstandard1.5)) (&& (< net45) (>= net46) (< portable-net451+win81+wpa81)) (&& (< net45) (>= net461) (< netstandard1.2)) (&& (< net45) (>= net461) (< netstandard1.3)) (&& (< net45) (>= net461) (< netstandard1.4)) (&& (< net45) (>= net461) (>= netstandard1.5)) (&& (< net45) (>= net461) (< netstandard1.5)) (&& (< net45) (>= net461) (< portable-net451+win81+wpa81)) (&& (< net45) (>= net463)) (&& (< net45) (>= netstandard1.1) (< portable-net451+win81+wpa81)) (&& (< net45) (>= netstandard1.2) (< netstandard1.3) (< monoandroid) (< wpa81)) (&& (< net45) (>= netstandard1.2) (< win8) (< portable-net451+win81+wpa81)) (&& (< net45) (< netstandard1.2) (>= netstandard1.3) (< monoandroid) (< win8)) (&& (< net45) (< netstandard1.2) (>= netstandard1.4) (< monoandroid) (< win8)) (&& (< net45) (< netstandard1.2) (>= netstandard1.5) (< monoandroid)) (&& (< net45) (>= netstandard1.3) (< netstandard1.4) (< monoandroid) (< wpa81)) (&& (< net45) (>= netstandard1.3) (< win8) (< portable-net451+win81+wpa81)) (&& (< net45) (< netstandard1.3) (>= netstandard1.4) (< monoandroid) (< win8) (< wpa81)) (&& (< net45) (< netstandard1.3) (>= netstandard1.5) (< monoandroid)) (&& (< net45) (>= netstandard1.4) (< netstandard1.5) (< monoandroid) (< wpa81)) (&& (< net45) (>= netstandard1.4) (< win8) (< portable-net451+win81+wpa81)) (&& (< net45) (< netstandard1.4) (>= netstandard1.5) (< monoandroid)) (&& (< net45) (>= netstandard1.5) (< netstandard1.6) (< monoandroid)) (&& (< net45) (>= netstandard1.5) (< portable-net451+win81+wpa81)) (&& (>= net451) (>= dnxcore50)) (&& (>= net46) (>= uap10.0)) (&& (>= net46) (>= dnxcore50)) (&& (>= net46) (< netstandard1.0) (>= win8)) (&& (>= net46) (>= netstandard1.6)) (&& (>= net46) (>= wpa81)) (&& (>= net461) (>= uap10.0)) (&& (>= net461) (>= dnxcore50)) (&& (>= net461) (< netstandard1.0) (>= win8)) (&& (>= net461) (< netstandard1.3) (>= wpa81)) (&& (>= net461) (< netstandard1.4) (>= wpa81)) (&& (>= net461) (>= netstandard1.6)) (&& (>= net463) (>= uap10.0)) (&& (>= net463) (>= dnxcore50)) (&& (>= net463) (< netstandard1.0) (>= win8)) (&& (>= net463) (>= netstandard1.6)) (&& (>= net463) (>= wpa81)) (&& (>= uap10.0) (< uap10.1)) (&& (>= uap10.0) (>= dnxcore50)) (&& (>= uap10.0) (< netstandard1.0)) (&& (>= uap10.0) (< netstandard1.3)) (&& (>= uap10.0) (< netstandard1.4)) (&& (>= uap10.0) (>= netstandard1.5)) (&& (>= uap10.0) (>= netstandard1.6)) (&& (>= uap10.0) (< win8)) (&& (>= dnxcore50) (>= netstandard1.0)) (&& (>= dnxcore50) (>= netstandard1.1)) (&& (>= dnxcore50) (>= netstandard1.2)) (&& (>= dnxcore50) (>= netstandard1.3)) (&& (>= dnxcore50) (>= netstandard1.4)) (&& (>= dnxcore50) (>= netstandard1.5)) (&& (>= dnxcore50) (>= netstandard1.6)) (&& (>= dnxcore50) (>= wpa81)) (&& (>= netstandard1.0) (< portable-net45+win8+wpa81)) (&& (< netstandard1.0) (>= netstandard1.1) (< monoandroid) (< win8) (>= portable-net451+win81+wpa81)) (&& (< netstandard1.0) (>= netstandard1.1) (< win8) (< portable-net451+win81+wpa81)) (&& (< netstandard1.0) (>= netstandard1.3) (< monoandroid) (< win8)) (&& (< netstandard1.0) (>= netstandard1.3) (>= win8)) (&& (< netstandard1.0) (>= netstandard1.3) (< win8) (< portable-net451+win81+wpa81)) (&& (< netstandard1.0) (>= netstandard1.4) (>= win8)) (&& (< netstandard1.0) (>= netstandard1.5) (< monoandroid)) (&& (< netstandard1.0) (>= netstandard1.5) (>= win8)) (&& (< netstandard1.0) (>= netstandard1.5) (< portable-net451+win81+wpa81)) (&& (< netstandard1.0) (>= netstandard1.6) (< monoandroid)) (&& (< netstandard1.0) (>= netstandard1.6) (>= win8)) (&& (< netstandard1.0) (< win8) (>= wpa81)) (&& (>= netstandard1.1) (< portable-net45+win8+wpa81)) (&& (< netstandard1.2) (>= netstandard1.6) (< monoandroid)) (&& (>= netstandard1.3) (>= wpa81)) (&& (>= netstandard1.3) (< portable-net45+win8+wpa81)) (&& (< netstandard1.3) (>= netstandard1.6)) (&& (< netstandard1.4) (>= netstandard1.6) (< monoandroid)) (&& (>= netstandard1.5) (>= wpa81)) (&& (>= netstandard1.5) (< portable-net45+win8+wpa81)) (&& (< netstandard1.5) (>= netstandard1.6)) (&& (>= netstandard1.6) (< monotouch) (< xamarintvos) (< xamarinwatchos) (< xamarinios) (< xamarinmac)) (&& (>= netstandard1.6) (>= wpa81)) (&& (>= netstandard1.6) (< portable-net45+win8+wpa81)) (&& (>= netstandard1.6) (< portable-net451+win81+wpa81)) (>= netcoreapp1.1) (>= wp8) (&& (>= wpa81) (< portable-net45+win8+wpa81)) (&& (>= wpa81) (< portable-net451+win81+wpa81))
      Microsoft.NETCore.Platforms (>= 1.1) - restriction: || (&& (< net45) (>= netstandard1.0) (< netstandard1.3) (< monoandroid) (< win8) (< wp8) (< wpa81)) (&& (< net45) (>= netstandard1.3) (< netstandard1.5) (< monoandroid) (< win8) (< wpa81)) (&& (< net45) (>= netstandard1.5) (< monotouch) (< xamarintvos) (< xamarinwatchos) (< xamarinios) (< xamarinmac)) (>= dnxcore50)
      Microsoft.NETCore.Targets (>= 1.1) - restriction: || (&& (< net45) (>= netstandard1.0) (< netstandard1.3) (< monoandroid) (< win8) (< wp8) (< wpa81)) (&& (< net45) (>= netstandard1.3) (< netstandard1.5) (< monoandroid) (< win8) (< wpa81)) (&& (< net45) (>= netstandard1.5) (< monotouch) (< xamarintvos) (< xamarinwatchos) (< xamarinios) (< xamarinmac)) (>= dnxcore50)
      System.Runtime (>= 4.3) - restriction: || (&& (< net45) (>= netstandard1.0) (< netstandard1.3) (< monoandroid) (< win8) (< wp8) (< wpa81)) (&& (< net45) (>= netstandard1.3) (< netstandard1.5) (< monoandroid) (< win8) (< wpa81)) (&& (< net45) (>= netstandard1.5) (< monotouch) (< xamarintvos) (< xamarinwatchos) (< xamarinios) (< xamarinmac)) (>= dnxcore50)
      System.Text.Encoding (>= 4.3) - restriction: || (&& (< net45) (>= netstandard1.0) (< netstandard1.3) (< monoandroid) (< win8) (< wp8) (< wpa81)) (&& (< net45) (>= netstandard1.3) (< netstandard1.5) (< monoandroid) (< win8) (< wpa81)) (&& (< net45) (>= netstandard1.5) (< monotouch) (< xamarintvos) (< xamarinwatchos) (< xamarinios) (< xamarinmac)) (>= dnxcore50)
      System.Threading.Tasks (>= 4.3) - restriction: || (&& (< net45) (>= netstandard1.0) (< netstandard1.3) (< monoandroid) (< win8) (< wp8) (< wpa81)) (&& (< net45) (>= netstandard1.3) (< netstandard1.5) (< monoandroid) (< win8) (< wpa81)) (&& (< net45) (>= netstandard1.5) (< monotouch) (< xamarintvos) (< xamarinwatchos) (< xamarinios) (< xamarinmac)) (>= dnxcore50)
    System.IO.Compression (4.3) - restriction: || (&& (< net20) (>= net45) (>= netstandard1.2) (< netstandard1.3)) (&& (< net20) (>= net45) (>= netstandard1.3) (< netstandard1.4)) (&& (< net20) (>= net45) (< netstandard1.3) (>= netstandard1.4)) (&& (< net20) (>= net45) (>= netstandard1.4) (< netstandard1.5)) (&& (< net20) (>= net45) (>= netstandard1.5)) (&& (< net20) (>= net45) (< portable-net451+win81+wpa81)) (&& (< net20) (>= net46) (< netstandard1.3)) (&& (< net20) (>= net46) (< netstandard1.4)) (&& (< net20) (>= netstandard1.1) (< win8) (< portable-net451+win81+wpa81)) (&& (< net20) (>= netstandard1.2) (< netstandard1.3) (< monoandroid) (< win8) (< wpa81)) (&& (< net20) (>= netstandard1.3) (< netstandard1.4) (< monoandroid) (< win8) (< wpa81)) (&& (< net20) (>= netstandard1.3) (< win8) (< portable-net451+win81+wpa81)) (&& (< net20) (< netstandard1.3) (>= netstandard1.4) (< monoandroid) (< win8) (< wpa81)) (&& (< net20) (< netstandard1.3) (>= netstandard1.5) (< monoandroid)) (&& (< net20) (>= netstandard1.4) (< netstandard1.5) (< monoandroid) (< win8) (< wpa81)) (&& (< net20) (>= netstandard1.5) (< netstandard1.6) (< monoandroid)) (&& (>= net45) (>= uap10.0)) (&& (>= net45) (>= dnxcore50)) (&& (>= net45) (>= netstandard1.6)) (&& (< net45) (>= net46) (< netstandard1.3)) (&& (< net45) (>= net46) (< netstandard1.4)) (&& (< net45) (>= netstandard1.1) (< portable-net451+win81+wpa81)) (&& (< net45) (>= netstandard1.2) (< netstandard1.3) (< monoandroid) (< wpa81)) (&& (< net45) (>= netstandard1.3) (< netstandard1.4) (< monoandroid) (< wpa81)) (&& (< net45) (>= netstandard1.3) (< win8) (< portable-net451+win81+wpa81)) (&& (< net45) (< netstandard1.3) (>= netstandard1.4) (< monoandroid) (< win8) (< wpa81)) (&& (< net45) (< netstandard1.3) (>= netstandard1.5) (< monoandroid)) (&& (< net45) (>= netstandard1.4) (< netstandard1.5) (< monoandroid) (< wpa81)) (&& (< net45) (< netstandard1.4) (>= netstandard1.5) (< monoandroid)) (&& (< net45) (>= netstandard1.5) (< netstandard1.6) (< monoandroid)) (&& (< net45) (>= netstandard1.5) (< portable-net451+win81+wpa81)) (&& (>= net46) (>= dnxcore50)) (&& (>= net46) (< netstandard1.0) (>= win8)) (&& (>= net46) (< netstandard1.3) (>= wpa81)) (&& (>= net46) (< netstandard1.4) (>= netstandard1.6)) (&& (>= net46) (< netstandard1.4) (>= wpa81)) (&& (>= net46) (>= wp8)) (&& (>= uap10.0) (< uap10.1)) (&& (>= uap10.0) (>= dnxcore50)) (&& (>= uap10.0) (< netstandard1.0)) (&& (>= uap10.0) (< netstandard1.3)) (&& (>= uap10.0) (>= netstandard1.5)) (&& (>= uap10.0) (>= netstandard1.6)) (&& (>= uap10.0) (< win8)) (&& (>= uap10.0) (>= wp8)) (&& (>= dnxcore50) (>= netstandard1.1)) (&& (>= dnxcore50) (>= netstandard1.2)) (&& (>= dnxcore50) (>= netstandard1.3)) (&& (>= dnxcore50) (>= netstandard1.4)) (&& (>= dnxcore50) (>= netstandard1.5)) (&& (>= dnxcore50) (>= netstandard1.6)) (&& (>= dnxcore50) (>= wpa81)) (&& (< netstandard1.0) (>= netstandard1.3) (>= win8)) (&& (< netstandard1.0) (>= netstandard1.4) (>= win8)) (&& (< netstandard1.0) (>= netstandard1.5) (>= win8)) (&& (< netstandard1.0) (>= netstandard1.6) (>= win8)) (&& (>= netstandard1.1) (>= wp8)) (&& (>= netstandard1.2) (>= wp8)) (&& (>= netstandard1.3) (>= wp8)) (&& (< netstandard1.3) (>= netstandard1.6)) (&& (>= netstandard1.4) (>= wp8)) (&& (< netstandard1.4) (>= netstandard1.6) (< monoandroid)) (&& (>= netstandard1.5) (>= wp8)) (&& (>= netstandard1.5) (>= wpa81)) (&& (< netstandard1.5) (>= netstandard1.6)) (&& (>= netstandard1.6) (< netstandard2.0) (< monotouch) (< xamarintvos) (< xamarinwatchos) (< xamarinios) (< xamarinmac)) (&& (>= netstandard1.6) (>= wp8)) (&& (>= netstandard1.6) (>= wpa81)) (&& (>= netstandard1.6) (< portable-net451+win81+wpa81)) (&& (>= wpa81) (< portable-net451+win81+wpa81))
      Microsoft.NETCore.Platforms (>= 1.1) - restriction: && (< net45) (>= netstandard1.3) (< monotouch) (< xamarintvos) (< xamarinwatchos) (< xamarinios) (< xamarinmac) (< win8) (< wpa81)
      runtime.native.System (>= 4.3) - restriction: && (< net45) (>= netstandard1.3) (< monotouch) (< xamarintvos) (< xamarinwatchos) (< xamarinios) (< xamarinmac) (< win8) (< wpa81)
      runtime.native.System.IO.Compression (>= 4.3) - restriction: || (&& (< net45) (>= netstandard1.3) (< monotouch) (< xamarintvos) (< xamarinwatchos) (< xamarinios) (< xamarinmac) (< win8) (< wpa81)) (>= dnxcore50)
      System.Buffers (>= 4.3) - restriction: || (&& (< net45) (>= netstandard1.3) (< monotouch) (< xamarintvos) (< xamarinwatchos) (< xamarinios) (< xamarinmac) (< win8) (< wpa81)) (>= dnxcore50)
      System.Collections (>= 4.3) - restriction: || (&& (< net45) (>= netstandard1.3) (< monotouch) (< xamarintvos) (< xamarinwatchos) (< xamarinios) (< xamarinmac) (< win8) (< wpa81)) (>= dnxcore50)
      System.Diagnostics.Debug (>= 4.3) - restriction: || (&& (< net45) (>= netstandard1.3) (< monotouch) (< xamarintvos) (< xamarinwatchos) (< xamarinios) (< xamarinmac) (< win8) (< wpa81)) (>= dnxcore50)
      System.IO (>= 4.3) - restriction: || (&& (< net45) (>= netstandard1.1) (< netstandard1.3) (< monoandroid) (< win8) (< wpa81)) (&& (< net45) (>= netstandard1.3) (< monotouch) (< xamarintvos) (< xamarinwatchos) (< xamarinios) (< xamarinmac) (< win8) (< wpa81)) (>= dnxcore50)
      System.Resources.ResourceManager (>= 4.3) - restriction: || (&& (< net45) (>= netstandard1.3) (< monotouch) (< xamarintvos) (< xamarinwatchos) (< xamarinios) (< xamarinmac) (< win8) (< wpa81)) (>= dnxcore50)
      System.Runtime (>= 4.3) - restriction: || (&& (< net45) (>= netstandard1.1) (< netstandard1.3) (< monoandroid) (< win8) (< wpa81)) (&& (< net45) (>= netstandard1.3) (< monotouch) (< xamarintvos) (< xamarinwatchos) (< xamarinios) (< xamarinmac) (< win8) (< wpa81)) (>= dnxcore50)
      System.Runtime.Extensions (>= 4.3) - restriction: || (&& (< net45) (>= netstandard1.3) (< monotouch) (< xamarintvos) (< xamarinwatchos) (< xamarinios) (< xamarinmac) (< win8) (< wpa81)) (>= dnxcore50)
      System.Runtime.Handles (>= 4.3) - restriction: || (&& (< net45) (>= netstandard1.3) (< monotouch) (< xamarintvos) (< xamarinwatchos) (< xamarinios) (< xamarinmac) (< win8) (< wpa81)) (>= dnxcore50)
      System.Runtime.InteropServices (>= 4.3) - restriction: || (&& (< net45) (>= netstandard1.3) (< monotouch) (< xamarintvos) (< xamarinwatchos) (< xamarinios) (< xamarinmac) (< win8) (< wpa81)) (>= dnxcore50)
      System.Text.Encoding (>= 4.3) - restriction: || (&& (< net45) (>= netstandard1.1) (< netstandard1.3) (< monoandroid) (< win8) (< wpa81)) (&& (< net45) (>= netstandard1.3) (< monotouch) (< xamarintvos) (< xamarinwatchos) (< xamarinios) (< xamarinmac) (< win8) (< wpa81)) (>= dnxcore50)
      System.Threading (>= 4.3) - restriction: || (&& (< net45) (>= netstandard1.3) (< monotouch) (< xamarintvos) (< xamarinwatchos) (< xamarinios) (< xamarinmac) (< win8) (< wpa81)) (>= dnxcore50)
      System.Threading.Tasks (>= 4.3) - restriction: || (&& (< net45) (>= netstandard1.3) (< monotouch) (< xamarintvos) (< xamarinwatchos) (< xamarinios) (< xamarinmac) (< win8) (< wpa81)) (>= dnxcore50)
    System.IO.Compression.ZipFile (4.3) - restriction: || (&& (< net20) (>= net45) (>= netstandard1.3) (< netstandard1.4)) (&& (< net20) (>= net45) (< netstandard1.3) (>= netstandard1.4)) (&& (< net20) (>= net45) (>= netstandard1.4) (< netstandard1.5)) (&& (< net20) (>= net45) (>= netstandard1.5)) (&& (< net20) (>= net46) (< netstandard1.3)) (&& (< net20) (>= net46) (< netstandard1.4)) (&& (< net20) (>= netstandard1.3) (< netstandard1.4) (< monoandroid) (< win8) (< wpa81)) (&& (< net20) (< netstandard1.3) (>= netstandard1.4) (< monoandroid) (< win8) (< wpa81)) (&& (< net20) (< netstandard1.3) (>= netstandard1.5) (< monoandroid)) (&& (< net20) (>= netstandard1.4) (< netstandard1.5) (< monoandroid) (< win8) (< wpa81)) (&& (< net20) (>= netstandard1.5) (< netstandard1.6) (< monoandroid)) (&& (>= net45) (>= uap10.0)) (&& (>= net45) (>= netstandard1.6)) (&& (< net45) (>= net46) (< netstandard1.3)) (&& (< net45) (>= net46) (< netstandard1.4)) (&& (< net45) (>= netstandard1.3) (< netstandard1.4) (< monoandroid) (< wpa81)) (&& (< net45) (< netstandard1.3) (>= netstandard1.4) (< monoandroid) (< win8) (< wpa81)) (&& (< net45) (< netstandard1.3) (>= netstandard1.5) (< monoandroid)) (&& (< net45) (>= netstandard1.4) (< netstandard1.5) (< monoandroid) (< wpa81)) (&& (< net45) (< netstandard1.4) (>= netstandard1.5) (< monoandroid)) (&& (< net45) (>= netstandard1.5) (< netstandard1.6) (< monoandroid)) (&& (>= net46) (>= dnxcore50)) (&& (>= net46) (< netstandard1.0) (>= win8)) (&& (>= net46) (< netstandard1.3) (>= wpa81)) (&& (>= net46) (< netstandard1.4) (>= netstandard1.6)) (&& (>= net46) (< netstandard1.4) (>= wpa81)) (&& (>= net46) (>= wp8)) (&& (>= uap10.0) (< uap10.1)) (&& (>= uap10.0) (>= dnxcore50)) (&& (>= uap10.0) (< netstandard1.0)) (&& (>= uap10.0) (< netstandard1.3)) (&& (>= uap10.0) (>= netstandard1.5)) (&& (>= uap10.0) (>= netstandard1.6)) (&& (>= uap10.0) (< win8)) (&& (>= uap10.0) (>= wp8)) (&& (>= dnxcore50) (>= netstandard1.3)) (&& (>= dnxcore50) (>= netstandard1.4)) (&& (>= dnxcore50) (>= netstandard1.5)) (&& (>= dnxcore50) (>= netstandard1.6)) (&& (< netstandard1.0) (>= netstandard1.3) (>= win8)) (&& (< netstandard1.0) (>= netstandard1.4) (>= win8)) (&& (< netstandard1.0) (>= netstandard1.5) (>= win8)) (&& (< netstandard1.0) (>= netstandard1.6) (>= win8)) (&& (>= netstandard1.3) (>= wp8)) (&& (< netstandard1.3) (>= netstandard1.6)) (&& (>= netstandard1.4) (>= wp8)) (&& (< netstandard1.4) (>= netstandard1.6) (< monoandroid)) (&& (>= netstandard1.5) (>= wp8)) (&& (>= netstandard1.5) (>= wpa81)) (&& (< netstandard1.5) (>= netstandard1.6)) (&& (>= netstandard1.6) (< netstandard2.0) (< monotouch) (< xamarintvos) (< xamarinwatchos) (< xamarinios) (< xamarinmac)) (&& (>= netstandard1.6) (>= wp8)) (&& (>= netstandard1.6) (>= wpa81))
      System.Buffers (>= 4.3) - restriction: && (< net46) (>= netstandard1.3) (< monotouch) (< xamarintvos) (< xamarinwatchos) (< xamarinios) (< xamarinmac)
      System.IO (>= 4.3) - restriction: && (< net46) (>= netstandard1.3) (< monotouch) (< xamarintvos) (< xamarinwatchos) (< xamarinios) (< xamarinmac)
      System.IO.Compression (>= 4.3) - restriction: && (< net46) (>= netstandard1.3) (< monotouch) (< xamarintvos) (< xamarinwatchos) (< xamarinios) (< xamarinmac)
      System.IO.FileSystem (>= 4.3) - restriction: && (< net46) (>= netstandard1.3) (< monotouch) (< xamarintvos) (< xamarinwatchos) (< xamarinios) (< xamarinmac)
      System.IO.FileSystem.Primitives (>= 4.3) - restriction: && (< net46) (>= netstandard1.3) (< monotouch) (< xamarintvos) (< xamarinwatchos) (< xamarinios) (< xamarinmac)
      System.Resources.ResourceManager (>= 4.3) - restriction: && (< net46) (>= netstandard1.3) (< monotouch) (< xamarintvos) (< xamarinwatchos) (< xamarinios) (< xamarinmac)
      System.Runtime (>= 4.3) - restriction: && (< net46) (>= netstandard1.3) (< monotouch) (< xamarintvos) (< xamarinwatchos) (< xamarinios) (< xamarinmac)
      System.Runtime.Extensions (>= 4.3) - restriction: && (< net46) (>= netstandard1.3) (< monotouch) (< xamarintvos) (< xamarinwatchos) (< xamarinios) (< xamarinmac)
      System.Text.Encoding (>= 4.3) - restriction: && (< net46) (>= netstandard1.3) (< monotouch) (< xamarintvos) (< xamarinwatchos) (< xamarinios) (< xamarinmac)
    System.IO.FileSystem (4.3) - restriction: || (&& (< net20) (>= net45) (>= netstandard1.3)) (&& (< net20) (>= net45) (< netstandard1.3) (>= netstandard1.4)) (&& (< net20) (>= net45) (>= netstandard1.4) (< netstandard1.5)) (&& (< net20) (>= net45) (>= netstandard1.5)) (&& (< net20) (>= net46) (< netstandard1.3)) (&& (< net20) (>= net46) (< netstandard1.4)) (&& (< net20) (>= netstandard1.3) (< netstandard1.4) (< monoandroid) (< win8) (< wpa81)) (&& (< net20) (>= netstandard1.3) (< monotouch) (< xamarintvos) (< xamarinwatchos) (< xamarinios) (< xamarinmac) (< win8) (< wpa81)) (&& (< net20) (>= netstandard1.3) (< win8) (< portable-net451+win81+wpa81)) (&& (< net20) (< netstandard1.3) (>= netstandard1.4) (< monoandroid) (< win8) (< wpa81)) (&& (< net20) (< netstandard1.3) (>= netstandard1.5) (< monoandroid)) (&& (< net20) (>= netstandard1.4) (< netstandard1.5) (< monoandroid) (< win8) (< wpa81)) (&& (< net20) (>= netstandard1.5) (< netstandard1.6) (< monoandroid)) (&& (>= net45) (>= uap10.0)) (&& (>= net45) (>= dnxcore50)) (&& (>= net45) (>= netstandard1.6)) (&& (< net45) (>= net46) (< netstandard1.3)) (&& (< net45) (>= net46) (< netstandard1.4)) (&& (< net45) (>= netstandard1.3) (< netstandard1.4) (< monoandroid) (< wpa81)) (&& (< net45) (>= netstandard1.3) (< win8) (< portable-net451+win81+wpa81)) (&& (< net45) (< netstandard1.3) (>= netstandard1.4) (< monoandroid) (< win8) (< wpa81)) (&& (< net45) (< netstandard1.3) (>= netstandard1.5) (< monoandroid)) (&& (< net45) (>= netstandard1.4) (< netstandard1.5) (< monoandroid) (< wpa81)) (&& (< net45) (< netstandard1.4) (>= netstandard1.5) (< monoandroid)) (&& (< net45) (>= netstandard1.5) (< netstandard1.6) (< monoandroid)) (&& (< net45) (>= netstandard1.5) (< portable-net451+win81+wpa81)) (&& (>= net46) (>= dnxcore50)) (&& (>= net46) (< netstandard1.0) (>= win8)) (&& (>= net46) (< netstandard1.3) (>= wpa81)) (&& (>= net46) (< netstandard1.4) (>= wpa81)) (&& (>= net46) (>= netstandard1.6)) (&& (>= net46) (>= wp8)) (&& (>= uap10.0) (< uap10.1)) (&& (>= uap10.0) (>= dnxcore50)) (&& (>= uap10.0) (< netstandard1.0)) (&& (>= uap10.0) (< netstandard1.3)) (&& (>= uap10.0) (>= netstandard1.5)) (&& (>= uap10.0) (>= netstandard1.6)) (&& (>= uap10.0) (< win8)) (&& (>= uap10.0) (>= wp8)) (&& (>= dnxcore50) (>= netstandard1.0)) (&& (>= dnxcore50) (>= netstandard1.1)) (&& (>= dnxcore50) (>= netstandard1.2)) (&& (>= dnxcore50) (>= netstandard1.3)) (&& (>= dnxcore50) (>= netstandard1.4)) (&& (>= dnxcore50) (>= netstandard1.5)) (&& (>= dnxcore50) (>= netstandard1.6)) (&& (>= dnxcore50) (>= wp8)) (&& (>= dnxcore50) (>= wpa81)) (&& (< netstandard1.0) (>= netstandard1.3) (>= win8)) (&& (< netstandard1.0) (>= netstandard1.4) (>= win8)) (&& (< netstandard1.0) (>= netstandard1.5) (>= win8)) (&& (< netstandard1.0) (>= netstandard1.6) (>= win8)) (&& (>= netstandard1.3) (< win8) (>= wpa81) (< portable-net451+win81+wpa81)) (&& (>= netstandard1.3) (>= wp8)) (&& (>= netstandard1.3) (< portable-net45+win8+wpa81)) (&& (< netstandard1.3) (>= netstandard1.6)) (&& (>= netstandard1.4) (>= wp8)) (&& (< netstandard1.4) (>= netstandard1.6) (< monoandroid)) (&& (>= netstandard1.5) (>= wp8)) (&& (>= netstandard1.5) (>= wpa81)) (&& (>= netstandard1.5) (< portable-net45+win8+wpa81)) (&& (< netstandard1.5) (>= netstandard1.6)) (&& (>= netstandard1.6) (< monotouch) (< xamarintvos) (< xamarinwatchos) (< xamarinios) (< xamarinmac)) (&& (>= netstandard1.6) (>= wp8)) (&& (>= netstandard1.6) (>= wpa81)) (&& (>= netstandard1.6) (< portable-net45+win8+wpa81)) (&& (>= netstandard1.6) (< portable-net451+win81+wpa81))
      Microsoft.NETCore.Platforms (>= 1.1) - restriction: && (< net46) (>= netstandard1.3) (< monotouch) (< xamarintvos) (< xamarinwatchos) (< xamarinios) (< xamarinmac)
      Microsoft.NETCore.Targets (>= 1.1) - restriction: && (< net46) (>= netstandard1.3) (< monotouch) (< xamarintvos) (< xamarinwatchos) (< xamarinios) (< xamarinmac)
      System.IO (>= 4.3) - restriction: && (< net46) (>= netstandard1.3) (< monotouch) (< xamarintvos) (< xamarinwatchos) (< xamarinios) (< xamarinmac)
      System.IO.FileSystem.Primitives (>= 4.3) - restriction: || (>= net46) (&& (>= netstandard1.3) (< monotouch) (< xamarintvos) (< xamarinwatchos) (< xamarinios) (< xamarinmac))
      System.Runtime (>= 4.3) - restriction: && (< net46) (>= netstandard1.3) (< monotouch) (< xamarintvos) (< xamarinwatchos) (< xamarinios) (< xamarinmac)
      System.Runtime.Handles (>= 4.3) - restriction: && (< net46) (>= netstandard1.3) (< monotouch) (< xamarintvos) (< xamarinwatchos) (< xamarinios) (< xamarinmac)
      System.Text.Encoding (>= 4.3) - restriction: && (< net46) (>= netstandard1.3) (< monotouch) (< xamarintvos) (< xamarinwatchos) (< xamarinios) (< xamarinmac)
      System.Threading.Tasks (>= 4.3) - restriction: && (< net46) (>= netstandard1.3) (< monotouch) (< xamarintvos) (< xamarinwatchos) (< xamarinios) (< xamarinmac)
    System.IO.FileSystem.Primitives (4.3) - restriction: || (&& (< net20) (>= net45) (>= netstandard1.3)) (&& (< net20) (>= net45) (< netstandard1.3) (>= netstandard1.4)) (&& (< net20) (>= net45) (>= netstandard1.4) (< netstandard1.5)) (&& (< net20) (>= net45) (>= netstandard1.5)) (&& (< net20) (>= net46)) (&& (< net20) (>= netstandard1.3) (< netstandard1.4) (< monoandroid) (< win8) (< wpa81)) (&& (< net20) (>= netstandard1.3) (< monotouch) (< xamarintvos) (< xamarinwatchos) (< xamarinios) (< xamarinmac) (< win8) (< wpa81)) (&& (< net20) (>= netstandard1.3) (< win8) (< portable-net451+win81+wpa81)) (&& (< net20) (< netstandard1.3) (>= netstandard1.4) (< monoandroid) (< win8) (< wpa81)) (&& (< net20) (< netstandard1.3) (>= netstandard1.5) (< monoandroid)) (&& (< net20) (>= netstandard1.4) (< netstandard1.5) (< monoandroid) (< win8) (< wpa81)) (&& (< net20) (>= netstandard1.5) (< netstandard1.6) (< monoandroid)) (&& (>= net45) (>= uap10.0)) (&& (>= net45) (>= dnxcore50)) (&& (>= net45) (>= netstandard1.6)) (&& (< net45) (>= net46) (< netstandard1.3)) (&& (< net45) (>= net46) (>= netstandard1.4) (< netstandard1.5)) (&& (< net45) (>= net46) (< netstandard1.4)) (&& (< net45) (>= net46) (>= netstandard1.5)) (&& (< net45) (>= net46) (< portable-net451+win81+wpa81)) (&& (< net45) (>= netstandard1.3) (< netstandard1.4) (< monoandroid) (< wpa81)) (&& (< net45) (>= netstandard1.3) (< win8) (< portable-net451+win81+wpa81)) (&& (< net45) (< netstandard1.3) (>= netstandard1.4) (< monoandroid) (< win8) (< wpa81)) (&& (< net45) (< netstandard1.3) (>= netstandard1.5) (< monoandroid)) (&& (< net45) (>= netstandard1.4) (< netstandard1.5) (< monoandroid) (< wpa81)) (&& (< net45) (< netstandard1.4) (>= netstandard1.5) (< monoandroid)) (&& (< net45) (>= netstandard1.5) (< netstandard1.6) (< monoandroid)) (&& (< net45) (>= netstandard1.5) (< portable-net451+win81+wpa81)) (&& (>= net46) (>= uap10.0)) (&& (>= net46) (>= dnxcore50)) (&& (>= net46) (< netstandard1.0) (>= win8)) (&& (>= net46) (< netstandard1.3) (>= wpa81)) (&& (>= net46) (< netstandard1.4) (>= wpa81)) (&& (>= net46) (>= netstandard1.6)) (&& (>= net46) (>= wp8)) (&& (>= net46) (>= wpa81) (< portable-net451+win81+wpa81)) (&& (>= net46) (< portable-net45+win8+wpa81)) (&& (>= uap10.0) (< uap10.1)) (&& (>= uap10.0) (>= dnxcore50)) (&& (>= uap10.0) (< netstandard1.0)) (&& (>= uap10.0) (< netstandard1.3)) (&& (>= uap10.0) (>= netstandard1.5)) (&& (>= uap10.0) (>= netstandard1.6)) (&& (>= uap10.0) (< win8)) (&& (>= uap10.0) (>= wp8)) (&& (>= dnxcore50) (>= netstandard1.0)) (&& (>= dnxcore50) (>= netstandard1.1)) (&& (>= dnxcore50) (>= netstandard1.2)) (&& (>= dnxcore50) (>= netstandard1.3)) (&& (>= dnxcore50) (>= netstandard1.4)) (&& (>= dnxcore50) (>= netstandard1.5)) (&& (>= dnxcore50) (>= netstandard1.6)) (&& (>= dnxcore50) (>= wp8)) (&& (>= dnxcore50) (>= wpa81)) (&& (< netstandard1.0) (>= netstandard1.3) (>= win8)) (&& (< netstandard1.0) (>= netstandard1.4) (>= win8)) (&& (< netstandard1.0) (>= netstandard1.5) (>= win8)) (&& (< netstandard1.0) (>= netstandard1.6) (>= win8)) (&& (>= netstandard1.3) (< win8) (>= wpa81) (< portable-net451+win81+wpa81)) (&& (>= netstandard1.3) (>= wp8)) (&& (>= netstandard1.3) (< portable-net45+win8+wpa81)) (&& (< netstandard1.3) (>= netstandard1.6)) (&& (>= netstandard1.4) (>= wp8)) (&& (< netstandard1.4) (>= netstandard1.6) (< monoandroid)) (&& (>= netstandard1.5) (>= wp8)) (&& (>= netstandard1.5) (>= wpa81)) (&& (>= netstandard1.5) (< portable-net45+win8+wpa81)) (&& (< netstandard1.5) (>= netstandard1.6)) (&& (>= netstandard1.6) (< monotouch) (< xamarintvos) (< xamarinwatchos) (< xamarinios) (< xamarinmac)) (&& (>= netstandard1.6) (>= wp8)) (&& (>= netstandard1.6) (>= wpa81)) (&& (>= netstandard1.6) (< portable-net45+win8+wpa81)) (&& (>= netstandard1.6) (< portable-net451+win81+wpa81))
      System.Runtime (>= 4.3) - restriction: && (< net46) (>= netstandard1.3) (< monotouch) (< xamarintvos) (< xamarinwatchos) (< xamarinios) (< xamarinmac)
    System.Linq (4.3) - restriction: || (&& (< net20) (>= net45) (>= netstandard1.2) (< netstandard1.3)) (&& (< net20) (>= net45) (>= netstandard1.3)) (&& (< net20) (>= net45) (< netstandard1.3) (>= netstandard1.4)) (&& (< net20) (>= net45) (>= netstandard1.4) (< netstandard1.5)) (&& (< net20) (>= net45) (>= netstandard1.5)) (&& (< net20) (>= net45) (< portable-net45+win8+wpa81)) (&& (< net20) (>= net45) (< portable-net451+win81+wpa81)) (&& (< net20) (>= net46) (< netstandard1.3)) (&& (< net20) (>= net46) (>= netstandard1.4) (< netstandard1.5)) (&& (< net20) (>= net46) (< netstandard1.4)) (&& (< net20) (>= net46) (>= netstandard1.5)) (&& (< net20) (>= net46) (< portable-net451+win81+wpa81)) (&& (< net20) (>= net461) (< netstandard1.3)) (&& (< net20) (>= net461) (< netstandard1.4)) (&& (< net20) (>= net461) (>= netstandard1.5)) (&& (< net20) (>= net461) (< netstandard1.5)) (&& (< net20) (>= net461) (< portable-net451+win81+wpa81)) (&& (< net20) (>= netstandard1.1) (< win8) (< portable-net451+win81+wpa81)) (&& (< net20) (>= netstandard1.2) (< netstandard1.3) (< monoandroid) (< win8) (< wpa81)) (&& (< net20) (>= netstandard1.3) (< netstandard1.4) (< monoandroid) (< win8) (< wpa81)) (&& (< net20) (>= netstandard1.3) (< netstandard2.0) (< monotouch) (< xamarintvos) (< xamarinwatchos) (< xamarinios) (< xamarinmac) (< win8) (< wpa81)) (&& (< net20) (>= netstandard1.3) (< win8) (< portable-net451+win81+wpa81)) (&& (< net20) (< netstandard1.3) (>= netstandard1.4) (< monoandroid) (< win8) (< wpa81)) (&& (< net20) (< netstandard1.3) (>= netstandard1.5)) (&& (< net20) (>= netstandard1.4) (< netstandard1.5) (< monoandroid) (< win8) (< wpa81)) (&& (< net20) (>= netstandard1.4) (< win8) (< portable-net451+win81+wpa81)) (&& (< net20) (< netstandard1.4) (>= netstandard1.5) (< monoandroid)) (&& (< net20) (>= netstandard1.5) (< netstandard1.6) (< monoandroid)) (&& (< net20) (>= netstandard1.5) (< monotouch) (< xamarintvos) (< xamarinwatchos) (< xamarinios) (< xamarinmac)) (&& (>= net45) (>= uap10.0)) (&& (>= net45) (>= dnxcore50)) (&& (>= net45) (>= netstandard1.6)) (&& (< net45) (>= net46) (< netstandard1.3)) (&& (< net45) (>= net46) (>= netstandard1.4) (< netstandard1.5)) (&& (< net45) (>= net46) (< netstandard1.4)) (&& (< net45) (>= net46) (>= netstandard1.5)) (&& (< net45) (>= net46) (< portable-net451+win81+wpa81)) (&& (< net45) (>= net461) (< netstandard1.3)) (&& (< net45) (>= net461) (< netstandard1.4)) (&& (< net45) (>= net461) (>= netstandard1.5)) (&& (< net45) (>= net461) (< netstandard1.5)) (&& (< net45) (>= net461) (< portable-net451+win81+wpa81)) (&& (< net45) (>= netstandard1.1) (< portable-net451+win81+wpa81)) (&& (< net45) (>= netstandard1.2) (< netstandard1.3) (< monoandroid) (< wpa81)) (&& (< net45) (>= netstandard1.3) (< netstandard1.4) (< monoandroid) (< wpa81)) (&& (< net45) (>= netstandard1.3) (< win8) (< portable-net451+win81+wpa81)) (&& (< net45) (< netstandard1.3) (>= netstandard1.4) (< monoandroid) (< win8) (< wpa81)) (&& (< net45) (< netstandard1.3) (>= netstandard1.5) (< monoandroid)) (&& (< net45) (>= netstandard1.4) (< netstandard1.5) (< monoandroid) (< wpa81)) (&& (< net45) (>= netstandard1.4) (< win8) (< portable-net451+win81+wpa81)) (&& (< net45) (< netstandard1.4) (>= netstandard1.5) (< monoandroid)) (&& (< net45) (>= netstandard1.5) (< netstandard1.6) (< monoandroid)) (&& (< net45) (>= netstandard1.5) (< portable-net451+win81+wpa81)) (&& (>= net46) (>= uap10.0)) (&& (>= net46) (>= dnxcore50)) (&& (>= net46) (< netstandard1.0) (>= win8)) (&& (>= net46) (< netstandard1.3) (>= wpa81)) (&& (>= net46) (< netstandard1.4) (>= wpa81)) (&& (>= net46) (>= netstandard1.6)) (&& (>= net461) (>= uap10.0)) (&& (>= net461) (>= dnxcore50)) (&& (>= net461) (< netstandard1.0) (>= win8)) (&& (>= net461) (< netstandard1.3) (>= wpa81)) (&& (>= net461) (< netstandard1.4) (>= wpa81)) (&& (>= net461) (>= netstandard1.6)) (&& (>= net463) (>= netstandard1.6)) (&& (>= uap10.0) (< uap10.1)) (&& (>= uap10.0) (>= dnxcore50)) (&& (>= uap10.0) (< netstandard1.0)) (&& (>= uap10.0) (< netstandard1.3)) (&& (>= uap10.0) (< netstandard1.4)) (&& (>= uap10.0) (>= netstandard1.5)) (&& (>= uap10.0) (>= netstandard1.6)) (&& (>= uap10.0) (< win8)) (&& (>= dnxcore50) (>= netstandard1.0)) (&& (>= dnxcore50) (>= netstandard1.1)) (&& (>= dnxcore50) (>= netstandard1.2)) (&& (>= dnxcore50) (>= netstandard1.3)) (&& (>= dnxcore50) (>= netstandard1.4)) (&& (>= dnxcore50) (>= netstandard1.5)) (&& (>= dnxcore50) (>= netstandard1.6)) (&& (>= dnxcore50) (>= wpa81)) (&& (>= netstandard1.0) (< portable-net45+win8+wpa81)) (&& (< netstandard1.0) (>= netstandard1.3) (>= win8)) (&& (< netstandard1.0) (>= netstandard1.4) (>= win8)) (&& (< netstandard1.0) (>= netstandard1.5) (>= win8)) (&& (< netstandard1.0) (>= netstandard1.6) (>= win8)) (&& (>= netstandard1.1) (< portable-net45+win8+wpa81)) (&& (>= netstandard1.3) (< portable-net45+win8+wpa81)) (&& (< netstandard1.3) (>= netstandard1.6)) (&& (< netstandard1.4) (>= netstandard1.6) (< monoandroid)) (&& (>= netstandard1.5) (>= wpa81)) (&& (>= netstandard1.5) (< portable-net45+win8+wpa81)) (&& (< netstandard1.5) (>= netstandard1.6)) (&& (>= netstandard1.6) (< monotouch) (< xamarintvos) (< xamarinwatchos) (< xamarinios) (< xamarinmac)) (&& (>= netstandard1.6) (>= wpa81)) (&& (>= netstandard1.6) (< portable-net45+win8+wpa81)) (&& (>= netstandard1.6) (< portable-net451+win81+wpa81)) (>= wp8) (&& (>= wpa81) (< portable-net45+win8+wpa81)) (&& (>= wpa81) (< portable-net451+win81+wpa81))
      System.Collections (>= 4.3) - restriction: || (&& (< net45) (>= netstandard1.0) (< netstandard1.6) (< monoandroid) (< win8) (< wp8) (< wpa81)) (>= dnxcore50) (&& (>= netstandard1.6) (< monotouch) (< xamarintvos) (< xamarinwatchos) (< xamarinios) (< xamarinmac))
      System.Diagnostics.Debug (>= 4.3) - restriction: || (>= dnxcore50) (&& (>= netstandard1.6) (< monotouch) (< xamarintvos) (< xamarinwatchos) (< xamarinios) (< xamarinmac))
      System.Resources.ResourceManager (>= 4.3) - restriction: || (>= dnxcore50) (&& (>= netstandard1.6) (< monotouch) (< xamarintvos) (< xamarinwatchos) (< xamarinios) (< xamarinmac))
      System.Runtime (>= 4.3) - restriction: || (&& (< net45) (>= netstandard1.0) (< netstandard1.6) (< monoandroid) (< win8) (< wp8) (< wpa81)) (>= dnxcore50) (&& (>= netstandard1.6) (< monotouch) (< xamarintvos) (< xamarinwatchos) (< xamarinios) (< xamarinmac))
      System.Runtime.Extensions (>= 4.3) - restriction: || (>= dnxcore50) (&& (>= netstandard1.6) (< monotouch) (< xamarintvos) (< xamarinwatchos) (< xamarinios) (< xamarinmac))
    System.Linq.Expressions (4.3) - restriction: || (&& (< net20) (>= net45) (>= netstandard1.3)) (&& (< net20) (>= net45) (< netstandard1.3)) (&& (< net20) (>= net45) (>= netstandard1.4) (< netstandard1.5)) (&& (< net20) (>= net45) (>= netstandard1.5)) (&& (< net20) (>= net45) (< portable-net45+win8+wpa81)) (&& (< net20) (>= net45) (< portable-net451+win81+wpa81)) (&& (< net20) (>= netstandard1.0) (< netstandard1.3) (< monoandroid) (< win8) (< wpa81)) (&& (< net20) (>= netstandard1.1) (< win8) (< portable-net451+win81+wpa81)) (&& (< net20) (>= netstandard1.2) (< netstandard1.3) (< monoandroid) (< win8) (< wpa81)) (&& (< net20) (>= netstandard1.3) (< netstandard1.4) (< monoandroid) (< win8) (< wpa81)) (&& (< net20) (>= netstandard1.3) (< netstandard2.0) (< monotouch) (< xamarintvos) (< xamarinwatchos) (< xamarinios) (< xamarinmac) (< win8) (< wpa81)) (&& (< net20) (>= netstandard1.3) (< win8) (< portable-net451+win81+wpa81)) (&& (< net20) (< netstandard1.3) (>= netstandard1.4) (< monoandroid) (< win8) (< wpa81)) (&& (< net20) (< netstandard1.3) (>= netstandard1.5) (< monoandroid)) (&& (< net20) (>= netstandard1.4) (< netstandard1.5) (< monoandroid) (< win8) (< wpa81)) (&& (< net20) (>= netstandard1.5) (< netstandard1.6) (< monoandroid)) (&& (>= net45) (>= uap10.0)) (&& (>= net45) (>= dnxcore50)) (&& (>= net45) (>= netstandard1.6)) (&& (< net45) (>= netstandard1.1) (< portable-net451+win81+wpa81)) (&& (< net45) (>= netstandard1.2) (< netstandard1.3) (< monoandroid) (< wpa81)) (&& (< net45) (>= netstandard1.3) (< netstandard1.4) (< monoandroid) (< wpa81)) (&& (< net45) (>= netstandard1.3) (< win8) (< portable-net451+win81+wpa81)) (&& (< net45) (< netstandard1.3) (>= netstandard1.4) (< monoandroid) (< win8) (< wpa81)) (&& (< net45) (< netstandard1.3) (>= netstandard1.5) (< monoandroid)) (&& (< net45) (>= netstandard1.4) (< netstandard1.5) (< monoandroid) (< wpa81)) (&& (< net45) (< netstandard1.4) (>= netstandard1.5) (< monoandroid)) (&& (< net45) (>= netstandard1.5) (< netstandard1.6) (< monoandroid)) (&& (< net45) (>= netstandard1.5) (< portable-net451+win81+wpa81)) (&& (>= uap10.0) (< uap10.1)) (&& (>= uap10.0) (>= dnxcore50)) (&& (>= uap10.0) (< netstandard1.0)) (&& (>= uap10.0) (< netstandard1.3)) (&& (>= uap10.0) (>= netstandard1.5)) (&& (>= uap10.0) (>= netstandard1.6)) (&& (>= uap10.0) (< win8)) (&& (>= dnxcore50) (>= netstandard1.0)) (&& (>= dnxcore50) (>= netstandard1.1)) (&& (>= dnxcore50) (>= netstandard1.2)) (&& (>= dnxcore50) (>= netstandard1.3)) (&& (>= dnxcore50) (>= netstandard1.4)) (&& (>= dnxcore50) (>= netstandard1.5)) (&& (>= dnxcore50) (>= netstandard1.6)) (&& (>= dnxcore50) (>= wpa81)) (&& (>= netstandard1.0) (< portable-net45+win8+wpa81)) (&& (< netstandard1.0) (>= netstandard1.3) (>= win8)) (&& (< netstandard1.0) (>= netstandard1.4) (>= win8)) (&& (< netstandard1.0) (>= netstandard1.5) (>= win8)) (&& (< netstandard1.0) (>= netstandard1.6) (>= win8)) (&& (>= netstandard1.1) (< portable-net45+win8+wpa81)) (&& (>= netstandard1.3) (< portable-net45+win8+wpa81)) (&& (< netstandard1.3) (>= netstandard1.6)) (&& (< netstandard1.4) (>= netstandard1.6) (< monoandroid)) (&& (>= netstandard1.5) (>= wpa81)) (&& (>= netstandard1.5) (< portable-net45+win8+wpa81)) (&& (< netstandard1.5) (>= netstandard1.6)) (&& (>= netstandard1.6) (< monotouch) (< xamarintvos) (< xamarinwatchos) (< xamarinios) (< xamarinmac)) (&& (>= netstandard1.6) (>= wpa81)) (&& (>= netstandard1.6) (< portable-net45+win8+wpa81)) (&& (>= netstandard1.6) (< portable-net451+win81+wpa81)) (>= wp8) (&& (>= wpa81) (< portable-net45+win8+wpa81)) (&& (>= wpa81) (< portable-net451+win81+wpa81))
      System.Collections (>= 4.3) - restriction: || (>= dnxcore50) (&& (>= netstandard1.6) (< monotouch) (< xamarintvos) (< xamarinwatchos) (< xamarinios) (< xamarinmac))
      System.Diagnostics.Debug (>= 4.3) - restriction: || (>= dnxcore50) (&& (>= netstandard1.6) (< monotouch) (< xamarintvos) (< xamarinwatchos) (< xamarinios) (< xamarinmac))
      System.Globalization (>= 4.3) - restriction: || (>= dnxcore50) (&& (>= netstandard1.6) (< monotouch) (< xamarintvos) (< xamarinwatchos) (< xamarinios) (< xamarinmac))
      System.IO (>= 4.3) - restriction: || (>= dnxcore50) (&& (>= netstandard1.6) (< monotouch) (< xamarintvos) (< xamarinwatchos) (< xamarinios) (< xamarinmac))
      System.Linq (>= 4.3) - restriction: || (>= dnxcore50) (&& (>= netstandard1.6) (< monotouch) (< xamarintvos) (< xamarinwatchos) (< xamarinios) (< xamarinmac))
      System.ObjectModel (>= 4.3) - restriction: && (>= netstandard1.6) (< monotouch) (< xamarintvos) (< xamarinwatchos) (< xamarinios) (< xamarinmac)
      System.Reflection (>= 4.3) - restriction: || (&& (< net45) (>= netstandard1.0) (< netstandard1.3) (< monoandroid) (< win8) (< wp8) (< wpa81)) (&& (< net45) (>= netstandard1.3) (< netstandard1.6) (< monoandroid) (< win8) (< wpa81)) (>= dnxcore50) (&& (>= netstandard1.6) (< monotouch) (< xamarintvos) (< xamarinwatchos) (< xamarinios) (< xamarinmac))
      System.Reflection.Emit (>= 4.3) - restriction: && (>= netstandard1.6) (< monotouch) (< xamarintvos) (< xamarinwatchos) (< xamarinios) (< xamarinmac)
      System.Reflection.Emit.ILGeneration (>= 4.3) - restriction: || (>= dnxcore50) (&& (>= netstandard1.6) (< monotouch) (< xamarintvos) (< xamarinwatchos) (< xamarinios) (< xamarinmac))
      System.Reflection.Emit.Lightweight (>= 4.3) - restriction: || (>= dnxcore50) (&& (>= netstandard1.6) (< monotouch) (< xamarintvos) (< xamarinwatchos) (< xamarinios) (< xamarinmac))
      System.Reflection.Extensions (>= 4.3) - restriction: || (>= dnxcore50) (&& (>= netstandard1.6) (< monotouch) (< xamarintvos) (< xamarinwatchos) (< xamarinios) (< xamarinmac))
      System.Reflection.Primitives (>= 4.3) - restriction: || (>= dnxcore50) (&& (>= netstandard1.6) (< monotouch) (< xamarintvos) (< xamarinwatchos) (< xamarinios) (< xamarinmac))
      System.Reflection.TypeExtensions (>= 4.3) - restriction: || (>= dnxcore50) (&& (>= netstandard1.6) (< monotouch) (< xamarintvos) (< xamarinwatchos) (< xamarinios) (< xamarinmac))
      System.Resources.ResourceManager (>= 4.3) - restriction: || (>= dnxcore50) (&& (>= netstandard1.6) (< monotouch) (< xamarintvos) (< xamarinwatchos) (< xamarinios) (< xamarinmac))
      System.Runtime (>= 4.3) - restriction: || (&& (< net45) (>= netstandard1.0) (< netstandard1.3) (< monoandroid) (< win8) (< wp8) (< wpa81)) (&& (< net45) (>= netstandard1.3) (< netstandard1.6) (< monoandroid) (< win8) (< wpa81)) (>= dnxcore50) (&& (>= netstandard1.6) (< monotouch) (< xamarintvos) (< xamarinwatchos) (< xamarinios) (< xamarinmac))
      System.Runtime.Extensions (>= 4.3) - restriction: || (>= dnxcore50) (&& (>= netstandard1.6) (< monotouch) (< xamarintvos) (< xamarinwatchos) (< xamarinios) (< xamarinmac))
      System.Threading (>= 4.3) - restriction: || (>= dnxcore50) (&& (>= netstandard1.6) (< monotouch) (< xamarintvos) (< xamarinwatchos) (< xamarinios) (< xamarinmac))
    System.Net.Http (4.3.2) - restriction: || (&& (< net20) (>= net45) (>= netstandard1.2) (< netstandard1.3)) (&& (< net20) (>= net45) (>= netstandard1.3) (< netstandard1.4)) (&& (< net20) (>= net45) (< netstandard1.3) (>= netstandard1.4)) (&& (< net20) (>= net45) (>= netstandard1.4) (< netstandard1.5)) (&& (< net20) (>= net45) (>= netstandard1.5)) (&& (< net20) (>= net45) (< portable-net451+win81+wpa81)) (&& (< net20) (>= net46) (< netstandard1.3)) (&& (< net20) (>= net46) (< netstandard1.4)) (&& (< net20) (>= netstandard1.1) (< win8) (< portable-net451+win81+wpa81)) (&& (< net20) (>= netstandard1.2) (< netstandard1.3) (< monoandroid) (< win8) (< wpa81)) (&& (< net20) (>= netstandard1.3) (< netstandard1.4) (< monoandroid) (< win8) (< wpa81)) (&& (< net20) (>= netstandard1.3) (< win8) (< portable-net451+win81+wpa81)) (&& (< net20) (< netstandard1.3) (>= netstandard1.4) (< monoandroid) (< win8) (< wpa81)) (&& (< net20) (>= netstandard1.4) (< netstandard1.5) (< monoandroid) (< win8) (< wpa81)) (&& (< net20) (>= netstandard1.5) (< monoandroid)) (&& (>= net45) (>= uap10.0)) (&& (>= net45) (>= dnxcore50)) (&& (< net45) (>= net46) (< netstandard1.3)) (&& (< net45) (>= net46) (< netstandard1.4)) (&& (< net45) (>= netstandard1.1) (< portable-net451+win81+wpa81)) (&& (< net45) (>= netstandard1.2) (< netstandard1.3) (< monoandroid) (< wpa81)) (&& (< net45) (>= netstandard1.3) (< netstandard1.4) (< monoandroid) (< wpa81)) (&& (< net45) (>= netstandard1.3) (< win8) (< portable-net451+win81+wpa81)) (&& (< net45) (< netstandard1.3) (>= netstandard1.4) (< monoandroid) (< win8) (< wpa81)) (&& (< net45) (>= netstandard1.4) (< netstandard1.5) (< monoandroid) (< wpa81)) (&& (< net45) (>= netstandard1.5) (< monoandroid)) (&& (< net45) (>= netstandard1.5) (< portable-net451+win81+wpa81)) (&& (>= net46) (>= dnxcore50)) (&& (>= net46) (< netstandard1.0) (>= win8)) (&& (>= net46) (< netstandard1.3) (>= wpa81)) (&& (>= net46) (< netstandard1.4) (>= wpa81)) (&& (>= net46) (>= wp8)) (&& (>= uap10.0) (< uap10.1)) (&& (>= uap10.0) (>= dnxcore50)) (&& (>= uap10.0) (< netstandard1.0)) (&& (>= uap10.0) (< netstandard1.3)) (&& (>= uap10.0) (>= netstandard1.5)) (&& (>= uap10.0) (< win8)) (&& (>= uap10.0) (>= wp8)) (&& (>= dnxcore50) (>= netstandard1.1)) (&& (>= dnxcore50) (>= netstandard1.2)) (&& (>= dnxcore50) (>= netstandard1.3)) (&& (>= dnxcore50) (>= netstandard1.4)) (&& (>= dnxcore50) (>= netstandard1.5)) (&& (>= dnxcore50) (>= wpa81)) (&& (< netstandard1.0) (>= netstandard1.3) (>= win8)) (&& (< netstandard1.0) (>= netstandard1.4) (>= win8)) (&& (< netstandard1.0) (>= netstandard1.5) (>= win8)) (&& (>= netstandard1.1) (>= wp8)) (&& (>= netstandard1.2) (>= wp8)) (&& (>= netstandard1.3) (>= wp8)) (&& (>= netstandard1.4) (>= wp8)) (&& (>= netstandard1.5) (>= wp8)) (&& (>= netstandard1.5) (>= wpa81)) (>= netstandard1.6) (&& (>= wpa81) (< portable-net451+win81+wpa81))
      Microsoft.NETCore.Platforms (>= 1.1) - restriction: || (&& (< net45) (>= netstandard1.3) (< netstandard1.6) (< monoandroid) (< win8) (< wpa81)) (>= dnxcore50) (&& (>= netstandard1.6) (< monotouch) (< xamarintvos) (< xamarinwatchos) (< xamarinios) (< xamarinmac))
      runtime.native.System (>= 4.3) - restriction: && (>= netstandard1.6) (< monotouch) (< xamarintvos) (< xamarinwatchos) (< xamarinios) (< xamarinmac)
      runtime.native.System.Net.Http (>= 4.3) - restriction: && (>= netstandard1.6) (< monotouch) (< xamarintvos) (< xamarinwatchos) (< xamarinios) (< xamarinmac)
      runtime.native.System.Security.Cryptography.OpenSsl (>= 4.3) - restriction: && (>= netstandard1.6) (< monotouch) (< xamarintvos) (< xamarinwatchos) (< xamarinios) (< xamarinmac)
      System.Collections (>= 4.3) - restriction: || (&& (< net45) (>= netstandard1.3) (< netstandard1.6) (< monoandroid) (< win8) (< wpa81)) (>= dnxcore50) (&& (>= netstandard1.6) (< monotouch) (< xamarintvos) (< xamarinwatchos) (< xamarinios) (< xamarinmac))
      System.Diagnostics.Debug (>= 4.3) - restriction: || (&& (< net45) (>= netstandard1.3) (< netstandard1.6) (< monoandroid) (< win8) (< wpa81)) (>= dnxcore50) (&& (>= netstandard1.6) (< monotouch) (< xamarintvos) (< xamarinwatchos) (< xamarinios) (< xamarinmac))
      System.Diagnostics.DiagnosticSource (>= 4.3) - restriction: || (&& (< net45) (>= netstandard1.3) (< netstandard1.6) (< monoandroid) (< win8) (< wpa81)) (>= dnxcore50) (&& (>= netstandard1.6) (< monotouch) (< xamarintvos) (< xamarinwatchos) (< xamarinios) (< xamarinmac))
      System.Diagnostics.Tracing (>= 4.3) - restriction: || (&& (< net45) (>= netstandard1.3) (< netstandard1.6) (< monoandroid) (< win8) (< wpa81)) (>= dnxcore50) (&& (>= netstandard1.6) (< monotouch) (< xamarintvos) (< xamarinwatchos) (< xamarinios) (< xamarinmac))
      System.Globalization (>= 4.3) - restriction: || (&& (< net45) (>= netstandard1.3) (< netstandard1.6) (< monoandroid) (< win8) (< wpa81)) (>= dnxcore50) (&& (>= netstandard1.6) (< monotouch) (< xamarintvos) (< xamarinwatchos) (< xamarinios) (< xamarinmac))
      System.Globalization.Extensions (>= 4.3) - restriction: && (>= netstandard1.6) (< monotouch) (< xamarintvos) (< xamarinwatchos) (< xamarinios) (< xamarinmac)
      System.IO (>= 4.3) - restriction: || (&& (< net45) (>= netstandard1.1) (< netstandard1.3) (< monoandroid) (< win8) (< wpa81)) (&& (< net45) (>= netstandard1.3) (< netstandard1.6) (< monoandroid) (< win8) (< wpa81)) (>= dnxcore50) (&& (>= netstandard1.6) (< monotouch) (< xamarintvos) (< xamarinwatchos) (< xamarinios) (< xamarinmac))
      System.IO.FileSystem (>= 4.3) - restriction: && (>= netstandard1.6) (< monotouch) (< xamarintvos) (< xamarinwatchos) (< xamarinios) (< xamarinmac)
      System.Net.Primitives (>= 4.3) - restriction: || (&& (< net45) (>= netstandard1.1) (< netstandard1.3) (< monoandroid) (< win8) (< wpa81)) (&& (< net45) (>= netstandard1.3) (< netstandard1.6) (< monoandroid) (< win8) (< wpa81)) (>= dnxcore50) (&& (>= netstandard1.6) (< monotouch) (< xamarintvos) (< xamarinwatchos) (< xamarinios) (< xamarinmac))
      System.Resources.ResourceManager (>= 4.3) - restriction: || (&& (< net45) (>= netstandard1.3) (< netstandard1.6) (< monoandroid) (< win8) (< wpa81)) (>= dnxcore50) (&& (>= netstandard1.6) (< monotouch) (< xamarintvos) (< xamarinwatchos) (< xamarinios) (< xamarinmac))
      System.Runtime (>= 4.3) - restriction: || (&& (< net45) (>= netstandard1.1) (< netstandard1.3) (< monoandroid) (< win8) (< wpa81)) (&& (< net45) (>= netstandard1.3) (< netstandard1.6) (< monoandroid) (< win8) (< wpa81)) (>= dnxcore50) (&& (>= netstandard1.6) (< monotouch) (< xamarintvos) (< xamarinwatchos) (< xamarinios) (< xamarinmac))
      System.Runtime.Extensions (>= 4.3) - restriction: || (&& (< net45) (>= netstandard1.3) (< netstandard1.6) (< monoandroid) (< win8) (< wpa81)) (>= dnxcore50) (&& (>= netstandard1.6) (< monotouch) (< xamarintvos) (< xamarinwatchos) (< xamarinios) (< xamarinmac))
      System.Runtime.Handles (>= 4.3) - restriction: || (&& (< net45) (>= netstandard1.3) (< netstandard1.6) (< monoandroid) (< win8) (< wpa81)) (&& (>= netstandard1.6) (< monotouch) (< xamarintvos) (< xamarinwatchos) (< xamarinios) (< xamarinmac))
      System.Runtime.InteropServices (>= 4.3) - restriction: || (&& (< net45) (>= netstandard1.3) (< netstandard1.6) (< monoandroid) (< win8) (< wpa81)) (>= dnxcore50) (&& (>= netstandard1.6) (< monotouch) (< xamarintvos) (< xamarinwatchos) (< xamarinios) (< xamarinmac))
      System.Security.Cryptography.Algorithms (>= 4.3) - restriction: && (>= netstandard1.6) (< monotouch) (< xamarintvos) (< xamarinwatchos) (< xamarinios) (< xamarinmac)
      System.Security.Cryptography.Encoding (>= 4.3) - restriction: || (&& (< net45) (>= netstandard1.3) (< netstandard1.6) (< monoandroid) (< win8) (< wpa81)) (&& (>= netstandard1.6) (< monotouch) (< xamarintvos) (< xamarinwatchos) (< xamarinios) (< xamarinmac))
      System.Security.Cryptography.OpenSsl (>= 4.3) - restriction: && (>= netstandard1.6) (< monotouch) (< xamarintvos) (< xamarinwatchos) (< xamarinios) (< xamarinmac)
      System.Security.Cryptography.Primitives (>= 4.3) - restriction: && (>= netstandard1.6) (< monotouch) (< xamarintvos) (< xamarinwatchos) (< xamarinios) (< xamarinmac)
      System.Security.Cryptography.X509Certificates (>= 4.3) - restriction: || (&& (< net45) (>= netstandard1.3) (< netstandard1.6) (< monoandroid) (< win8) (< wpa81)) (>= net46) (>= dnxcore50) (&& (>= netstandard1.6) (< monotouch) (< xamarintvos) (< xamarinwatchos) (< xamarinios) (< xamarinmac))
      System.Text.Encoding (>= 4.3) - restriction: || (&& (< net45) (>= netstandard1.1) (< netstandard1.3) (< monoandroid) (< win8) (< wpa81)) (&& (< net45) (>= netstandard1.3) (< netstandard1.6) (< monoandroid) (< win8) (< wpa81)) (>= dnxcore50) (&& (>= netstandard1.6) (< monotouch) (< xamarintvos) (< xamarinwatchos) (< xamarinios) (< xamarinmac))
      System.Threading (>= 4.3) - restriction: || (&& (< net45) (>= netstandard1.3) (< netstandard1.6) (< monoandroid) (< win8) (< wpa81)) (>= dnxcore50) (&& (>= netstandard1.6) (< monotouch) (< xamarintvos) (< xamarinwatchos) (< xamarinios) (< xamarinmac))
      System.Threading.Tasks (>= 4.3) - restriction: || (&& (< net45) (>= netstandard1.1) (< netstandard1.3) (< monoandroid) (< win8) (< wpa81)) (&& (< net45) (>= netstandard1.3) (< netstandard1.6) (< monoandroid) (< win8) (< wpa81)) (>= dnxcore50) (&& (>= netstandard1.6) (< monotouch) (< xamarintvos) (< xamarinwatchos) (< xamarinios) (< xamarinmac))
    System.Net.Primitives (4.3) - restriction: || (&& (< net20) (>= net45) (>= netstandard1.2) (< netstandard1.3)) (&& (< net20) (>= net45) (>= netstandard1.3) (< netstandard1.4)) (&& (< net20) (>= net45) (< netstandard1.3) (>= netstandard1.4)) (&& (< net20) (>= net45) (>= netstandard1.4) (< netstandard1.5)) (&& (< net20) (>= net45) (>= netstandard1.5)) (&& (< net20) (>= net45) (< portable-net45+win8+wpa81)) (&& (< net20) (>= net45) (< portable-net451+win81+wpa81)) (&& (< net20) (>= net46) (< netstandard1.3)) (&& (< net20) (>= net46) (< netstandard1.4)) (&& (< net20) (>= netstandard1.1) (< win8) (< portable-net451+win81+wpa81)) (&& (< net20) (>= netstandard1.2) (< netstandard1.3) (< monoandroid) (< win8) (< wpa81)) (&& (< net20) (>= netstandard1.3) (< netstandard1.4) (< monoandroid) (< win8) (< wpa81)) (&& (< net20) (>= netstandard1.3) (< win8) (< portable-net451+win81+wpa81)) (&& (< net20) (< netstandard1.3) (>= netstandard1.4) (< monoandroid) (< win8) (< wpa81)) (&& (< net20) (< netstandard1.3) (>= netstandard1.5) (< monoandroid)) (&& (< net20) (>= netstandard1.4) (< netstandard1.5) (< monoandroid) (< win8) (< wpa81)) (&& (< net20) (>= netstandard1.5) (< netstandard1.6) (< monoandroid)) (&& (>= net45) (>= uap10.0)) (&& (>= net45) (>= dnxcore50)) (&& (>= net45) (>= netstandard1.6)) (&& (< net45) (>= net46) (< netstandard1.3)) (&& (< net45) (>= net46) (< netstandard1.4)) (&& (< net45) (>= netstandard1.1) (< portable-net451+win81+wpa81)) (&& (< net45) (>= netstandard1.2) (< netstandard1.3) (< monoandroid) (< wpa81)) (&& (< net45) (>= netstandard1.3) (< netstandard1.4) (< monoandroid) (< wpa81)) (&& (< net45) (>= netstandard1.3) (< win8) (< portable-net451+win81+wpa81)) (&& (< net45) (< netstandard1.3) (>= netstandard1.4) (< monoandroid) (< win8) (< wpa81)) (&& (< net45) (< netstandard1.3) (>= netstandard1.5) (< monoandroid)) (&& (< net45) (>= netstandard1.4) (< netstandard1.5) (< monoandroid) (< wpa81)) (&& (< net45) (< netstandard1.4) (>= netstandard1.5) (< monoandroid)) (&& (< net45) (>= netstandard1.5) (< netstandard1.6) (< monoandroid)) (&& (< net45) (>= netstandard1.5) (< portable-net451+win81+wpa81)) (&& (>= net46) (>= dnxcore50)) (&& (>= net46) (< netstandard1.0) (>= win8)) (&& (>= net46) (< netstandard1.3) (>= wpa81)) (&& (>= net46) (< netstandard1.4) (>= netstandard1.6)) (&& (>= net46) (< netstandard1.4) (>= wpa81)) (&& (>= uap10.0) (< uap10.1)) (&& (>= uap10.0) (>= dnxcore50)) (&& (>= uap10.0) (< netstandard1.0)) (&& (>= uap10.0) (< netstandard1.3)) (&& (>= uap10.0) (>= netstandard1.5)) (&& (>= uap10.0) (>= netstandard1.6)) (&& (>= uap10.0) (< win8)) (&& (>= dnxcore50) (>= netstandard1.0)) (&& (>= dnxcore50) (>= netstandard1.1)) (&& (>= dnxcore50) (>= netstandard1.2)) (&& (>= dnxcore50) (>= netstandard1.3)) (&& (>= dnxcore50) (>= netstandard1.4)) (&& (>= dnxcore50) (>= netstandard1.5)) (&& (>= dnxcore50) (>= netstandard1.6)) (&& (>= dnxcore50) (>= wpa81)) (&& (>= netstandard1.0) (< portable-net45+win8+wpa81)) (&& (< netstandard1.0) (>= netstandard1.3) (>= win8)) (&& (< netstandard1.0) (>= netstandard1.4) (>= win8)) (&& (< netstandard1.0) (>= netstandard1.5) (>= win8)) (&& (< netstandard1.0) (>= netstandard1.6) (>= win8)) (&& (>= netstandard1.1) (< portable-net45+win8+wpa81)) (&& (>= netstandard1.3) (< portable-net45+win8+wpa81)) (&& (< netstandard1.3) (>= netstandard1.6)) (&& (< netstandard1.4) (>= netstandard1.6) (< monoandroid)) (&& (>= netstandard1.5) (>= wpa81)) (&& (>= netstandard1.5) (< portable-net45+win8+wpa81)) (&& (< netstandard1.5) (>= netstandard1.6)) (&& (>= netstandard1.6) (< monotouch) (< xamarintvos) (< xamarinwatchos) (< xamarinios) (< xamarinmac)) (&& (>= netstandard1.6) (>= wpa81)) (&& (>= netstandard1.6) (< portable-net45+win8+wpa81)) (&& (>= netstandard1.6) (< portable-net451+win81+wpa81)) (>= wp8) (&& (>= wpa81) (< portable-net45+win8+wpa81)) (&& (>= wpa81) (< portable-net451+win81+wpa81))
      Microsoft.NETCore.Platforms (>= 1.1) - restriction: || (&& (< net45) (>= netstandard1.1) (< netstandard1.3) (< monoandroid) (< win8) (< wpa81)) (&& (< net45) (>= netstandard1.3) (< monotouch) (< xamarintvos) (< xamarinwatchos) (< xamarinios) (< xamarinmac) (< win8) (< wpa81)) (>= dnxcore50) (&& (>= netstandard1.0) (< netstandard1.1) (< monoandroid) (< win8) (< wp8))
      Microsoft.NETCore.Targets (>= 1.1) - restriction: || (&& (< net45) (>= netstandard1.1) (< netstandard1.3) (< monoandroid) (< win8) (< wpa81)) (&& (< net45) (>= netstandard1.3) (< monotouch) (< xamarintvos) (< xamarinwatchos) (< xamarinios) (< xamarinmac) (< win8) (< wpa81)) (>= dnxcore50) (&& (>= netstandard1.0) (< netstandard1.1) (< monoandroid) (< win8) (< wp8))
      System.Runtime (>= 4.3) - restriction: || (&& (< net45) (>= netstandard1.1) (< netstandard1.3) (< monoandroid) (< win8) (< wpa81)) (&& (< net45) (>= netstandard1.3) (< monotouch) (< xamarintvos) (< xamarinwatchos) (< xamarinios) (< xamarinmac) (< win8) (< wpa81)) (>= dnxcore50) (&& (>= netstandard1.0) (< netstandard1.1) (< monoandroid) (< win8) (< wp8))
      System.Runtime.Handles (>= 4.3) - restriction: || (&& (< net45) (>= netstandard1.3) (< monotouch) (< xamarintvos) (< xamarinwatchos) (< xamarinios) (< xamarinmac) (< win8) (< wpa81)) (>= dnxcore50)
    System.Net.Sockets (4.3) - restriction: || (&& (< net20) (>= net45) (>= netstandard1.3) (< netstandard1.4)) (&& (< net20) (>= net45) (< netstandard1.3) (>= netstandard1.4)) (&& (< net20) (>= net45) (>= netstandard1.4) (< netstandard1.5)) (&& (< net20) (>= net45) (>= netstandard1.5)) (&& (< net20) (>= net46) (< netstandard1.3)) (&& (< net20) (>= net46) (< netstandard1.4)) (&& (< net20) (>= netstandard1.3) (< netstandard1.4) (< monoandroid) (< win8) (< wpa81)) (&& (< net20) (< netstandard1.3) (>= netstandard1.4) (< monoandroid) (< win8) (< wpa81)) (&& (< net20) (< netstandard1.3) (>= netstandard1.5) (< monoandroid)) (&& (< net20) (>= netstandard1.4) (< netstandard1.5) (< monoandroid) (< win8) (< wpa81)) (&& (< net20) (>= netstandard1.5) (< netstandard1.6) (< monoandroid)) (&& (>= net45) (>= uap10.0)) (&& (>= net45) (>= netstandard1.6)) (&& (< net45) (>= net46) (< netstandard1.3)) (&& (< net45) (>= net46) (< netstandard1.4)) (&& (< net45) (>= netstandard1.3) (< netstandard1.4) (< monoandroid) (< wpa81)) (&& (< net45) (< netstandard1.3) (>= netstandard1.4) (< monoandroid) (< win8) (< wpa81)) (&& (< net45) (< netstandard1.3) (>= netstandard1.5) (< monoandroid)) (&& (< net45) (>= netstandard1.4) (< netstandard1.5) (< monoandroid) (< wpa81)) (&& (< net45) (< netstandard1.4) (>= netstandard1.5) (< monoandroid)) (&& (< net45) (>= netstandard1.5) (< netstandard1.6) (< monoandroid)) (&& (>= net46) (>= dnxcore50)) (&& (>= net46) (< netstandard1.0) (>= win8)) (&& (>= net46) (< netstandard1.3) (>= wpa81)) (&& (>= net46) (< netstandard1.4) (>= netstandard1.6)) (&& (>= net46) (< netstandard1.4) (>= wpa81)) (&& (>= net46) (>= wp8)) (&& (>= uap10.0) (< uap10.1)) (&& (>= uap10.0) (>= dnxcore50)) (&& (>= uap10.0) (< netstandard1.0)) (&& (>= uap10.0) (< netstandard1.3)) (&& (>= uap10.0) (>= netstandard1.5)) (&& (>= uap10.0) (>= netstandard1.6)) (&& (>= uap10.0) (< win8)) (&& (>= uap10.0) (>= wp8)) (&& (>= dnxcore50) (>= netstandard1.3)) (&& (>= dnxcore50) (>= netstandard1.4)) (&& (>= dnxcore50) (>= netstandard1.5)) (&& (>= dnxcore50) (>= netstandard1.6)) (&& (< netstandard1.0) (>= netstandard1.3) (>= win8)) (&& (< netstandard1.0) (>= netstandard1.4) (>= win8)) (&& (< netstandard1.0) (>= netstandard1.5) (>= win8)) (&& (< netstandard1.0) (>= netstandard1.6) (>= win8)) (&& (>= netstandard1.3) (>= wp8)) (&& (< netstandard1.3) (>= netstandard1.6)) (&& (>= netstandard1.4) (>= wp8)) (&& (< netstandard1.4) (>= netstandard1.6) (< monoandroid)) (&& (>= netstandard1.5) (>= wp8)) (&& (>= netstandard1.5) (>= wpa81)) (&& (< netstandard1.5) (>= netstandard1.6)) (&& (>= netstandard1.6) (< netstandard2.0) (< monotouch) (< xamarintvos) (< xamarinwatchos) (< xamarinios) (< xamarinmac)) (&& (>= netstandard1.6) (>= wp8)) (&& (>= netstandard1.6) (>= wpa81))
      Microsoft.NETCore.Platforms (>= 1.1) - restriction: && (< net46) (>= netstandard1.3) (< monotouch) (< xamarintvos) (< xamarinwatchos) (< xamarinios) (< xamarinmac)
      Microsoft.NETCore.Targets (>= 1.1) - restriction: && (< net46) (>= netstandard1.3) (< monotouch) (< xamarintvos) (< xamarinwatchos) (< xamarinios) (< xamarinmac)
      System.IO (>= 4.3) - restriction: && (< net46) (>= netstandard1.3) (< monotouch) (< xamarintvos) (< xamarinwatchos) (< xamarinios) (< xamarinmac)
      System.Net.Primitives (>= 4.3) - restriction: && (< net46) (>= netstandard1.3) (< monotouch) (< xamarintvos) (< xamarinwatchos) (< xamarinios) (< xamarinmac)
      System.Runtime (>= 4.3) - restriction: && (< net46) (>= netstandard1.3) (< monotouch) (< xamarintvos) (< xamarinwatchos) (< xamarinios) (< xamarinmac)
      System.Threading.Tasks (>= 4.3) - restriction: && (< net46) (>= netstandard1.3) (< monotouch) (< xamarintvos) (< xamarinwatchos) (< xamarinios) (< xamarinmac)
    System.ObjectModel (4.3) - restriction: || (&& (< net20) (>= net45) (>= netstandard1.3)) (&& (< net20) (>= net45) (< netstandard1.3)) (&& (< net20) (>= net45) (>= netstandard1.4) (< netstandard1.5)) (&& (< net20) (>= net45) (>= netstandard1.5)) (&& (< net20) (>= net45) (< portable-net45+win8+wpa81)) (&& (< net20) (>= net45) (< portable-net451+win81+wpa81)) (&& (< net20) (>= netstandard1.0) (< netstandard1.3) (< monoandroid) (< win8) (< wpa81)) (&& (< net20) (>= netstandard1.1) (< win8) (< portable-net451+win81+wpa81)) (&& (< net20) (>= netstandard1.2) (< netstandard1.3) (< monoandroid) (< win8) (< wpa81)) (&& (< net20) (>= netstandard1.3) (< netstandard1.4) (< monoandroid) (< win8) (< wpa81)) (&& (< net20) (>= netstandard1.3) (< netstandard2.0) (< monotouch) (< xamarintvos) (< xamarinwatchos) (< xamarinios) (< xamarinmac) (< win8) (< wpa81)) (&& (< net20) (>= netstandard1.3) (< win8) (< portable-net451+win81+wpa81)) (&& (< net20) (< netstandard1.3) (>= netstandard1.4) (< monoandroid) (< win8) (< wpa81)) (&& (< net20) (< netstandard1.3) (>= netstandard1.5) (< monoandroid)) (&& (< net20) (>= netstandard1.4) (< netstandard1.5) (< monoandroid) (< win8) (< wpa81)) (&& (< net20) (>= netstandard1.5) (< netstandard1.6) (< monoandroid)) (&& (>= net45) (>= uap10.0)) (&& (>= net45) (>= dnxcore50)) (&& (>= net45) (>= netstandard1.6)) (&& (< net45) (>= netstandard1.1) (< portable-net451+win81+wpa81)) (&& (< net45) (>= netstandard1.2) (< netstandard1.3) (< monoandroid) (< wpa81)) (&& (< net45) (>= netstandard1.3) (< netstandard1.4) (< monoandroid) (< wpa81)) (&& (< net45) (>= netstandard1.3) (< win8) (< portable-net451+win81+wpa81)) (&& (< net45) (< netstandard1.3) (>= netstandard1.4) (< monoandroid) (< win8) (< wpa81)) (&& (< net45) (< netstandard1.3) (>= netstandard1.5) (< monoandroid)) (&& (< net45) (>= netstandard1.4) (< netstandard1.5) (< monoandroid) (< wpa81)) (&& (< net45) (< netstandard1.4) (>= netstandard1.5) (< monoandroid)) (&& (< net45) (>= netstandard1.5) (< netstandard1.6) (< monoandroid)) (&& (< net45) (>= netstandard1.5) (< portable-net451+win81+wpa81)) (&& (>= uap10.0) (< uap10.1)) (&& (>= uap10.0) (>= dnxcore50)) (&& (>= uap10.0) (< netstandard1.0)) (&& (>= uap10.0) (< netstandard1.3)) (&& (>= uap10.0) (>= netstandard1.5)) (&& (>= uap10.0) (>= netstandard1.6)) (&& (>= uap10.0) (< win8)) (&& (>= dnxcore50) (>= netstandard1.0)) (&& (>= dnxcore50) (>= netstandard1.1)) (&& (>= dnxcore50) (>= netstandard1.2)) (&& (>= dnxcore50) (>= netstandard1.3)) (&& (>= dnxcore50) (>= netstandard1.4)) (&& (>= dnxcore50) (>= netstandard1.5)) (&& (>= dnxcore50) (>= netstandard1.6)) (&& (>= dnxcore50) (>= wpa81)) (&& (>= netstandard1.0) (< portable-net45+win8+wpa81)) (&& (< netstandard1.0) (>= netstandard1.3) (>= win8)) (&& (< netstandard1.0) (>= netstandard1.4) (>= win8)) (&& (< netstandard1.0) (>= netstandard1.5) (>= win8)) (&& (< netstandard1.0) (>= netstandard1.6) (>= win8)) (&& (>= netstandard1.1) (< portable-net45+win8+wpa81)) (&& (>= netstandard1.3) (< portable-net45+win8+wpa81)) (&& (< netstandard1.3) (>= netstandard1.6)) (&& (< netstandard1.4) (>= netstandard1.6) (< monoandroid)) (&& (>= netstandard1.5) (>= wpa81)) (&& (>= netstandard1.5) (< portable-net45+win8+wpa81)) (&& (< netstandard1.5) (>= netstandard1.6)) (&& (>= netstandard1.6) (< monotouch) (< xamarintvos) (< xamarinwatchos) (< xamarinios) (< xamarinmac)) (&& (>= netstandard1.6) (>= wpa81)) (&& (>= netstandard1.6) (< portable-net45+win8+wpa81)) (&& (>= netstandard1.6) (< portable-net451+win81+wpa81)) (>= wp8) (&& (>= wpa81) (< portable-net45+win8+wpa81)) (&& (>= wpa81) (< portable-net451+win81+wpa81))
      System.Collections (>= 4.3) - restriction: || (&& (< net45) (>= netstandard1.3) (< monotouch) (< xamarintvos) (< xamarinwatchos) (< xamarinios) (< xamarinmac) (< win8) (< wpa81)) (>= dnxcore50)
      System.Diagnostics.Debug (>= 4.3) - restriction: || (&& (< net45) (>= netstandard1.3) (< monotouch) (< xamarintvos) (< xamarinwatchos) (< xamarinios) (< xamarinmac) (< win8) (< wpa81)) (>= dnxcore50)
      System.Resources.ResourceManager (>= 4.3) - restriction: || (&& (< net45) (>= netstandard1.3) (< monotouch) (< xamarintvos) (< xamarinwatchos) (< xamarinios) (< xamarinmac) (< win8) (< wpa81)) (>= dnxcore50)
      System.Runtime (>= 4.3) - restriction: || (&& (< net45) (>= netstandard1.0) (< netstandard1.3) (< monoandroid) (< win8) (< wp8) (< wpa81)) (&& (< net45) (>= netstandard1.3) (< monotouch) (< xamarintvos) (< xamarinwatchos) (< xamarinios) (< xamarinmac) (< win8) (< wpa81)) (>= dnxcore50)
      System.Threading (>= 4.3) - restriction: || (&& (< net45) (>= netstandard1.3) (< monotouch) (< xamarintvos) (< xamarinwatchos) (< xamarinios) (< xamarinmac) (< win8) (< wpa81)) (>= dnxcore50)
    System.Private.DataContractSerialization (4.3) - restriction: || (&& (>= dnxcore50) (>= netstandard1.6)) (&& (>= netstandard1.6) (< monotouch) (< xamarintvos) (< xamarinwatchos) (< xamarinios) (< xamarinmac))
      System.Collections (>= 4.3) - restriction: || (&& (< net46) (>= netstandard1.3) (< monotouch) (< xamarintvos) (< xamarinwatchos) (< xamarinios) (< xamarinmac)) (>= dnxcore50)
      System.Collections.Concurrent (>= 4.3) - restriction: || (&& (< net46) (>= netstandard1.3) (< monotouch) (< xamarintvos) (< xamarinwatchos) (< xamarinios) (< xamarinmac)) (>= dnxcore50)
      System.Diagnostics.Debug (>= 4.3) - restriction: || (&& (< net46) (>= netstandard1.3) (< monotouch) (< xamarintvos) (< xamarinwatchos) (< xamarinios) (< xamarinmac)) (>= dnxcore50)
      System.Globalization (>= 4.3) - restriction: || (&& (< net46) (>= netstandard1.3) (< monotouch) (< xamarintvos) (< xamarinwatchos) (< xamarinios) (< xamarinmac)) (>= dnxcore50)
      System.IO (>= 4.3) - restriction: || (&& (< net46) (>= netstandard1.3) (< monotouch) (< xamarintvos) (< xamarinwatchos) (< xamarinios) (< xamarinmac)) (>= dnxcore50)
      System.Linq (>= 4.3) - restriction: || (&& (< net46) (>= netstandard1.3) (< monotouch) (< xamarintvos) (< xamarinwatchos) (< xamarinios) (< xamarinmac)) (>= dnxcore50)
      System.Reflection (>= 4.3) - restriction: || (&& (< net46) (>= netstandard1.3) (< monotouch) (< xamarintvos) (< xamarinwatchos) (< xamarinios) (< xamarinmac)) (>= dnxcore50)
      System.Reflection.Emit.ILGeneration (>= 4.3) - restriction: && (< net46) (>= netstandard1.3) (< monotouch) (< xamarintvos) (< xamarinwatchos) (< xamarinios) (< xamarinmac)
      System.Reflection.Emit.Lightweight (>= 4.3) - restriction: && (< net46) (>= netstandard1.3) (< monotouch) (< xamarintvos) (< xamarinwatchos) (< xamarinios) (< xamarinmac)
      System.Reflection.Extensions (>= 4.3) - restriction: || (&& (< net46) (>= netstandard1.3) (< monotouch) (< xamarintvos) (< xamarinwatchos) (< xamarinios) (< xamarinmac)) (>= dnxcore50)
      System.Reflection.Primitives (>= 4.3) - restriction: || (&& (< net46) (>= netstandard1.3) (< monotouch) (< xamarintvos) (< xamarinwatchos) (< xamarinios) (< xamarinmac)) (>= dnxcore50)
      System.Reflection.TypeExtensions (>= 4.3) - restriction: || (>= net46) (>= dnxcore50) (&& (>= netstandard1.3) (< monotouch) (< xamarintvos) (< xamarinwatchos) (< xamarinios) (< xamarinmac))
      System.Resources.ResourceManager (>= 4.3) - restriction: || (&& (< net46) (>= netstandard1.3) (< monotouch) (< xamarintvos) (< xamarinwatchos) (< xamarinios) (< xamarinmac)) (>= dnxcore50)
      System.Runtime (>= 4.3) - restriction: || (&& (< net46) (>= netstandard1.3) (< monotouch) (< xamarintvos) (< xamarinwatchos) (< xamarinios) (< xamarinmac)) (>= dnxcore50)
      System.Runtime.Extensions (>= 4.3) - restriction: || (&& (< net46) (>= netstandard1.3) (< monotouch) (< xamarintvos) (< xamarinwatchos) (< xamarinios) (< xamarinmac)) (>= dnxcore50)
      System.Runtime.Serialization.Primitives (>= 4.3) - restriction: || (>= net46) (>= dnxcore50) (&& (>= netstandard1.3) (< monotouch) (< xamarintvos) (< xamarinwatchos) (< xamarinios) (< xamarinmac))
      System.Text.Encoding (>= 4.3) - restriction: || (&& (< net46) (>= netstandard1.3) (< monotouch) (< xamarintvos) (< xamarinwatchos) (< xamarinios) (< xamarinmac)) (>= dnxcore50)
      System.Text.Encoding.Extensions (>= 4.3) - restriction: || (&& (< net46) (>= netstandard1.3) (< monotouch) (< xamarintvos) (< xamarinwatchos) (< xamarinios) (< xamarinmac)) (>= dnxcore50)
      System.Text.RegularExpressions (>= 4.3) - restriction: || (&& (< net46) (>= netstandard1.3) (< monotouch) (< xamarintvos) (< xamarinwatchos) (< xamarinios) (< xamarinmac)) (>= dnxcore50)
      System.Threading (>= 4.3) - restriction: || (&& (< net46) (>= netstandard1.3) (< monotouch) (< xamarintvos) (< xamarinwatchos) (< xamarinios) (< xamarinmac)) (>= dnxcore50)
      System.Threading.Tasks (>= 4.3) - restriction: || (&& (< net46) (>= netstandard1.3) (< monotouch) (< xamarintvos) (< xamarinwatchos) (< xamarinios) (< xamarinmac)) (>= dnxcore50)
      System.Xml.ReaderWriter (>= 4.3) - restriction: || (&& (< net46) (>= netstandard1.3) (< monotouch) (< xamarintvos) (< xamarinwatchos) (< xamarinios) (< xamarinmac)) (>= dnxcore50)
      System.Xml.XDocument (>= 4.3) - restriction: || (&& (< net46) (>= netstandard1.3) (< monotouch) (< xamarintvos) (< xamarinwatchos) (< xamarinios) (< xamarinmac)) (>= dnxcore50)
      System.Xml.XmlDocument (>= 4.3) - restriction: || (>= net46) (>= dnxcore50) (&& (>= netstandard1.3) (< monotouch) (< xamarintvos) (< xamarinwatchos) (< xamarinios) (< xamarinmac))
      System.Xml.XmlSerializer (>= 4.3) - restriction: || (&& (< net46) (>= netstandard1.3) (< monotouch) (< xamarintvos) (< xamarinwatchos) (< xamarinios) (< xamarinmac)) (>= dnxcore50)
    System.Reflection (4.3) - restriction: || (&& (< net20) (>= net45) (< netstandard1.0) (>= portable-net451+win81+wpa81)) (&& (< net20) (>= net45) (>= netstandard1.3)) (&& (< net20) (>= net45) (< netstandard1.3)) (&& (< net20) (>= net45) (>= netstandard1.4)) (&& (< net20) (>= net45) (>= netstandard1.5)) (&& (< net20) (>= net45) (< portable-net45+win8+wpa81)) (&& (< net20) (>= net45) (< portable-net451+win81+wpa81)) (&& (< net20) (>= net451) (< netstandard1.3)) (&& (< net20) (>= net46)) (&& (< net20) (>= net461) (< netstandard1.2)) (&& (< net20) (>= net461) (< netstandard1.3)) (&& (< net20) (>= net461) (< netstandard1.4)) (&& (< net20) (>= net461) (>= netstandard1.5)) (&& (< net20) (>= net461) (< netstandard1.5)) (&& (< net20) (>= netstandard1.0) (< netstandard1.3) (< monoandroid) (< win8) (< wpa81)) (&& (< net20) (>= netstandard1.1) (< win8) (< portable-net451+win81+wpa81)) (&& (< net20) (>= netstandard1.2) (< netstandard1.3) (< monoandroid) (< win8) (< wpa81)) (&& (< net20) (>= netstandard1.2) (< win8) (< portable-net451+win81+wpa81)) (&& (< net20) (< netstandard1.2) (>= netstandard1.3) (< monoandroid) (< win8)) (&& (< net20) (< netstandard1.2) (>= netstandard1.4) (< monoandroid) (< win8)) (&& (< net20) (< netstandard1.2) (>= netstandard1.5) (< monoandroid)) (&& (< net20) (>= netstandard1.3) (< netstandard1.4) (< monoandroid) (< win8) (< wpa81)) (&& (< net20) (>= netstandard1.3) (< netstandard1.5) (< monoandroid) (< win8) (< wpa81)) (&& (< net20) (>= netstandard1.3) (< monotouch) (< xamarintvos) (< xamarinwatchos) (< xamarinios) (< xamarinmac) (< win8) (< wpa81)) (&& (< net20) (>= netstandard1.3) (< win8) (< portable-net451+win81+wpa81)) (&& (< net20) (< netstandard1.3) (>= netstandard1.4) (< monoandroid) (< win8) (< wpa81)) (&& (< net20) (< netstandard1.3) (>= netstandard1.5)) (&& (< net20) (>= netstandard1.4) (< netstandard1.5) (< monoandroid) (< win8) (< wpa81)) (&& (< net20) (>= netstandard1.4) (< monotouch) (< xamarintvos) (< xamarinwatchos) (< xamarinios) (< xamarinmac) (< win8)) (&& (< net20) (< netstandard1.4) (>= netstandard1.5) (< monoandroid)) (&& (< net20) (>= netstandard1.5) (< netstandard1.6) (< monoandroid)) (&& (< net20) (>= netstandard1.5) (< monotouch) (< xamarintvos) (< xamarinwatchos) (< xamarinios) (< xamarinmac)) (&& (< net20) (>= netstandard1.5) (< portable-net451+win81+wpa81)) (&& (>= net45) (>= uap10.0)) (&& (>= net45) (>= dnxcore50)) (&& (>= net45) (>= netstandard1.6)) (&& (< net45) (>= net451) (< netstandard1.3)) (&& (< net45) (>= net46) (< netstandard1.2)) (&& (< net45) (>= net46) (< netstandard1.3)) (&& (< net45) (>= net46) (>= netstandard1.4) (< netstandard1.5)) (&& (< net45) (>= net46) (< netstandard1.4)) (&& (< net45) (>= net46) (>= netstandard1.5)) (&& (< net45) (>= net46) (< portable-net451+win81+wpa81)) (&& (< net45) (>= net461) (< netstandard1.2)) (&& (< net45) (>= net461) (< netstandard1.3)) (&& (< net45) (>= net461) (< netstandard1.4)) (&& (< net45) (>= net461) (>= netstandard1.5)) (&& (< net45) (>= net461) (< netstandard1.5)) (&& (< net45) (>= net461) (< portable-net451+win81+wpa81)) (&& (< net45) (>= netstandard1.1) (< portable-net451+win81+wpa81)) (&& (< net45) (>= netstandard1.2) (< netstandard1.3) (< monoandroid) (< wpa81)) (&& (< net45) (>= netstandard1.2) (< win8) (< portable-net451+win81+wpa81)) (&& (< net45) (< netstandard1.2) (>= netstandard1.3) (< monoandroid) (< win8)) (&& (< net45) (< netstandard1.2) (>= netstandard1.4) (< monoandroid) (< win8)) (&& (< net45) (< netstandard1.2) (>= netstandard1.5) (< monoandroid)) (&& (< net45) (>= netstandard1.3) (< netstandard1.4) (< monoandroid) (< wpa81)) (&& (< net45) (>= netstandard1.3) (< win8) (< portable-net451+win81+wpa81)) (&& (< net45) (< netstandard1.3) (>= netstandard1.4) (< monoandroid) (< win8) (< wpa81)) (&& (< net45) (< netstandard1.3) (>= netstandard1.5) (< monoandroid)) (&& (< net45) (>= netstandard1.4) (< netstandard1.5) (< monoandroid) (< wpa81)) (&& (< net45) (>= netstandard1.4) (< win8) (< portable-net451+win81+wpa81)) (&& (< net45) (< netstandard1.4) (>= netstandard1.5) (< monoandroid)) (&& (< net45) (>= netstandard1.5) (< netstandard1.6) (< monoandroid)) (&& (< net45) (>= netstandard1.5) (< portable-net451+win81+wpa81)) (&& (>= net451) (>= dnxcore50)) (&& (>= net46) (>= uap10.0)) (&& (>= net46) (>= dnxcore50)) (&& (>= net46) (< netstandard1.0) (>= win8)) (&& (>= net46) (>= netstandard1.6)) (&& (>= net46) (>= wpa81)) (&& (>= net461) (>= uap10.0)) (&& (>= net461) (>= dnxcore50)) (&& (>= net461) (< netstandard1.0) (>= win8)) (&& (>= net461) (< netstandard1.2) (>= wpa81)) (&& (>= net461) (< netstandard1.3) (>= wpa81)) (&& (>= net461) (< netstandard1.4) (>= wpa81)) (&& (>= net461) (>= netstandard1.6)) (&& (>= net463) (>= netstandard1.6)) (&& (>= uap10.0) (< uap10.1)) (&& (>= uap10.0) (>= dnxcore50)) (&& (>= uap10.0) (< netstandard1.0)) (&& (>= uap10.0) (< netstandard1.3)) (&& (>= uap10.0) (>= netstandard1.5)) (&& (>= uap10.0) (>= netstandard1.6)) (&& (>= uap10.0) (< win8)) (&& (>= dnxcore50) (>= netstandard1.0)) (&& (>= dnxcore50) (>= netstandard1.1)) (&& (>= dnxcore50) (>= netstandard1.2)) (&& (>= dnxcore50) (>= netstandard1.3)) (&& (>= dnxcore50) (>= netstandard1.4)) (&& (>= dnxcore50) (>= netstandard1.5)) (&& (>= dnxcore50) (>= netstandard1.6)) (&& (>= dnxcore50) (>= wpa81)) (&& (>= netstandard1.0) (< portable-net45+win8+wpa81)) (&& (< netstandard1.0) (>= netstandard1.1) (< monoandroid) (< win8) (>= portable-net451+win81+wpa81)) (&& (< netstandard1.0) (>= netstandard1.1) (< win8) (< portable-net451+win81+wpa81)) (&& (< netstandard1.0) (>= netstandard1.3) (< monoandroid) (< win8)) (&& (< netstandard1.0) (>= netstandard1.3) (>= win8)) (&& (< netstandard1.0) (>= netstandard1.3) (< win8) (< portable-net451+win81+wpa81)) (&& (< netstandard1.0) (>= netstandard1.4) (>= win8)) (&& (< netstandard1.0) (>= netstandard1.5) (< monoandroid)) (&& (< netstandard1.0) (>= netstandard1.5) (>= win8)) (&& (< netstandard1.0) (>= netstandard1.5) (< portable-net451+win81+wpa81)) (&& (< netstandard1.0) (>= netstandard1.6) (< monoandroid)) (&& (< netstandard1.0) (>= netstandard1.6) (>= win8)) (&& (< netstandard1.0) (< win8) (>= wpa81)) (&& (>= netstandard1.1) (< portable-net45+win8+wpa81)) (&& (< netstandard1.2) (>= netstandard1.6) (< monoandroid)) (&& (>= netstandard1.3) (< portable-net45+win8+wpa81)) (&& (< netstandard1.3) (>= netstandard1.6)) (&& (>= netstandard1.4) (>= wpa81)) (&& (< netstandard1.4) (>= netstandard1.6) (< monoandroid)) (&& (>= netstandard1.5) (>= wpa81)) (&& (>= netstandard1.5) (< portable-net45+win8+wpa81)) (&& (< netstandard1.5) (>= netstandard1.6)) (&& (>= netstandard1.6) (< monotouch) (< xamarintvos) (< xamarinwatchos) (< xamarinios) (< xamarinmac)) (&& (>= netstandard1.6) (>= wpa81)) (&& (>= netstandard1.6) (< portable-net45+win8+wpa81)) (&& (>= netstandard1.6) (< portable-net451+win81+wpa81)) (>= netcoreapp1.1) (>= wp8) (&& (>= wpa81) (< portable-net45+win8+wpa81)) (&& (>= wpa81) (< portable-net451+win81+wpa81))
      Microsoft.NETCore.Platforms (>= 1.1) - restriction: || (&& (< net45) (>= netstandard1.0) (< netstandard1.3) (< monoandroid) (< win8) (< wp8) (< wpa81)) (&& (< net45) (>= netstandard1.3) (< netstandard1.5) (< monoandroid) (< win8) (< wpa81)) (&& (< net45) (>= netstandard1.5) (< monotouch) (< xamarintvos) (< xamarinwatchos) (< xamarinios) (< xamarinmac)) (>= dnxcore50)
      Microsoft.NETCore.Targets (>= 1.1) - restriction: || (&& (< net45) (>= netstandard1.0) (< netstandard1.3) (< monoandroid) (< win8) (< wp8) (< wpa81)) (&& (< net45) (>= netstandard1.3) (< netstandard1.5) (< monoandroid) (< win8) (< wpa81)) (&& (< net45) (>= netstandard1.5) (< monotouch) (< xamarintvos) (< xamarinwatchos) (< xamarinios) (< xamarinmac)) (>= dnxcore50)
      System.IO (>= 4.3) - restriction: || (&& (< net45) (>= netstandard1.0) (< netstandard1.3) (< monoandroid) (< win8) (< wp8) (< wpa81)) (&& (< net45) (>= netstandard1.3) (< netstandard1.5) (< monoandroid) (< win8) (< wpa81)) (&& (< net45) (>= netstandard1.5) (< monotouch) (< xamarintvos) (< xamarinwatchos) (< xamarinios) (< xamarinmac)) (>= dnxcore50)
      System.Reflection.Primitives (>= 4.3) - restriction: || (&& (< net45) (>= netstandard1.0) (< netstandard1.3) (< monoandroid) (< win8) (< wp8) (< wpa81)) (&& (< net45) (>= netstandard1.3) (< netstandard1.5) (< monoandroid) (< win8) (< wpa81)) (&& (< net45) (>= netstandard1.5) (< monotouch) (< xamarintvos) (< xamarinwatchos) (< xamarinios) (< xamarinmac)) (>= dnxcore50)
      System.Runtime (>= 4.3) - restriction: || (&& (< net45) (>= netstandard1.0) (< netstandard1.3) (< monoandroid) (< win8) (< wp8) (< wpa81)) (&& (< net45) (>= netstandard1.3) (< netstandard1.5) (< monoandroid) (< win8) (< wpa81)) (&& (< net45) (>= netstandard1.5) (< monotouch) (< xamarintvos) (< xamarinwatchos) (< xamarinios) (< xamarinmac)) (>= dnxcore50)
    System.Reflection.Emit (4.3) - restriction: || (&& (< net20) (>= net45) (>= netstandard1.3)) (&& (< net20) (>= netstandard1.3) (< netstandard2.0) (< monotouch) (< xamarintvos) (< xamarinwatchos) (< xamarinios) (< xamarinmac) (< win8) (< wpa81)) (&& (>= net45) (>= netstandard1.6)) (&& (>= uap10.0) (>= netstandard1.6)) (&& (>= dnxcore50) (>= netstandard1.3)) (&& (>= dnxcore50) (>= netstandard1.6)) (&& (< netstandard1.0) (>= netstandard1.6) (>= win8)) (&& (>= netstandard1.3) (>= wp8)) (&& (< netstandard1.3) (>= netstandard1.6)) (&& (< netstandard1.4) (>= netstandard1.6) (< monoandroid)) (&& (< netstandard1.5) (>= netstandard1.6)) (&& (>= netstandard1.6) (< monotouch) (< xamarintvos) (< xamarinwatchos) (< xamarinios) (< xamarinmac)) (&& (>= netstandard1.6) (>= wp8)) (&& (>= netstandard1.6) (>= wpa81)) (&& (>= netstandard1.6) (< portable-net45+win8+wpa81)) (&& (>= netstandard1.6) (< portable-net451+win81+wpa81))
      System.IO (>= 4.3) - restriction: && (< net45) (>= netstandard1.1) (< monotouch) (< xamarintvos) (< xamarinwatchos) (< xamarinios) (< xamarinmac)
      System.Reflection (>= 4.3) - restriction: && (< net45) (>= netstandard1.1) (< monotouch) (< xamarintvos) (< xamarinwatchos) (< xamarinios) (< xamarinmac)
      System.Reflection.Emit.ILGeneration (>= 4.3) - restriction: && (< net45) (>= netstandard1.1) (< monotouch) (< xamarintvos) (< xamarinwatchos) (< xamarinios) (< xamarinmac)
      System.Reflection.Primitives (>= 4.3) - restriction: && (< net45) (>= netstandard1.1) (< monotouch) (< xamarintvos) (< xamarinwatchos) (< xamarinios) (< xamarinmac)
      System.Runtime (>= 4.3) - restriction: && (< net45) (>= netstandard1.1) (< monotouch) (< xamarintvos) (< xamarinwatchos) (< xamarinios) (< xamarinmac)
    System.Reflection.Emit.ILGeneration (4.3) - restriction: || (&& (< net20) (>= net45) (>= netstandard1.3)) (&& (< net20) (>= netstandard1.3) (< netstandard2.0) (< monotouch) (< xamarintvos) (< xamarinwatchos) (< xamarinios) (< xamarinmac) (< win8) (< wpa81)) (&& (>= net45) (>= dnxcore50)) (&& (>= net45) (>= netstandard1.6)) (&& (>= uap10.0) (>= dnxcore50)) (&& (>= uap10.0) (>= netstandard1.6)) (&& (>= dnxcore50) (>= netstandard1.0)) (&& (>= dnxcore50) (>= netstandard1.1)) (&& (>= dnxcore50) (>= netstandard1.2)) (&& (>= dnxcore50) (>= netstandard1.3)) (&& (>= dnxcore50) (>= netstandard1.4)) (&& (>= dnxcore50) (>= netstandard1.5)) (&& (>= dnxcore50) (>= netstandard1.6)) (&& (>= dnxcore50) (>= wp8)) (&& (>= dnxcore50) (>= wpa81)) (&& (< netstandard1.0) (>= netstandard1.6) (>= win8)) (&& (>= netstandard1.3) (>= wp8)) (&& (< netstandard1.3) (>= netstandard1.6)) (&& (< netstandard1.4) (>= netstandard1.6) (< monoandroid)) (&& (< netstandard1.5) (>= netstandard1.6)) (&& (>= netstandard1.6) (< monotouch) (< xamarintvos) (< xamarinwatchos) (< xamarinios) (< xamarinmac)) (&& (>= netstandard1.6) (>= wp8)) (&& (>= netstandard1.6) (>= wpa81)) (&& (>= netstandard1.6) (< portable-net45+win8+wpa81)) (&& (>= netstandard1.6) (< portable-net451+win81+wpa81))
      System.Reflection (>= 4.3) - restriction: && (< net45) (>= netstandard1.0) (< monotouch) (< xamarintvos) (< xamarinwatchos) (< xamarinios) (< xamarinmac) (< wp8)
      System.Reflection.Primitives (>= 4.3) - restriction: && (< net45) (>= netstandard1.0) (< monotouch) (< xamarintvos) (< xamarinwatchos) (< xamarinios) (< xamarinmac) (< wp8)
      System.Runtime (>= 4.3) - restriction: && (< net45) (>= netstandard1.0) (< monotouch) (< xamarintvos) (< xamarinwatchos) (< xamarinios) (< xamarinmac) (< wp8)
    System.Reflection.Emit.Lightweight (4.3) - restriction: || (&& (>= net45) (>= dnxcore50)) (&& (>= net45) (>= netstandard1.6)) (&& (>= uap10.0) (>= dnxcore50)) (&& (>= uap10.0) (>= netstandard1.6)) (&& (>= dnxcore50) (>= netstandard1.0)) (&& (>= dnxcore50) (>= netstandard1.1)) (&& (>= dnxcore50) (>= netstandard1.2)) (&& (>= dnxcore50) (>= netstandard1.3)) (&& (>= dnxcore50) (>= netstandard1.4)) (&& (>= dnxcore50) (>= netstandard1.5)) (&& (>= dnxcore50) (>= netstandard1.6)) (&& (>= dnxcore50) (>= wp8)) (&& (>= dnxcore50) (>= wpa81)) (&& (< netstandard1.0) (>= netstandard1.6) (>= win8)) (&& (< netstandard1.3) (>= netstandard1.6)) (&& (< netstandard1.4) (>= netstandard1.6) (< monoandroid)) (&& (< netstandard1.5) (>= netstandard1.6)) (&& (>= netstandard1.6) (< monotouch) (< xamarintvos) (< xamarinwatchos) (< xamarinios) (< xamarinmac)) (&& (>= netstandard1.6) (>= wp8)) (&& (>= netstandard1.6) (>= wpa81)) (&& (>= netstandard1.6) (< portable-net45+win8+wpa81)) (&& (>= netstandard1.6) (< portable-net451+win81+wpa81))
      System.Reflection (>= 4.3) - restriction: && (< net45) (>= netstandard1.0) (< monotouch) (< xamarintvos) (< xamarinwatchos) (< xamarinios) (< xamarinmac) (< wp8)
      System.Reflection.Emit.ILGeneration (>= 4.3) - restriction: && (< net45) (>= netstandard1.0) (< monotouch) (< xamarintvos) (< xamarinwatchos) (< xamarinios) (< xamarinmac) (< wp8)
      System.Reflection.Primitives (>= 4.3) - restriction: && (< net45) (>= netstandard1.0) (< monotouch) (< xamarintvos) (< xamarinwatchos) (< xamarinios) (< xamarinmac) (< wp8)
      System.Runtime (>= 4.3) - restriction: && (< net45) (>= netstandard1.0) (< monotouch) (< xamarintvos) (< xamarinwatchos) (< xamarinios) (< xamarinmac) (< wp8)
    System.Reflection.Extensions (4.3) - restriction: || (&& (< net20) (>= net45) (< netstandard1.0) (>= netstandard1.3)) (&& (< net20) (>= net45) (< netstandard1.0) (>= portable-net451+win81+wpa81)) (&& (< net20) (>= net45) (>= netstandard1.3) (< netstandard1.4)) (&& (< net20) (>= net45) (>= netstandard1.3) (< netstandard1.5)) (&& (< net20) (>= net45) (< netstandard1.3)) (&& (< net20) (>= net45) (>= netstandard1.4) (< netstandard1.5)) (&& (< net20) (>= net45) (>= netstandard1.5)) (&& (< net20) (>= net45) (< portable-net45+win8+wpa81)) (&& (< net20) (>= net45) (< portable-net451+win81+wpa81)) (&& (< net20) (>= net451) (< netstandard1.3)) (&& (< net20) (>= net46) (< netstandard1.3)) (&& (< net20) (>= net46) (< netstandard1.4)) (&& (< net20) (>= netstandard1.0) (< netstandard1.3) (< monoandroid) (< win8) (< wpa81)) (&& (< net20) (>= netstandard1.1) (< win8) (< portable-net451+win81+wpa81)) (&& (< net20) (>= netstandard1.2) (< netstandard1.3) (< monoandroid) (< win8) (< wpa81)) (&& (< net20) (>= netstandard1.3) (< netstandard1.4) (< monoandroid) (< win8) (< wpa81)) (&& (< net20) (>= netstandard1.3) (< netstandard1.5) (< monoandroid) (< win8) (< wpa81)) (&& (< net20) (>= netstandard1.3) (< win8) (< portable-net451+win81+wpa81)) (&& (< net20) (< netstandard1.3) (>= netstandard1.4) (< monoandroid) (< win8) (< wpa81)) (&& (< net20) (< netstandard1.3) (>= netstandard1.5)) (&& (< net20) (>= netstandard1.4) (< netstandard1.5) (< monoandroid) (< win8) (< wpa81)) (&& (< net20) (>= netstandard1.5) (< netstandard1.6) (< monoandroid)) (&& (< net20) (>= netstandard1.5) (< monotouch) (< xamarintvos) (< xamarinwatchos) (< xamarinios) (< xamarinmac)) (&& (>= net45) (>= uap10.0)) (&& (>= net45) (>= dnxcore50)) (&& (>= net45) (>= netstandard1.6)) (&& (< net45) (>= net451) (< netstandard1.3)) (&& (< net45) (>= net46) (< netstandard1.3)) (&& (< net45) (>= net46) (< netstandard1.4)) (&& (< net45) (>= netstandard1.1) (< portable-net451+win81+wpa81)) (&& (< net45) (>= netstandard1.2) (< netstandard1.3) (< monoandroid) (< wpa81)) (&& (< net45) (>= netstandard1.3) (< netstandard1.4) (< monoandroid) (< wpa81)) (&& (< net45) (>= netstandard1.3) (< win8) (< portable-net451+win81+wpa81)) (&& (< net45) (< netstandard1.3) (>= netstandard1.4) (< monoandroid) (< win8) (< wpa81)) (&& (< net45) (< netstandard1.3) (>= netstandard1.5) (< monoandroid)) (&& (< net45) (>= netstandard1.4) (< netstandard1.5) (< monoandroid) (< wpa81)) (&& (< net45) (< netstandard1.4) (>= netstandard1.5) (< monoandroid)) (&& (< net45) (>= netstandard1.5) (< netstandard1.6) (< monoandroid)) (&& (< net45) (>= netstandard1.5) (< portable-net451+win81+wpa81)) (&& (>= net451) (>= dnxcore50)) (&& (>= net46) (>= dnxcore50)) (&& (>= net46) (< netstandard1.0) (>= win8)) (&& (>= net46) (< netstandard1.4) (>= netstandard1.6)) (&& (>= net46) (< netstandard1.4) (>= wpa81)) (&& (>= uap10.0) (< uap10.1)) (&& (>= uap10.0) (>= dnxcore50)) (&& (>= uap10.0) (< netstandard1.0)) (&& (>= uap10.0) (< netstandard1.3)) (&& (>= uap10.0) (>= netstandard1.5)) (&& (>= uap10.0) (>= netstandard1.6)) (&& (>= uap10.0) (< win8)) (&& (>= dnxcore50) (>= netstandard1.0)) (&& (>= dnxcore50) (>= netstandard1.1)) (&& (>= dnxcore50) (>= netstandard1.2)) (&& (>= dnxcore50) (>= netstandard1.3)) (&& (>= dnxcore50) (>= netstandard1.4)) (&& (>= dnxcore50) (>= netstandard1.5)) (&& (>= dnxcore50) (>= netstandard1.6)) (&& (>= dnxcore50) (>= wpa81)) (&& (>= netstandard1.0) (< portable-net45+win8+wpa81)) (&& (< netstandard1.0) (>= netstandard1.1) (< monoandroid) (< win8) (>= portable-net451+win81+wpa81)) (&& (< netstandard1.0) (>= netstandard1.1) (< win8) (< portable-net451+win81+wpa81)) (&& (< netstandard1.0) (>= netstandard1.3) (< monoandroid) (< win8)) (&& (< netstandard1.0) (>= netstandard1.3) (>= win8)) (&& (< netstandard1.0) (>= netstandard1.3) (< win8) (< portable-net451+win81+wpa81)) (&& (< netstandard1.0) (>= netstandard1.4) (>= win8)) (&& (< netstandard1.0) (>= netstandard1.5) (< monoandroid)) (&& (< netstandard1.0) (>= netstandard1.5) (>= win8)) (&& (< netstandard1.0) (>= netstandard1.5) (< portable-net451+win81+wpa81)) (&& (< netstandard1.0) (>= netstandard1.6) (< monoandroid)) (&& (< netstandard1.0) (>= netstandard1.6) (>= win8)) (&& (< netstandard1.0) (< win8) (>= wpa81)) (&& (>= netstandard1.1) (< portable-net45+win8+wpa81)) (&& (>= netstandard1.3) (< portable-net45+win8+wpa81)) (&& (< netstandard1.3) (>= netstandard1.6)) (&& (< netstandard1.4) (>= netstandard1.6) (< monoandroid)) (&& (>= netstandard1.5) (>= wpa81)) (&& (>= netstandard1.5) (< portable-net45+win8+wpa81)) (&& (< netstandard1.5) (>= netstandard1.6)) (&& (>= netstandard1.6) (< monotouch) (< xamarintvos) (< xamarinwatchos) (< xamarinios) (< xamarinmac)) (&& (>= netstandard1.6) (>= wpa81)) (&& (>= netstandard1.6) (< portable-net45+win8+wpa81)) (&& (>= netstandard1.6) (< portable-net451+win81+wpa81)) (>= wp8) (&& (>= wpa81) (< portable-net45+win8+wpa81)) (&& (>= wpa81) (< portable-net451+win81+wpa81))
      Microsoft.NETCore.Platforms (>= 1.1) - restriction: || (&& (< net45) (>= netstandard1.0) (< monotouch) (< xamarintvos) (< xamarinwatchos) (< xamarinios) (< xamarinmac) (< win8) (< wp8) (< wpa81)) (>= dnxcore50)
      Microsoft.NETCore.Targets (>= 1.1) - restriction: || (&& (< net45) (>= netstandard1.0) (< monotouch) (< xamarintvos) (< xamarinwatchos) (< xamarinios) (< xamarinmac) (< win8) (< wp8) (< wpa81)) (>= dnxcore50)
      System.Reflection (>= 4.3) - restriction: || (&& (< net45) (>= netstandard1.0) (< monotouch) (< xamarintvos) (< xamarinwatchos) (< xamarinios) (< xamarinmac) (< win8) (< wp8) (< wpa81)) (>= dnxcore50)
      System.Runtime (>= 4.3) - restriction: || (&& (< net45) (>= netstandard1.0) (< monotouch) (< xamarintvos) (< xamarinwatchos) (< xamarinios) (< xamarinmac) (< win8) (< wp8) (< wpa81)) (>= dnxcore50)
    System.Reflection.Primitives (4.3) - restriction: || (&& (< net20) (>= net45) (< netstandard1.0) (>= portable-net451+win81+wpa81)) (&& (< net20) (>= net45) (< netstandard1.2) (>= netstandard1.4)) (&& (< net20) (>= net45) (>= netstandard1.3)) (&& (< net20) (>= net45) (< netstandard1.3)) (&& (< net20) (>= net45) (>= netstandard1.4) (< netstandard1.5)) (&& (< net20) (>= net45) (>= netstandard1.5)) (&& (< net20) (>= net45) (< portable-net45+win8+wpa81)) (&& (< net20) (>= net45) (< portable-net451+win81+wpa81)) (&& (< net20) (>= net451) (< netstandard1.3)) (&& (< net20) (>= net46) (< netstandard1.2)) (&& (< net20) (>= net46) (< netstandard1.3)) (&& (< net20) (>= net46) (< netstandard1.4)) (&& (< net20) (>= net46) (>= netstandard1.5)) (&& (< net20) (>= net46) (< netstandard1.5)) (&& (< net20) (>= net461) (< netstandard1.2)) (&& (< net20) (>= net461) (< netstandard1.3)) (&& (< net20) (>= net461) (< netstandard1.4)) (&& (< net20) (>= net461) (>= netstandard1.5)) (&& (< net20) (>= net461) (< netstandard1.5)) (&& (< net20) (>= netstandard1.0) (< netstandard1.3) (< monoandroid) (< win8) (< wpa81)) (&& (< net20) (>= netstandard1.1) (< win8) (< portable-net451+win81+wpa81)) (&& (< net20) (>= netstandard1.2) (< netstandard1.3) (< monoandroid) (< win8) (< wpa81)) (&& (< net20) (>= netstandard1.2) (< win8) (< portable-net451+win81+wpa81)) (&& (< net20) (< netstandard1.2) (>= netstandard1.3) (< monoandroid) (< win8)) (&& (< net20) (< netstandard1.2) (>= netstandard1.4) (< monoandroid) (< win8)) (&& (< net20) (< netstandard1.2) (>= netstandard1.5) (< monoandroid)) (&& (< net20) (>= netstandard1.3) (< netstandard1.4) (< monoandroid) (< win8) (< wpa81)) (&& (< net20) (>= netstandard1.3) (< netstandard1.5) (< monoandroid) (< win8) (< wpa81)) (&& (< net20) (>= netstandard1.3) (< netstandard2.0) (< monotouch) (< xamarintvos) (< xamarinwatchos) (< xamarinios) (< xamarinmac) (< win8) (< wpa81)) (&& (< net20) (>= netstandard1.3) (< win8) (< portable-net451+win81+wpa81)) (&& (< net20) (< netstandard1.3) (>= netstandard1.4) (< monoandroid) (< win8) (< wpa81)) (&& (< net20) (< netstandard1.3) (>= netstandard1.5)) (&& (< net20) (>= netstandard1.4) (< netstandard1.5) (< monoandroid) (< win8) (< wpa81)) (&& (< net20) (< netstandard1.4) (>= netstandard1.5) (< monoandroid)) (&& (< net20) (>= netstandard1.5) (< netstandard1.6) (< monoandroid)) (&& (< net20) (>= netstandard1.5) (< monotouch) (< xamarintvos) (< xamarinwatchos) (< xamarinios) (< xamarinmac)) (&& (< net20) (>= netstandard1.5) (< portable-net451+win81+wpa81)) (&& (>= net45) (>= uap10.0)) (&& (>= net45) (>= dnxcore50)) (&& (>= net45) (>= netstandard1.6)) (&& (< net45) (>= net451) (< netstandard1.3)) (&& (< net45) (>= net46) (< netstandard1.2)) (&& (< net45) (>= net46) (< netstandard1.3)) (&& (< net45) (>= net46) (>= netstandard1.4) (< netstandard1.5)) (&& (< net45) (>= net46) (< netstandard1.4)) (&& (< net45) (>= net46) (>= netstandard1.5)) (&& (< net45) (>= net46) (< portable-net451+win81+wpa81)) (&& (< net45) (>= net461) (< netstandard1.2)) (&& (< net45) (>= net461) (< netstandard1.3)) (&& (< net45) (>= net461) (< netstandard1.4)) (&& (< net45) (>= net461) (>= netstandard1.5)) (&& (< net45) (>= net461) (< netstandard1.5)) (&& (< net45) (>= net461) (< portable-net451+win81+wpa81)) (&& (< net45) (>= netstandard1.1) (< portable-net451+win81+wpa81)) (&& (< net45) (>= netstandard1.2) (< netstandard1.3) (< monoandroid) (< wpa81)) (&& (< net45) (>= netstandard1.2) (< win8) (< portable-net451+win81+wpa81)) (&& (< net45) (< netstandard1.2) (>= netstandard1.3) (< monoandroid) (< win8)) (&& (< net45) (< netstandard1.2) (>= netstandard1.4) (< monoandroid) (< win8)) (&& (< net45) (< netstandard1.2) (>= netstandard1.5) (< monoandroid)) (&& (< net45) (>= netstandard1.3) (< netstandard1.4) (< monoandroid) (< wpa81)) (&& (< net45) (>= netstandard1.3) (< win8) (< portable-net451+win81+wpa81)) (&& (< net45) (< netstandard1.3) (>= netstandard1.4) (< monoandroid) (< win8) (< wpa81)) (&& (< net45) (< netstandard1.3) (>= netstandard1.5) (< monoandroid)) (&& (< net45) (>= netstandard1.4) (< netstandard1.5) (< monoandroid) (< wpa81)) (&& (< net45) (>= netstandard1.4) (< win8) (< portable-net451+win81+wpa81)) (&& (< net45) (< netstandard1.4) (>= netstandard1.5) (< monoandroid)) (&& (< net45) (>= netstandard1.5) (< netstandard1.6) (< monoandroid)) (&& (< net45) (>= netstandard1.5) (< portable-net451+win81+wpa81)) (&& (>= net451) (>= dnxcore50)) (&& (>= net46) (>= uap10.0)) (&& (>= net46) (>= dnxcore50)) (&& (>= net46) (< netstandard1.0) (>= win8)) (&& (>= net46) (>= netstandard1.6)) (&& (>= net46) (>= wpa81)) (&& (>= net461) (>= uap10.0)) (&& (>= net461) (>= dnxcore50)) (&& (>= net461) (< netstandard1.0) (>= win8)) (&& (>= net461) (< netstandard1.2) (>= wpa81)) (&& (>= net461) (< netstandard1.3) (>= wpa81)) (&& (>= net461) (< netstandard1.4) (>= wpa81)) (&& (>= net461) (>= netstandard1.6)) (&& (>= net463) (>= netstandard1.6)) (&& (>= uap10.0) (< uap10.1)) (&& (>= uap10.0) (>= dnxcore50)) (&& (>= uap10.0) (< netstandard1.0)) (&& (>= uap10.0) (< netstandard1.3)) (&& (>= uap10.0) (>= netstandard1.5)) (&& (>= uap10.0) (>= netstandard1.6)) (&& (>= uap10.0) (< win8)) (&& (>= dnxcore50) (>= netstandard1.0)) (&& (>= dnxcore50) (>= netstandard1.1)) (&& (>= dnxcore50) (>= netstandard1.2)) (&& (>= dnxcore50) (>= netstandard1.3)) (&& (>= dnxcore50) (>= netstandard1.4)) (&& (>= dnxcore50) (>= netstandard1.5)) (&& (>= dnxcore50) (>= netstandard1.6)) (&& (>= dnxcore50) (>= wpa81)) (&& (>= netstandard1.0) (< portable-net45+win8+wpa81)) (&& (< netstandard1.0) (>= netstandard1.1) (< monoandroid) (< win8) (>= portable-net451+win81+wpa81)) (&& (< netstandard1.0) (>= netstandard1.1) (< win8) (< portable-net451+win81+wpa81)) (&& (< netstandard1.0) (>= netstandard1.3) (< monoandroid) (< win8)) (&& (< netstandard1.0) (>= netstandard1.3) (>= win8)) (&& (< netstandard1.0) (>= netstandard1.3) (< win8) (< portable-net451+win81+wpa81)) (&& (< netstandard1.0) (>= netstandard1.4) (>= win8)) (&& (< netstandard1.0) (>= netstandard1.5) (< monoandroid)) (&& (< netstandard1.0) (>= netstandard1.5) (>= win8)) (&& (< netstandard1.0) (>= netstandard1.5) (< portable-net451+win81+wpa81)) (&& (< netstandard1.0) (>= netstandard1.6) (< monoandroid)) (&& (< netstandard1.0) (>= netstandard1.6) (>= win8)) (&& (< netstandard1.0) (< win8) (>= wpa81)) (&& (>= netstandard1.1) (< portable-net45+win8+wpa81)) (&& (< netstandard1.2) (>= netstandard1.6) (< monoandroid)) (&& (>= netstandard1.3) (< portable-net45+win8+wpa81)) (&& (< netstandard1.3) (>= netstandard1.6)) (&& (< netstandard1.4) (>= netstandard1.6) (< monoandroid)) (&& (>= netstandard1.5) (>= wpa81)) (&& (>= netstandard1.5) (< portable-net45+win8+wpa81)) (&& (< netstandard1.5) (>= netstandard1.6)) (&& (>= netstandard1.6) (< monotouch) (< xamarintvos) (< xamarinwatchos) (< xamarinios) (< xamarinmac)) (&& (>= netstandard1.6) (>= wpa81)) (&& (>= netstandard1.6) (< portable-net45+win8+wpa81)) (&& (>= netstandard1.6) (< portable-net451+win81+wpa81)) (>= netcoreapp1.1) (>= wp8) (&& (>= wpa81) (< portable-net45+win8+wpa81)) (&& (>= wpa81) (< portable-net451+win81+wpa81))
      Microsoft.NETCore.Platforms (>= 1.1) - restriction: || (&& (< net45) (>= netstandard1.0) (< monotouch) (< xamarintvos) (< xamarinwatchos) (< xamarinios) (< xamarinmac) (< win8) (< wp8) (< wpa81)) (>= dnxcore50)
      Microsoft.NETCore.Targets (>= 1.1) - restriction: || (&& (< net45) (>= netstandard1.0) (< monotouch) (< xamarintvos) (< xamarinwatchos) (< xamarinios) (< xamarinmac) (< win8) (< wp8) (< wpa81)) (>= dnxcore50)
      System.Runtime (>= 4.3) - restriction: || (&& (< net45) (>= netstandard1.0) (< monotouch) (< xamarintvos) (< xamarinwatchos) (< xamarinios) (< xamarinmac) (< win8) (< wp8) (< wpa81)) (>= dnxcore50)
    System.Reflection.TypeExtensions (4.4) - restriction: || (&& (< net20) (>= net45) (>= netstandard1.3)) (&& (< net20) (>= net45) (>= netstandard1.5)) (&& (< net20) (>= netstandard1.3) (< netstandard2.0) (< monotouch) (< xamarintvos) (< xamarinwatchos) (< xamarinios) (< xamarinmac) (< win8) (< wpa81)) (&& (< net20) (< netstandard1.3) (>= netstandard1.5)) (&& (< net20) (>= netstandard1.5) (< monotouch) (< xamarintvos) (< xamarinwatchos) (< xamarinios) (< xamarinmac)) (&& (>= net45) (>= dnxcore50)) (&& (>= net45) (>= netstandard1.6)) (&& (>= uap10.0) (>= dnxcore50)) (&& (>= uap10.0) (>= netstandard1.6)) (&& (>= dnxcore50) (>= netstandard1.0)) (&& (>= dnxcore50) (>= netstandard1.1)) (&& (>= dnxcore50) (>= netstandard1.2)) (&& (>= dnxcore50) (>= netstandard1.3)) (&& (>= dnxcore50) (>= netstandard1.4)) (&& (>= dnxcore50) (>= netstandard1.5)) (&& (>= dnxcore50) (>= netstandard1.6)) (&& (>= dnxcore50) (>= wp8)) (&& (>= dnxcore50) (>= wpa81)) (&& (< netstandard1.0) (>= netstandard1.5) (>= win8)) (&& (< netstandard1.0) (>= netstandard1.6) (>= win8)) (&& (>= netstandard1.3) (>= wp8)) (&& (< netstandard1.3) (>= netstandard1.6)) (&& (< netstandard1.4) (>= netstandard1.6) (< monoandroid)) (&& (>= netstandard1.5) (>= wp8)) (&& (>= netstandard1.5) (>= wpa81)) (&& (< netstandard1.5) (>= netstandard1.6)) (&& (>= netstandard1.6) (< monotouch) (< xamarintvos) (< xamarinwatchos) (< xamarinios) (< xamarinmac)) (&& (>= netstandard1.6) (>= wp8)) (&& (>= netstandard1.6) (>= wpa81)) (&& (>= netstandard1.6) (< portable-net45+win8+wpa81)) (&& (>= netstandard1.6) (< portable-net451+win81+wpa81))
      System.Reflection (>= 4.3) - restriction: || (&& (< net46) (>= netstandard1.3) (< netstandard1.5) (< monoandroid)) (&& (< net46) (>= netstandard1.5) (< netstandard2.0) (< monotouch) (< xamarintvos) (< xamarinwatchos) (< xamarinios) (< xamarinmac)) (>= dnxcore50)
      System.Resources.ResourceManager (>= 4.3) - restriction: || (&& (< net46) (>= netstandard1.3) (< netstandard1.5) (< monoandroid)) (&& (< net46) (>= netstandard1.5) (< netstandard2.0) (< monotouch) (< xamarintvos) (< xamarinwatchos) (< xamarinios) (< xamarinmac)) (>= dnxcore50)
      System.Runtime (>= 4.3) - restriction: || (&& (< net46) (>= netstandard1.3) (< netstandard1.5) (< monoandroid)) (&& (< net46) (>= netstandard1.5) (< netstandard2.0) (< monotouch) (< xamarintvos) (< xamarinwatchos) (< xamarinios) (< xamarinmac)) (>= dnxcore50)
    System.Resources.ResourceManager (4.3) - restriction: || (&& (< net20) (>= net45) (< netstandard1.0) (>= portable-net451+win81+wpa81)) (&& (< net20) (>= net45) (>= netstandard1.3)) (&& (< net20) (>= net45) (< netstandard1.3)) (&& (< net20) (>= net45) (>= netstandard1.4)) (&& (< net20) (>= net45) (>= netstandard1.5)) (&& (< net20) (>= net45) (< portable-net45+win8+wpa81)) (&& (< net20) (>= net45) (< portable-net451+win81+wpa81)) (&& (< net20) (>= net451) (< netstandard1.3)) (&& (< net20) (>= net46)) (&& (< net20) (>= net461) (< netstandard1.3)) (&& (< net20) (>= net461) (< netstandard1.4)) (&& (< net20) (>= net461) (>= netstandard1.5)) (&& (< net20) (>= net461) (< netstandard1.5)) (&& (< net20) (>= net461) (< portable-net451+win81+wpa81)) (&& (< net20) (>= net462)) (&& (< net20) (>= netstandard1.0) (< netstandard1.3) (< monoandroid) (< win8) (< wpa81)) (&& (< net20) (>= netstandard1.1) (< win8) (< portable-net451+win81+wpa81)) (&& (< net20) (>= netstandard1.2) (< netstandard1.3) (< monoandroid) (< win8) (< wpa81)) (&& (< net20) (>= netstandard1.3) (< netstandard1.4) (< monoandroid) (< win8) (< wpa81)) (&& (< net20) (>= netstandard1.3) (< netstandard1.5) (< monoandroid) (< win8) (< wpa81)) (&& (< net20) (>= netstandard1.3) (< monotouch) (< xamarintvos) (< xamarinwatchos) (< xamarinios) (< xamarinmac) (< win8)) (&& (< net20) (>= netstandard1.3) (< win8) (< portable-net451+win81+wpa81)) (&& (< net20) (< netstandard1.3) (>= netstandard1.4) (< monoandroid) (< win8) (< wpa81)) (&& (< net20) (< netstandard1.3) (>= netstandard1.5)) (&& (< net20) (>= netstandard1.4) (< netstandard1.5) (< monoandroid) (< win8) (< wpa81)) (&& (< net20) (>= netstandard1.4) (< monotouch) (< xamarintvos) (< xamarinwatchos) (< xamarinios) (< xamarinmac) (< win8)) (&& (< net20) (>= netstandard1.4) (< win8) (< portable-net451+win81+wpa81)) (&& (< net20) (< netstandard1.4) (>= netstandard1.5) (< monoandroid)) (&& (< net20) (>= netstandard1.5) (< netstandard1.6) (< monoandroid)) (&& (< net20) (>= netstandard1.5) (< monotouch) (< xamarintvos) (< xamarinwatchos) (< xamarinios) (< xamarinmac)) (&& (>= net45) (>= uap10.0)) (&& (>= net45) (>= dnxcore50)) (&& (>= net45) (< netstandard1.0) (>= win8)) (&& (>= net45) (>= netstandard1.6)) (&& (< net45) (>= net451) (< netstandard1.3)) (&& (< net45) (>= net46) (< netstandard1.3)) (&& (< net45) (>= net46) (>= netstandard1.4) (< netstandard1.5)) (&& (< net45) (>= net46) (< netstandard1.4)) (&& (< net45) (>= net46) (>= netstandard1.5)) (&& (< net45) (>= net46) (< portable-net451+win81+wpa81)) (&& (< net45) (>= net461) (< netstandard1.3)) (&& (< net45) (>= net461) (< netstandard1.4)) (&& (< net45) (>= net461) (>= netstandard1.5)) (&& (< net45) (>= net461) (< netstandard1.5)) (&& (< net45) (>= net461) (< portable-net451+win81+wpa81)) (&& (< net45) (>= netstandard1.1) (< portable-net451+win81+wpa81)) (&& (< net45) (>= netstandard1.2) (< netstandard1.3) (< monoandroid) (< wpa81)) (&& (< net45) (>= netstandard1.3) (< netstandard1.4) (< monoandroid) (< wpa81)) (&& (< net45) (>= netstandard1.3) (< win8) (< portable-net451+win81+wpa81)) (&& (< net45) (< netstandard1.3) (>= netstandard1.4) (< monoandroid) (< win8) (< wpa81)) (&& (< net45) (< netstandard1.3) (>= netstandard1.5) (< monoandroid)) (&& (< net45) (>= netstandard1.4) (< netstandard1.5) (< monoandroid) (< wpa81)) (&& (< net45) (>= netstandard1.4) (< win8) (< portable-net451+win81+wpa81)) (&& (< net45) (< netstandard1.4) (>= netstandard1.5) (< monoandroid)) (&& (< net45) (>= netstandard1.5) (< netstandard1.6) (< monoandroid)) (&& (< net45) (>= netstandard1.5) (< portable-net451+win81+wpa81)) (&& (>= net451) (>= dnxcore50)) (&& (>= net46) (>= uap10.0)) (&& (>= net46) (>= dnxcore50)) (&& (>= net46) (< netstandard1.0) (>= win8)) (&& (>= net46) (>= netstandard1.6)) (&& (>= net46) (>= wpa81)) (&& (>= net461) (>= uap10.0)) (&& (>= net461) (>= dnxcore50)) (&& (>= net461) (< netstandard1.0) (>= win8)) (&& (>= net461) (< netstandard1.3) (>= wpa81)) (&& (>= net461) (< netstandard1.4) (>= wpa81)) (&& (>= net461) (>= netstandard1.6)) (&& (>= net462) (< netstandard1.0) (>= win8)) (&& (>= net462) (>= wpa81)) (&& (>= net463) (>= netstandard1.6)) (&& (>= uap10.0) (< uap10.1)) (&& (>= uap10.0) (>= dnxcore50)) (&& (>= uap10.0) (< netstandard1.0)) (&& (>= uap10.0) (< netstandard1.3)) (&& (>= uap10.0) (< netstandard1.4)) (&& (>= uap10.0) (>= netstandard1.5)) (&& (>= uap10.0) (>= netstandard1.6)) (&& (>= uap10.0) (< win8)) (&& (>= dnxcore50) (>= netstandard1.0)) (&& (>= dnxcore50) (>= netstandard1.1)) (&& (>= dnxcore50) (>= netstandard1.2)) (&& (>= dnxcore50) (>= netstandard1.3)) (&& (>= dnxcore50) (>= netstandard1.4)) (&& (>= dnxcore50) (>= netstandard1.5)) (&& (>= dnxcore50) (>= netstandard1.6)) (&& (>= dnxcore50) (>= wpa81)) (&& (>= netstandard1.0) (< portable-net45+win8+wpa81)) (&& (< netstandard1.0) (>= netstandard1.1) (< monoandroid) (< win8) (>= portable-net451+win81+wpa81)) (&& (< netstandard1.0) (>= netstandard1.1) (< win8) (< portable-net451+win81+wpa81)) (&& (< netstandard1.0) (>= netstandard1.3) (< monoandroid) (< win8)) (&& (< netstandard1.0) (>= netstandard1.3) (>= win8)) (&& (< netstandard1.0) (>= netstandard1.3) (< win8) (< portable-net451+win81+wpa81)) (&& (< netstandard1.0) (>= netstandard1.4) (>= win8)) (&& (< netstandard1.0) (>= netstandard1.5) (< monoandroid)) (&& (< netstandard1.0) (>= netstandard1.5) (>= win8)) (&& (< netstandard1.0) (>= netstandard1.5) (< portable-net451+win81+wpa81)) (&& (< netstandard1.0) (>= netstandard1.6) (< monoandroid)) (&& (< netstandard1.0) (>= netstandard1.6) (>= win8)) (&& (< netstandard1.0) (< win8) (>= wpa81)) (&& (>= netstandard1.1) (< portable-net45+win8+wpa81)) (&& (>= netstandard1.3) (>= wpa81)) (&& (>= netstandard1.3) (< portable-net45+win8+wpa81)) (&& (< netstandard1.3) (>= netstandard1.6)) (&& (>= netstandard1.4) (>= wpa81)) (&& (< netstandard1.4) (>= netstandard1.6) (< monoandroid)) (&& (>= netstandard1.5) (>= wpa81)) (&& (>= netstandard1.5) (< portable-net45+win8+wpa81)) (&& (< netstandard1.5) (>= netstandard1.6)) (&& (>= netstandard1.6) (< monotouch) (< xamarintvos) (< xamarinwatchos) (< xamarinios) (< xamarinmac)) (&& (>= netstandard1.6) (>= wpa81)) (&& (>= netstandard1.6) (< portable-net45+win8+wpa81)) (&& (>= netstandard1.6) (< portable-net451+win81+wpa81)) (>= wp8) (&& (>= wpa81) (< portable-net45+win8+wpa81)) (&& (>= wpa81) (< portable-net451+win81+wpa81))
      Microsoft.NETCore.Platforms (>= 1.1) - restriction: || (&& (< net45) (>= netstandard1.0) (< monotouch) (< xamarintvos) (< xamarinwatchos) (< xamarinios) (< xamarinmac) (< win8) (< wp8) (< wpa81)) (>= dnxcore50)
      Microsoft.NETCore.Targets (>= 1.1) - restriction: || (&& (< net45) (>= netstandard1.0) (< monotouch) (< xamarintvos) (< xamarinwatchos) (< xamarinios) (< xamarinmac) (< win8) (< wp8) (< wpa81)) (>= dnxcore50)
      System.Globalization (>= 4.3) - restriction: || (&& (< net45) (>= netstandard1.0) (< monotouch) (< xamarintvos) (< xamarinwatchos) (< xamarinios) (< xamarinmac) (< win8) (< wp8) (< wpa81)) (>= dnxcore50)
      System.Reflection (>= 4.3) - restriction: || (&& (< net45) (>= netstandard1.0) (< monotouch) (< xamarintvos) (< xamarinwatchos) (< xamarinios) (< xamarinmac) (< win8) (< wp8) (< wpa81)) (>= dnxcore50)
      System.Runtime (>= 4.3) - restriction: || (&& (< net45) (>= netstandard1.0) (< monotouch) (< xamarintvos) (< xamarinwatchos) (< xamarinios) (< xamarinmac) (< win8) (< wp8) (< wpa81)) (>= dnxcore50)
    System.Runtime (4.3) - restriction: || (&& (< net20) (>= net45) (< netstandard1.0) (>= portable-net451+win81+wpa81)) (&& (< net20) (>= net45) (< netstandard1.1) (>= netstandard1.2)) (&& (< net20) (>= net45) (>= netstandard1.3)) (&& (< net20) (>= net45) (< netstandard1.3)) (&& (< net20) (>= net45) (>= netstandard1.4)) (&& (< net20) (>= net45) (>= netstandard1.5)) (&& (< net20) (>= net45) (< portable-net45+win8+wpa81)) (&& (< net20) (>= net45) (< portable-net451+win81+wpa81)) (&& (< net20) (>= net451) (< netstandard1.3)) (&& (< net20) (>= net46)) (&& (< net20) (>= net461) (< netstandard1.2)) (&& (< net20) (>= net461) (< netstandard1.3)) (&& (< net20) (>= net461) (< netstandard1.4)) (&& (< net20) (>= net461) (>= netstandard1.5)) (&& (< net20) (>= net461) (< netstandard1.5)) (&& (< net20) (>= net461) (< portable-net451+win81+wpa81)) (&& (< net20) (>= net462)) (&& (< net20) (>= net463)) (&& (< net20) (>= netstandard1.0) (< netstandard1.3) (< monoandroid) (< win8) (< wpa81)) (&& (< net20) (>= netstandard1.1) (< win8) (< portable-net451+win81+wpa81)) (&& (< net20) (>= netstandard1.2) (< netstandard1.3) (< monoandroid) (< win8) (< wpa81)) (&& (< net20) (>= netstandard1.2) (< win8) (< portable-net451+win81+wpa81)) (&& (< net20) (< netstandard1.2) (>= netstandard1.3) (< monoandroid) (< win8)) (&& (< net20) (< netstandard1.2) (>= netstandard1.4) (< monoandroid) (< win8)) (&& (< net20) (< netstandard1.2) (>= netstandard1.5) (< monoandroid)) (&& (< net20) (>= netstandard1.3) (< netstandard1.4) (< monoandroid) (< win8)) (&& (< net20) (>= netstandard1.3) (< netstandard1.5) (< monoandroid) (< win8) (< wpa81)) (&& (< net20) (>= netstandard1.3) (< netstandard1.6) (< monoandroid) (< win8) (< wpa81)) (&& (< net20) (>= netstandard1.3) (< monotouch) (< xamarintvos) (< xamarinwatchos) (< xamarinios) (< xamarinmac) (< win8)) (&& (< net20) (>= netstandard1.3) (< win8) (< portable-net451+win81+wpa81)) (&& (< net20) (< netstandard1.3) (>= netstandard1.4) (< monoandroid) (< win8) (< wpa81)) (&& (< net20) (< netstandard1.3) (>= netstandard1.5)) (&& (< net20) (>= netstandard1.4) (< netstandard1.5) (< monoandroid) (< win8) (< wpa81)) (&& (< net20) (>= netstandard1.4) (< monotouch) (< xamarintvos) (< xamarinwatchos) (< xamarinios) (< xamarinmac) (< win8)) (&& (< net20) (>= netstandard1.4) (< win8) (< portable-net451+win81+wpa81)) (&& (< net20) (< netstandard1.4) (>= netstandard1.5) (< monoandroid)) (&& (< net20) (>= netstandard1.5) (< netstandard1.6) (< monoandroid)) (&& (< net20) (>= netstandard1.5) (< monotouch) (< xamarintvos) (< xamarinwatchos) (< xamarinios) (< xamarinmac)) (&& (< net20) (>= netstandard1.5) (< portable-net451+win81+wpa81)) (&& (>= net45) (>= uap10.0)) (&& (>= net45) (>= dnxcore50)) (&& (>= net45) (>= netstandard1.6)) (&& (< net45) (>= net451) (< netstandard1.3)) (&& (< net45) (>= net46) (< netstandard1.2)) (&& (< net45) (>= net46) (< netstandard1.3)) (&& (< net45) (>= net46) (>= netstandard1.4) (< netstandard1.5)) (&& (< net45) (>= net46) (< netstandard1.4)) (&& (< net45) (>= net46) (>= netstandard1.5)) (&& (< net45) (>= net46) (< portable-net451+win81+wpa81)) (&& (< net45) (>= net461) (< netstandard1.2)) (&& (< net45) (>= net461) (< netstandard1.3)) (&& (< net45) (>= net461) (< netstandard1.4)) (&& (< net45) (>= net461) (>= netstandard1.5)) (&& (< net45) (>= net461) (< netstandard1.5)) (&& (< net45) (>= net461) (< portable-net451+win81+wpa81)) (&& (< net45) (>= net462)) (&& (< net45) (>= net463)) (&& (< net45) (>= netstandard1.1) (< portable-net451+win81+wpa81)) (&& (< net45) (>= netstandard1.2) (< netstandard1.3) (< monoandroid) (< wpa81)) (&& (< net45) (>= netstandard1.2) (< win8) (< portable-net451+win81+wpa81)) (&& (< net45) (< netstandard1.2) (>= netstandard1.3) (< monoandroid) (< win8)) (&& (< net45) (< netstandard1.2) (>= netstandard1.4) (< monoandroid) (< win8)) (&& (< net45) (< netstandard1.2) (>= netstandard1.5) (< monoandroid)) (&& (< net45) (>= netstandard1.3) (< netstandard1.4) (< monoandroid) (< wpa81)) (&& (< net45) (>= netstandard1.3) (< win8) (< portable-net451+win81+wpa81)) (&& (< net45) (< netstandard1.3) (>= netstandard1.4) (< monoandroid) (< win8) (< wpa81)) (&& (< net45) (< netstandard1.3) (>= netstandard1.5) (< monoandroid)) (&& (< net45) (>= netstandard1.4) (< netstandard1.5) (< monoandroid) (< wpa81)) (&& (< net45) (>= netstandard1.4) (< win8) (< portable-net451+win81+wpa81)) (&& (< net45) (< netstandard1.4) (>= netstandard1.5) (< monoandroid)) (&& (< net45) (>= netstandard1.5) (< netstandard1.6) (< monoandroid)) (&& (< net45) (>= netstandard1.5) (< portable-net451+win81+wpa81)) (&& (>= net451) (>= dnxcore50)) (&& (>= net46) (>= uap10.0)) (&& (>= net46) (>= dnxcore50)) (&& (>= net46) (< netstandard1.0) (>= win8)) (&& (>= net46) (< netstandard1.1)) (&& (>= net46) (>= netstandard1.6)) (&& (>= net46) (>= wpa81)) (&& (>= net46) (< portable-net45+win8+wpa81)) (&& (>= net461) (>= uap10.0)) (&& (>= net461) (>= dnxcore50)) (&& (>= net461) (< netstandard1.0) (>= win8)) (&& (>= net461) (< netstandard1.2) (>= wpa81)) (&& (>= net461) (< netstandard1.3) (>= wpa81)) (&& (>= net461) (< netstandard1.4) (>= wpa81)) (&& (>= net461) (>= netstandard1.6)) (&& (>= net462) (>= uap10.0)) (&& (>= net462) (>= dnxcore50)) (&& (>= net462) (< netstandard1.0) (>= win8)) (&& (>= net462) (>= netstandard1.6)) (&& (>= net462) (>= wpa81)) (&& (>= net462) (< portable-net45+win8+wpa81)) (&& (>= net463) (>= uap10.0)) (&& (>= net463) (>= dnxcore50)) (&& (>= net463) (< netstandard1.0) (>= win8)) (&& (>= net463) (>= netstandard1.6)) (&& (>= net463) (>= wpa81)) (&& (>= uap10.0) (< uap10.1)) (&& (>= uap10.0) (>= dnxcore50)) (&& (>= uap10.0) (< netstandard1.0)) (&& (>= uap10.0) (< netstandard1.3)) (&& (>= uap10.0) (< netstandard1.4)) (&& (>= uap10.0) (>= netstandard1.5)) (&& (>= uap10.0) (>= netstandard1.6)) (&& (>= uap10.0) (< win8)) (&& (>= uap10.0) (< win81) (< wpa81)) (&& (>= dnxcore50) (>= netstandard1.0)) (&& (>= dnxcore50) (>= netstandard1.1)) (&& (>= dnxcore50) (>= netstandard1.2)) (&& (>= dnxcore50) (>= netstandard1.3)) (&& (>= dnxcore50) (>= netstandard1.4)) (&& (>= dnxcore50) (>= netstandard1.5)) (&& (>= dnxcore50) (>= netstandard1.6)) (&& (>= dnxcore50) (>= wpa81)) (&& (>= netstandard1.0) (< portable-net45+win8+wpa81)) (&& (< netstandard1.0) (>= netstandard1.1) (< monoandroid) (< win8) (>= portable-net451+win81+wpa81)) (&& (< netstandard1.0) (>= netstandard1.1) (< win8) (< portable-net451+win81+wpa81)) (&& (< netstandard1.0) (>= netstandard1.3) (< monoandroid) (< win8)) (&& (< netstandard1.0) (>= netstandard1.3) (>= win8)) (&& (< netstandard1.0) (>= netstandard1.3) (< win8) (< portable-net451+win81+wpa81)) (&& (< netstandard1.0) (>= netstandard1.4) (>= win8)) (&& (< netstandard1.0) (>= netstandard1.5) (< monoandroid)) (&& (< netstandard1.0) (>= netstandard1.5) (>= win8)) (&& (< netstandard1.0) (>= netstandard1.5) (< portable-net451+win81+wpa81)) (&& (< netstandard1.0) (>= netstandard1.6) (< monoandroid)) (&& (< netstandard1.0) (>= netstandard1.6) (>= win8)) (&& (< netstandard1.0) (< win8) (>= wpa81)) (&& (>= netstandard1.1) (< portable-net45+win8+wpa81)) (&& (< netstandard1.1) (>= netstandard1.2) (< monoandroid) (< win8)) (&& (< netstandard1.1) (>= netstandard1.3) (< monoandroid) (< win8)) (&& (< netstandard1.1) (>= netstandard1.3) (< win8) (< portable-net451+win81+wpa81)) (&& (< netstandard1.1) (>= netstandard1.4) (< monoandroid) (< win8)) (&& (< netstandard1.1) (>= netstandard1.5) (< monoandroid)) (&& (< netstandard1.1) (>= netstandard1.5) (< portable-net451+win81+wpa81)) (&& (< netstandard1.1) (>= netstandard1.6) (< monoandroid)) (&& (< netstandard1.2) (>= netstandard1.6) (< monoandroid)) (&& (>= netstandard1.3) (>= wpa81)) (&& (>= netstandard1.3) (< portable-net45+win8+wpa81)) (&& (< netstandard1.3) (>= netstandard1.6)) (&& (>= netstandard1.4) (>= wpa81)) (&& (< netstandard1.4) (>= netstandard1.6) (< monoandroid)) (&& (>= netstandard1.5) (>= wpa81)) (&& (>= netstandard1.5) (< portable-net45+win8+wpa81)) (&& (< netstandard1.5) (>= netstandard1.6)) (&& (>= netstandard1.6) (< monotouch) (< xamarintvos) (< xamarinwatchos) (< xamarinios) (< xamarinmac)) (&& (>= netstandard1.6) (>= wpa81)) (&& (>= netstandard1.6) (< portable-net45+win8+wpa81)) (&& (>= netstandard1.6) (< portable-net451+win81+wpa81)) (>= netcoreapp1.1) (>= wp8) (&& (>= wpa81) (< portable-net45+win8+wpa81)) (&& (>= wpa81) (< portable-net451+win81+wpa81))
      Microsoft.NETCore.Platforms (>= 1.1) - restriction: || (&& (< net45) (>= netstandard1.0) (< netstandard1.2) (< monoandroid) (< win8) (< wp8)) (&& (< net45) (>= netstandard1.2) (< netstandard1.3) (< monoandroid) (< win8) (< wpa81)) (&& (< net45) (>= netstandard1.3) (< netstandard1.5) (< monoandroid) (< win8) (< wpa81)) (&& (< net45) (>= netstandard1.5) (< monotouch) (< xamarintvos) (< xamarinwatchos) (< xamarinios) (< xamarinmac)) (>= dnxcore50)
      Microsoft.NETCore.Targets (>= 1.1) - restriction: || (&& (< net45) (>= netstandard1.0) (< netstandard1.2) (< monoandroid) (< win8) (< wp8)) (&& (< net45) (>= netstandard1.2) (< netstandard1.3) (< monoandroid) (< win8) (< wpa81)) (&& (< net45) (>= netstandard1.3) (< netstandard1.5) (< monoandroid) (< win8) (< wpa81)) (&& (< net45) (>= netstandard1.5) (< monotouch) (< xamarintvos) (< xamarinwatchos) (< xamarinios) (< xamarinmac)) (>= dnxcore50)
    System.Runtime.Extensions (4.3) - restriction: || (&& (< net20) (>= net45) (>= netstandard1.3)) (&& (< net20) (>= net45) (< netstandard1.3)) (&& (< net20) (>= net45) (>= netstandard1.4) (< netstandard1.5)) (&& (< net20) (>= net45) (>= netstandard1.5)) (&& (< net20) (>= net45) (< portable-net45+win8+wpa81)) (&& (< net20) (>= net45) (< portable-net451+win81+wpa81)) (&& (< net20) (>= net46) (< netstandard1.3)) (&& (< net20) (>= net46) (>= netstandard1.4) (< netstandard1.5)) (&& (< net20) (>= net46) (< netstandard1.4)) (&& (< net20) (>= net46) (>= netstandard1.5)) (&& (< net20) (>= net46) (< portable-net451+win81+wpa81)) (&& (< net20) (>= net461) (< netstandard1.3)) (&& (< net20) (>= net461) (< netstandard1.4)) (&& (< net20) (>= net461) (>= netstandard1.5)) (&& (< net20) (>= net461) (< netstandard1.5)) (&& (< net20) (>= net461) (< portable-net451+win81+wpa81)) (&& (< net20) (>= net462)) (&& (< net20) (>= netstandard1.0) (< netstandard1.3) (< monoandroid) (< win8) (< wpa81)) (&& (< net20) (>= netstandard1.1) (< win8) (< portable-net451+win81+wpa81)) (&& (< net20) (>= netstandard1.2) (< netstandard1.3) (< monoandroid) (< win8) (< wpa81)) (&& (< net20) (>= netstandard1.3) (< netstandard1.4) (< monoandroid) (< win8) (< wpa81)) (&& (< net20) (>= netstandard1.3) (< netstandard1.5) (< monoandroid) (< win8) (< wpa81)) (&& (< net20) (>= netstandard1.3) (< monotouch) (< xamarintvos) (< xamarinwatchos) (< xamarinios) (< xamarinmac) (< win8)) (&& (< net20) (>= netstandard1.3) (< win8) (< portable-net451+win81+wpa81)) (&& (< net20) (< netstandard1.3) (>= netstandard1.4) (< monoandroid) (< win8) (< wpa81)) (&& (< net20) (< netstandard1.3) (>= netstandard1.5)) (&& (< net20) (>= netstandard1.4) (< netstandard1.5) (< monoandroid) (< win8) (< wpa81)) (&& (< net20) (>= netstandard1.4) (< win8) (< portable-net451+win81+wpa81)) (&& (< net20) (< netstandard1.4) (>= netstandard1.5) (< monoandroid)) (&& (< net20) (>= netstandard1.5) (< netstandard1.6) (< monoandroid)) (&& (< net20) (>= netstandard1.5) (< monotouch) (< xamarintvos) (< xamarinwatchos) (< xamarinios) (< xamarinmac)) (&& (>= net45) (>= uap10.0)) (&& (>= net45) (>= dnxcore50)) (&& (>= net45) (>= netstandard1.6)) (&& (< net45) (>= net46) (< netstandard1.3)) (&& (< net45) (>= net46) (>= netstandard1.4) (< netstandard1.5)) (&& (< net45) (>= net46) (< netstandard1.4)) (&& (< net45) (>= net46) (>= netstandard1.5)) (&& (< net45) (>= net46) (< portable-net451+win81+wpa81)) (&& (< net45) (>= net461) (< netstandard1.3)) (&& (< net45) (>= net461) (< netstandard1.4)) (&& (< net45) (>= net461) (>= netstandard1.5)) (&& (< net45) (>= net461) (< netstandard1.5)) (&& (< net45) (>= net461) (< portable-net451+win81+wpa81)) (&& (< net45) (>= netstandard1.1) (< portable-net451+win81+wpa81)) (&& (< net45) (>= netstandard1.2) (< netstandard1.3) (< monoandroid) (< wpa81)) (&& (< net45) (>= netstandard1.3) (< netstandard1.4) (< monoandroid) (< wpa81)) (&& (< net45) (>= netstandard1.3) (< win8) (< portable-net451+win81+wpa81)) (&& (< net45) (< netstandard1.3) (>= netstandard1.4) (< monoandroid) (< win8) (< wpa81)) (&& (< net45) (< netstandard1.3) (>= netstandard1.5) (< monoandroid)) (&& (< net45) (>= netstandard1.4) (< netstandard1.5) (< monoandroid) (< wpa81)) (&& (< net45) (>= netstandard1.4) (< win8) (< portable-net451+win81+wpa81)) (&& (< net45) (< netstandard1.4) (>= netstandard1.5) (< monoandroid)) (&& (< net45) (>= netstandard1.5) (< netstandard1.6) (< monoandroid)) (&& (< net45) (>= netstandard1.5) (< portable-net451+win81+wpa81)) (&& (>= net46) (>= uap10.0)) (&& (>= net46) (>= dnxcore50)) (&& (>= net46) (< netstandard1.0) (>= win8)) (&& (>= net46) (< netstandard1.3) (>= wpa81)) (&& (>= net46) (< netstandard1.4) (>= wpa81)) (&& (>= net46) (>= netstandard1.6)) (&& (>= net461) (>= uap10.0)) (&& (>= net461) (>= dnxcore50)) (&& (>= net461) (< netstandard1.0) (>= win8)) (&& (>= net461) (< netstandard1.3) (>= wpa81)) (&& (>= net461) (< netstandard1.4) (>= wpa81)) (&& (>= net461) (>= netstandard1.6)) (&& (>= net462) (< netstandard1.0) (>= win8)) (&& (>= net462) (>= wpa81)) (&& (>= net463) (>= netstandard1.6)) (&& (>= uap10.0) (< uap10.1)) (&& (>= uap10.0) (>= dnxcore50)) (&& (>= uap10.0) (< netstandard1.0)) (&& (>= uap10.0) (< netstandard1.3)) (&& (>= uap10.0) (< netstandard1.4)) (&& (>= uap10.0) (>= netstandard1.5)) (&& (>= uap10.0) (>= netstandard1.6)) (&& (>= uap10.0) (< win8)) (&& (>= dnxcore50) (>= netstandard1.0)) (&& (>= dnxcore50) (>= netstandard1.1)) (&& (>= dnxcore50) (>= netstandard1.2)) (&& (>= dnxcore50) (>= netstandard1.3)) (&& (>= dnxcore50) (>= netstandard1.4)) (&& (>= dnxcore50) (>= netstandard1.5)) (&& (>= dnxcore50) (>= netstandard1.6)) (&& (>= dnxcore50) (>= wpa81)) (&& (>= netstandard1.0) (< portable-net45+win8+wpa81)) (&& (< netstandard1.0) (>= netstandard1.3) (>= win8)) (&& (< netstandard1.0) (>= netstandard1.4) (>= win8)) (&& (< netstandard1.0) (>= netstandard1.5) (>= win8)) (&& (< netstandard1.0) (>= netstandard1.6) (>= win8)) (&& (>= netstandard1.1) (< portable-net45+win8+wpa81)) (&& (>= netstandard1.3) (>= wpa81)) (&& (>= netstandard1.3) (< portable-net45+win8+wpa81)) (&& (< netstandard1.3) (>= netstandard1.6)) (&& (< netstandard1.4) (>= netstandard1.6) (< monoandroid)) (&& (>= netstandard1.5) (>= wpa81)) (&& (>= netstandard1.5) (< portable-net45+win8+wpa81)) (&& (< netstandard1.5) (>= netstandard1.6)) (&& (>= netstandard1.6) (< monotouch) (< xamarintvos) (< xamarinwatchos) (< xamarinios) (< xamarinmac)) (&& (>= netstandard1.6) (>= wpa81)) (&& (>= netstandard1.6) (< portable-net45+win8+wpa81)) (&& (>= netstandard1.6) (< portable-net451+win81+wpa81)) (>= wp8) (&& (>= wpa81) (< portable-net45+win8+wpa81)) (&& (>= wpa81) (< portable-net451+win81+wpa81))
      Microsoft.NETCore.Platforms (>= 1.1) - restriction: || (&& (< net45) (>= netstandard1.0) (< netstandard1.3) (< monoandroid) (< win8) (< wp8) (< wpa81)) (&& (< net45) (>= netstandard1.3) (< netstandard1.5) (< monoandroid) (< win8) (< wpa81)) (&& (< net45) (>= netstandard1.5) (< monotouch) (< xamarintvos) (< xamarinwatchos) (< xamarinios) (< xamarinmac)) (>= dnxcore50)
      Microsoft.NETCore.Targets (>= 1.1) - restriction: || (&& (< net45) (>= netstandard1.0) (< netstandard1.3) (< monoandroid) (< win8) (< wp8) (< wpa81)) (&& (< net45) (>= netstandard1.3) (< netstandard1.5) (< monoandroid) (< win8) (< wpa81)) (&& (< net45) (>= netstandard1.5) (< monotouch) (< xamarintvos) (< xamarinwatchos) (< xamarinios) (< xamarinmac)) (>= dnxcore50)
      System.Runtime (>= 4.3) - restriction: || (&& (< net45) (>= netstandard1.0) (< netstandard1.3) (< monoandroid) (< win8) (< wp8) (< wpa81)) (&& (< net45) (>= netstandard1.3) (< netstandard1.5) (< monoandroid) (< win8) (< wpa81)) (&& (< net45) (>= netstandard1.5) (< monotouch) (< xamarintvos) (< xamarinwatchos) (< xamarinios) (< xamarinmac)) (>= dnxcore50)
    System.Runtime.Handles (4.3) - restriction: || (&& (< net20) (>= net45) (>= netstandard1.3)) (&& (< net20) (>= net45) (< netstandard1.3) (>= netstandard1.4)) (&& (< net20) (>= net45) (>= netstandard1.4) (< netstandard1.5)) (&& (< net20) (>= net45) (>= netstandard1.4) (< portable-net451+win81+wpa81)) (&& (< net20) (>= net45) (>= netstandard1.5)) (&& (< net20) (>= net46) (< netstandard1.3)) (&& (< net20) (>= net46) (>= netstandard1.4) (< netstandard1.5)) (&& (< net20) (>= net46) (< netstandard1.4)) (&& (< net20) (>= net46) (>= netstandard1.5)) (&& (< net20) (>= net46) (< portable-net451+win81+wpa81)) (&& (< net20) (>= net461) (< netstandard1.3)) (&& (< net20) (>= net461) (< netstandard1.4)) (&& (< net20) (>= net461) (>= netstandard1.5)) (&& (< net20) (>= net461) (< netstandard1.5)) (&& (< net20) (>= net461) (< portable-net451+win81+wpa81)) (&& (< net20) (>= netstandard1.3) (< netstandard1.4) (< monoandroid) (< win8) (< wpa81)) (&& (< net20) (>= netstandard1.3) (< netstandard1.5) (< monoandroid) (< win8) (< wpa81)) (&& (< net20) (>= netstandard1.3) (< monotouch) (< xamarintvos) (< xamarinwatchos) (< xamarinios) (< xamarinmac) (< win8) (< wpa81)) (&& (< net20) (>= netstandard1.3) (< win8) (< portable-net451+win81+wpa81)) (&& (< net20) (< netstandard1.3) (>= netstandard1.4) (< monoandroid) (< win8) (< wpa81)) (&& (< net20) (< netstandard1.3) (>= netstandard1.5) (< monoandroid)) (&& (< net20) (>= netstandard1.4) (< netstandard1.5) (< monoandroid) (< win8) (< wpa81)) (&& (< net20) (>= netstandard1.4) (< win8) (< portable-net451+win81+wpa81)) (&& (< net20) (< netstandard1.4) (>= netstandard1.5) (< monoandroid)) (&& (< net20) (>= netstandard1.5) (< netstandard1.6) (< monoandroid)) (&& (< net20) (>= netstandard1.5) (< monotouch) (< xamarintvos) (< xamarinwatchos) (< xamarinios) (< xamarinmac)) (&& (< net20) (>= netstandard1.5) (< portable-net451+win81+wpa81)) (&& (>= net45) (>= uap10.0)) (&& (>= net45) (>= dnxcore50)) (&& (>= net45) (>= netstandard1.6)) (&& (< net45) (>= net46) (< netstandard1.3)) (&& (< net45) (>= net46) (>= netstandard1.4) (< netstandard1.5)) (&& (< net45) (>= net46) (< netstandard1.4)) (&& (< net45) (>= net46) (>= netstandard1.5)) (&& (< net45) (>= net46) (< portable-net451+win81+wpa81)) (&& (< net45) (>= net461) (< netstandard1.3)) (&& (< net45) (>= net461) (< netstandard1.4)) (&& (< net45) (>= net461) (>= netstandard1.5)) (&& (< net45) (>= net461) (< netstandard1.5)) (&& (< net45) (>= net461) (< portable-net451+win81+wpa81)) (&& (< net45) (>= netstandard1.3) (< netstandard1.4) (< monoandroid) (< wpa81)) (&& (< net45) (>= netstandard1.3) (< win8) (< portable-net451+win81+wpa81)) (&& (< net45) (< netstandard1.3) (>= netstandard1.4) (< monoandroid) (< win8) (< wpa81)) (&& (< net45) (< netstandard1.3) (>= netstandard1.5) (< monoandroid)) (&& (< net45) (>= netstandard1.4) (< netstandard1.5) (< monoandroid) (< wpa81)) (&& (< net45) (>= netstandard1.4) (< win8) (< portable-net451+win81+wpa81)) (&& (< net45) (< netstandard1.4) (>= netstandard1.5) (< monoandroid)) (&& (< net45) (>= netstandard1.5) (< netstandard1.6) (< monoandroid)) (&& (< net45) (>= netstandard1.5) (< portable-net451+win81+wpa81)) (&& (>= net46) (>= uap10.0)) (&& (>= net46) (>= dnxcore50)) (&& (>= net46) (< netstandard1.0) (>= win8)) (&& (>= net46) (< netstandard1.3) (>= wpa81)) (&& (>= net46) (< netstandard1.4) (>= wpa81)) (&& (>= net46) (>= netstandard1.6)) (&& (>= net46) (>= wp8)) (&& (>= net46) (>= wpa81) (< portable-net451+win81+wpa81)) (&& (>= net461) (>= uap10.0)) (&& (>= net461) (>= dnxcore50)) (&& (>= net461) (< netstandard1.0) (>= win8)) (&& (>= net461) (< netstandard1.3) (>= wpa81)) (&& (>= net461) (< netstandard1.4) (>= wpa81)) (&& (>= net461) (>= netstandard1.6)) (&& (>= net461) (>= wp8)) (&& (>= net461) (>= wpa81) (< portable-net451+win81+wpa81)) (&& (>= net463) (>= netstandard1.6)) (&& (>= uap10.0) (< uap10.1)) (&& (>= uap10.0) (>= dnxcore50)) (&& (>= uap10.0) (< netstandard1.0)) (&& (>= uap10.0) (< netstandard1.3)) (&& (>= uap10.0) (< netstandard1.4)) (&& (>= uap10.0) (>= netstandard1.5)) (&& (>= uap10.0) (>= netstandard1.6)) (&& (>= uap10.0) (< win8)) (&& (>= uap10.0) (>= wp8)) (&& (>= dnxcore50) (>= netstandard1.0)) (&& (>= dnxcore50) (>= netstandard1.1)) (&& (>= dnxcore50) (>= netstandard1.2)) (&& (>= dnxcore50) (>= netstandard1.3)) (&& (>= dnxcore50) (>= netstandard1.4)) (&& (>= dnxcore50) (>= netstandard1.5)) (&& (>= dnxcore50) (>= netstandard1.6)) (&& (>= dnxcore50) (>= wp8)) (&& (>= dnxcore50) (>= wpa81)) (&& (< netstandard1.0) (>= netstandard1.3) (>= win8)) (&& (< netstandard1.0) (>= netstandard1.4) (>= win8)) (&& (< netstandard1.0) (>= netstandard1.5) (>= win8)) (&& (< netstandard1.0) (>= netstandard1.6) (>= win8)) (&& (>= netstandard1.3) (< win8) (>= wpa81) (< portable-net451+win81+wpa81)) (&& (>= netstandard1.3) (>= wp8)) (&& (>= netstandard1.3) (< portable-net45+win8+wpa81)) (&& (< netstandard1.3) (>= netstandard1.6)) (&& (>= netstandard1.4) (< win8) (>= wpa81) (< portable-net451+win81+wpa81)) (&& (>= netstandard1.4) (>= wp8)) (&& (< netstandard1.4) (>= netstandard1.6) (< monoandroid)) (&& (>= netstandard1.5) (>= wp8)) (&& (>= netstandard1.5) (>= wpa81)) (&& (>= netstandard1.5) (< portable-net45+win8+wpa81)) (&& (< netstandard1.5) (>= netstandard1.6)) (&& (>= netstandard1.6) (< monotouch) (< xamarintvos) (< xamarinwatchos) (< xamarinios) (< xamarinmac)) (&& (>= netstandard1.6) (>= wp8)) (&& (>= netstandard1.6) (>= wpa81)) (&& (>= netstandard1.6) (< portable-net45+win8+wpa81)) (&& (>= netstandard1.6) (< portable-net451+win81+wpa81)) (>= netcoreapp1.1)
      Microsoft.NETCore.Platforms (>= 1.1) - restriction: && (< net46) (>= netstandard1.3) (< monotouch) (< xamarintvos) (< xamarinwatchos) (< xamarinios) (< xamarinmac)
      Microsoft.NETCore.Targets (>= 1.1) - restriction: && (< net46) (>= netstandard1.3) (< monotouch) (< xamarintvos) (< xamarinwatchos) (< xamarinios) (< xamarinmac)
      System.Runtime (>= 4.3) - restriction: && (< net46) (>= netstandard1.3) (< monotouch) (< xamarintvos) (< xamarinwatchos) (< xamarinios) (< xamarinmac)
    System.Runtime.InteropServices (4.3) - restriction: || (&& (< net20) (>= net45) (>= netstandard1.2) (< netstandard1.3)) (&& (< net20) (>= net45) (>= netstandard1.3)) (&& (< net20) (>= net45) (< netstandard1.3) (>= netstandard1.4)) (&& (< net20) (>= net45) (>= netstandard1.4) (< netstandard1.5)) (&& (< net20) (>= net45) (>= netstandard1.5)) (&& (< net20) (>= net45) (< portable-net451+win81+wpa81)) (&& (< net20) (>= net46) (< netstandard1.3)) (&& (< net20) (>= net46) (>= netstandard1.4) (< netstandard1.5)) (&& (< net20) (>= net46) (< netstandard1.4)) (&& (< net20) (>= net46) (>= netstandard1.5)) (&& (< net20) (>= net46) (< portable-net451+win81+wpa81)) (&& (< net20) (>= net461) (< netstandard1.3)) (&& (< net20) (>= net461) (< netstandard1.4)) (&& (< net20) (>= net461) (>= netstandard1.5)) (&& (< net20) (>= net461) (< netstandard1.5)) (&& (< net20) (>= net461) (< portable-net451+win81+wpa81)) (&& (< net20) (>= netstandard1.1) (< win8) (< portable-net451+win81+wpa81)) (&& (< net20) (>= netstandard1.2) (< netstandard1.3) (< monoandroid) (< win8) (< wpa81)) (&& (< net20) (>= netstandard1.3) (< netstandard1.4) (< monoandroid) (< win8) (< wpa81)) (&& (< net20) (>= netstandard1.3) (< monotouch) (< xamarintvos) (< xamarinwatchos) (< xamarinios) (< xamarinmac) (< win8) (< wpa81)) (&& (< net20) (>= netstandard1.3) (< win8) (< portable-net451+win81+wpa81)) (&& (< net20) (< netstandard1.3) (>= netstandard1.4) (< monoandroid) (< win8) (< wpa81)) (&& (< net20) (< netstandard1.3) (>= netstandard1.5)) (&& (< net20) (>= netstandard1.4) (< netstandard1.5) (< monoandroid) (< win8) (< wpa81)) (&& (< net20) (>= netstandard1.4) (< win8) (< portable-net451+win81+wpa81)) (&& (< net20) (< netstandard1.4) (>= netstandard1.5) (< monoandroid)) (&& (< net20) (>= netstandard1.5) (< netstandard1.6) (< monoandroid)) (&& (< net20) (>= netstandard1.5) (< monotouch) (< xamarintvos) (< xamarinwatchos) (< xamarinios) (< xamarinmac)) (&& (>= net45) (>= uap10.0)) (&& (>= net45) (>= dnxcore50)) (&& (>= net45) (>= netstandard1.6)) (&& (< net45) (>= net46) (< netstandard1.3)) (&& (< net45) (>= net46) (>= netstandard1.4) (< netstandard1.5)) (&& (< net45) (>= net46) (< netstandard1.4)) (&& (< net45) (>= net46) (>= netstandard1.5)) (&& (< net45) (>= net46) (< portable-net451+win81+wpa81)) (&& (< net45) (>= net461) (< netstandard1.3)) (&& (< net45) (>= net461) (< netstandard1.4)) (&& (< net45) (>= net461) (>= netstandard1.5)) (&& (< net45) (>= net461) (< netstandard1.5)) (&& (< net45) (>= net461) (< portable-net451+win81+wpa81)) (&& (< net45) (>= netstandard1.1) (< portable-net451+win81+wpa81)) (&& (< net45) (>= netstandard1.2) (< netstandard1.3) (< monoandroid) (< wpa81)) (&& (< net45) (>= netstandard1.3) (< netstandard1.4) (< monoandroid) (< wpa81)) (&& (< net45) (>= netstandard1.3) (< win8) (< portable-net451+win81+wpa81)) (&& (< net45) (< netstandard1.3) (>= netstandard1.4) (< monoandroid) (< win8) (< wpa81)) (&& (< net45) (< netstandard1.3) (>= netstandard1.5) (< monoandroid)) (&& (< net45) (>= netstandard1.4) (< netstandard1.5) (< monoandroid) (< wpa81)) (&& (< net45) (>= netstandard1.4) (< win8) (< portable-net451+win81+wpa81)) (&& (< net45) (< netstandard1.4) (>= netstandard1.5) (< monoandroid)) (&& (< net45) (>= netstandard1.5) (< netstandard1.6) (< monoandroid)) (&& (< net45) (>= netstandard1.5) (< portable-net451+win81+wpa81)) (&& (>= net46) (>= uap10.0)) (&& (>= net46) (>= dnxcore50)) (&& (>= net46) (< netstandard1.0) (>= win8)) (&& (>= net46) (< netstandard1.3) (>= wpa81)) (&& (>= net46) (< netstandard1.4) (>= wpa81)) (&& (>= net46) (>= netstandard1.6)) (&& (>= net46) (>= wp8)) (&& (>= net461) (>= uap10.0)) (&& (>= net461) (>= dnxcore50)) (&& (>= net461) (< netstandard1.0) (>= win8)) (&& (>= net461) (< netstandard1.3) (>= wpa81)) (&& (>= net461) (< netstandard1.4) (>= wpa81)) (&& (>= net461) (>= netstandard1.6)) (&& (>= net461) (>= wp8)) (&& (>= net463) (>= netstandard1.6)) (&& (>= uap10.0) (< uap10.1)) (&& (>= uap10.0) (>= dnxcore50)) (&& (>= uap10.0) (< netstandard1.0)) (&& (>= uap10.0) (< netstandard1.3)) (&& (>= uap10.0) (< netstandard1.4)) (&& (>= uap10.0) (>= netstandard1.5)) (&& (>= uap10.0) (>= netstandard1.6)) (&& (>= uap10.0) (< win8)) (&& (>= uap10.0) (>= wp8)) (&& (>= dnxcore50) (>= netstandard1.0)) (&& (>= dnxcore50) (>= netstandard1.1)) (&& (>= dnxcore50) (>= netstandard1.2)) (&& (>= dnxcore50) (>= netstandard1.3)) (&& (>= dnxcore50) (>= netstandard1.4)) (&& (>= dnxcore50) (>= netstandard1.5)) (&& (>= dnxcore50) (>= netstandard1.6)) (&& (>= dnxcore50) (>= wp8)) (&& (>= dnxcore50) (>= wpa81)) (&& (< netstandard1.0) (>= netstandard1.3) (>= win8)) (&& (< netstandard1.0) (>= netstandard1.4) (>= win8)) (&& (< netstandard1.0) (>= netstandard1.5) (>= win8)) (&& (< netstandard1.0) (>= netstandard1.6) (>= win8)) (&& (>= netstandard1.1) (>= wp8)) (&& (>= netstandard1.2) (>= wp8)) (&& (>= netstandard1.3) (>= wp8)) (&& (>= netstandard1.3) (< portable-net45+win8+wpa81)) (&& (< netstandard1.3) (>= netstandard1.6)) (&& (>= netstandard1.4) (>= wp8)) (&& (< netstandard1.4) (>= netstandard1.6) (< monoandroid)) (&& (>= netstandard1.5) (>= wp8)) (&& (>= netstandard1.5) (>= wpa81)) (&& (>= netstandard1.5) (< portable-net45+win8+wpa81)) (&& (< netstandard1.5) (>= netstandard1.6)) (&& (>= netstandard1.6) (< monotouch) (< xamarintvos) (< xamarinwatchos) (< xamarinios) (< xamarinmac)) (&& (>= netstandard1.6) (>= wp8)) (&& (>= netstandard1.6) (>= wpa81)) (&& (>= netstandard1.6) (< portable-net45+win8+wpa81)) (&& (>= netstandard1.6) (< portable-net451+win81+wpa81)) (&& (>= wpa81) (< portable-net451+win81+wpa81))
      Microsoft.NETCore.Platforms (>= 1.1) - restriction: || (&& (< net45) (>= netstandard1.1) (< netstandard1.2) (< monoandroid) (< win8)) (&& (< net45) (>= netstandard1.2) (< netstandard1.3) (< monoandroid) (< win8) (< wpa81)) (&& (< net45) (>= netstandard1.3) (< netstandard1.5) (< monoandroid) (< win8) (< wpa81)) (&& (< net45) (>= netstandard1.5) (< monotouch) (< xamarintvos) (< xamarinwatchos) (< xamarinios) (< xamarinmac)) (>= dnxcore50) (>= netcoreapp1.1)
      Microsoft.NETCore.Targets (>= 1.1) - restriction: || (&& (< net45) (>= netstandard1.1) (< netstandard1.2) (< monoandroid) (< win8)) (&& (< net45) (>= netstandard1.2) (< netstandard1.3) (< monoandroid) (< win8) (< wpa81)) (&& (< net45) (>= netstandard1.3) (< netstandard1.5) (< monoandroid) (< win8) (< wpa81)) (&& (< net45) (>= netstandard1.5) (< monotouch) (< xamarintvos) (< xamarinwatchos) (< xamarinios) (< xamarinmac)) (>= dnxcore50) (>= netcoreapp1.1)
      System.Reflection (>= 4.3) - restriction: || (&& (< net45) (>= netstandard1.1) (< netstandard1.2) (< monoandroid) (< win8)) (&& (< net45) (>= netstandard1.2) (< netstandard1.3) (< monoandroid) (< win8) (< wpa81)) (&& (< net45) (>= netstandard1.3) (< netstandard1.5) (< monoandroid) (< win8) (< wpa81)) (&& (< net45) (>= netstandard1.5) (< monotouch) (< xamarintvos) (< xamarinwatchos) (< xamarinios) (< xamarinmac)) (>= dnxcore50) (>= netcoreapp1.1)
      System.Reflection.Primitives (>= 4.3) - restriction: || (&& (< net45) (>= netstandard1.1) (< netstandard1.2) (< monoandroid) (< win8)) (&& (< net45) (>= netstandard1.2) (< netstandard1.3) (< monoandroid) (< win8) (< wpa81)) (&& (< net45) (>= netstandard1.3) (< netstandard1.5) (< monoandroid) (< win8) (< wpa81)) (&& (< net45) (>= netstandard1.5) (< monotouch) (< xamarintvos) (< xamarinwatchos) (< xamarinios) (< xamarinmac)) (>= dnxcore50) (>= netcoreapp1.1)
      System.Runtime (>= 4.3) - restriction: || (&& (< net45) (>= netstandard1.1) (< netstandard1.2) (< monoandroid) (< win8)) (&& (< net45) (>= netstandard1.2) (< netstandard1.3) (< monoandroid) (< win8) (< wpa81)) (&& (< net45) (>= netstandard1.3) (< netstandard1.5) (< monoandroid) (< win8) (< wpa81)) (&& (< net45) (>= netstandard1.5) (< monotouch) (< xamarintvos) (< xamarinwatchos) (< xamarinios) (< xamarinmac)) (>= net462) (>= dnxcore50) (>= netcoreapp1.1)
      System.Runtime.Handles (>= 4.3) - restriction: || (&& (< net45) (>= netstandard1.3) (< netstandard1.5) (< monoandroid) (< win8) (< wpa81)) (&& (< net45) (>= netstandard1.5) (< monotouch) (< xamarintvos) (< xamarinwatchos) (< xamarinios) (< xamarinmac)) (>= dnxcore50) (>= netcoreapp1.1)
    System.Runtime.InteropServices.RuntimeInformation (4.3) - restriction: || (&& (< net20) (>= net45) (< netstandard1.0) (>= netstandard1.3)) (&& (< net20) (>= net45) (< netstandard1.0) (>= portable-net451+win81+wpa81)) (&& (< net20) (>= net45) (>= netstandard1.2) (< netstandard1.3)) (&& (< net20) (>= net45) (>= netstandard1.3) (< netstandard1.4)) (&& (< net20) (>= net45) (< netstandard1.3) (>= netstandard1.4)) (&& (< net20) (>= net45) (>= netstandard1.4) (< netstandard1.5)) (&& (< net20) (>= net45) (>= netstandard1.5)) (&& (< net20) (>= net45) (< portable-net451+win81+wpa81)) (&& (< net20) (>= net451) (< netstandard1.3)) (&& (< net20) (>= net46) (< netstandard1.3)) (&& (< net20) (>= net46) (< netstandard1.4)) (&& (< net20) (>= netstandard1.1) (< win8) (< portable-net451+win81+wpa81)) (&& (< net20) (>= netstandard1.2) (< netstandard1.3) (< monoandroid) (< win8) (< wpa81)) (&& (< net20) (>= netstandard1.3) (< netstandard1.4) (< monoandroid) (< win8) (< wpa81)) (&& (< net20) (>= netstandard1.3) (< win8) (< portable-net451+win81+wpa81)) (&& (< net20) (< netstandard1.3) (>= netstandard1.4) (< monoandroid) (< win8) (< wpa81)) (&& (< net20) (< netstandard1.3) (>= netstandard1.5) (< monoandroid)) (&& (< net20) (>= netstandard1.4) (< netstandard1.5) (< monoandroid) (< win8) (< wpa81)) (&& (< net20) (>= netstandard1.5) (< netstandard1.6) (< monoandroid)) (&& (>= net45) (>= uap10.0)) (&& (>= net45) (>= dnxcore50)) (&& (>= net45) (>= netstandard1.6)) (&& (>= net45) (>= wp8)) (&& (< net45) (>= net451) (< netstandard1.3)) (&& (< net45) (>= net46) (< netstandard1.3)) (&& (< net45) (>= net46) (< netstandard1.4)) (&& (< net45) (>= netstandard1.1) (< portable-net451+win81+wpa81)) (&& (< net45) (>= netstandard1.2) (< netstandard1.3) (< monoandroid) (< wpa81)) (&& (< net45) (>= netstandard1.3) (< netstandard1.4) (< monoandroid) (< wpa81)) (&& (< net45) (>= netstandard1.3) (< win8) (< portable-net451+win81+wpa81)) (&& (< net45) (< netstandard1.3) (>= netstandard1.4) (< monoandroid) (< win8) (< wpa81)) (&& (< net45) (< netstandard1.3) (>= netstandard1.5) (< monoandroid)) (&& (< net45) (>= netstandard1.4) (< netstandard1.5) (< monoandroid) (< wpa81)) (&& (< net45) (< netstandard1.4) (>= netstandard1.5) (< monoandroid)) (&& (< net45) (>= netstandard1.5) (< netstandard1.6) (< monoandroid)) (&& (< net45) (>= netstandard1.5) (< portable-net451+win81+wpa81)) (&& (>= net451) (>= dnxcore50)) (&& (>= net451) (>= wp8)) (&& (>= net46) (>= dnxcore50)) (&& (>= net46) (< netstandard1.0) (>= win8)) (&& (>= net46) (< netstandard1.4) (>= netstandard1.6)) (&& (>= net46) (< netstandard1.4) (>= wpa81)) (&& (>= net46) (>= wp8)) (&& (>= uap10.0) (< uap10.1)) (&& (>= uap10.0) (>= dnxcore50)) (&& (>= uap10.0) (< netstandard1.0)) (&& (>= uap10.0) (< netstandard1.3)) (&& (>= uap10.0) (>= netstandard1.5)) (&& (>= uap10.0) (>= netstandard1.6)) (&& (>= uap10.0) (< win8)) (&& (>= uap10.0) (>= wp8)) (&& (>= dnxcore50) (>= netstandard1.0) (>= portable-net45+win8+wpa81)) (&& (>= dnxcore50) (>= netstandard1.0) (>= portable-net451+win81+wpa81)) (&& (>= dnxcore50) (>= netstandard1.1)) (&& (>= dnxcore50) (>= netstandard1.2)) (&& (>= dnxcore50) (>= netstandard1.3)) (&& (>= dnxcore50) (>= netstandard1.4)) (&& (>= dnxcore50) (>= netstandard1.5)) (&& (>= dnxcore50) (>= netstandard1.6)) (&& (>= dnxcore50) (>= wpa81)) (&& (< netstandard1.0) (>= netstandard1.1) (< monoandroid) (>= portable-net451+win81+wpa81)) (&& (< netstandard1.0) (>= netstandard1.1) (< portable-net451+win81+wpa81)) (&& (< netstandard1.0) (>= netstandard1.3) (< monoandroid) (< win8)) (&& (< netstandard1.0) (>= netstandard1.3) (>= win8)) (&& (< netstandard1.0) (>= netstandard1.3) (< win8) (< portable-net451+win81+wpa81)) (&& (< netstandard1.0) (>= netstandard1.4) (>= win8)) (&& (< netstandard1.0) (>= netstandard1.5) (< monoandroid)) (&& (< netstandard1.0) (>= netstandard1.5) (>= win8)) (&& (< netstandard1.0) (>= netstandard1.5) (< portable-net451+win81+wpa81)) (&& (< netstandard1.0) (>= netstandard1.6) (< monoandroid)) (&& (< netstandard1.0) (>= netstandard1.6) (>= win8)) (&& (< netstandard1.0) (>= wp8) (>= portable-net45+win8+wpa81)) (&& (< netstandard1.0) (>= wp8) (>= portable-net451+win81+wpa81)) (&& (< netstandard1.0) (>= wpa81)) (&& (>= netstandard1.1) (>= wp8)) (&& (>= netstandard1.2) (>= wp8)) (&& (>= netstandard1.3) (>= wp8)) (&& (< netstandard1.3) (>= netstandard1.6)) (&& (< netstandard1.3) (>= wpa81)) (&& (>= netstandard1.4) (>= wp8)) (&& (< netstandard1.4) (>= netstandard1.6) (< monoandroid)) (&& (>= netstandard1.5) (>= wp8)) (&& (>= netstandard1.5) (>= wpa81)) (&& (< netstandard1.5) (>= netstandard1.6)) (&& (>= netstandard1.6) (< netstandard2.0) (< monotouch) (< xamarintvos) (< xamarinwatchos) (< xamarinios) (< xamarinmac)) (&& (>= netstandard1.6) (>= wp8)) (&& (>= netstandard1.6) (>= wpa81)) (&& (>= netstandard1.6) (< portable-net451+win81+wpa81)) (&& (>= wp8) (>= wpa81)) (&& (>= wpa81) (< portable-net451+win81+wpa81))
      runtime.native.System (>= 4.3) - restriction: && (< net45) (>= netstandard1.1) (< monotouch) (< xamarintvos) (< xamarinwatchos) (< xamarinios) (< xamarinmac) (< win8) (< wpa81)
      System.Reflection (>= 4.3) - restriction: || (&& (< net45) (>= netstandard1.1) (< monotouch) (< xamarintvos) (< xamarinwatchos) (< xamarinios) (< xamarinmac) (< win8) (< wpa81)) (>= dnxcore50)
      System.Reflection.Extensions (>= 4.3) - restriction: || (&& (< net45) (>= netstandard1.1) (< monotouch) (< xamarintvos) (< xamarinwatchos) (< xamarinios) (< xamarinmac) (< win8) (< wpa81)) (>= dnxcore50)
      System.Resources.ResourceManager (>= 4.3) - restriction: || (&& (< net45) (>= netstandard1.1) (< monotouch) (< xamarintvos) (< xamarinwatchos) (< xamarinios) (< xamarinmac) (< win8) (< wpa81)) (>= dnxcore50)
      System.Runtime (>= 4.3) - restriction: || (&& (< net45) (>= netstandard1.1) (< monotouch) (< xamarintvos) (< xamarinwatchos) (< xamarinios) (< xamarinmac) (< win8) (< wpa81)) (>= dnxcore50)
      System.Runtime.InteropServices (>= 4.3) - restriction: && (< net45) (>= netstandard1.1) (< monotouch) (< xamarintvos) (< xamarinwatchos) (< xamarinios) (< xamarinmac) (< win8) (< wpa81)
      System.Threading (>= 4.3) - restriction: || (&& (< net45) (>= netstandard1.1) (< monotouch) (< xamarintvos) (< xamarinwatchos) (< xamarinios) (< xamarinmac) (< win8) (< wpa81)) (>= dnxcore50)
    System.Runtime.Numerics (4.3) - restriction: || (&& (< net20) (>= net45) (>= netstandard1.2) (< netstandard1.3)) (&& (< net20) (>= net45) (>= netstandard1.3) (< netstandard1.4)) (&& (< net20) (>= net45) (< netstandard1.3) (>= netstandard1.4)) (&& (< net20) (>= net45) (>= netstandard1.4) (< netstandard1.5)) (&& (< net20) (>= net45) (>= netstandard1.5)) (&& (< net20) (>= net45) (< portable-net451+win81+wpa81)) (&& (< net20) (>= netstandard1.1) (< win8) (< portable-net451+win81+wpa81)) (&& (< net20) (>= netstandard1.2) (< netstandard1.3) (< monoandroid) (< win8) (< wpa81)) (&& (< net20) (>= netstandard1.3) (< netstandard1.4) (< monoandroid) (< win8) (< wpa81)) (&& (< net20) (>= netstandard1.3) (< win8) (< portable-net451+win81+wpa81)) (&& (< net20) (< netstandard1.3) (>= netstandard1.4) (< monoandroid) (< win8) (< wpa81)) (&& (< net20) (< netstandard1.3) (>= netstandard1.5) (< monoandroid)) (&& (< net20) (>= netstandard1.4) (< netstandard1.5) (< monoandroid) (< win8) (< wpa81)) (&& (< net20) (>= netstandard1.5) (< netstandard1.6) (< monoandroid)) (&& (>= net45) (>= uap10.0)) (&& (>= net45) (>= dnxcore50)) (&& (>= net45) (>= netstandard1.6)) (&& (< net45) (>= netstandard1.1) (< portable-net451+win81+wpa81)) (&& (< net45) (>= netstandard1.2) (< netstandard1.3) (< monoandroid) (< wpa81)) (&& (< net45) (>= netstandard1.3) (< netstandard1.4) (< monoandroid) (< wpa81)) (&& (< net45) (>= netstandard1.3) (< win8) (< portable-net451+win81+wpa81)) (&& (< net45) (< netstandard1.3) (>= netstandard1.4) (< monoandroid) (< win8) (< wpa81)) (&& (< net45) (< netstandard1.3) (>= netstandard1.5) (< monoandroid)) (&& (< net45) (>= netstandard1.4) (< netstandard1.5) (< monoandroid) (< wpa81)) (&& (< net45) (< netstandard1.4) (>= netstandard1.5) (< monoandroid)) (&& (< net45) (>= netstandard1.5) (< netstandard1.6) (< monoandroid)) (&& (< net45) (>= netstandard1.5) (< portable-net451+win81+wpa81)) (&& (>= net46) (>= dnxcore50)) (&& (>= net46) (>= netstandard1.6)) (&& (>= uap10.0) (< uap10.1)) (&& (>= uap10.0) (>= dnxcore50)) (&& (>= uap10.0) (< netstandard1.0)) (&& (>= uap10.0) (< netstandard1.3)) (&& (>= uap10.0) (>= netstandard1.5)) (&& (>= uap10.0) (>= netstandard1.6)) (&& (>= uap10.0) (< win8)) (&& (>= uap10.0) (>= wp8)) (&& (>= dnxcore50) (>= netstandard1.1)) (&& (>= dnxcore50) (>= netstandard1.2)) (&& (>= dnxcore50) (>= netstandard1.3)) (&& (>= dnxcore50) (>= netstandard1.4)) (&& (>= dnxcore50) (>= netstandard1.5)) (&& (>= dnxcore50) (>= netstandard1.6)) (&& (>= dnxcore50) (>= wpa81)) (&& (< netstandard1.0) (>= netstandard1.3) (>= win8)) (&& (< netstandard1.0) (>= netstandard1.4) (>= win8)) (&& (< netstandard1.0) (>= netstandard1.5) (>= win8)) (&& (< netstandard1.0) (>= netstandard1.6) (>= win8)) (&& (>= netstandard1.1) (>= wp8)) (&& (>= netstandard1.2) (>= wp8)) (&& (>= netstandard1.3) (>= wp8)) (&& (< netstandard1.3) (>= netstandard1.6)) (&& (>= netstandard1.4) (>= wp8)) (&& (< netstandard1.4) (>= netstandard1.6) (< monoandroid)) (&& (>= netstandard1.5) (>= wp8)) (&& (>= netstandard1.5) (>= wpa81)) (&& (< netstandard1.5) (>= netstandard1.6)) (&& (>= netstandard1.6) (< monotouch) (< xamarintvos) (< xamarinwatchos) (< xamarinios) (< xamarinmac)) (&& (>= netstandard1.6) (>= wp8)) (&& (>= netstandard1.6) (>= wpa81)) (&& (>= netstandard1.6) (< portable-net451+win81+wpa81)) (&& (>= wpa81) (< portable-net451+win81+wpa81))
      System.Globalization (>= 4.3) - restriction: || (&& (< net45) (>= netstandard1.3) (< monotouch) (< xamarintvos) (< xamarinwatchos) (< xamarinios) (< xamarinmac) (< win8) (< wpa81)) (>= dnxcore50)
      System.Resources.ResourceManager (>= 4.3) - restriction: || (&& (< net45) (>= netstandard1.3) (< monotouch) (< xamarintvos) (< xamarinwatchos) (< xamarinios) (< xamarinmac) (< win8) (< wpa81)) (>= dnxcore50)
      System.Runtime (>= 4.3) - restriction: || (&& (< net45) (>= netstandard1.1) (< netstandard1.3) (< monoandroid) (< win8) (< wpa81)) (&& (< net45) (>= netstandard1.3) (< monotouch) (< xamarintvos) (< xamarinwatchos) (< xamarinios) (< xamarinmac) (< win8) (< wpa81)) (>= dnxcore50)
      System.Runtime.Extensions (>= 4.3) - restriction: || (&& (< net45) (>= netstandard1.3) (< monotouch) (< xamarintvos) (< xamarinwatchos) (< xamarinios) (< xamarinmac) (< win8) (< wpa81)) (>= dnxcore50)
    System.Runtime.Serialization.Formatters (4.3) - restriction: || (&& (< net20) (>= net45) (>= netstandard1.3)) (&& (< net20) (>= netstandard1.3) (< win8)) (&& (< netstandard1.0) (>= netstandard1.3) (>= win8)) (&& (>= netstandard1.3) (>= wp8)) (&& (>= netstandard1.3) (>= wpa81))
      System.Collections (>= 4.3) - restriction: && (< net46) (>= netstandard1.4) (< monotouch) (< xamarintvos) (< xamarinwatchos) (< xamarinios) (< xamarinmac)
      System.Reflection (>= 4.3) - restriction: && (< net46) (>= netstandard1.4) (< monotouch) (< xamarintvos) (< xamarinwatchos) (< xamarinios) (< xamarinmac)
      System.Resources.ResourceManager (>= 4.3) - restriction: && (< net46) (>= netstandard1.4) (< monotouch) (< xamarintvos) (< xamarinwatchos) (< xamarinios) (< xamarinmac)
      System.Runtime (>= 4.3) - restriction: || (&& (< net46) (>= netstandard1.3) (< netstandard1.4) (< monoandroid)) (&& (< net46) (>= netstandard1.4) (< monotouch) (< xamarintvos) (< xamarinwatchos) (< xamarinios) (< xamarinmac))
      System.Runtime.Serialization.Primitives (>= 4.3) - restriction: || (>= net46) (&& (>= netstandard1.3) (< netstandard1.4) (< monoandroid)) (&& (>= netstandard1.4) (< monotouch) (< xamarintvos) (< xamarinwatchos) (< xamarinios) (< xamarinmac))
    System.Runtime.Serialization.Primitives (4.3) - restriction: || (&& (< net20) (>= net45) (>= netstandard1.3)) (&& (< net20) (>= net45) (< netstandard1.3)) (&& (< net20) (>= net45) (>= netstandard1.4)) (&& (< net20) (>= net46)) (&& (< net20) (>= netstandard1.0) (< netstandard1.3) (< win8)) (&& (< net20) (>= netstandard1.3) (< win8)) (&& (< net20) (>= netstandard1.4) (< monotouch) (< xamarintvos) (< xamarinwatchos) (< xamarinios) (< xamarinmac) (< win8)) (&& (>= net46) (< netstandard1.0) (>= win8)) (&& (>= net46) (>= wpa81)) (&& (< netstandard1.0) (>= netstandard1.3) (>= win8)) (&& (< netstandard1.0) (>= netstandard1.4) (>= win8)) (&& (>= netstandard1.3) (>= wpa81)) (&& (< netstandard1.3) (>= wpa81)) (&& (>= netstandard1.4) (>= wpa81)) (>= netstandard1.6) (>= wp8)
      System.Resources.ResourceManager (>= 4.3) - restriction: || (&& (< net45) (>= netstandard1.3) (< monotouch) (< xamarintvos) (< xamarinwatchos) (< xamarinios) (< xamarinmac) (< win8) (< wpa81)) (>= dnxcore50)
      System.Runtime (>= 4.3) - restriction: || (&& (< net45) (>= netstandard1.0) (< netstandard1.3) (< monoandroid) (< win8) (< wp8) (< wpa81)) (&& (< net45) (>= netstandard1.3) (< monotouch) (< xamarintvos) (< xamarinwatchos) (< xamarinios) (< xamarinmac) (< win8) (< wpa81)) (>= dnxcore50)
    System.Runtime.Serialization.Xml (4.3) - restriction: >= netstandard1.6
      System.IO (>= 4.3) - restriction: || (&& (< net45) (>= netstandard1.0) (< netstandard1.3) (< monoandroid) (< win8) (< wp8) (< wpa81)) (&& (< net45) (>= netstandard1.3) (< monotouch) (< xamarintvos) (< xamarinwatchos) (< xamarinios) (< xamarinmac) (< win8) (< wpa81)) (>= dnxcore50)
      System.Private.DataContractSerialization (>= 4.3) - restriction: || (&& (< net45) (>= netstandard1.3) (< monotouch) (< xamarintvos) (< xamarinwatchos) (< xamarinios) (< xamarinmac) (< win8) (< wpa81)) (>= dnxcore50)
      System.Runtime (>= 4.3) - restriction: || (&& (< net45) (>= netstandard1.0) (< netstandard1.3) (< monoandroid) (< win8) (< wp8) (< wpa81)) (&& (< net45) (>= netstandard1.3) (< monotouch) (< xamarintvos) (< xamarinwatchos) (< xamarinios) (< xamarinmac) (< win8) (< wpa81)) (>= dnxcore50)
      System.Runtime.Serialization.Primitives (>= 4.3) - restriction: || (&& (< net45) (>= netstandard1.3) (< monotouch) (< xamarintvos) (< xamarinwatchos) (< xamarinios) (< xamarinmac) (< win8) (< wpa81)) (>= net46) (>= dnxcore50)
      System.Text.Encoding (>= 4.3) - restriction: || (&& (< net45) (>= netstandard1.0) (< netstandard1.3) (< monoandroid) (< win8) (< wp8) (< wpa81)) (&& (< net45) (>= netstandard1.3) (< monotouch) (< xamarintvos) (< xamarinwatchos) (< xamarinios) (< xamarinmac) (< win8) (< wpa81)) (>= dnxcore50)
      System.Xml.ReaderWriter (>= 4.3) - restriction: || (&& (< net45) (>= netstandard1.0) (< netstandard1.3) (< monoandroid) (< win8) (< wp8) (< wpa81)) (&& (< net45) (>= netstandard1.3) (< monotouch) (< xamarintvos) (< xamarinwatchos) (< xamarinios) (< xamarinmac) (< win8) (< wpa81)) (>= dnxcore50)
    System.Security.Cryptography.Algorithms (4.3) - restriction: || (&& (< net20) (>= net45) (>= netstandard1.3) (< netstandard1.4)) (&& (< net20) (>= net45) (>= netstandard1.3) (< portable-net451+win81+wpa81)) (&& (< net20) (>= net45) (< netstandard1.3) (>= netstandard1.4)) (&& (< net20) (>= net45) (>= netstandard1.4) (< netstandard1.5)) (&& (< net20) (>= net45) (>= netstandard1.4) (< portable-net451+win81+wpa81)) (&& (< net20) (>= net45) (>= netstandard1.5)) (&& (< net20) (>= net46) (< netstandard1.3)) (&& (< net20) (>= net46) (>= netstandard1.4) (< netstandard1.5)) (&& (< net20) (>= net46) (< netstandard1.4)) (&& (< net20) (>= net46) (>= netstandard1.5)) (&& (< net20) (>= net46) (< portable-net451+win81+wpa81)) (&& (< net20) (>= net461) (< netstandard1.3)) (&& (< net20) (>= net461) (< netstandard1.4)) (&& (< net20) (>= net461) (>= netstandard1.5)) (&& (< net20) (>= net461) (< netstandard1.5)) (&& (< net20) (>= net461) (< portable-net451+win81+wpa81)) (&& (< net20) (>= netstandard1.3) (< netstandard1.4) (< monoandroid) (< win8) (< wpa81)) (&& (< net20) (>= netstandard1.3) (< win8) (< portable-net451+win81+wpa81)) (&& (< net20) (< netstandard1.3) (>= netstandard1.4) (< monoandroid) (< win8) (< wpa81)) (&& (< net20) (>= netstandard1.4) (< netstandard1.5) (< monoandroid) (< win8) (< wpa81)) (&& (< net20) (>= netstandard1.4) (< win8) (< portable-net451+win81+wpa81)) (&& (< net20) (>= netstandard1.5) (< monoandroid)) (&& (>= net45) (>= uap10.0)) (&& (>= net45) (>= dnxcore50)) (&& (< net45) (>= net46) (< netstandard1.3)) (&& (< net45) (>= net46) (>= netstandard1.4) (< netstandard1.5)) (&& (< net45) (>= net46) (< netstandard1.4)) (&& (< net45) (>= net46) (>= netstandard1.5)) (&& (< net45) (>= net46) (< portable-net451+win81+wpa81)) (&& (< net45) (>= net461) (< netstandard1.3)) (&& (< net45) (>= net461) (< netstandard1.4)) (&& (< net45) (>= net461) (>= netstandard1.5)) (&& (< net45) (>= net461) (< netstandard1.5)) (&& (< net45) (>= net461) (< portable-net451+win81+wpa81)) (&& (< net45) (>= netstandard1.3) (< netstandard1.4) (< monoandroid) (< wpa81)) (&& (< net45) (>= netstandard1.3) (< win8) (< portable-net451+win81+wpa81)) (&& (< net45) (< netstandard1.3) (>= netstandard1.4) (< monoandroid) (< win8) (< wpa81)) (&& (< net45) (>= netstandard1.4) (< netstandard1.5) (< monoandroid) (< wpa81)) (&& (< net45) (>= netstandard1.4) (< win8) (< portable-net451+win81+wpa81)) (&& (< net45) (>= netstandard1.5) (< monoandroid)) (&& (< net45) (>= netstandard1.5) (< portable-net451+win81+wpa81)) (&& (>= net46) (>= uap10.0)) (&& (>= net46) (>= dnxcore50)) (&& (>= net46) (< netstandard1.0) (>= win8)) (&& (>= net46) (< netstandard1.3) (>= wpa81)) (&& (>= net46) (< netstandard1.4) (>= wpa81)) (&& (>= net46) (>= wp8)) (&& (>= net46) (>= wpa81) (< portable-net451+win81+wpa81)) (&& (>= net461) (>= uap10.0)) (&& (>= net461) (>= dnxcore50)) (&& (>= net461) (< netstandard1.0) (>= win8)) (&& (>= net461) (< netstandard1.3) (>= wpa81)) (&& (>= net461) (< netstandard1.4) (>= wpa81)) (&& (>= net461) (>= wp8)) (&& (>= net461) (>= wpa81) (< portable-net451+win81+wpa81)) (&& (>= uap10.0) (< uap10.1)) (&& (>= uap10.0) (>= dnxcore50)) (&& (>= uap10.0) (< netstandard1.0)) (&& (>= uap10.0) (< netstandard1.3)) (&& (>= uap10.0) (< netstandard1.4)) (&& (>= uap10.0) (>= netstandard1.5)) (&& (>= uap10.0) (< win8)) (&& (>= uap10.0) (>= wp8)) (&& (>= dnxcore50) (>= netstandard1.1)) (&& (>= dnxcore50) (>= netstandard1.2)) (&& (>= dnxcore50) (>= netstandard1.3)) (&& (>= dnxcore50) (>= netstandard1.4)) (&& (>= dnxcore50) (>= netstandard1.5)) (&& (>= dnxcore50) (>= wpa81)) (&& (< netstandard1.0) (>= netstandard1.3) (>= win8)) (&& (< netstandard1.0) (>= netstandard1.4) (>= win8)) (&& (< netstandard1.0) (>= netstandard1.5) (>= win8)) (&& (>= netstandard1.3) (< win8) (>= wpa81) (< portable-net451+win81+wpa81)) (&& (>= netstandard1.3) (>= wp8)) (&& (>= netstandard1.4) (< win8) (>= wpa81) (< portable-net451+win81+wpa81)) (&& (>= netstandard1.4) (>= wp8)) (&& (>= netstandard1.5) (>= wp8)) (&& (>= netstandard1.5) (>= wpa81)) (>= netstandard1.6)
      Microsoft.NETCore.Platforms (>= 1.1) - restriction: || (>= dnxcore50) (&& (>= netstandard1.6) (< monotouch) (< xamarintvos) (< xamarinwatchos) (< xamarinios) (< xamarinmac))
      runtime.native.System.Security.Cryptography.Apple (>= 4.3) - restriction: && (>= netstandard1.6) (< monotouch) (< xamarintvos) (< xamarinwatchos) (< xamarinios) (< xamarinmac)
      runtime.native.System.Security.Cryptography.OpenSsl (>= 4.3) - restriction: && (>= netstandard1.6) (< monotouch) (< xamarintvos) (< xamarinwatchos) (< xamarinios) (< xamarinmac)
      System.Collections (>= 4.3) - restriction: && (>= netstandard1.6) (< monotouch) (< xamarintvos) (< xamarinwatchos) (< xamarinios) (< xamarinmac)
      System.IO (>= 4.3) - restriction: || (&& (< net46) (>= netstandard1.3) (< netstandard1.4) (< monoandroid)) (&& (< net46) (>= netstandard1.4) (< netstandard1.6) (< monoandroid)) (>= net463) (>= dnxcore50) (&& (>= netstandard1.6) (< monotouch) (< xamarintvos) (< xamarinwatchos) (< xamarinios) (< xamarinmac))
      System.Resources.ResourceManager (>= 4.3) - restriction: || (>= dnxcore50) (&& (>= netstandard1.6) (< monotouch) (< xamarintvos) (< xamarinwatchos) (< xamarinios) (< xamarinmac))
      System.Runtime (>= 4.3) - restriction: || (&& (< net46) (>= netstandard1.3) (< netstandard1.4) (< monoandroid)) (&& (< net46) (>= netstandard1.4) (< netstandard1.6) (< monoandroid)) (>= net463) (>= dnxcore50) (&& (>= netstandard1.6) (< monotouch) (< xamarintvos) (< xamarinwatchos) (< xamarinios) (< xamarinmac))
      System.Runtime.Extensions (>= 4.3) - restriction: || (>= dnxcore50) (&& (>= netstandard1.6) (< monotouch) (< xamarintvos) (< xamarinwatchos) (< xamarinios) (< xamarinmac))
      System.Runtime.Handles (>= 4.3) - restriction: || (>= dnxcore50) (&& (>= netstandard1.6) (< monotouch) (< xamarintvos) (< xamarinwatchos) (< xamarinios) (< xamarinmac))
      System.Runtime.InteropServices (>= 4.3) - restriction: || (>= dnxcore50) (&& (>= netstandard1.6) (< monotouch) (< xamarintvos) (< xamarinwatchos) (< xamarinios) (< xamarinmac))
      System.Runtime.Numerics (>= 4.3) - restriction: && (>= netstandard1.6) (< monotouch) (< xamarintvos) (< xamarinwatchos) (< xamarinios) (< xamarinmac)
      System.Security.Cryptography.Encoding (>= 4.3) - restriction: || (>= net463) (>= dnxcore50) (&& (>= netstandard1.6) (< monotouch) (< xamarintvos) (< xamarinwatchos) (< xamarinios) (< xamarinmac))
      System.Security.Cryptography.Primitives (>= 4.3) - restriction: || (&& (>= net46) (< netstandard1.4)) (&& (< net46) (>= netstandard1.3) (< netstandard1.4) (< monoandroid)) (&& (< net46) (>= netstandard1.4) (< netstandard1.6) (< monoandroid)) (>= net461) (>= dnxcore50) (&& (>= netstandard1.6) (< monotouch) (< xamarintvos) (< xamarinwatchos) (< xamarinios) (< xamarinmac))
      System.Text.Encoding (>= 4.3) - restriction: || (>= dnxcore50) (&& (>= netstandard1.6) (< monotouch) (< xamarintvos) (< xamarinwatchos) (< xamarinios) (< xamarinmac))
    System.Security.Cryptography.Cng (4.4) - restriction: || (&& (>= net45) (>= dnxcore50)) (&& (>= net45) (>= netstandard1.6)) (&& (>= net46) (>= dnxcore50)) (&& (>= net46) (>= netstandard1.6)) (&& (>= uap10.0) (>= dnxcore50)) (&& (>= uap10.0) (>= netstandard1.6)) (&& (>= dnxcore50) (>= netstandard1.1)) (&& (>= dnxcore50) (>= netstandard1.2)) (&& (>= dnxcore50) (>= netstandard1.3)) (&& (>= dnxcore50) (>= netstandard1.4)) (&& (>= dnxcore50) (>= netstandard1.5)) (&& (>= dnxcore50) (>= netstandard1.6)) (&& (>= dnxcore50) (>= wpa81)) (&& (< netstandard1.0) (>= netstandard1.6) (>= win8)) (&& (< netstandard1.3) (>= netstandard1.6)) (&& (< netstandard1.4) (>= netstandard1.6) (< monoandroid)) (&& (< netstandard1.5) (>= netstandard1.6)) (&& (>= netstandard1.6) (< monotouch) (< xamarintvos) (< xamarinwatchos) (< xamarinios) (< xamarinmac)) (&& (>= netstandard1.6) (>= wp8)) (&& (>= netstandard1.6) (>= wpa81)) (&& (>= netstandard1.6) (< portable-net451+win81+wpa81))
      Microsoft.NETCore.Platforms (>= 2.0) - restriction: >= netcoreapp2.0
      System.IO (>= 4.3) - restriction: || (&& (< net46) (>= netstandard1.3) (< netstandard1.4) (< monoandroid)) (&& (< net46) (>= netstandard1.4) (< netstandard1.6) (< monoandroid)) (&& (>= netstandard1.6) (< netstandard2.0) (< monotouch) (< xamarintvos) (< xamarinwatchos) (< xamarinios) (< xamarinmac))
      System.Resources.ResourceManager (>= 4.3) - restriction: || (&& (< net46) (>= netstandard1.3) (< netstandard1.4) (< monoandroid)) (&& (< net46) (>= netstandard1.4) (< netstandard1.6) (< monoandroid)) (&& (>= netstandard1.6) (< netstandard2.0) (< monotouch) (< xamarintvos) (< xamarinwatchos) (< xamarinios) (< xamarinmac))
      System.Runtime (>= 4.3) - restriction: || (&& (< net46) (>= netstandard1.3) (< netstandard1.4) (< monoandroid)) (&& (< net46) (>= netstandard1.4) (< netstandard1.6) (< monoandroid)) (&& (>= netstandard1.6) (< netstandard2.0) (< monotouch) (< xamarintvos) (< xamarinwatchos) (< xamarinios) (< xamarinmac))
      System.Runtime.Extensions (>= 4.3) - restriction: || (&& (< net46) (>= netstandard1.4) (< netstandard1.6) (< monoandroid)) (&& (>= netstandard1.6) (< netstandard2.0) (< monotouch) (< xamarintvos) (< xamarinwatchos) (< xamarinios) (< xamarinmac))
      System.Runtime.Handles (>= 4.3) - restriction: || (&& (< net46) (>= netstandard1.3) (< netstandard1.4) (< monoandroid)) (&& (< net46) (>= netstandard1.4) (< netstandard1.6) (< monoandroid)) (&& (>= netstandard1.6) (< netstandard2.0) (< monotouch) (< xamarintvos) (< xamarinwatchos) (< xamarinios) (< xamarinmac))
      System.Runtime.InteropServices (>= 4.3) - restriction: || (&& (< net46) (>= netstandard1.3) (< netstandard1.4) (< monoandroid)) (&& (< net46) (>= netstandard1.4) (< netstandard1.6) (< monoandroid)) (&& (>= netstandard1.6) (< netstandard2.0) (< monotouch) (< xamarintvos) (< xamarinwatchos) (< xamarinios) (< xamarinmac))
      System.Security.Cryptography.Algorithms (>= 4.3) - restriction: || (&& (>= net46) (< netstandard1.4)) (&& (< net46) (>= netstandard1.3) (< netstandard1.4) (< monoandroid)) (&& (< net46) (>= netstandard1.4) (< netstandard1.6) (< monoandroid)) (&& (>= netstandard1.6) (< netstandard2.0) (< monotouch) (< xamarintvos) (< xamarinwatchos) (< xamarinios) (< xamarinmac))
      System.Security.Cryptography.Encoding (>= 4.3) - restriction: || (&& (< net46) (>= netstandard1.4) (< netstandard1.6) (< monoandroid)) (&& (>= netstandard1.6) (< netstandard2.0) (< monotouch) (< xamarintvos) (< xamarinwatchos) (< xamarinios) (< xamarinmac))
      System.Security.Cryptography.Primitives (>= 4.3) - restriction: || (&& (>= net46) (< netstandard1.4)) (&& (< net46) (>= netstandard1.3) (< netstandard1.4) (< monoandroid)) (&& (< net46) (>= netstandard1.4) (< netstandard1.6) (< monoandroid)) (&& (>= netstandard1.6) (< netstandard2.0) (< monotouch) (< xamarintvos) (< xamarinwatchos) (< xamarinios) (< xamarinmac))
      System.Text.Encoding (>= 4.3) - restriction: || (&& (< net46) (>= netstandard1.4) (< netstandard1.6) (< monoandroid)) (&& (>= netstandard1.6) (< netstandard2.0) (< monotouch) (< xamarintvos) (< xamarinwatchos) (< xamarinios) (< xamarinmac))
    System.Security.Cryptography.Csp (4.3) - restriction: || (&& (>= net45) (>= netstandard1.6)) (&& (>= net46) (>= netstandard1.6)) (&& (>= uap10.0) (>= netstandard1.6)) (&& (>= dnxcore50) (>= netstandard1.6)) (&& (< netstandard1.0) (>= netstandard1.6) (>= win8)) (&& (< netstandard1.3) (>= netstandard1.6)) (&& (< netstandard1.4) (>= netstandard1.6) (< monoandroid)) (&& (< netstandard1.5) (>= netstandard1.6)) (&& (>= netstandard1.6) (< monotouch) (< xamarintvos) (< xamarinwatchos) (< xamarinios) (< xamarinmac)) (&& (>= netstandard1.6) (>= wp8)) (&& (>= netstandard1.6) (>= wpa81)) (&& (>= netstandard1.6) (< portable-net451+win81+wpa81))
      Microsoft.NETCore.Platforms (>= 1.1) - restriction: && (< net46) (>= netstandard1.3) (< monotouch) (< xamarintvos) (< xamarinwatchos) (< xamarinios) (< xamarinmac)
      System.IO (>= 4.3) - restriction: && (< net46) (>= netstandard1.3) (< monotouch) (< xamarintvos) (< xamarinwatchos) (< xamarinios) (< xamarinmac)
      System.Reflection (>= 4.3) - restriction: && (< net46) (>= netstandard1.3) (< monotouch) (< xamarintvos) (< xamarinwatchos) (< xamarinios) (< xamarinmac)
      System.Resources.ResourceManager (>= 4.3) - restriction: && (< net46) (>= netstandard1.3) (< monotouch) (< xamarintvos) (< xamarinwatchos) (< xamarinios) (< xamarinmac)
      System.Runtime (>= 4.3) - restriction: && (< net46) (>= netstandard1.3) (< monotouch) (< xamarintvos) (< xamarinwatchos) (< xamarinios) (< xamarinmac)
      System.Runtime.Extensions (>= 4.3) - restriction: && (< net46) (>= netstandard1.3) (< monotouch) (< xamarintvos) (< xamarinwatchos) (< xamarinios) (< xamarinmac)
      System.Runtime.Handles (>= 4.3) - restriction: && (< net46) (>= netstandard1.3) (< monotouch) (< xamarintvos) (< xamarinwatchos) (< xamarinios) (< xamarinmac)
      System.Runtime.InteropServices (>= 4.3) - restriction: && (< net46) (>= netstandard1.3) (< monotouch) (< xamarintvos) (< xamarinwatchos) (< xamarinios) (< xamarinmac)
      System.Security.Cryptography.Algorithms (>= 4.3) - restriction: || (>= net46) (&& (>= netstandard1.3) (< monotouch) (< xamarintvos) (< xamarinwatchos) (< xamarinios) (< xamarinmac))
      System.Security.Cryptography.Encoding (>= 4.3) - restriction: && (< net46) (>= netstandard1.3) (< monotouch) (< xamarintvos) (< xamarinwatchos) (< xamarinios) (< xamarinmac)
      System.Security.Cryptography.Primitives (>= 4.3) - restriction: || (>= net46) (&& (>= netstandard1.3) (< monotouch) (< xamarintvos) (< xamarinwatchos) (< xamarinios) (< xamarinmac))
      System.Text.Encoding (>= 4.3) - restriction: && (< net46) (>= netstandard1.3) (< monotouch) (< xamarintvos) (< xamarinwatchos) (< xamarinios) (< xamarinmac)
      System.Threading (>= 4.3) - restriction: && (< net46) (>= netstandard1.3) (< monotouch) (< xamarintvos) (< xamarinwatchos) (< xamarinios) (< xamarinmac)
    System.Security.Cryptography.Encoding (4.3) - restriction: || (&& (< net20) (>= net45) (>= netstandard1.3) (< netstandard1.4)) (&& (< net20) (>= net45) (>= netstandard1.3) (< portable-net451+win81+wpa81)) (&& (< net20) (>= net45) (< netstandard1.3) (>= netstandard1.4)) (&& (< net20) (>= net45) (>= netstandard1.4) (< netstandard1.5)) (&& (< net20) (>= net45) (>= netstandard1.4) (< portable-net451+win81+wpa81)) (&& (< net20) (>= net45) (>= netstandard1.5)) (&& (< net20) (>= net46) (< netstandard1.3)) (&& (< net20) (>= net46) (>= netstandard1.4) (< netstandard1.5)) (&& (< net20) (>= net46) (< netstandard1.4)) (&& (< net20) (>= net46) (>= netstandard1.5)) (&& (< net20) (>= net46) (< portable-net451+win81+wpa81)) (&& (< net20) (>= net461) (< netstandard1.3)) (&& (< net20) (>= net461) (< netstandard1.4)) (&& (< net20) (>= net461) (>= netstandard1.5)) (&& (< net20) (>= net461) (< netstandard1.5)) (&& (< net20) (>= net461) (< portable-net451+win81+wpa81)) (&& (< net20) (>= netstandard1.3) (< netstandard1.4) (< monoandroid) (< win8) (< wpa81)) (&& (< net20) (>= netstandard1.3) (< win8) (< portable-net451+win81+wpa81)) (&& (< net20) (< netstandard1.3) (>= netstandard1.4) (< monoandroid) (< win8) (< wpa81)) (&& (< net20) (< netstandard1.3) (>= netstandard1.5) (< monoandroid)) (&& (< net20) (>= netstandard1.4) (< netstandard1.5) (< monoandroid) (< win8) (< wpa81)) (&& (< net20) (>= netstandard1.4) (< win8) (< portable-net451+win81+wpa81)) (&& (< net20) (< netstandard1.4) (>= netstandard1.5) (< monoandroid)) (&& (< net20) (>= netstandard1.5) (< netstandard1.6) (< monoandroid)) (&& (>= net45) (>= uap10.0)) (&& (>= net45) (>= dnxcore50)) (&& (>= net45) (>= netstandard1.6)) (&& (< net45) (>= net46) (< netstandard1.3)) (&& (< net45) (>= net46) (>= netstandard1.4) (< netstandard1.5)) (&& (< net45) (>= net46) (< netstandard1.4)) (&& (< net45) (>= net46) (>= netstandard1.5)) (&& (< net45) (>= net46) (< portable-net451+win81+wpa81)) (&& (< net45) (>= net461) (< netstandard1.3)) (&& (< net45) (>= net461) (< netstandard1.4)) (&& (< net45) (>= net461) (>= netstandard1.5)) (&& (< net45) (>= net461) (< netstandard1.5)) (&& (< net45) (>= net461) (< portable-net451+win81+wpa81)) (&& (< net45) (>= netstandard1.3) (< netstandard1.4) (< monoandroid) (< wpa81)) (&& (< net45) (>= netstandard1.3) (< win8) (< portable-net451+win81+wpa81)) (&& (< net45) (< netstandard1.3) (>= netstandard1.4) (< monoandroid) (< win8) (< wpa81)) (&& (< net45) (< netstandard1.3) (>= netstandard1.5) (< monoandroid)) (&& (< net45) (>= netstandard1.4) (< netstandard1.5) (< monoandroid) (< wpa81)) (&& (< net45) (>= netstandard1.4) (< win8) (< portable-net451+win81+wpa81)) (&& (< net45) (< netstandard1.4) (>= netstandard1.5) (< monoandroid)) (&& (< net45) (>= netstandard1.5) (< netstandard1.6) (< monoandroid)) (&& (< net45) (>= netstandard1.5) (< portable-net451+win81+wpa81)) (&& (>= net46) (>= uap10.0)) (&& (>= net46) (>= dnxcore50)) (&& (>= net46) (< netstandard1.0) (>= win8)) (&& (>= net46) (< netstandard1.3) (>= wpa81)) (&& (>= net46) (< netstandard1.4) (>= wpa81)) (&& (>= net46) (>= netstandard1.6)) (&& (>= net46) (>= wp8)) (&& (>= net46) (>= wpa81) (< portable-net451+win81+wpa81)) (&& (>= net461) (>= uap10.0)) (&& (>= net461) (>= dnxcore50)) (&& (>= net461) (< netstandard1.0) (>= win8)) (&& (>= net461) (< netstandard1.3) (>= wpa81)) (&& (>= net461) (< netstandard1.4) (>= wpa81)) (&& (>= net461) (>= netstandard1.6)) (&& (>= net461) (>= wp8)) (&& (>= net461) (>= wpa81) (< portable-net451+win81+wpa81)) (&& (>= net463) (>= netstandard1.6)) (&& (>= uap10.0) (< uap10.1)) (&& (>= uap10.0) (>= dnxcore50)) (&& (>= uap10.0) (< netstandard1.0)) (&& (>= uap10.0) (< netstandard1.3)) (&& (>= uap10.0) (< netstandard1.4)) (&& (>= uap10.0) (>= netstandard1.5)) (&& (>= uap10.0) (>= netstandard1.6)) (&& (>= uap10.0) (< win8)) (&& (>= uap10.0) (>= wp8)) (&& (>= dnxcore50) (>= netstandard1.1)) (&& (>= dnxcore50) (>= netstandard1.2)) (&& (>= dnxcore50) (>= netstandard1.3)) (&& (>= dnxcore50) (>= netstandard1.4)) (&& (>= dnxcore50) (>= netstandard1.5)) (&& (>= dnxcore50) (>= netstandard1.6)) (&& (>= dnxcore50) (>= wpa81)) (&& (< netstandard1.0) (>= netstandard1.3) (>= win8)) (&& (< netstandard1.0) (>= netstandard1.4) (>= win8)) (&& (< netstandard1.0) (>= netstandard1.5) (>= win8)) (&& (< netstandard1.0) (>= netstandard1.6) (>= win8)) (&& (>= netstandard1.3) (< win8) (>= wpa81) (< portable-net451+win81+wpa81)) (&& (>= netstandard1.3) (>= wp8)) (&& (< netstandard1.3) (>= netstandard1.6)) (&& (>= netstandard1.4) (< win8) (>= wpa81) (< portable-net451+win81+wpa81)) (&& (>= netstandard1.4) (>= wp8)) (&& (< netstandard1.4) (>= netstandard1.6) (< monoandroid)) (&& (>= netstandard1.5) (>= wp8)) (&& (>= netstandard1.5) (>= wpa81)) (&& (< netstandard1.5) (>= netstandard1.6)) (&& (>= netstandard1.6) (< monotouch) (< xamarintvos) (< xamarinwatchos) (< xamarinios) (< xamarinmac)) (&& (>= netstandard1.6) (>= wp8)) (&& (>= netstandard1.6) (>= wpa81)) (&& (>= netstandard1.6) (< portable-net451+win81+wpa81))
      Microsoft.NETCore.Platforms (>= 1.1) - restriction: && (< net46) (>= netstandard1.3) (< monotouch) (< xamarintvos) (< xamarinwatchos) (< xamarinios) (< xamarinmac)
      runtime.native.System.Security.Cryptography.OpenSsl (>= 4.3) - restriction: && (< net46) (>= netstandard1.3) (< monotouch) (< xamarintvos) (< xamarinwatchos) (< xamarinios) (< xamarinmac)
      System.Collections (>= 4.3) - restriction: && (< net46) (>= netstandard1.3) (< monotouch) (< xamarintvos) (< xamarinwatchos) (< xamarinios) (< xamarinmac)
      System.Collections.Concurrent (>= 4.3) - restriction: && (< net46) (>= netstandard1.3) (< monotouch) (< xamarintvos) (< xamarinwatchos) (< xamarinios) (< xamarinmac)
      System.Linq (>= 4.3) - restriction: && (< net46) (>= netstandard1.3) (< monotouch) (< xamarintvos) (< xamarinwatchos) (< xamarinios) (< xamarinmac)
      System.Resources.ResourceManager (>= 4.3) - restriction: && (< net46) (>= netstandard1.3) (< monotouch) (< xamarintvos) (< xamarinwatchos) (< xamarinios) (< xamarinmac)
      System.Runtime (>= 4.3) - restriction: && (< net46) (>= netstandard1.3) (< monotouch) (< xamarintvos) (< xamarinwatchos) (< xamarinios) (< xamarinmac)
      System.Runtime.Extensions (>= 4.3) - restriction: && (< net46) (>= netstandard1.3) (< monotouch) (< xamarintvos) (< xamarinwatchos) (< xamarinios) (< xamarinmac)
      System.Runtime.Handles (>= 4.3) - restriction: && (< net46) (>= netstandard1.3) (< monotouch) (< xamarintvos) (< xamarinwatchos) (< xamarinios) (< xamarinmac)
      System.Runtime.InteropServices (>= 4.3) - restriction: && (< net46) (>= netstandard1.3) (< monotouch) (< xamarintvos) (< xamarinwatchos) (< xamarinios) (< xamarinmac)
      System.Security.Cryptography.Primitives (>= 4.3) - restriction: && (< net46) (>= netstandard1.3) (< monotouch) (< xamarintvos) (< xamarinwatchos) (< xamarinios) (< xamarinmac)
      System.Text.Encoding (>= 4.3) - restriction: && (< net46) (>= netstandard1.3) (< monotouch) (< xamarintvos) (< xamarinwatchos) (< xamarinios) (< xamarinmac)
    System.Security.Cryptography.OpenSsl (4.4) - restriction: || (&& (>= net45) (>= netstandard1.6)) (&& (>= net46) (>= netstandard1.6)) (&& (>= uap10.0) (>= netstandard1.6)) (&& (>= dnxcore50) (>= netstandard1.6)) (&& (< netstandard1.0) (>= netstandard1.6) (>= win8)) (&& (< netstandard1.3) (>= netstandard1.6)) (&& (< netstandard1.4) (>= netstandard1.6) (< monoandroid)) (&& (< netstandard1.5) (>= netstandard1.6)) (&& (>= netstandard1.6) (< monotouch) (< xamarintvos) (< xamarinwatchos) (< xamarinios) (< xamarinmac)) (&& (>= netstandard1.6) (>= wp8)) (&& (>= netstandard1.6) (>= wpa81)) (&& (>= netstandard1.6) (< portable-net451+win81+wpa81))
      Microsoft.NETCore.Platforms (>= 2.0) - restriction: >= netcoreapp2.0
      System.Collections (>= 4.3) - restriction: && (>= netstandard1.6) (< netstandard2.0) (< monotouch) (< xamarintvos) (< xamarinwatchos) (< xamarinios) (< xamarinmac)
      System.IO (>= 4.3) - restriction: && (>= netstandard1.6) (< netstandard2.0) (< monotouch) (< xamarintvos) (< xamarinwatchos) (< xamarinios) (< xamarinmac)
      System.Resources.ResourceManager (>= 4.3) - restriction: && (>= netstandard1.6) (< netstandard2.0) (< monotouch) (< xamarintvos) (< xamarinwatchos) (< xamarinios) (< xamarinmac)
      System.Runtime (>= 4.3) - restriction: && (>= netstandard1.6) (< netstandard2.0) (< monotouch) (< xamarintvos) (< xamarinwatchos) (< xamarinios) (< xamarinmac)
      System.Runtime.Extensions (>= 4.3) - restriction: && (>= netstandard1.6) (< netstandard2.0) (< monotouch) (< xamarintvos) (< xamarinwatchos) (< xamarinios) (< xamarinmac)
      System.Runtime.Handles (>= 4.3) - restriction: && (>= netstandard1.6) (< netstandard2.0) (< monotouch) (< xamarintvos) (< xamarinwatchos) (< xamarinios) (< xamarinmac)
      System.Runtime.InteropServices (>= 4.3) - restriction: && (>= netstandard1.6) (< netstandard2.0) (< monotouch) (< xamarintvos) (< xamarinwatchos) (< xamarinios) (< xamarinmac)
      System.Runtime.Numerics (>= 4.3) - restriction: && (>= netstandard1.6) (< netstandard2.0) (< monotouch) (< xamarintvos) (< xamarinwatchos) (< xamarinios) (< xamarinmac)
      System.Security.Cryptography.Algorithms (>= 4.3) - restriction: && (>= netstandard1.6) (< netstandard2.0) (< monotouch) (< xamarintvos) (< xamarinwatchos) (< xamarinios) (< xamarinmac)
      System.Security.Cryptography.Encoding (>= 4.3) - restriction: && (>= netstandard1.6) (< netstandard2.0) (< monotouch) (< xamarintvos) (< xamarinwatchos) (< xamarinios) (< xamarinmac)
      System.Security.Cryptography.Primitives (>= 4.3) - restriction: && (>= netstandard1.6) (< netstandard2.0) (< monotouch) (< xamarintvos) (< xamarinwatchos) (< xamarinios) (< xamarinmac)
      System.Text.Encoding (>= 4.3) - restriction: && (>= netstandard1.6) (< netstandard2.0) (< monotouch) (< xamarintvos) (< xamarinwatchos) (< xamarinios) (< xamarinmac)
    System.Security.Cryptography.Primitives (4.3) - restriction: || (&& (< net20) (>= net45) (>= netstandard1.3) (< netstandard1.4)) (&& (< net20) (>= net45) (>= netstandard1.3) (< portable-net451+win81+wpa81)) (&& (< net20) (>= net45) (< netstandard1.3) (>= netstandard1.4)) (&& (< net20) (>= net45) (>= netstandard1.4) (< netstandard1.5)) (&& (< net20) (>= net45) (>= netstandard1.4) (< portable-net451+win81+wpa81)) (&& (< net20) (>= net45) (>= netstandard1.5)) (&& (< net20) (>= net46) (< netstandard1.3)) (&& (< net20) (>= net46) (>= netstandard1.4) (< netstandard1.5)) (&& (< net20) (>= net46) (< netstandard1.4)) (&& (< net20) (>= net46) (>= netstandard1.5)) (&& (< net20) (>= net46) (< portable-net451+win81+wpa81)) (&& (< net20) (>= net461) (< netstandard1.3)) (&& (< net20) (>= net461) (< netstandard1.4)) (&& (< net20) (>= net461) (>= netstandard1.5)) (&& (< net20) (>= net461) (< netstandard1.5)) (&& (< net20) (>= net461) (< portable-net451+win81+wpa81)) (&& (< net20) (>= netstandard1.3) (< netstandard1.4) (< monoandroid) (< win8) (< wpa81)) (&& (< net20) (>= netstandard1.3) (< win8) (< portable-net451+win81+wpa81)) (&& (< net20) (< netstandard1.3) (>= netstandard1.4) (< monoandroid) (< win8) (< wpa81)) (&& (< net20) (< netstandard1.3) (>= netstandard1.5) (< monoandroid)) (&& (< net20) (>= netstandard1.4) (< netstandard1.5) (< monoandroid) (< win8) (< wpa81)) (&& (< net20) (>= netstandard1.4) (< win8) (< portable-net451+win81+wpa81)) (&& (< net20) (< netstandard1.4) (>= netstandard1.5) (< monoandroid)) (&& (< net20) (>= netstandard1.5) (< netstandard1.6) (< monoandroid)) (&& (>= net45) (>= uap10.0)) (&& (>= net45) (>= dnxcore50)) (&& (>= net45) (>= netstandard1.6)) (&& (< net45) (>= net46) (< netstandard1.3)) (&& (< net45) (>= net46) (>= netstandard1.4) (< netstandard1.5)) (&& (< net45) (>= net46) (< netstandard1.4)) (&& (< net45) (>= net46) (>= netstandard1.5)) (&& (< net45) (>= net46) (< portable-net451+win81+wpa81)) (&& (< net45) (>= net461) (< netstandard1.3)) (&& (< net45) (>= net461) (< netstandard1.4)) (&& (< net45) (>= net461) (>= netstandard1.5)) (&& (< net45) (>= net461) (< netstandard1.5)) (&& (< net45) (>= net461) (< portable-net451+win81+wpa81)) (&& (< net45) (>= netstandard1.3) (< netstandard1.4) (< monoandroid) (< wpa81)) (&& (< net45) (>= netstandard1.3) (< win8) (< portable-net451+win81+wpa81)) (&& (< net45) (< netstandard1.3) (>= netstandard1.4) (< monoandroid) (< win8) (< wpa81)) (&& (< net45) (< netstandard1.3) (>= netstandard1.5) (< monoandroid)) (&& (< net45) (>= netstandard1.4) (< netstandard1.5) (< monoandroid) (< wpa81)) (&& (< net45) (>= netstandard1.4) (< win8) (< portable-net451+win81+wpa81)) (&& (< net45) (< netstandard1.4) (>= netstandard1.5) (< monoandroid)) (&& (< net45) (>= netstandard1.5) (< netstandard1.6) (< monoandroid)) (&& (< net45) (>= netstandard1.5) (< portable-net451+win81+wpa81)) (&& (>= net46) (>= uap10.0)) (&& (>= net46) (>= dnxcore50)) (&& (>= net46) (< netstandard1.0) (>= win8)) (&& (>= net46) (< netstandard1.3) (>= wpa81)) (&& (>= net46) (< netstandard1.4) (>= wpa81)) (&& (>= net46) (>= netstandard1.6)) (&& (>= net46) (>= wp8)) (&& (>= net46) (>= wpa81) (< portable-net451+win81+wpa81)) (&& (>= net461) (>= uap10.0)) (&& (>= net461) (>= dnxcore50)) (&& (>= net461) (< netstandard1.0) (>= win8)) (&& (>= net461) (< netstandard1.3) (>= wpa81)) (&& (>= net461) (< netstandard1.4) (>= wpa81)) (&& (>= net461) (>= netstandard1.6)) (&& (>= net461) (>= wp8)) (&& (>= net461) (>= wpa81) (< portable-net451+win81+wpa81)) (&& (>= net463) (>= netstandard1.6)) (&& (>= uap10.0) (< uap10.1)) (&& (>= uap10.0) (>= dnxcore50)) (&& (>= uap10.0) (< netstandard1.0)) (&& (>= uap10.0) (< netstandard1.3)) (&& (>= uap10.0) (< netstandard1.4)) (&& (>= uap10.0) (>= netstandard1.5)) (&& (>= uap10.0) (>= netstandard1.6)) (&& (>= uap10.0) (< win8)) (&& (>= uap10.0) (>= wp8)) (&& (>= dnxcore50) (>= netstandard1.1)) (&& (>= dnxcore50) (>= netstandard1.2)) (&& (>= dnxcore50) (>= netstandard1.3)) (&& (>= dnxcore50) (>= netstandard1.4)) (&& (>= dnxcore50) (>= netstandard1.5)) (&& (>= dnxcore50) (>= netstandard1.6)) (&& (>= dnxcore50) (>= wpa81)) (&& (< netstandard1.0) (>= netstandard1.3) (>= win8)) (&& (< netstandard1.0) (>= netstandard1.4) (>= win8)) (&& (< netstandard1.0) (>= netstandard1.5) (>= win8)) (&& (< netstandard1.0) (>= netstandard1.6) (>= win8)) (&& (>= netstandard1.3) (< win8) (>= wpa81) (< portable-net451+win81+wpa81)) (&& (>= netstandard1.3) (>= wp8)) (&& (< netstandard1.3) (>= netstandard1.6)) (&& (>= netstandard1.4) (< win8) (>= wpa81) (< portable-net451+win81+wpa81)) (&& (>= netstandard1.4) (>= wp8)) (&& (< netstandard1.4) (>= netstandard1.6) (< monoandroid)) (&& (>= netstandard1.5) (>= wp8)) (&& (>= netstandard1.5) (>= wpa81)) (&& (< netstandard1.5) (>= netstandard1.6)) (&& (>= netstandard1.6) (< monotouch) (< xamarintvos) (< xamarinwatchos) (< xamarinios) (< xamarinmac)) (&& (>= netstandard1.6) (>= wp8)) (&& (>= netstandard1.6) (>= wpa81)) (&& (>= netstandard1.6) (< portable-net451+win81+wpa81))
      System.Diagnostics.Debug (>= 4.3) - restriction: && (< net46) (>= netstandard1.3) (< monotouch) (< xamarintvos) (< xamarinwatchos) (< xamarinios) (< xamarinmac)
      System.Globalization (>= 4.3) - restriction: && (< net46) (>= netstandard1.3) (< monotouch) (< xamarintvos) (< xamarinwatchos) (< xamarinios) (< xamarinmac)
      System.IO (>= 4.3) - restriction: && (< net46) (>= netstandard1.3) (< monotouch) (< xamarintvos) (< xamarinwatchos) (< xamarinios) (< xamarinmac)
      System.Resources.ResourceManager (>= 4.3) - restriction: && (< net46) (>= netstandard1.3) (< monotouch) (< xamarintvos) (< xamarinwatchos) (< xamarinios) (< xamarinmac)
      System.Runtime (>= 4.3) - restriction: && (< net46) (>= netstandard1.3) (< monotouch) (< xamarintvos) (< xamarinwatchos) (< xamarinios) (< xamarinmac)
      System.Threading (>= 4.3) - restriction: && (< net46) (>= netstandard1.3) (< monotouch) (< xamarintvos) (< xamarinwatchos) (< xamarinios) (< xamarinmac)
      System.Threading.Tasks (>= 4.3) - restriction: && (< net46) (>= netstandard1.3) (< monotouch) (< xamarintvos) (< xamarinwatchos) (< xamarinios) (< xamarinmac)
    System.Security.Cryptography.X509Certificates (4.3) - restriction: || (&& (< net20) (>= net45) (>= netstandard1.3) (< netstandard1.4)) (&& (< net20) (>= net45) (>= netstandard1.3) (< portable-net451+win81+wpa81)) (&& (< net20) (>= net45) (< netstandard1.3) (>= netstandard1.4)) (&& (< net20) (>= net45) (>= netstandard1.4) (< netstandard1.5)) (&& (< net20) (>= net45) (>= netstandard1.5)) (&& (< net20) (>= net46) (< netstandard1.3)) (&& (< net20) (>= net46) (>= netstandard1.4) (< netstandard1.5)) (&& (< net20) (>= net46) (< netstandard1.4)) (&& (< net20) (>= net46) (>= netstandard1.5)) (&& (< net20) (>= net46) (< portable-net451+win81+wpa81)) (&& (< net20) (>= netstandard1.3) (< netstandard1.4) (< monoandroid) (< win8) (< wpa81)) (&& (< net20) (>= netstandard1.3) (< win8) (< portable-net451+win81+wpa81)) (&& (< net20) (< netstandard1.3) (>= netstandard1.4) (< monoandroid) (< win8) (< wpa81)) (&& (< net20) (< netstandard1.3) (>= netstandard1.5) (< monoandroid)) (&& (< net20) (>= netstandard1.4) (< netstandard1.5) (< monoandroid) (< win8) (< wpa81)) (&& (< net20) (>= netstandard1.5) (< netstandard1.6) (< monoandroid)) (&& (>= net45) (>= uap10.0)) (&& (>= net45) (>= dnxcore50)) (&& (>= net45) (>= netstandard1.6)) (&& (< net45) (>= net46) (< netstandard1.3)) (&& (< net45) (>= net46) (>= netstandard1.4) (< netstandard1.5)) (&& (< net45) (>= net46) (< netstandard1.4)) (&& (< net45) (>= net46) (>= netstandard1.5)) (&& (< net45) (>= net46) (< portable-net451+win81+wpa81)) (&& (< net45) (>= netstandard1.3) (< netstandard1.4) (< monoandroid) (< wpa81)) (&& (< net45) (>= netstandard1.3) (< win8) (< portable-net451+win81+wpa81)) (&& (< net45) (< netstandard1.3) (>= netstandard1.4) (< monoandroid) (< win8) (< wpa81)) (&& (< net45) (< netstandard1.3) (>= netstandard1.5) (< monoandroid)) (&& (< net45) (>= netstandard1.4) (< netstandard1.5) (< monoandroid) (< wpa81)) (&& (< net45) (< netstandard1.4) (>= netstandard1.5) (< monoandroid)) (&& (< net45) (>= netstandard1.5) (< netstandard1.6) (< monoandroid)) (&& (< net45) (>= netstandard1.5) (< portable-net451+win81+wpa81)) (&& (>= net46) (>= uap10.0)) (&& (>= net46) (>= dnxcore50)) (&& (>= net46) (< netstandard1.0) (>= win8)) (&& (>= net46) (< netstandard1.3) (>= wpa81)) (&& (>= net46) (< netstandard1.4) (>= wpa81)) (&& (>= net46) (>= netstandard1.6)) (&& (>= net46) (>= wp8)) (&& (>= net46) (>= wpa81) (< portable-net451+win81+wpa81)) (&& (>= uap10.0) (< uap10.1)) (&& (>= uap10.0) (>= dnxcore50)) (&& (>= uap10.0) (< netstandard1.0)) (&& (>= uap10.0) (< netstandard1.3)) (&& (>= uap10.0) (>= netstandard1.5)) (&& (>= uap10.0) (>= netstandard1.6)) (&& (>= uap10.0) (< win8)) (&& (>= uap10.0) (>= wp8)) (&& (>= dnxcore50) (>= netstandard1.1)) (&& (>= dnxcore50) (>= netstandard1.2)) (&& (>= dnxcore50) (>= netstandard1.3)) (&& (>= dnxcore50) (>= netstandard1.4)) (&& (>= dnxcore50) (>= netstandard1.5)) (&& (>= dnxcore50) (>= netstandard1.6)) (&& (>= dnxcore50) (>= wpa81)) (&& (< netstandard1.0) (>= netstandard1.3) (>= win8)) (&& (< netstandard1.0) (>= netstandard1.4) (>= win8)) (&& (< netstandard1.0) (>= netstandard1.5) (>= win8)) (&& (< netstandard1.0) (>= netstandard1.6) (>= win8)) (&& (>= netstandard1.3) (< win8) (>= wpa81) (< portable-net451+win81+wpa81)) (&& (>= netstandard1.3) (>= wp8)) (&& (< netstandard1.3) (>= netstandard1.6)) (&& (>= netstandard1.4) (>= wp8)) (&& (< netstandard1.4) (>= netstandard1.6) (< monoandroid)) (&& (>= netstandard1.5) (>= wp8)) (&& (>= netstandard1.5) (>= wpa81)) (&& (< netstandard1.5) (>= netstandard1.6)) (&& (>= netstandard1.6) (< monotouch) (< xamarintvos) (< xamarinwatchos) (< xamarinios) (< xamarinmac)) (&& (>= netstandard1.6) (>= wp8)) (&& (>= netstandard1.6) (>= wpa81)) (&& (>= netstandard1.6) (< portable-net451+win81+wpa81))
      Microsoft.NETCore.Platforms (>= 1.1) - restriction: || (>= dnxcore50) (&& (>= netstandard1.6) (< monotouch) (< xamarintvos) (< xamarinwatchos) (< xamarinios) (< xamarinmac))
      runtime.native.System (>= 4.3) - restriction: && (>= netstandard1.6) (< monotouch) (< xamarintvos) (< xamarinwatchos) (< xamarinios) (< xamarinmac)
      runtime.native.System.Net.Http (>= 4.3) - restriction: && (>= netstandard1.6) (< monotouch) (< xamarintvos) (< xamarinwatchos) (< xamarinios) (< xamarinmac)
      runtime.native.System.Security.Cryptography.OpenSsl (>= 4.3) - restriction: && (>= netstandard1.6) (< monotouch) (< xamarintvos) (< xamarinwatchos) (< xamarinios) (< xamarinmac)
      System.Collections (>= 4.3) - restriction: || (>= dnxcore50) (&& (>= netstandard1.6) (< monotouch) (< xamarintvos) (< xamarinwatchos) (< xamarinios) (< xamarinmac))
      System.Diagnostics.Debug (>= 4.3) - restriction: && (>= netstandard1.6) (< monotouch) (< xamarintvos) (< xamarinwatchos) (< xamarinios) (< xamarinmac)
      System.Globalization (>= 4.3) - restriction: || (>= dnxcore50) (&& (>= netstandard1.6) (< monotouch) (< xamarintvos) (< xamarinwatchos) (< xamarinios) (< xamarinmac))
      System.Globalization.Calendars (>= 4.3) - restriction: || (>= dnxcore50) (&& (>= netstandard1.6) (< monotouch) (< xamarintvos) (< xamarinwatchos) (< xamarinios) (< xamarinmac))
      System.IO (>= 4.3) - restriction: || (>= dnxcore50) (&& (>= netstandard1.6) (< monotouch) (< xamarintvos) (< xamarinwatchos) (< xamarinios) (< xamarinmac))
      System.IO.FileSystem (>= 4.3) - restriction: || (>= dnxcore50) (&& (>= netstandard1.6) (< monotouch) (< xamarintvos) (< xamarinwatchos) (< xamarinios) (< xamarinmac))
      System.IO.FileSystem.Primitives (>= 4.3) - restriction: && (>= netstandard1.6) (< monotouch) (< xamarintvos) (< xamarinwatchos) (< xamarinios) (< xamarinmac)
      System.Resources.ResourceManager (>= 4.3) - restriction: || (>= dnxcore50) (&& (>= netstandard1.6) (< monotouch) (< xamarintvos) (< xamarinwatchos) (< xamarinios) (< xamarinmac))
      System.Runtime (>= 4.3) - restriction: || (&& (< net46) (>= netstandard1.3) (< netstandard1.4) (< monoandroid)) (&& (< net46) (>= netstandard1.4) (< netstandard1.6) (< monoandroid)) (>= dnxcore50) (&& (>= netstandard1.6) (< monotouch) (< xamarintvos) (< xamarinwatchos) (< xamarinios) (< xamarinmac))
      System.Runtime.Extensions (>= 4.3) - restriction: || (>= dnxcore50) (&& (>= netstandard1.6) (< monotouch) (< xamarintvos) (< xamarinwatchos) (< xamarinios) (< xamarinmac))
      System.Runtime.Handles (>= 4.3) - restriction: || (&& (< net46) (>= netstandard1.3) (< netstandard1.4) (< monoandroid)) (&& (< net46) (>= netstandard1.4) (< netstandard1.6) (< monoandroid)) (>= dnxcore50) (&& (>= netstandard1.6) (< monotouch) (< xamarintvos) (< xamarinwatchos) (< xamarinios) (< xamarinmac))
      System.Runtime.InteropServices (>= 4.3) - restriction: || (>= dnxcore50) (&& (>= netstandard1.6) (< monotouch) (< xamarintvos) (< xamarinwatchos) (< xamarinios) (< xamarinmac))
      System.Runtime.Numerics (>= 4.3) - restriction: || (>= dnxcore50) (&& (>= netstandard1.6) (< monotouch) (< xamarintvos) (< xamarinwatchos) (< xamarinios) (< xamarinmac))
      System.Security.Cryptography.Algorithms (>= 4.3) - restriction: || (&& (>= net46) (< netstandard1.4)) (&& (< net46) (>= netstandard1.3) (< netstandard1.4) (< monoandroid)) (&& (< net46) (>= netstandard1.4) (< netstandard1.6) (< monoandroid)) (>= net461) (>= dnxcore50) (&& (>= netstandard1.6) (< monotouch) (< xamarintvos) (< xamarinwatchos) (< xamarinios) (< xamarinmac))
      System.Security.Cryptography.Cng (>= 4.3) - restriction: || (>= dnxcore50) (&& (>= netstandard1.6) (< monotouch) (< xamarintvos) (< xamarinwatchos) (< xamarinios) (< xamarinmac))
      System.Security.Cryptography.Csp (>= 4.3) - restriction: && (>= netstandard1.6) (< monotouch) (< xamarintvos) (< xamarinwatchos) (< xamarinios) (< xamarinmac)
      System.Security.Cryptography.Encoding (>= 4.3) - restriction: || (&& (>= net46) (< netstandard1.4)) (&& (< net46) (>= netstandard1.3) (< netstandard1.4) (< monoandroid)) (&& (< net46) (>= netstandard1.4) (< netstandard1.6) (< monoandroid)) (>= net461) (>= dnxcore50) (&& (>= netstandard1.6) (< monotouch) (< xamarintvos) (< xamarinwatchos) (< xamarinios) (< xamarinmac))
      System.Security.Cryptography.OpenSsl (>= 4.3) - restriction: && (>= netstandard1.6) (< monotouch) (< xamarintvos) (< xamarinwatchos) (< xamarinios) (< xamarinmac)
      System.Security.Cryptography.Primitives (>= 4.3) - restriction: || (>= dnxcore50) (&& (>= netstandard1.6) (< monotouch) (< xamarintvos) (< xamarinwatchos) (< xamarinios) (< xamarinmac))
      System.Text.Encoding (>= 4.3) - restriction: || (>= dnxcore50) (&& (>= netstandard1.6) (< monotouch) (< xamarintvos) (< xamarinwatchos) (< xamarinios) (< xamarinmac))
      System.Threading (>= 4.3) - restriction: || (>= dnxcore50) (&& (>= netstandard1.6) (< monotouch) (< xamarintvos) (< xamarinwatchos) (< xamarinios) (< xamarinmac))
    System.Spatial (5.8.3) - restriction: || (>= net45) (&& (>= netstandard1.0) (< netstandard1.3) (< win8)) (&& (< netstandard1.0) (>= win8)) (&& (>= netstandard1.3) (< win8)) (>= wp8) (>= wpa81)
    System.Text.Encoding (4.3) - restriction: || (&& (< net20) (>= net45) (< netstandard1.0) (>= portable-net451+win81+wpa81)) (&& (< net20) (>= net45) (>= netstandard1.3)) (&& (< net20) (>= net45) (< netstandard1.3)) (&& (< net20) (>= net45) (>= netstandard1.4) (< netstandard1.5)) (&& (< net20) (>= net45) (>= netstandard1.5)) (&& (< net20) (>= net45) (< portable-net45+win8+wpa81)) (&& (< net20) (>= net45) (< portable-net451+win81+wpa81)) (&& (< net20) (>= net451) (< netstandard1.3)) (&& (< net20) (>= net46) (< netstandard1.3)) (&& (< net20) (>= net46) (>= netstandard1.4) (< netstandard1.5)) (&& (< net20) (>= net46) (< netstandard1.4)) (&& (< net20) (>= net46) (>= netstandard1.5)) (&& (< net20) (>= net46) (< portable-net451+win81+wpa81)) (&& (< net20) (>= net461) (< netstandard1.3)) (&& (< net20) (>= net461) (< netstandard1.4)) (&& (< net20) (>= net461) (>= netstandard1.5)) (&& (< net20) (>= net461) (< netstandard1.5)) (&& (< net20) (>= net461) (< portable-net451+win81+wpa81)) (&& (< net20) (>= net463)) (&& (< net20) (>= netstandard1.0) (< netstandard1.3) (< monoandroid) (< win8) (< wpa81)) (&& (< net20) (>= netstandard1.1) (< win8) (< portable-net451+win81+wpa81)) (&& (< net20) (>= netstandard1.2) (< netstandard1.3) (< monoandroid) (< win8) (< wpa81)) (&& (< net20) (>= netstandard1.2) (< win8) (< portable-net451+win81+wpa81)) (&& (< net20) (< netstandard1.2) (>= netstandard1.3) (< monoandroid) (< win8)) (&& (< net20) (< netstandard1.2) (>= netstandard1.4) (< monoandroid) (< win8)) (&& (< net20) (< netstandard1.2) (>= netstandard1.5) (< monoandroid)) (&& (< net20) (>= netstandard1.3) (< netstandard1.4) (< monoandroid) (< win8) (< wpa81)) (&& (< net20) (>= netstandard1.3) (< netstandard1.5) (< monoandroid) (< win8) (< wpa81)) (&& (< net20) (>= netstandard1.3) (< monotouch) (< xamarintvos) (< xamarinwatchos) (< xamarinios) (< xamarinmac) (< win8)) (&& (< net20) (>= netstandard1.3) (< win8) (< portable-net451+win81+wpa81)) (&& (< net20) (< netstandard1.3) (>= netstandard1.4) (< monoandroid) (< win8) (< wpa81)) (&& (< net20) (< netstandard1.3) (>= netstandard1.5)) (&& (< net20) (>= netstandard1.4) (< netstandard1.5) (< monoandroid) (< win8) (< wpa81)) (&& (< net20) (>= netstandard1.4) (< win8) (< portable-net451+win81+wpa81)) (&& (< net20) (< netstandard1.4) (>= netstandard1.5) (< monoandroid)) (&& (< net20) (>= netstandard1.5) (< netstandard1.6) (< monoandroid)) (&& (< net20) (>= netstandard1.5) (< monotouch) (< xamarintvos) (< xamarinwatchos) (< xamarinios) (< xamarinmac)) (&& (< net20) (>= netstandard1.5) (< portable-net451+win81+wpa81)) (&& (>= net45) (>= uap10.0)) (&& (>= net45) (>= dnxcore50)) (&& (>= net45) (>= netstandard1.6)) (&& (< net45) (>= net451) (< netstandard1.3)) (&& (< net45) (>= net46) (< netstandard1.2)) (&& (< net45) (>= net46) (< netstandard1.3)) (&& (< net45) (>= net46) (>= netstandard1.4) (< netstandard1.5)) (&& (< net45) (>= net46) (< netstandard1.4)) (&& (< net45) (>= net46) (>= netstandard1.5)) (&& (< net45) (>= net46) (< portable-net451+win81+wpa81)) (&& (< net45) (>= net461) (< netstandard1.3)) (&& (< net45) (>= net461) (< netstandard1.4)) (&& (< net45) (>= net461) (>= netstandard1.5)) (&& (< net45) (>= net461) (< netstandard1.5)) (&& (< net45) (>= net461) (< portable-net451+win81+wpa81)) (&& (< net45) (>= net463)) (&& (< net45) (>= netstandard1.1) (< portable-net451+win81+wpa81)) (&& (< net45) (>= netstandard1.2) (< netstandard1.3) (< monoandroid) (< wpa81)) (&& (< net45) (>= netstandard1.2) (< win8) (< portable-net451+win81+wpa81)) (&& (< net45) (< netstandard1.2) (>= netstandard1.3) (< monoandroid) (< win8)) (&& (< net45) (< netstandard1.2) (>= netstandard1.4) (< monoandroid) (< win8)) (&& (< net45) (< netstandard1.2) (>= netstandard1.5) (< monoandroid)) (&& (< net45) (>= netstandard1.3) (< netstandard1.4) (< monoandroid) (< wpa81)) (&& (< net45) (>= netstandard1.3) (< win8) (< portable-net451+win81+wpa81)) (&& (< net45) (< netstandard1.3) (>= netstandard1.4) (< monoandroid) (< win8) (< wpa81)) (&& (< net45) (< netstandard1.3) (>= netstandard1.5) (< monoandroid)) (&& (< net45) (>= netstandard1.4) (< netstandard1.5) (< monoandroid) (< wpa81)) (&& (< net45) (>= netstandard1.4) (< win8) (< portable-net451+win81+wpa81)) (&& (< net45) (< netstandard1.4) (>= netstandard1.5) (< monoandroid)) (&& (< net45) (>= netstandard1.5) (< netstandard1.6) (< monoandroid)) (&& (< net45) (>= netstandard1.5) (< portable-net451+win81+wpa81)) (&& (>= net451) (>= dnxcore50)) (&& (>= net46) (>= uap10.0)) (&& (>= net46) (>= dnxcore50)) (&& (>= net46) (< netstandard1.0) (>= win8)) (&& (>= net46) (< netstandard1.3) (>= wpa81)) (&& (>= net46) (< netstandard1.4) (>= wpa81)) (&& (>= net46) (>= netstandard1.6)) (&& (>= net461) (>= uap10.0)) (&& (>= net461) (>= dnxcore50)) (&& (>= net461) (< netstandard1.0) (>= win8)) (&& (>= net461) (< netstandard1.3) (>= wpa81)) (&& (>= net461) (< netstandard1.4) (>= wpa81)) (&& (>= net461) (>= netstandard1.6)) (&& (>= net463) (>= uap10.0)) (&& (>= net463) (>= dnxcore50)) (&& (>= net463) (< netstandard1.0) (>= win8)) (&& (>= net463) (>= netstandard1.6)) (&& (>= net463) (>= wpa81)) (&& (>= uap10.0) (< uap10.1)) (&& (>= uap10.0) (>= dnxcore50)) (&& (>= uap10.0) (< netstandard1.0)) (&& (>= uap10.0) (< netstandard1.3)) (&& (>= uap10.0) (< netstandard1.4)) (&& (>= uap10.0) (>= netstandard1.5)) (&& (>= uap10.0) (>= netstandard1.6)) (&& (>= uap10.0) (< win8)) (&& (>= dnxcore50) (>= netstandard1.0)) (&& (>= dnxcore50) (>= netstandard1.1)) (&& (>= dnxcore50) (>= netstandard1.2)) (&& (>= dnxcore50) (>= netstandard1.3)) (&& (>= dnxcore50) (>= netstandard1.4)) (&& (>= dnxcore50) (>= netstandard1.5)) (&& (>= dnxcore50) (>= netstandard1.6)) (&& (>= dnxcore50) (>= wpa81)) (&& (>= netstandard1.0) (< portable-net45+win8+wpa81)) (&& (< netstandard1.0) (>= netstandard1.3) (< monoandroid) (< win8)) (&& (< netstandard1.0) (>= netstandard1.3) (>= win8)) (&& (< netstandard1.0) (>= netstandard1.3) (< win8) (< portable-net451+win81+wpa81)) (&& (< netstandard1.0) (>= netstandard1.4) (>= win8)) (&& (< netstandard1.0) (>= netstandard1.5) (< monoandroid)) (&& (< netstandard1.0) (>= netstandard1.5) (>= win8)) (&& (< netstandard1.0) (>= netstandard1.5) (< portable-net451+win81+wpa81)) (&& (< netstandard1.0) (>= netstandard1.6) (< monoandroid)) (&& (< netstandard1.0) (>= netstandard1.6) (>= win8)) (&& (< netstandard1.0) (< win8) (>= wpa81)) (&& (>= netstandard1.1) (< portable-net45+win8+wpa81)) (&& (< netstandard1.2) (>= netstandard1.6) (< monoandroid)) (&& (>= netstandard1.3) (>= wpa81)) (&& (>= netstandard1.3) (< portable-net45+win8+wpa81)) (&& (< netstandard1.3) (>= netstandard1.6)) (&& (< netstandard1.4) (>= netstandard1.6) (< monoandroid)) (&& (>= netstandard1.5) (>= wpa81)) (&& (>= netstandard1.5) (< portable-net45+win8+wpa81)) (&& (< netstandard1.5) (>= netstandard1.6)) (&& (>= netstandard1.6) (< monotouch) (< xamarintvos) (< xamarinwatchos) (< xamarinios) (< xamarinmac)) (&& (>= netstandard1.6) (>= wpa81)) (&& (>= netstandard1.6) (< portable-net45+win8+wpa81)) (&& (>= netstandard1.6) (< portable-net451+win81+wpa81)) (>= netcoreapp1.1) (>= wp8) (&& (>= wpa81) (< portable-net45+win8+wpa81)) (&& (>= wpa81) (< portable-net451+win81+wpa81))
      Microsoft.NETCore.Platforms (>= 1.1) - restriction: || (&& (< net45) (>= netstandard1.0) (< netstandard1.3) (< monoandroid) (< win8) (< wp8) (< wpa81)) (&& (< net45) (>= netstandard1.3) (< monotouch) (< xamarintvos) (< xamarinwatchos) (< xamarinios) (< xamarinmac) (< win8) (< wpa81)) (>= dnxcore50)
      Microsoft.NETCore.Targets (>= 1.1) - restriction: || (&& (< net45) (>= netstandard1.0) (< netstandard1.3) (< monoandroid) (< win8) (< wp8) (< wpa81)) (&& (< net45) (>= netstandard1.3) (< monotouch) (< xamarintvos) (< xamarinwatchos) (< xamarinios) (< xamarinmac) (< win8) (< wpa81)) (>= dnxcore50)
      System.Runtime (>= 4.3) - restriction: || (&& (< net45) (>= netstandard1.0) (< netstandard1.3) (< monoandroid) (< win8) (< wp8) (< wpa81)) (&& (< net45) (>= netstandard1.3) (< monotouch) (< xamarintvos) (< xamarinwatchos) (< xamarinios) (< xamarinmac) (< win8) (< wpa81)) (>= dnxcore50)
    System.Text.Encoding.Extensions (4.3) - restriction: || (&& (< net20) (>= net45) (>= netstandard1.2) (< netstandard1.3)) (&& (< net20) (>= net45) (>= netstandard1.3)) (&& (< net20) (>= net45) (< netstandard1.3) (>= netstandard1.4)) (&& (< net20) (>= net45) (>= netstandard1.4) (< netstandard1.5)) (&& (< net20) (>= net45) (>= netstandard1.5)) (&& (< net20) (>= net45) (< portable-net45+win8+wpa81)) (&& (< net20) (>= net45) (< portable-net451+win81+wpa81)) (&& (< net20) (>= net46) (< netstandard1.3)) (&& (< net20) (>= net46) (< netstandard1.4)) (&& (< net20) (>= netstandard1.1) (< win8) (< portable-net451+win81+wpa81)) (&& (< net20) (>= netstandard1.2) (< netstandard1.3) (< monoandroid) (< win8) (< wpa81)) (&& (< net20) (>= netstandard1.3) (< netstandard1.4) (< monoandroid) (< win8) (< wpa81)) (&& (< net20) (>= netstandard1.3) (< monotouch) (< xamarintvos) (< xamarinwatchos) (< xamarinios) (< xamarinmac) (< win8) (< wpa81)) (&& (< net20) (>= netstandard1.3) (< win8) (< portable-net451+win81+wpa81)) (&& (< net20) (< netstandard1.3) (>= netstandard1.4) (< monoandroid) (< win8) (< wpa81)) (&& (< net20) (< netstandard1.3) (>= netstandard1.5) (< monoandroid)) (&& (< net20) (>= netstandard1.4) (< netstandard1.5) (< monoandroid) (< win8) (< wpa81)) (&& (< net20) (>= netstandard1.5) (< netstandard1.6) (< monoandroid)) (&& (>= net45) (>= uap10.0)) (&& (>= net45) (>= dnxcore50)) (&& (>= net45) (>= netstandard1.6)) (&& (< net45) (>= net46) (< netstandard1.3)) (&& (< net45) (>= net46) (< netstandard1.4)) (&& (< net45) (>= netstandard1.1) (< portable-net451+win81+wpa81)) (&& (< net45) (>= netstandard1.2) (< netstandard1.3) (< monoandroid) (< wpa81)) (&& (< net45) (>= netstandard1.3) (< netstandard1.4) (< monoandroid) (< wpa81)) (&& (< net45) (>= netstandard1.3) (< win8) (< portable-net451+win81+wpa81)) (&& (< net45) (< netstandard1.3) (>= netstandard1.4) (< monoandroid) (< win8) (< wpa81)) (&& (< net45) (< netstandard1.3) (>= netstandard1.5) (< monoandroid)) (&& (< net45) (>= netstandard1.4) (< netstandard1.5) (< monoandroid) (< wpa81)) (&& (< net45) (< netstandard1.4) (>= netstandard1.5) (< monoandroid)) (&& (< net45) (>= netstandard1.5) (< netstandard1.6) (< monoandroid)) (&& (< net45) (>= netstandard1.5) (< portable-net451+win81+wpa81)) (&& (>= net46) (>= dnxcore50)) (&& (>= net46) (< netstandard1.0) (>= win8)) (&& (>= net46) (< netstandard1.3) (>= wpa81)) (&& (>= net46) (< netstandard1.4) (>= wpa81)) (&& (>= net46) (>= netstandard1.6)) (&& (>= uap10.0) (< uap10.1)) (&& (>= uap10.0) (>= dnxcore50)) (&& (>= uap10.0) (< netstandard1.0)) (&& (>= uap10.0) (< netstandard1.3)) (&& (>= uap10.0) (>= netstandard1.5)) (&& (>= uap10.0) (>= netstandard1.6)) (&& (>= uap10.0) (< win8)) (&& (>= dnxcore50) (>= netstandard1.0)) (&& (>= dnxcore50) (>= netstandard1.1)) (&& (>= dnxcore50) (>= netstandard1.2)) (&& (>= dnxcore50) (>= netstandard1.3)) (&& (>= dnxcore50) (>= netstandard1.4)) (&& (>= dnxcore50) (>= netstandard1.5)) (&& (>= dnxcore50) (>= netstandard1.6)) (&& (>= dnxcore50) (>= wpa81)) (&& (>= netstandard1.0) (< portable-net45+win8+wpa81)) (&& (< netstandard1.0) (>= netstandard1.3) (>= win8)) (&& (< netstandard1.0) (>= netstandard1.4) (>= win8)) (&& (< netstandard1.0) (>= netstandard1.5) (>= win8)) (&& (< netstandard1.0) (>= netstandard1.6) (>= win8)) (&& (>= netstandard1.1) (< portable-net45+win8+wpa81)) (&& (>= netstandard1.3) (< portable-net45+win8+wpa81)) (&& (< netstandard1.3) (>= netstandard1.6)) (&& (< netstandard1.4) (>= netstandard1.6) (< monoandroid)) (&& (>= netstandard1.5) (>= wpa81)) (&& (>= netstandard1.5) (< portable-net45+win8+wpa81)) (&& (< netstandard1.5) (>= netstandard1.6)) (&& (>= netstandard1.6) (< monotouch) (< xamarintvos) (< xamarinwatchos) (< xamarinios) (< xamarinmac)) (&& (>= netstandard1.6) (>= wpa81)) (&& (>= netstandard1.6) (< portable-net45+win8+wpa81)) (&& (>= netstandard1.6) (< portable-net451+win81+wpa81)) (>= wp8) (&& (>= wpa81) (< portable-net45+win8+wpa81)) (&& (>= wpa81) (< portable-net451+win81+wpa81))
      Microsoft.NETCore.Platforms (>= 1.1) - restriction: || (&& (< net45) (>= netstandard1.0) (< netstandard1.3) (< monoandroid) (< win8) (< wp8) (< wpa81)) (&& (< net45) (>= netstandard1.3) (< monotouch) (< xamarintvos) (< xamarinwatchos) (< xamarinios) (< xamarinmac) (< win8) (< wpa81)) (>= dnxcore50)
      Microsoft.NETCore.Targets (>= 1.1) - restriction: || (&& (< net45) (>= netstandard1.0) (< netstandard1.3) (< monoandroid) (< win8) (< wp8) (< wpa81)) (&& (< net45) (>= netstandard1.3) (< monotouch) (< xamarintvos) (< xamarinwatchos) (< xamarinios) (< xamarinmac) (< win8) (< wpa81)) (>= dnxcore50)
      System.Runtime (>= 4.3) - restriction: || (&& (< net45) (>= netstandard1.0) (< netstandard1.3) (< monoandroid) (< win8) (< wp8) (< wpa81)) (&& (< net45) (>= netstandard1.3) (< monotouch) (< xamarintvos) (< xamarinwatchos) (< xamarinios) (< xamarinmac) (< win8) (< wpa81)) (>= dnxcore50)
      System.Text.Encoding (>= 4.3) - restriction: || (&& (< net45) (>= netstandard1.0) (< netstandard1.3) (< monoandroid) (< win8) (< wp8) (< wpa81)) (&& (< net45) (>= netstandard1.3) (< monotouch) (< xamarintvos) (< xamarinwatchos) (< xamarinios) (< xamarinmac) (< win8) (< wpa81)) (>= dnxcore50)
    System.Text.RegularExpressions (4.3) - restriction: || (&& (< net20) (>= net45) (>= netstandard1.2) (< netstandard1.3)) (&& (< net20) (>= net45) (>= netstandard1.3)) (&& (< net20) (>= net45) (< netstandard1.3) (>= netstandard1.4)) (&& (< net20) (>= net45) (>= netstandard1.4) (< netstandard1.5)) (&& (< net20) (>= net45) (>= netstandard1.5)) (&& (< net20) (>= net45) (< portable-net45+win8+wpa81)) (&& (< net20) (>= net45) (< portable-net451+win81+wpa81)) (&& (< net20) (>= net46) (< netstandard1.3)) (&& (< net20) (>= net46) (< netstandard1.4)) (&& (< net20) (>= netstandard1.1) (< win8) (< portable-net451+win81+wpa81)) (&& (< net20) (>= netstandard1.2) (< netstandard1.3) (< monoandroid) (< win8) (< wpa81)) (&& (< net20) (>= netstandard1.3) (< netstandard1.4) (< monoandroid) (< win8) (< wpa81)) (&& (< net20) (>= netstandard1.3) (< monotouch) (< xamarintvos) (< xamarinwatchos) (< xamarinios) (< xamarinmac) (< win8) (< wpa81)) (&& (< net20) (>= netstandard1.3) (< win8) (< portable-net451+win81+wpa81)) (&& (< net20) (< netstandard1.3) (>= netstandard1.4) (< monoandroid) (< win8) (< wpa81)) (&& (< net20) (< netstandard1.3) (>= netstandard1.5) (< monoandroid)) (&& (< net20) (>= netstandard1.4) (< netstandard1.5) (< monoandroid) (< win8) (< wpa81)) (&& (< net20) (>= netstandard1.5) (< netstandard1.6) (< monoandroid)) (&& (>= net45) (>= uap10.0)) (&& (>= net45) (>= dnxcore50)) (&& (>= net45) (>= netstandard1.6)) (&& (< net45) (>= net46) (< netstandard1.3)) (&& (< net45) (>= net46) (< netstandard1.4)) (&& (< net45) (>= netstandard1.1) (< portable-net451+win81+wpa81)) (&& (< net45) (>= netstandard1.2) (< netstandard1.3) (< monoandroid) (< wpa81)) (&& (< net45) (>= netstandard1.3) (< netstandard1.4) (< monoandroid) (< wpa81)) (&& (< net45) (>= netstandard1.3) (< win8) (< portable-net451+win81+wpa81)) (&& (< net45) (< netstandard1.3) (>= netstandard1.4) (< monoandroid) (< win8) (< wpa81)) (&& (< net45) (< netstandard1.3) (>= netstandard1.5) (< monoandroid)) (&& (< net45) (>= netstandard1.4) (< netstandard1.5) (< monoandroid) (< wpa81)) (&& (< net45) (< netstandard1.4) (>= netstandard1.5) (< monoandroid)) (&& (< net45) (>= netstandard1.5) (< netstandard1.6) (< monoandroid)) (&& (< net45) (>= netstandard1.5) (< portable-net451+win81+wpa81)) (&& (>= net46) (>= dnxcore50)) (&& (>= net46) (< netstandard1.0) (>= win8)) (&& (>= net46) (< netstandard1.3) (>= wpa81)) (&& (>= net46) (< netstandard1.4) (>= wpa81)) (&& (>= net46) (>= netstandard1.6)) (&& (>= uap10.0) (< uap10.1)) (&& (>= uap10.0) (>= dnxcore50)) (&& (>= uap10.0) (< netstandard1.0)) (&& (>= uap10.0) (< netstandard1.3)) (&& (>= uap10.0) (>= netstandard1.5)) (&& (>= uap10.0) (>= netstandard1.6)) (&& (>= uap10.0) (< win8)) (&& (>= dnxcore50) (>= netstandard1.0)) (&& (>= dnxcore50) (>= netstandard1.1)) (&& (>= dnxcore50) (>= netstandard1.2)) (&& (>= dnxcore50) (>= netstandard1.3)) (&& (>= dnxcore50) (>= netstandard1.4)) (&& (>= dnxcore50) (>= netstandard1.5)) (&& (>= dnxcore50) (>= netstandard1.6)) (&& (>= dnxcore50) (>= wpa81)) (&& (>= netstandard1.0) (< portable-net45+win8+wpa81)) (&& (< netstandard1.0) (>= netstandard1.3) (>= win8)) (&& (< netstandard1.0) (>= netstandard1.4) (>= win8)) (&& (< netstandard1.0) (>= netstandard1.5) (>= win8)) (&& (< netstandard1.0) (>= netstandard1.6) (>= win8)) (&& (>= netstandard1.1) (< portable-net45+win8+wpa81)) (&& (>= netstandard1.3) (< portable-net45+win8+wpa81)) (&& (< netstandard1.3) (>= netstandard1.6)) (&& (< netstandard1.4) (>= netstandard1.6) (< monoandroid)) (&& (>= netstandard1.5) (>= wpa81)) (&& (>= netstandard1.5) (< portable-net45+win8+wpa81)) (&& (< netstandard1.5) (>= netstandard1.6)) (&& (>= netstandard1.6) (< monotouch) (< xamarintvos) (< xamarinwatchos) (< xamarinios) (< xamarinmac)) (&& (>= netstandard1.6) (>= wpa81)) (&& (>= netstandard1.6) (< portable-net45+win8+wpa81)) (&& (>= netstandard1.6) (< portable-net451+win81+wpa81)) (>= wp8) (&& (>= wpa81) (< portable-net45+win8+wpa81)) (&& (>= wpa81) (< portable-net451+win81+wpa81))
      System.Collections (>= 4.3) - restriction: || (>= dnxcore50) (&& (>= netstandard1.6) (< netcoreapp1.1) (< monotouch) (< xamarintvos) (< xamarinwatchos) (< xamarinios) (< xamarinmac))
      System.Globalization (>= 4.3) - restriction: || (>= dnxcore50) (&& (>= netstandard1.6) (< netcoreapp1.1) (< monotouch) (< xamarintvos) (< xamarinwatchos) (< xamarinios) (< xamarinmac))
      System.Resources.ResourceManager (>= 4.3) - restriction: || (>= dnxcore50) (&& (>= netstandard1.6) (< netcoreapp1.1) (< monotouch) (< xamarintvos) (< xamarinwatchos) (< xamarinios) (< xamarinmac))
      System.Runtime (>= 4.3) - restriction: || (&& (< net45) (>= netstandard1.0) (< netstandard1.3) (< monoandroid) (< win8) (< wp8) (< wpa81)) (&& (< net45) (>= netstandard1.3) (< netstandard1.6) (< monoandroid) (< win8) (< wpa81)) (>= dnxcore50) (&& (>= netstandard1.6) (< monotouch) (< xamarintvos) (< xamarinwatchos) (< xamarinios) (< xamarinmac)) (>= netcoreapp1.1)
      System.Runtime.Extensions (>= 4.3) - restriction: || (>= dnxcore50) (&& (>= netstandard1.6) (< netcoreapp1.1) (< monotouch) (< xamarintvos) (< xamarinwatchos) (< xamarinios) (< xamarinmac))
      System.Threading (>= 4.3) - restriction: || (>= dnxcore50) (&& (>= netstandard1.6) (< netcoreapp1.1) (< monotouch) (< xamarintvos) (< xamarinwatchos) (< xamarinios) (< xamarinmac))
    System.Threading (4.3) - restriction: || (&& (< net20) (>= net45) (< netstandard1.0) (>= portable-net451+win81+wpa81)) (&& (< net20) (>= net45) (>= netstandard1.3)) (&& (< net20) (>= net45) (< netstandard1.3)) (&& (< net20) (>= net45) (>= netstandard1.4) (< netstandard1.5)) (&& (< net20) (>= net45) (>= netstandard1.5)) (&& (< net20) (>= net45) (< portable-net45+win8+wpa81)) (&& (< net20) (>= net45) (< portable-net451+win81+wpa81)) (&& (< net20) (>= net451) (< netstandard1.3)) (&& (< net20) (>= net46) (< netstandard1.3)) (&& (< net20) (>= net46) (< netstandard1.4)) (&& (< net20) (>= net461) (< netstandard1.3)) (&& (< net20) (>= net461) (< netstandard1.4)) (&& (< net20) (>= net461) (>= netstandard1.5)) (&& (< net20) (>= net461) (< netstandard1.5)) (&& (< net20) (>= net462)) (&& (< net20) (>= netstandard1.0) (< netstandard1.3) (< monoandroid) (< win8) (< wpa81)) (&& (< net20) (>= netstandard1.1) (< win8) (< portable-net451+win81+wpa81)) (&& (< net20) (>= netstandard1.2) (< netstandard1.3) (< monoandroid) (< win8) (< wpa81)) (&& (< net20) (>= netstandard1.3) (< netstandard1.4) (< monoandroid) (< win8) (< wpa81)) (&& (< net20) (>= netstandard1.3) (< netstandard1.5) (< monoandroid) (< win8) (< wpa81)) (&& (< net20) (>= netstandard1.3) (< monotouch) (< xamarintvos) (< xamarinwatchos) (< xamarinios) (< xamarinmac) (< win8)) (&& (< net20) (>= netstandard1.3) (< win8) (< portable-net451+win81+wpa81)) (&& (< net20) (< netstandard1.3) (>= netstandard1.4) (< monoandroid) (< win8) (< wpa81)) (&& (< net20) (< netstandard1.3) (>= netstandard1.5)) (&& (< net20) (>= netstandard1.4) (< netstandard1.5) (< monoandroid) (< win8) (< wpa81)) (&& (< net20) (< netstandard1.4) (>= netstandard1.5) (< monoandroid)) (&& (< net20) (>= netstandard1.5) (< netstandard1.6) (< monoandroid)) (&& (< net20) (>= netstandard1.5) (< monotouch) (< xamarintvos) (< xamarinwatchos) (< xamarinios) (< xamarinmac)) (&& (>= net45) (>= uap10.0)) (&& (>= net45) (>= dnxcore50)) (&& (>= net45) (>= netstandard1.6)) (&& (< net45) (>= net451) (< netstandard1.3)) (&& (< net45) (>= net46) (< netstandard1.3)) (&& (< net45) (>= net46) (>= netstandard1.4) (< netstandard1.5)) (&& (< net45) (>= net46) (< netstandard1.4)) (&& (< net45) (>= net46) (>= netstandard1.5)) (&& (< net45) (>= net46) (< portable-net451+win81+wpa81)) (&& (< net45) (>= net461) (< netstandard1.3)) (&& (< net45) (>= net461) (< netstandard1.4)) (&& (< net45) (>= net461) (>= netstandard1.5)) (&& (< net45) (>= net461) (< netstandard1.5)) (&& (< net45) (>= net461) (< portable-net451+win81+wpa81)) (&& (< net45) (>= netstandard1.1) (< portable-net451+win81+wpa81)) (&& (< net45) (>= netstandard1.2) (< netstandard1.3) (< monoandroid) (< wpa81)) (&& (< net45) (>= netstandard1.3) (< netstandard1.4) (< monoandroid) (< wpa81)) (&& (< net45) (>= netstandard1.3) (< win8) (< portable-net451+win81+wpa81)) (&& (< net45) (< netstandard1.3) (>= netstandard1.4) (< monoandroid) (< win8) (< wpa81)) (&& (< net45) (< netstandard1.3) (>= netstandard1.5) (< monoandroid)) (&& (< net45) (>= netstandard1.4) (< netstandard1.5) (< monoandroid) (< wpa81)) (&& (< net45) (>= netstandard1.4) (< win8) (< portable-net451+win81+wpa81)) (&& (< net45) (< netstandard1.4) (>= netstandard1.5) (< monoandroid)) (&& (< net45) (>= netstandard1.5) (< netstandard1.6) (< monoandroid)) (&& (< net45) (>= netstandard1.5) (< portable-net451+win81+wpa81)) (&& (>= net451) (>= dnxcore50)) (&& (>= net46) (>= uap10.0)) (&& (>= net46) (>= dnxcore50)) (&& (>= net46) (< netstandard1.0) (>= win8)) (&& (>= net46) (< netstandard1.3) (>= wpa81)) (&& (>= net46) (< netstandard1.4) (>= wpa81)) (&& (>= net46) (>= netstandard1.6)) (&& (>= net461) (>= uap10.0)) (&& (>= net461) (>= dnxcore50)) (&& (>= net461) (< netstandard1.0) (>= win8)) (&& (>= net461) (< netstandard1.3) (>= wpa81)) (&& (>= net461) (< netstandard1.4) (>= wpa81)) (&& (>= net461) (>= netstandard1.6)) (&& (>= net462) (< netstandard1.0) (>= win8)) (&& (>= net462) (>= wpa81)) (&& (>= net463) (>= netstandard1.6)) (&& (>= uap10.0) (< uap10.1)) (&& (>= uap10.0) (>= dnxcore50)) (&& (>= uap10.0) (< netstandard1.0)) (&& (>= uap10.0) (< netstandard1.3)) (&& (>= uap10.0) (< netstandard1.4)) (&& (>= uap10.0) (>= netstandard1.5)) (&& (>= uap10.0) (>= netstandard1.6)) (&& (>= uap10.0) (< win8)) (&& (>= dnxcore50) (>= netstandard1.0)) (&& (>= dnxcore50) (>= netstandard1.1)) (&& (>= dnxcore50) (>= netstandard1.2)) (&& (>= dnxcore50) (>= netstandard1.3)) (&& (>= dnxcore50) (>= netstandard1.4)) (&& (>= dnxcore50) (>= netstandard1.5)) (&& (>= dnxcore50) (>= netstandard1.6)) (&& (>= dnxcore50) (>= wpa81)) (&& (>= netstandard1.0) (< portable-net45+win8+wpa81)) (&& (< netstandard1.0) (>= netstandard1.1) (< monoandroid) (< win8) (>= portable-net451+win81+wpa81)) (&& (< netstandard1.0) (>= netstandard1.1) (< win8) (< portable-net451+win81+wpa81)) (&& (< netstandard1.0) (>= netstandard1.3) (< monoandroid) (< win8)) (&& (< netstandard1.0) (>= netstandard1.3) (>= win8)) (&& (< netstandard1.0) (>= netstandard1.3) (< win8) (< portable-net451+win81+wpa81)) (&& (< netstandard1.0) (>= netstandard1.4) (>= win8)) (&& (< netstandard1.0) (>= netstandard1.5) (< monoandroid)) (&& (< netstandard1.0) (>= netstandard1.5) (>= win8)) (&& (< netstandard1.0) (>= netstandard1.5) (< portable-net451+win81+wpa81)) (&& (< netstandard1.0) (>= netstandard1.6) (< monoandroid)) (&& (< netstandard1.0) (>= netstandard1.6) (>= win8)) (&& (< netstandard1.0) (< win8) (>= wpa81)) (&& (>= netstandard1.1) (< portable-net45+win8+wpa81)) (&& (>= netstandard1.3) (>= wpa81)) (&& (>= netstandard1.3) (< portable-net45+win8+wpa81)) (&& (< netstandard1.3) (>= netstandard1.6)) (&& (< netstandard1.4) (>= netstandard1.6) (< monoandroid)) (&& (>= netstandard1.5) (>= wpa81)) (&& (>= netstandard1.5) (< portable-net45+win8+wpa81)) (&& (< netstandard1.5) (>= netstandard1.6)) (&& (>= netstandard1.6) (< monotouch) (< xamarintvos) (< xamarinwatchos) (< xamarinios) (< xamarinmac)) (&& (>= netstandard1.6) (>= wpa81)) (&& (>= netstandard1.6) (< portable-net45+win8+wpa81)) (&& (>= netstandard1.6) (< portable-net451+win81+wpa81)) (>= wp8) (&& (>= wpa81) (< portable-net45+win8+wpa81)) (&& (>= wpa81) (< portable-net451+win81+wpa81))
      System.Runtime (>= 4.3) - restriction: || (&& (< net45) (>= netstandard1.0) (< netstandard1.3) (< monoandroid) (< win8) (< wp8) (< wpa81)) (&& (< net45) (>= netstandard1.3) (< monotouch) (< xamarintvos) (< xamarinwatchos) (< xamarinios) (< xamarinmac) (< win8) (< wpa81)) (>= dnxcore50)
      System.Threading.Tasks (>= 4.3) - restriction: || (&& (< net45) (>= netstandard1.0) (< netstandard1.3) (< monoandroid) (< win8) (< wp8) (< wpa81)) (&& (< net45) (>= netstandard1.3) (< monotouch) (< xamarintvos) (< xamarinwatchos) (< xamarinios) (< xamarinmac) (< win8) (< wpa81)) (>= dnxcore50)
    System.Threading.Tasks (4.3) - restriction: || (&& (< net20) (>= net45) (< netstandard1.0) (>= portable-net451+win81+wpa81)) (&& (< net20) (>= net45) (>= netstandard1.3)) (&& (< net20) (>= net45) (< netstandard1.3)) (&& (< net20) (>= net45) (>= netstandard1.4) (< netstandard1.5)) (&& (< net20) (>= net45) (>= netstandard1.5)) (&& (< net20) (>= net45) (< portable-net45+win8+wpa81)) (&& (< net20) (>= net45) (< portable-net451+win81+wpa81)) (&& (< net20) (>= net451) (< netstandard1.3)) (&& (< net20) (>= net46) (< netstandard1.3)) (&& (< net20) (>= net46) (< netstandard1.4)) (&& (< net20) (>= net461) (< netstandard1.3)) (&& (< net20) (>= net461) (< netstandard1.4)) (&& (< net20) (>= net461) (>= netstandard1.5)) (&& (< net20) (>= net461) (< netstandard1.5)) (&& (< net20) (>= net463)) (&& (< net20) (>= netstandard1.0) (< netstandard1.3) (< monoandroid) (< win8) (< wpa81)) (&& (< net20) (>= netstandard1.1) (< win8) (< portable-net451+win81+wpa81)) (&& (< net20) (>= netstandard1.2) (< netstandard1.3) (< monoandroid) (< win8) (< wpa81)) (&& (< net20) (>= netstandard1.2) (< win8) (< portable-net451+win81+wpa81)) (&& (< net20) (< netstandard1.2) (>= netstandard1.3) (< monoandroid) (< win8)) (&& (< net20) (< netstandard1.2) (>= netstandard1.4) (< monoandroid) (< win8)) (&& (< net20) (< netstandard1.2) (>= netstandard1.5) (< monoandroid)) (&& (< net20) (>= netstandard1.3) (< netstandard1.4) (< monoandroid) (< win8) (< wpa81)) (&& (< net20) (>= netstandard1.3) (< netstandard1.5) (< monoandroid) (< win8) (< wpa81)) (&& (< net20) (>= netstandard1.3) (< monotouch) (< xamarintvos) (< xamarinwatchos) (< xamarinios) (< xamarinmac) (< win8) (< wpa81)) (&& (< net20) (>= netstandard1.3) (< win8) (< portable-net451+win81+wpa81)) (&& (< net20) (< netstandard1.3) (>= netstandard1.4) (< monoandroid) (< win8) (< wpa81)) (&& (< net20) (< netstandard1.3) (>= netstandard1.5)) (&& (< net20) (>= netstandard1.4) (< netstandard1.5) (< monoandroid) (< win8) (< wpa81)) (&& (< net20) (< netstandard1.4) (>= netstandard1.5) (< monoandroid)) (&& (< net20) (>= netstandard1.5) (< netstandard1.6) (< monoandroid)) (&& (< net20) (>= netstandard1.5) (< monotouch) (< xamarintvos) (< xamarinwatchos) (< xamarinios) (< xamarinmac)) (&& (< net20) (>= netstandard1.5) (< portable-net451+win81+wpa81)) (&& (>= net45) (>= uap10.0)) (&& (>= net45) (>= dnxcore50)) (&& (>= net45) (>= netstandard1.6)) (&& (< net45) (>= net451) (< netstandard1.3)) (&& (< net45) (>= net46) (< netstandard1.2)) (&& (< net45) (>= net46) (< netstandard1.3)) (&& (< net45) (>= net46) (>= netstandard1.4) (< netstandard1.5)) (&& (< net45) (>= net46) (< netstandard1.4)) (&& (< net45) (>= net46) (>= netstandard1.5)) (&& (< net45) (>= net46) (< portable-net451+win81+wpa81)) (&& (< net45) (>= net461) (< netstandard1.3)) (&& (< net45) (>= net461) (< netstandard1.4)) (&& (< net45) (>= net461) (>= netstandard1.5)) (&& (< net45) (>= net461) (< netstandard1.5)) (&& (< net45) (>= net461) (< portable-net451+win81+wpa81)) (&& (< net45) (>= net463)) (&& (< net45) (>= netstandard1.1) (< portable-net451+win81+wpa81)) (&& (< net45) (>= netstandard1.2) (< netstandard1.3) (< monoandroid) (< wpa81)) (&& (< net45) (>= netstandard1.2) (< win8) (< portable-net451+win81+wpa81)) (&& (< net45) (< netstandard1.2) (>= netstandard1.3) (< monoandroid) (< win8)) (&& (< net45) (< netstandard1.2) (>= netstandard1.4) (< monoandroid) (< win8)) (&& (< net45) (< netstandard1.2) (>= netstandard1.5) (< monoandroid)) (&& (< net45) (>= netstandard1.3) (< netstandard1.4) (< monoandroid) (< wpa81)) (&& (< net45) (>= netstandard1.3) (< win8) (< portable-net451+win81+wpa81)) (&& (< net45) (< netstandard1.3) (>= netstandard1.4) (< monoandroid) (< win8) (< wpa81)) (&& (< net45) (< netstandard1.3) (>= netstandard1.5) (< monoandroid)) (&& (< net45) (>= netstandard1.4) (< netstandard1.5) (< monoandroid) (< wpa81)) (&& (< net45) (>= netstandard1.4) (< win8) (< portable-net451+win81+wpa81)) (&& (< net45) (< netstandard1.4) (>= netstandard1.5) (< monoandroid)) (&& (< net45) (>= netstandard1.5) (< netstandard1.6) (< monoandroid)) (&& (< net45) (>= netstandard1.5) (< portable-net451+win81+wpa81)) (&& (>= net451) (>= dnxcore50)) (&& (>= net46) (>= uap10.0)) (&& (>= net46) (>= dnxcore50)) (&& (>= net46) (< netstandard1.0) (>= win8)) (&& (>= net46) (< netstandard1.3) (>= wpa81)) (&& (>= net46) (< netstandard1.4) (>= wpa81)) (&& (>= net46) (>= netstandard1.6)) (&& (>= net461) (>= uap10.0)) (&& (>= net461) (>= dnxcore50)) (&& (>= net461) (< netstandard1.0) (>= win8)) (&& (>= net461) (< netstandard1.3) (>= wpa81)) (&& (>= net461) (< netstandard1.4) (>= wpa81)) (&& (>= net461) (>= netstandard1.6)) (&& (>= net463) (>= uap10.0)) (&& (>= net463) (>= dnxcore50)) (&& (>= net463) (< netstandard1.0) (>= win8)) (&& (>= net463) (>= netstandard1.6)) (&& (>= net463) (>= wpa81)) (&& (>= uap10.0) (< uap10.1)) (&& (>= uap10.0) (>= dnxcore50)) (&& (>= uap10.0) (< netstandard1.0)) (&& (>= uap10.0) (< netstandard1.3)) (&& (>= uap10.0) (< netstandard1.4)) (&& (>= uap10.0) (>= netstandard1.5)) (&& (>= uap10.0) (>= netstandard1.6)) (&& (>= uap10.0) (< win8)) (&& (>= dnxcore50) (>= netstandard1.0)) (&& (>= dnxcore50) (>= netstandard1.1)) (&& (>= dnxcore50) (>= netstandard1.2)) (&& (>= dnxcore50) (>= netstandard1.3)) (&& (>= dnxcore50) (>= netstandard1.4)) (&& (>= dnxcore50) (>= netstandard1.5)) (&& (>= dnxcore50) (>= netstandard1.6)) (&& (>= dnxcore50) (>= wpa81)) (&& (>= netstandard1.0) (< portable-net45+win8+wpa81)) (&& (< netstandard1.0) (>= netstandard1.1) (< monoandroid) (< win8) (>= portable-net451+win81+wpa81)) (&& (< netstandard1.0) (>= netstandard1.1) (< win8) (< portable-net451+win81+wpa81)) (&& (< netstandard1.0) (>= netstandard1.3) (< monoandroid) (< win8)) (&& (< netstandard1.0) (>= netstandard1.3) (>= win8)) (&& (< netstandard1.0) (>= netstandard1.3) (< win8) (< portable-net451+win81+wpa81)) (&& (< netstandard1.0) (>= netstandard1.4) (>= win8)) (&& (< netstandard1.0) (>= netstandard1.5) (< monoandroid)) (&& (< netstandard1.0) (>= netstandard1.5) (>= win8)) (&& (< netstandard1.0) (>= netstandard1.5) (< portable-net451+win81+wpa81)) (&& (< netstandard1.0) (>= netstandard1.6) (< monoandroid)) (&& (< netstandard1.0) (>= netstandard1.6) (>= win8)) (&& (< netstandard1.0) (< win8) (>= wpa81)) (&& (>= netstandard1.1) (< portable-net45+win8+wpa81)) (&& (< netstandard1.2) (>= netstandard1.6) (< monoandroid)) (&& (>= netstandard1.3) (< portable-net45+win8+wpa81)) (&& (< netstandard1.3) (>= netstandard1.6)) (&& (< netstandard1.4) (>= netstandard1.6) (< monoandroid)) (&& (>= netstandard1.5) (>= wpa81)) (&& (>= netstandard1.5) (< portable-net45+win8+wpa81)) (&& (< netstandard1.5) (>= netstandard1.6)) (&& (>= netstandard1.6) (< monotouch) (< xamarintvos) (< xamarinwatchos) (< xamarinios) (< xamarinmac)) (&& (>= netstandard1.6) (>= wpa81)) (&& (>= netstandard1.6) (< portable-net45+win8+wpa81)) (&& (>= netstandard1.6) (< portable-net451+win81+wpa81)) (>= netcoreapp1.1) (>= wp8) (&& (>= wpa81) (< portable-net45+win8+wpa81)) (&& (>= wpa81) (< portable-net451+win81+wpa81))
      Microsoft.NETCore.Platforms (>= 1.1) - restriction: || (&& (< net45) (>= netstandard1.0) (< netstandard1.3) (< monoandroid) (< win8) (< wp8) (< wpa81)) (&& (< net45) (>= netstandard1.3) (< monotouch) (< xamarintvos) (< xamarinwatchos) (< xamarinios) (< xamarinmac) (< win8) (< wpa81)) (>= dnxcore50)
      Microsoft.NETCore.Targets (>= 1.1) - restriction: || (&& (< net45) (>= netstandard1.0) (< netstandard1.3) (< monoandroid) (< win8) (< wp8) (< wpa81)) (&& (< net45) (>= netstandard1.3) (< monotouch) (< xamarintvos) (< xamarinwatchos) (< xamarinios) (< xamarinmac) (< win8) (< wpa81)) (>= dnxcore50)
      System.Runtime (>= 4.3) - restriction: || (&& (< net45) (>= netstandard1.0) (< netstandard1.3) (< monoandroid) (< win8) (< wp8) (< wpa81)) (&& (< net45) (>= netstandard1.3) (< monotouch) (< xamarintvos) (< xamarinwatchos) (< xamarinios) (< xamarinmac) (< win8) (< wpa81)) (>= dnxcore50)
    System.Threading.Tasks.Extensions (4.4) - restriction: || (&& (< net20) (>= net45) (>= netstandard1.3)) (&& (< net20) (>= net45) (< netstandard1.3) (>= netstandard1.4)) (&& (< net20) (>= net45) (>= netstandard1.4) (< netstandard1.5)) (&& (< net20) (>= net45) (>= netstandard1.5)) (&& (< net20) (>= net46) (< netstandard1.3)) (&& (< net20) (>= net46) (< netstandard1.4)) (&& (< net20) (>= netstandard1.3) (< netstandard1.4) (< monoandroid) (< win8) (< wpa81)) (&& (< net20) (>= netstandard1.3) (< monotouch) (< xamarintvos) (< xamarinwatchos) (< xamarinios) (< xamarinmac) (< win8) (< wpa81)) (&& (< net20) (>= netstandard1.3) (< win8) (< portable-net451+win81+wpa81)) (&& (< net20) (< netstandard1.3) (>= netstandard1.4) (< monoandroid) (< win8) (< wpa81)) (&& (< net20) (< netstandard1.3) (>= netstandard1.5) (< monoandroid)) (&& (< net20) (>= netstandard1.4) (< netstandard1.5) (< monoandroid) (< win8) (< wpa81)) (&& (< net20) (>= netstandard1.5) (< netstandard1.6) (< monoandroid)) (&& (>= net45) (>= uap10.0)) (&& (>= net45) (>= dnxcore50)) (&& (>= net45) (>= netstandard1.6)) (&& (< net45) (>= net46) (< netstandard1.3)) (&& (< net45) (>= net46) (< netstandard1.4)) (&& (< net45) (>= netstandard1.3) (< netstandard1.4) (< monoandroid) (< win8) (< wpa81)) (&& (< net45) (>= netstandard1.3) (< win8) (< portable-net451+win81+wpa81)) (&& (< net45) (< netstandard1.3) (>= netstandard1.4) (< monoandroid) (< win8) (< wpa81)) (&& (< net45) (< netstandard1.3) (>= netstandard1.5) (< monoandroid)) (&& (< net45) (>= netstandard1.4) (< netstandard1.5) (< monoandroid) (< win8) (< wpa81)) (&& (< net45) (< netstandard1.4) (>= netstandard1.5) (< monoandroid)) (&& (< net45) (>= netstandard1.5) (< netstandard1.6) (< monoandroid)) (&& (< net45) (>= netstandard1.5) (< portable-net451+win81+wpa81)) (&& (>= net46) (>= dnxcore50)) (&& (>= net46) (< netstandard1.0) (>= win8)) (&& (>= net46) (< netstandard1.3) (>= wpa81)) (&& (>= net46) (< netstandard1.4) (>= wpa81)) (&& (>= net46) (>= netstandard1.6)) (&& (>= uap10.0) (>= dnxcore50)) (&& (>= uap10.0) (< netstandard1.0) (< win8)) (&& (>= uap10.0) (>= netstandard1.5)) (&& (>= uap10.0) (>= netstandard1.6)) (&& (>= uap10.0) (< win8) (< wpa81)) (&& (>= dnxcore50) (>= netstandard1.0)) (&& (>= dnxcore50) (>= netstandard1.1)) (&& (>= dnxcore50) (>= netstandard1.2)) (&& (>= dnxcore50) (>= netstandard1.3)) (&& (>= dnxcore50) (>= netstandard1.4)) (&& (>= dnxcore50) (>= netstandard1.5)) (&& (>= dnxcore50) (>= netstandard1.6)) (&& (>= dnxcore50) (>= wp8)) (&& (>= dnxcore50) (>= wpa81)) (&& (< netstandard1.0) (>= netstandard1.5) (>= win8)) (&& (< netstandard1.0) (>= netstandard1.6) (>= win8)) (&& (>= netstandard1.3) (< win8) (>= wpa81) (< portable-net451+win81+wpa81)) (&& (>= netstandard1.3) (>= wp8)) (&& (>= netstandard1.3) (< portable-net45+win8+wpa81)) (&& (< netstandard1.3) (>= netstandard1.6)) (&& (< netstandard1.4) (>= netstandard1.6) (< monoandroid)) (&& (>= netstandard1.5) (>= wpa81)) (&& (>= netstandard1.5) (< portable-net45+win8+wpa81)) (&& (< netstandard1.5) (>= netstandard1.6)) (&& (>= netstandard1.6) (< monotouch) (< xamarintvos) (< xamarinwatchos) (< xamarinios) (< xamarinmac)) (&& (>= netstandard1.6) (>= wpa81)) (&& (>= netstandard1.6) (< portable-net45+win8+wpa81)) (&& (>= netstandard1.6) (< portable-net451+win81+wpa81))
      System.Collections (>= 4.3) - restriction: && (>= netstandard1.0) (< netstandard2.0) (< xamarinmac)
      System.Runtime (>= 4.3) - restriction: && (>= netstandard1.0) (< netstandard2.0) (< xamarinmac)
      System.Threading.Tasks (>= 4.3) - restriction: && (>= netstandard1.0) (< netstandard2.0) (< xamarinmac)
    System.Threading.Thread (4.3) - restriction: >= netstandard1.6
      System.Runtime (>= 4.3) - restriction: && (< net46) (>= netstandard1.3) (< monotouch) (< xamarintvos) (< xamarinwatchos) (< xamarinios) (< xamarinmac)
    System.Threading.ThreadPool (4.3) - restriction: >= netstandard1.6
      System.Runtime (>= 4.3) - restriction: && (< net46) (>= netstandard1.3) (< monotouch) (< xamarintvos) (< xamarinwatchos) (< xamarinios) (< xamarinmac)
      System.Runtime.Handles (>= 4.3) - restriction: && (< net46) (>= netstandard1.3) (< monotouch) (< xamarintvos) (< xamarinwatchos) (< xamarinios) (< xamarinmac)
    System.Threading.Timer (4.3) - restriction: || (&& (< net20) (>= net45) (>= netstandard1.2) (< netstandard1.3)) (&& (< net20) (>= net45) (>= netstandard1.3) (< netstandard1.4)) (&& (< net20) (>= net45) (< netstandard1.3) (>= netstandard1.4)) (&& (< net20) (>= net45) (>= netstandard1.4) (< netstandard1.5)) (&& (< net20) (>= net45) (>= netstandard1.5)) (&& (< net20) (>= netstandard1.2) (< netstandard1.3) (< monoandroid) (< win8) (< wpa81)) (&& (< net20) (>= netstandard1.3) (< netstandard1.4) (< monoandroid) (< win8) (< wpa81)) (&& (< net20) (< netstandard1.3) (>= netstandard1.4) (< monoandroid) (< win8) (< wpa81)) (&& (< net20) (< netstandard1.3) (>= netstandard1.5) (< monoandroid)) (&& (< net20) (>= netstandard1.4) (< netstandard1.5) (< monoandroid) (< win8) (< wpa81)) (&& (< net20) (>= netstandard1.5) (< netstandard1.6) (< monoandroid)) (&& (>= net45) (>= uap10.0)) (&& (>= net45) (>= netstandard1.6)) (&& (< net45) (>= netstandard1.2) (< netstandard1.3) (< monoandroid) (< wpa81)) (&& (< net45) (>= netstandard1.3) (< netstandard1.4) (< monoandroid) (< wpa81)) (&& (< net45) (< netstandard1.3) (>= netstandard1.4) (< monoandroid) (< win8) (< wpa81)) (&& (< net45) (< netstandard1.3) (>= netstandard1.5) (< monoandroid)) (&& (< net45) (>= netstandard1.4) (< netstandard1.5) (< monoandroid) (< wpa81)) (&& (< net45) (< netstandard1.4) (>= netstandard1.5) (< monoandroid)) (&& (< net45) (>= netstandard1.5) (< netstandard1.6) (< monoandroid)) (&& (>= uap10.0) (< uap10.1)) (&& (>= uap10.0) (>= dnxcore50)) (&& (>= uap10.0) (< netstandard1.0)) (&& (>= uap10.0) (< netstandard1.3)) (&& (>= uap10.0) (>= netstandard1.5)) (&& (>= uap10.0) (>= netstandard1.6)) (&& (>= uap10.0) (< win8)) (&& (>= uap10.0) (>= wp8)) (&& (>= dnxcore50) (>= netstandard1.2)) (&& (>= dnxcore50) (>= netstandard1.3)) (&& (>= dnxcore50) (>= netstandard1.4)) (&& (>= dnxcore50) (>= netstandard1.5)) (&& (>= dnxcore50) (>= netstandard1.6)) (&& (>= dnxcore50) (>= wpa81)) (&& (< netstandard1.0) (>= netstandard1.3) (>= win8)) (&& (< netstandard1.0) (>= netstandard1.4) (>= win8)) (&& (< netstandard1.0) (>= netstandard1.5) (>= win8)) (&& (< netstandard1.0) (>= netstandard1.6) (>= win8)) (&& (>= netstandard1.2) (>= wp8)) (&& (>= netstandard1.3) (>= wp8)) (&& (< netstandard1.3) (>= netstandard1.6)) (&& (>= netstandard1.4) (>= wp8)) (&& (< netstandard1.4) (>= netstandard1.6) (< monoandroid)) (&& (>= netstandard1.5) (>= wp8)) (&& (>= netstandard1.5) (>= wpa81)) (&& (< netstandard1.5) (>= netstandard1.6)) (&& (>= netstandard1.6) (< netstandard2.0) (< monotouch) (< xamarintvos) (< xamarinwatchos) (< xamarinios) (< xamarinmac)) (&& (>= netstandard1.6) (>= wp8)) (&& (>= netstandard1.6) (>= wpa81))
      Microsoft.NETCore.Platforms (>= 1.1) - restriction: || (&& (< net451) (>= netstandard1.2) (< monotouch) (< xamarintvos) (< xamarinwatchos) (< xamarinios) (< xamarinmac) (< win81) (< wpa81)) (>= dnxcore50)
      Microsoft.NETCore.Targets (>= 1.1) - restriction: || (&& (< net451) (>= netstandard1.2) (< monotouch) (< xamarintvos) (< xamarinwatchos) (< xamarinios) (< xamarinmac) (< win81) (< wpa81)) (>= dnxcore50)
      System.Runtime (>= 4.3) - restriction: || (&& (< net451) (>= netstandard1.2) (< monotouch) (< xamarintvos) (< xamarinwatchos) (< xamarinios) (< xamarinmac) (< win81) (< wpa81)) (>= dnxcore50)
    System.Xml.ReaderWriter (4.3) - restriction: || (&& (< net20) (>= net45) (>= netstandard1.2) (< netstandard1.3)) (&& (< net20) (>= net45) (>= netstandard1.3)) (&& (< net20) (>= net45) (< netstandard1.3) (>= netstandard1.4)) (&& (< net20) (>= net45) (>= netstandard1.4) (< netstandard1.5)) (&& (< net20) (>= net45) (>= netstandard1.5)) (&& (< net20) (>= net45) (< portable-net45+win8+wpa81)) (&& (< net20) (>= net45) (< portable-net451+win81+wpa81)) (&& (< net20) (>= net46) (< netstandard1.3)) (&& (< net20) (>= net46) (< netstandard1.4)) (&& (< net20) (>= netstandard1.1) (< win8) (< portable-net451+win81+wpa81)) (&& (< net20) (>= netstandard1.2) (< netstandard1.3) (< monoandroid) (< win8) (< wpa81)) (&& (< net20) (>= netstandard1.3) (< netstandard1.4) (< monoandroid) (< win8) (< wpa81)) (&& (< net20) (>= netstandard1.3) (< monotouch) (< xamarintvos) (< xamarinwatchos) (< xamarinios) (< xamarinmac) (< win8)) (&& (< net20) (>= netstandard1.3) (< win8) (< portable-net451+win81+wpa81)) (&& (< net20) (< netstandard1.3) (>= netstandard1.4) (< monoandroid) (< win8) (< wpa81)) (&& (< net20) (< netstandard1.3) (>= netstandard1.5) (< monoandroid)) (&& (< net20) (>= netstandard1.4) (< netstandard1.5) (< monoandroid) (< win8) (< wpa81)) (&& (< net20) (>= netstandard1.5) (< netstandard1.6) (< monoandroid)) (&& (>= net45) (>= uap10.0)) (&& (>= net45) (>= dnxcore50)) (&& (>= net45) (>= netstandard1.6)) (&& (< net45) (>= net46) (< netstandard1.3)) (&& (< net45) (>= net46) (< netstandard1.4)) (&& (< net45) (>= netstandard1.1) (< portable-net451+win81+wpa81)) (&& (< net45) (>= netstandard1.2) (< netstandard1.3) (< monoandroid) (< wpa81)) (&& (< net45) (>= netstandard1.3) (< netstandard1.4) (< monoandroid) (< wpa81)) (&& (< net45) (>= netstandard1.3) (< win8) (< portable-net451+win81+wpa81)) (&& (< net45) (< netstandard1.3) (>= netstandard1.4) (< monoandroid) (< win8) (< wpa81)) (&& (< net45) (< netstandard1.3) (>= netstandard1.5) (< monoandroid)) (&& (< net45) (>= netstandard1.4) (< netstandard1.5) (< monoandroid) (< wpa81)) (&& (< net45) (< netstandard1.4) (>= netstandard1.5) (< monoandroid)) (&& (< net45) (>= netstandard1.5) (< netstandard1.6) (< monoandroid)) (&& (< net45) (>= netstandard1.5) (< portable-net451+win81+wpa81)) (&& (>= net46) (>= dnxcore50)) (&& (>= net46) (< netstandard1.0) (>= win8)) (&& (>= net46) (< netstandard1.3) (>= wpa81)) (&& (>= net46) (< netstandard1.4) (>= wpa81)) (&& (>= net46) (>= netstandard1.6)) (&& (>= uap10.0) (< uap10.1)) (&& (>= uap10.0) (>= dnxcore50)) (&& (>= uap10.0) (< netstandard1.0)) (&& (>= uap10.0) (< netstandard1.3)) (&& (>= uap10.0) (>= netstandard1.5)) (&& (>= uap10.0) (>= netstandard1.6)) (&& (>= uap10.0) (< win8)) (&& (>= dnxcore50) (>= netstandard1.0)) (&& (>= dnxcore50) (>= netstandard1.1)) (&& (>= dnxcore50) (>= netstandard1.2)) (&& (>= dnxcore50) (>= netstandard1.3)) (&& (>= dnxcore50) (>= netstandard1.4)) (&& (>= dnxcore50) (>= netstandard1.5)) (&& (>= dnxcore50) (>= netstandard1.6)) (&& (>= dnxcore50) (>= wpa81)) (&& (>= netstandard1.0) (< portable-net45+win8+wpa81)) (&& (< netstandard1.0) (>= netstandard1.3) (>= win8)) (&& (< netstandard1.0) (>= netstandard1.4) (>= win8)) (&& (< netstandard1.0) (>= netstandard1.5) (>= win8)) (&& (< netstandard1.0) (>= netstandard1.6) (>= win8)) (&& (>= netstandard1.1) (< portable-net45+win8+wpa81)) (&& (>= netstandard1.3) (>= wpa81)) (&& (>= netstandard1.3) (< portable-net45+win8+wpa81)) (&& (< netstandard1.3) (>= netstandard1.6)) (&& (< netstandard1.4) (>= netstandard1.6) (< monoandroid)) (&& (>= netstandard1.5) (>= wpa81)) (&& (>= netstandard1.5) (< portable-net45+win8+wpa81)) (&& (< netstandard1.5) (>= netstandard1.6)) (&& (>= netstandard1.6) (< monotouch) (< xamarintvos) (< xamarinwatchos) (< xamarinios) (< xamarinmac)) (&& (>= netstandard1.6) (>= wpa81)) (&& (>= netstandard1.6) (< portable-net45+win8+wpa81)) (&& (>= netstandard1.6) (< portable-net451+win81+wpa81)) (>= wp8) (&& (>= wpa81) (< portable-net45+win8+wpa81)) (&& (>= wpa81) (< portable-net451+win81+wpa81))
      System.Collections (>= 4.3) - restriction: || (&& (< net45) (>= netstandard1.3) (< monotouch) (< xamarintvos) (< xamarinwatchos) (< xamarinios) (< xamarinmac) (< win8) (< wpa81)) (>= dnxcore50)
      System.Diagnostics.Debug (>= 4.3) - restriction: || (&& (< net45) (>= netstandard1.3) (< monotouch) (< xamarintvos) (< xamarinwatchos) (< xamarinios) (< xamarinmac) (< win8) (< wpa81)) (>= dnxcore50)
      System.Globalization (>= 4.3) - restriction: || (&& (< net45) (>= netstandard1.3) (< monotouch) (< xamarintvos) (< xamarinwatchos) (< xamarinios) (< xamarinmac) (< win8) (< wpa81)) (>= dnxcore50)
      System.IO (>= 4.3) - restriction: || (&& (< net45) (>= netstandard1.0) (< netstandard1.3) (< monoandroid) (< win8) (< wp8) (< wpa81)) (&& (< net45) (>= netstandard1.3) (< monotouch) (< xamarintvos) (< xamarinwatchos) (< xamarinios) (< xamarinmac) (< win8) (< wpa81)) (>= dnxcore50)
      System.IO.FileSystem (>= 4.3) - restriction: || (&& (< net45) (>= netstandard1.3) (< monotouch) (< xamarintvos) (< xamarinwatchos) (< xamarinios) (< xamarinmac) (< win8) (< wpa81)) (>= dnxcore50)
      System.IO.FileSystem.Primitives (>= 4.3) - restriction: || (&& (< net45) (>= netstandard1.3) (< monotouch) (< xamarintvos) (< xamarinwatchos) (< xamarinios) (< xamarinmac) (< win8) (< wpa81)) (>= dnxcore50)
      System.Resources.ResourceManager (>= 4.3) - restriction: || (&& (< net45) (>= netstandard1.3) (< monotouch) (< xamarintvos) (< xamarinwatchos) (< xamarinios) (< xamarinmac) (< win8) (< wpa81)) (>= dnxcore50)
      System.Runtime (>= 4.3) - restriction: || (&& (< net45) (>= netstandard1.0) (< netstandard1.3) (< monoandroid) (< win8) (< wp8) (< wpa81)) (&& (< net45) (>= netstandard1.3) (< monotouch) (< xamarintvos) (< xamarinwatchos) (< xamarinios) (< xamarinmac) (< win8) (< wpa81)) (>= dnxcore50)
      System.Runtime.Extensions (>= 4.3) - restriction: || (&& (< net45) (>= netstandard1.3) (< monotouch) (< xamarintvos) (< xamarinwatchos) (< xamarinios) (< xamarinmac) (< win8) (< wpa81)) (>= dnxcore50)
      System.Runtime.InteropServices (>= 4.3) - restriction: || (&& (< net45) (>= netstandard1.3) (< monotouch) (< xamarintvos) (< xamarinwatchos) (< xamarinios) (< xamarinmac) (< win8) (< wpa81)) (>= dnxcore50)
      System.Text.Encoding (>= 4.3) - restriction: || (&& (< net45) (>= netstandard1.0) (< netstandard1.3) (< monoandroid) (< win8) (< wp8) (< wpa81)) (&& (< net45) (>= netstandard1.3) (< monotouch) (< xamarintvos) (< xamarinwatchos) (< xamarinios) (< xamarinmac) (< win8) (< wpa81)) (>= dnxcore50)
      System.Text.Encoding.Extensions (>= 4.3) - restriction: || (&& (< net45) (>= netstandard1.3) (< monotouch) (< xamarintvos) (< xamarinwatchos) (< xamarinios) (< xamarinmac) (< win8) (< wpa81)) (>= dnxcore50)
      System.Text.RegularExpressions (>= 4.3) - restriction: || (&& (< net45) (>= netstandard1.3) (< monotouch) (< xamarintvos) (< xamarinwatchos) (< xamarinios) (< xamarinmac) (< win8) (< wpa81)) (>= dnxcore50)
      System.Threading.Tasks (>= 4.3) - restriction: || (&& (< net45) (>= netstandard1.0) (< netstandard1.3) (< monoandroid) (< win8) (< wp8) (< wpa81)) (&& (< net45) (>= netstandard1.3) (< monotouch) (< xamarintvos) (< xamarinwatchos) (< xamarinios) (< xamarinmac) (< win8) (< wpa81)) (>= dnxcore50)
      System.Threading.Tasks.Extensions (>= 4.3) - restriction: || (&& (< net45) (>= netstandard1.3) (< monotouch) (< xamarintvos) (< xamarinwatchos) (< xamarinios) (< xamarinmac) (< win8) (< wpa81)) (>= dnxcore50)
    System.Xml.XDocument (4.3) - restriction: || (&& (< net20) (>= net45) (>= netstandard1.2) (< netstandard1.3)) (&& (< net20) (>= net45) (>= netstandard1.3) (< netstandard1.4)) (&& (< net20) (>= net45) (< netstandard1.3) (>= netstandard1.4)) (&& (< net20) (>= net45) (>= netstandard1.4) (< netstandard1.5)) (&& (< net20) (>= net45) (>= netstandard1.5)) (&& (< net20) (>= net45) (< portable-net45+win8+wpa81)) (&& (< net20) (>= net45) (< portable-net451+win81+wpa81)) (&& (< net20) (>= netstandard1.1) (< win8) (< portable-net451+win81+wpa81)) (&& (< net20) (>= netstandard1.2) (< netstandard1.3) (< monoandroid) (< win8) (< wpa81)) (&& (< net20) (>= netstandard1.3) (< netstandard1.4) (< monoandroid) (< win8) (< wpa81)) (&& (< net20) (>= netstandard1.3) (< win8) (< portable-net451+win81+wpa81)) (&& (< net20) (< netstandard1.3) (>= netstandard1.4) (< monoandroid) (< win8) (< wpa81)) (&& (< net20) (< netstandard1.3) (>= netstandard1.5) (< monoandroid)) (&& (< net20) (>= netstandard1.4) (< netstandard1.5) (< monoandroid) (< win8) (< wpa81)) (&& (< net20) (>= netstandard1.5) (< netstandard1.6) (< monoandroid)) (&& (>= net45) (>= uap10.0)) (&& (>= net45) (>= dnxcore50)) (&& (>= net45) (>= netstandard1.6)) (&& (< net45) (>= netstandard1.1) (< portable-net451+win81+wpa81)) (&& (< net45) (>= netstandard1.2) (< netstandard1.3) (< monoandroid) (< wpa81)) (&& (< net45) (>= netstandard1.3) (< netstandard1.4) (< monoandroid) (< wpa81)) (&& (< net45) (>= netstandard1.3) (< win8) (< portable-net451+win81+wpa81)) (&& (< net45) (< netstandard1.3) (>= netstandard1.4) (< monoandroid) (< win8) (< wpa81)) (&& (< net45) (< netstandard1.3) (>= netstandard1.5) (< monoandroid)) (&& (< net45) (>= netstandard1.4) (< netstandard1.5) (< monoandroid) (< wpa81)) (&& (< net45) (< netstandard1.4) (>= netstandard1.5) (< monoandroid)) (&& (< net45) (>= netstandard1.5) (< netstandard1.6) (< monoandroid)) (&& (< net45) (>= netstandard1.5) (< portable-net451+win81+wpa81)) (&& (>= uap10.0) (< uap10.1)) (&& (>= uap10.0) (>= dnxcore50)) (&& (>= uap10.0) (< netstandard1.0)) (&& (>= uap10.0) (< netstandard1.3)) (&& (>= uap10.0) (>= netstandard1.5)) (&& (>= uap10.0) (>= netstandard1.6)) (&& (>= uap10.0) (< win8)) (&& (>= dnxcore50) (>= netstandard1.0)) (&& (>= dnxcore50) (>= netstandard1.1)) (&& (>= dnxcore50) (>= netstandard1.2)) (&& (>= dnxcore50) (>= netstandard1.3)) (&& (>= dnxcore50) (>= netstandard1.4)) (&& (>= dnxcore50) (>= netstandard1.5)) (&& (>= dnxcore50) (>= netstandard1.6)) (&& (>= dnxcore50) (>= wpa81)) (&& (>= netstandard1.0) (< portable-net45+win8+wpa81)) (&& (< netstandard1.0) (>= netstandard1.3) (>= win8)) (&& (< netstandard1.0) (>= netstandard1.4) (>= win8)) (&& (< netstandard1.0) (>= netstandard1.5) (>= win8)) (&& (< netstandard1.0) (>= netstandard1.6) (>= win8)) (&& (>= netstandard1.1) (< portable-net45+win8+wpa81)) (&& (>= netstandard1.3) (< portable-net45+win8+wpa81)) (&& (< netstandard1.3) (>= netstandard1.6)) (&& (< netstandard1.4) (>= netstandard1.6) (< monoandroid)) (&& (>= netstandard1.5) (>= wpa81)) (&& (>= netstandard1.5) (< portable-net45+win8+wpa81)) (&& (< netstandard1.5) (>= netstandard1.6)) (&& (>= netstandard1.6) (< monotouch) (< xamarintvos) (< xamarinwatchos) (< xamarinios) (< xamarinmac)) (&& (>= netstandard1.6) (>= wpa81)) (&& (>= netstandard1.6) (< portable-net45+win8+wpa81)) (&& (>= netstandard1.6) (< portable-net451+win81+wpa81)) (>= wp8) (&& (>= wpa81) (< portable-net45+win8+wpa81)) (&& (>= wpa81) (< portable-net451+win81+wpa81))
      System.Collections (>= 4.3) - restriction: || (&& (< net45) (>= netstandard1.3) (< monotouch) (< xamarintvos) (< xamarinwatchos) (< xamarinios) (< xamarinmac) (< win8) (< wpa81)) (>= dnxcore50)
      System.Diagnostics.Debug (>= 4.3) - restriction: || (&& (< net45) (>= netstandard1.3) (< monotouch) (< xamarintvos) (< xamarinwatchos) (< xamarinios) (< xamarinmac) (< win8) (< wpa81)) (>= dnxcore50)
      System.Diagnostics.Tools (>= 4.3) - restriction: || (&& (< net45) (>= netstandard1.3) (< monotouch) (< xamarintvos) (< xamarinwatchos) (< xamarinios) (< xamarinmac) (< win8) (< wpa81)) (>= dnxcore50)
      System.Globalization (>= 4.3) - restriction: || (&& (< net45) (>= netstandard1.3) (< monotouch) (< xamarintvos) (< xamarinwatchos) (< xamarinios) (< xamarinmac) (< win8) (< wpa81)) (>= dnxcore50)
      System.IO (>= 4.3) - restriction: || (&& (< net45) (>= netstandard1.0) (< netstandard1.3) (< monoandroid) (< win8) (< wp8) (< wpa81)) (&& (< net45) (>= netstandard1.3) (< monotouch) (< xamarintvos) (< xamarinwatchos) (< xamarinios) (< xamarinmac) (< win8) (< wpa81)) (>= dnxcore50)
      System.Reflection (>= 4.3) - restriction: || (&& (< net45) (>= netstandard1.3) (< monotouch) (< xamarintvos) (< xamarinwatchos) (< xamarinios) (< xamarinmac) (< win8) (< wpa81)) (>= dnxcore50)
      System.Resources.ResourceManager (>= 4.3) - restriction: || (&& (< net45) (>= netstandard1.3) (< monotouch) (< xamarintvos) (< xamarinwatchos) (< xamarinios) (< xamarinmac) (< win8) (< wpa81)) (>= dnxcore50)
      System.Runtime (>= 4.3) - restriction: || (&& (< net45) (>= netstandard1.0) (< netstandard1.3) (< monoandroid) (< win8) (< wp8) (< wpa81)) (&& (< net45) (>= netstandard1.3) (< monotouch) (< xamarintvos) (< xamarinwatchos) (< xamarinios) (< xamarinmac) (< win8) (< wpa81)) (>= dnxcore50)
      System.Runtime.Extensions (>= 4.3) - restriction: || (&& (< net45) (>= netstandard1.3) (< monotouch) (< xamarintvos) (< xamarinwatchos) (< xamarinios) (< xamarinmac) (< win8) (< wpa81)) (>= dnxcore50)
      System.Text.Encoding (>= 4.3) - restriction: || (&& (< net45) (>= netstandard1.3) (< monotouch) (< xamarintvos) (< xamarinwatchos) (< xamarinios) (< xamarinmac) (< win8) (< wpa81)) (>= dnxcore50)
      System.Threading (>= 4.3) - restriction: || (&& (< net45) (>= netstandard1.3) (< monotouch) (< xamarintvos) (< xamarinwatchos) (< xamarinios) (< xamarinmac) (< win8) (< wpa81)) (>= dnxcore50)
      System.Xml.ReaderWriter (>= 4.3) - restriction: || (&& (< net45) (>= netstandard1.0) (< netstandard1.3) (< monoandroid) (< win8) (< wp8) (< wpa81)) (&& (< net45) (>= netstandard1.3) (< monotouch) (< xamarintvos) (< xamarinwatchos) (< xamarinios) (< xamarinmac) (< win8) (< wpa81)) (>= dnxcore50)
    System.Xml.XmlDocument (4.3) - restriction: || (&& (< net20) (>= net45) (>= netstandard1.3)) (&& (< net20) (>= netstandard1.3) (< win8)) (&& (>= net46) (>= netstandard1.6)) (&& (>= dnxcore50) (>= netstandard1.6)) (&& (< netstandard1.0) (>= netstandard1.3) (>= win8)) (&& (>= netstandard1.3) (>= wp8)) (&& (>= netstandard1.3) (>= wpa81)) (&& (>= netstandard1.6) (< monotouch) (< xamarintvos) (< xamarinwatchos) (< xamarinios) (< xamarinmac))
      System.Collections (>= 4.3) - restriction: && (< net46) (>= netstandard1.3) (< monotouch) (< xamarintvos) (< xamarinwatchos) (< xamarinios) (< xamarinmac)
      System.Diagnostics.Debug (>= 4.3) - restriction: && (< net46) (>= netstandard1.3) (< monotouch) (< xamarintvos) (< xamarinwatchos) (< xamarinios) (< xamarinmac)
      System.Globalization (>= 4.3) - restriction: && (< net46) (>= netstandard1.3) (< monotouch) (< xamarintvos) (< xamarinwatchos) (< xamarinios) (< xamarinmac)
      System.IO (>= 4.3) - restriction: && (< net46) (>= netstandard1.3) (< monotouch) (< xamarintvos) (< xamarinwatchos) (< xamarinios) (< xamarinmac)
      System.Resources.ResourceManager (>= 4.3) - restriction: && (< net46) (>= netstandard1.3) (< monotouch) (< xamarintvos) (< xamarinwatchos) (< xamarinios) (< xamarinmac)
      System.Runtime (>= 4.3) - restriction: && (< net46) (>= netstandard1.3) (< monotouch) (< xamarintvos) (< xamarinwatchos) (< xamarinios) (< xamarinmac)
      System.Runtime.Extensions (>= 4.3) - restriction: && (< net46) (>= netstandard1.3) (< monotouch) (< xamarintvos) (< xamarinwatchos) (< xamarinios) (< xamarinmac)
      System.Text.Encoding (>= 4.3) - restriction: && (< net46) (>= netstandard1.3) (< monotouch) (< xamarintvos) (< xamarinwatchos) (< xamarinios) (< xamarinmac)
      System.Threading (>= 4.3) - restriction: && (< net46) (>= netstandard1.3) (< monotouch) (< xamarintvos) (< xamarinwatchos) (< xamarinios) (< xamarinmac)
      System.Xml.ReaderWriter (>= 4.3) - restriction: && (< net46) (>= netstandard1.3) (< monotouch) (< xamarintvos) (< xamarinwatchos) (< xamarinios) (< xamarinmac)
    System.Xml.XmlSerializer (4.3) - restriction: || (&& (>= dnxcore50) (>= netstandard1.6)) (&& (>= netstandard1.6) (< monotouch) (< xamarintvos) (< xamarinwatchos) (< xamarinios) (< xamarinmac))
      System.Collections (>= 4.3) - restriction: || (&& (< net45) (>= netstandard1.3) (< monotouch) (< xamarintvos) (< xamarinwatchos) (< xamarinios) (< xamarinmac) (< win8) (< wpa81)) (>= dnxcore50)
      System.Globalization (>= 4.3) - restriction: || (&& (< net45) (>= netstandard1.3) (< monotouch) (< xamarintvos) (< xamarinwatchos) (< xamarinios) (< xamarinmac) (< win8) (< wpa81)) (>= dnxcore50)
      System.IO (>= 4.3) - restriction: || (&& (< net45) (>= netstandard1.0) (< netstandard1.3) (< monoandroid) (< win8) (< wp8) (< wpa81)) (&& (< net45) (>= netstandard1.3) (< monotouch) (< xamarintvos) (< xamarinwatchos) (< xamarinios) (< xamarinmac) (< win8) (< wpa81)) (>= dnxcore50)
      System.Linq (>= 4.3) - restriction: || (&& (< net45) (>= netstandard1.3) (< monotouch) (< xamarintvos) (< xamarinwatchos) (< xamarinios) (< xamarinmac) (< win8) (< wpa81)) (>= dnxcore50)
      System.Reflection (>= 4.3) - restriction: || (&& (< net45) (>= netstandard1.3) (< monotouch) (< xamarintvos) (< xamarinwatchos) (< xamarinios) (< xamarinmac) (< win8) (< wpa81)) (>= dnxcore50)
      System.Reflection.Emit (>= 4.3) - restriction: || (&& (< net45) (>= netstandard1.3) (< monotouch) (< xamarintvos) (< xamarinwatchos) (< xamarinios) (< xamarinmac) (< win8) (< wpa81)) (>= dnxcore50)
      System.Reflection.Emit.ILGeneration (>= 4.3) - restriction: || (&& (< net45) (>= netstandard1.3) (< monotouch) (< xamarintvos) (< xamarinwatchos) (< xamarinios) (< xamarinmac) (< win8) (< wpa81)) (>= dnxcore50)
      System.Reflection.Extensions (>= 4.3) - restriction: || (&& (< net45) (>= netstandard1.3) (< monotouch) (< xamarintvos) (< xamarinwatchos) (< xamarinios) (< xamarinmac) (< win8) (< wpa81)) (>= dnxcore50)
      System.Reflection.Primitives (>= 4.3) - restriction: || (&& (< net45) (>= netstandard1.3) (< monotouch) (< xamarintvos) (< xamarinwatchos) (< xamarinios) (< xamarinmac) (< win8) (< wpa81)) (>= dnxcore50)
      System.Reflection.TypeExtensions (>= 4.3) - restriction: || (&& (< net45) (>= netstandard1.3) (< monotouch) (< xamarintvos) (< xamarinwatchos) (< xamarinios) (< xamarinmac) (< win8) (< wpa81)) (>= dnxcore50)
      System.Resources.ResourceManager (>= 4.3) - restriction: || (&& (< net45) (>= netstandard1.3) (< monotouch) (< xamarintvos) (< xamarinwatchos) (< xamarinios) (< xamarinmac) (< win8) (< wpa81)) (>= dnxcore50)
      System.Runtime (>= 4.3) - restriction: || (&& (< net45) (>= netstandard1.0) (< netstandard1.3) (< monoandroid) (< win8) (< wp8) (< wpa81)) (&& (< net45) (>= netstandard1.3) (< monotouch) (< xamarintvos) (< xamarinwatchos) (< xamarinios) (< xamarinmac) (< win8) (< wpa81)) (>= dnxcore50)
      System.Runtime.Extensions (>= 4.3) - restriction: || (&& (< net45) (>= netstandard1.3) (< monotouch) (< xamarintvos) (< xamarinwatchos) (< xamarinios) (< xamarinmac) (< win8) (< wpa81)) (>= dnxcore50)
      System.Text.RegularExpressions (>= 4.3) - restriction: || (&& (< net45) (>= netstandard1.3) (< monotouch) (< xamarintvos) (< xamarinwatchos) (< xamarinios) (< xamarinmac) (< win8) (< wpa81)) (>= dnxcore50)
      System.Threading (>= 4.3) - restriction: || (&& (< net45) (>= netstandard1.3) (< monotouch) (< xamarintvos) (< xamarinwatchos) (< xamarinios) (< xamarinmac) (< win8) (< wpa81)) (>= dnxcore50)
      System.Xml.ReaderWriter (>= 4.3) - restriction: || (&& (< net45) (>= netstandard1.0) (< netstandard1.3) (< monoandroid) (< win8) (< wp8) (< wpa81)) (&& (< net45) (>= netstandard1.3) (< monotouch) (< xamarintvos) (< xamarinwatchos) (< xamarinios) (< xamarinmac) (< win8) (< wpa81)) (>= dnxcore50)
      System.Xml.XmlDocument (>= 4.3) - restriction: || (&& (< net45) (>= netstandard1.3) (< monotouch) (< xamarintvos) (< xamarinwatchos) (< xamarinios) (< xamarinmac) (< win8) (< wpa81)) (>= dnxcore50)
    WindowsAzure.Storage (8.4)
      Microsoft.Azure.KeyVault.Core (>= 1.0) - restriction: || (>= net45) (>= wp8)
      Microsoft.Data.OData (>= 5.8.2) - restriction: || (>= net45) (&& (>= netstandard1.0) (< netstandard1.3) (< win8)) (&& (< netstandard1.0) (>= win8)) (&& (>= netstandard1.3) (< win8)) (>= wp8) (>= wpa81)
      Microsoft.Data.Services.Client (>= 5.8.2) - restriction: >= net45
      NETStandard.Library (>= 1.6) - restriction: || (&& (< net45) (>= netstandard1.0) (< netstandard1.3) (< win8) (< wp8) (< wpa81)) (&& (< net45) (>= netstandard1.3) (< win8) (< wpa81))
      Newtonsoft.Json (>= 6.0.8) - restriction: || (>= net45) (&& (< netstandard1.0) (>= win8)) (>= wp8) (>= wpa81)
      Newtonsoft.Json (>= 9.0.1) - restriction: || (&& (< net45) (>= netstandard1.0) (< netstandard1.3) (< win8) (< wp8) (< wpa81)) (&& (< net45) (>= netstandard1.3) (< win8) (< wpa81))
      System.Spatial (>= 5.8.2) - restriction: || (&& (< net45) (>= netstandard1.0) (< netstandard1.3) (< win8) (< wp8) (< wpa81)) (&& (< net45) (>= netstandard1.3) (< win8) (< wpa81))
    Zlib.Portable (1.11) - restriction: || (&& (< net40) (>= portable-net45+win8)) (&& (< net40) (>= portable-net45+win8+sl5) (< portable-net45+win8+wp8+wpa81)) (&& (< net40) (< portable-net45+win8+sl5) (>= portable-net45+win8+wp8+wpa81))

GROUP Test
NUGET
  remote: https://www.nuget.org/api/v2
    Castle.Core (4.2.1) - restriction: || (>= net45) (>= netstandard1.3)
      NETStandard.Library (>= 1.6.1) - restriction: && (< net35) (>= netstandard1.3)
      System.Collections.Specialized (>= 4.3) - restriction: && (< net35) (>= netstandard1.3)
      System.ComponentModel (>= 4.3) - restriction: && (< net35) (>= netstandard1.3)
      System.ComponentModel.TypeConverter (>= 4.3) - restriction: && (< net35) (>= netstandard1.3)
      System.Diagnostics.TraceSource (>= 4.3) - restriction: && (< net35) (>= netstandard1.3)
      System.Dynamic.Runtime (>= 4.3) - restriction: && (< net35) (>= netstandard1.3)
      System.Reflection (>= 4.3) - restriction: && (< net35) (>= netstandard1.3)
      System.Reflection.Emit (>= 4.3) - restriction: && (< net35) (>= netstandard1.3)
      System.Reflection.TypeExtensions (>= 4.3) - restriction: && (< net35) (>= netstandard1.3)
      System.Xml.XmlDocument (>= 4.3) - restriction: && (< net35) (>= netstandard1.3)
    Microsoft.NETCore.Platforms (1.1) - restriction: || (&& (>= monoandroid) (>= net45) (< netstandard1.0)) (&& (>= monoandroid) (< netstandard1.0) (>= netstandard1.3)) (&& (< monoandroid) (< net35) (>= netstandard1.4) (< netstandard1.5) (< wpa81)) (&& (< monoandroid) (< net45) (>= netstandard1.0) (< netstandard1.2) (< win8) (< wp8)) (&& (< monoandroid) (< net45) (>= netstandard1.0) (< win8) (< wp8) (< wpa81)) (&& (< monoandroid) (< net45) (>= netstandard1.2) (< netstandard1.3) (< win8) (< wpa81)) (&& (< monoandroid) (< net45) (< netstandard1.2) (>= netstandard1.3) (< win8)) (&& (< monoandroid) (< net45) (< netstandard1.2) (>= netstandard1.4) (< win8)) (&& (< monoandroid) (< net45) (>= netstandard1.3) (< netstandard1.4) (< wpa81)) (&& (< monoandroid) (< net45) (< netstandard1.3) (>= netstandard1.4) (< wpa81)) (&& (< monoandroid) (< net45) (>= netstandard1.4) (< netstandard1.5) (< wpa81)) (&& (< monoandroid) (< netstandard1.0) (>= netstandard1.3)) (&& (< monoandroid) (< netstandard1.1) (>= netstandard1.3) (< win8)) (&& (< monoandroid) (< netstandard1.1) (>= netstandard1.4) (< win8)) (&& (< monoandroid) (< netstandard1.1) (>= netstandard1.5)) (&& (< monoandroid) (< netstandard1.1) (>= netstandard1.6)) (>= monotouch) (&& (< net35) (>= net461)) (&& (< net35) (>= netstandard1.3)) (&& (< net35) (>= netstandard1.5)) (&& (< net35) (>= netstandard1.6) (< netstandard2.0)) (&& (< net35) (>= netstandard2.0)) (&& (>= net45) (< netstandard1.0) (>= portable-net451+win81+wpa81)) (&& (>= net45) (< netstandard1.3) (>= wpa81)) (&& (>= net45) (< portable-net45+win8+wpa81)) (&& (>= net45) (< portable-net451+win81+wpa81)) (&& (< net45) (>= net46) (< netstandard1.3)) (&& (< net45) (>= net461)) (&& (< net45) (>= net462)) (&& (< net45) (>= netstandard1.3) (< portable-net451+win81+wpa81)) (&& (< net45) (>= netstandard1.3) (< win8) (< wpa81)) (&& (< net45) (>= netstandard1.4) (< portable-net451+win81+wpa81)) (&& (< net45) (>= netstandard1.5)) (&& (< net45) (>= netstandard1.6)) (&& (< net45) (>= netstandard2.0)) (&& (>= net451) (< netstandard1.3)) (&& (>= net46) (< netstandard1.4)) (&& (>= net46) (< portable-net45+win8+wpa81)) (&& (>= netcoreapp1.1) (< netstandard1.4)) (&& (>= netcoreapp1.1) (< netstandard1.5)) (&& (>= netcoreapp1.1) (< netstandard1.6)) (&& (>= netcoreapp1.1) (< netstandard2.0)) (&& (>= netcoreapp1.1) (< portable-net451+win81+wpa81)) (>= netcoreapp2.0) (&& (< netstandard1.0) (>= netstandard1.3) (< portable-net451+win81+wpa81)) (&& (< netstandard1.1) (>= netstandard1.3) (< portable-net451+win81+wpa81) (< win8)) (&& (>= netstandard1.3) (< portable-net45+win8+wpa81)) (&& (>= netstandard1.4) (< portable-net45+win8+wpa81)) (&& (>= netstandard1.5) (< portable-net45+win8+wpa81)) (&& (>= netstandard1.6) (< portable-net45+win8+wpa81)) (< portable-net45+win8+wp8+wpa81) (>= uap10.0) (>= xamarinios) (>= xamarinmac) (>= xamarintvos) (>= xamarinwatchos)
    Microsoft.NETCore.Targets (2.0) - restriction: || (&& (< monoandroid) (< monotouch) (< net45) (>= netstandard1.0) (< win8) (< wp8) (< wpa81) (< xamarinios) (< xamarinmac) (< xamarintvos) (< xamarinwatchos)) (&& (< monoandroid) (< net35) (>= netstandard1.3) (< netstandard1.4) (< wpa81)) (&& (< monoandroid) (< net35) (>= netstandard1.3) (< netstandard1.5) (< win8) (< wpa81)) (&& (< monoandroid) (< net35) (< netstandard1.3) (>= netstandard1.5)) (&& (< monoandroid) (< net35) (>= netstandard1.4) (< netstandard1.5) (< wpa81)) (&& (< monoandroid) (< net35) (>= netstandard1.5) (< netstandard1.6)) (&& (< monoandroid) (< net45) (>= netstandard1.0) (< netstandard1.2) (< win8) (< wp8)) (&& (< monoandroid) (< net45) (>= netstandard1.0) (< netstandard1.3) (< win8) (< wp8) (< wpa81)) (&& (< monoandroid) (< net45) (>= netstandard1.2) (< netstandard1.3) (< win8) (< wpa81)) (&& (< monoandroid) (< net45) (< netstandard1.2) (>= netstandard1.3) (< win8)) (&& (< monoandroid) (< net45) (< netstandard1.2) (>= netstandard1.4) (< win8)) (&& (< monoandroid) (< net45) (< netstandard1.2) (>= netstandard1.5)) (&& (< monoandroid) (< net45) (< netstandard1.2) (>= netstandard1.6)) (&& (< monoandroid) (< net45) (>= netstandard1.3) (< netstandard1.4) (< wpa81)) (&& (< monoandroid) (< net45) (>= netstandard1.3) (< netstandard1.5) (< win8) (< wpa81)) (&& (< monoandroid) (< net45) (< netstandard1.3) (>= netstandard1.4) (< wpa81)) (&& (< monoandroid) (< net45) (< netstandard1.3) (>= netstandard1.5)) (&& (< monoandroid) (< net45) (< netstandard1.3) (>= netstandard1.6)) (&& (< monoandroid) (< net45) (>= netstandard1.4) (< netstandard1.5) (< wpa81)) (&& (< monoandroid) (< net45) (< netstandard1.4) (>= netstandard1.5)) (&& (< monoandroid) (< net45) (< netstandard1.4) (>= netstandard1.6)) (&& (< monoandroid) (< net45) (>= netstandard1.5) (< netstandard1.6)) (&& (< monoandroid) (< net45) (< netstandard1.5) (>= netstandard1.6)) (&& (< monoandroid) (< netstandard1.1) (>= netstandard1.3) (< win8)) (&& (< monoandroid) (< netstandard1.1) (>= netstandard1.4) (< win8)) (&& (< monoandroid) (< netstandard1.1) (>= netstandard1.5)) (&& (< monoandroid) (< netstandard1.1) (>= netstandard1.6)) (&& (< monotouch) (< net35) (>= netstandard1.3) (< xamarinios) (< xamarinmac) (< xamarintvos) (< xamarinwatchos)) (&& (< monotouch) (< net35) (>= netstandard1.5) (< xamarinios) (< xamarinmac) (< xamarintvos) (< xamarinwatchos)) (&& (< monotouch) (< net35) (>= netstandard1.6) (< netstandard2.0) (< xamarinios) (< xamarinmac) (< xamarintvos) (< xamarinwatchos)) (&& (< monotouch) (< net45) (>= netstandard1.3) (< win8) (< wpa81) (< xamarinios) (< xamarinmac) (< xamarintvos) (< xamarinwatchos)) (&& (< monotouch) (< net45) (>= netstandard1.5) (< xamarinios) (< xamarinmac) (< xamarintvos) (< xamarinwatchos)) (&& (< monotouch) (< net45) (>= netstandard1.6) (< xamarinios) (< xamarinmac) (< xamarintvos) (< xamarinwatchos)) (&& (< net35) (>= netstandard1.3) (< portable-net451+win81+wpa81) (< win8)) (&& (>= net45) (>= uap10.0)) (&& (< net45) (>= net46) (< netstandard1.3)) (&& (< net45) (>= net46) (< netstandard1.4)) (&& (< net45) (>= net462)) (&& (< net45) (>= netstandard1.3) (< portable-net451+win81+wpa81)) (&& (< net45) (>= netstandard1.4) (< portable-net451+win81+wpa81)) (&& (< net45) (>= netstandard1.5) (< portable-net451+win81+wpa81)) (&& (< net45) (>= netstandard1.6) (< portable-net451+win81+wpa81)) (&& (>= net46) (< portable-net45+win8+wpa81)) (&& (>= netcoreapp1.1) (< netstandard1.4)) (&& (>= netcoreapp1.1) (< netstandard1.5)) (&& (>= netcoreapp1.1) (< netstandard1.6)) (&& (>= netcoreapp1.1) (< netstandard2.0)) (&& (>= netcoreapp1.1) (< portable-net451+win81+wpa81)) (&& (>= netcoreapp1.1) (>= uap10.0)) (&& (< netstandard1.1) (>= netstandard1.3) (< portable-net451+win81+wpa81) (< win8)) (&& (< netstandard1.1) (>= uap10.0) (< win8)) (&& (< netstandard1.2) (>= uap10.0) (< win8)) (&& (>= netstandard1.3) (< portable-net45+win8+wpa81)) (&& (< netstandard1.3) (>= uap10.0)) (&& (>= netstandard1.4) (< portable-net45+win8+wpa81)) (&& (>= netstandard1.5) (< portable-net45+win8+wpa81)) (&& (>= netstandard1.5) (>= uap10.0)) (&& (>= netstandard1.6) (< portable-net45+win8+wpa81)) (&& (>= netstandard1.6) (>= uap10.0)) (< portable-net45+win8+wp8+wpa81) (&& (< portable-net45+win8+wpa81) (>= uap10.0)) (&& (< portable-net451+win81+wpa81) (>= uap10.0)) (&& (>= uap10.0) (< uap10.1)) (&& (>= uap10.0) (< win8) (< wpa81)) (&& (>= uap10.0) (< win81) (< wpa81))
    Microsoft.Win32.Primitives (4.3) - restriction: || (&& (< monoandroid) (< net35) (>= netstandard1.3) (< netstandard1.4) (< wpa81)) (&& (< monoandroid) (< net35) (>= netstandard1.4) (< netstandard1.5) (< wpa81)) (&& (< monoandroid) (< net35) (>= netstandard1.5) (< netstandard1.6)) (&& (< monoandroid) (< net45) (>= netstandard1.3) (< netstandard1.4) (< wpa81)) (&& (< monoandroid) (< net45) (>= netstandard1.4) (< netstandard1.5) (< wpa81)) (&& (< monoandroid) (< net45) (>= netstandard1.5) (< netstandard1.6)) (&& (< monotouch) (< net35) (>= netstandard1.6) (< netstandard2.0) (< xamarinios) (< xamarinmac) (< xamarintvos) (< xamarinwatchos)) (&& (< monotouch) (< net45) (>= netstandard1.6) (< netstandard2.0) (< xamarinios) (< xamarinmac) (< xamarintvos) (< xamarinwatchos)) (&& (>= net45) (>= uap10.0)) (&& (< net45) (>= netstandard1.3) (< portable-net451+win81+wpa81) (< win8)) (&& (>= net46) (< netstandard1.4)) (&& (>= uap10.0) (< uap10.1)) (&& (>= uap10.0) (< win8) (< wpa81))
      Microsoft.NETCore.Platforms (>= 1.1) - restriction: && (< monotouch) (< net46) (>= netstandard1.3) (< xamarinios) (< xamarinmac) (< xamarintvos) (< xamarinwatchos)
      Microsoft.NETCore.Targets (>= 1.1) - restriction: && (< monotouch) (< net46) (>= netstandard1.3) (< xamarinios) (< xamarinmac) (< xamarintvos) (< xamarinwatchos)
      System.Runtime (>= 4.3) - restriction: && (< monotouch) (< net46) (>= netstandard1.3) (< xamarinios) (< xamarinmac) (< xamarintvos) (< xamarinwatchos)
    Moq (4.8.1)
      Castle.Core (>= 4.2.1) - restriction: || (>= net45) (>= netstandard1.3)
      NETStandard.Library (>= 1.6.1) - restriction: && (< net45) (>= netstandard1.3)
      System.Linq.Queryable (>= 4.3) - restriction: && (< net45) (>= netstandard1.3)
      System.Reflection.TypeExtensions (>= 4.3) - restriction: && (< net45) (>= netstandard1.3)
      System.Threading.Tasks.Extensions (>= 4.3) - restriction: || (>= net45) (>= netstandard1.3)
      System.ValueTuple (>= 4.3) - restriction: || (>= net45) (>= netstandard1.3)
    NETStandard.Library (2.0.1) - restriction: || (&& (< monotouch) (< net461) (>= netstandard1.3) (< netstandard2.0) (< xamarinios) (< xamarinmac) (< xamarintvos) (< xamarinwatchos)) (&& (< net35) (>= netstandard1.3)) (&& (>= net45) (< net461) (< netstandard2.0)) (&& (< net45) (>= netstandard1.3))
      Microsoft.NETCore.Platforms (>= 1.1) - restriction: || (&& (>= monoandroid) (< netstandard1.0)) (&& (< monoandroid) (< net45) (>= netstandard1.2) (< netstandard1.3) (< wpa81)) (&& (< monoandroid) (< net45) (>= netstandard1.3) (< netstandard1.4) (< wpa81)) (&& (< monoandroid) (< net45) (>= netstandard1.4) (< netstandard1.5) (< wpa81)) (&& (< monoandroid) (< net45) (>= netstandard1.5) (< netstandard1.6)) (&& (< monoandroid) (< netstandard1.0) (>= portable-net451+win81+wpa81)) (>= monotouch) (&& (>= net45) (< portable-net451+win81+wpa81)) (&& (< net45) (>= netstandard1.1) (< portable-net451+win81+wpa81)) (&& (< net45) (>= netstandard1.6) (< netstandard2.0)) (&& (< net45) (>= netstandard2.0)) (&& (>= net451) (< netstandard1.3)) (&& (>= net46) (< netstandard1.4)) (>= net461) (>= netcoreapp2.0) (&& (>= netstandard1.0) (< portable-net45+win8+wpa81)) (&& (< netstandard1.0) (>= portable-net45+win8+wp8+wpa81) (< portable-net45+win8+wpa81)) (&& (< netstandard1.0) (>= portable-net45+win8+wpa81) (< portable-net451+win81+wpa81)) (&& (< netstandard1.3) (>= wpa81)) (>= uap10.0) (>= xamarinios) (>= xamarinmac) (>= xamarintvos) (>= xamarinwatchos)
      Microsoft.Win32.Primitives (>= 4.3) - restriction: || (&& (< monoandroid) (< net45) (>= netstandard1.3) (< netstandard1.4) (< wpa81)) (&& (< monoandroid) (< net45) (>= netstandard1.4) (< netstandard1.5) (< wpa81)) (&& (< monoandroid) (< net45) (>= netstandard1.5) (< netstandard1.6)) (&& (< monotouch) (< net45) (>= netstandard1.6) (< netstandard2.0) (< xamarinios) (< xamarinmac) (< xamarintvos) (< xamarinwatchos)) (&& (>= net46) (< netstandard1.4)) (&& (>= uap10.0) (< uap10.1))
      System.AppContext (>= 4.3) - restriction: || (&& (< monoandroid) (< net45) (>= netstandard1.3) (< netstandard1.4) (< wpa81)) (&& (< monoandroid) (< net45) (>= netstandard1.4) (< netstandard1.5) (< wpa81)) (&& (< monoandroid) (< net45) (>= netstandard1.5) (< netstandard1.6)) (&& (< monotouch) (< net45) (>= netstandard1.6) (< netstandard2.0) (< xamarinios) (< xamarinmac) (< xamarintvos) (< xamarinwatchos)) (&& (>= net46) (< netstandard1.4)) (&& (>= uap10.0) (< uap10.1))
      System.Collections (>= 4.3) - restriction: || (&& (< monoandroid) (< net45) (>= netstandard1.2) (< netstandard1.3) (< wpa81)) (&& (< monoandroid) (< net45) (>= netstandard1.3) (< netstandard1.4) (< wpa81)) (&& (< monoandroid) (< net45) (>= netstandard1.4) (< netstandard1.5) (< wpa81)) (&& (< monoandroid) (< net45) (>= netstandard1.5) (< netstandard1.6)) (&& (< monotouch) (< net45) (>= netstandard1.6) (< netstandard2.0) (< xamarinios) (< xamarinmac) (< xamarintvos) (< xamarinwatchos)) (&& (< net45) (>= netstandard1.1) (< portable-net451+win81+wpa81)) (&& (>= netstandard1.0) (< portable-net45+win8+wpa81)) (&& (>= uap10.0) (< uap10.1))
      System.Collections.Concurrent (>= 4.3) - restriction: || (&& (< monoandroid) (< net45) (>= netstandard1.2) (< netstandard1.3) (< wpa81)) (&& (< monoandroid) (< net45) (>= netstandard1.3) (< netstandard1.4) (< wpa81)) (&& (< monoandroid) (< net45) (>= netstandard1.4) (< netstandard1.5) (< wpa81)) (&& (< monoandroid) (< net45) (>= netstandard1.5) (< netstandard1.6)) (&& (< monotouch) (< net45) (>= netstandard1.6) (< netstandard2.0) (< xamarinios) (< xamarinmac) (< xamarintvos) (< xamarinwatchos)) (&& (< net45) (>= netstandard1.1) (< portable-net451+win81+wpa81)) (&& (>= uap10.0) (< uap10.1))
      System.Console (>= 4.3) - restriction: || (&& (< monoandroid) (< net45) (>= netstandard1.3) (< netstandard1.4) (< wpa81)) (&& (< monoandroid) (< net45) (>= netstandard1.4) (< netstandard1.5) (< wpa81)) (&& (< monoandroid) (< net45) (>= netstandard1.5) (< netstandard1.6)) (&& (< monotouch) (< net45) (>= netstandard1.6) (< netstandard2.0) (< xamarinios) (< xamarinmac) (< xamarintvos) (< xamarinwatchos)) (&& (>= net46) (< netstandard1.4)) (&& (>= uap10.0) (< uap10.1))
      System.Diagnostics.Debug (>= 4.3) - restriction: || (&& (< monoandroid) (< net45) (>= netstandard1.2) (< netstandard1.3) (< wpa81)) (&& (< monoandroid) (< net45) (>= netstandard1.3) (< netstandard1.4) (< wpa81)) (&& (< monoandroid) (< net45) (>= netstandard1.4) (< netstandard1.5) (< wpa81)) (&& (< monoandroid) (< net45) (>= netstandard1.5) (< netstandard1.6)) (&& (< monotouch) (< net45) (>= netstandard1.6) (< netstandard2.0) (< xamarinios) (< xamarinmac) (< xamarintvos) (< xamarinwatchos)) (&& (< net45) (>= netstandard1.1) (< portable-net451+win81+wpa81)) (&& (>= netstandard1.0) (< portable-net45+win8+wpa81)) (&& (>= uap10.0) (< uap10.1))
      System.Diagnostics.Tools (>= 4.3) - restriction: || (&& (< monoandroid) (< net45) (>= netstandard1.2) (< netstandard1.3) (< wpa81)) (&& (< monoandroid) (< net45) (>= netstandard1.3) (< netstandard1.4) (< wpa81)) (&& (< monoandroid) (< net45) (>= netstandard1.4) (< netstandard1.5) (< wpa81)) (&& (< monoandroid) (< net45) (>= netstandard1.5) (< netstandard1.6)) (&& (< monotouch) (< net45) (>= netstandard1.6) (< netstandard2.0) (< xamarinios) (< xamarinmac) (< xamarintvos) (< xamarinwatchos)) (&& (< net45) (>= netstandard1.1) (< portable-net451+win81+wpa81)) (&& (>= netstandard1.0) (< portable-net45+win8+wpa81)) (&& (>= uap10.0) (< uap10.1))
      System.Diagnostics.Tracing (>= 4.3) - restriction: || (&& (< monoandroid) (< net45) (>= netstandard1.2) (< netstandard1.3) (< wpa81)) (&& (< monoandroid) (< net45) (>= netstandard1.3) (< netstandard1.4) (< wpa81)) (&& (< monoandroid) (< net45) (>= netstandard1.4) (< netstandard1.5) (< wpa81)) (&& (< monoandroid) (< net45) (>= netstandard1.5) (< netstandard1.6)) (&& (< monotouch) (< net45) (>= netstandard1.6) (< netstandard2.0) (< xamarinios) (< xamarinmac) (< xamarintvos) (< xamarinwatchos)) (&& (< net45) (>= netstandard1.1) (< portable-net451+win81+wpa81)) (&& (>= uap10.0) (< uap10.1))
      System.Globalization (>= 4.3) - restriction: || (&& (< monoandroid) (< net45) (>= netstandard1.2) (< netstandard1.3) (< wpa81)) (&& (< monoandroid) (< net45) (>= netstandard1.3) (< netstandard1.4) (< wpa81)) (&& (< monoandroid) (< net45) (>= netstandard1.4) (< netstandard1.5) (< wpa81)) (&& (< monoandroid) (< net45) (>= netstandard1.5) (< netstandard1.6)) (&& (< monotouch) (< net45) (>= netstandard1.6) (< netstandard2.0) (< xamarinios) (< xamarinmac) (< xamarintvos) (< xamarinwatchos)) (&& (< net45) (>= netstandard1.1) (< portable-net451+win81+wpa81)) (&& (>= netstandard1.0) (< portable-net45+win8+wpa81)) (&& (>= uap10.0) (< uap10.1))
      System.Globalization.Calendars (>= 4.3) - restriction: || (&& (< monoandroid) (< net45) (>= netstandard1.3) (< netstandard1.4) (< wpa81)) (&& (< monoandroid) (< net45) (>= netstandard1.4) (< netstandard1.5) (< wpa81)) (&& (< monoandroid) (< net45) (>= netstandard1.5) (< netstandard1.6)) (&& (< monotouch) (< net45) (>= netstandard1.6) (< netstandard2.0) (< xamarinios) (< xamarinmac) (< xamarintvos) (< xamarinwatchos)) (&& (>= net46) (< netstandard1.4)) (&& (>= uap10.0) (< uap10.1))
      System.IO (>= 4.3) - restriction: || (&& (< monoandroid) (< net45) (>= netstandard1.2) (< netstandard1.3) (< wpa81)) (&& (< monoandroid) (< net45) (>= netstandard1.3) (< netstandard1.4) (< wpa81)) (&& (< monoandroid) (< net45) (>= netstandard1.4) (< netstandard1.5) (< wpa81)) (&& (< monoandroid) (< net45) (>= netstandard1.5) (< netstandard1.6)) (&& (< monotouch) (< net45) (>= netstandard1.6) (< netstandard2.0) (< xamarinios) (< xamarinmac) (< xamarintvos) (< xamarinwatchos)) (&& (< net45) (>= netstandard1.1) (< portable-net451+win81+wpa81)) (&& (>= netstandard1.0) (< portable-net45+win8+wpa81)) (&& (>= uap10.0) (< uap10.1))
      System.IO.Compression (>= 4.3) - restriction: || (&& (< monoandroid) (< net45) (>= netstandard1.2) (< netstandard1.3) (< wpa81)) (&& (< monoandroid) (< net45) (>= netstandard1.3) (< netstandard1.4) (< wpa81)) (&& (< monoandroid) (< net45) (>= netstandard1.4) (< netstandard1.5) (< wpa81)) (&& (< monoandroid) (< net45) (>= netstandard1.5) (< netstandard1.6)) (&& (< monotouch) (< net45) (>= netstandard1.6) (< netstandard2.0) (< xamarinios) (< xamarinmac) (< xamarintvos) (< xamarinwatchos)) (&& (< net45) (>= netstandard1.1) (< portable-net451+win81+wpa81)) (&& (>= net46) (< netstandard1.4)) (&& (>= uap10.0) (< uap10.1))
      System.IO.Compression.ZipFile (>= 4.3) - restriction: || (&& (< monoandroid) (< net45) (>= netstandard1.3) (< netstandard1.4) (< wpa81)) (&& (< monoandroid) (< net45) (>= netstandard1.4) (< netstandard1.5) (< wpa81)) (&& (< monoandroid) (< net45) (>= netstandard1.5) (< netstandard1.6)) (&& (< monotouch) (< net45) (>= netstandard1.6) (< netstandard2.0) (< xamarinios) (< xamarinmac) (< xamarintvos) (< xamarinwatchos)) (&& (>= net46) (< netstandard1.4)) (&& (>= uap10.0) (< uap10.1))
      System.IO.FileSystem (>= 4.3) - restriction: || (&& (< monoandroid) (< net45) (>= netstandard1.3) (< netstandard1.4) (< wpa81)) (&& (< monoandroid) (< net45) (>= netstandard1.4) (< netstandard1.5) (< wpa81)) (&& (< monoandroid) (< net45) (>= netstandard1.5) (< netstandard1.6)) (&& (< monotouch) (< net45) (>= netstandard1.6) (< netstandard2.0) (< xamarinios) (< xamarinmac) (< xamarintvos) (< xamarinwatchos)) (&& (>= net46) (< netstandard1.4)) (&& (>= uap10.0) (< uap10.1))
      System.IO.FileSystem.Primitives (>= 4.3) - restriction: || (&& (< monoandroid) (< net45) (>= netstandard1.3) (< netstandard1.4) (< wpa81)) (&& (< monoandroid) (< net45) (>= netstandard1.4) (< netstandard1.5) (< wpa81)) (&& (< monoandroid) (< net45) (>= netstandard1.5) (< netstandard1.6)) (&& (< monotouch) (< net45) (>= netstandard1.6) (< netstandard2.0) (< xamarinios) (< xamarinmac) (< xamarintvos) (< xamarinwatchos)) (&& (>= net46) (< netstandard1.4)) (&& (>= uap10.0) (< uap10.1))
      System.Linq (>= 4.3) - restriction: || (&& (< monoandroid) (< net45) (>= netstandard1.2) (< netstandard1.3) (< wpa81)) (&& (< monoandroid) (< net45) (>= netstandard1.3) (< netstandard1.4) (< wpa81)) (&& (< monoandroid) (< net45) (>= netstandard1.4) (< netstandard1.5) (< wpa81)) (&& (< monoandroid) (< net45) (>= netstandard1.5) (< netstandard1.6)) (&& (< monotouch) (< net45) (>= netstandard1.6) (< netstandard2.0) (< xamarinios) (< xamarinmac) (< xamarintvos) (< xamarinwatchos)) (&& (< net45) (>= netstandard1.1) (< portable-net451+win81+wpa81)) (&& (>= netstandard1.0) (< portable-net45+win8+wpa81)) (&& (>= uap10.0) (< uap10.1))
      System.Linq.Expressions (>= 4.3) - restriction: || (&& (< monoandroid) (< net45) (>= netstandard1.2) (< netstandard1.3) (< wpa81)) (&& (< monoandroid) (< net45) (>= netstandard1.3) (< netstandard1.4) (< wpa81)) (&& (< monoandroid) (< net45) (>= netstandard1.4) (< netstandard1.5) (< wpa81)) (&& (< monoandroid) (< net45) (>= netstandard1.5) (< netstandard1.6)) (&& (< monotouch) (< net45) (>= netstandard1.6) (< netstandard2.0) (< xamarinios) (< xamarinmac) (< xamarintvos) (< xamarinwatchos)) (&& (< net45) (>= netstandard1.1) (< portable-net451+win81+wpa81)) (&& (>= netstandard1.0) (< portable-net45+win8+wpa81)) (&& (>= uap10.0) (< uap10.1))
      System.Net.Http (>= 4.3.2) - restriction: || (&& (< monoandroid) (< net45) (>= netstandard1.2) (< netstandard1.3) (< wpa81)) (&& (< monoandroid) (< net45) (>= netstandard1.3) (< netstandard1.4) (< wpa81)) (&& (< monoandroid) (< net45) (>= netstandard1.4) (< netstandard1.5) (< wpa81)) (&& (< monoandroid) (< net45) (>= netstandard1.5) (< netstandard1.6)) (&& (< monotouch) (< net45) (>= netstandard1.6) (< netstandard2.0) (< xamarinios) (< xamarinmac) (< xamarintvos) (< xamarinwatchos)) (&& (< net45) (>= netstandard1.1) (< portable-net451+win81+wpa81)) (&& (>= net46) (< netstandard1.4)) (&& (>= uap10.0) (< uap10.1))
      System.Net.Primitives (>= 4.3) - restriction: || (&& (< monoandroid) (< net45) (>= netstandard1.2) (< netstandard1.3) (< wpa81)) (&& (< monoandroid) (< net45) (>= netstandard1.3) (< netstandard1.4) (< wpa81)) (&& (< monoandroid) (< net45) (>= netstandard1.4) (< netstandard1.5) (< wpa81)) (&& (< monoandroid) (< net45) (>= netstandard1.5) (< netstandard1.6)) (&& (< monotouch) (< net45) (>= netstandard1.6) (< netstandard2.0) (< xamarinios) (< xamarinmac) (< xamarintvos) (< xamarinwatchos)) (&& (< net45) (>= netstandard1.1) (< portable-net451+win81+wpa81)) (&& (>= netstandard1.0) (< portable-net45+win8+wpa81)) (&& (>= uap10.0) (< uap10.1))
      System.Net.Sockets (>= 4.3) - restriction: || (&& (< monoandroid) (< net45) (>= netstandard1.3) (< netstandard1.4) (< wpa81)) (&& (< monoandroid) (< net45) (>= netstandard1.4) (< netstandard1.5) (< wpa81)) (&& (< monoandroid) (< net45) (>= netstandard1.5) (< netstandard1.6)) (&& (< monotouch) (< net45) (>= netstandard1.6) (< netstandard2.0) (< xamarinios) (< xamarinmac) (< xamarintvos) (< xamarinwatchos)) (&& (>= net46) (< netstandard1.4)) (&& (>= uap10.0) (< uap10.1))
      System.ObjectModel (>= 4.3) - restriction: || (&& (< monoandroid) (< net45) (>= netstandard1.2) (< netstandard1.3) (< wpa81)) (&& (< monoandroid) (< net45) (>= netstandard1.3) (< netstandard1.4) (< wpa81)) (&& (< monoandroid) (< net45) (>= netstandard1.4) (< netstandard1.5) (< wpa81)) (&& (< monoandroid) (< net45) (>= netstandard1.5) (< netstandard1.6)) (&& (< monotouch) (< net45) (>= netstandard1.6) (< netstandard2.0) (< xamarinios) (< xamarinmac) (< xamarintvos) (< xamarinwatchos)) (&& (< net45) (>= netstandard1.1) (< portable-net451+win81+wpa81)) (&& (>= netstandard1.0) (< portable-net45+win8+wpa81)) (&& (>= uap10.0) (< uap10.1))
      System.Reflection (>= 4.3) - restriction: || (&& (< monoandroid) (< net45) (>= netstandard1.2) (< netstandard1.3) (< wpa81)) (&& (< monoandroid) (< net45) (>= netstandard1.3) (< netstandard1.4) (< wpa81)) (&& (< monoandroid) (< net45) (>= netstandard1.4) (< netstandard1.5) (< wpa81)) (&& (< monoandroid) (< net45) (>= netstandard1.5) (< netstandard1.6)) (&& (< monotouch) (< net45) (>= netstandard1.6) (< netstandard2.0) (< xamarinios) (< xamarinmac) (< xamarintvos) (< xamarinwatchos)) (&& (< net45) (>= netstandard1.1) (< portable-net451+win81+wpa81)) (&& (>= netstandard1.0) (< portable-net45+win8+wpa81)) (&& (>= uap10.0) (< uap10.1))
      System.Reflection.Extensions (>= 4.3) - restriction: || (&& (< monoandroid) (< net45) (>= netstandard1.2) (< netstandard1.3) (< wpa81)) (&& (< monoandroid) (< net45) (>= netstandard1.3) (< netstandard1.4) (< wpa81)) (&& (< monoandroid) (< net45) (>= netstandard1.4) (< netstandard1.5) (< wpa81)) (&& (< monoandroid) (< net45) (>= netstandard1.5) (< netstandard1.6)) (&& (< monotouch) (< net45) (>= netstandard1.6) (< netstandard2.0) (< xamarinios) (< xamarinmac) (< xamarintvos) (< xamarinwatchos)) (&& (< net45) (>= netstandard1.1) (< portable-net451+win81+wpa81)) (&& (>= netstandard1.0) (< portable-net45+win8+wpa81)) (&& (>= uap10.0) (< uap10.1))
      System.Reflection.Primitives (>= 4.3) - restriction: || (&& (< monoandroid) (< net45) (>= netstandard1.2) (< netstandard1.3) (< wpa81)) (&& (< monoandroid) (< net45) (>= netstandard1.3) (< netstandard1.4) (< wpa81)) (&& (< monoandroid) (< net45) (>= netstandard1.4) (< netstandard1.5) (< wpa81)) (&& (< monoandroid) (< net45) (>= netstandard1.5) (< netstandard1.6)) (&& (< monotouch) (< net45) (>= netstandard1.6) (< netstandard2.0) (< xamarinios) (< xamarinmac) (< xamarintvos) (< xamarinwatchos)) (&& (< net45) (>= netstandard1.1) (< portable-net451+win81+wpa81)) (&& (>= netstandard1.0) (< portable-net45+win8+wpa81)) (&& (>= uap10.0) (< uap10.1))
      System.Resources.ResourceManager (>= 4.3) - restriction: || (&& (< monoandroid) (< net45) (>= netstandard1.2) (< netstandard1.3) (< wpa81)) (&& (< monoandroid) (< net45) (>= netstandard1.3) (< netstandard1.4) (< wpa81)) (&& (< monoandroid) (< net45) (>= netstandard1.4) (< netstandard1.5) (< wpa81)) (&& (< monoandroid) (< net45) (>= netstandard1.5) (< netstandard1.6)) (&& (< monotouch) (< net45) (>= netstandard1.6) (< netstandard2.0) (< xamarinios) (< xamarinmac) (< xamarintvos) (< xamarinwatchos)) (&& (< net45) (>= netstandard1.1) (< portable-net451+win81+wpa81)) (&& (>= netstandard1.0) (< portable-net45+win8+wpa81)) (&& (>= uap10.0) (< uap10.1))
      System.Runtime (>= 4.3) - restriction: || (&& (< monoandroid) (< net45) (>= netstandard1.2) (< netstandard1.3) (< wpa81)) (&& (< monoandroid) (< net45) (>= netstandard1.3) (< netstandard1.4) (< wpa81)) (&& (< monoandroid) (< net45) (>= netstandard1.4) (< netstandard1.5) (< wpa81)) (&& (< monoandroid) (< net45) (>= netstandard1.5) (< netstandard1.6)) (&& (< monotouch) (< net45) (>= netstandard1.6) (< netstandard2.0) (< xamarinios) (< xamarinmac) (< xamarintvos) (< xamarinwatchos)) (&& (< net45) (>= netstandard1.1) (< portable-net451+win81+wpa81)) (&& (>= netstandard1.0) (< portable-net45+win8+wpa81)) (&& (>= uap10.0) (< uap10.1))
      System.Runtime.Extensions (>= 4.3) - restriction: || (&& (< monoandroid) (< net45) (>= netstandard1.2) (< netstandard1.3) (< wpa81)) (&& (< monoandroid) (< net45) (>= netstandard1.3) (< netstandard1.4) (< wpa81)) (&& (< monoandroid) (< net45) (>= netstandard1.4) (< netstandard1.5) (< wpa81)) (&& (< monoandroid) (< net45) (>= netstandard1.5) (< netstandard1.6)) (&& (< monotouch) (< net45) (>= netstandard1.6) (< netstandard2.0) (< xamarinios) (< xamarinmac) (< xamarintvos) (< xamarinwatchos)) (&& (< net45) (>= netstandard1.1) (< portable-net451+win81+wpa81)) (&& (>= netstandard1.0) (< portable-net45+win8+wpa81)) (&& (>= uap10.0) (< uap10.1))
      System.Runtime.Handles (>= 4.3) - restriction: || (&& (< monoandroid) (< net45) (>= netstandard1.3) (< netstandard1.4) (< wpa81)) (&& (< monoandroid) (< net45) (>= netstandard1.4) (< netstandard1.5) (< wpa81)) (&& (< monoandroid) (< net45) (>= netstandard1.5) (< netstandard1.6)) (&& (< monotouch) (< net45) (>= netstandard1.6) (< netstandard2.0) (< xamarinios) (< xamarinmac) (< xamarintvos) (< xamarinwatchos)) (&& (>= uap10.0) (< uap10.1))
      System.Runtime.InteropServices (>= 4.3) - restriction: || (&& (< monoandroid) (< net45) (>= netstandard1.2) (< netstandard1.3) (< wpa81)) (&& (< monoandroid) (< net45) (>= netstandard1.3) (< netstandard1.4) (< wpa81)) (&& (< monoandroid) (< net45) (>= netstandard1.4) (< netstandard1.5) (< wpa81)) (&& (< monoandroid) (< net45) (>= netstandard1.5) (< netstandard1.6)) (&& (< monotouch) (< net45) (>= netstandard1.6) (< netstandard2.0) (< xamarinios) (< xamarinmac) (< xamarintvos) (< xamarinwatchos)) (&& (< net45) (>= netstandard1.1) (< portable-net451+win81+wpa81)) (&& (>= uap10.0) (< uap10.1))
      System.Runtime.InteropServices.RuntimeInformation (>= 4.3) - restriction: || (&& (< monoandroid) (< net45) (>= netstandard1.2) (< netstandard1.3) (< wpa81)) (&& (< monoandroid) (< net45) (>= netstandard1.3) (< netstandard1.4) (< wpa81)) (&& (< monoandroid) (< net45) (>= netstandard1.4) (< netstandard1.5) (< wpa81)) (&& (< monoandroid) (< net45) (>= netstandard1.5) (< netstandard1.6)) (&& (< monoandroid) (< netstandard1.0) (>= portable-net451+win81+wpa81)) (&& (< monotouch) (< net45) (>= netstandard1.6) (< netstandard2.0) (< xamarinios) (< xamarinmac) (< xamarintvos) (< xamarinwatchos)) (&& (>= net45) (< portable-net451+win81+wpa81)) (&& (< net45) (>= netstandard1.1) (< portable-net451+win81+wpa81)) (&& (>= net451) (< netstandard1.3)) (&& (>= net46) (< netstandard1.4)) (&& (< netstandard1.0) (>= portable-net45+win8+wpa81) (< portable-net451+win81+wpa81)) (&& (< netstandard1.3) (>= wpa81)) (&& (>= uap10.0) (< uap10.1))
      System.Runtime.Numerics (>= 4.3) - restriction: || (&& (< monoandroid) (< net45) (>= netstandard1.2) (< netstandard1.3) (< wpa81)) (&& (< monoandroid) (< net45) (>= netstandard1.3) (< netstandard1.4) (< wpa81)) (&& (< monoandroid) (< net45) (>= netstandard1.4) (< netstandard1.5) (< wpa81)) (&& (< monoandroid) (< net45) (>= netstandard1.5) (< netstandard1.6)) (&& (< monotouch) (< net45) (>= netstandard1.6) (< netstandard2.0) (< xamarinios) (< xamarinmac) (< xamarintvos) (< xamarinwatchos)) (&& (< net45) (>= netstandard1.1) (< portable-net451+win81+wpa81)) (&& (>= uap10.0) (< uap10.1))
      System.Security.Cryptography.Algorithms (>= 4.3) - restriction: || (&& (< monoandroid) (< net45) (>= netstandard1.3) (< netstandard1.4) (< wpa81)) (&& (< monoandroid) (< net45) (>= netstandard1.4) (< netstandard1.5) (< wpa81)) (&& (< monoandroid) (< net45) (>= netstandard1.5) (< netstandard1.6)) (&& (< monotouch) (< net45) (>= netstandard1.6) (< netstandard2.0) (< xamarinios) (< xamarinmac) (< xamarintvos) (< xamarinwatchos)) (&& (>= net46) (< netstandard1.4)) (&& (>= uap10.0) (< uap10.1))
      System.Security.Cryptography.Encoding (>= 4.3) - restriction: || (&& (< monoandroid) (< net45) (>= netstandard1.3) (< netstandard1.4) (< wpa81)) (&& (< monoandroid) (< net45) (>= netstandard1.4) (< netstandard1.5) (< wpa81)) (&& (< monoandroid) (< net45) (>= netstandard1.5) (< netstandard1.6)) (&& (< monotouch) (< net45) (>= netstandard1.6) (< netstandard2.0) (< xamarinios) (< xamarinmac) (< xamarintvos) (< xamarinwatchos)) (&& (>= net46) (< netstandard1.4)) (&& (>= uap10.0) (< uap10.1))
      System.Security.Cryptography.Primitives (>= 4.3) - restriction: || (&& (< monoandroid) (< net45) (>= netstandard1.3) (< netstandard1.4) (< wpa81)) (&& (< monoandroid) (< net45) (>= netstandard1.4) (< netstandard1.5) (< wpa81)) (&& (< monoandroid) (< net45) (>= netstandard1.5) (< netstandard1.6)) (&& (< monotouch) (< net45) (>= netstandard1.6) (< netstandard2.0) (< xamarinios) (< xamarinmac) (< xamarintvos) (< xamarinwatchos)) (&& (>= net46) (< netstandard1.4)) (&& (>= uap10.0) (< uap10.1))
      System.Security.Cryptography.X509Certificates (>= 4.3) - restriction: || (&& (< monoandroid) (< net45) (>= netstandard1.3) (< netstandard1.4) (< wpa81)) (&& (< monoandroid) (< net45) (>= netstandard1.4) (< netstandard1.5) (< wpa81)) (&& (< monoandroid) (< net45) (>= netstandard1.5) (< netstandard1.6)) (&& (< monotouch) (< net45) (>= netstandard1.6) (< netstandard2.0) (< xamarinios) (< xamarinmac) (< xamarintvos) (< xamarinwatchos)) (&& (>= net46) (< netstandard1.4)) (&& (>= uap10.0) (< uap10.1))
      System.Text.Encoding (>= 4.3) - restriction: || (&& (< monoandroid) (< net45) (>= netstandard1.2) (< netstandard1.3) (< wpa81)) (&& (< monoandroid) (< net45) (>= netstandard1.3) (< netstandard1.4) (< wpa81)) (&& (< monoandroid) (< net45) (>= netstandard1.4) (< netstandard1.5) (< wpa81)) (&& (< monoandroid) (< net45) (>= netstandard1.5) (< netstandard1.6)) (&& (< monotouch) (< net45) (>= netstandard1.6) (< netstandard2.0) (< xamarinios) (< xamarinmac) (< xamarintvos) (< xamarinwatchos)) (&& (< net45) (>= netstandard1.1) (< portable-net451+win81+wpa81)) (&& (>= netstandard1.0) (< portable-net45+win8+wpa81)) (&& (>= uap10.0) (< uap10.1))
      System.Text.Encoding.Extensions (>= 4.3) - restriction: || (&& (< monoandroid) (< net45) (>= netstandard1.2) (< netstandard1.3) (< wpa81)) (&& (< monoandroid) (< net45) (>= netstandard1.3) (< netstandard1.4) (< wpa81)) (&& (< monoandroid) (< net45) (>= netstandard1.4) (< netstandard1.5) (< wpa81)) (&& (< monoandroid) (< net45) (>= netstandard1.5) (< netstandard1.6)) (&& (< monotouch) (< net45) (>= netstandard1.6) (< netstandard2.0) (< xamarinios) (< xamarinmac) (< xamarintvos) (< xamarinwatchos)) (&& (< net45) (>= netstandard1.1) (< portable-net451+win81+wpa81)) (&& (>= netstandard1.0) (< portable-net45+win8+wpa81)) (&& (>= uap10.0) (< uap10.1))
      System.Text.RegularExpressions (>= 4.3) - restriction: || (&& (< monoandroid) (< net45) (>= netstandard1.2) (< netstandard1.3) (< wpa81)) (&& (< monoandroid) (< net45) (>= netstandard1.3) (< netstandard1.4) (< wpa81)) (&& (< monoandroid) (< net45) (>= netstandard1.4) (< netstandard1.5) (< wpa81)) (&& (< monoandroid) (< net45) (>= netstandard1.5) (< netstandard1.6)) (&& (< monotouch) (< net45) (>= netstandard1.6) (< netstandard2.0) (< xamarinios) (< xamarinmac) (< xamarintvos) (< xamarinwatchos)) (&& (< net45) (>= netstandard1.1) (< portable-net451+win81+wpa81)) (&& (>= netstandard1.0) (< portable-net45+win8+wpa81)) (&& (>= uap10.0) (< uap10.1))
      System.Threading (>= 4.3) - restriction: || (&& (< monoandroid) (< net45) (>= netstandard1.2) (< netstandard1.3) (< wpa81)) (&& (< monoandroid) (< net45) (>= netstandard1.3) (< netstandard1.4) (< wpa81)) (&& (< monoandroid) (< net45) (>= netstandard1.4) (< netstandard1.5) (< wpa81)) (&& (< monoandroid) (< net45) (>= netstandard1.5) (< netstandard1.6)) (&& (< monotouch) (< net45) (>= netstandard1.6) (< netstandard2.0) (< xamarinios) (< xamarinmac) (< xamarintvos) (< xamarinwatchos)) (&& (< net45) (>= netstandard1.1) (< portable-net451+win81+wpa81)) (&& (>= netstandard1.0) (< portable-net45+win8+wpa81)) (&& (>= uap10.0) (< uap10.1))
      System.Threading.Tasks (>= 4.3) - restriction: || (&& (< monoandroid) (< net45) (>= netstandard1.2) (< netstandard1.3) (< wpa81)) (&& (< monoandroid) (< net45) (>= netstandard1.3) (< netstandard1.4) (< wpa81)) (&& (< monoandroid) (< net45) (>= netstandard1.4) (< netstandard1.5) (< wpa81)) (&& (< monoandroid) (< net45) (>= netstandard1.5) (< netstandard1.6)) (&& (< monotouch) (< net45) (>= netstandard1.6) (< netstandard2.0) (< xamarinios) (< xamarinmac) (< xamarintvos) (< xamarinwatchos)) (&& (< net45) (>= netstandard1.1) (< portable-net451+win81+wpa81)) (&& (>= netstandard1.0) (< portable-net45+win8+wpa81)) (&& (>= uap10.0) (< uap10.1))
      System.Threading.Timer (>= 4.3) - restriction: || (&& (< monoandroid) (< net45) (>= netstandard1.2) (< netstandard1.3) (< wpa81)) (&& (< monoandroid) (< net45) (>= netstandard1.3) (< netstandard1.4) (< wpa81)) (&& (< monoandroid) (< net45) (>= netstandard1.4) (< netstandard1.5) (< wpa81)) (&& (< monoandroid) (< net45) (>= netstandard1.5) (< netstandard1.6)) (&& (< monotouch) (< net45) (>= netstandard1.6) (< netstandard2.0) (< xamarinios) (< xamarinmac) (< xamarintvos) (< xamarinwatchos)) (&& (>= uap10.0) (< uap10.1))
      System.Xml.ReaderWriter (>= 4.3) - restriction: || (&& (< monoandroid) (< net45) (>= netstandard1.2) (< netstandard1.3) (< wpa81)) (&& (< monoandroid) (< net45) (>= netstandard1.3) (< netstandard1.4) (< wpa81)) (&& (< monoandroid) (< net45) (>= netstandard1.4) (< netstandard1.5) (< wpa81)) (&& (< monoandroid) (< net45) (>= netstandard1.5) (< netstandard1.6)) (&& (< monotouch) (< net45) (>= netstandard1.6) (< netstandard2.0) (< xamarinios) (< xamarinmac) (< xamarintvos) (< xamarinwatchos)) (&& (< net45) (>= netstandard1.1) (< portable-net451+win81+wpa81)) (&& (>= net46) (< netstandard1.4)) (&& (>= netstandard1.0) (< portable-net45+win8+wpa81)) (&& (>= uap10.0) (< uap10.1))
      System.Xml.XDocument (>= 4.3) - restriction: || (&& (< monoandroid) (< net45) (>= netstandard1.2) (< netstandard1.3) (< wpa81)) (&& (< monoandroid) (< net45) (>= netstandard1.3) (< netstandard1.4) (< wpa81)) (&& (< monoandroid) (< net45) (>= netstandard1.4) (< netstandard1.5) (< wpa81)) (&& (< monoandroid) (< net45) (>= netstandard1.5) (< netstandard1.6)) (&& (< monotouch) (< net45) (>= netstandard1.6) (< netstandard2.0) (< xamarinios) (< xamarinmac) (< xamarintvos) (< xamarinwatchos)) (&& (< net45) (>= netstandard1.1) (< portable-net451+win81+wpa81)) (&& (>= netstandard1.0) (< portable-net45+win8+wpa81)) (&& (>= uap10.0) (< uap10.1))
    runtime.debian.8-x64.runtime.native.System.Security.Cryptography.OpenSsl (4.3.2) - restriction: || (&& (< monoandroid) (< net45) (>= netstandard1.3) (< netstandard1.4) (< wpa81)) (&& (< monoandroid) (< net45) (>= netstandard1.4) (< netstandard1.5) (< wpa81)) (&& (< monoandroid) (< net45) (< netstandard1.4) (>= netstandard1.6)) (&& (< monoandroid) (< net45) (>= netstandard1.5) (< netstandard1.6)) (&& (< monoandroid) (< net45) (< netstandard1.5) (>= netstandard1.6)) (&& (< monotouch) (< net45) (>= netstandard1.6) (< netstandard2.0) (< xamarinios) (< xamarinmac) (< xamarintvos) (< xamarinwatchos)) (&& (< net45) (>= net46) (< netstandard1.4)) (&& (< net45) (>= netstandard1.6) (< portable-net451+win81+wpa81)) (&& (>= netstandard1.6) (>= uap10.0)) (&& (>= uap10.0) (< uap10.1))
    runtime.fedora.23-x64.runtime.native.System.Security.Cryptography.OpenSsl (4.3.2) - restriction: || (&& (< monoandroid) (< net45) (>= netstandard1.3) (< netstandard1.4) (< wpa81)) (&& (< monoandroid) (< net45) (>= netstandard1.4) (< netstandard1.5) (< wpa81)) (&& (< monoandroid) (< net45) (< netstandard1.4) (>= netstandard1.6)) (&& (< monoandroid) (< net45) (>= netstandard1.5) (< netstandard1.6)) (&& (< monoandroid) (< net45) (< netstandard1.5) (>= netstandard1.6)) (&& (< monotouch) (< net45) (>= netstandard1.6) (< netstandard2.0) (< xamarinios) (< xamarinmac) (< xamarintvos) (< xamarinwatchos)) (&& (< net45) (>= net46) (< netstandard1.4)) (&& (< net45) (>= netstandard1.6) (< portable-net451+win81+wpa81)) (&& (>= netstandard1.6) (>= uap10.0)) (&& (>= uap10.0) (< uap10.1))
    runtime.fedora.24-x64.runtime.native.System.Security.Cryptography.OpenSsl (4.3.2) - restriction: || (&& (< monoandroid) (< net45) (>= netstandard1.3) (< netstandard1.4) (< wpa81)) (&& (< monoandroid) (< net45) (>= netstandard1.4) (< netstandard1.5) (< wpa81)) (&& (< monoandroid) (< net45) (< netstandard1.4) (>= netstandard1.6)) (&& (< monoandroid) (< net45) (>= netstandard1.5) (< netstandard1.6)) (&& (< monoandroid) (< net45) (< netstandard1.5) (>= netstandard1.6)) (&& (< monotouch) (< net45) (>= netstandard1.6) (< netstandard2.0) (< xamarinios) (< xamarinmac) (< xamarintvos) (< xamarinwatchos)) (&& (< net45) (>= net46) (< netstandard1.4)) (&& (< net45) (>= netstandard1.6) (< portable-net451+win81+wpa81)) (&& (>= netstandard1.6) (>= uap10.0)) (&& (>= uap10.0) (< uap10.1))
    runtime.native.System (4.3) - restriction: || (&& (< monoandroid) (< net45) (>= netstandard1.3) (< netstandard1.4) (< win8) (< wpa81)) (&& (< monoandroid) (< net45) (>= netstandard1.4) (< netstandard1.5) (< win8) (< wpa81)) (&& (< monoandroid) (< net45) (< netstandard1.4) (>= netstandard1.6)) (&& (< monoandroid) (< net45) (>= netstandard1.5) (< netstandard1.6)) (&& (< monoandroid) (< net45) (< netstandard1.5) (>= netstandard1.6)) (&& (< monoandroid) (< netstandard1.0) (>= netstandard1.3) (< win8)) (&& (< monotouch) (< net35) (>= netstandard1.3) (< xamarinios) (< xamarinmac) (< xamarintvos) (< xamarinwatchos)) (&& (< monotouch) (< net45) (>= netstandard1.6) (< netstandard2.0) (< xamarinios) (< xamarinmac) (< xamarintvos) (< xamarinwatchos)) (&& (< net45) (>= net46) (< netstandard1.4)) (&& (< net45) (>= netstandard1.3) (< portable-net451+win81+wpa81) (< win8)) (&& (< net45) (>= netstandard1.6) (< portable-net451+win81+wpa81)) (&& (< netstandard1.0) (>= netstandard1.3) (< portable-net451+win81+wpa81) (< win8)) (&& (>= netstandard1.6) (>= uap10.0)) (&& (>= uap10.0) (< win8) (< wpa81))
      Microsoft.NETCore.Platforms (>= 1.1)
      Microsoft.NETCore.Targets (>= 1.1)
    runtime.native.System.IO.Compression (4.3.1) - restriction: || (&& (< monoandroid) (< net45) (>= netstandard1.3) (< netstandard1.4) (< win8) (< wpa81)) (&& (< monoandroid) (< net45) (>= netstandard1.4) (< netstandard1.5) (< win8) (< wpa81)) (&& (< monoandroid) (< net45) (>= netstandard1.5) (< netstandard1.6)) (&& (< monotouch) (< net45) (>= netstandard1.6) (< netstandard2.0) (< xamarinios) (< xamarinmac) (< xamarintvos) (< xamarinwatchos)) (&& (< net45) (>= net46) (< netstandard1.4)) (&& (< net45) (>= netstandard1.3) (< portable-net451+win81+wpa81) (< win8)) (&& (>= net46) (< portable-net45+win8+wpa81)) (&& (>= netstandard1.3) (< portable-net45+win8+wpa81)) (&& (>= netstandard1.4) (< portable-net45+win8+wpa81)) (&& (>= netstandard1.5) (< portable-net45+win8+wpa81)) (&& (>= netstandard1.6) (< portable-net45+win8+wpa81)) (&& (< portable-net45+win8+wpa81) (>= uap10.0)) (&& (>= uap10.0) (< win8) (< wpa81))
      Microsoft.NETCore.Platforms (>= 1.1)
      Microsoft.NETCore.Targets (>= 1.1.1)
    runtime.native.System.Net.Http (4.3) - restriction: || (&& (< monoandroid) (< net45) (< netstandard1.4) (>= netstandard1.6)) (&& (< monoandroid) (< net45) (< netstandard1.5) (>= netstandard1.6)) (&& (< monotouch) (< net45) (>= netstandard1.6) (< netstandard2.0) (< xamarinios) (< xamarinmac) (< xamarintvos) (< xamarinwatchos)) (&& (< net45) (>= net46) (< netstandard1.4) (>= netstandard1.6)) (&& (< net45) (>= netstandard1.6) (< portable-net451+win81+wpa81)) (&& (>= netstandard1.6) (>= uap10.0))
      Microsoft.NETCore.Platforms (>= 1.1)
      Microsoft.NETCore.Targets (>= 1.1)
    runtime.native.System.Security.Cryptography.Apple (4.3.1) - restriction: || (&& (< monoandroid) (< net45) (< netstandard1.4) (>= netstandard1.6)) (&& (< monoandroid) (< net45) (< netstandard1.5) (>= netstandard1.6)) (&& (< monotouch) (< net45) (>= netstandard1.6) (< netstandard2.0) (< xamarinios) (< xamarinmac) (< xamarintvos) (< xamarinwatchos)) (&& (< net45) (>= net46) (< netstandard1.4) (>= netstandard1.6)) (&& (>= netstandard1.6) (>= uap10.0))
      runtime.osx.10.10-x64.runtime.native.System.Security.Cryptography.Apple (>= 4.3.1)
    runtime.native.System.Security.Cryptography.OpenSsl (4.3.2) - restriction: || (&& (< monoandroid) (< net45) (>= netstandard1.3) (< netstandard1.4) (< wpa81)) (&& (< monoandroid) (< net45) (>= netstandard1.4) (< netstandard1.5) (< wpa81)) (&& (< monoandroid) (< net45) (< netstandard1.4) (>= netstandard1.6)) (&& (< monoandroid) (< net45) (>= netstandard1.5) (< netstandard1.6)) (&& (< monoandroid) (< net45) (< netstandard1.5) (>= netstandard1.6)) (&& (< monotouch) (< net45) (>= netstandard1.6) (< netstandard2.0) (< xamarinios) (< xamarinmac) (< xamarintvos) (< xamarinwatchos)) (&& (< net45) (>= net46) (< netstandard1.4)) (&& (< net45) (>= netstandard1.6) (< portable-net451+win81+wpa81)) (&& (>= netstandard1.6) (>= uap10.0)) (&& (>= uap10.0) (< uap10.1))
      runtime.debian.8-x64.runtime.native.System.Security.Cryptography.OpenSsl (>= 4.3.2)
      runtime.fedora.23-x64.runtime.native.System.Security.Cryptography.OpenSsl (>= 4.3.2)
      runtime.fedora.24-x64.runtime.native.System.Security.Cryptography.OpenSsl (>= 4.3.2)
      runtime.opensuse.13.2-x64.runtime.native.System.Security.Cryptography.OpenSsl (>= 4.3.2)
      runtime.opensuse.42.1-x64.runtime.native.System.Security.Cryptography.OpenSsl (>= 4.3.2)
      runtime.osx.10.10-x64.runtime.native.System.Security.Cryptography.OpenSsl (>= 4.3.2)
      runtime.rhel.7-x64.runtime.native.System.Security.Cryptography.OpenSsl (>= 4.3.2)
      runtime.ubuntu.14.04-x64.runtime.native.System.Security.Cryptography.OpenSsl (>= 4.3.2)
      runtime.ubuntu.16.04-x64.runtime.native.System.Security.Cryptography.OpenSsl (>= 4.3.2)
      runtime.ubuntu.16.10-x64.runtime.native.System.Security.Cryptography.OpenSsl (>= 4.3.2)
    runtime.opensuse.13.2-x64.runtime.native.System.Security.Cryptography.OpenSsl (4.3.2) - restriction: || (&& (< monoandroid) (< net45) (>= netstandard1.3) (< netstandard1.4) (< wpa81)) (&& (< monoandroid) (< net45) (>= netstandard1.4) (< netstandard1.5) (< wpa81)) (&& (< monoandroid) (< net45) (< netstandard1.4) (>= netstandard1.6)) (&& (< monoandroid) (< net45) (>= netstandard1.5) (< netstandard1.6)) (&& (< monoandroid) (< net45) (< netstandard1.5) (>= netstandard1.6)) (&& (< monotouch) (< net45) (>= netstandard1.6) (< netstandard2.0) (< xamarinios) (< xamarinmac) (< xamarintvos) (< xamarinwatchos)) (&& (< net45) (>= net46) (< netstandard1.4)) (&& (< net45) (>= netstandard1.6) (< portable-net451+win81+wpa81)) (&& (>= netstandard1.6) (>= uap10.0)) (&& (>= uap10.0) (< uap10.1))
    runtime.opensuse.42.1-x64.runtime.native.System.Security.Cryptography.OpenSsl (4.3.2) - restriction: || (&& (< monoandroid) (< net45) (>= netstandard1.3) (< netstandard1.4) (< wpa81)) (&& (< monoandroid) (< net45) (>= netstandard1.4) (< netstandard1.5) (< wpa81)) (&& (< monoandroid) (< net45) (< netstandard1.4) (>= netstandard1.6)) (&& (< monoandroid) (< net45) (>= netstandard1.5) (< netstandard1.6)) (&& (< monoandroid) (< net45) (< netstandard1.5) (>= netstandard1.6)) (&& (< monotouch) (< net45) (>= netstandard1.6) (< netstandard2.0) (< xamarinios) (< xamarinmac) (< xamarintvos) (< xamarinwatchos)) (&& (< net45) (>= net46) (< netstandard1.4)) (&& (< net45) (>= netstandard1.6) (< portable-net451+win81+wpa81)) (&& (>= netstandard1.6) (>= uap10.0)) (&& (>= uap10.0) (< uap10.1))
    runtime.osx.10.10-x64.runtime.native.System.Security.Cryptography.Apple (4.3.1) - restriction: || (&& (< monoandroid) (< net45) (< netstandard1.4) (>= netstandard1.6)) (&& (< monoandroid) (< net45) (< netstandard1.5) (>= netstandard1.6)) (&& (< monotouch) (< net45) (>= netstandard1.6) (< netstandard2.0) (< xamarinios) (< xamarinmac) (< xamarintvos) (< xamarinwatchos)) (&& (< net45) (>= net46) (< netstandard1.4) (>= netstandard1.6)) (&& (>= netstandard1.6) (>= uap10.0))
    runtime.osx.10.10-x64.runtime.native.System.Security.Cryptography.OpenSsl (4.3.2) - restriction: || (&& (< monoandroid) (< net45) (>= netstandard1.3) (< netstandard1.4) (< wpa81)) (&& (< monoandroid) (< net45) (>= netstandard1.4) (< netstandard1.5) (< wpa81)) (&& (< monoandroid) (< net45) (< netstandard1.4) (>= netstandard1.6)) (&& (< monoandroid) (< net45) (>= netstandard1.5) (< netstandard1.6)) (&& (< monoandroid) (< net45) (< netstandard1.5) (>= netstandard1.6)) (&& (< monotouch) (< net45) (>= netstandard1.6) (< netstandard2.0) (< xamarinios) (< xamarinmac) (< xamarintvos) (< xamarinwatchos)) (&& (< net45) (>= net46) (< netstandard1.4)) (&& (< net45) (>= netstandard1.6) (< portable-net451+win81+wpa81)) (&& (>= netstandard1.6) (>= uap10.0)) (&& (>= uap10.0) (< uap10.1))
    runtime.rhel.7-x64.runtime.native.System.Security.Cryptography.OpenSsl (4.3.2) - restriction: || (&& (< monoandroid) (< net45) (>= netstandard1.3) (< netstandard1.4) (< wpa81)) (&& (< monoandroid) (< net45) (>= netstandard1.4) (< netstandard1.5) (< wpa81)) (&& (< monoandroid) (< net45) (< netstandard1.4) (>= netstandard1.6)) (&& (< monoandroid) (< net45) (>= netstandard1.5) (< netstandard1.6)) (&& (< monoandroid) (< net45) (< netstandard1.5) (>= netstandard1.6)) (&& (< monotouch) (< net45) (>= netstandard1.6) (< netstandard2.0) (< xamarinios) (< xamarinmac) (< xamarintvos) (< xamarinwatchos)) (&& (< net45) (>= net46) (< netstandard1.4)) (&& (< net45) (>= netstandard1.6) (< portable-net451+win81+wpa81)) (&& (>= netstandard1.6) (>= uap10.0)) (&& (>= uap10.0) (< uap10.1))
    runtime.ubuntu.14.04-x64.runtime.native.System.Security.Cryptography.OpenSsl (4.3.2) - restriction: || (&& (< monoandroid) (< net45) (>= netstandard1.3) (< netstandard1.4) (< wpa81)) (&& (< monoandroid) (< net45) (>= netstandard1.4) (< netstandard1.5) (< wpa81)) (&& (< monoandroid) (< net45) (< netstandard1.4) (>= netstandard1.6)) (&& (< monoandroid) (< net45) (>= netstandard1.5) (< netstandard1.6)) (&& (< monoandroid) (< net45) (< netstandard1.5) (>= netstandard1.6)) (&& (< monotouch) (< net45) (>= netstandard1.6) (< netstandard2.0) (< xamarinios) (< xamarinmac) (< xamarintvos) (< xamarinwatchos)) (&& (< net45) (>= net46) (< netstandard1.4)) (&& (< net45) (>= netstandard1.6) (< portable-net451+win81+wpa81)) (&& (>= netstandard1.6) (>= uap10.0)) (&& (>= uap10.0) (< uap10.1))
    runtime.ubuntu.16.04-x64.runtime.native.System.Security.Cryptography.OpenSsl (4.3.2) - restriction: || (&& (< monoandroid) (< net45) (>= netstandard1.3) (< netstandard1.4) (< wpa81)) (&& (< monoandroid) (< net45) (>= netstandard1.4) (< netstandard1.5) (< wpa81)) (&& (< monoandroid) (< net45) (< netstandard1.4) (>= netstandard1.6)) (&& (< monoandroid) (< net45) (>= netstandard1.5) (< netstandard1.6)) (&& (< monoandroid) (< net45) (< netstandard1.5) (>= netstandard1.6)) (&& (< monotouch) (< net45) (>= netstandard1.6) (< netstandard2.0) (< xamarinios) (< xamarinmac) (< xamarintvos) (< xamarinwatchos)) (&& (< net45) (>= net46) (< netstandard1.4)) (&& (< net45) (>= netstandard1.6) (< portable-net451+win81+wpa81)) (&& (>= netstandard1.6) (>= uap10.0)) (&& (>= uap10.0) (< uap10.1))
    runtime.ubuntu.16.10-x64.runtime.native.System.Security.Cryptography.OpenSsl (4.3.2) - restriction: || (&& (< monoandroid) (< net45) (>= netstandard1.3) (< netstandard1.4) (< wpa81)) (&& (< monoandroid) (< net45) (>= netstandard1.4) (< netstandard1.5) (< wpa81)) (&& (< monoandroid) (< net45) (< netstandard1.4) (>= netstandard1.6)) (&& (< monoandroid) (< net45) (>= netstandard1.5) (< netstandard1.6)) (&& (< monoandroid) (< net45) (< netstandard1.5) (>= netstandard1.6)) (&& (< monotouch) (< net45) (>= netstandard1.6) (< netstandard2.0) (< xamarinios) (< xamarinmac) (< xamarintvos) (< xamarinwatchos)) (&& (< net45) (>= net46) (< netstandard1.4)) (&& (< net45) (>= netstandard1.6) (< portable-net451+win81+wpa81)) (&& (>= netstandard1.6) (>= uap10.0)) (&& (>= uap10.0) (< uap10.1))
    System.AppContext (4.3) - restriction: || (&& (< monoandroid) (< net35) (>= netstandard1.3) (< netstandard1.4) (< wpa81)) (&& (< monoandroid) (< net35) (>= netstandard1.4) (< netstandard1.5) (< wpa81)) (&& (< monoandroid) (< net35) (>= netstandard1.5) (< netstandard1.6)) (&& (< monoandroid) (< net45) (>= netstandard1.3) (< netstandard1.4) (< wpa81)) (&& (< monoandroid) (< net45) (>= netstandard1.4) (< netstandard1.5) (< wpa81)) (&& (< monoandroid) (< net45) (>= netstandard1.5) (< netstandard1.6)) (&& (< monotouch) (< net35) (>= netstandard1.6) (< netstandard2.0) (< xamarinios) (< xamarinmac) (< xamarintvos) (< xamarinwatchos)) (&& (< monotouch) (< net45) (>= netstandard1.6) (< netstandard2.0) (< xamarinios) (< xamarinmac) (< xamarintvos) (< xamarinwatchos)) (&& (>= net45) (>= uap10.0)) (&& (>= net46) (< netstandard1.4)) (&& (>= uap10.0) (< uap10.1))
      System.Runtime (>= 4.3) - restriction: || (&& (< monoandroid) (< net46) (>= netstandard1.3) (< netstandard1.6)) (&& (< monoandroid) (< netstandard1.3)) (&& (< monotouch) (< net46) (>= netstandard1.6) (< xamarinios) (< xamarinmac) (< xamarintvos) (< xamarinwatchos))
    System.Buffers (4.4) - restriction: || (&& (< monoandroid) (< net45) (>= netstandard1.3) (< netstandard1.4) (< wpa81)) (&& (< monoandroid) (< net45) (>= netstandard1.4) (< netstandard1.5) (< wpa81)) (&& (< monoandroid) (< net45) (>= netstandard1.5) (< netstandard1.6)) (&& (< monotouch) (< net45) (>= netstandard1.6) (< netstandard2.0) (< xamarinios) (< xamarinmac) (< xamarintvos) (< xamarinwatchos)) (&& (< net45) (>= net46) (< netstandard1.4)) (&& (< net45) (>= netstandard1.3) (< portable-net451+win81+wpa81) (< win8)) (&& (>= net46) (< portable-net45+win8+wpa81)) (&& (>= netstandard1.3) (< portable-net45+win8+wpa81)) (&& (>= netstandard1.4) (< portable-net45+win8+wpa81)) (&& (>= netstandard1.5) (< portable-net45+win8+wpa81)) (&& (>= netstandard1.6) (< portable-net45+win8+wpa81)) (&& (< portable-net45+win8+wpa81) (>= uap10.0)) (&& (>= uap10.0) (< uap10.1)) (&& (>= uap10.0) (< win8) (< wpa81))
      System.Diagnostics.Debug (>= 4.3) - restriction: && (>= netstandard1.1) (< netstandard2.0) (< xamarinmac)
      System.Diagnostics.Tracing (>= 4.3) - restriction: && (>= netstandard1.1) (< netstandard2.0) (< xamarinmac)
      System.Resources.ResourceManager (>= 4.3) - restriction: && (>= netstandard1.1) (< netstandard2.0) (< xamarinmac)
      System.Runtime (>= 4.3) - restriction: && (>= netstandard1.1) (< netstandard2.0) (< xamarinmac)
      System.Threading (>= 4.3) - restriction: && (>= netstandard1.1) (< netstandard2.0) (< xamarinmac)
    System.Collections (4.3) - restriction: || (&& (< monoandroid) (< monotouch) (< net45) (< win8) (< wp8) (< wpa81) (< xamarinios)) (&& (< monoandroid) (< net35) (>= netstandard1.3) (< netstandard1.5) (< win8) (< wpa81)) (&& (< monoandroid) (< net45) (>= netstandard1.0) (< netstandard1.6) (< win8) (< wp8) (< wpa81)) (&& (< monoandroid) (< net45) (>= netstandard1.3) (< netstandard1.4) (< wpa81)) (&& (< monoandroid) (< net45) (>= netstandard1.3) (< netstandard1.6) (< win8) (< wpa81)) (&& (< monoandroid) (< net45) (< netstandard1.3) (>= netstandard1.4) (< wpa81)) (&& (< monoandroid) (< net45) (< netstandard1.3) (>= netstandard1.5)) (&& (< monoandroid) (< net45) (< netstandard1.3) (>= netstandard1.6)) (&& (< monoandroid) (< net45) (>= netstandard1.4) (< netstandard1.5) (< wpa81)) (&& (< monoandroid) (< net45) (< netstandard1.4) (>= netstandard1.6)) (&& (< monoandroid) (< net45) (>= netstandard1.5) (< netstandard1.6)) (&& (< monoandroid) (< net45) (< netstandard1.5) (>= netstandard1.6)) (&& (< monotouch) (< net35) (>= netstandard1.3) (< xamarinios) (< xamarinmac) (< xamarintvos) (< xamarinwatchos)) (&& (< monotouch) (< net35) (>= netstandard1.5) (< xamarinios) (< xamarinmac) (< xamarintvos) (< xamarinwatchos)) (&& (< monotouch) (< net35) (>= netstandard1.6) (< xamarinios) (< xamarinmac) (< xamarintvos) (< xamarinwatchos)) (&& (< monotouch) (< net45) (>= netstandard1.3) (< win8) (< wpa81) (< xamarinios) (< xamarinmac) (< xamarintvos) (< xamarinwatchos)) (&& (< monotouch) (< net45) (>= netstandard1.6) (< xamarinios) (< xamarinmac) (< xamarintvos) (< xamarinwatchos)) (&& (>= net45) (< netstandard2.0)) (&& (< net45) (>= net46) (< netstandard1.3)) (&& (< net45) (>= net46) (< netstandard1.4)) (&& (< net45) (>= netstandard1.3) (< portable-net451+win81+wpa81)) (&& (< net45) (>= netstandard1.6) (< portable-net451+win81+wpa81)) (&& (>= net46) (< portable-net45+win8+wpa81)) (&& (>= netstandard1.3) (< netstandard2.0) (< xamarinmac)) (&& (>= netstandard1.3) (< portable-net45+win8+wpa81)) (&& (< netstandard1.3) (>= uap10.0)) (&& (>= netstandard1.4) (< portable-net45+win8+wpa81)) (&& (>= netstandard1.5) (< portable-net45+win8+wpa81)) (&& (>= netstandard1.6) (< portable-net45+win8+wpa81)) (&& (>= netstandard1.6) (>= uap10.0)) (< portable-net45+win8+wp8+wpa81) (&& (< portable-net45+win8+wpa81) (>= uap10.0)) (&& (>= uap10.0) (< uap10.1)) (&& (>= uap10.0) (< win8) (< wpa81))
      Microsoft.NETCore.Platforms (>= 1.1) - restriction: || (&& (< monoandroid) (< net45) (>= netstandard1.0) (< netstandard1.3) (< win8) (< wp8) (< wpa81)) (&& (< monotouch) (< net45) (>= netstandard1.3) (< win8) (< wpa81) (< xamarinios) (< xamarinmac) (< xamarintvos) (< xamarinwatchos)) (< portable-net45+win8+wp8+wpa81)
      Microsoft.NETCore.Targets (>= 1.1) - restriction: || (&& (< monoandroid) (< net45) (>= netstandard1.0) (< netstandard1.3) (< win8) (< wp8) (< wpa81)) (&& (< monotouch) (< net45) (>= netstandard1.3) (< win8) (< wpa81) (< xamarinios) (< xamarinmac) (< xamarintvos) (< xamarinwatchos)) (< portable-net45+win8+wp8+wpa81)
      System.Runtime (>= 4.3) - restriction: || (&& (< monoandroid) (< net45) (>= netstandard1.0) (< netstandard1.3) (< win8) (< wp8) (< wpa81)) (&& (< monotouch) (< net45) (>= netstandard1.3) (< win8) (< wpa81) (< xamarinios) (< xamarinmac) (< xamarintvos) (< xamarinwatchos)) (< portable-net45+win8+wp8+wpa81)
    System.Collections.Concurrent (4.3) - restriction: || (&& (< monoandroid) (< net45) (>= netstandard1.3) (< netstandard1.4) (< wpa81)) (&& (< monoandroid) (< net45) (>= netstandard1.4) (< netstandard1.5) (< wpa81)) (&& (< monoandroid) (< net45) (>= netstandard1.5) (< netstandard1.6)) (&& (< monotouch) (< net45) (>= netstandard1.6) (< netstandard2.0) (< xamarinios) (< xamarinmac) (< xamarintvos) (< xamarinwatchos)) (&& (< net45) (>= netstandard1.3) (< portable-net451+win81+wpa81)) (&& (>= uap10.0) (< uap10.1))
      System.Collections (>= 4.3) - restriction: || (&& (< monotouch) (< net45) (>= netstandard1.3) (< win8) (< wpa81) (< xamarinios) (< xamarinmac) (< xamarintvos) (< xamarinwatchos)) (< portable-net45+win8+wpa81)
      System.Diagnostics.Debug (>= 4.3) - restriction: || (&& (< monotouch) (< net45) (>= netstandard1.3) (< win8) (< wpa81) (< xamarinios) (< xamarinmac) (< xamarintvos) (< xamarinwatchos)) (< portable-net45+win8+wpa81)
      System.Diagnostics.Tracing (>= 4.3) - restriction: || (&& (< monotouch) (< net45) (>= netstandard1.3) (< win8) (< wpa81) (< xamarinios) (< xamarinmac) (< xamarintvos) (< xamarinwatchos)) (< portable-net45+win8+wpa81)
      System.Globalization (>= 4.3) - restriction: || (&& (< monotouch) (< net45) (>= netstandard1.3) (< win8) (< wpa81) (< xamarinios) (< xamarinmac) (< xamarintvos) (< xamarinwatchos)) (< portable-net45+win8+wpa81)
      System.Reflection (>= 4.3) - restriction: && (< monotouch) (< net45) (>= netstandard1.3) (< win8) (< wpa81) (< xamarinios) (< xamarinmac) (< xamarintvos) (< xamarinwatchos)
      System.Resources.ResourceManager (>= 4.3) - restriction: || (&& (< monotouch) (< net45) (>= netstandard1.3) (< win8) (< wpa81) (< xamarinios) (< xamarinmac) (< xamarintvos) (< xamarinwatchos)) (< portable-net45+win8+wpa81)
      System.Runtime (>= 4.3) - restriction: || (&& (< monoandroid) (< net45) (>= netstandard1.1) (< netstandard1.3) (< win8) (< wpa81)) (&& (< monotouch) (< net45) (>= netstandard1.3) (< win8) (< wpa81) (< xamarinios) (< xamarinmac) (< xamarintvos) (< xamarinwatchos)) (< portable-net45+win8+wpa81)
      System.Runtime.Extensions (>= 4.3) - restriction: || (&& (< monotouch) (< net45) (>= netstandard1.3) (< win8) (< wpa81) (< xamarinios) (< xamarinmac) (< xamarintvos) (< xamarinwatchos)) (< portable-net45+win8+wpa81)
      System.Threading (>= 4.3) - restriction: || (&& (< monotouch) (< net45) (>= netstandard1.3) (< win8) (< wpa81) (< xamarinios) (< xamarinmac) (< xamarintvos) (< xamarinwatchos)) (< portable-net45+win8+wpa81)
      System.Threading.Tasks (>= 4.3) - restriction: || (&& (< monoandroid) (< net45) (>= netstandard1.1) (< netstandard1.3) (< win8) (< wpa81)) (&& (< monotouch) (< net45) (>= netstandard1.3) (< win8) (< wpa81) (< xamarinios) (< xamarinmac) (< xamarintvos) (< xamarinwatchos)) (< portable-net45+win8+wpa81)
    System.Collections.NonGeneric (4.3) - restriction: || (&& (< monotouch) (< net35) (>= netstandard1.3) (< xamarinios) (< xamarinmac) (< xamarintvos) (< xamarinwatchos)) (&& (< monotouch) (< net35) (>= netstandard1.5) (< xamarinios) (< xamarinmac) (< xamarintvos) (< xamarinwatchos)) (&& (< net35) (>= net462))
      System.Diagnostics.Debug (>= 4.3) - restriction: && (< monotouch) (< net46) (>= netstandard1.3) (< xamarinios) (< xamarinmac) (< xamarintvos) (< xamarinwatchos)
      System.Globalization (>= 4.3) - restriction: && (< monotouch) (< net46) (>= netstandard1.3) (< xamarinios) (< xamarinmac) (< xamarintvos) (< xamarinwatchos)
      System.Resources.ResourceManager (>= 4.3) - restriction: && (< monotouch) (< net46) (>= netstandard1.3) (< xamarinios) (< xamarinmac) (< xamarintvos) (< xamarinwatchos)
      System.Runtime (>= 4.3) - restriction: && (< monotouch) (< net46) (>= netstandard1.3) (< xamarinios) (< xamarinmac) (< xamarintvos) (< xamarinwatchos)
      System.Runtime.Extensions (>= 4.3) - restriction: && (< monotouch) (< net46) (>= netstandard1.3) (< xamarinios) (< xamarinmac) (< xamarintvos) (< xamarinwatchos)
      System.Threading (>= 4.3) - restriction: && (< monotouch) (< net46) (>= netstandard1.3) (< xamarinios) (< xamarinmac) (< xamarintvos) (< xamarinwatchos)
    System.Collections.Specialized (4.3) - restriction: || (&& (< monotouch) (< net35) (>= netstandard1.5) (< xamarinios) (< xamarinmac) (< xamarintvos) (< xamarinwatchos)) (&& (< net35) (>= netstandard1.3))
      System.Collections.NonGeneric (>= 4.3) - restriction: && (< monotouch) (< net46) (>= netstandard1.3) (< xamarinios) (< xamarinmac) (< xamarintvos) (< xamarinwatchos)
      System.Globalization (>= 4.3) - restriction: && (< monotouch) (< net46) (>= netstandard1.3) (< xamarinios) (< xamarinmac) (< xamarintvos) (< xamarinwatchos)
      System.Globalization.Extensions (>= 4.3) - restriction: && (< monotouch) (< net46) (>= netstandard1.3) (< xamarinios) (< xamarinmac) (< xamarintvos) (< xamarinwatchos)
      System.Resources.ResourceManager (>= 4.3) - restriction: && (< monotouch) (< net46) (>= netstandard1.3) (< xamarinios) (< xamarinmac) (< xamarintvos) (< xamarinwatchos)
      System.Runtime (>= 4.3) - restriction: && (< monotouch) (< net46) (>= netstandard1.3) (< xamarinios) (< xamarinmac) (< xamarintvos) (< xamarinwatchos)
      System.Runtime.Extensions (>= 4.3) - restriction: && (< monotouch) (< net46) (>= netstandard1.3) (< xamarinios) (< xamarinmac) (< xamarintvos) (< xamarinwatchos)
      System.Threading (>= 4.3) - restriction: && (< monotouch) (< net46) (>= netstandard1.3) (< xamarinios) (< xamarinmac) (< xamarintvos) (< xamarinwatchos)
    System.ComponentModel (4.3) - restriction: || (&& (< monotouch) (< net35) (>= netstandard1.5) (< xamarinios) (< xamarinmac) (< xamarintvos) (< xamarinwatchos)) (&& (< net35) (>= netstandard1.3))
      System.Runtime (>= 4.3) - restriction: || (&& (< monoandroid) (< net45) (>= netstandard1.0) (< netstandard1.3) (< win8) (< wp8) (< wpa81)) (&& (< monotouch) (< net45) (>= netstandard1.3) (< win8) (< wpa81) (< xamarinios) (< xamarinmac) (< xamarintvos) (< xamarinwatchos)) (< portable-net45+win8+wp8+wpa81)
    System.ComponentModel.Primitives (4.3) - restriction: || (&& (< monoandroid) (< net35) (>= netstandard1.3) (< netstandard1.5) (< win8)) (&& (< monotouch) (< net35) (>= netstandard1.5) (< xamarinios) (< xamarinmac) (< xamarintvos) (< xamarinwatchos)) (&& (< net35) (>= net45) (>= netstandard1.3) (< netstandard1.5)) (&& (< net35) (>= net462)) (&& (< netstandard1.0) (>= netstandard1.3) (>= win8)) (&& (>= netstandard1.3) (>= wp8)) (&& (>= netstandard1.3) (>= wpa81))
      System.ComponentModel (>= 4.3) - restriction: && (< monotouch) (< net45) (>= netstandard1.0) (< win8) (< wp8) (< wpa81) (< xamarinios) (< xamarinmac) (< xamarintvos) (< xamarinwatchos)
      System.Resources.ResourceManager (>= 4.3) - restriction: && (< monotouch) (< net45) (>= netstandard1.0) (< win8) (< wp8) (< wpa81) (< xamarinios) (< xamarinmac) (< xamarintvos) (< xamarinwatchos)
      System.Runtime (>= 4.3) - restriction: && (< monotouch) (< net45) (>= netstandard1.0) (< win8) (< wp8) (< wpa81) (< xamarinios) (< xamarinmac) (< xamarintvos) (< xamarinwatchos)
    System.ComponentModel.TypeConverter (4.3) - restriction: && (< net35) (>= netstandard1.3)
      System.Collections (>= 4.3) - restriction: || (&& (< monoandroid) (< net45) (>= netstandard1.0) (< netstandard1.5) (< win8) (< wp8) (< wpa81)) (&& (< monotouch) (< net45) (>= netstandard1.5) (< xamarinios) (< xamarinmac) (< xamarintvos) (< xamarinwatchos))
      System.Collections.NonGeneric (>= 4.3) - restriction: || (&& (< monotouch) (< net45) (>= netstandard1.5) (< xamarinios) (< xamarinmac) (< xamarintvos) (< xamarinwatchos)) (>= net462)
      System.Collections.Specialized (>= 4.3) - restriction: && (< monotouch) (< net45) (>= netstandard1.5) (< xamarinios) (< xamarinmac) (< xamarintvos) (< xamarinwatchos)
      System.ComponentModel (>= 4.3) - restriction: || (&& (< monoandroid) (< net45) (>= netstandard1.0) (< netstandard1.5) (< win8) (< wp8) (< wpa81)) (&& (< monotouch) (< net45) (>= netstandard1.5) (< xamarinios) (< xamarinmac) (< xamarintvos) (< xamarinwatchos))
      System.ComponentModel.Primitives (>= 4.3) - restriction: || (&& (< monoandroid) (< net45) (>= netstandard1.0) (< netstandard1.5) (< win8)) (&& (< monotouch) (< net45) (>= netstandard1.5) (< xamarinios) (< xamarinmac) (< xamarintvos) (< xamarinwatchos)) (&& (>= net45) (< netstandard1.5)) (>= net462) (&& (< netstandard1.0) (>= win8)) (>= wp8) (>= wpa81)
      System.Globalization (>= 4.3) - restriction: || (&& (< monoandroid) (< net45) (>= netstandard1.0) (< netstandard1.5) (< win8) (< wp8) (< wpa81)) (&& (< monotouch) (< net45) (>= netstandard1.5) (< xamarinios) (< xamarinmac) (< xamarintvos) (< xamarinwatchos))
      System.Linq (>= 4.3) - restriction: && (< monotouch) (< net45) (>= netstandard1.5) (< xamarinios) (< xamarinmac) (< xamarintvos) (< xamarinwatchos)
      System.Reflection (>= 4.3) - restriction: || (&& (< monoandroid) (< net45) (>= netstandard1.0) (< netstandard1.5) (< win8) (< wp8) (< wpa81)) (&& (< monotouch) (< net45) (>= netstandard1.5) (< xamarinios) (< xamarinmac) (< xamarintvos) (< xamarinwatchos))
      System.Reflection.Extensions (>= 4.3) - restriction: || (&& (< monoandroid) (< net45) (>= netstandard1.0) (< netstandard1.5) (< win8) (< wp8) (< wpa81)) (&& (< monotouch) (< net45) (>= netstandard1.5) (< xamarinios) (< xamarinmac) (< xamarintvos) (< xamarinwatchos))
      System.Reflection.Primitives (>= 4.3) - restriction: || (&& (< monoandroid) (< net45) (>= netstandard1.0) (< netstandard1.5) (< win8) (< wp8) (< wpa81)) (&& (< monotouch) (< net45) (>= netstandard1.5) (< xamarinios) (< xamarinmac) (< xamarintvos) (< xamarinwatchos))
      System.Reflection.TypeExtensions (>= 4.3) - restriction: && (< monotouch) (< net45) (>= netstandard1.5) (< xamarinios) (< xamarinmac) (< xamarintvos) (< xamarinwatchos)
      System.Resources.ResourceManager (>= 4.3) - restriction: || (&& (< monoandroid) (< net45) (>= netstandard1.0) (< netstandard1.5) (< win8) (< wp8) (< wpa81)) (&& (< monotouch) (< net45) (>= netstandard1.5) (< xamarinios) (< xamarinmac) (< xamarintvos) (< xamarinwatchos))
      System.Runtime (>= 4.3) - restriction: || (&& (< monoandroid) (< net45) (>= netstandard1.0) (< netstandard1.5) (< win8) (< wp8) (< wpa81)) (&& (< monotouch) (< net45) (>= netstandard1.5) (< xamarinios) (< xamarinmac) (< xamarintvos) (< xamarinwatchos))
      System.Runtime.Extensions (>= 4.3) - restriction: || (&& (< monoandroid) (< net45) (>= netstandard1.0) (< netstandard1.5) (< win8) (< wp8) (< wpa81)) (&& (< monotouch) (< net45) (>= netstandard1.5) (< xamarinios) (< xamarinmac) (< xamarintvos) (< xamarinwatchos))
      System.Threading (>= 4.3) - restriction: || (&& (< monoandroid) (< net45) (>= netstandard1.0) (< netstandard1.5) (< win8) (< wp8) (< wpa81)) (&& (< monotouch) (< net45) (>= netstandard1.5) (< xamarinios) (< xamarinmac) (< xamarintvos) (< xamarinwatchos))
    System.Console (4.3) - restriction: || (&& (< monoandroid) (< net35) (>= netstandard1.3) (< netstandard1.4) (< wpa81)) (&& (< monoandroid) (< net35) (>= netstandard1.4) (< netstandard1.5) (< wpa81)) (&& (< monoandroid) (< net35) (>= netstandard1.5) (< netstandard1.6)) (&& (< monoandroid) (< net45) (>= netstandard1.3) (< netstandard1.4) (< wpa81)) (&& (< monoandroid) (< net45) (>= netstandard1.4) (< netstandard1.5) (< wpa81)) (&& (< monoandroid) (< net45) (>= netstandard1.5) (< netstandard1.6)) (&& (< monotouch) (< net35) (>= netstandard1.6) (< netstandard2.0) (< xamarinios) (< xamarinmac) (< xamarintvos) (< xamarinwatchos)) (&& (< monotouch) (< net45) (>= netstandard1.6) (< netstandard2.0) (< xamarinios) (< xamarinmac) (< xamarintvos) (< xamarinwatchos)) (&& (>= net45) (>= uap10.0)) (&& (>= net46) (< netstandard1.4)) (&& (>= uap10.0) (< uap10.1))
      Microsoft.NETCore.Platforms (>= 1.1) - restriction: && (< monotouch) (< net46) (>= netstandard1.3) (< xamarinios) (< xamarinmac) (< xamarintvos) (< xamarinwatchos)
      Microsoft.NETCore.Targets (>= 1.1) - restriction: && (< monotouch) (< net46) (>= netstandard1.3) (< xamarinios) (< xamarinmac) (< xamarintvos) (< xamarinwatchos)
      System.IO (>= 4.3) - restriction: && (< monotouch) (< net46) (>= netstandard1.3) (< xamarinios) (< xamarinmac) (< xamarintvos) (< xamarinwatchos)
      System.Runtime (>= 4.3) - restriction: && (< monotouch) (< net46) (>= netstandard1.3) (< xamarinios) (< xamarinmac) (< xamarintvos) (< xamarinwatchos)
      System.Text.Encoding (>= 4.3) - restriction: && (< monotouch) (< net46) (>= netstandard1.3) (< xamarinios) (< xamarinmac) (< xamarintvos) (< xamarinwatchos)
    System.Diagnostics.Debug (4.3) - restriction: || (&& (< monoandroid) (< monotouch) (< net45) (< win8) (< wp8) (< wpa81) (< xamarinios)) (&& (< monoandroid) (< net45) (>= netstandard1.3) (< netstandard1.4) (< wpa81)) (&& (< monoandroid) (< net45) (>= netstandard1.4) (< netstandard1.5) (< wpa81)) (&& (< monoandroid) (< net45) (< netstandard1.4) (>= netstandard1.6)) (&& (< monoandroid) (< net45) (>= netstandard1.5) (< netstandard1.6)) (&& (< monoandroid) (< net45) (< netstandard1.5) (>= netstandard1.6)) (&& (< monotouch) (< net35) (>= netstandard1.3) (< xamarinios) (< xamarinmac) (< xamarintvos) (< xamarinwatchos)) (&& (< monotouch) (< net45) (>= netstandard1.3) (< win8) (< wpa81) (< xamarinios) (< xamarinmac) (< xamarintvos) (< xamarinwatchos)) (&& (< monotouch) (< net45) (>= netstandard1.6) (< xamarinios) (< xamarinmac) (< xamarintvos) (< xamarinwatchos)) (&& (< net45) (>= net46) (< netstandard1.4)) (&& (< net45) (>= netstandard1.3) (< portable-net451+win81+wpa81)) (&& (< net45) (>= netstandard1.6) (< portable-net451+win81+wpa81)) (&& (>= net46) (< portable-net45+win8+wpa81)) (&& (>= netstandard1.3) (< portable-net45+win8+wpa81)) (&& (>= netstandard1.4) (< portable-net45+win8+wpa81)) (&& (>= netstandard1.5) (< portable-net45+win8+wpa81)) (&& (>= netstandard1.6) (< portable-net45+win8+wpa81)) (&& (>= netstandard1.6) (>= uap10.0)) (< portable-net45+win8+wp8+wpa81) (&& (< portable-net45+win8+wpa81) (>= uap10.0)) (&& (>= uap10.0) (< uap10.1)) (&& (>= uap10.0) (< win8) (< wpa81))
      Microsoft.NETCore.Platforms (>= 1.1) - restriction: || (&& (< monoandroid) (< net45) (>= netstandard1.0) (< netstandard1.3) (< win8) (< wp8) (< wpa81)) (&& (< monotouch) (< net45) (>= netstandard1.3) (< win8) (< wpa81) (< xamarinios) (< xamarinmac) (< xamarintvos) (< xamarinwatchos)) (< portable-net45+win8+wp8+wpa81)
      Microsoft.NETCore.Targets (>= 1.1) - restriction: || (&& (< monoandroid) (< net45) (>= netstandard1.0) (< netstandard1.3) (< win8) (< wp8) (< wpa81)) (&& (< monotouch) (< net45) (>= netstandard1.3) (< win8) (< wpa81) (< xamarinios) (< xamarinmac) (< xamarintvos) (< xamarinwatchos)) (< portable-net45+win8+wp8+wpa81)
      System.Runtime (>= 4.3) - restriction: || (&& (< monoandroid) (< net45) (>= netstandard1.0) (< netstandard1.3) (< win8) (< wp8) (< wpa81)) (&& (< monotouch) (< net45) (>= netstandard1.3) (< win8) (< wpa81) (< xamarinios) (< xamarinmac) (< xamarintvos) (< xamarinwatchos)) (< portable-net45+win8+wp8+wpa81)
    System.Diagnostics.DiagnosticSource (4.4.1) - restriction: || (&& (< monoandroid) (< net45) (>= netstandard1.3) (< netstandard1.4) (< win8) (< wpa81)) (&& (< monoandroid) (< net45) (>= netstandard1.4) (< netstandard1.5) (< win8) (< wpa81)) (&& (< monoandroid) (< net45) (< netstandard1.4) (>= netstandard1.6)) (&& (< monoandroid) (< net45) (>= netstandard1.5) (< netstandard1.6)) (&& (< monoandroid) (< net45) (< netstandard1.5) (>= netstandard1.6)) (&& (< monotouch) (< net45) (>= netstandard1.6) (< netstandard2.0) (< xamarinios) (< xamarinmac) (< xamarintvos) (< xamarinwatchos)) (&& (< net45) (>= net46) (< netstandard1.4)) (&& (< net45) (>= netstandard1.3) (< portable-net451+win81+wpa81) (< win8)) (&& (< net45) (>= netstandard1.6) (< portable-net451+win81+wpa81)) (&& (>= net46) (< portable-net45+win8+wpa81)) (&& (>= netstandard1.3) (< portable-net45+win8+wpa81)) (&& (>= netstandard1.4) (< portable-net45+win8+wpa81)) (&& (>= netstandard1.5) (< portable-net45+win8+wpa81)) (&& (>= netstandard1.6) (< portable-net45+win8+wpa81)) (&& (>= netstandard1.6) (>= uap10.0)) (&& (< portable-net45+win8+wpa81) (>= uap10.0)) (&& (>= uap10.0) (< win8) (< wpa81))
      System.Collections (>= 4.3) - restriction: || (&& (< net45) (< netcoreapp2.0) (>= netstandard1.3) (< xamarinmac)) (&& (< net45) (>= netstandard1.1) (< netstandard1.3))
      System.Diagnostics.Debug (>= 4.3) - restriction: && (< net45) (< netcoreapp2.0) (>= netstandard1.3) (< xamarinmac)
      System.Diagnostics.Tracing (>= 4.3) - restriction: || (&& (< net45) (< netcoreapp2.0) (>= netstandard1.3) (< xamarinmac)) (&& (< net45) (>= netstandard1.1) (< netstandard1.3))
      System.Reflection (>= 4.3) - restriction: || (&& (< net45) (< netcoreapp2.0) (>= netstandard1.3) (< xamarinmac)) (&& (< net45) (>= netstandard1.1) (< netstandard1.3))
      System.Runtime (>= 4.3) - restriction: || (&& (< net45) (< netcoreapp2.0) (>= netstandard1.3) (< xamarinmac)) (&& (< net45) (>= netstandard1.1) (< netstandard1.3))
      System.Runtime.Extensions (>= 4.3) - restriction: && (< net45) (< netcoreapp2.0) (>= netstandard1.3) (< xamarinmac)
      System.Threading (>= 4.3) - restriction: || (&& (< net45) (< netcoreapp2.0) (>= netstandard1.3) (< xamarinmac)) (&& (< net45) (>= netstandard1.1) (< netstandard1.3))
    System.Diagnostics.Tools (4.3) - restriction: || (&& (< monoandroid) (< net45) (>= netstandard1.3) (< netstandard1.4) (< wpa81)) (&& (< monoandroid) (< net45) (>= netstandard1.4) (< netstandard1.5) (< wpa81)) (&& (< monoandroid) (< net45) (>= netstandard1.5) (< netstandard1.6)) (&& (< monotouch) (< net45) (>= netstandard1.6) (< netstandard2.0) (< xamarinios) (< xamarinmac) (< xamarintvos) (< xamarinwatchos)) (&& (< net45) (>= netstandard1.3) (< portable-net451+win81+wpa81)) (&& (>= netstandard1.3) (< portable-net45+win8+wp8+wpa81)) (&& (>= netstandard1.3) (< portable-net45+win8+wpa81)) (&& (>= netstandard1.4) (< portable-net45+win8+wp8+wpa81)) (&& (>= netstandard1.5) (< portable-net45+win8+wp8+wpa81)) (&& (>= netstandard1.6) (< portable-net45+win8+wp8+wpa81)) (&& (< portable-net45+win8+wp8+wpa81) (>= uap10.0)) (&& (>= uap10.0) (< uap10.1)) (&& (>= uap10.0) (< win8) (< wpa81))
      Microsoft.NETCore.Platforms (>= 1.1) - restriction: || (&& (< monotouch) (< net45) (>= netstandard1.0) (< win8) (< wp8) (< wpa81) (< xamarinios) (< xamarinmac) (< xamarintvos) (< xamarinwatchos)) (< portable-net45+win8+wp8+wpa81)
      Microsoft.NETCore.Targets (>= 1.1) - restriction: || (&& (< monotouch) (< net45) (>= netstandard1.0) (< win8) (< wp8) (< wpa81) (< xamarinios) (< xamarinmac) (< xamarintvos) (< xamarinwatchos)) (< portable-net45+win8+wp8+wpa81)
      System.Runtime (>= 4.3) - restriction: || (&& (< monotouch) (< net45) (>= netstandard1.0) (< win8) (< wp8) (< wpa81) (< xamarinios) (< xamarinmac) (< xamarintvos) (< xamarinwatchos)) (< portable-net45+win8+wp8+wpa81)
    System.Diagnostics.TraceSource (4.3) - restriction: && (< net35) (>= netstandard1.3)
      Microsoft.NETCore.Platforms (>= 1.1) - restriction: && (< monotouch) (< net46) (>= netstandard1.3) (< xamarinios) (< xamarinmac) (< xamarintvos) (< xamarinwatchos)
      runtime.native.System (>= 4.3) - restriction: && (< monotouch) (< net46) (>= netstandard1.3) (< xamarinios) (< xamarinmac) (< xamarintvos) (< xamarinwatchos)
      System.Collections (>= 4.3) - restriction: && (< monotouch) (< net46) (>= netstandard1.3) (< xamarinios) (< xamarinmac) (< xamarintvos) (< xamarinwatchos)
      System.Diagnostics.Debug (>= 4.3) - restriction: && (< monotouch) (< net46) (>= netstandard1.3) (< xamarinios) (< xamarinmac) (< xamarintvos) (< xamarinwatchos)
      System.Globalization (>= 4.3) - restriction: && (< monotouch) (< net46) (>= netstandard1.3) (< xamarinios) (< xamarinmac) (< xamarintvos) (< xamarinwatchos)
      System.Resources.ResourceManager (>= 4.3) - restriction: && (< monotouch) (< net46) (>= netstandard1.3) (< xamarinios) (< xamarinmac) (< xamarintvos) (< xamarinwatchos)
      System.Runtime (>= 4.3) - restriction: && (< monotouch) (< net46) (>= netstandard1.3) (< xamarinios) (< xamarinmac) (< xamarintvos) (< xamarinwatchos)
      System.Runtime.Extensions (>= 4.3) - restriction: && (< monotouch) (< net46) (>= netstandard1.3) (< xamarinios) (< xamarinmac) (< xamarintvos) (< xamarinwatchos)
      System.Threading (>= 4.3) - restriction: && (< monotouch) (< net46) (>= netstandard1.3) (< xamarinios) (< xamarinmac) (< xamarintvos) (< xamarinwatchos)
    System.Diagnostics.Tracing (4.3) - restriction: || (&& (< monoandroid) (< net45) (>= netstandard1.3) (< netstandard1.4) (< wpa81)) (&& (< monoandroid) (< net45) (>= netstandard1.4) (< netstandard1.5) (< wpa81)) (&& (< monoandroid) (< net45) (< netstandard1.4) (>= netstandard1.6)) (&& (< monoandroid) (< net45) (>= netstandard1.5) (< netstandard1.6)) (&& (< monoandroid) (< net45) (< netstandard1.5) (>= netstandard1.6)) (&& (< monotouch) (< net45) (>= netstandard1.6) (< netstandard2.0) (< xamarinios) (< xamarinmac) (< xamarintvos) (< xamarinwatchos)) (&& (< net45) (>= net46) (< netstandard1.4)) (&& (< net45) (>= netstandard1.3) (< portable-net451+win81+wpa81)) (&& (< net45) (>= netstandard1.6) (< portable-net451+win81+wpa81)) (&& (>= net46) (< portable-net45+win8+wpa81)) (&& (>= netstandard1.3) (< portable-net45+win8+wpa81)) (&& (>= netstandard1.4) (< portable-net45+win8+wpa81)) (&& (>= netstandard1.5) (< portable-net45+win8+wpa81)) (&& (>= netstandard1.6) (< portable-net45+win8+wpa81)) (&& (>= netstandard1.6) (>= uap10.0)) (&& (< portable-net45+win8+wpa81) (>= uap10.0)) (&& (>= uap10.0) (< uap10.1)) (&& (>= uap10.0) (< win8) (< wpa81))
      Microsoft.NETCore.Platforms (>= 1.1) - restriction: || (&& (< monoandroid) (< net45) (>= netstandard1.1) (< netstandard1.2) (< win8)) (&& (< monoandroid) (< net45) (>= netstandard1.2) (< netstandard1.3) (< win8) (< wpa81)) (&& (< monoandroid) (< net45) (>= netstandard1.3) (< netstandard1.5) (< win8) (< wpa81)) (&& (< monotouch) (< net45) (>= netstandard1.5) (< xamarinios) (< xamarinmac) (< xamarintvos) (< xamarinwatchos)) (< portable-net45+win8+wpa81)
      Microsoft.NETCore.Targets (>= 1.1) - restriction: || (&& (< monoandroid) (< net45) (>= netstandard1.1) (< netstandard1.2) (< win8)) (&& (< monoandroid) (< net45) (>= netstandard1.2) (< netstandard1.3) (< win8) (< wpa81)) (&& (< monoandroid) (< net45) (>= netstandard1.3) (< netstandard1.5) (< win8) (< wpa81)) (&& (< monotouch) (< net45) (>= netstandard1.5) (< xamarinios) (< xamarinmac) (< xamarintvos) (< xamarinwatchos)) (< portable-net45+win8+wpa81)
      System.Runtime (>= 4.3) - restriction: || (&& (< monoandroid) (< net45) (>= netstandard1.1) (< netstandard1.2) (< win8)) (&& (< monoandroid) (< net45) (>= netstandard1.2) (< netstandard1.3) (< win8) (< wpa81)) (&& (< monoandroid) (< net45) (>= netstandard1.3) (< netstandard1.5) (< win8) (< wpa81)) (&& (< monotouch) (< net45) (>= netstandard1.5) (< xamarinios) (< xamarinmac) (< xamarintvos) (< xamarinwatchos)) (< portable-net45+win8+wpa81)
    System.Dynamic.Runtime (4.3) - restriction: && (< net35) (>= netstandard1.3)
      System.Collections (>= 4.3) - restriction: || (&& (< monotouch) (< net45) (>= netstandard1.3) (< win8) (< wpa81) (< xamarinios) (< xamarinmac) (< xamarintvos) (< xamarinwatchos)) (< portable-net45+win8+wp8+wpa81)
      System.Diagnostics.Debug (>= 4.3) - restriction: || (&& (< monotouch) (< net45) (>= netstandard1.3) (< win8) (< wpa81) (< xamarinios) (< xamarinmac) (< xamarintvos) (< xamarinwatchos)) (< portable-net45+win8+wp8+wpa81)
      System.Linq (>= 4.3) - restriction: || (&& (< monotouch) (< net45) (>= netstandard1.3) (< win8) (< wpa81) (< xamarinios) (< xamarinmac) (< xamarintvos) (< xamarinwatchos)) (< portable-net45+win8+wp8+wpa81)
      System.Linq.Expressions (>= 4.3) - restriction: || (&& (< monoandroid) (< net45) (>= netstandard1.0) (< netstandard1.3) (< win8) (< wp8) (< wpa81)) (&& (< monotouch) (< net45) (>= netstandard1.3) (< win8) (< wpa81) (< xamarinios) (< xamarinmac) (< xamarintvos) (< xamarinwatchos)) (< portable-net45+win8+wp8+wpa81)
      System.ObjectModel (>= 4.3) - restriction: || (&& (< monoandroid) (< net45) (>= netstandard1.0) (< netstandard1.3) (< win8) (< wp8) (< wpa81)) (&& (< monotouch) (< net45) (>= netstandard1.3) (< win8) (< wpa81) (< xamarinios) (< xamarinmac) (< xamarintvos) (< xamarinwatchos)) (< portable-net45+win8+wp8+wpa81)
      System.Reflection (>= 4.3) - restriction: || (&& (< monoandroid) (< net45) (>= netstandard1.0) (< netstandard1.3) (< win8) (< wp8) (< wpa81)) (&& (< monotouch) (< net45) (>= netstandard1.3) (< win8) (< wpa81) (< xamarinios) (< xamarinmac) (< xamarintvos) (< xamarinwatchos)) (< portable-net45+win8+wp8+wpa81)
      System.Reflection.Emit (>= 4.3) - restriction: && (< monotouch) (< net45) (>= netstandard1.3) (< win8) (< wpa81) (< xamarinios) (< xamarinmac) (< xamarintvos) (< xamarinwatchos)
      System.Reflection.Emit.ILGeneration (>= 4.3) - restriction: && (< monotouch) (< net45) (>= netstandard1.3) (< win8) (< wpa81) (< xamarinios) (< xamarinmac) (< xamarintvos) (< xamarinwatchos)
      System.Reflection.Primitives (>= 4.3) - restriction: && (< monotouch) (< net45) (>= netstandard1.3) (< win8) (< wpa81) (< xamarinios) (< xamarinmac) (< xamarintvos) (< xamarinwatchos)
      System.Reflection.TypeExtensions (>= 4.3) - restriction: || (&& (< monotouch) (< net45) (>= netstandard1.3) (< win8) (< wpa81) (< xamarinios) (< xamarinmac) (< xamarintvos) (< xamarinwatchos)) (< portable-net45+win8+wp8+wpa81)
      System.Resources.ResourceManager (>= 4.3) - restriction: || (&& (< monotouch) (< net45) (>= netstandard1.3) (< win8) (< wpa81) (< xamarinios) (< xamarinmac) (< xamarintvos) (< xamarinwatchos)) (< portable-net45+win8+wp8+wpa81)
      System.Runtime (>= 4.3) - restriction: || (&& (< monoandroid) (< net45) (>= netstandard1.0) (< netstandard1.3) (< win8) (< wp8) (< wpa81)) (&& (< monotouch) (< net45) (>= netstandard1.3) (< win8) (< wpa81) (< xamarinios) (< xamarinmac) (< xamarintvos) (< xamarinwatchos)) (< portable-net45+win8+wp8+wpa81)
      System.Runtime.Extensions (>= 4.3) - restriction: || (&& (< monotouch) (< net45) (>= netstandard1.3) (< win8) (< wpa81) (< xamarinios) (< xamarinmac) (< xamarintvos) (< xamarinwatchos)) (< portable-net45+win8+wp8+wpa81)
      System.Threading (>= 4.3) - restriction: || (&& (< monotouch) (< net45) (>= netstandard1.3) (< win8) (< wpa81) (< xamarinios) (< xamarinmac) (< xamarintvos) (< xamarinwatchos)) (< portable-net45+win8+wp8+wpa81)
    System.Globalization (4.3) - restriction: || (&& (< monoandroid) (< monotouch) (< net45) (< win8) (< wp8) (< wpa81) (< xamarinios)) (&& (< monoandroid) (< net35) (>= netstandard1.3) (< netstandard1.5) (< win8) (< wpa81)) (&& (< monoandroid) (< net45) (>= netstandard1.3) (< netstandard1.4) (< wpa81)) (&& (< monoandroid) (< net45) (< netstandard1.3) (>= netstandard1.4) (< wpa81)) (&& (< monoandroid) (< net45) (< netstandard1.3) (>= netstandard1.5)) (&& (< monoandroid) (< net45) (< netstandard1.3) (>= netstandard1.6)) (&& (< monoandroid) (< net45) (>= netstandard1.4) (< netstandard1.5) (< wpa81)) (&& (< monoandroid) (< net45) (< netstandard1.4) (>= netstandard1.6)) (&& (< monoandroid) (< net45) (>= netstandard1.5) (< netstandard1.6)) (&& (< monoandroid) (< net45) (< netstandard1.5) (>= netstandard1.6)) (&& (< monotouch) (< net35) (>= netstandard1.3) (< xamarinios) (< xamarinmac) (< xamarintvos) (< xamarinwatchos)) (&& (< monotouch) (< net35) (>= netstandard1.5) (< xamarinios) (< xamarinmac) (< xamarintvos) (< xamarinwatchos)) (&& (< monotouch) (< net35) (>= netstandard1.6) (< xamarinios) (< xamarinmac) (< xamarintvos) (< xamarinwatchos)) (&& (< monotouch) (< net45) (>= netstandard1.3) (< win8) (< wpa81) (< xamarinios) (< xamarinmac) (< xamarintvos) (< xamarinwatchos)) (&& (< monotouch) (< net45) (>= netstandard1.6) (< xamarinios) (< xamarinmac) (< xamarintvos) (< xamarinwatchos)) (&& (< net45) (>= net46) (< netstandard1.3)) (&& (< net45) (>= net46) (< netstandard1.4)) (&& (< net45) (>= netstandard1.3) (< portable-net451+win81+wpa81)) (&& (< net45) (>= netstandard1.6) (< portable-net451+win81+wpa81)) (&& (>= net46) (< portable-net45+win8+wpa81)) (&& (>= netstandard1.3) (< portable-net45+win8+wpa81)) (&& (< netstandard1.3) (>= uap10.0)) (&& (>= netstandard1.4) (< portable-net45+win8+wpa81)) (&& (>= netstandard1.5) (< portable-net45+win8+wpa81)) (&& (>= netstandard1.6) (< portable-net45+win8+wpa81)) (&& (>= netstandard1.6) (>= uap10.0)) (< portable-net45+win8+wp8+wpa81) (&& (< portable-net45+win8+wpa81) (>= uap10.0)) (&& (>= uap10.0) (< uap10.1)) (&& (>= uap10.0) (< win8) (< wpa81))
      Microsoft.NETCore.Platforms (>= 1.1) - restriction: || (&& (< monoandroid) (< net45) (>= netstandard1.0) (< netstandard1.3) (< win8) (< wp8) (< wpa81)) (&& (< monotouch) (< net45) (>= netstandard1.3) (< win8) (< wpa81) (< xamarinios) (< xamarinmac) (< xamarintvos) (< xamarinwatchos)) (< portable-net45+win8+wp8+wpa81)
      Microsoft.NETCore.Targets (>= 1.1) - restriction: || (&& (< monoandroid) (< net45) (>= netstandard1.0) (< netstandard1.3) (< win8) (< wp8) (< wpa81)) (&& (< monotouch) (< net45) (>= netstandard1.3) (< win8) (< wpa81) (< xamarinios) (< xamarinmac) (< xamarintvos) (< xamarinwatchos)) (< portable-net45+win8+wp8+wpa81)
      System.Runtime (>= 4.3) - restriction: || (&& (< monoandroid) (< net45) (>= netstandard1.0) (< netstandard1.3) (< win8) (< wp8) (< wpa81)) (&& (< monotouch) (< net45) (>= netstandard1.3) (< win8) (< wpa81) (< xamarinios) (< xamarinmac) (< xamarintvos) (< xamarinwatchos)) (< portable-net45+win8+wp8+wpa81)
    System.Globalization.Calendars (4.3) - restriction: || (&& (< monoandroid) (< net35) (>= netstandard1.3) (< netstandard1.4) (< wpa81)) (&& (< monoandroid) (< net35) (>= netstandard1.4) (< netstandard1.5) (< wpa81)) (&& (< monoandroid) (< net35) (>= netstandard1.5) (< netstandard1.6)) (&& (< monoandroid) (< net45) (>= netstandard1.3) (< netstandard1.4) (< wpa81)) (&& (< monoandroid) (< net45) (< netstandard1.3) (>= netstandard1.4) (< wpa81)) (&& (< monoandroid) (< net45) (< netstandard1.3) (>= netstandard1.5)) (&& (< monoandroid) (< net45) (< netstandard1.3) (>= netstandard1.6)) (&& (< monoandroid) (< net45) (>= netstandard1.4) (< netstandard1.5) (< wpa81)) (&& (< monoandroid) (< net45) (< netstandard1.4) (>= netstandard1.6)) (&& (< monoandroid) (< net45) (>= netstandard1.5) (< netstandard1.6)) (&& (< monoandroid) (< net45) (< netstandard1.5) (>= netstandard1.6)) (&& (< monotouch) (< net35) (>= netstandard1.6) (< netstandard2.0) (< xamarinios) (< xamarinmac) (< xamarintvos) (< xamarinwatchos)) (&& (< monotouch) (< net45) (>= netstandard1.6) (< netstandard2.0) (< xamarinios) (< xamarinmac) (< xamarintvos) (< xamarinwatchos)) (&& (>= net45) (>= uap10.0)) (&& (< net45) (>= net46) (< netstandard1.3)) (&& (>= net46) (< netstandard1.4)) (&& (< netstandard1.3) (>= uap10.0)) (&& (>= netstandard1.6) (>= uap10.0)) (&& (>= uap10.0) (< uap10.1))
      Microsoft.NETCore.Platforms (>= 1.1) - restriction: && (< monotouch) (< net46) (>= netstandard1.3) (< xamarinios) (< xamarinmac) (< xamarintvos) (< xamarinwatchos)
      Microsoft.NETCore.Targets (>= 1.1) - restriction: && (< monotouch) (< net46) (>= netstandard1.3) (< xamarinios) (< xamarinmac) (< xamarintvos) (< xamarinwatchos)
      System.Globalization (>= 4.3) - restriction: && (< monotouch) (< net46) (>= netstandard1.3) (< xamarinios) (< xamarinmac) (< xamarintvos) (< xamarinwatchos)
      System.Runtime (>= 4.3) - restriction: && (< monotouch) (< net46) (>= netstandard1.3) (< xamarinios) (< xamarinmac) (< xamarintvos) (< xamarinwatchos)
    System.Globalization.Extensions (4.3) - restriction: || (&& (< monoandroid) (< net45) (< netstandard1.4) (>= netstandard1.6)) (&& (< monoandroid) (< net45) (< netstandard1.5) (>= netstandard1.6)) (&& (< monotouch) (< net35) (>= netstandard1.3) (< xamarinios) (< xamarinmac) (< xamarintvos) (< xamarinwatchos)) (&& (< monotouch) (< net45) (>= netstandard1.6) (< netstandard2.0) (< xamarinios) (< xamarinmac) (< xamarintvos) (< xamarinwatchos)) (&& (< net45) (>= net46) (< netstandard1.4) (>= netstandard1.6)) (&& (< net45) (>= netstandard1.6) (< portable-net451+win81+wpa81)) (&& (>= netstandard1.6) (>= uap10.0))
      Microsoft.NETCore.Platforms (>= 1.1) - restriction: && (< monotouch) (< net46) (>= netstandard1.3) (< xamarinios) (< xamarinmac) (< xamarintvos) (< xamarinwatchos)
      System.Globalization (>= 4.3) - restriction: && (< monotouch) (< net46) (>= netstandard1.3) (< xamarinios) (< xamarinmac) (< xamarintvos) (< xamarinwatchos)
      System.Resources.ResourceManager (>= 4.3) - restriction: && (< monotouch) (< net46) (>= netstandard1.3) (< xamarinios) (< xamarinmac) (< xamarintvos) (< xamarinwatchos)
      System.Runtime (>= 4.3) - restriction: && (< monotouch) (< net46) (>= netstandard1.3) (< xamarinios) (< xamarinmac) (< xamarintvos) (< xamarinwatchos)
      System.Runtime.Extensions (>= 4.3) - restriction: && (< monotouch) (< net46) (>= netstandard1.3) (< xamarinios) (< xamarinmac) (< xamarintvos) (< xamarinwatchos)
      System.Runtime.InteropServices (>= 4.3) - restriction: && (< monotouch) (< net46) (>= netstandard1.3) (< xamarinios) (< xamarinmac) (< xamarintvos) (< xamarinwatchos)
    System.IO (4.3) - restriction: || (&& (< monoandroid) (< monotouch) (< net45) (< win8) (< wp8) (< wpa81) (< xamarinios)) (&& (< monoandroid) (< net35) (>= netstandard1.3) (< netstandard1.4) (< wpa81)) (&& (< monoandroid) (< net35) (>= netstandard1.3) (< netstandard1.5) (< win8) (< wpa81)) (&& (< monoandroid) (< net35) (>= netstandard1.4) (< netstandard1.5) (< wpa81)) (&& (< monoandroid) (< net35) (>= netstandard1.5) (< netstandard1.6)) (&& (< monoandroid) (< net45) (>= netstandard1.0) (< netstandard1.3) (< win8) (< wp8) (< wpa81)) (&& (< monoandroid) (< net45) (>= netstandard1.3) (< netstandard1.4) (< wpa81)) (&& (< monoandroid) (< net45) (>= netstandard1.3) (< netstandard1.5) (< win8) (< wpa81)) (&& (< monoandroid) (< net45) (< netstandard1.3) (>= netstandard1.4) (< wpa81)) (&& (< monoandroid) (< net45) (< netstandard1.3) (>= netstandard1.5)) (&& (< monoandroid) (< net45) (< netstandard1.3) (>= netstandard1.6)) (&& (< monoandroid) (< net45) (>= netstandard1.4) (< netstandard1.5) (< wpa81)) (&& (< monoandroid) (< net45) (< netstandard1.4) (>= netstandard1.5)) (&& (< monoandroid) (< net45) (< netstandard1.4) (>= netstandard1.6)) (&& (< monoandroid) (< net45) (>= netstandard1.5) (< netstandard1.6)) (&& (< monoandroid) (< net45) (< netstandard1.5) (>= netstandard1.6)) (&& (< monotouch) (< net35) (>= netstandard1.3) (< xamarinios) (< xamarinmac) (< xamarintvos) (< xamarinwatchos)) (&& (< monotouch) (< net35) (>= netstandard1.5) (< xamarinios) (< xamarinmac) (< xamarintvos) (< xamarinwatchos)) (&& (< monotouch) (< net35) (>= netstandard1.6) (< xamarinios) (< xamarinmac) (< xamarintvos) (< xamarinwatchos)) (&& (< monotouch) (< net45) (>= netstandard1.5) (< xamarinios) (< xamarinmac) (< xamarintvos) (< xamarinwatchos)) (&& (< monotouch) (< net45) (>= netstandard1.6) (< xamarinios) (< xamarinmac) (< xamarintvos) (< xamarinwatchos)) (&& (< net35) (>= netstandard1.3) (< portable-net451+win81+wpa81) (< win8)) (&& (>= net45) (>= uap10.0)) (&& (< net45) (>= net46) (< netstandard1.3)) (&& (< net45) (>= net46) (< netstandard1.4)) (&& (< net45) (>= net462)) (&& (< net45) (>= netstandard1.3) (< portable-net451+win81+wpa81)) (&& (< net45) (>= netstandard1.5) (< portable-net451+win81+wpa81)) (&& (< net45) (>= netstandard1.6) (< portable-net451+win81+wpa81)) (&& (>= net46) (< portable-net45+win8+wpa81)) (&& (>= netstandard1.3) (< portable-net45+win8+wpa81)) (&& (< netstandard1.3) (>= uap10.0)) (&& (>= netstandard1.4) (< portable-net45+win8+wpa81)) (&& (>= netstandard1.5) (< portable-net45+win8+wpa81)) (&& (>= netstandard1.5) (>= uap10.0)) (&& (>= netstandard1.6) (< portable-net45+win8+wpa81)) (&& (>= netstandard1.6) (>= uap10.0)) (< portable-net45+win8+wp8+wpa81) (&& (< portable-net45+win8+wpa81) (>= uap10.0)) (&& (>= uap10.0) (< uap10.1)) (&& (>= uap10.0) (< win8) (< wpa81))
      Microsoft.NETCore.Platforms (>= 1.1) - restriction: || (&& (< monoandroid) (< net45) (>= netstandard1.0) (< netstandard1.3) (< win8) (< wp8) (< wpa81)) (&& (< monoandroid) (< net45) (>= netstandard1.3) (< netstandard1.5) (< win8) (< wpa81)) (&& (< monotouch) (< net45) (>= netstandard1.5) (< xamarinios) (< xamarinmac) (< xamarintvos) (< xamarinwatchos)) (< portable-net45+win8+wp8+wpa81)
      Microsoft.NETCore.Targets (>= 1.1) - restriction: || (&& (< monoandroid) (< net45) (>= netstandard1.0) (< netstandard1.3) (< win8) (< wp8) (< wpa81)) (&& (< monoandroid) (< net45) (>= netstandard1.3) (< netstandard1.5) (< win8) (< wpa81)) (&& (< monotouch) (< net45) (>= netstandard1.5) (< xamarinios) (< xamarinmac) (< xamarintvos) (< xamarinwatchos)) (< portable-net45+win8+wp8+wpa81)
      System.Runtime (>= 4.3) - restriction: || (&& (< monoandroid) (< net45) (>= netstandard1.0) (< netstandard1.3) (< win8) (< wp8) (< wpa81)) (&& (< monoandroid) (< net45) (>= netstandard1.3) (< netstandard1.5) (< win8) (< wpa81)) (&& (< monotouch) (< net45) (>= netstandard1.5) (< xamarinios) (< xamarinmac) (< xamarintvos) (< xamarinwatchos)) (< portable-net45+win8+wp8+wpa81)
      System.Text.Encoding (>= 4.3) - restriction: || (&& (< monoandroid) (< net45) (>= netstandard1.0) (< netstandard1.3) (< win8) (< wp8) (< wpa81)) (&& (< monoandroid) (< net45) (>= netstandard1.3) (< netstandard1.5) (< win8) (< wpa81)) (&& (< monotouch) (< net45) (>= netstandard1.5) (< xamarinios) (< xamarinmac) (< xamarintvos) (< xamarinwatchos)) (< portable-net45+win8+wp8+wpa81)
      System.Threading.Tasks (>= 4.3) - restriction: || (&& (< monoandroid) (< net45) (>= netstandard1.0) (< netstandard1.3) (< win8) (< wp8) (< wpa81)) (&& (< monoandroid) (< net45) (>= netstandard1.3) (< netstandard1.5) (< win8) (< wpa81)) (&& (< monotouch) (< net45) (>= netstandard1.5) (< xamarinios) (< xamarinmac) (< xamarintvos) (< xamarinwatchos)) (< portable-net45+win8+wp8+wpa81)
    System.IO.Compression (4.3) - restriction: || (&& (< monoandroid) (< net35) (>= netstandard1.3) (< netstandard1.4) (< wpa81)) (&& (< monoandroid) (< net35) (>= netstandard1.4) (< netstandard1.5) (< wpa81)) (&& (< monoandroid) (< net35) (>= netstandard1.5) (< netstandard1.6)) (&& (< monoandroid) (< net45) (>= netstandard1.3) (< netstandard1.4) (< wpa81)) (&& (< monoandroid) (< net45) (>= netstandard1.4) (< netstandard1.5) (< wpa81)) (&& (< monoandroid) (< net45) (>= netstandard1.5) (< netstandard1.6)) (&& (< monotouch) (< net35) (>= netstandard1.6) (< netstandard2.0) (< xamarinios) (< xamarinmac) (< xamarintvos) (< xamarinwatchos)) (&& (< monotouch) (< net45) (>= netstandard1.6) (< netstandard2.0) (< xamarinios) (< xamarinmac) (< xamarintvos) (< xamarinwatchos)) (&& (< net35) (>= netstandard1.3) (< portable-net451+win81+wpa81)) (&& (>= net45) (>= uap10.0)) (&& (< net45) (>= netstandard1.3) (< portable-net451+win81+wpa81)) (&& (>= net46) (< netstandard1.4)) (&& (>= uap10.0) (< uap10.1)) (&& (>= uap10.0) (< win8) (< wpa81))
      Microsoft.NETCore.Platforms (>= 1.1) - restriction: && (< monotouch) (< net45) (>= netstandard1.3) (< win8) (< wpa81) (< xamarinios) (< xamarinmac) (< xamarintvos) (< xamarinwatchos)
      runtime.native.System (>= 4.3) - restriction: && (< monotouch) (< net45) (>= netstandard1.3) (< win8) (< wpa81) (< xamarinios) (< xamarinmac) (< xamarintvos) (< xamarinwatchos)
      runtime.native.System.IO.Compression (>= 4.3) - restriction: || (&& (< monotouch) (< net45) (>= netstandard1.3) (< win8) (< wpa81) (< xamarinios) (< xamarinmac) (< xamarintvos) (< xamarinwatchos)) (< portable-net45+win8+wpa81)
      System.Buffers (>= 4.3) - restriction: || (&& (< monotouch) (< net45) (>= netstandard1.3) (< win8) (< wpa81) (< xamarinios) (< xamarinmac) (< xamarintvos) (< xamarinwatchos)) (< portable-net45+win8+wpa81)
      System.Collections (>= 4.3) - restriction: || (&& (< monotouch) (< net45) (>= netstandard1.3) (< win8) (< wpa81) (< xamarinios) (< xamarinmac) (< xamarintvos) (< xamarinwatchos)) (< portable-net45+win8+wpa81)
      System.Diagnostics.Debug (>= 4.3) - restriction: || (&& (< monotouch) (< net45) (>= netstandard1.3) (< win8) (< wpa81) (< xamarinios) (< xamarinmac) (< xamarintvos) (< xamarinwatchos)) (< portable-net45+win8+wpa81)
      System.IO (>= 4.3) - restriction: || (&& (< monoandroid) (< net45) (>= netstandard1.1) (< netstandard1.3) (< win8) (< wpa81)) (&& (< monotouch) (< net45) (>= netstandard1.3) (< win8) (< wpa81) (< xamarinios) (< xamarinmac) (< xamarintvos) (< xamarinwatchos)) (< portable-net45+win8+wpa81)
      System.Resources.ResourceManager (>= 4.3) - restriction: || (&& (< monotouch) (< net45) (>= netstandard1.3) (< win8) (< wpa81) (< xamarinios) (< xamarinmac) (< xamarintvos) (< xamarinwatchos)) (< portable-net45+win8+wpa81)
      System.Runtime (>= 4.3) - restriction: || (&& (< monoandroid) (< net45) (>= netstandard1.1) (< netstandard1.3) (< win8) (< wpa81)) (&& (< monotouch) (< net45) (>= netstandard1.3) (< win8) (< wpa81) (< xamarinios) (< xamarinmac) (< xamarintvos) (< xamarinwatchos)) (< portable-net45+win8+wpa81)
      System.Runtime.Extensions (>= 4.3) - restriction: || (&& (< monotouch) (< net45) (>= netstandard1.3) (< win8) (< wpa81) (< xamarinios) (< xamarinmac) (< xamarintvos) (< xamarinwatchos)) (< portable-net45+win8+wpa81)
      System.Runtime.Handles (>= 4.3) - restriction: || (&& (< monotouch) (< net45) (>= netstandard1.3) (< win8) (< wpa81) (< xamarinios) (< xamarinmac) (< xamarintvos) (< xamarinwatchos)) (< portable-net45+win8+wpa81)
      System.Runtime.InteropServices (>= 4.3) - restriction: || (&& (< monotouch) (< net45) (>= netstandard1.3) (< win8) (< wpa81) (< xamarinios) (< xamarinmac) (< xamarintvos) (< xamarinwatchos)) (< portable-net45+win8+wpa81)
      System.Text.Encoding (>= 4.3) - restriction: || (&& (< monoandroid) (< net45) (>= netstandard1.1) (< netstandard1.3) (< win8) (< wpa81)) (&& (< monotouch) (< net45) (>= netstandard1.3) (< win8) (< wpa81) (< xamarinios) (< xamarinmac) (< xamarintvos) (< xamarinwatchos)) (< portable-net45+win8+wpa81)
      System.Threading (>= 4.3) - restriction: || (&& (< monotouch) (< net45) (>= netstandard1.3) (< win8) (< wpa81) (< xamarinios) (< xamarinmac) (< xamarintvos) (< xamarinwatchos)) (< portable-net45+win8+wpa81)
      System.Threading.Tasks (>= 4.3) - restriction: || (&& (< monotouch) (< net45) (>= netstandard1.3) (< win8) (< wpa81) (< xamarinios) (< xamarinmac) (< xamarintvos) (< xamarinwatchos)) (< portable-net45+win8+wpa81)
    System.IO.Compression.ZipFile (4.3) - restriction: || (&& (< monoandroid) (< net35) (>= netstandard1.3) (< netstandard1.4) (< wpa81)) (&& (< monoandroid) (< net35) (>= netstandard1.4) (< netstandard1.5) (< wpa81)) (&& (< monoandroid) (< net35) (>= netstandard1.5) (< netstandard1.6)) (&& (< monoandroid) (< net45) (>= netstandard1.3) (< netstandard1.4) (< wpa81)) (&& (< monoandroid) (< net45) (>= netstandard1.4) (< netstandard1.5) (< wpa81)) (&& (< monoandroid) (< net45) (>= netstandard1.5) (< netstandard1.6)) (&& (< monotouch) (< net35) (>= netstandard1.6) (< netstandard2.0) (< xamarinios) (< xamarinmac) (< xamarintvos) (< xamarinwatchos)) (&& (< monotouch) (< net45) (>= netstandard1.6) (< netstandard2.0) (< xamarinios) (< xamarinmac) (< xamarintvos) (< xamarinwatchos)) (&& (>= net45) (>= uap10.0)) (&& (>= net46) (< netstandard1.4)) (&& (>= uap10.0) (< uap10.1))
      System.Buffers (>= 4.3) - restriction: && (< monotouch) (< net46) (>= netstandard1.3) (< xamarinios) (< xamarinmac) (< xamarintvos) (< xamarinwatchos)
      System.IO (>= 4.3) - restriction: && (< monotouch) (< net46) (>= netstandard1.3) (< xamarinios) (< xamarinmac) (< xamarintvos) (< xamarinwatchos)
      System.IO.Compression (>= 4.3) - restriction: && (< monotouch) (< net46) (>= netstandard1.3) (< xamarinios) (< xamarinmac) (< xamarintvos) (< xamarinwatchos)
      System.IO.FileSystem (>= 4.3) - restriction: && (< monotouch) (< net46) (>= netstandard1.3) (< xamarinios) (< xamarinmac) (< xamarintvos) (< xamarinwatchos)
      System.IO.FileSystem.Primitives (>= 4.3) - restriction: && (< monotouch) (< net46) (>= netstandard1.3) (< xamarinios) (< xamarinmac) (< xamarintvos) (< xamarinwatchos)
      System.Resources.ResourceManager (>= 4.3) - restriction: && (< monotouch) (< net46) (>= netstandard1.3) (< xamarinios) (< xamarinmac) (< xamarintvos) (< xamarinwatchos)
      System.Runtime (>= 4.3) - restriction: && (< monotouch) (< net46) (>= netstandard1.3) (< xamarinios) (< xamarinmac) (< xamarintvos) (< xamarinwatchos)
      System.Runtime.Extensions (>= 4.3) - restriction: && (< monotouch) (< net46) (>= netstandard1.3) (< xamarinios) (< xamarinmac) (< xamarintvos) (< xamarinwatchos)
      System.Text.Encoding (>= 4.3) - restriction: && (< monotouch) (< net46) (>= netstandard1.3) (< xamarinios) (< xamarinmac) (< xamarintvos) (< xamarinwatchos)
    System.IO.FileSystem (4.3) - restriction: || (&& (< monoandroid) (< net35) (>= netstandard1.3) (< netstandard1.4) (< wpa81)) (&& (< monoandroid) (< net35) (>= netstandard1.4) (< netstandard1.5) (< wpa81)) (&& (< monoandroid) (< net35) (>= netstandard1.5) (< netstandard1.6)) (&& (< monoandroid) (< net45) (>= netstandard1.3) (< netstandard1.4) (< wpa81)) (&& (< monoandroid) (< net45) (< netstandard1.3) (>= netstandard1.4) (< wpa81)) (&& (< monoandroid) (< net45) (< netstandard1.3) (>= netstandard1.5)) (&& (< monoandroid) (< net45) (< netstandard1.3) (>= netstandard1.6)) (&& (< monoandroid) (< net45) (>= netstandard1.4) (< netstandard1.5) (< wpa81)) (&& (< monoandroid) (< net45) (< netstandard1.4) (>= netstandard1.6)) (&& (< monoandroid) (< net45) (>= netstandard1.5) (< netstandard1.6)) (&& (< monoandroid) (< net45) (< netstandard1.5) (>= netstandard1.6)) (&& (< monotouch) (< net35) (>= netstandard1.3) (< win8) (< wpa81) (< xamarinios) (< xamarinmac) (< xamarintvos) (< xamarinwatchos)) (&& (< monotouch) (< net35) (>= netstandard1.6) (< netstandard2.0) (< xamarinios) (< xamarinmac) (< xamarintvos) (< xamarinwatchos)) (&& (< monotouch) (< net45) (>= netstandard1.6) (< netstandard2.0) (< xamarinios) (< xamarinmac) (< xamarintvos) (< xamarinwatchos)) (&& (< net35) (>= netstandard1.3) (< portable-net451+win81+wpa81) (< win8)) (&& (>= net45) (< portable-net45+win8+wp8+wpa81)) (&& (>= net45) (>= uap10.0)) (&& (< net45) (>= net46) (< netstandard1.3)) (&& (< net45) (>= netstandard1.3) (< portable-net451+win81+wpa81) (< win8)) (&& (< net45) (>= netstandard1.6) (< portable-net451+win81+wpa81)) (&& (>= net46) (< netstandard1.4)) (&& (>= net46) (< portable-net45+win8+wp8+wpa81)) (&& (>= netstandard1.3) (< portable-net45+win8+wp8+wpa81)) (&& (>= netstandard1.3) (< portable-net45+win8+wpa81)) (&& (< netstandard1.3) (>= uap10.0)) (&& (>= netstandard1.4) (< portable-net45+win8+wp8+wpa81)) (&& (>= netstandard1.5) (< portable-net45+win8+wp8+wpa81)) (&& (>= netstandard1.6) (< portable-net45+win8+wp8+wpa81)) (&& (>= netstandard1.6) (>= uap10.0)) (&& (< portable-net45+win8+wp8+wpa81) (>= uap10.0)) (&& (>= uap10.0) (< uap10.1)) (&& (>= uap10.0) (< win8) (< wpa81))
      Microsoft.NETCore.Platforms (>= 1.1) - restriction: && (< monotouch) (< net46) (>= netstandard1.3) (< xamarinios) (< xamarinmac) (< xamarintvos) (< xamarinwatchos)
      Microsoft.NETCore.Targets (>= 1.1) - restriction: && (< monotouch) (< net46) (>= netstandard1.3) (< xamarinios) (< xamarinmac) (< xamarintvos) (< xamarinwatchos)
      System.IO (>= 4.3) - restriction: && (< monotouch) (< net46) (>= netstandard1.3) (< xamarinios) (< xamarinmac) (< xamarintvos) (< xamarinwatchos)
      System.IO.FileSystem.Primitives (>= 4.3) - restriction: || (&& (< monotouch) (>= netstandard1.3) (< xamarinios) (< xamarinmac) (< xamarintvos) (< xamarinwatchos)) (>= net46)
      System.Runtime (>= 4.3) - restriction: && (< monotouch) (< net46) (>= netstandard1.3) (< xamarinios) (< xamarinmac) (< xamarintvos) (< xamarinwatchos)
      System.Runtime.Handles (>= 4.3) - restriction: && (< monotouch) (< net46) (>= netstandard1.3) (< xamarinios) (< xamarinmac) (< xamarintvos) (< xamarinwatchos)
      System.Text.Encoding (>= 4.3) - restriction: && (< monotouch) (< net46) (>= netstandard1.3) (< xamarinios) (< xamarinmac) (< xamarintvos) (< xamarinwatchos)
      System.Threading.Tasks (>= 4.3) - restriction: && (< monotouch) (< net46) (>= netstandard1.3) (< xamarinios) (< xamarinmac) (< xamarintvos) (< xamarinwatchos)
    System.IO.FileSystem.Primitives (4.3) - restriction: || (&& (< monoandroid) (< net35) (>= netstandard1.3) (< netstandard1.4) (< wpa81)) (&& (< monoandroid) (< net35) (>= netstandard1.4) (< netstandard1.5) (< wpa81)) (&& (< monoandroid) (< net35) (>= netstandard1.5) (< netstandard1.6)) (&& (< monoandroid) (< net45) (>= netstandard1.3) (< netstandard1.4) (< wpa81)) (&& (< monoandroid) (< net45) (< netstandard1.3) (>= netstandard1.4) (< wpa81)) (&& (< monoandroid) (< net45) (< netstandard1.3) (>= netstandard1.5)) (&& (< monoandroid) (< net45) (< netstandard1.3) (>= netstandard1.6)) (&& (< monoandroid) (< net45) (>= netstandard1.4) (< netstandard1.5) (< wpa81)) (&& (< monoandroid) (< net45) (< netstandard1.4) (>= netstandard1.6)) (&& (< monoandroid) (< net45) (>= netstandard1.5) (< netstandard1.6)) (&& (< monoandroid) (< net45) (< netstandard1.5) (>= netstandard1.6)) (&& (< monotouch) (< net35) (>= netstandard1.3) (< win8) (< wpa81) (< xamarinios) (< xamarinmac) (< xamarintvos) (< xamarinwatchos)) (&& (< monotouch) (< net35) (>= netstandard1.6) (< netstandard2.0) (< xamarinios) (< xamarinmac) (< xamarintvos) (< xamarinwatchos)) (&& (< monotouch) (< net45) (>= netstandard1.6) (< netstandard2.0) (< xamarinios) (< xamarinmac) (< xamarintvos) (< xamarinwatchos)) (&& (< net35) (>= net46)) (&& (< net35) (>= netstandard1.3) (< portable-net451+win81+wpa81) (< win8)) (&& (>= net45) (< portable-net45+win8+wp8+wpa81)) (&& (>= net45) (>= uap10.0)) (&& (< net45) (>= net46) (< netstandard1.3)) (&& (< net45) (>= net46) (>= netstandard1.4) (< netstandard1.5)) (&& (< net45) (>= net46) (>= netstandard1.5) (< netstandard1.6)) (&& (< net45) (>= net46) (< netstandard1.5) (>= netstandard1.6)) (&& (< net45) (>= net46) (>= netstandard1.6) (< netstandard2.0)) (&& (< net45) (>= net46) (< portable-net451+win81+wpa81)) (&& (< net45) (>= netstandard1.3) (< portable-net451+win81+wpa81) (< win8)) (&& (< net45) (>= netstandard1.6) (< portable-net451+win81+wpa81)) (&& (>= net46) (< netstandard1.4)) (&& (>= net46) (< portable-net45+win8+wp8+wpa81)) (&& (>= net46) (< portable-net45+win8+wpa81)) (&& (>= net46) (>= uap10.0)) (&& (>= netstandard1.3) (< portable-net45+win8+wp8+wpa81)) (&& (>= netstandard1.3) (< portable-net45+win8+wpa81)) (&& (< netstandard1.3) (>= uap10.0)) (&& (>= netstandard1.4) (< portable-net45+win8+wp8+wpa81)) (&& (>= netstandard1.5) (< portable-net45+win8+wp8+wpa81)) (&& (>= netstandard1.6) (< portable-net45+win8+wp8+wpa81)) (&& (>= netstandard1.6) (>= uap10.0)) (&& (< portable-net45+win8+wp8+wpa81) (>= uap10.0)) (&& (>= uap10.0) (< uap10.1)) (&& (>= uap10.0) (< win8) (< wpa81))
      System.Runtime (>= 4.3) - restriction: && (< monotouch) (< net46) (>= netstandard1.3) (< xamarinios) (< xamarinmac) (< xamarintvos) (< xamarinwatchos)
    System.Linq (4.3) - restriction: || (&& (< monoandroid) (< monotouch) (< net45) (< win8) (< wp8) (< wpa81) (< xamarinios)) (&& (< monoandroid) (< net45) (>= netstandard1.3) (< netstandard1.4) (< wpa81)) (&& (< monoandroid) (< net45) (>= netstandard1.4) (< netstandard1.5) (< wpa81)) (&& (< monoandroid) (< net45) (< netstandard1.4) (>= netstandard1.6)) (&& (< monoandroid) (< net45) (>= netstandard1.5) (< netstandard1.6)) (&& (< monoandroid) (< net45) (< netstandard1.5) (>= netstandard1.6)) (&& (< monotouch) (< net35) (>= netstandard1.3) (< win8) (< wpa81) (< xamarinios) (< xamarinmac) (< xamarintvos) (< xamarinwatchos)) (&& (< monotouch) (< net35) (>= netstandard1.5) (< xamarinios) (< xamarinmac) (< xamarintvos) (< xamarinwatchos)) (&& (< monotouch) (< net35) (>= netstandard1.6) (< xamarinios) (< xamarinmac) (< xamarintvos) (< xamarinwatchos)) (&& (< monotouch) (< net45) (>= netstandard1.3) (< win8) (< wpa81) (< xamarinios) (< xamarinmac) (< xamarintvos) (< xamarinwatchos)) (&& (< monotouch) (< net45) (>= netstandard1.6) (< xamarinios) (< xamarinmac) (< xamarintvos) (< xamarinwatchos)) (&& (< net45) (>= netstandard1.3) (< portable-net451+win81+wpa81)) (&& (< net45) (>= netstandard1.6) (< portable-net451+win81+wpa81)) (&& (>= netstandard1.3) (< portable-net45+win8+wpa81)) (&& (>= netstandard1.6) (< portable-net45+win8+wpa81)) (&& (>= netstandard1.6) (>= uap10.0)) (< portable-net45+win8+wp8+wpa81) (&& (>= uap10.0) (< uap10.1))
      System.Collections (>= 4.3) - restriction: || (&& (< monoandroid) (< net45) (>= netstandard1.0) (< netstandard1.6) (< win8) (< wp8) (< wpa81)) (&& (< monotouch) (< net45) (>= netstandard1.6) (< xamarinios) (< xamarinmac) (< xamarintvos) (< xamarinwatchos)) (< portable-net45+win8+wp8+wpa81)
      System.Diagnostics.Debug (>= 4.3) - restriction: || (&& (< monotouch) (< net45) (>= netstandard1.6) (< xamarinios) (< xamarinmac) (< xamarintvos) (< xamarinwatchos)) (< portable-net45+win8+wp8+wpa81)
      System.Resources.ResourceManager (>= 4.3) - restriction: || (&& (< monotouch) (< net45) (>= netstandard1.6) (< xamarinios) (< xamarinmac) (< xamarintvos) (< xamarinwatchos)) (< portable-net45+win8+wp8+wpa81)
      System.Runtime (>= 4.3) - restriction: || (&& (< monoandroid) (< net45) (>= netstandard1.0) (< netstandard1.6) (< win8) (< wp8) (< wpa81)) (&& (< monotouch) (< net45) (>= netstandard1.6) (< xamarinios) (< xamarinmac) (< xamarintvos) (< xamarinwatchos)) (< portable-net45+win8+wp8+wpa81)
      System.Runtime.Extensions (>= 4.3) - restriction: || (&& (< monotouch) (< net45) (>= netstandard1.6) (< xamarinios) (< xamarinmac) (< xamarintvos) (< xamarinwatchos)) (< portable-net45+win8+wp8+wpa81)
    System.Linq.Expressions (4.3) - restriction: || (&& (< monoandroid) (< monotouch) (< net45) (< win8) (< wp8) (< wpa81) (< xamarinios)) (&& (< monoandroid) (< net45) (>= netstandard1.3) (< netstandard1.4) (< wpa81)) (&& (< monoandroid) (< net45) (>= netstandard1.4) (< netstandard1.5) (< wpa81)) (&& (< monoandroid) (< net45) (>= netstandard1.5) (< netstandard1.6)) (&& (< monotouch) (< net35) (>= netstandard1.3) (< win8) (< wpa81) (< xamarinios) (< xamarinmac) (< xamarintvos) (< xamarinwatchos)) (&& (< monotouch) (< net45) (>= netstandard1.3) (< win8) (< wpa81) (< xamarinios) (< xamarinmac) (< xamarintvos) (< xamarinwatchos)) (&& (< monotouch) (< net45) (>= netstandard1.6) (< netstandard2.0) (< xamarinios) (< xamarinmac) (< xamarintvos) (< xamarinwatchos)) (&& (< net45) (>= netstandard1.3) (< portable-net451+win81+wpa81)) (&& (>= netstandard1.3) (< portable-net45+win8+wp8+wpa81)) (&& (>= netstandard1.3) (< portable-net45+win8+wpa81)) (&& (>= uap10.0) (< uap10.1))
      System.Collections (>= 4.3) - restriction: || (&& (< monotouch) (< net45) (>= netstandard1.6) (< xamarinios) (< xamarinmac) (< xamarintvos) (< xamarinwatchos)) (< portable-net45+win8+wp8+wpa81)
      System.Diagnostics.Debug (>= 4.3) - restriction: || (&& (< monotouch) (< net45) (>= netstandard1.6) (< xamarinios) (< xamarinmac) (< xamarintvos) (< xamarinwatchos)) (< portable-net45+win8+wp8+wpa81)
      System.Globalization (>= 4.3) - restriction: || (&& (< monotouch) (< net45) (>= netstandard1.6) (< xamarinios) (< xamarinmac) (< xamarintvos) (< xamarinwatchos)) (< portable-net45+win8+wp8+wpa81)
      System.IO (>= 4.3) - restriction: || (&& (< monotouch) (< net45) (>= netstandard1.6) (< xamarinios) (< xamarinmac) (< xamarintvos) (< xamarinwatchos)) (< portable-net45+win8+wp8+wpa81)
      System.Linq (>= 4.3) - restriction: || (&& (< monotouch) (< net45) (>= netstandard1.6) (< xamarinios) (< xamarinmac) (< xamarintvos) (< xamarinwatchos)) (< portable-net45+win8+wp8+wpa81)
      System.ObjectModel (>= 4.3) - restriction: && (< monotouch) (< net45) (>= netstandard1.6) (< xamarinios) (< xamarinmac) (< xamarintvos) (< xamarinwatchos)
      System.Reflection (>= 4.3) - restriction: || (&& (< monoandroid) (< net45) (>= netstandard1.0) (< netstandard1.3) (< win8) (< wp8) (< wpa81)) (&& (< monoandroid) (< net45) (>= netstandard1.3) (< netstandard1.6) (< win8) (< wpa81)) (&& (< monotouch) (< net45) (>= netstandard1.6) (< xamarinios) (< xamarinmac) (< xamarintvos) (< xamarinwatchos)) (< portable-net45+win8+wp8+wpa81)
      System.Reflection.Emit (>= 4.3) - restriction: && (< monotouch) (< net45) (>= netstandard1.6) (< xamarinios) (< xamarinmac) (< xamarintvos) (< xamarinwatchos)
      System.Reflection.Emit.ILGeneration (>= 4.3) - restriction: || (&& (< monotouch) (< net45) (>= netstandard1.6) (< xamarinios) (< xamarinmac) (< xamarintvos) (< xamarinwatchos)) (< portable-net45+win8+wp8+wpa81)
      System.Reflection.Emit.Lightweight (>= 4.3) - restriction: || (&& (< monotouch) (< net45) (>= netstandard1.6) (< xamarinios) (< xamarinmac) (< xamarintvos) (< xamarinwatchos)) (< portable-net45+win8+wp8+wpa81)
      System.Reflection.Extensions (>= 4.3) - restriction: || (&& (< monotouch) (< net45) (>= netstandard1.6) (< xamarinios) (< xamarinmac) (< xamarintvos) (< xamarinwatchos)) (< portable-net45+win8+wp8+wpa81)
      System.Reflection.Primitives (>= 4.3) - restriction: || (&& (< monotouch) (< net45) (>= netstandard1.6) (< xamarinios) (< xamarinmac) (< xamarintvos) (< xamarinwatchos)) (< portable-net45+win8+wp8+wpa81)
      System.Reflection.TypeExtensions (>= 4.3) - restriction: || (&& (< monotouch) (< net45) (>= netstandard1.6) (< xamarinios) (< xamarinmac) (< xamarintvos) (< xamarinwatchos)) (< portable-net45+win8+wp8+wpa81)
      System.Resources.ResourceManager (>= 4.3) - restriction: || (&& (< monotouch) (< net45) (>= netstandard1.6) (< xamarinios) (< xamarinmac) (< xamarintvos) (< xamarinwatchos)) (< portable-net45+win8+wp8+wpa81)
      System.Runtime (>= 4.3) - restriction: || (&& (< monoandroid) (< net45) (>= netstandard1.0) (< netstandard1.3) (< win8) (< wp8) (< wpa81)) (&& (< monoandroid) (< net45) (>= netstandard1.3) (< netstandard1.6) (< win8) (< wpa81)) (&& (< monotouch) (< net45) (>= netstandard1.6) (< xamarinios) (< xamarinmac) (< xamarintvos) (< xamarinwatchos)) (< portable-net45+win8+wp8+wpa81)
      System.Runtime.Extensions (>= 4.3) - restriction: || (&& (< monotouch) (< net45) (>= netstandard1.6) (< xamarinios) (< xamarinmac) (< xamarintvos) (< xamarinwatchos)) (< portable-net45+win8+wp8+wpa81)
      System.Threading (>= 4.3) - restriction: || (&& (< monotouch) (< net45) (>= netstandard1.6) (< xamarinios) (< xamarinmac) (< xamarintvos) (< xamarinwatchos)) (< portable-net45+win8+wp8+wpa81)
    System.Linq.Queryable (4.3) - restriction: && (< net45) (>= netstandard1.3)
      System.Collections (>= 4.3) - restriction: || (&& (< monotouch) (< net45) (>= netstandard1.3) (< win8) (< wpa81) (< xamarinios) (< xamarinmac) (< xamarintvos) (< xamarinwatchos)) (< portable-net45+win8+wp8+wpa81)
      System.Diagnostics.Debug (>= 4.3) - restriction: || (&& (< monotouch) (< net45) (>= netstandard1.3) (< win8) (< wpa81) (< xamarinios) (< xamarinmac) (< xamarintvos) (< xamarinwatchos)) (< portable-net45+win8+wp8+wpa81)
      System.Linq (>= 4.3) - restriction: || (&& (< monoandroid) (< net45) (>= netstandard1.0) (< netstandard1.3) (< win8) (< wp8) (< wpa81)) (&& (< monotouch) (< net45) (>= netstandard1.3) (< win8) (< wpa81) (< xamarinios) (< xamarinmac) (< xamarintvos) (< xamarinwatchos)) (< portable-net45+win8+wp8+wpa81)
      System.Linq.Expressions (>= 4.3) - restriction: || (&& (< monoandroid) (< net45) (>= netstandard1.0) (< netstandard1.3) (< win8) (< wp8) (< wpa81)) (&& (< monotouch) (< net45) (>= netstandard1.3) (< win8) (< wpa81) (< xamarinios) (< xamarinmac) (< xamarintvos) (< xamarinwatchos)) (< portable-net45+win8+wp8+wpa81)
      System.Reflection (>= 4.3) - restriction: || (&& (< monotouch) (< net45) (>= netstandard1.3) (< win8) (< wpa81) (< xamarinios) (< xamarinmac) (< xamarintvos) (< xamarinwatchos)) (< portable-net45+win8+wp8+wpa81)
      System.Reflection.Extensions (>= 4.3) - restriction: || (&& (< monotouch) (< net45) (>= netstandard1.3) (< win8) (< wpa81) (< xamarinios) (< xamarinmac) (< xamarintvos) (< xamarinwatchos)) (< portable-net45+win8+wp8+wpa81)
      System.Resources.ResourceManager (>= 4.3) - restriction: || (&& (< monotouch) (< net45) (>= netstandard1.3) (< win8) (< wpa81) (< xamarinios) (< xamarinmac) (< xamarintvos) (< xamarinwatchos)) (< portable-net45+win8+wp8+wpa81)
      System.Runtime (>= 4.3) - restriction: || (&& (< monoandroid) (< net45) (>= netstandard1.0) (< netstandard1.3) (< win8) (< wp8) (< wpa81)) (&& (< monotouch) (< net45) (>= netstandard1.3) (< win8) (< wpa81) (< xamarinios) (< xamarinmac) (< xamarintvos) (< xamarinwatchos)) (< portable-net45+win8+wp8+wpa81)
    System.Net.Http (4.3.3) - restriction: || (&& (< monoandroid) (< net35) (>= netstandard1.3) (< netstandard1.4) (< wpa81)) (&& (< monoandroid) (< net35) (>= netstandard1.4) (< netstandard1.5) (< wpa81)) (&& (< monoandroid) (< net35) (>= netstandard1.5) (< netstandard1.6)) (&& (< monoandroid) (< net45) (>= netstandard1.3) (< netstandard1.4) (< wpa81)) (&& (< monoandroid) (< net45) (>= netstandard1.4) (< netstandard1.5) (< wpa81)) (&& (< monoandroid) (< net45) (>= netstandard1.5) (< netstandard1.6)) (&& (< monotouch) (< net35) (>= netstandard1.6) (< netstandard2.0) (< xamarinios) (< xamarinmac) (< xamarintvos) (< xamarinwatchos)) (&& (< monotouch) (< net45) (>= netstandard1.6) (< netstandard2.0) (< xamarinios) (< xamarinmac) (< xamarintvos) (< xamarinwatchos)) (&& (< net35) (>= netstandard1.3) (< portable-net451+win81+wpa81)) (&& (>= net45) (>= uap10.0)) (&& (< net45) (>= netstandard1.3) (< portable-net451+win81+wpa81)) (&& (>= net46) (< netstandard1.4)) (&& (>= uap10.0) (< uap10.1))
      Microsoft.NETCore.Platforms (>= 1.1) - restriction: || (&& (< monoandroid) (< net45) (>= netstandard1.3) (< netstandard1.6) (< win8) (< wpa81)) (&& (< monotouch) (< net45) (>= netstandard1.6) (< xamarinios) (< xamarinmac) (< xamarintvos) (< xamarinwatchos)) (< portable-net45+win8+wpa81)
      Microsoft.Win32.Primitives (>= 4.3) - restriction: && (< monoandroid) (< net45) (>= netstandard1.3) (< netstandard1.6) (< win8) (< wpa81)
      runtime.native.System (>= 4.3) - restriction: && (< monotouch) (< net45) (>= netstandard1.6) (< xamarinios) (< xamarinmac) (< xamarintvos) (< xamarinwatchos)
      runtime.native.System.Net.Http (>= 4.3) - restriction: && (< monotouch) (< net45) (>= netstandard1.6) (< xamarinios) (< xamarinmac) (< xamarintvos) (< xamarinwatchos)
      runtime.native.System.Security.Cryptography.OpenSsl (>= 4.3.2) - restriction: && (< monotouch) (< net45) (>= netstandard1.6) (< xamarinios) (< xamarinmac) (< xamarintvos) (< xamarinwatchos)
      System.Collections (>= 4.3) - restriction: || (&& (< monoandroid) (< net45) (>= netstandard1.3) (< netstandard1.6) (< win8) (< wpa81)) (&& (< monotouch) (< net45) (>= netstandard1.6) (< xamarinios) (< xamarinmac) (< xamarintvos) (< xamarinwatchos)) (< portable-net45+win8+wpa81)
      System.Diagnostics.Debug (>= 4.3) - restriction: || (&& (< monoandroid) (< net45) (>= netstandard1.3) (< netstandard1.6) (< win8) (< wpa81)) (&& (< monotouch) (< net45) (>= netstandard1.6) (< xamarinios) (< xamarinmac) (< xamarintvos) (< xamarinwatchos)) (< portable-net45+win8+wpa81)
      System.Diagnostics.DiagnosticSource (>= 4.3) - restriction: || (&& (< monoandroid) (< net45) (>= netstandard1.3) (< netstandard1.6) (< win8) (< wpa81)) (&& (< monotouch) (< net45) (>= netstandard1.6) (< xamarinios) (< xamarinmac) (< xamarintvos) (< xamarinwatchos)) (< portable-net45+win8+wpa81)
      System.Diagnostics.Tracing (>= 4.3) - restriction: || (&& (< monoandroid) (< net45) (>= netstandard1.3) (< netstandard1.6) (< win8) (< wpa81)) (&& (< monotouch) (< net45) (>= netstandard1.6) (< xamarinios) (< xamarinmac) (< xamarintvos) (< xamarinwatchos)) (< portable-net45+win8+wpa81)
      System.Globalization (>= 4.3) - restriction: || (&& (< monoandroid) (< net45) (>= netstandard1.3) (< netstandard1.6) (< win8) (< wpa81)) (&& (< monotouch) (< net45) (>= netstandard1.6) (< xamarinios) (< xamarinmac) (< xamarintvos) (< xamarinwatchos)) (< portable-net45+win8+wpa81)
      System.Globalization.Extensions (>= 4.3) - restriction: && (< monotouch) (< net45) (>= netstandard1.6) (< xamarinios) (< xamarinmac) (< xamarintvos) (< xamarinwatchos)
      System.IO (>= 4.3) - restriction: || (&& (< monoandroid) (< net45) (>= netstandard1.1) (< netstandard1.3) (< win8) (< wpa81)) (&& (< monoandroid) (< net45) (>= netstandard1.3) (< netstandard1.6) (< win8) (< wpa81)) (&& (< monotouch) (< net45) (>= netstandard1.6) (< xamarinios) (< xamarinmac) (< xamarintvos) (< xamarinwatchos)) (< portable-net45+win8+wpa81)
      System.IO.Compression (>= 4.3) - restriction: && (< monoandroid) (< net45) (>= netstandard1.3) (< netstandard1.6) (< win8) (< wpa81)
      System.IO.FileSystem (>= 4.3) - restriction: && (< monotouch) (< net45) (>= netstandard1.6) (< xamarinios) (< xamarinmac) (< xamarintvos) (< xamarinwatchos)
      System.Net.Primitives (>= 4.3) - restriction: || (&& (< monoandroid) (< net45) (>= netstandard1.1) (< netstandard1.3) (< win8) (< wpa81)) (&& (< monoandroid) (< net45) (>= netstandard1.3) (< netstandard1.6) (< win8) (< wpa81)) (&& (< monotouch) (< net45) (>= netstandard1.6) (< xamarinios) (< xamarinmac) (< xamarintvos) (< xamarinwatchos)) (< portable-net45+win8+wpa81)
      System.Resources.ResourceManager (>= 4.3) - restriction: || (&& (< monoandroid) (< net45) (>= netstandard1.3) (< netstandard1.6) (< win8) (< wpa81)) (&& (< monotouch) (< net45) (>= netstandard1.6) (< xamarinios) (< xamarinmac) (< xamarintvos) (< xamarinwatchos)) (< portable-net45+win8+wpa81)
      System.Runtime (>= 4.3) - restriction: || (&& (< monoandroid) (< net45) (>= netstandard1.1) (< netstandard1.3) (< win8) (< wpa81)) (&& (< monoandroid) (< net45) (>= netstandard1.3) (< netstandard1.6) (< win8) (< wpa81)) (&& (< monotouch) (< net45) (>= netstandard1.6) (< xamarinios) (< xamarinmac) (< xamarintvos) (< xamarinwatchos)) (< portable-net45+win8+wpa81)
      System.Runtime.Extensions (>= 4.3) - restriction: || (&& (< monoandroid) (< net45) (>= netstandard1.3) (< netstandard1.6) (< win8) (< wpa81)) (&& (< monotouch) (< net45) (>= netstandard1.6) (< xamarinios) (< xamarinmac) (< xamarintvos) (< xamarinwatchos)) (< portable-net45+win8+wpa81)
      System.Runtime.Handles (>= 4.3) - restriction: || (&& (< monoandroid) (< net45) (>= netstandard1.3) (< netstandard1.6) (< win8) (< wpa81)) (&& (< monotouch) (< net45) (>= netstandard1.6) (< xamarinios) (< xamarinmac) (< xamarintvos) (< xamarinwatchos))
      System.Runtime.InteropServices (>= 4.3) - restriction: || (&& (< monoandroid) (< net45) (>= netstandard1.3) (< netstandard1.6) (< win8) (< wpa81)) (&& (< monotouch) (< net45) (>= netstandard1.6) (< xamarinios) (< xamarinmac) (< xamarintvos) (< xamarinwatchos)) (< portable-net45+win8+wpa81)
      System.Security.Cryptography.Algorithms (>= 4.3) - restriction: && (< monotouch) (< net45) (>= netstandard1.6) (< xamarinios) (< xamarinmac) (< xamarintvos) (< xamarinwatchos)
      System.Security.Cryptography.Encoding (>= 4.3) - restriction: || (&& (< monoandroid) (< net45) (>= netstandard1.3) (< netstandard1.6) (< win8) (< wpa81)) (&& (< monotouch) (< net45) (>= netstandard1.6) (< xamarinios) (< xamarinmac) (< xamarintvos) (< xamarinwatchos))
      System.Security.Cryptography.OpenSsl (>= 4.3) - restriction: && (< monotouch) (< net45) (>= netstandard1.6) (< xamarinios) (< xamarinmac) (< xamarintvos) (< xamarinwatchos)
      System.Security.Cryptography.Primitives (>= 4.3) - restriction: && (< monotouch) (< net45) (>= netstandard1.6) (< xamarinios) (< xamarinmac) (< xamarintvos) (< xamarinwatchos)
      System.Security.Cryptography.X509Certificates (>= 4.3) - restriction: || (&& (< monoandroid) (< net45) (>= netstandard1.3) (< netstandard1.6) (< win8) (< wpa81)) (&& (< monotouch) (< net45) (>= netstandard1.6) (< xamarinios) (< xamarinmac) (< xamarintvos) (< xamarinwatchos)) (>= net46) (< portable-net45+win8+wpa81)
      System.Text.Encoding (>= 4.3) - restriction: || (&& (< monoandroid) (< net45) (>= netstandard1.1) (< netstandard1.3) (< win8) (< wpa81)) (&& (< monoandroid) (< net45) (>= netstandard1.3) (< netstandard1.6) (< win8) (< wpa81)) (&& (< monotouch) (< net45) (>= netstandard1.6) (< xamarinios) (< xamarinmac) (< xamarintvos) (< xamarinwatchos)) (< portable-net45+win8+wpa81)
      System.Threading (>= 4.3) - restriction: || (&& (< monoandroid) (< net45) (>= netstandard1.3) (< netstandard1.6) (< win8) (< wpa81)) (&& (< monotouch) (< net45) (>= netstandard1.6) (< xamarinios) (< xamarinmac) (< xamarintvos) (< xamarinwatchos)) (< portable-net45+win8+wpa81)
      System.Threading.Tasks (>= 4.3) - restriction: || (&& (< monoandroid) (< net45) (>= netstandard1.1) (< netstandard1.3) (< win8) (< wpa81)) (&& (< monoandroid) (< net45) (>= netstandard1.3) (< netstandard1.6) (< win8) (< wpa81)) (&& (< monotouch) (< net45) (>= netstandard1.6) (< xamarinios) (< xamarinmac) (< xamarintvos) (< xamarinwatchos)) (< portable-net45+win8+wpa81)
    System.Net.Primitives (4.3) - restriction: || (&& (< monoandroid) (< net45) (>= netstandard1.3) (< netstandard1.4) (< wpa81)) (&& (< monoandroid) (< net45) (< netstandard1.3) (>= netstandard1.4) (< win8) (< wpa81)) (&& (< monoandroid) (< net45) (< netstandard1.3) (>= netstandard1.5)) (&& (< monoandroid) (< net45) (< netstandard1.3) (>= netstandard1.6)) (&& (< monoandroid) (< net45) (>= netstandard1.4) (< netstandard1.5) (< wpa81)) (&& (< monoandroid) (< net45) (< netstandard1.4) (>= netstandard1.6)) (&& (< monoandroid) (< net45) (>= netstandard1.5) (< netstandard1.6)) (&& (< monoandroid) (< net45) (< netstandard1.5) (>= netstandard1.6)) (&& (< monotouch) (< net45) (>= netstandard1.6) (< netstandard2.0) (< xamarinios) (< xamarinmac) (< xamarintvos) (< xamarinwatchos)) (&& (< net45) (>= net46) (< netstandard1.3)) (&& (< net45) (>= net46) (< netstandard1.4)) (&& (< net45) (>= netstandard1.3) (< portable-net451+win81+wpa81)) (&& (< net45) (>= netstandard1.6) (< portable-net451+win81+wpa81)) (&& (>= net46) (< portable-net45+win8+wpa81)) (&& (>= netstandard1.3) (< portable-net45+win8+wpa81)) (&& (>= netstandard1.4) (< portable-net45+win8+wpa81)) (&& (>= netstandard1.5) (< portable-net45+win8+wpa81)) (&& (>= netstandard1.6) (< portable-net45+win8+wpa81)) (&& (>= netstandard1.6) (>= uap10.0)) (&& (< portable-net45+win8+wpa81) (>= uap10.0)) (&& (>= uap10.0) (< uap10.1)) (&& (>= uap10.0) (< win8) (< wpa81))
      Microsoft.NETCore.Platforms (>= 1.1) - restriction: || (&& (< monoandroid) (< net45) (>= netstandard1.1) (< netstandard1.3) (< win8) (< wpa81)) (&& (< monoandroid) (>= netstandard1.0) (< netstandard1.1) (< win8) (< wp8)) (&& (< monotouch) (< net45) (>= netstandard1.3) (< win8) (< wpa81) (< xamarinios) (< xamarinmac) (< xamarintvos) (< xamarinwatchos)) (< portable-net45+win8+wp8+wpa81)
      Microsoft.NETCore.Targets (>= 1.1) - restriction: || (&& (< monoandroid) (< net45) (>= netstandard1.1) (< netstandard1.3) (< win8) (< wpa81)) (&& (< monoandroid) (>= netstandard1.0) (< netstandard1.1) (< win8) (< wp8)) (&& (< monotouch) (< net45) (>= netstandard1.3) (< win8) (< wpa81) (< xamarinios) (< xamarinmac) (< xamarintvos) (< xamarinwatchos)) (< portable-net45+win8+wp8+wpa81)
      System.Runtime (>= 4.3) - restriction: || (&& (< monoandroid) (< net45) (>= netstandard1.1) (< netstandard1.3) (< win8) (< wpa81)) (&& (< monoandroid) (>= netstandard1.0) (< netstandard1.1) (< win8) (< wp8)) (&& (< monotouch) (< net45) (>= netstandard1.3) (< win8) (< wpa81) (< xamarinios) (< xamarinmac) (< xamarintvos) (< xamarinwatchos)) (< portable-net45+win8+wp8+wpa81)
      System.Runtime.Handles (>= 4.3) - restriction: || (&& (< monotouch) (< net45) (>= netstandard1.3) (< win8) (< wpa81) (< xamarinios) (< xamarinmac) (< xamarintvos) (< xamarinwatchos)) (< portable-net45+win8+wp8+wpa81)
    System.Net.Sockets (4.3) - restriction: || (&& (< monoandroid) (< net35) (>= netstandard1.3) (< netstandard1.4) (< wpa81)) (&& (< monoandroid) (< net35) (>= netstandard1.4) (< netstandard1.5) (< wpa81)) (&& (< monoandroid) (< net35) (>= netstandard1.5) (< netstandard1.6)) (&& (< monoandroid) (< net45) (>= netstandard1.3) (< netstandard1.4) (< wpa81)) (&& (< monoandroid) (< net45) (>= netstandard1.4) (< netstandard1.5) (< wpa81)) (&& (< monoandroid) (< net45) (>= netstandard1.5) (< netstandard1.6)) (&& (< monotouch) (< net35) (>= netstandard1.6) (< netstandard2.0) (< xamarinios) (< xamarinmac) (< xamarintvos) (< xamarinwatchos)) (&& (< monotouch) (< net45) (>= netstandard1.6) (< netstandard2.0) (< xamarinios) (< xamarinmac) (< xamarintvos) (< xamarinwatchos)) (&& (>= net45) (>= uap10.0)) (&& (>= net46) (< netstandard1.4)) (&& (>= uap10.0) (< uap10.1))
      Microsoft.NETCore.Platforms (>= 1.1) - restriction: && (< monotouch) (< net46) (>= netstandard1.3) (< xamarinios) (< xamarinmac) (< xamarintvos) (< xamarinwatchos)
      Microsoft.NETCore.Targets (>= 1.1) - restriction: && (< monotouch) (< net46) (>= netstandard1.3) (< xamarinios) (< xamarinmac) (< xamarintvos) (< xamarinwatchos)
      System.IO (>= 4.3) - restriction: && (< monotouch) (< net46) (>= netstandard1.3) (< xamarinios) (< xamarinmac) (< xamarintvos) (< xamarinwatchos)
      System.Net.Primitives (>= 4.3) - restriction: && (< monotouch) (< net46) (>= netstandard1.3) (< xamarinios) (< xamarinmac) (< xamarintvos) (< xamarinwatchos)
      System.Runtime (>= 4.3) - restriction: && (< monotouch) (< net46) (>= netstandard1.3) (< xamarinios) (< xamarinmac) (< xamarintvos) (< xamarinwatchos)
      System.Threading.Tasks (>= 4.3) - restriction: && (< monotouch) (< net46) (>= netstandard1.3) (< xamarinios) (< xamarinmac) (< xamarintvos) (< xamarinwatchos)
    System.ObjectModel (4.3) - restriction: || (&& (< monoandroid) (< monotouch) (< net45) (< win8) (< wp8) (< wpa81) (< xamarinios)) (&& (< monoandroid) (< net45) (>= netstandard1.3) (< netstandard1.4) (< wpa81)) (&& (< monoandroid) (< net45) (>= netstandard1.4) (< netstandard1.5) (< wpa81)) (&& (< monoandroid) (< net45) (< netstandard1.4) (>= netstandard1.6)) (&& (< monoandroid) (< net45) (>= netstandard1.5) (< netstandard1.6)) (&& (< monoandroid) (< net45) (< netstandard1.5) (>= netstandard1.6)) (&& (< monotouch) (< net35) (>= netstandard1.3) (< win8) (< wpa81) (< xamarinios) (< xamarinmac) (< xamarintvos) (< xamarinwatchos)) (&& (< monotouch) (< net45) (>= netstandard1.6) (< xamarinios) (< xamarinmac) (< xamarintvos) (< xamarinwatchos)) (&& (< net35) (>= netstandard1.3) (< portable-net45+win8+wp8+wpa81)) (&& (< net45) (>= netstandard1.3) (< portable-net451+win81+wpa81)) (&& (< net45) (>= netstandard1.6) (< portable-net451+win81+wpa81)) (&& (>= netstandard1.3) (< portable-net45+win8+wpa81)) (&& (>= netstandard1.6) (< portable-net45+win8+wp8+wpa81)) (&& (>= netstandard1.6) (< portable-net45+win8+wpa81)) (&& (>= netstandard1.6) (>= uap10.0)) (&& (>= uap10.0) (< uap10.1))
      System.Collections (>= 4.3) - restriction: || (&& (< monotouch) (< net45) (>= netstandard1.3) (< win8) (< wpa81) (< xamarinios) (< xamarinmac) (< xamarintvos) (< xamarinwatchos)) (< portable-net45+win8+wp8+wpa81)
      System.Diagnostics.Debug (>= 4.3) - restriction: || (&& (< monotouch) (< net45) (>= netstandard1.3) (< win8) (< wpa81) (< xamarinios) (< xamarinmac) (< xamarintvos) (< xamarinwatchos)) (< portable-net45+win8+wp8+wpa81)
      System.Resources.ResourceManager (>= 4.3) - restriction: || (&& (< monotouch) (< net45) (>= netstandard1.3) (< win8) (< wpa81) (< xamarinios) (< xamarinmac) (< xamarintvos) (< xamarinwatchos)) (< portable-net45+win8+wp8+wpa81)
      System.Runtime (>= 4.3) - restriction: || (&& (< monoandroid) (< net45) (>= netstandard1.0) (< netstandard1.3) (< win8) (< wp8) (< wpa81)) (&& (< monotouch) (< net45) (>= netstandard1.3) (< win8) (< wpa81) (< xamarinios) (< xamarinmac) (< xamarintvos) (< xamarinwatchos)) (< portable-net45+win8+wp8+wpa81)
      System.Threading (>= 4.3) - restriction: || (&& (< monotouch) (< net45) (>= netstandard1.3) (< win8) (< wpa81) (< xamarinios) (< xamarinmac) (< xamarintvos) (< xamarinwatchos)) (< portable-net45+win8+wp8+wpa81)
    System.Reflection (4.3) - restriction: || (&& (< monoandroid) (< monotouch) (< net45) (< win8) (< wp8) (< wpa81) (< xamarinios)) (&& (< monoandroid) (< net35) (< netstandard1.3) (>= netstandard1.5)) (&& (< monoandroid) (< net35) (< netstandard1.3) (>= netstandard1.6)) (&& (< monoandroid) (< net35) (< netstandard1.5) (>= netstandard1.6)) (&& (< monoandroid) (< net45) (< netstandard1.2) (>= netstandard1.3) (< win8)) (&& (< monoandroid) (< net45) (< netstandard1.2) (>= netstandard1.4) (< win8)) (&& (< monoandroid) (< net45) (< netstandard1.2) (>= netstandard1.5)) (&& (< monoandroid) (< net45) (< netstandard1.2) (>= netstandard1.6)) (&& (< monoandroid) (< net45) (>= netstandard1.3) (< netstandard1.4) (< wpa81)) (&& (< monoandroid) (< net45) (>= netstandard1.3) (< netstandard1.5)) (&& (< monoandroid) (< net45) (>= netstandard1.3) (< netstandard1.6) (< win8) (< wpa81)) (&& (< monoandroid) (< net45) (< netstandard1.3) (>= netstandard1.4) (< win8) (< wpa81)) (&& (< monoandroid) (< net45) (< netstandard1.3) (>= netstandard1.5)) (&& (< monoandroid) (< net45) (< netstandard1.3) (>= netstandard1.6)) (&& (< monoandroid) (< net45) (>= netstandard1.4) (< netstandard1.5) (< wpa81)) (&& (< monoandroid) (< net45) (< netstandard1.4) (>= netstandard1.5)) (&& (< monoandroid) (< net45) (< netstandard1.4) (>= netstandard1.6)) (&& (< monoandroid) (< net45) (>= netstandard1.5) (< netstandard1.6)) (&& (< monoandroid) (< net45) (< netstandard1.5) (>= netstandard1.6)) (&& (< monoandroid) (< netstandard1.0) (>= netstandard1.3) (< win8)) (&& (< monoandroid) (< netstandard1.1) (>= netstandard1.3) (< win8)) (&& (< monoandroid) (< netstandard1.1) (>= netstandard1.4) (< win8)) (&& (< monoandroid) (< netstandard1.1) (>= netstandard1.5)) (&& (< monoandroid) (< netstandard1.1) (>= netstandard1.6)) (&& (< monotouch) (< net35) (>= netstandard1.5) (< xamarinios) (< xamarinmac) (< xamarintvos) (< xamarinwatchos)) (&& (< monotouch) (< net35) (>= netstandard1.6) (< xamarinios) (< xamarinmac) (< xamarintvos) (< xamarinwatchos)) (&& (< monotouch) (< net45) (>= netstandard1.3) (< win8) (< wpa81) (< xamarinios) (< xamarinmac) (< xamarintvos) (< xamarinwatchos)) (&& (< monotouch) (< net45) (>= netstandard1.5) (< xamarinios) (< xamarinmac) (< xamarintvos) (< xamarinwatchos)) (&& (< monotouch) (< net45) (>= netstandard1.6) (< xamarinios) (< xamarinmac) (< xamarintvos) (< xamarinwatchos)) (&& (< net35) (>= net462)) (&& (< net35) (>= netstandard1.3)) (&& (< net45) (>= net46) (< netstandard1.4)) (&& (< net45) (>= net462)) (&& (< net45) (>= netstandard1.3) (< portable-net451+win81+wpa81)) (&& (< net45) (>= netstandard1.5) (< portable-net451+win81+wpa81)) (&& (< net45) (>= netstandard1.6) (< portable-net451+win81+wpa81)) (&& (>= net46) (< netstandard1.1)) (&& (>= net46) (< portable-net45+win8+wpa81)) (&& (>= netcoreapp1.1) (< netstandard1.4)) (&& (>= netcoreapp1.1) (< netstandard1.5)) (&& (>= netcoreapp1.1) (< netstandard1.6)) (&& (>= netcoreapp1.1) (< netstandard2.0)) (&& (>= netcoreapp1.1) (< portable-net451+win81+wpa81)) (&& (>= netcoreapp1.1) (>= uap10.0)) (&& (< netstandard1.0) (>= netstandard1.3) (< portable-net451+win81+wpa81) (< win8)) (&& (< netstandard1.1) (>= netstandard1.3) (< portable-net451+win81+wpa81) (< win8)) (&& (< netstandard1.1) (>= uap10.0) (< win8)) (&& (< netstandard1.2) (>= uap10.0) (< win8)) (&& (>= netstandard1.3) (< portable-net45+win8+wpa81)) (&& (>= netstandard1.4) (< portable-net45+win8+wpa81)) (&& (>= netstandard1.5) (< portable-net45+win8+wpa81)) (&& (>= netstandard1.5) (>= uap10.0)) (&& (>= netstandard1.6) (< portable-net45+win8+wpa81)) (&& (>= netstandard1.6) (>= uap10.0)) (< portable-net45+win8+wp8+wpa81) (&& (< portable-net45+win8+wpa81) (>= uap10.0)) (&& (>= uap10.0) (< uap10.1)) (&& (>= uap10.0) (< win8) (< wpa81))
      Microsoft.NETCore.Platforms (>= 1.1) - restriction: || (&& (< monoandroid) (< net45) (>= netstandard1.0) (< netstandard1.3) (< win8) (< wp8) (< wpa81)) (&& (< monoandroid) (< net45) (>= netstandard1.3) (< netstandard1.5) (< win8) (< wpa81)) (&& (< monotouch) (< net45) (>= netstandard1.5) (< xamarinios) (< xamarinmac) (< xamarintvos) (< xamarinwatchos)) (< portable-net45+win8+wp8+wpa81)
      Microsoft.NETCore.Targets (>= 1.1) - restriction: || (&& (< monoandroid) (< net45) (>= netstandard1.0) (< netstandard1.3) (< win8) (< wp8) (< wpa81)) (&& (< monoandroid) (< net45) (>= netstandard1.3) (< netstandard1.5) (< win8) (< wpa81)) (&& (< monotouch) (< net45) (>= netstandard1.5) (< xamarinios) (< xamarinmac) (< xamarintvos) (< xamarinwatchos)) (< portable-net45+win8+wp8+wpa81)
      System.IO (>= 4.3) - restriction: || (&& (< monoandroid) (< net45) (>= netstandard1.0) (< netstandard1.3) (< win8) (< wp8) (< wpa81)) (&& (< monoandroid) (< net45) (>= netstandard1.3) (< netstandard1.5) (< win8) (< wpa81)) (&& (< monotouch) (< net45) (>= netstandard1.5) (< xamarinios) (< xamarinmac) (< xamarintvos) (< xamarinwatchos)) (< portable-net45+win8+wp8+wpa81)
      System.Reflection.Primitives (>= 4.3) - restriction: || (&& (< monoandroid) (< net45) (>= netstandard1.0) (< netstandard1.3) (< win8) (< wp8) (< wpa81)) (&& (< monoandroid) (< net45) (>= netstandard1.3) (< netstandard1.5) (< win8) (< wpa81)) (&& (< monotouch) (< net45) (>= netstandard1.5) (< xamarinios) (< xamarinmac) (< xamarintvos) (< xamarinwatchos)) (< portable-net45+win8+wp8+wpa81)
      System.Runtime (>= 4.3) - restriction: || (&& (< monoandroid) (< net45) (>= netstandard1.0) (< netstandard1.3) (< win8) (< wp8) (< wpa81)) (&& (< monoandroid) (< net45) (>= netstandard1.3) (< netstandard1.5) (< win8) (< wpa81)) (&& (< monotouch) (< net45) (>= netstandard1.5) (< xamarinios) (< xamarinmac) (< xamarintvos) (< xamarinwatchos)) (< portable-net45+win8+wp8+wpa81)
    System.Reflection.Emit (4.3) - restriction: || (&& (< monoandroid) (< net45) (< netstandard1.4) (>= netstandard1.6)) (&& (< monoandroid) (< net45) (< netstandard1.5) (>= netstandard1.6)) (&& (< monotouch) (< net45) (>= netstandard1.6) (< xamarinios) (< xamarinmac) (< xamarintvos) (< xamarinwatchos)) (&& (< net35) (>= netstandard1.3)) (&& (< net45) (>= netstandard1.6) (< portable-net451+win81+wpa81)) (&& (>= netstandard1.6) (< portable-net45+win8+wp8+wpa81)) (&& (>= netstandard1.6) (< portable-net45+win8+wpa81)) (&& (>= netstandard1.6) (>= uap10.0))
      System.IO (>= 4.3) - restriction: && (< monotouch) (< net45) (>= netstandard1.1) (< xamarinios) (< xamarinmac) (< xamarintvos) (< xamarinwatchos)
      System.Reflection (>= 4.3) - restriction: && (< monotouch) (< net45) (>= netstandard1.1) (< xamarinios) (< xamarinmac) (< xamarintvos) (< xamarinwatchos)
      System.Reflection.Emit.ILGeneration (>= 4.3) - restriction: && (< monotouch) (< net45) (>= netstandard1.1) (< xamarinios) (< xamarinmac) (< xamarintvos) (< xamarinwatchos)
      System.Reflection.Primitives (>= 4.3) - restriction: && (< monotouch) (< net45) (>= netstandard1.1) (< xamarinios) (< xamarinmac) (< xamarintvos) (< xamarinwatchos)
      System.Runtime (>= 4.3) - restriction: && (< monotouch) (< net45) (>= netstandard1.1) (< xamarinios) (< xamarinmac) (< xamarintvos) (< xamarinwatchos)
    System.Reflection.Emit.ILGeneration (4.3) - restriction: || (&& (< monoandroid) (< net45) (< netstandard1.4) (>= netstandard1.6)) (&& (< monoandroid) (< net45) (< netstandard1.5) (>= netstandard1.6)) (&& (< monotouch) (< net35) (>= netstandard1.3) (< xamarinios) (< xamarinmac) (< xamarintvos) (< xamarinwatchos)) (&& (< monotouch) (< net35) (>= netstandard1.6) (< xamarinios) (< xamarinmac) (< xamarintvos) (< xamarinwatchos)) (&& (< monotouch) (< net45) (>= netstandard1.6) (< xamarinios) (< xamarinmac) (< xamarintvos) (< xamarinwatchos)) (&& (< net45) (>= netstandard1.6) (< portable-net451+win81+wpa81)) (&& (>= netstandard1.6) (< portable-net45+win8+wpa81)) (&& (>= netstandard1.6) (>= uap10.0)) (< portable-net45+win8+wp8+wpa81)
      System.Reflection (>= 4.3) - restriction: && (< monotouch) (< net45) (>= netstandard1.0) (< wp8) (< xamarinios) (< xamarinmac) (< xamarintvos) (< xamarinwatchos)
      System.Reflection.Primitives (>= 4.3) - restriction: && (< monotouch) (< net45) (>= netstandard1.0) (< wp8) (< xamarinios) (< xamarinmac) (< xamarintvos) (< xamarinwatchos)
      System.Runtime (>= 4.3) - restriction: && (< monotouch) (< net45) (>= netstandard1.0) (< wp8) (< xamarinios) (< xamarinmac) (< xamarintvos) (< xamarinwatchos)
    System.Reflection.Emit.Lightweight (4.3) - restriction: || (&& (< monoandroid) (< net45) (< netstandard1.4) (>= netstandard1.6)) (&& (< monoandroid) (< net45) (< netstandard1.5) (>= netstandard1.6)) (&& (< monotouch) (< net35) (>= netstandard1.6) (< xamarinios) (< xamarinmac) (< xamarintvos) (< xamarinwatchos)) (&& (< monotouch) (< net45) (>= netstandard1.6) (< xamarinios) (< xamarinmac) (< xamarintvos) (< xamarinwatchos)) (&& (< net45) (>= netstandard1.6) (< portable-net451+win81+wpa81)) (&& (>= netstandard1.6) (< portable-net45+win8+wpa81)) (&& (>= netstandard1.6) (>= uap10.0)) (< portable-net45+win8+wp8+wpa81)
      System.Reflection (>= 4.3) - restriction: && (< monotouch) (< net45) (>= netstandard1.0) (< wp8) (< xamarinios) (< xamarinmac) (< xamarintvos) (< xamarinwatchos)
      System.Reflection.Emit.ILGeneration (>= 4.3) - restriction: && (< monotouch) (< net45) (>= netstandard1.0) (< wp8) (< xamarinios) (< xamarinmac) (< xamarintvos) (< xamarinwatchos)
      System.Reflection.Primitives (>= 4.3) - restriction: && (< monotouch) (< net45) (>= netstandard1.0) (< wp8) (< xamarinios) (< xamarinmac) (< xamarintvos) (< xamarinwatchos)
      System.Runtime (>= 4.3) - restriction: && (< monotouch) (< net45) (>= netstandard1.0) (< wp8) (< xamarinios) (< xamarinmac) (< xamarintvos) (< xamarinwatchos)
    System.Reflection.Extensions (4.3) - restriction: || (&& (< monoandroid) (< monotouch) (< net45) (< win8) (< wp8) (< wpa81) (< xamarinios)) (&& (< monoandroid) (< net35) (>= netstandard1.3) (< netstandard1.5) (< win8) (< wpa81)) (&& (< monoandroid) (< net45) (>= netstandard1.3) (< netstandard1.4) (< wpa81)) (&& (< monoandroid) (< net45) (>= netstandard1.4) (< netstandard1.5) (< wpa81)) (&& (< monoandroid) (< net45) (< netstandard1.4) (>= netstandard1.6)) (&& (< monoandroid) (< net45) (>= netstandard1.5) (< netstandard1.6)) (&& (< monoandroid) (< net45) (< netstandard1.5) (>= netstandard1.6)) (&& (< monoandroid) (< netstandard1.0) (>= netstandard1.3) (< win8)) (&& (< monoandroid) (< netstandard1.1) (>= netstandard1.3) (< win8)) (&& (< monoandroid) (< netstandard1.1) (>= netstandard1.4) (< win8)) (&& (< monoandroid) (< netstandard1.1) (>= netstandard1.5)) (&& (< monoandroid) (< netstandard1.1) (>= netstandard1.6)) (&& (< monotouch) (< net35) (>= netstandard1.5) (< xamarinios) (< xamarinmac) (< xamarintvos) (< xamarinwatchos)) (&& (< monotouch) (< net35) (>= netstandard1.6) (< xamarinios) (< xamarinmac) (< xamarintvos) (< xamarinwatchos)) (&& (< monotouch) (< net45) (>= netstandard1.3) (< win8) (< wpa81) (< xamarinios) (< xamarinmac) (< xamarintvos) (< xamarinwatchos)) (&& (< monotouch) (< net45) (>= netstandard1.6) (< xamarinios) (< xamarinmac) (< xamarintvos) (< xamarinwatchos)) (&& (< net45) (>= net46) (< netstandard1.4)) (&& (< net45) (>= netstandard1.3) (< portable-net451+win81+wpa81)) (&& (< net45) (>= netstandard1.6) (< portable-net451+win81+wpa81)) (&& (>= net46) (< netstandard1.1)) (&& (< netstandard1.0) (>= netstandard1.3) (< portable-net451+win81+wpa81) (< win8)) (&& (< netstandard1.1) (>= netstandard1.3) (< portable-net451+win81+wpa81) (< win8)) (&& (< netstandard1.1) (>= uap10.0) (< win8)) (&& (>= netstandard1.3) (< portable-net45+win8+wpa81)) (&& (>= netstandard1.6) (< portable-net45+win8+wpa81)) (&& (>= netstandard1.6) (>= uap10.0)) (< portable-net45+win8+wp8+wpa81) (&& (>= uap10.0) (< uap10.1)) (&& (>= uap10.0) (< win8) (< wpa81))
      Microsoft.NETCore.Platforms (>= 1.1) - restriction: || (&& (< monotouch) (< net45) (>= netstandard1.0) (< win8) (< wp8) (< wpa81) (< xamarinios) (< xamarinmac) (< xamarintvos) (< xamarinwatchos)) (< portable-net45+win8+wp8+wpa81)
      Microsoft.NETCore.Targets (>= 1.1) - restriction: || (&& (< monotouch) (< net45) (>= netstandard1.0) (< win8) (< wp8) (< wpa81) (< xamarinios) (< xamarinmac) (< xamarintvos) (< xamarinwatchos)) (< portable-net45+win8+wp8+wpa81)
      System.Reflection (>= 4.3) - restriction: || (&& (< monotouch) (< net45) (>= netstandard1.0) (< win8) (< wp8) (< wpa81) (< xamarinios) (< xamarinmac) (< xamarintvos) (< xamarinwatchos)) (< portable-net45+win8+wp8+wpa81)
      System.Runtime (>= 4.3) - restriction: || (&& (< monotouch) (< net45) (>= netstandard1.0) (< win8) (< wp8) (< wpa81) (< xamarinios) (< xamarinmac) (< xamarintvos) (< xamarinwatchos)) (< portable-net45+win8+wp8+wpa81)
    System.Reflection.Primitives (4.3) - restriction: || (&& (< monoandroid) (< net35) (>= netstandard1.3) (< netstandard1.5) (< win8) (< wpa81)) (&& (< monoandroid) (< net45) (>= netstandard1.0) (< netstandard1.3) (< win8) (< wp8) (< wpa81)) (&& (< monoandroid) (< net45) (< netstandard1.2) (>= netstandard1.3) (< win8)) (&& (< monoandroid) (< net45) (< netstandard1.2) (>= netstandard1.4) (< win8)) (&& (< monoandroid) (< net45) (< netstandard1.2) (>= netstandard1.5)) (&& (< monoandroid) (< net45) (< netstandard1.2) (>= netstandard1.6)) (&& (< monoandroid) (< net45) (>= netstandard1.3) (< netstandard1.4) (< wpa81)) (&& (< monoandroid) (< net45) (>= netstandard1.3) (< netstandard1.5) (< win8) (< wpa81)) (&& (< monoandroid) (< net45) (< netstandard1.3) (>= netstandard1.4) (< win8) (< wpa81)) (&& (< monoandroid) (< net45) (< netstandard1.3) (>= netstandard1.5)) (&& (< monoandroid) (< net45) (< netstandard1.3) (>= netstandard1.6)) (&& (< monoandroid) (< net45) (>= netstandard1.4) (< netstandard1.5) (< wpa81)) (&& (< monoandroid) (< net45) (< netstandard1.4) (>= netstandard1.5)) (&& (< monoandroid) (< net45) (< netstandard1.4) (>= netstandard1.6)) (&& (< monoandroid) (< net45) (>= netstandard1.5) (< netstandard1.6)) (&& (< monoandroid) (< net45) (< netstandard1.5) (>= netstandard1.6)) (&& (< monotouch) (< net35) (>= netstandard1.3) (< xamarinios) (< xamarinmac) (< xamarintvos) (< xamarinwatchos)) (&& (< monotouch) (< net35) (>= netstandard1.5) (< xamarinios) (< xamarinmac) (< xamarintvos) (< xamarinwatchos)) (&& (< monotouch) (< net35) (>= netstandard1.6) (< xamarinios) (< xamarinmac) (< xamarintvos) (< xamarinwatchos)) (&& (< monotouch) (< net45) (>= netstandard1.5) (< xamarinios) (< xamarinmac) (< xamarintvos) (< xamarinwatchos)) (&& (< monotouch) (< net45) (>= netstandard1.6) (< xamarinios) (< xamarinmac) (< xamarintvos) (< xamarinwatchos)) (&& (< net45) (>= net462)) (&& (< net45) (>= netstandard1.3) (< portable-net451+win81+wpa81)) (&& (< net45) (>= netstandard1.5) (< portable-net451+win81+wpa81)) (&& (< net45) (>= netstandard1.6) (< portable-net451+win81+wpa81)) (&& (>= netcoreapp1.1) (< netstandard1.4)) (&& (>= netcoreapp1.1) (< netstandard1.5)) (&& (>= netcoreapp1.1) (< netstandard1.6)) (&& (>= netcoreapp1.1) (< netstandard2.0)) (&& (>= netcoreapp1.1) (< portable-net451+win81+wpa81)) (&& (>= netcoreapp1.1) (>= uap10.0)) (&& (< netstandard1.2) (>= uap10.0) (< win8)) (&& (>= netstandard1.3) (< portable-net45+win8+wpa81)) (&& (>= netstandard1.4) (< portable-net45+win8+wpa81)) (&& (>= netstandard1.5) (< portable-net45+win8+wpa81)) (&& (>= netstandard1.5) (>= uap10.0)) (&& (>= netstandard1.6) (< portable-net45+win8+wpa81)) (&& (>= netstandard1.6) (>= uap10.0)) (< portable-net45+win8+wp8+wpa81) (&& (< portable-net45+win8+wpa81) (>= uap10.0)) (&& (>= uap10.0) (< uap10.1)) (&& (>= uap10.0) (< win8) (< wpa81))
      Microsoft.NETCore.Platforms (>= 1.1) - restriction: || (&& (< monotouch) (< net45) (>= netstandard1.0) (< win8) (< wp8) (< wpa81) (< xamarinios) (< xamarinmac) (< xamarintvos) (< xamarinwatchos)) (< portable-net45+win8+wp8+wpa81)
      Microsoft.NETCore.Targets (>= 1.1) - restriction: || (&& (< monotouch) (< net45) (>= netstandard1.0) (< win8) (< wp8) (< wpa81) (< xamarinios) (< xamarinmac) (< xamarintvos) (< xamarinwatchos)) (< portable-net45+win8+wp8+wpa81)
      System.Runtime (>= 4.3) - restriction: || (&& (< monotouch) (< net45) (>= netstandard1.0) (< win8) (< wp8) (< wpa81) (< xamarinios) (< xamarinmac) (< xamarintvos) (< xamarinwatchos)) (< portable-net45+win8+wp8+wpa81)
    System.Reflection.TypeExtensions (4.3) - restriction: || (&& (< monoandroid) (< net45) (< netstandard1.4) (>= netstandard1.6)) (&& (< monoandroid) (< net45) (< netstandard1.5) (>= netstandard1.6)) (&& (< monotouch) (< net35) (>= netstandard1.3) (< win8) (< wpa81) (< xamarinios) (< xamarinmac) (< xamarintvos) (< xamarinwatchos)) (&& (< monotouch) (< net35) (>= netstandard1.5) (< xamarinios) (< xamarinmac) (< xamarintvos) (< xamarinwatchos)) (&& (< monotouch) (< net35) (>= netstandard1.6) (< xamarinios) (< xamarinmac) (< xamarintvos) (< xamarinwatchos)) (&& (< monotouch) (< net45) (>= netstandard1.6) (< xamarinios) (< xamarinmac) (< xamarintvos) (< xamarinwatchos)) (&& (< net45) (>= netstandard1.3)) (&& (< net45) (>= netstandard1.6) (< portable-net451+win81+wpa81)) (&& (>= netstandard1.6) (< portable-net45+win8+wpa81)) (&& (>= netstandard1.6) (>= uap10.0)) (< portable-net45+win8+wp8+wpa81)
      System.Reflection (>= 4.3) - restriction: || (&& (< monoandroid) (< net46) (>= netstandard1.3) (< netstandard1.5)) (&& (< monoandroid) (< netstandard1.3)) (&& (< monotouch) (< net46) (>= netstandard1.5) (< xamarinios) (< xamarinmac) (< xamarintvos) (< xamarinwatchos)) (>= net462)
      System.Runtime (>= 4.3) - restriction: || (&& (< monoandroid) (< net46) (>= netstandard1.3) (< netstandard1.5)) (&& (< monoandroid) (< netstandard1.3)) (&& (< monotouch) (< net46) (>= netstandard1.5) (< xamarinios) (< xamarinmac) (< xamarintvos) (< xamarinwatchos))
    System.Resources.ResourceManager (4.3) - restriction: || (&& (< monoandroid) (< net35) (>= netstandard1.3) (< netstandard1.5) (< win8) (< wpa81)) (&& (< monoandroid) (< net45) (>= netstandard1.3) (< netstandard1.4) (< wpa81)) (&& (< monoandroid) (< net45) (< netstandard1.3) (>= netstandard1.4) (< wpa81)) (&& (< monoandroid) (< net45) (< netstandard1.3) (>= netstandard1.5)) (&& (< monoandroid) (< net45) (< netstandard1.3) (>= netstandard1.6)) (&& (< monoandroid) (< net45) (>= netstandard1.4) (< netstandard1.5) (< wpa81)) (&& (< monoandroid) (< net45) (< netstandard1.4) (>= netstandard1.6)) (&& (< monoandroid) (< net45) (>= netstandard1.5) (< netstandard1.6)) (&& (< monoandroid) (< net45) (< netstandard1.5) (>= netstandard1.6)) (&& (< monoandroid) (< netstandard1.0) (>= netstandard1.3) (< win8)) (&& (< monoandroid) (< netstandard1.1) (>= netstandard1.3) (< win8)) (&& (< monoandroid) (< netstandard1.1) (>= netstandard1.4) (< win8)) (&& (< monoandroid) (< netstandard1.1) (>= netstandard1.5)) (&& (< monoandroid) (< netstandard1.1) (>= netstandard1.6)) (&& (< monotouch) (< net35) (>= netstandard1.3) (< xamarinios) (< xamarinmac) (< xamarintvos) (< xamarinwatchos)) (&& (< monotouch) (< net35) (>= netstandard1.5) (< xamarinios) (< xamarinmac) (< xamarintvos) (< xamarinwatchos)) (&& (< monotouch) (< net45) (>= netstandard1.3) (< win8) (< wpa81) (< xamarinios) (< xamarinmac) (< xamarintvos) (< xamarinwatchos)) (&& (< monotouch) (< net45) (>= netstandard1.6) (< xamarinios) (< xamarinmac) (< xamarintvos) (< xamarinwatchos)) (&& (< net45) (>= net46) (< netstandard1.3)) (&& (< net45) (>= net46) (< netstandard1.4)) (&& (< net45) (>= netstandard1.3) (< portable-net451+win81+wpa81)) (&& (< net45) (>= netstandard1.6) (< portable-net451+win81+wpa81)) (&& (>= net46) (< netstandard1.1)) (&& (>= net46) (< portable-net45+win8+wpa81)) (&& (< netstandard1.0) (>= netstandard1.3) (< portable-net451+win81+wpa81) (< win8)) (&& (< netstandard1.1) (>= netstandard1.3) (< portable-net451+win81+wpa81) (< win8)) (&& (< netstandard1.1) (>= uap10.0) (< win8)) (&& (>= netstandard1.3) (< portable-net45+win8+wpa81)) (&& (< netstandard1.3) (>= uap10.0)) (&& (>= netstandard1.4) (< portable-net45+win8+wpa81)) (&& (>= netstandard1.5) (< portable-net45+win8+wpa81)) (&& (>= netstandard1.6) (< portable-net45+win8+wpa81)) (&& (>= netstandard1.6) (>= uap10.0)) (< portable-net45+win8+wp8+wpa81) (&& (< portable-net45+win8+wpa81) (>= uap10.0)) (&& (>= uap10.0) (< uap10.1)) (&& (>= uap10.0) (< win8) (< wpa81))
      Microsoft.NETCore.Platforms (>= 1.1) - restriction: || (&& (< monotouch) (< net45) (>= netstandard1.0) (< win8) (< wp8) (< wpa81) (< xamarinios) (< xamarinmac) (< xamarintvos) (< xamarinwatchos)) (< portable-net45+win8+wp8+wpa81)
      Microsoft.NETCore.Targets (>= 1.1) - restriction: || (&& (< monotouch) (< net45) (>= netstandard1.0) (< win8) (< wp8) (< wpa81) (< xamarinios) (< xamarinmac) (< xamarintvos) (< xamarinwatchos)) (< portable-net45+win8+wp8+wpa81)
      System.Globalization (>= 4.3) - restriction: || (&& (< monotouch) (< net45) (>= netstandard1.0) (< win8) (< wp8) (< wpa81) (< xamarinios) (< xamarinmac) (< xamarintvos) (< xamarinwatchos)) (< portable-net45+win8+wp8+wpa81)
      System.Reflection (>= 4.3) - restriction: || (&& (< monotouch) (< net45) (>= netstandard1.0) (< win8) (< wp8) (< wpa81) (< xamarinios) (< xamarinmac) (< xamarintvos) (< xamarinwatchos)) (< portable-net45+win8+wp8+wpa81)
      System.Runtime (>= 4.3) - restriction: || (&& (< monotouch) (< net45) (>= netstandard1.0) (< win8) (< wp8) (< wpa81) (< xamarinios) (< xamarinmac) (< xamarintvos) (< xamarinwatchos)) (< portable-net45+win8+wp8+wpa81)
    System.Runtime (4.3) - restriction: || (&& (< monoandroid) (< monotouch) (< net45) (< win8) (< wp8) (< wpa81) (< xamarinios)) (&& (< monoandroid) (< net35) (>= netstandard1.3) (< netstandard1.4) (< wpa81)) (&& (< monoandroid) (< net35) (>= netstandard1.3) (< netstandard1.5) (< win8) (< wpa81)) (&& (< monoandroid) (< net35) (< netstandard1.3) (>= netstandard1.5)) (&& (< monoandroid) (< net35) (< netstandard1.3) (>= netstandard1.6)) (&& (< monoandroid) (< net35) (>= netstandard1.4) (< netstandard1.5) (< wpa81)) (&& (< monoandroid) (< net35) (>= netstandard1.5) (< netstandard1.6)) (&& (< monoandroid) (< net35) (< netstandard1.5) (>= netstandard1.6)) (&& (< monoandroid) (< net45) (>= netstandard1.0) (< netstandard1.3) (< win8) (< wp8) (< wpa81)) (&& (< monoandroid) (< net45) (>= netstandard1.0) (< netstandard1.6) (< win8) (< wp8) (< wpa81)) (&& (< monoandroid) (< net45) (< netstandard1.2) (>= netstandard1.3) (< win8)) (&& (< monoandroid) (< net45) (< netstandard1.2) (>= netstandard1.4) (< win8)) (&& (< monoandroid) (< net45) (< netstandard1.2) (>= netstandard1.5)) (&& (< monoandroid) (< net45) (< netstandard1.2) (>= netstandard1.6)) (&& (< monoandroid) (< net45) (>= netstandard1.3) (< netstandard1.4) (< wpa81)) (&& (< monoandroid) (< net45) (>= netstandard1.3) (< netstandard1.5)) (&& (< monoandroid) (< net45) (>= netstandard1.3) (< netstandard1.6) (< win8) (< wpa81)) (&& (< monoandroid) (< net45) (< netstandard1.3) (>= netstandard1.4) (< wpa81)) (&& (< monoandroid) (< net45) (< netstandard1.3) (>= netstandard1.5)) (&& (< monoandroid) (< net45) (< netstandard1.3) (>= netstandard1.6)) (&& (< monoandroid) (< net45) (>= netstandard1.4) (< netstandard1.5) (< wpa81)) (&& (< monoandroid) (< net45) (< netstandard1.4) (>= netstandard1.5)) (&& (< monoandroid) (< net45) (< netstandard1.4) (>= netstandard1.6)) (&& (< monoandroid) (< net45) (>= netstandard1.5) (< netstandard1.6)) (&& (< monoandroid) (< net45) (< netstandard1.5) (>= netstandard1.6)) (&& (< monoandroid) (< netstandard1.0) (>= netstandard1.3) (< win8)) (&& (< monoandroid) (< netstandard1.1) (>= netstandard1.3) (< win8)) (&& (< monoandroid) (< netstandard1.1) (>= netstandard1.4) (< win8)) (&& (< monoandroid) (< netstandard1.1) (>= netstandard1.5)) (&& (< monoandroid) (< netstandard1.1) (>= netstandard1.6)) (&& (< monotouch) (< net35) (>= netstandard1.3) (< xamarinios) (< xamarinmac) (< xamarintvos) (< xamarinwatchos)) (&& (< monotouch) (< net35) (>= netstandard1.5) (< xamarinios) (< xamarinmac) (< xamarintvos) (< xamarinwatchos)) (&& (< monotouch) (< net35) (>= netstandard1.6) (< xamarinios) (< xamarinmac) (< xamarintvos) (< xamarinwatchos)) (&& (< monotouch) (< net45) (>= netstandard1.3) (< win8) (< wpa81) (< xamarinios) (< xamarinmac) (< xamarintvos) (< xamarinwatchos)) (&& (< monotouch) (< net45) (>= netstandard1.5) (< xamarinios) (< xamarinmac) (< xamarintvos) (< xamarinwatchos)) (&& (< monotouch) (< net45) (>= netstandard1.6) (< xamarinios) (< xamarinmac) (< xamarintvos) (< xamarinwatchos)) (&& (< net35) (>= net46) (>= netstandard1.4) (< netstandard1.5)) (&& (< net35) (>= net46) (>= netstandard1.5) (< netstandard1.6)) (&& (< net35) (>= net46) (>= netstandard1.6) (< netstandard2.0)) (&& (< net35) (>= netstandard1.3) (< portable-net451+win81+wpa81) (< win8)) (&& (>= net45) (< netstandard2.0)) (&& (>= net45) (>= uap10.0)) (&& (< net45) (>= net46) (< netstandard1.3)) (&& (< net45) (>= net46) (>= netstandard1.4) (< netstandard1.5)) (&& (< net45) (>= net46) (< netstandard1.4)) (&& (< net45) (>= net46) (>= netstandard1.5) (< netstandard1.6)) (&& (< net45) (>= net46) (>= netstandard1.6) (< netstandard2.0)) (&& (< net45) (>= net462)) (&& (< net45) (>= netstandard1.3) (< portable-net451+win81+wpa81)) (&& (< net45) (>= netstandard1.4) (< portable-net451+win81+wpa81)) (&& (< net45) (>= netstandard1.5) (< portable-net451+win81+wpa81)) (&& (< net45) (>= netstandard1.6) (< portable-net451+win81+wpa81)) (&& (>= net46) (< netstandard1.1)) (&& (>= net46) (< portable-net45+win8+wpa81)) (&& (>= net46) (>= uap10.0)) (&& (>= net462) (>= uap10.0)) (>= netcoreapp1.1) (&& (< netstandard1.0) (>= netstandard1.3) (< portable-net451+win81+wpa81) (< win8)) (&& (< netstandard1.1) (>= netstandard1.3) (< portable-net451+win81+wpa81) (< win8)) (&& (< netstandard1.1) (>= uap10.0) (< win8)) (&& (< netstandard1.2) (>= uap10.0) (< win8)) (&& (>= netstandard1.3) (< netstandard2.0) (< xamarinmac)) (&& (>= netstandard1.3) (< portable-net45+win8+wpa81)) (&& (< netstandard1.3) (>= uap10.0)) (&& (>= netstandard1.4) (< portable-net45+win8+wpa81)) (&& (>= netstandard1.5) (< portable-net45+win8+wpa81)) (&& (>= netstandard1.5) (>= uap10.0)) (&& (>= netstandard1.6) (< portable-net45+win8+wpa81)) (&& (>= netstandard1.6) (>= uap10.0)) (< portable-net45+win8+wp8+wpa81) (&& (< portable-net45+win8+wpa81) (>= uap10.0)) (&& (< portable-net451+win81+wpa81) (>= uap10.0)) (&& (>= uap10.0) (< uap10.1)) (&& (>= uap10.0) (< win8) (< wpa81)) (&& (>= uap10.0) (< win81) (< wpa81))
      Microsoft.NETCore.Platforms (>= 1.1) - restriction: || (&& (< monoandroid) (< net45) (>= netstandard1.0) (< netstandard1.2) (< win8) (< wp8)) (&& (< monoandroid) (< net45) (>= netstandard1.2) (< netstandard1.3) (< win8) (< wpa81)) (&& (< monoandroid) (< net45) (>= netstandard1.3) (< netstandard1.5) (< win8) (< wpa81)) (&& (< monotouch) (< net45) (>= netstandard1.5) (< xamarinios) (< xamarinmac) (< xamarintvos) (< xamarinwatchos)) (< portable-net45+win8+wp8+wpa81)
      Microsoft.NETCore.Targets (>= 1.1) - restriction: || (&& (< monoandroid) (< net45) (>= netstandard1.0) (< netstandard1.2) (< win8) (< wp8)) (&& (< monoandroid) (< net45) (>= netstandard1.2) (< netstandard1.3) (< win8) (< wpa81)) (&& (< monoandroid) (< net45) (>= netstandard1.3) (< netstandard1.5) (< win8) (< wpa81)) (&& (< monotouch) (< net45) (>= netstandard1.5) (< xamarinios) (< xamarinmac) (< xamarintvos) (< xamarinwatchos)) (< portable-net45+win8+wp8+wpa81)
    System.Runtime.Extensions (4.3) - restriction: || (&& (< monoandroid) (< monotouch) (< net45) (< win8) (< wp8) (< wpa81) (< xamarinios)) (&& (< monoandroid) (< net35) (>= netstandard1.3) (< netstandard1.5) (< win8) (< wpa81)) (&& (< monoandroid) (< net45) (>= netstandard1.3) (< netstandard1.4) (< wpa81)) (&& (< monoandroid) (< net45) (< netstandard1.3) (>= netstandard1.4) (< wpa81)) (&& (< monoandroid) (< net45) (< netstandard1.3) (>= netstandard1.5)) (&& (< monoandroid) (< net45) (< netstandard1.3) (>= netstandard1.6)) (&& (< monoandroid) (< net45) (>= netstandard1.4) (< netstandard1.5) (< wpa81)) (&& (< monoandroid) (< net45) (< netstandard1.4) (>= netstandard1.6)) (&& (< monoandroid) (< net45) (>= netstandard1.5) (< netstandard1.6)) (&& (< monoandroid) (< net45) (< netstandard1.5) (>= netstandard1.6)) (&& (< monotouch) (< net35) (>= netstandard1.3) (< xamarinios) (< xamarinmac) (< xamarintvos) (< xamarinwatchos)) (&& (< monotouch) (< net35) (>= netstandard1.5) (< xamarinios) (< xamarinmac) (< xamarintvos) (< xamarinwatchos)) (&& (< monotouch) (< net45) (>= netstandard1.6) (< xamarinios) (< xamarinmac) (< xamarintvos) (< xamarinwatchos)) (&& (< net45) (>= net46) (< netstandard1.3)) (&& (< net45) (>= net46) (< netstandard1.4)) (&& (< net45) (>= netstandard1.3) (< portable-net451+win81+wpa81)) (&& (< net45) (>= netstandard1.6) (< portable-net451+win81+wpa81)) (&& (>= net46) (< portable-net45+win8+wpa81)) (&& (>= netstandard1.3) (< portable-net45+win8+wpa81)) (&& (< netstandard1.3) (>= uap10.0)) (&& (>= netstandard1.4) (< portable-net45+win8+wpa81)) (&& (>= netstandard1.5) (< portable-net45+win8+wpa81)) (&& (>= netstandard1.6) (< portable-net45+win8+wpa81)) (&& (>= netstandard1.6) (>= uap10.0)) (< portable-net45+win8+wp8+wpa81) (&& (< portable-net45+win8+wpa81) (>= uap10.0)) (&& (>= uap10.0) (< uap10.1)) (&& (>= uap10.0) (< win8) (< wpa81))
      Microsoft.NETCore.Platforms (>= 1.1) - restriction: || (&& (< monoandroid) (< net45) (>= netstandard1.0) (< netstandard1.3) (< win8) (< wp8) (< wpa81)) (&& (< monoandroid) (< net45) (>= netstandard1.3) (< netstandard1.5) (< win8) (< wpa81)) (&& (< monotouch) (< net45) (>= netstandard1.5) (< xamarinios) (< xamarinmac) (< xamarintvos) (< xamarinwatchos)) (< portable-net45+win8+wp8+wpa81)
      Microsoft.NETCore.Targets (>= 1.1) - restriction: || (&& (< monoandroid) (< net45) (>= netstandard1.0) (< netstandard1.3) (< win8) (< wp8) (< wpa81)) (&& (< monoandroid) (< net45) (>= netstandard1.3) (< netstandard1.5) (< win8) (< wpa81)) (&& (< monotouch) (< net45) (>= netstandard1.5) (< xamarinios) (< xamarinmac) (< xamarintvos) (< xamarinwatchos)) (< portable-net45+win8+wp8+wpa81)
      System.Runtime (>= 4.3) - restriction: || (&& (< monoandroid) (< net45) (>= netstandard1.0) (< netstandard1.3) (< win8) (< wp8) (< wpa81)) (&& (< monoandroid) (< net45) (>= netstandard1.3) (< netstandard1.5) (< win8) (< wpa81)) (&& (< monotouch) (< net45) (>= netstandard1.5) (< xamarinios) (< xamarinmac) (< xamarintvos) (< xamarinwatchos)) (< portable-net45+win8+wp8+wpa81)
    System.Runtime.Handles (4.3) - restriction: || (&& (< monoandroid) (< net35) (>= netstandard1.3) (< netstandard1.4) (< wpa81)) (&& (< monoandroid) (< net35) (>= netstandard1.3) (< netstandard1.5) (< win8) (< wpa81)) (&& (< monoandroid) (< net35) (>= netstandard1.4) (< netstandard1.5) (< wpa81)) (&& (< monoandroid) (< net35) (>= netstandard1.5) (< netstandard1.6)) (&& (< monoandroid) (< net45) (>= netstandard1.3) (< netstandard1.4) (< wpa81)) (&& (< monoandroid) (< net45) (< netstandard1.3) (>= netstandard1.4) (< wpa81)) (&& (< monoandroid) (< net45) (< netstandard1.3) (>= netstandard1.5)) (&& (< monoandroid) (< net45) (< netstandard1.3) (>= netstandard1.6)) (&& (< monoandroid) (< net45) (>= netstandard1.4) (< netstandard1.5) (< wpa81)) (&& (< monoandroid) (< net45) (< netstandard1.4) (>= netstandard1.5)) (&& (< monoandroid) (< net45) (< netstandard1.4) (>= netstandard1.6)) (&& (< monoandroid) (< net45) (>= netstandard1.5) (< netstandard1.6)) (&& (< monoandroid) (< net45) (< netstandard1.5) (>= netstandard1.6)) (&& (< monoandroid) (< netstandard1.0) (>= netstandard1.3) (< win8)) (&& (< monoandroid) (< netstandard1.0) (>= netstandard1.5)) (&& (< monotouch) (< net35) (>= netstandard1.3) (< win8) (< wpa81) (< xamarinios) (< xamarinmac) (< xamarintvos) (< xamarinwatchos)) (&& (< monotouch) (< net35) (>= netstandard1.5) (< xamarinios) (< xamarinmac) (< xamarintvos) (< xamarinwatchos)) (&& (< monotouch) (< net35) (>= netstandard1.6) (< netstandard2.0) (< xamarinios) (< xamarinmac) (< xamarintvos) (< xamarinwatchos)) (&& (< monotouch) (< net45) (>= netstandard1.6) (< netstandard2.0) (< xamarinios) (< xamarinmac) (< xamarintvos) (< xamarinwatchos)) (&& (< net35) (>= netstandard1.3) (< portable-net451+win81+wpa81) (< win8)) (&& (>= net45) (>= uap10.0)) (&& (< net45) (>= net46) (< netstandard1.3)) (&& (< net45) (>= net46) (< netstandard1.4)) (&& (< net45) (>= netstandard1.3) (< portable-net451+win81+wpa81) (< win8)) (&& (< net45) (>= netstandard1.5) (< portable-net451+win81+wpa81)) (&& (< net45) (>= netstandard1.6) (< portable-net451+win81+wpa81)) (&& (>= net46) (< portable-net45+win8+wp8+wpa81)) (&& (>= net46) (< portable-net45+win8+wpa81)) (>= netcoreapp1.1) (&& (< netstandard1.0) (>= netstandard1.3) (< portable-net451+win81+wpa81) (< win8)) (&& (< netstandard1.0) (>= netstandard1.5) (< portable-net451+win81+wpa81)) (&& (>= netstandard1.3) (< portable-net45+win8+wp8+wpa81)) (&& (>= netstandard1.3) (< portable-net45+win8+wpa81)) (&& (< netstandard1.3) (>= uap10.0)) (&& (>= netstandard1.4) (< portable-net45+win8+wp8+wpa81)) (&& (>= netstandard1.4) (< portable-net45+win8+wpa81)) (&& (>= netstandard1.5) (< portable-net45+win8+wp8+wpa81)) (&& (>= netstandard1.5) (< portable-net45+win8+wpa81)) (&& (>= netstandard1.5) (>= uap10.0)) (&& (>= netstandard1.6) (< portable-net45+win8+wp8+wpa81)) (&& (>= netstandard1.6) (< portable-net45+win8+wpa81)) (&& (>= netstandard1.6) (>= uap10.0)) (&& (< portable-net45+win8+wp8+wpa81) (>= uap10.0)) (&& (< portable-net45+win8+wpa81) (>= uap10.0)) (&& (>= uap10.0) (< uap10.1)) (&& (>= uap10.0) (< win8) (< wpa81))
      Microsoft.NETCore.Platforms (>= 1.1) - restriction: && (< monotouch) (< net46) (>= netstandard1.3) (< xamarinios) (< xamarinmac) (< xamarintvos) (< xamarinwatchos)
      Microsoft.NETCore.Targets (>= 1.1) - restriction: && (< monotouch) (< net46) (>= netstandard1.3) (< xamarinios) (< xamarinmac) (< xamarintvos) (< xamarinwatchos)
      System.Runtime (>= 4.3) - restriction: && (< monotouch) (< net46) (>= netstandard1.3) (< xamarinios) (< xamarinmac) (< xamarintvos) (< xamarinwatchos)
    System.Runtime.InteropServices (4.3) - restriction: || (&& (< monoandroid) (< net35) (>= netstandard1.3) (< netstandard1.4) (< win8) (< wpa81)) (&& (< monoandroid) (< net35) (>= netstandard1.4) (< netstandard1.5) (< win8) (< wpa81)) (&& (< monoandroid) (< net35) (>= netstandard1.5) (< netstandard1.6)) (&& (< monoandroid) (< net45) (>= netstandard1.3) (< netstandard1.4) (< wpa81)) (&& (< monoandroid) (< net45) (< netstandard1.3) (>= netstandard1.4) (< wpa81)) (&& (< monoandroid) (< net45) (< netstandard1.3) (>= netstandard1.5)) (&& (< monoandroid) (< net45) (< netstandard1.3) (>= netstandard1.6)) (&& (< monoandroid) (< net45) (>= netstandard1.4) (< netstandard1.5) (< wpa81)) (&& (< monoandroid) (< net45) (< netstandard1.4) (>= netstandard1.6)) (&& (< monoandroid) (< net45) (>= netstandard1.5) (< netstandard1.6)) (&& (< monoandroid) (< net45) (< netstandard1.5) (>= netstandard1.6)) (&& (< monoandroid) (< netstandard1.0) (>= netstandard1.3) (< win8)) (&& (< monotouch) (< net35) (>= netstandard1.3) (< xamarinios) (< xamarinmac) (< xamarintvos) (< xamarinwatchos)) (&& (< monotouch) (< net35) (>= netstandard1.6) (< netstandard2.0) (< xamarinios) (< xamarinmac) (< xamarintvos) (< xamarinwatchos)) (&& (< monotouch) (< net45) (>= netstandard1.6) (< netstandard2.0) (< xamarinios) (< xamarinmac) (< xamarintvos) (< xamarinwatchos)) (&& (< net35) (>= netstandard1.3) (< portable-net451+win81+wpa81) (< win8)) (&& (>= net45) (< portable-net45+win8+wp8+wpa81)) (&& (>= net45) (>= uap10.0)) (&& (< net45) (>= net46) (< netstandard1.3)) (&& (< net45) (>= net46) (< netstandard1.4)) (&& (< net45) (>= netstandard1.3) (< portable-net451+win81+wpa81)) (&& (< net45) (>= netstandard1.6) (< portable-net451+win81+wpa81)) (&& (>= net46) (< portable-net45+win8+wp8+wpa81)) (&& (>= net46) (< portable-net45+win8+wpa81)) (&& (< netstandard1.0) (>= netstandard1.3) (< portable-net451+win81+wpa81) (< win8)) (&& (>= netstandard1.3) (< portable-net45+win8+wp8+wpa81)) (&& (>= netstandard1.3) (< portable-net45+win8+wpa81)) (&& (< netstandard1.3) (>= uap10.0)) (&& (>= netstandard1.4) (< portable-net45+win8+wp8+wpa81)) (&& (>= netstandard1.4) (< portable-net45+win8+wpa81)) (&& (>= netstandard1.5) (< portable-net45+win8+wp8+wpa81)) (&& (>= netstandard1.5) (< portable-net45+win8+wpa81)) (&& (>= netstandard1.6) (< portable-net45+win8+wp8+wpa81)) (&& (>= netstandard1.6) (< portable-net45+win8+wpa81)) (&& (>= netstandard1.6) (>= uap10.0)) (&& (< portable-net45+win8+wp8+wpa81) (>= uap10.0)) (&& (< portable-net45+win8+wpa81) (>= uap10.0)) (&& (>= uap10.0) (< uap10.1)) (&& (>= uap10.0) (< win8) (< wpa81))
      Microsoft.NETCore.Platforms (>= 1.1) - restriction: || (&& (< monoandroid) (< net45) (>= netstandard1.1) (< netstandard1.2) (< win8)) (&& (< monoandroid) (< net45) (>= netstandard1.2) (< netstandard1.3) (< win8) (< wpa81)) (&& (< monoandroid) (< net45) (>= netstandard1.3) (< netstandard1.5) (< win8) (< wpa81)) (&& (< monotouch) (< net45) (>= netstandard1.5) (< xamarinios) (< xamarinmac) (< xamarintvos) (< xamarinwatchos)) (>= netcoreapp1.1) (< portable-net45+win8+wpa81)
      Microsoft.NETCore.Targets (>= 1.1) - restriction: || (&& (< monoandroid) (< net45) (>= netstandard1.1) (< netstandard1.2) (< win8)) (&& (< monoandroid) (< net45) (>= netstandard1.2) (< netstandard1.3) (< win8) (< wpa81)) (&& (< monoandroid) (< net45) (>= netstandard1.3) (< netstandard1.5) (< win8) (< wpa81)) (&& (< monotouch) (< net45) (>= netstandard1.5) (< xamarinios) (< xamarinmac) (< xamarintvos) (< xamarinwatchos)) (>= netcoreapp1.1) (< portable-net45+win8+wpa81)
      System.Reflection (>= 4.3) - restriction: || (&& (< monoandroid) (< net45) (>= netstandard1.1) (< netstandard1.2) (< win8)) (&& (< monoandroid) (< net45) (>= netstandard1.2) (< netstandard1.3) (< win8) (< wpa81)) (&& (< monoandroid) (< net45) (>= netstandard1.3) (< netstandard1.5) (< win8) (< wpa81)) (&& (< monotouch) (< net45) (>= netstandard1.5) (< xamarinios) (< xamarinmac) (< xamarintvos) (< xamarinwatchos)) (>= netcoreapp1.1) (< portable-net45+win8+wpa81)
      System.Reflection.Primitives (>= 4.3) - restriction: || (&& (< monoandroid) (< net45) (>= netstandard1.1) (< netstandard1.2) (< win8)) (&& (< monoandroid) (< net45) (>= netstandard1.2) (< netstandard1.3) (< win8) (< wpa81)) (&& (< monoandroid) (< net45) (>= netstandard1.3) (< netstandard1.5) (< win8) (< wpa81)) (&& (< monotouch) (< net45) (>= netstandard1.5) (< xamarinios) (< xamarinmac) (< xamarintvos) (< xamarinwatchos)) (>= netcoreapp1.1) (< portable-net45+win8+wpa81)
      System.Runtime (>= 4.3) - restriction: || (&& (< monoandroid) (< net45) (>= netstandard1.1) (< netstandard1.2) (< win8)) (&& (< monoandroid) (< net45) (>= netstandard1.2) (< netstandard1.3) (< win8) (< wpa81)) (&& (< monoandroid) (< net45) (>= netstandard1.3) (< netstandard1.5) (< win8) (< wpa81)) (&& (< monotouch) (< net45) (>= netstandard1.5) (< xamarinios) (< xamarinmac) (< xamarintvos) (< xamarinwatchos)) (>= net462) (>= netcoreapp1.1) (< portable-net45+win8+wpa81)
      System.Runtime.Handles (>= 4.3) - restriction: || (&& (< monoandroid) (< net45) (>= netstandard1.3) (< netstandard1.5) (< win8) (< wpa81)) (&& (< monotouch) (< net45) (>= netstandard1.5) (< xamarinios) (< xamarinmac) (< xamarintvos) (< xamarinwatchos)) (>= netcoreapp1.1) (< portable-net45+win8+wpa81)
    System.Runtime.InteropServices.RuntimeInformation (4.3) - restriction: || (&& (< monoandroid) (< net35) (>= netstandard1.3) (< netstandard1.4) (< wpa81)) (&& (< monoandroid) (< net35) (>= netstandard1.4) (< netstandard1.5) (< wpa81)) (&& (< monoandroid) (< net35) (>= netstandard1.5) (< netstandard1.6)) (&& (< monoandroid) (< net45) (>= netstandard1.3) (< netstandard1.4) (< wpa81)) (&& (< monoandroid) (< net45) (>= netstandard1.4) (< netstandard1.5) (< wpa81)) (&& (< monoandroid) (< net45) (>= netstandard1.5) (< netstandard1.6)) (&& (< monoandroid) (< netstandard1.0) (>= netstandard1.3)) (&& (< monotouch) (< net35) (>= netstandard1.6) (< netstandard2.0) (< xamarinios) (< xamarinmac) (< xamarintvos) (< xamarinwatchos)) (&& (< monotouch) (< net45) (>= netstandard1.6) (< netstandard2.0) (< xamarinios) (< xamarinmac) (< xamarintvos) (< xamarinwatchos)) (&& (< net35) (>= netstandard1.3) (< portable-net451+win81+wpa81)) (&& (>= net45) (< netstandard1.0) (>= portable-net451+win81+wpa81)) (&& (>= net45) (< netstandard1.3) (>= wpa81)) (&& (>= net45) (< portable-net451+win81+wpa81)) (&& (>= net45) (>= uap10.0)) (&& (< net45) (>= netstandard1.3) (< portable-net451+win81+wpa81)) (&& (>= net451) (< netstandard1.3)) (&& (>= net46) (< netstandard1.4)) (&& (< netstandard1.0) (>= netstandard1.3) (< portable-net451+win81+wpa81)) (&& (>= uap10.0) (< uap10.1))
      runtime.native.System (>= 4.3) - restriction: && (< monotouch) (< net45) (>= netstandard1.1) (< win8) (< wpa81) (< xamarinios) (< xamarinmac) (< xamarintvos) (< xamarinwatchos)
      System.Reflection (>= 4.3) - restriction: || (&& (< monoandroid) (< netstandard1.1) (< win8)) (&& (< monotouch) (< net45) (>= netstandard1.1) (< win8) (< wpa81) (< xamarinios) (< xamarinmac) (< xamarintvos) (< xamarinwatchos))
      System.Reflection.Extensions (>= 4.3) - restriction: || (&& (< monoandroid) (< netstandard1.1) (< win8)) (&& (< monotouch) (< net45) (>= netstandard1.1) (< win8) (< wpa81) (< xamarinios) (< xamarinmac) (< xamarintvos) (< xamarinwatchos))
      System.Resources.ResourceManager (>= 4.3) - restriction: || (&& (< monoandroid) (< netstandard1.1) (< win8)) (&& (< monotouch) (< net45) (>= netstandard1.1) (< win8) (< wpa81) (< xamarinios) (< xamarinmac) (< xamarintvos) (< xamarinwatchos))
      System.Runtime (>= 4.3) - restriction: || (&& (< monoandroid) (< netstandard1.1) (< win8)) (&& (< monotouch) (< net45) (>= netstandard1.1) (< win8) (< wpa81) (< xamarinios) (< xamarinmac) (< xamarintvos) (< xamarinwatchos))
      System.Runtime.InteropServices (>= 4.3) - restriction: && (< monotouch) (< net45) (>= netstandard1.1) (< win8) (< wpa81) (< xamarinios) (< xamarinmac) (< xamarintvos) (< xamarinwatchos)
      System.Threading (>= 4.3) - restriction: || (&& (< monoandroid) (< netstandard1.1) (< win8)) (&& (< monotouch) (< net45) (>= netstandard1.1) (< win8) (< wpa81) (< xamarinios) (< xamarinmac) (< xamarintvos) (< xamarinwatchos))
    System.Runtime.Numerics (4.3) - restriction: || (&& (< monoandroid) (< net45) (>= netstandard1.3) (< netstandard1.4) (< wpa81)) (&& (< monoandroid) (< net45) (< netstandard1.3) (>= netstandard1.4) (< wpa81)) (&& (< monoandroid) (< net45) (< netstandard1.3) (>= netstandard1.5)) (&& (< monoandroid) (< net45) (< netstandard1.3) (>= netstandard1.6)) (&& (< monoandroid) (< net45) (>= netstandard1.4) (< netstandard1.5) (< wpa81)) (&& (< monoandroid) (< net45) (< netstandard1.4) (>= netstandard1.6)) (&& (< monoandroid) (< net45) (>= netstandard1.5) (< netstandard1.6)) (&& (< monoandroid) (< net45) (< netstandard1.5) (>= netstandard1.6)) (&& (< monotouch) (< net45) (>= netstandard1.6) (< netstandard2.0) (< xamarinios) (< xamarinmac) (< xamarintvos) (< xamarinwatchos)) (&& (< net45) (>= net46) (< netstandard1.3)) (&& (< net45) (>= net46) (< netstandard1.4) (>= netstandard1.6)) (&& (< net45) (>= netstandard1.3) (< portable-net451+win81+wpa81)) (&& (< net45) (>= netstandard1.6) (< portable-net451+win81+wpa81)) (&& (< netstandard1.3) (>= uap10.0)) (&& (>= netstandard1.6) (>= uap10.0)) (&& (>= uap10.0) (< uap10.1))
      System.Globalization (>= 4.3) - restriction: || (&& (< monotouch) (< net45) (>= netstandard1.3) (< win8) (< wpa81) (< xamarinios) (< xamarinmac) (< xamarintvos) (< xamarinwatchos)) (< portable-net45+win8+wpa81)
      System.Resources.ResourceManager (>= 4.3) - restriction: || (&& (< monotouch) (< net45) (>= netstandard1.3) (< win8) (< wpa81) (< xamarinios) (< xamarinmac) (< xamarintvos) (< xamarinwatchos)) (< portable-net45+win8+wpa81)
      System.Runtime (>= 4.3) - restriction: || (&& (< monoandroid) (< net45) (>= netstandard1.1) (< netstandard1.3) (< win8) (< wpa81)) (&& (< monotouch) (< net45) (>= netstandard1.3) (< win8) (< wpa81) (< xamarinios) (< xamarinmac) (< xamarintvos) (< xamarinwatchos)) (< portable-net45+win8+wpa81)
      System.Runtime.Extensions (>= 4.3) - restriction: || (&& (< monotouch) (< net45) (>= netstandard1.3) (< win8) (< wpa81) (< xamarinios) (< xamarinmac) (< xamarintvos) (< xamarinwatchos)) (< portable-net45+win8+wpa81)
    System.Security.Cryptography.Algorithms (4.3.1) - restriction: || (&& (< monoandroid) (< net35) (>= netstandard1.3) (< netstandard1.4) (< wpa81)) (&& (< monoandroid) (< net35) (>= netstandard1.4) (< netstandard1.5) (< wpa81)) (&& (< monoandroid) (< net35) (>= netstandard1.5) (< netstandard1.6)) (&& (< monoandroid) (< net45) (>= netstandard1.3) (< netstandard1.4) (< wpa81)) (&& (< monoandroid) (< net45) (>= netstandard1.4) (< netstandard1.5) (< wpa81)) (&& (< monoandroid) (< net45) (< netstandard1.4) (>= netstandard1.6)) (&& (< monoandroid) (< net45) (>= netstandard1.5) (< netstandard1.6)) (&& (< monoandroid) (< net45) (< netstandard1.5) (>= netstandard1.6)) (&& (< monotouch) (< net35) (>= netstandard1.6) (< netstandard2.0) (< xamarinios) (< xamarinmac) (< xamarintvos) (< xamarinwatchos)) (&& (< monotouch) (< net45) (>= netstandard1.6) (< netstandard2.0) (< xamarinios) (< xamarinmac) (< xamarintvos) (< xamarinwatchos)) (&& (>= net45) (>= uap10.0)) (&& (< net45) (>= netstandard1.6) (< portable-net451+win81+wpa81)) (&& (>= net46) (< netstandard1.4)) (&& (>= netstandard1.6) (>= uap10.0)) (&& (>= uap10.0) (< uap10.1))
      Microsoft.NETCore.Platforms (>= 1.1) - restriction: || (&& (< monoandroid) (< netstandard1.3)) (&& (< monotouch) (< net46) (>= netstandard1.6) (< xamarinios) (< xamarinmac) (< xamarintvos) (< xamarinwatchos))
      runtime.native.System.Security.Cryptography.Apple (>= 4.3.1) - restriction: && (< monotouch) (< net46) (>= netstandard1.6) (< xamarinios) (< xamarinmac) (< xamarintvos) (< xamarinwatchos)
      runtime.native.System.Security.Cryptography.OpenSsl (>= 4.3.2) - restriction: && (< monotouch) (< net46) (>= netstandard1.6) (< xamarinios) (< xamarinmac) (< xamarintvos) (< xamarinwatchos)
      System.Collections (>= 4.3) - restriction: && (< monotouch) (< net46) (>= netstandard1.6) (< xamarinios) (< xamarinmac) (< xamarintvos) (< xamarinwatchos)
      System.IO (>= 4.3) - restriction: || (&& (< monoandroid) (< net46) (>= netstandard1.3) (< netstandard1.4)) (&& (< monoandroid) (< net46) (>= netstandard1.4) (< netstandard1.6)) (&& (< monoandroid) (< netstandard1.3)) (&& (< monotouch) (< net46) (>= netstandard1.6) (< xamarinios) (< xamarinmac) (< xamarintvos) (< xamarinwatchos)) (>= net463)
      System.Resources.ResourceManager (>= 4.3) - restriction: || (&& (< monoandroid) (< netstandard1.3)) (&& (< monotouch) (< net46) (>= netstandard1.6) (< xamarinios) (< xamarinmac) (< xamarintvos) (< xamarinwatchos))
      System.Runtime (>= 4.3) - restriction: || (&& (< monoandroid) (< net46) (>= netstandard1.3) (< netstandard1.4)) (&& (< monoandroid) (< net46) (>= netstandard1.4) (< netstandard1.6)) (&& (< monoandroid) (< netstandard1.3)) (&& (< monotouch) (< net46) (>= netstandard1.6) (< xamarinios) (< xamarinmac) (< xamarintvos) (< xamarinwatchos)) (>= net463)
      System.Runtime.Extensions (>= 4.3) - restriction: || (&& (< monoandroid) (< netstandard1.3)) (&& (< monotouch) (< net46) (>= netstandard1.6) (< xamarinios) (< xamarinmac) (< xamarintvos) (< xamarinwatchos))
      System.Runtime.Handles (>= 4.3) - restriction: || (&& (< monoandroid) (< netstandard1.3)) (&& (< monotouch) (< net46) (>= netstandard1.6) (< xamarinios) (< xamarinmac) (< xamarintvos) (< xamarinwatchos))
      System.Runtime.InteropServices (>= 4.3) - restriction: || (&& (< monoandroid) (< netstandard1.3)) (&& (< monotouch) (< net46) (>= netstandard1.6) (< xamarinios) (< xamarinmac) (< xamarintvos) (< xamarinwatchos))
      System.Runtime.Numerics (>= 4.3) - restriction: && (< monotouch) (< net46) (>= netstandard1.6) (< xamarinios) (< xamarinmac) (< xamarintvos) (< xamarinwatchos)
      System.Security.Cryptography.Encoding (>= 4.3) - restriction: || (&& (< monoandroid) (< netstandard1.3)) (&& (< monotouch) (< net46) (>= netstandard1.6) (< xamarinios) (< xamarinmac) (< xamarintvos) (< xamarinwatchos)) (>= net463)
      System.Security.Cryptography.Primitives (>= 4.3) - restriction: || (&& (< monoandroid) (< net46) (>= netstandard1.3) (< netstandard1.4)) (&& (< monoandroid) (< net46) (>= netstandard1.4) (< netstandard1.6)) (&& (< monoandroid) (< netstandard1.3)) (&& (< monotouch) (< net46) (>= netstandard1.6) (< xamarinios) (< xamarinmac) (< xamarintvos) (< xamarinwatchos)) (&& (>= net46) (< netstandard1.4)) (&& (>= net461) (< netstandard1.6)) (>= net463)
      System.Text.Encoding (>= 4.3) - restriction: || (&& (< monoandroid) (< netstandard1.3)) (&& (< monotouch) (< net46) (>= netstandard1.6) (< xamarinios) (< xamarinmac) (< xamarintvos) (< xamarinwatchos))
    System.Security.Cryptography.Cng (4.4) - restriction: || (&& (< monoandroid) (< net45) (< netstandard1.3) (>= netstandard1.4) (< wpa81)) (&& (< monoandroid) (< net45) (< netstandard1.3) (>= netstandard1.5)) (&& (< monoandroid) (< net45) (< netstandard1.3) (>= netstandard1.6)) (&& (< monoandroid) (< net45) (< netstandard1.4) (>= netstandard1.6)) (&& (< monoandroid) (< net45) (< netstandard1.5) (>= netstandard1.6)) (&& (< monotouch) (< net45) (>= netstandard1.6) (< netstandard2.0) (< xamarinios) (< xamarinmac) (< xamarintvos) (< xamarinwatchos)) (&& (< net45) (>= net46) (< netstandard1.3)) (&& (< net45) (>= net46) (< netstandard1.4) (>= netstandard1.6)) (&& (< netstandard1.3) (>= uap10.0)) (&& (>= netstandard1.6) (>= uap10.0))
      System.IO (>= 4.3) - restriction: || (&& (< monoandroid) (< net46) (>= netstandard1.3) (< netstandard1.4)) (&& (< monoandroid) (< net46) (>= netstandard1.4) (< netstandard1.6)) (&& (< monotouch) (< net46) (>= netstandard1.6) (< netstandard2.0) (< xamarinios) (< xamarinmac) (< xamarintvos) (< xamarinwatchos))
      System.Resources.ResourceManager (>= 4.3) - restriction: || (&& (< monoandroid) (< net46) (>= netstandard1.3) (< netstandard1.4)) (&& (< monoandroid) (< net46) (>= netstandard1.4) (< netstandard1.6)) (&& (< monotouch) (< net46) (>= netstandard1.6) (< netstandard2.0) (< xamarinios) (< xamarinmac) (< xamarintvos) (< xamarinwatchos))
      System.Runtime (>= 4.3) - restriction: || (&& (< monoandroid) (< net46) (>= netstandard1.3) (< netstandard1.4)) (&& (< monoandroid) (< net46) (>= netstandard1.4) (< netstandard1.6)) (&& (< monotouch) (< net46) (>= netstandard1.6) (< netstandard2.0) (< xamarinios) (< xamarinmac) (< xamarintvos) (< xamarinwatchos))
      System.Runtime.Extensions (>= 4.3) - restriction: || (&& (< monoandroid) (< net46) (>= netstandard1.4) (< netstandard1.6)) (&& (< monotouch) (< net46) (>= netstandard1.6) (< netstandard2.0) (< xamarinios) (< xamarinmac) (< xamarintvos) (< xamarinwatchos))
      System.Runtime.Handles (>= 4.3) - restriction: || (&& (< monoandroid) (< net46) (>= netstandard1.3) (< netstandard1.4)) (&& (< monoandroid) (< net46) (>= netstandard1.4) (< netstandard1.6)) (&& (< monotouch) (< net46) (>= netstandard1.6) (< netstandard2.0) (< xamarinios) (< xamarinmac) (< xamarintvos) (< xamarinwatchos))
      System.Runtime.InteropServices (>= 4.3) - restriction: || (&& (< monoandroid) (< net46) (>= netstandard1.3) (< netstandard1.4)) (&& (< monoandroid) (< net46) (>= netstandard1.4) (< netstandard1.6)) (&& (< monotouch) (< net46) (>= netstandard1.6) (< netstandard2.0) (< xamarinios) (< xamarinmac) (< xamarintvos) (< xamarinwatchos))
      System.Security.Cryptography.Algorithms (>= 4.3) - restriction: || (&& (< monoandroid) (< net46) (>= netstandard1.3) (< netstandard1.4)) (&& (< monoandroid) (< net46) (>= netstandard1.4) (< netstandard1.6)) (&& (< monotouch) (< net46) (>= netstandard1.6) (< netstandard2.0) (< xamarinios) (< xamarinmac) (< xamarintvos) (< xamarinwatchos)) (&& (>= net46) (< netstandard1.4))
      System.Security.Cryptography.Encoding (>= 4.3) - restriction: || (&& (< monoandroid) (< net46) (>= netstandard1.4) (< netstandard1.6)) (&& (< monotouch) (< net46) (>= netstandard1.6) (< netstandard2.0) (< xamarinios) (< xamarinmac) (< xamarintvos) (< xamarinwatchos))
      System.Security.Cryptography.Primitives (>= 4.3) - restriction: || (&& (< monoandroid) (< net46) (>= netstandard1.3) (< netstandard1.4)) (&& (< monoandroid) (< net46) (>= netstandard1.4) (< netstandard1.6)) (&& (< monotouch) (< net46) (>= netstandard1.6) (< netstandard2.0) (< xamarinios) (< xamarinmac) (< xamarintvos) (< xamarinwatchos)) (&& (>= net46) (< netstandard1.4))
      System.Text.Encoding (>= 4.3) - restriction: || (&& (< monoandroid) (< net46) (>= netstandard1.4) (< netstandard1.6)) (&& (< monotouch) (< net46) (>= netstandard1.6) (< netstandard2.0) (< xamarinios) (< xamarinmac) (< xamarintvos) (< xamarinwatchos))
    System.Security.Cryptography.Csp (4.3) - restriction: || (&& (< monoandroid) (< net45) (< netstandard1.4) (>= netstandard1.6)) (&& (< monoandroid) (< net45) (< netstandard1.5) (>= netstandard1.6)) (&& (< monotouch) (< net45) (>= netstandard1.6) (< netstandard2.0) (< xamarinios) (< xamarinmac) (< xamarintvos) (< xamarinwatchos)) (&& (< net45) (>= net46) (< netstandard1.4) (>= netstandard1.6)) (&& (>= netstandard1.6) (>= uap10.0))
      Microsoft.NETCore.Platforms (>= 1.1) - restriction: && (< monotouch) (< net46) (>= netstandard1.3) (< xamarinios) (< xamarinmac) (< xamarintvos) (< xamarinwatchos)
      System.IO (>= 4.3) - restriction: && (< monotouch) (< net46) (>= netstandard1.3) (< xamarinios) (< xamarinmac) (< xamarintvos) (< xamarinwatchos)
      System.Reflection (>= 4.3) - restriction: && (< monotouch) (< net46) (>= netstandard1.3) (< xamarinios) (< xamarinmac) (< xamarintvos) (< xamarinwatchos)
      System.Resources.ResourceManager (>= 4.3) - restriction: && (< monotouch) (< net46) (>= netstandard1.3) (< xamarinios) (< xamarinmac) (< xamarintvos) (< xamarinwatchos)
      System.Runtime (>= 4.3) - restriction: && (< monotouch) (< net46) (>= netstandard1.3) (< xamarinios) (< xamarinmac) (< xamarintvos) (< xamarinwatchos)
      System.Runtime.Extensions (>= 4.3) - restriction: && (< monotouch) (< net46) (>= netstandard1.3) (< xamarinios) (< xamarinmac) (< xamarintvos) (< xamarinwatchos)
      System.Runtime.Handles (>= 4.3) - restriction: && (< monotouch) (< net46) (>= netstandard1.3) (< xamarinios) (< xamarinmac) (< xamarintvos) (< xamarinwatchos)
      System.Runtime.InteropServices (>= 4.3) - restriction: && (< monotouch) (< net46) (>= netstandard1.3) (< xamarinios) (< xamarinmac) (< xamarintvos) (< xamarinwatchos)
      System.Security.Cryptography.Algorithms (>= 4.3) - restriction: || (&& (< monotouch) (>= netstandard1.3) (< xamarinios) (< xamarinmac) (< xamarintvos) (< xamarinwatchos)) (>= net46)
      System.Security.Cryptography.Encoding (>= 4.3) - restriction: && (< monotouch) (< net46) (>= netstandard1.3) (< xamarinios) (< xamarinmac) (< xamarintvos) (< xamarinwatchos)
      System.Security.Cryptography.Primitives (>= 4.3) - restriction: || (&& (< monotouch) (>= netstandard1.3) (< xamarinios) (< xamarinmac) (< xamarintvos) (< xamarinwatchos)) (>= net46)
      System.Text.Encoding (>= 4.3) - restriction: && (< monotouch) (< net46) (>= netstandard1.3) (< xamarinios) (< xamarinmac) (< xamarintvos) (< xamarinwatchos)
      System.Threading (>= 4.3) - restriction: && (< monotouch) (< net46) (>= netstandard1.3) (< xamarinios) (< xamarinmac) (< xamarintvos) (< xamarinwatchos)
    System.Security.Cryptography.Encoding (4.3) - restriction: || (&& (< monoandroid) (< net35) (>= netstandard1.3) (< netstandard1.4) (< wpa81)) (&& (< monoandroid) (< net35) (>= netstandard1.4) (< netstandard1.5) (< wpa81)) (&& (< monoandroid) (< net35) (>= netstandard1.5) (< netstandard1.6)) (&& (< monoandroid) (< net45) (>= netstandard1.3) (< netstandard1.4) (< wpa81)) (&& (< monoandroid) (< net45) (< netstandard1.3) (>= netstandard1.4) (< wpa81)) (&& (< monoandroid) (< net45) (< netstandard1.3) (>= netstandard1.5)) (&& (< monoandroid) (< net45) (< netstandard1.3) (>= netstandard1.6)) (&& (< monoandroid) (< net45) (>= netstandard1.4) (< netstandard1.5) (< wpa81)) (&& (< monoandroid) (< net45) (< netstandard1.4) (>= netstandard1.6)) (&& (< monoandroid) (< net45) (>= netstandard1.5) (< netstandard1.6)) (&& (< monoandroid) (< net45) (< netstandard1.5) (>= netstandard1.6)) (&& (< monotouch) (< net35) (>= netstandard1.6) (< netstandard2.0) (< xamarinios) (< xamarinmac) (< xamarintvos) (< xamarinwatchos)) (&& (< monotouch) (< net45) (>= netstandard1.6) (< netstandard2.0) (< xamarinios) (< xamarinmac) (< xamarintvos) (< xamarinwatchos)) (&& (>= net45) (>= uap10.0)) (&& (< net45) (>= net46) (< netstandard1.3)) (&& (< net45) (>= net463) (< netstandard1.4)) (&& (< net45) (>= net463) (< netstandard1.5)) (&& (< net45) (>= net463) (>= netstandard1.6) (< netstandard2.0)) (&& (< net45) (>= net463) (< netstandard1.6)) (&& (< net45) (>= netstandard1.3) (< portable-net451+win81+wpa81) (< win8)) (&& (< net45) (>= netstandard1.6) (< portable-net451+win81+wpa81)) (&& (>= net46) (< netstandard1.4)) (&& (>= net463) (>= uap10.0)) (&& (< netstandard1.3) (>= uap10.0)) (&& (>= netstandard1.6) (>= uap10.0)) (&& (>= uap10.0) (< uap10.1)) (&& (>= uap10.0) (< win8) (< wpa81))
      Microsoft.NETCore.Platforms (>= 1.1) - restriction: && (< monotouch) (< net46) (>= netstandard1.3) (< xamarinios) (< xamarinmac) (< xamarintvos) (< xamarinwatchos)
      runtime.native.System.Security.Cryptography.OpenSsl (>= 4.3) - restriction: && (< monotouch) (< net46) (>= netstandard1.3) (< xamarinios) (< xamarinmac) (< xamarintvos) (< xamarinwatchos)
      System.Collections (>= 4.3) - restriction: && (< monotouch) (< net46) (>= netstandard1.3) (< xamarinios) (< xamarinmac) (< xamarintvos) (< xamarinwatchos)
      System.Collections.Concurrent (>= 4.3) - restriction: && (< monotouch) (< net46) (>= netstandard1.3) (< xamarinios) (< xamarinmac) (< xamarintvos) (< xamarinwatchos)
      System.Linq (>= 4.3) - restriction: && (< monotouch) (< net46) (>= netstandard1.3) (< xamarinios) (< xamarinmac) (< xamarintvos) (< xamarinwatchos)
      System.Resources.ResourceManager (>= 4.3) - restriction: && (< monotouch) (< net46) (>= netstandard1.3) (< xamarinios) (< xamarinmac) (< xamarintvos) (< xamarinwatchos)
      System.Runtime (>= 4.3) - restriction: && (< monotouch) (< net46) (>= netstandard1.3) (< xamarinios) (< xamarinmac) (< xamarintvos) (< xamarinwatchos)
      System.Runtime.Extensions (>= 4.3) - restriction: && (< monotouch) (< net46) (>= netstandard1.3) (< xamarinios) (< xamarinmac) (< xamarintvos) (< xamarinwatchos)
      System.Runtime.Handles (>= 4.3) - restriction: && (< monotouch) (< net46) (>= netstandard1.3) (< xamarinios) (< xamarinmac) (< xamarintvos) (< xamarinwatchos)
      System.Runtime.InteropServices (>= 4.3) - restriction: && (< monotouch) (< net46) (>= netstandard1.3) (< xamarinios) (< xamarinmac) (< xamarintvos) (< xamarinwatchos)
      System.Security.Cryptography.Primitives (>= 4.3) - restriction: && (< monotouch) (< net46) (>= netstandard1.3) (< xamarinios) (< xamarinmac) (< xamarintvos) (< xamarinwatchos)
      System.Text.Encoding (>= 4.3) - restriction: && (< monotouch) (< net46) (>= netstandard1.3) (< xamarinios) (< xamarinmac) (< xamarintvos) (< xamarinwatchos)
    System.Security.Cryptography.OpenSsl (4.4) - restriction: || (&& (< monoandroid) (< net45) (< netstandard1.4) (>= netstandard1.6)) (&& (< monoandroid) (< net45) (< netstandard1.5) (>= netstandard1.6)) (&& (< monotouch) (< net45) (>= netstandard1.6) (< netstandard2.0) (< xamarinios) (< xamarinmac) (< xamarintvos) (< xamarinwatchos)) (&& (< net45) (>= net46) (< netstandard1.4) (>= netstandard1.6)) (&& (< net45) (>= netstandard1.6) (< portable-net451+win81+wpa81)) (&& (>= netstandard1.6) (>= uap10.0))
      System.Collections (>= 4.3) - restriction: && (< monotouch) (< net461) (>= netstandard1.6) (< netstandard2.0) (< xamarinios) (< xamarinmac) (< xamarintvos) (< xamarinwatchos)
      System.IO (>= 4.3) - restriction: && (< monotouch) (< net461) (>= netstandard1.6) (< netstandard2.0) (< xamarinios) (< xamarinmac) (< xamarintvos) (< xamarinwatchos)
      System.Resources.ResourceManager (>= 4.3) - restriction: && (< monotouch) (< net461) (>= netstandard1.6) (< netstandard2.0) (< xamarinios) (< xamarinmac) (< xamarintvos) (< xamarinwatchos)
      System.Runtime (>= 4.3) - restriction: && (< monotouch) (< net461) (>= netstandard1.6) (< netstandard2.0) (< xamarinios) (< xamarinmac) (< xamarintvos) (< xamarinwatchos)
      System.Runtime.Extensions (>= 4.3) - restriction: && (< monotouch) (< net461) (>= netstandard1.6) (< netstandard2.0) (< xamarinios) (< xamarinmac) (< xamarintvos) (< xamarinwatchos)
      System.Runtime.Handles (>= 4.3) - restriction: && (< monotouch) (< net461) (>= netstandard1.6) (< netstandard2.0) (< xamarinios) (< xamarinmac) (< xamarintvos) (< xamarinwatchos)
      System.Runtime.InteropServices (>= 4.3) - restriction: && (< monotouch) (< net461) (>= netstandard1.6) (< netstandard2.0) (< xamarinios) (< xamarinmac) (< xamarintvos) (< xamarinwatchos)
      System.Runtime.Numerics (>= 4.3) - restriction: && (< monotouch) (< net461) (>= netstandard1.6) (< netstandard2.0) (< xamarinios) (< xamarinmac) (< xamarintvos) (< xamarinwatchos)
      System.Security.Cryptography.Algorithms (>= 4.3) - restriction: && (< monotouch) (< net461) (>= netstandard1.6) (< netstandard2.0) (< xamarinios) (< xamarinmac) (< xamarintvos) (< xamarinwatchos)
      System.Security.Cryptography.Encoding (>= 4.3) - restriction: && (< monotouch) (< net461) (>= netstandard1.6) (< netstandard2.0) (< xamarinios) (< xamarinmac) (< xamarintvos) (< xamarinwatchos)
      System.Security.Cryptography.Primitives (>= 4.3) - restriction: && (< monotouch) (< net461) (>= netstandard1.6) (< netstandard2.0) (< xamarinios) (< xamarinmac) (< xamarintvos) (< xamarinwatchos)
      System.Text.Encoding (>= 4.3) - restriction: && (< monotouch) (< net461) (>= netstandard1.6) (< netstandard2.0) (< xamarinios) (< xamarinmac) (< xamarintvos) (< xamarinwatchos)
    System.Security.Cryptography.Primitives (4.3) - restriction: || (&& (< monoandroid) (< net35) (>= netstandard1.3) (< netstandard1.4) (< wpa81)) (&& (< monoandroid) (< net35) (< netstandard1.3) (>= netstandard1.4) (< wpa81)) (&& (< monoandroid) (< net35) (< netstandard1.3) (>= netstandard1.5)) (&& (< monoandroid) (< net35) (< netstandard1.3) (>= netstandard1.6)) (&& (< monoandroid) (< net35) (>= netstandard1.4) (< netstandard1.5) (< wpa81)) (&& (< monoandroid) (< net35) (< netstandard1.4) (>= netstandard1.5)) (&& (< monoandroid) (< net35) (< netstandard1.4) (>= netstandard1.6)) (&& (< monoandroid) (< net35) (>= netstandard1.5) (< netstandard1.6)) (&& (< monoandroid) (< net35) (< netstandard1.5) (>= netstandard1.6)) (&& (< monoandroid) (< net45) (>= netstandard1.3) (< netstandard1.4) (< wpa81)) (&& (< monoandroid) (< net45) (< netstandard1.3) (>= netstandard1.4) (< wpa81)) (&& (< monoandroid) (< net45) (< netstandard1.3) (>= netstandard1.5)) (&& (< monoandroid) (< net45) (< netstandard1.3) (>= netstandard1.6)) (&& (< monoandroid) (< net45) (>= netstandard1.4) (< netstandard1.5) (< wpa81)) (&& (< monoandroid) (< net45) (< netstandard1.4) (>= netstandard1.5)) (&& (< monoandroid) (< net45) (< netstandard1.4) (>= netstandard1.6)) (&& (< monoandroid) (< net45) (>= netstandard1.5) (< netstandard1.6)) (&& (< monoandroid) (< net45) (< netstandard1.5) (>= netstandard1.6)) (&& (< monotouch) (< net35) (>= netstandard1.6) (< netstandard2.0) (< xamarinios) (< xamarinmac) (< xamarintvos) (< xamarinwatchos)) (&& (< monotouch) (< net45) (>= netstandard1.6) (< netstandard2.0) (< xamarinios) (< xamarinmac) (< xamarintvos) (< xamarinwatchos)) (&& (< net35) (>= net461) (>= netstandard1.5) (< netstandard1.6)) (&& (< net35) (>= net461) (< netstandard1.5)) (&& (< net35) (>= net463) (< netstandard1.5)) (&& (< net35) (>= net463) (>= netstandard1.6) (< netstandard2.0)) (&& (< net35) (>= net463) (< netstandard1.6)) (&& (>= net45) (>= uap10.0)) (&& (< net45) (>= net461) (>= netstandard1.5) (< netstandard1.6)) (&& (< net45) (>= net461) (< netstandard1.5)) (&& (< net45) (>= net463) (< netstandard1.5)) (&& (< net45) (>= net463) (>= netstandard1.6) (< netstandard2.0)) (&& (< net45) (>= net463) (< netstandard1.6)) (&& (< net45) (>= netstandard1.6) (< portable-net451+win81+wpa81)) (&& (>= net46) (< netstandard1.3)) (&& (>= net46) (< netstandard1.4)) (&& (>= net461) (< netstandard1.4)) (&& (>= net461) (>= uap10.0)) (&& (>= net463) (< netstandard1.4)) (&& (>= net463) (>= uap10.0)) (&& (< netstandard1.3) (>= uap10.0)) (&& (< netstandard1.4) (>= uap10.0)) (&& (>= netstandard1.6) (>= uap10.0)) (&& (>= uap10.0) (< uap10.1))
      System.Diagnostics.Debug (>= 4.3) - restriction: && (< monotouch) (< net46) (>= netstandard1.3) (< xamarinios) (< xamarinmac) (< xamarintvos) (< xamarinwatchos)
      System.Globalization (>= 4.3) - restriction: && (< monotouch) (< net46) (>= netstandard1.3) (< xamarinios) (< xamarinmac) (< xamarintvos) (< xamarinwatchos)
      System.IO (>= 4.3) - restriction: && (< monotouch) (< net46) (>= netstandard1.3) (< xamarinios) (< xamarinmac) (< xamarintvos) (< xamarinwatchos)
      System.Resources.ResourceManager (>= 4.3) - restriction: && (< monotouch) (< net46) (>= netstandard1.3) (< xamarinios) (< xamarinmac) (< xamarintvos) (< xamarinwatchos)
      System.Runtime (>= 4.3) - restriction: && (< monotouch) (< net46) (>= netstandard1.3) (< xamarinios) (< xamarinmac) (< xamarintvos) (< xamarinwatchos)
      System.Threading (>= 4.3) - restriction: && (< monotouch) (< net46) (>= netstandard1.3) (< xamarinios) (< xamarinmac) (< xamarintvos) (< xamarinwatchos)
      System.Threading.Tasks (>= 4.3) - restriction: && (< monotouch) (< net46) (>= netstandard1.3) (< xamarinios) (< xamarinmac) (< xamarintvos) (< xamarinwatchos)
    System.Security.Cryptography.X509Certificates (4.3.2) - restriction: || (&& (< monoandroid) (< net35) (>= netstandard1.3) (< netstandard1.4) (< wpa81)) (&& (< monoandroid) (< net35) (>= netstandard1.4) (< netstandard1.5) (< wpa81)) (&& (< monoandroid) (< net35) (< netstandard1.4) (>= netstandard1.6)) (&& (< monoandroid) (< net35) (>= netstandard1.5) (< netstandard1.6)) (&& (< monoandroid) (< net35) (< netstandard1.5) (>= netstandard1.6)) (&& (< monoandroid) (< net45) (>= netstandard1.3) (< netstandard1.4) (< wpa81)) (&& (< monoandroid) (< net45) (>= netstandard1.4) (< netstandard1.5) (< wpa81)) (&& (< monoandroid) (< net45) (< netstandard1.4) (>= netstandard1.6)) (&& (< monoandroid) (< net45) (>= netstandard1.5) (< netstandard1.6)) (&& (< monoandroid) (< net45) (< netstandard1.5) (>= netstandard1.6)) (&& (< monotouch) (< net35) (>= netstandard1.6) (< netstandard2.0) (< xamarinios) (< xamarinmac) (< xamarintvos) (< xamarinwatchos)) (&& (< monotouch) (< net45) (>= netstandard1.6) (< netstandard2.0) (< xamarinios) (< xamarinmac) (< xamarintvos) (< xamarinwatchos)) (&& (< net35) (>= net46) (>= netstandard1.4) (< netstandard1.5)) (&& (< net35) (>= net46) (>= netstandard1.5) (< netstandard1.6)) (&& (< net35) (>= net46) (>= netstandard1.6) (< netstandard2.0)) (&& (< net35) (>= net46) (< portable-net451+win81+wpa81)) (&& (< net35) (>= netstandard1.3) (< portable-net451+win81+wpa81) (< win8)) (&& (< net35) (>= netstandard1.6) (< portable-net451+win81+wpa81)) (&& (>= net45) (>= uap10.0)) (&& (< net45) (>= net46) (>= netstandard1.4) (< netstandard1.5)) (&& (< net45) (>= net46) (>= netstandard1.5) (< netstandard1.6)) (&& (< net45) (>= net46) (>= netstandard1.6) (< netstandard2.0)) (&& (< net45) (>= net46) (< portable-net451+win81+wpa81)) (&& (< net45) (>= netstandard1.3) (< portable-net451+win81+wpa81) (< win8)) (&& (< net45) (>= netstandard1.6) (< portable-net451+win81+wpa81)) (&& (>= net46) (< netstandard1.4)) (&& (>= net46) (< portable-net45+win8+wpa81)) (&& (>= net46) (>= uap10.0)) (&& (>= netstandard1.3) (< portable-net45+win8+wpa81)) (&& (>= netstandard1.4) (< portable-net45+win8+wpa81)) (&& (>= netstandard1.5) (< portable-net45+win8+wpa81)) (&& (>= netstandard1.6) (< portable-net45+win8+wpa81)) (&& (>= netstandard1.6) (>= uap10.0)) (&& (< portable-net45+win8+wpa81) (>= uap10.0)) (&& (>= uap10.0) (< uap10.1)) (&& (>= uap10.0) (< win8) (< wpa81))
      Microsoft.NETCore.Platforms (>= 1.1) - restriction: || (&& (< monoandroid) (< netstandard1.3)) (&& (< monotouch) (< net46) (>= netstandard1.6) (< xamarinios) (< xamarinmac) (< xamarintvos) (< xamarinwatchos))
      runtime.native.System (>= 4.3) - restriction: && (< monotouch) (< net46) (>= netstandard1.6) (< xamarinios) (< xamarinmac) (< xamarintvos) (< xamarinwatchos)
      runtime.native.System.Net.Http (>= 4.3) - restriction: && (< monotouch) (< net46) (>= netstandard1.6) (< xamarinios) (< xamarinmac) (< xamarintvos) (< xamarinwatchos)
      runtime.native.System.Security.Cryptography.OpenSsl (>= 4.3.2) - restriction: && (< monotouch) (< net46) (>= netstandard1.6) (< xamarinios) (< xamarinmac) (< xamarintvos) (< xamarinwatchos)
      System.Collections (>= 4.3) - restriction: || (&& (< monoandroid) (< netstandard1.3)) (&& (< monotouch) (< net46) (>= netstandard1.6) (< xamarinios) (< xamarinmac) (< xamarintvos) (< xamarinwatchos))
      System.Diagnostics.Debug (>= 4.3) - restriction: && (< monotouch) (< net46) (>= netstandard1.6) (< xamarinios) (< xamarinmac) (< xamarintvos) (< xamarinwatchos)
      System.Globalization (>= 4.3) - restriction: || (&& (< monoandroid) (< netstandard1.3)) (&& (< monotouch) (< net46) (>= netstandard1.6) (< xamarinios) (< xamarinmac) (< xamarintvos) (< xamarinwatchos))
      System.Globalization.Calendars (>= 4.3) - restriction: || (&& (< monoandroid) (< netstandard1.3)) (&& (< monotouch) (< net46) (>= netstandard1.6) (< xamarinios) (< xamarinmac) (< xamarintvos) (< xamarinwatchos))
      System.IO (>= 4.3) - restriction: || (&& (< monoandroid) (< netstandard1.3)) (&& (< monotouch) (< net46) (>= netstandard1.6) (< xamarinios) (< xamarinmac) (< xamarintvos) (< xamarinwatchos))
      System.IO.FileSystem (>= 4.3) - restriction: || (&& (< monoandroid) (< netstandard1.3)) (&& (< monotouch) (< net46) (>= netstandard1.6) (< xamarinios) (< xamarinmac) (< xamarintvos) (< xamarinwatchos))
      System.IO.FileSystem.Primitives (>= 4.3) - restriction: && (< monotouch) (< net46) (>= netstandard1.6) (< xamarinios) (< xamarinmac) (< xamarintvos) (< xamarinwatchos)
      System.Resources.ResourceManager (>= 4.3) - restriction: || (&& (< monoandroid) (< netstandard1.3)) (&& (< monotouch) (< net46) (>= netstandard1.6) (< xamarinios) (< xamarinmac) (< xamarintvos) (< xamarinwatchos))
      System.Runtime (>= 4.3) - restriction: || (&& (< monoandroid) (< net46) (>= netstandard1.3) (< netstandard1.4)) (&& (< monoandroid) (< net46) (>= netstandard1.4) (< netstandard1.6)) (&& (< monoandroid) (< netstandard1.3)) (&& (< monotouch) (< net46) (>= netstandard1.6) (< xamarinios) (< xamarinmac) (< xamarintvos) (< xamarinwatchos))
      System.Runtime.Extensions (>= 4.3) - restriction: || (&& (< monoandroid) (< netstandard1.3)) (&& (< monotouch) (< net46) (>= netstandard1.6) (< xamarinios) (< xamarinmac) (< xamarintvos) (< xamarinwatchos))
      System.Runtime.Handles (>= 4.3) - restriction: || (&& (< monoandroid) (< net46) (>= netstandard1.3) (< netstandard1.4)) (&& (< monoandroid) (< net46) (>= netstandard1.4) (< netstandard1.6)) (&& (< monoandroid) (< netstandard1.3)) (&& (< monotouch) (< net46) (>= netstandard1.6) (< xamarinios) (< xamarinmac) (< xamarintvos) (< xamarinwatchos))
      System.Runtime.InteropServices (>= 4.3) - restriction: || (&& (< monoandroid) (< netstandard1.3)) (&& (< monotouch) (< net46) (>= netstandard1.6) (< xamarinios) (< xamarinmac) (< xamarintvos) (< xamarinwatchos))
      System.Runtime.Numerics (>= 4.3) - restriction: || (&& (< monoandroid) (< netstandard1.3)) (&& (< monotouch) (< net46) (>= netstandard1.6) (< xamarinios) (< xamarinmac) (< xamarintvos) (< xamarinwatchos))
      System.Security.Cryptography.Algorithms (>= 4.3) - restriction: || (&& (< monoandroid) (< net46) (>= netstandard1.3) (< netstandard1.4)) (&& (< monoandroid) (< net46) (>= netstandard1.4) (< netstandard1.6)) (&& (< monoandroid) (< netstandard1.3)) (&& (< monotouch) (< net46) (>= netstandard1.6) (< xamarinios) (< xamarinmac) (< xamarintvos) (< xamarinwatchos)) (&& (>= net46) (< netstandard1.4)) (>= net461)
      System.Security.Cryptography.Cng (>= 4.3) - restriction: || (&& (< monoandroid) (< netstandard1.3)) (&& (< monotouch) (< net46) (>= netstandard1.6) (< xamarinios) (< xamarinmac) (< xamarintvos) (< xamarinwatchos))
      System.Security.Cryptography.Csp (>= 4.3) - restriction: && (< monotouch) (< net46) (>= netstandard1.6) (< xamarinios) (< xamarinmac) (< xamarintvos) (< xamarinwatchos)
      System.Security.Cryptography.Encoding (>= 4.3) - restriction: || (&& (< monoandroid) (< net46) (>= netstandard1.3) (< netstandard1.4)) (&& (< monoandroid) (< net46) (>= netstandard1.4) (< netstandard1.6)) (&& (< monoandroid) (< netstandard1.3)) (&& (< monotouch) (< net46) (>= netstandard1.6) (< xamarinios) (< xamarinmac) (< xamarintvos) (< xamarinwatchos)) (&& (>= net46) (< netstandard1.4)) (>= net461)
      System.Security.Cryptography.OpenSsl (>= 4.3) - restriction: && (< monotouch) (< net46) (>= netstandard1.6) (< xamarinios) (< xamarinmac) (< xamarintvos) (< xamarinwatchos)
      System.Security.Cryptography.Primitives (>= 4.3) - restriction: || (&& (< monoandroid) (< netstandard1.3)) (&& (< monotouch) (< net46) (>= netstandard1.6) (< xamarinios) (< xamarinmac) (< xamarintvos) (< xamarinwatchos))
      System.Text.Encoding (>= 4.3) - restriction: || (&& (< monoandroid) (< netstandard1.3)) (&& (< monotouch) (< net46) (>= netstandard1.6) (< xamarinios) (< xamarinmac) (< xamarintvos) (< xamarinwatchos))
      System.Threading (>= 4.3) - restriction: || (&& (< monoandroid) (< netstandard1.3)) (&& (< monotouch) (< net46) (>= netstandard1.6) (< xamarinios) (< xamarinmac) (< xamarintvos) (< xamarinwatchos))
    System.Text.Encoding (4.3) - restriction: || (&& (< monoandroid) (< monotouch) (< net45) (< win8) (< wp8) (< wpa81) (< xamarinios)) (&& (< monoandroid) (< net35) (>= netstandard1.3) (< netstandard1.4) (< wpa81)) (&& (< monoandroid) (< net35) (>= netstandard1.3) (< netstandard1.5) (< win8) (< wpa81)) (&& (< monoandroid) (< net35) (< netstandard1.3) (>= netstandard1.4) (< win8) (< wpa81)) (&& (< monoandroid) (< net35) (< netstandard1.3) (>= netstandard1.5)) (&& (< monoandroid) (< net35) (< netstandard1.3) (>= netstandard1.6)) (&& (< monoandroid) (< net35) (>= netstandard1.4) (< netstandard1.5) (< wpa81)) (&& (< monoandroid) (< net35) (>= netstandard1.5) (< netstandard1.6)) (&& (< monoandroid) (< net45) (>= netstandard1.0) (< netstandard1.3) (< win8) (< wp8) (< wpa81)) (&& (< monoandroid) (< net45) (>= netstandard1.3) (< netstandard1.4) (< wpa81)) (&& (< monoandroid) (< net45) (>= netstandard1.3) (< netstandard1.5) (< win8) (< wpa81)) (&& (< monoandroid) (< net45) (< netstandard1.3) (>= netstandard1.4) (< wpa81)) (&& (< monoandroid) (< net45) (< netstandard1.3) (>= netstandard1.5)) (&& (< monoandroid) (< net45) (< netstandard1.3) (>= netstandard1.6)) (&& (< monoandroid) (< net45) (>= netstandard1.4) (< netstandard1.5) (< wpa81)) (&& (< monoandroid) (< net45) (< netstandard1.4) (>= netstandard1.5)) (&& (< monoandroid) (< net45) (< netstandard1.4) (>= netstandard1.6)) (&& (< monoandroid) (< net45) (>= netstandard1.5) (< netstandard1.6)) (&& (< monoandroid) (< net45) (< netstandard1.5) (>= netstandard1.6)) (&& (< monotouch) (< net35) (>= netstandard1.3) (< xamarinios) (< xamarinmac) (< xamarintvos) (< xamarinwatchos)) (&& (< monotouch) (< net35) (>= netstandard1.5) (< xamarinios) (< xamarinmac) (< xamarintvos) (< xamarinwatchos)) (&& (< monotouch) (< net35) (>= netstandard1.6) (< netstandard2.0) (< xamarinios) (< xamarinmac) (< xamarintvos) (< xamarinwatchos)) (&& (< monotouch) (< net45) (>= netstandard1.5) (< xamarinios) (< xamarinmac) (< xamarintvos) (< xamarinwatchos)) (&& (< monotouch) (< net45) (>= netstandard1.6) (< xamarinios) (< xamarinmac) (< xamarintvos) (< xamarinwatchos)) (&& (< net35) (>= netstandard1.3) (< portable-net451+win81+wpa81) (< win8)) (&& (>= net45) (< portable-net45+win8+wpa81)) (&& (>= net45) (>= uap10.0)) (&& (< net45) (>= net46) (< netstandard1.3)) (&& (< net45) (>= net46) (< netstandard1.4)) (&& (< net45) (>= net462)) (&& (< net45) (>= netstandard1.3) (< portable-net451+win81+wpa81)) (&& (< net45) (>= netstandard1.5) (< portable-net451+win81+wpa81)) (&& (< net45) (>= netstandard1.6) (< portable-net451+win81+wpa81)) (&& (>= net46) (< portable-net45+win8+wpa81)) (&& (>= netstandard1.3) (< portable-net45+win8+wpa81)) (&& (< netstandard1.3) (>= uap10.0)) (&& (>= netstandard1.4) (< portable-net45+win8+wpa81)) (&& (>= netstandard1.5) (< portable-net45+win8+wpa81)) (&& (>= netstandard1.5) (>= uap10.0)) (&& (>= netstandard1.6) (< portable-net45+win8+wpa81)) (&& (>= netstandard1.6) (>= uap10.0)) (< portable-net45+win8+wp8+wpa81) (&& (< portable-net45+win8+wpa81) (>= uap10.0)) (&& (>= uap10.0) (< uap10.1)) (&& (>= uap10.0) (< win8) (< wpa81))
      Microsoft.NETCore.Platforms (>= 1.1) - restriction: || (&& (< monoandroid) (< net45) (>= netstandard1.0) (< netstandard1.3) (< win8) (< wp8) (< wpa81)) (&& (< monotouch) (< net45) (>= netstandard1.3) (< win8) (< wpa81) (< xamarinios) (< xamarinmac) (< xamarintvos) (< xamarinwatchos)) (< portable-net45+win8+wp8+wpa81)
      Microsoft.NETCore.Targets (>= 1.1) - restriction: || (&& (< monoandroid) (< net45) (>= netstandard1.0) (< netstandard1.3) (< win8) (< wp8) (< wpa81)) (&& (< monotouch) (< net45) (>= netstandard1.3) (< win8) (< wpa81) (< xamarinios) (< xamarinmac) (< xamarintvos) (< xamarinwatchos)) (< portable-net45+win8+wp8+wpa81)
      System.Runtime (>= 4.3) - restriction: || (&& (< monoandroid) (< net45) (>= netstandard1.0) (< netstandard1.3) (< win8) (< wp8) (< wpa81)) (&& (< monotouch) (< net45) (>= netstandard1.3) (< win8) (< wpa81) (< xamarinios) (< xamarinmac) (< xamarintvos) (< xamarinwatchos)) (< portable-net45+win8+wp8+wpa81)
    System.Text.Encoding.Extensions (4.3) - restriction: || (&& (< monoandroid) (< net35) (>= netstandard1.3) (< netstandard1.4) (< win8) (< wpa81)) (&& (< monoandroid) (< net35) (>= netstandard1.4) (< netstandard1.5) (< win8) (< wpa81)) (&& (< monoandroid) (< net35) (>= netstandard1.5) (< netstandard1.6)) (&& (< monoandroid) (< net45) (>= netstandard1.3) (< netstandard1.4) (< wpa81)) (&& (< monoandroid) (< net45) (< netstandard1.3) (>= netstandard1.4) (< win8) (< wpa81)) (&& (< monoandroid) (< net45) (< netstandard1.3) (>= netstandard1.5)) (&& (< monoandroid) (< net45) (< netstandard1.3) (>= netstandard1.6)) (&& (< monoandroid) (< net45) (>= netstandard1.4) (< netstandard1.5) (< wpa81)) (&& (< monoandroid) (< net45) (>= netstandard1.5) (< netstandard1.6)) (&& (< monotouch) (< net35) (>= netstandard1.3) (< win8) (< wpa81) (< xamarinios) (< xamarinmac) (< xamarintvos) (< xamarinwatchos)) (&& (< monotouch) (< net35) (>= netstandard1.6) (< netstandard2.0) (< xamarinios) (< xamarinmac) (< xamarintvos) (< xamarinwatchos)) (&& (< monotouch) (< net45) (>= netstandard1.6) (< netstandard2.0) (< xamarinios) (< xamarinmac) (< xamarintvos) (< xamarinwatchos)) (&& (< net35) (>= netstandard1.3) (< portable-net451+win81+wpa81) (< win8)) (&& (>= net45) (< portable-net45+win8+wp8+wpa81)) (&& (>= net45) (>= uap10.0)) (&& (< net45) (>= net46) (< netstandard1.4)) (&& (< net45) (>= netstandard1.3) (< portable-net451+win81+wpa81)) (&& (>= net46) (< portable-net45+win8+wp8+wpa81)) (&& (>= netstandard1.3) (< portable-net45+win8+wp8+wpa81)) (&& (>= netstandard1.3) (< portable-net45+win8+wpa81)) (&& (>= netstandard1.4) (< portable-net45+win8+wp8+wpa81)) (&& (>= netstandard1.5) (< portable-net45+win8+wp8+wpa81)) (&& (>= netstandard1.6) (< portable-net45+win8+wp8+wpa81)) (&& (< portable-net45+win8+wp8+wpa81) (>= uap10.0)) (&& (>= uap10.0) (< uap10.1)) (&& (>= uap10.0) (< win8) (< wpa81))
      Microsoft.NETCore.Platforms (>= 1.1) - restriction: || (&& (< monoandroid) (< net45) (>= netstandard1.0) (< netstandard1.3) (< win8) (< wp8) (< wpa81)) (&& (< monotouch) (< net45) (>= netstandard1.3) (< win8) (< wpa81) (< xamarinios) (< xamarinmac) (< xamarintvos) (< xamarinwatchos)) (< portable-net45+win8+wp8+wpa81)
      Microsoft.NETCore.Targets (>= 1.1) - restriction: || (&& (< monoandroid) (< net45) (>= netstandard1.0) (< netstandard1.3) (< win8) (< wp8) (< wpa81)) (&& (< monotouch) (< net45) (>= netstandard1.3) (< win8) (< wpa81) (< xamarinios) (< xamarinmac) (< xamarintvos) (< xamarinwatchos)) (< portable-net45+win8+wp8+wpa81)
      System.Runtime (>= 4.3) - restriction: || (&& (< monoandroid) (< net45) (>= netstandard1.0) (< netstandard1.3) (< win8) (< wp8) (< wpa81)) (&& (< monotouch) (< net45) (>= netstandard1.3) (< win8) (< wpa81) (< xamarinios) (< xamarinmac) (< xamarintvos) (< xamarinwatchos)) (< portable-net45+win8+wp8+wpa81)
      System.Text.Encoding (>= 4.3) - restriction: || (&& (< monoandroid) (< net45) (>= netstandard1.0) (< netstandard1.3) (< win8) (< wp8) (< wpa81)) (&& (< monotouch) (< net45) (>= netstandard1.3) (< win8) (< wpa81) (< xamarinios) (< xamarinmac) (< xamarintvos) (< xamarinwatchos)) (< portable-net45+win8+wp8+wpa81)
    System.Text.RegularExpressions (4.3) - restriction: || (&& (< monoandroid) (< monotouch) (< net45) (< win8) (< wp8) (< wpa81) (< xamarinios)) (&& (< monoandroid) (< net35) (>= netstandard1.3) (< netstandard1.4) (< win8) (< wpa81)) (&& (< monoandroid) (< net35) (>= netstandard1.4) (< netstandard1.5) (< win8) (< wpa81)) (&& (< monoandroid) (< net35) (>= netstandard1.5) (< netstandard1.6)) (&& (< monoandroid) (< net45) (>= netstandard1.3) (< netstandard1.4) (< wpa81)) (&& (< monoandroid) (< net45) (< netstandard1.3) (>= netstandard1.4) (< win8) (< wpa81)) (&& (< monoandroid) (< net45) (< netstandard1.3) (>= netstandard1.5)) (&& (< monoandroid) (< net45) (< netstandard1.3) (>= netstandard1.6)) (&& (< monoandroid) (< net45) (>= netstandard1.4) (< netstandard1.5) (< wpa81)) (&& (< monoandroid) (< net45) (>= netstandard1.5) (< netstandard1.6)) (&& (< monotouch) (< net35) (>= netstandard1.3) (< win8) (< wpa81) (< xamarinios) (< xamarinmac) (< xamarintvos) (< xamarinwatchos)) (&& (< monotouch) (< net35) (>= netstandard1.6) (< netstandard2.0) (< xamarinios) (< xamarinmac) (< xamarintvos) (< xamarinwatchos)) (&& (< monotouch) (< net45) (>= netstandard1.6) (< netstandard2.0) (< xamarinios) (< xamarinmac) (< xamarintvos) (< xamarinwatchos)) (&& (< net35) (>= netstandard1.3) (< portable-net451+win81+wpa81) (< win8)) (&& (>= net45) (< portable-net45+win8+wp8+wpa81)) (&& (>= net45) (>= uap10.0)) (&& (< net45) (>= net46) (< netstandard1.4)) (&& (< net45) (>= netstandard1.3) (< portable-net451+win81+wpa81)) (&& (>= net46) (< portable-net45+win8+wp8+wpa81)) (&& (>= netstandard1.3) (< portable-net45+win8+wp8+wpa81)) (&& (>= netstandard1.3) (< portable-net45+win8+wpa81)) (&& (>= netstandard1.4) (< portable-net45+win8+wp8+wpa81)) (&& (>= netstandard1.5) (< portable-net45+win8+wp8+wpa81)) (&& (>= netstandard1.6) (< portable-net45+win8+wp8+wpa81)) (&& (< portable-net45+win8+wp8+wpa81) (>= uap10.0)) (&& (>= uap10.0) (< uap10.1)) (&& (>= uap10.0) (< win8) (< wpa81))
      System.Collections (>= 4.3) - restriction: || (&& (< monotouch) (< net45) (< netcoreapp1.1) (>= netstandard1.6) (< xamarinios) (< xamarinmac) (< xamarintvos) (< xamarinwatchos)) (< portable-net45+win8+wp8+wpa81)
      System.Globalization (>= 4.3) - restriction: || (&& (< monotouch) (< net45) (< netcoreapp1.1) (>= netstandard1.6) (< xamarinios) (< xamarinmac) (< xamarintvos) (< xamarinwatchos)) (< portable-net45+win8+wp8+wpa81)
      System.Resources.ResourceManager (>= 4.3) - restriction: || (&& (< monotouch) (< net45) (< netcoreapp1.1) (>= netstandard1.6) (< xamarinios) (< xamarinmac) (< xamarintvos) (< xamarinwatchos)) (< portable-net45+win8+wp8+wpa81)
      System.Runtime (>= 4.3) - restriction: || (&& (< monoandroid) (< net45) (>= netstandard1.0) (< netstandard1.3) (< win8) (< wp8) (< wpa81)) (&& (< monoandroid) (< net45) (>= netstandard1.3) (< netstandard1.6) (< win8) (< wpa81)) (&& (< monotouch) (< net45) (>= netstandard1.6) (< xamarinios) (< xamarinmac) (< xamarintvos) (< xamarinwatchos)) (>= netcoreapp1.1) (< portable-net45+win8+wp8+wpa81)
      System.Runtime.Extensions (>= 4.3) - restriction: || (&& (< monotouch) (< net45) (< netcoreapp1.1) (>= netstandard1.6) (< xamarinios) (< xamarinmac) (< xamarintvos) (< xamarinwatchos)) (< portable-net45+win8+wp8+wpa81)
      System.Threading (>= 4.3) - restriction: || (&& (< monotouch) (< net45) (< netcoreapp1.1) (>= netstandard1.6) (< xamarinios) (< xamarinmac) (< xamarintvos) (< xamarinwatchos)) (< portable-net45+win8+wp8+wpa81)
    System.Threading (4.3) - restriction: || (&& (< monoandroid) (< monotouch) (< net45) (>= netstandard1.3) (< win8) (< wpa81) (< xamarinios) (< xamarinmac) (< xamarintvos) (< xamarinwatchos)) (&& (< monoandroid) (< monotouch) (< net45) (< win8) (< wp8) (< wpa81) (< xamarinios)) (&& (< monoandroid) (< net35) (>= netstandard1.3) (< netstandard1.5) (< win8) (< wpa81)) (&& (< monoandroid) (< net45) (>= netstandard1.3) (< netstandard1.4) (< wpa81)) (&& (< monoandroid) (< net45) (< netstandard1.3) (>= netstandard1.4) (< wpa81)) (&& (< monoandroid) (< net45) (< netstandard1.3) (>= netstandard1.5)) (&& (< monoandroid) (< net45) (< netstandard1.3) (>= netstandard1.6)) (&& (< monoandroid) (< net45) (>= netstandard1.4) (< netstandard1.5) (< wpa81)) (&& (< monoandroid) (< net45) (< netstandard1.4) (>= netstandard1.6)) (&& (< monoandroid) (< net45) (>= netstandard1.5) (< netstandard1.6)) (&& (< monoandroid) (< net45) (< netstandard1.5) (>= netstandard1.6)) (&& (< monoandroid) (< netstandard1.0) (>= netstandard1.3) (< win8)) (&& (< monoandroid) (< netstandard1.1) (>= netstandard1.3) (< win8)) (&& (< monoandroid) (< netstandard1.1) (>= netstandard1.4) (< win8)) (&& (< monoandroid) (< netstandard1.1) (>= netstandard1.5)) (&& (< monoandroid) (< netstandard1.1) (>= netstandard1.6)) (&& (< monotouch) (< net35) (>= netstandard1.3) (< xamarinios) (< xamarinmac) (< xamarintvos) (< xamarinwatchos)) (&& (< monotouch) (< net35) (>= netstandard1.5) (< xamarinios) (< xamarinmac) (< xamarintvos) (< xamarinwatchos)) (&& (< monotouch) (< net35) (>= netstandard1.6) (< xamarinios) (< xamarinmac) (< xamarintvos) (< xamarinwatchos)) (&& (< monotouch) (< net45) (>= netstandard1.6) (< xamarinios) (< xamarinmac) (< xamarintvos) (< xamarinwatchos)) (&& (< net45) (>= net46) (< netstandard1.3)) (&& (< net45) (>= net46) (< netstandard1.4)) (&& (< net45) (>= netstandard1.3) (< portable-net451+win81+wpa81)) (&& (< net45) (>= netstandard1.6) (< portable-net451+win81+wpa81)) (&& (>= net46) (< netstandard1.1)) (&& (>= net46) (< portable-net45+win8+wpa81)) (&& (< netstandard1.0) (>= netstandard1.3) (< portable-net451+win81+wpa81) (< win8)) (&& (< netstandard1.1) (>= netstandard1.3) (< portable-net451+win81+wpa81) (< win8)) (&& (< netstandard1.1) (>= uap10.0) (< win8)) (&& (>= netstandard1.3) (< portable-net45+win8+wpa81)) (&& (< netstandard1.3) (>= uap10.0)) (&& (>= netstandard1.4) (< portable-net45+win8+wpa81)) (&& (>= netstandard1.5) (< portable-net45+win8+wpa81)) (&& (>= netstandard1.6) (< portable-net45+win8+wpa81)) (&& (>= netstandard1.6) (>= uap10.0)) (< portable-net45+win8+wp8+wpa81) (&& (< portable-net45+win8+wpa81) (>= uap10.0)) (&& (>= uap10.0) (< uap10.1)) (&& (>= uap10.0) (< win8) (< wpa81))
      System.Runtime (>= 4.3) - restriction: || (&& (< monoandroid) (< net45) (>= netstandard1.0) (< netstandard1.3) (< win8) (< wp8) (< wpa81)) (&& (< monotouch) (< net45) (>= netstandard1.3) (< win8) (< wpa81) (< xamarinios) (< xamarinmac) (< xamarintvos) (< xamarinwatchos)) (< portable-net45+win8+wp8+wpa81)
      System.Threading.Tasks (>= 4.3) - restriction: || (&& (< monoandroid) (< net45) (>= netstandard1.0) (< netstandard1.3) (< win8) (< wp8) (< wpa81)) (&& (< monotouch) (< net45) (>= netstandard1.3) (< win8) (< wpa81) (< xamarinios) (< xamarinmac) (< xamarintvos) (< xamarinwatchos)) (< portable-net45+win8+wp8+wpa81)
    System.Threading.Tasks (4.3) - restriction: || (&& (< monoandroid) (< monotouch) (< net45) (>= netstandard1.3) (< win8) (< wpa81) (< xamarinios) (< xamarinmac) (< xamarintvos) (< xamarinwatchos)) (&& (< monoandroid) (< monotouch) (< net45) (< win8) (< wp8) (< wpa81) (< xamarinios)) (&& (< monoandroid) (< net35) (>= netstandard1.3) (< netstandard1.4) (< wpa81)) (&& (< monoandroid) (< net35) (>= netstandard1.3) (< netstandard1.5) (< win8) (< wpa81)) (&& (< monoandroid) (< net35) (< netstandard1.3) (>= netstandard1.4) (< win8) (< wpa81)) (&& (< monoandroid) (< net35) (< netstandard1.3) (>= netstandard1.5)) (&& (< monoandroid) (< net35) (< netstandard1.3) (>= netstandard1.6)) (&& (< monoandroid) (< net35) (>= netstandard1.4) (< netstandard1.5) (< wpa81)) (&& (< monoandroid) (< net35) (>= netstandard1.5) (< netstandard1.6)) (&& (< monoandroid) (< net45) (>= netstandard1.0) (< netstandard1.3) (< win8) (< wp8) (< wpa81)) (&& (< monoandroid) (< net45) (>= netstandard1.3) (< netstandard1.4) (< wpa81)) (&& (< monoandroid) (< net45) (>= netstandard1.3) (< netstandard1.5) (< win8) (< wpa81)) (&& (< monoandroid) (< net45) (< netstandard1.3) (>= netstandard1.4) (< wpa81)) (&& (< monoandroid) (< net45) (< netstandard1.3) (>= netstandard1.5)) (&& (< monoandroid) (< net45) (< netstandard1.3) (>= netstandard1.6)) (&& (< monoandroid) (< net45) (>= netstandard1.4) (< netstandard1.5) (< wpa81)) (&& (< monoandroid) (< net45) (< netstandard1.4) (>= netstandard1.5)) (&& (< monoandroid) (< net45) (< netstandard1.4) (>= netstandard1.6)) (&& (< monoandroid) (< net45) (>= netstandard1.5) (< netstandard1.6)) (&& (< monoandroid) (< net45) (< netstandard1.5) (>= netstandard1.6)) (&& (< monoandroid) (< netstandard1.0) (>= netstandard1.3) (< win8)) (&& (< monoandroid) (< netstandard1.1) (>= netstandard1.3) (< win8)) (&& (< monoandroid) (< netstandard1.1) (>= netstandard1.4) (< win8)) (&& (< monoandroid) (< netstandard1.1) (>= netstandard1.5)) (&& (< monoandroid) (< netstandard1.1) (>= netstandard1.6)) (&& (< monotouch) (< net35) (>= netstandard1.3) (< win8) (< wpa81) (< xamarinios) (< xamarinmac) (< xamarintvos) (< xamarinwatchos)) (&& (< monotouch) (< net35) (>= netstandard1.5) (< xamarinios) (< xamarinmac) (< xamarintvos) (< xamarinwatchos)) (&& (< monotouch) (< net35) (>= netstandard1.6) (< netstandard2.0) (< xamarinios) (< xamarinmac) (< xamarintvos) (< xamarinwatchos)) (&& (< monotouch) (< net45) (>= netstandard1.5) (< xamarinios) (< xamarinmac) (< xamarintvos) (< xamarinwatchos)) (&& (< monotouch) (< net45) (>= netstandard1.6) (< xamarinios) (< xamarinmac) (< xamarintvos) (< xamarinwatchos)) (&& (< net35) (>= netstandard1.3) (< portable-net451+win81+wpa81) (< win8)) (&& (>= net45) (< netstandard2.0)) (&& (>= net45) (< portable-net45+win8+wpa81)) (&& (>= net45) (>= uap10.0)) (&& (< net45) (>= net46) (< netstandard1.3)) (&& (< net45) (>= net46) (< netstandard1.4)) (&& (< net45) (>= net462)) (&& (< net45) (>= netstandard1.3) (< portable-net451+win81+wpa81)) (&& (< net45) (>= netstandard1.5) (< portable-net451+win81+wpa81)) (&& (< net45) (>= netstandard1.6) (< portable-net451+win81+wpa81)) (&& (>= net46) (< netstandard1.1)) (&& (>= net46) (< portable-net45+win8+wpa81)) (&& (< netstandard1.0) (>= netstandard1.3) (< portable-net451+win81+wpa81) (< win8)) (&& (< netstandard1.1) (>= netstandard1.3) (< portable-net451+win81+wpa81) (< win8)) (&& (< netstandard1.1) (>= uap10.0) (< win8)) (&& (>= netstandard1.3) (< netstandard2.0) (< xamarinmac)) (&& (>= netstandard1.3) (< portable-net45+win8+wpa81)) (&& (< netstandard1.3) (>= uap10.0)) (&& (>= netstandard1.4) (< portable-net45+win8+wpa81)) (&& (>= netstandard1.5) (< portable-net45+win8+wpa81)) (&& (>= netstandard1.5) (>= uap10.0)) (&& (>= netstandard1.6) (< portable-net45+win8+wpa81)) (&& (>= netstandard1.6) (>= uap10.0)) (< portable-net45+win8+wp8+wpa81) (&& (< portable-net45+win8+wpa81) (>= uap10.0)) (&& (>= uap10.0) (< uap10.1)) (&& (>= uap10.0) (< win8) (< wpa81))
      Microsoft.NETCore.Platforms (>= 1.1) - restriction: || (&& (< monoandroid) (< net45) (>= netstandard1.0) (< netstandard1.3) (< win8) (< wp8) (< wpa81)) (&& (< monotouch) (< net45) (>= netstandard1.3) (< win8) (< wpa81) (< xamarinios) (< xamarinmac) (< xamarintvos) (< xamarinwatchos)) (< portable-net45+win8+wp8+wpa81)
      Microsoft.NETCore.Targets (>= 1.1) - restriction: || (&& (< monoandroid) (< net45) (>= netstandard1.0) (< netstandard1.3) (< win8) (< wp8) (< wpa81)) (&& (< monotouch) (< net45) (>= netstandard1.3) (< win8) (< wpa81) (< xamarinios) (< xamarinmac) (< xamarintvos) (< xamarinwatchos)) (< portable-net45+win8+wp8+wpa81)
      System.Runtime (>= 4.3) - restriction: || (&& (< monoandroid) (< net45) (>= netstandard1.0) (< netstandard1.3) (< win8) (< wp8) (< wpa81)) (&& (< monotouch) (< net45) (>= netstandard1.3) (< win8) (< wpa81) (< xamarinios) (< xamarinmac) (< xamarintvos) (< xamarinwatchos)) (< portable-net45+win8+wp8+wpa81)
    System.Threading.Tasks.Extensions (4.4) - restriction: || (&& (< monoandroid) (>= netstandard1.4) (< win8) (< wpa81)) (&& (< monoandroid) (>= netstandard1.5)) (&& (< monoandroid) (>= netstandard1.6)) (&& (< monotouch) (>= netstandard1.6) (< netstandard2.0) (< xamarinios) (< xamarinmac) (< xamarintvos) (< xamarinwatchos)) (>= net45) (&& (>= net46) (< netstandard1.4)) (&& (>= net46) (< portable-net45+win8+wp8+wpa81)) (>= netstandard1.3) (&& (>= netstandard1.4) (< portable-net45+win8+wp8+wpa81)) (&& (>= netstandard1.5) (< portable-net45+win8+wp8+wpa81)) (&& (>= netstandard1.6) (< portable-net45+win8+wp8+wpa81)) (&& (< portable-net45+win8+wp8+wpa81) (>= uap10.0)) (&& (>= uap10.0) (< win8) (< wpa81))
      System.Collections (>= 4.3) - restriction: && (>= netstandard1.0) (< netstandard2.0) (< xamarinmac)
      System.Runtime (>= 4.3) - restriction: && (>= netstandard1.0) (< netstandard2.0) (< xamarinmac)
      System.Threading.Tasks (>= 4.3) - restriction: && (>= netstandard1.0) (< netstandard2.0) (< xamarinmac)
    System.Threading.Timer (4.3) - restriction: || (&& (< monoandroid) (< net45) (>= netstandard1.3) (< netstandard1.4) (< wpa81)) (&& (< monoandroid) (< net45) (>= netstandard1.4) (< netstandard1.5) (< wpa81)) (&& (< monoandroid) (< net45) (>= netstandard1.5) (< netstandard1.6)) (&& (< monotouch) (< net45) (>= netstandard1.6) (< netstandard2.0) (< xamarinios) (< xamarinmac) (< xamarintvos) (< xamarinwatchos)) (&& (>= uap10.0) (< uap10.1))
      Microsoft.NETCore.Platforms (>= 1.1) - restriction: || (&& (< monotouch) (< net451) (>= netstandard1.2) (< win81) (< wpa81) (< xamarinios) (< xamarinmac) (< xamarintvos) (< xamarinwatchos)) (< portable-net451+win81+wpa81)
      Microsoft.NETCore.Targets (>= 1.1) - restriction: || (&& (< monotouch) (< net451) (>= netstandard1.2) (< win81) (< wpa81) (< xamarinios) (< xamarinmac) (< xamarintvos) (< xamarinwatchos)) (< portable-net451+win81+wpa81)
      System.Runtime (>= 4.3) - restriction: || (&& (< monotouch) (< net451) (>= netstandard1.2) (< win81) (< wpa81) (< xamarinios) (< xamarinmac) (< xamarintvos) (< xamarinwatchos)) (< portable-net451+win81+wpa81)
    System.ValueTuple (4.4) - restriction: || (>= net45) (>= netstandard1.3)
      NETStandard.Library (>= 1.6.1) - restriction: && (< monotouch) (< net461) (>= netstandard1.0) (< netstandard2.0) (< xamarinios) (< xamarinmac) (< xamarintvos) (< xamarinwatchos)
    System.Xml.ReaderWriter (4.3.1) - restriction: || (&& (< monoandroid) (< net35) (>= netstandard1.3) (< netstandard1.4) (< wpa81)) (&& (< monoandroid) (< net35) (>= netstandard1.4) (< netstandard1.5) (< wpa81)) (&& (< monoandroid) (< net35) (>= netstandard1.5) (< netstandard1.6)) (&& (< monoandroid) (< net45) (>= netstandard1.3) (< netstandard1.4) (< wpa81)) (&& (< monoandroid) (< net45) (< netstandard1.3) (>= netstandard1.4) (< win8) (< wpa81)) (&& (< monoandroid) (< net45) (< netstandard1.3) (>= netstandard1.5)) (&& (< monoandroid) (< net45) (< netstandard1.3) (>= netstandard1.6)) (&& (< monoandroid) (< net45) (>= netstandard1.4) (< netstandard1.5) (< wpa81)) (&& (< monoandroid) (< net45) (>= netstandard1.5) (< netstandard1.6)) (&& (< monotouch) (< net35) (>= netstandard1.3) (< xamarinios) (< xamarinmac) (< xamarintvos) (< xamarinwatchos)) (&& (< monotouch) (< net35) (>= netstandard1.6) (< netstandard2.0) (< xamarinios) (< xamarinmac) (< xamarintvos) (< xamarinwatchos)) (&& (< monotouch) (< net45) (>= netstandard1.6) (< netstandard2.0) (< xamarinios) (< xamarinmac) (< xamarintvos) (< xamarinwatchos)) (&& (< net35) (>= netstandard1.3) (< portable-net451+win81+wpa81)) (&& (>= net45) (< portable-net45+win8+wpa81)) (&& (>= net45) (>= uap10.0)) (&& (< net45) (>= netstandard1.3) (< portable-net451+win81+wpa81)) (&& (>= net46) (< netstandard1.4)) (&& (>= netstandard1.3) (< portable-net45+win8+wp8+wpa81)) (&& (>= netstandard1.3) (< portable-net45+win8+wpa81)) (&& (>= netstandard1.4) (< portable-net45+win8+wp8+wpa81)) (&& (>= netstandard1.5) (< portable-net45+win8+wp8+wpa81)) (&& (>= netstandard1.6) (< portable-net45+win8+wp8+wpa81)) (&& (< portable-net45+win8+wp8+wpa81) (>= uap10.0)) (&& (>= uap10.0) (< uap10.1)) (&& (>= uap10.0) (< win8) (< wpa81))
      System.Collections (>= 4.3) - restriction: || (&& (< monotouch) (< net45) (>= netstandard1.3) (< win8) (< wpa81) (< xamarinios) (< xamarinmac) (< xamarintvos) (< xamarinwatchos)) (< portable-net45+win8+wp8+wpa81)
      System.Diagnostics.Debug (>= 4.3) - restriction: || (&& (< monotouch) (< net45) (>= netstandard1.3) (< win8) (< wpa81) (< xamarinios) (< xamarinmac) (< xamarintvos) (< xamarinwatchos)) (< portable-net45+win8+wp8+wpa81)
      System.Globalization (>= 4.3) - restriction: || (&& (< monotouch) (< net45) (>= netstandard1.3) (< win8) (< wpa81) (< xamarinios) (< xamarinmac) (< xamarintvos) (< xamarinwatchos)) (< portable-net45+win8+wp8+wpa81)
      System.IO (>= 4.3) - restriction: || (&& (< monoandroid) (< net45) (>= netstandard1.0) (< netstandard1.3) (< win8) (< wp8) (< wpa81)) (&& (< monotouch) (< net45) (>= netstandard1.3) (< win8) (< wpa81) (< xamarinios) (< xamarinmac) (< xamarintvos) (< xamarinwatchos)) (< portable-net45+win8+wp8+wpa81)
      System.IO.FileSystem (>= 4.3) - restriction: || (&& (< monotouch) (< net45) (>= netstandard1.3) (< win8) (< wpa81) (< xamarinios) (< xamarinmac) (< xamarintvos) (< xamarinwatchos)) (< portable-net45+win8+wp8+wpa81)
      System.IO.FileSystem.Primitives (>= 4.3) - restriction: || (&& (< monotouch) (< net45) (>= netstandard1.3) (< win8) (< wpa81) (< xamarinios) (< xamarinmac) (< xamarintvos) (< xamarinwatchos)) (< portable-net45+win8+wp8+wpa81)
      System.Resources.ResourceManager (>= 4.3) - restriction: || (&& (< monotouch) (< net45) (>= netstandard1.3) (< win8) (< wpa81) (< xamarinios) (< xamarinmac) (< xamarintvos) (< xamarinwatchos)) (< portable-net45+win8+wp8+wpa81)
      System.Runtime (>= 4.3) - restriction: || (&& (< monoandroid) (< net45) (>= netstandard1.0) (< netstandard1.3) (< win8) (< wp8) (< wpa81)) (&& (< monotouch) (< net45) (>= netstandard1.3) (< win8) (< wpa81) (< xamarinios) (< xamarinmac) (< xamarintvos) (< xamarinwatchos)) (< portable-net45+win8+wp8+wpa81)
      System.Runtime.Extensions (>= 4.3) - restriction: || (&& (< monotouch) (< net45) (>= netstandard1.3) (< win8) (< wpa81) (< xamarinios) (< xamarinmac) (< xamarintvos) (< xamarinwatchos)) (< portable-net45+win8+wp8+wpa81)
      System.Runtime.InteropServices (>= 4.3) - restriction: || (&& (< monotouch) (< net45) (>= netstandard1.3) (< win8) (< wpa81) (< xamarinios) (< xamarinmac) (< xamarintvos) (< xamarinwatchos)) (< portable-net45+win8+wp8+wpa81)
      System.Text.Encoding (>= 4.3) - restriction: || (&& (< monoandroid) (< net45) (>= netstandard1.0) (< netstandard1.3) (< win8) (< wp8) (< wpa81)) (&& (< monotouch) (< net45) (>= netstandard1.3) (< win8) (< wpa81) (< xamarinios) (< xamarinmac) (< xamarintvos) (< xamarinwatchos)) (< portable-net45+win8+wp8+wpa81)
      System.Text.Encoding.Extensions (>= 4.3) - restriction: || (&& (< monotouch) (< net45) (>= netstandard1.3) (< win8) (< wpa81) (< xamarinios) (< xamarinmac) (< xamarintvos) (< xamarinwatchos)) (< portable-net45+win8+wp8+wpa81)
      System.Text.RegularExpressions (>= 4.3) - restriction: || (&& (< monotouch) (< net45) (>= netstandard1.3) (< win8) (< wpa81) (< xamarinios) (< xamarinmac) (< xamarintvos) (< xamarinwatchos)) (< portable-net45+win8+wp8+wpa81)
      System.Threading.Tasks (>= 4.3) - restriction: || (&& (< monoandroid) (< net45) (>= netstandard1.0) (< netstandard1.3) (< win8) (< wp8) (< wpa81)) (&& (< monotouch) (< net45) (>= netstandard1.3) (< win8) (< wpa81) (< xamarinios) (< xamarinmac) (< xamarintvos) (< xamarinwatchos)) (< portable-net45+win8+wp8+wpa81)
      System.Threading.Tasks.Extensions (>= 4.3) - restriction: || (&& (< monotouch) (< net45) (>= netstandard1.3) (< win8) (< wpa81) (< xamarinios) (< xamarinmac) (< xamarintvos) (< xamarinwatchos)) (< portable-net45+win8+wp8+wpa81)
    System.Xml.XDocument (4.3) - restriction: || (&& (< monoandroid) (< net45) (>= netstandard1.3) (< netstandard1.4) (< wpa81)) (&& (< monoandroid) (< net45) (>= netstandard1.4) (< netstandard1.5) (< wpa81)) (&& (< monoandroid) (< net45) (>= netstandard1.5) (< netstandard1.6)) (&& (< monotouch) (< net45) (>= netstandard1.6) (< netstandard2.0) (< xamarinios) (< xamarinmac) (< xamarintvos) (< xamarinwatchos)) (&& (< net45) (>= netstandard1.3) (< portable-net451+win81+wpa81)) (&& (>= netstandard1.3) (< portable-net45+win8+wpa81)) (&& (>= uap10.0) (< uap10.1))
      System.Collections (>= 4.3) - restriction: || (&& (< monotouch) (< net45) (>= netstandard1.3) (< win8) (< wpa81) (< xamarinios) (< xamarinmac) (< xamarintvos) (< xamarinwatchos)) (< portable-net45+win8+wp8+wpa81)
      System.Diagnostics.Debug (>= 4.3) - restriction: || (&& (< monotouch) (< net45) (>= netstandard1.3) (< win8) (< wpa81) (< xamarinios) (< xamarinmac) (< xamarintvos) (< xamarinwatchos)) (< portable-net45+win8+wp8+wpa81)
      System.Diagnostics.Tools (>= 4.3) - restriction: || (&& (< monotouch) (< net45) (>= netstandard1.3) (< win8) (< wpa81) (< xamarinios) (< xamarinmac) (< xamarintvos) (< xamarinwatchos)) (< portable-net45+win8+wp8+wpa81)
      System.Globalization (>= 4.3) - restriction: || (&& (< monotouch) (< net45) (>= netstandard1.3) (< win8) (< wpa81) (< xamarinios) (< xamarinmac) (< xamarintvos) (< xamarinwatchos)) (< portable-net45+win8+wp8+wpa81)
      System.IO (>= 4.3) - restriction: || (&& (< monoandroid) (< net45) (>= netstandard1.0) (< netstandard1.3) (< win8) (< wp8) (< wpa81)) (&& (< monotouch) (< net45) (>= netstandard1.3) (< win8) (< wpa81) (< xamarinios) (< xamarinmac) (< xamarintvos) (< xamarinwatchos)) (< portable-net45+win8+wp8+wpa81)
      System.Reflection (>= 4.3) - restriction: || (&& (< monotouch) (< net45) (>= netstandard1.3) (< win8) (< wpa81) (< xamarinios) (< xamarinmac) (< xamarintvos) (< xamarinwatchos)) (< portable-net45+win8+wp8+wpa81)
      System.Resources.ResourceManager (>= 4.3) - restriction: || (&& (< monotouch) (< net45) (>= netstandard1.3) (< win8) (< wpa81) (< xamarinios) (< xamarinmac) (< xamarintvos) (< xamarinwatchos)) (< portable-net45+win8+wp8+wpa81)
      System.Runtime (>= 4.3) - restriction: || (&& (< monoandroid) (< net45) (>= netstandard1.0) (< netstandard1.3) (< win8) (< wp8) (< wpa81)) (&& (< monotouch) (< net45) (>= netstandard1.3) (< win8) (< wpa81) (< xamarinios) (< xamarinmac) (< xamarintvos) (< xamarinwatchos)) (< portable-net45+win8+wp8+wpa81)
      System.Runtime.Extensions (>= 4.3) - restriction: || (&& (< monotouch) (< net45) (>= netstandard1.3) (< win8) (< wpa81) (< xamarinios) (< xamarinmac) (< xamarintvos) (< xamarinwatchos)) (< portable-net45+win8+wp8+wpa81)
      System.Text.Encoding (>= 4.3) - restriction: || (&& (< monotouch) (< net45) (>= netstandard1.3) (< win8) (< wpa81) (< xamarinios) (< xamarinmac) (< xamarintvos) (< xamarinwatchos)) (< portable-net45+win8+wp8+wpa81)
      System.Threading (>= 4.3) - restriction: || (&& (< monotouch) (< net45) (>= netstandard1.3) (< win8) (< wpa81) (< xamarinios) (< xamarinmac) (< xamarintvos) (< xamarinwatchos)) (< portable-net45+win8+wp8+wpa81)
      System.Xml.ReaderWriter (>= 4.3) - restriction: || (&& (< monoandroid) (< net45) (>= netstandard1.0) (< netstandard1.3) (< win8) (< wp8) (< wpa81)) (&& (< monotouch) (< net45) (>= netstandard1.3) (< win8) (< wpa81) (< xamarinios) (< xamarinmac) (< xamarintvos) (< xamarinwatchos)) (< portable-net45+win8+wp8+wpa81)
    System.Xml.XmlDocument (4.3) - restriction: && (< net35) (>= netstandard1.3)
      System.Collections (>= 4.3) - restriction: && (< monotouch) (< net46) (>= netstandard1.3) (< xamarinios) (< xamarinmac) (< xamarintvos) (< xamarinwatchos)
      System.Diagnostics.Debug (>= 4.3) - restriction: && (< monotouch) (< net46) (>= netstandard1.3) (< xamarinios) (< xamarinmac) (< xamarintvos) (< xamarinwatchos)
      System.Globalization (>= 4.3) - restriction: && (< monotouch) (< net46) (>= netstandard1.3) (< xamarinios) (< xamarinmac) (< xamarintvos) (< xamarinwatchos)
      System.IO (>= 4.3) - restriction: && (< monotouch) (< net46) (>= netstandard1.3) (< xamarinios) (< xamarinmac) (< xamarintvos) (< xamarinwatchos)
      System.Resources.ResourceManager (>= 4.3) - restriction: && (< monotouch) (< net46) (>= netstandard1.3) (< xamarinios) (< xamarinmac) (< xamarintvos) (< xamarinwatchos)
      System.Runtime (>= 4.3) - restriction: && (< monotouch) (< net46) (>= netstandard1.3) (< xamarinios) (< xamarinmac) (< xamarintvos) (< xamarinwatchos)
      System.Runtime.Extensions (>= 4.3) - restriction: && (< monotouch) (< net46) (>= netstandard1.3) (< xamarinios) (< xamarinmac) (< xamarintvos) (< xamarinwatchos)
      System.Text.Encoding (>= 4.3) - restriction: && (< monotouch) (< net46) (>= netstandard1.3) (< xamarinios) (< xamarinmac) (< xamarintvos) (< xamarinwatchos)
      System.Threading (>= 4.3) - restriction: && (< monotouch) (< net46) (>= netstandard1.3) (< xamarinios) (< xamarinmac) (< xamarintvos) (< xamarinwatchos)
      System.Xml.ReaderWriter (>= 4.3) - restriction: && (< monotouch) (< net46) (>= netstandard1.3) (< xamarinios) (< xamarinmac) (< xamarintvos) (< xamarinwatchos)
    xunit (2.1)
      xunit.assert (2.1)
      xunit.core (2.1)
    xunit.abstractions (2.0)
    xunit.assert (2.1)
      System.Collections (>= 4.0) - restriction: && (< monoandroid) (< monotouch) (< net45) (< win8) (< wp8) (< wpa81) (< xamarinios)
      System.Diagnostics.Debug (>= 4.0) - restriction: && (< monoandroid) (< monotouch) (< net45) (< win8) (< wp8) (< wpa81) (< xamarinios)
      System.Globalization (>= 4.0) - restriction: && (< monoandroid) (< monotouch) (< net45) (< win8) (< wp8) (< wpa81) (< xamarinios)
      System.Linq (>= 4.0) - restriction: && (< monoandroid) (< monotouch) (< net45) (< win8) (< wp8) (< wpa81) (< xamarinios)
      System.ObjectModel (>= 4.0) - restriction: && (< monoandroid) (< monotouch) (< net45) (< win8) (< wp8) (< wpa81) (< xamarinios)
      System.Reflection (>= 4.0) - restriction: && (< monoandroid) (< monotouch) (< net45) (< win8) (< wp8) (< wpa81) (< xamarinios)
      System.Reflection.Extensions (>= 4.0) - restriction: && (< monoandroid) (< monotouch) (< net45) (< win8) (< wp8) (< wpa81) (< xamarinios)
      System.Runtime (>= 4.0) - restriction: && (< monoandroid) (< monotouch) (< net45) (< win8) (< wp8) (< wpa81) (< xamarinios)
      System.Runtime.Extensions (>= 4.0) - restriction: && (< monoandroid) (< monotouch) (< net45) (< win8) (< wp8) (< wpa81) (< xamarinios)
      System.Text.RegularExpressions (>= 4.0) - restriction: && (< monoandroid) (< monotouch) (< net45) (< win8) (< wp8) (< wpa81) (< xamarinios)
      System.Threading.Tasks (>= 4.0) - restriction: && (< monoandroid) (< monotouch) (< net45) (< win8) (< wp8) (< wpa81) (< xamarinios)
    xunit.core (2.1)
      System.Collections (>= 4.0) - restriction: < portable-net45+win8+wp8+wpa81
      System.Diagnostics.Debug (>= 4.0) - restriction: < portable-net45+win8+wp8+wpa81
      System.Globalization (>= 4.0) - restriction: < portable-net45+win8+wp8+wpa81
      System.Linq (>= 4.0) - restriction: < portable-net45+win8+wp8+wpa81
      System.Reflection (>= 4.0) - restriction: < portable-net45+win8+wp8+wpa81
      System.Reflection.Extensions (>= 4.0) - restriction: < portable-net45+win8+wp8+wpa81
      System.Runtime (>= 4.0) - restriction: < portable-net45+win8+wp8+wpa81
      System.Runtime.Extensions (>= 4.0) - restriction: < portable-net45+win8+wp8+wpa81
      System.Threading.Tasks (>= 4.0) - restriction: < portable-net45+win8+wp8+wpa81
      xunit.abstractions (>= 2.0) - restriction: < portable-net45+win8+wp8+wpa81
      xunit.extensibility.core (2.1)
      xunit.extensibility.execution (2.1)
    xunit.extensibility.core (2.1)
      xunit.abstractions (2.0)
    xunit.extensibility.execution (2.1)
      System.Collections (>= 4.0) - restriction: && (< monoandroid) (< monotouch) (< net45) (< win8) (< wp8) (< wpa81) (< xamarinios)
      System.Diagnostics.Debug (>= 4.0) - restriction: && (< monoandroid) (< monotouch) (< net45) (< win8) (< wp8) (< wpa81) (< xamarinios)
      System.Globalization (>= 4.0) - restriction: && (< monoandroid) (< monotouch) (< net45) (< win8) (< wp8) (< wpa81) (< xamarinios)
      System.IO (>= 4.0) - restriction: && (< monoandroid) (< monotouch) (< net45) (< win8) (< wp8) (< wpa81) (< xamarinios)
      System.Linq (>= 4.0) - restriction: && (< monoandroid) (< monotouch) (< net45) (< win8) (< wp8) (< wpa81) (< xamarinios)
      System.Linq.Expressions (>= 4.0) - restriction: && (< monoandroid) (< monotouch) (< net45) (< win8) (< wp8) (< wpa81) (< xamarinios)
      System.Reflection (>= 4.0) - restriction: && (< monoandroid) (< monotouch) (< net45) (< win8) (< wp8) (< wpa81) (< xamarinios)
      System.Reflection.Extensions (>= 4.0) - restriction: && (< monoandroid) (< monotouch) (< net45) (< win8) (< wp8) (< wpa81) (< xamarinios)
      System.Runtime (>= 4.0) - restriction: && (< monoandroid) (< monotouch) (< net45) (< win8) (< wp8) (< wpa81) (< xamarinios)
      System.Runtime.Extensions (>= 4.0) - restriction: && (< monoandroid) (< monotouch) (< net45) (< win8) (< wp8) (< wpa81) (< xamarinios)
      System.Text.Encoding (>= 4.0) - restriction: && (< monoandroid) (< monotouch) (< net45) (< win8) (< wp8) (< wpa81) (< xamarinios)
      System.Threading (>= 4.0) - restriction: && (< monoandroid) (< monotouch) (< net45) (< win8) (< wp8) (< wpa81) (< xamarinios)
      System.Threading.Tasks (>= 4.0) - restriction: && (< monoandroid) (< monotouch) (< net45) (< win8) (< wp8) (< wpa81) (< xamarinios)
      xunit.abstractions (>= 2.0) - restriction: && (< monoandroid) (< monotouch) (< net45) (< win8) (< wp8) (< wpa81) (< xamarinios)
      xunit.extensibility.core (2.1)
